{
  "bids_meta": {
    "AcquisitionMatrixPE": 240,
    "AcquisitionNumber": 1,
    "AcquisitionTime": "14:23:1.122500",
    "BaseResolution": 256,
    "ConversionSoftware": "dcm2niix",
    "ConversionSoftwareVersion": "v1.0.20180622 (JP2:OpenJPEG) GCC6.1.0",
    "DeviceSerialNumber": "35410",
    "DwellTime": 8.1e-06,
    "EchoTime": 0.00289,
    "ImageOrientationPatientDICOM": [
      0.0191973,
      0.999816,
      -3.03858e-08,
      0.00348898,
      -6.70216e-05,
      -0.999994
    ],
    "ImageType": [
      "ORIGINAL",
      "PRIMARY",
      "M",
      "ND",
      "UNI"
    ],
    "InPlanePhaseEncodingDirectionDICOM": "ROW",
    "InstitutionAddress": "Cooper_60_St._Lucia_QLD_AU_4072",
    "InstitutionName": "St_Lucia_Campus",
    "InstitutionalDepartmentName": "Gehrmann_Labs_MRI",
    "MRAcquisitionType": "3D",
    "MagneticFieldStrength": 3,
    "Manufacturer": "Siemens",
    "ManufacturersModelName": "TrioTim",
    "Modality": "MR",
    "ParallelReductionFactorInPlane": 3,
    "PartialFourier": 0.75,
    "PatientPosition": "HFS",
    "PercentPhaseFOV": 93.75,
    "PhaseEncodingSteps": 181,
    "PhaseResolution": 1,
    "PixelBandwidth": 241,
    "ProcedureStepDescription": "Brain_-_UQ_fMRI",
    "ProtocolName": "mp2rage",
    "PulseSequenceDetails": "%CustomerSeq%_mp2rage_wip820B17",
    "ReceiveCoilName": "32Ch_Head",
    "ReconMatrixPE": 256,
    "RepetitionTime": 4,
    "SAR": 0.113937,
    "ScanOptions": "IR_PFP",
    "ScanningSequence": "GR_IR",
    "SequenceName": "tfl3d1_ns",
    "SequenceVariant": "SP_MP",
    "SeriesDescription": "mp2rage_UNI-DEN",
    "SeriesNumber": 7,
    "ShimSetting": [
      6819,
      -11271,
      -2615,
      -89,
      20,
      1,
      -123,
      4
    ],
    "SliceThickness": 1,
    "SoftwareVersions": "syngo_MR_B17",
    "StationName": "mrc_Trio",
    "TxRefAmp": 342.467,
    "dataset": "ds001748",
    "modality": "T1w",
    "subject_id": "adult15"
  },
  "cjv": 0.37555684373758463,
  "cnr": 3.543627744126106,
  "efc": 0.546535834610354,
  "fber": 2561.4306640625,
  "fwhm_avg": 3.7598371313768304,
  "fwhm_x": 3.8982713941304903,
  "fwhm_y": 4.08448,
  "fwhm_z": 3.29676,
  "icvs_csf": 0.2719661546537609,
  "icvs_gm": 0.3639462277791448,
  "icvs_wm": 0.3640876175670943,
  "inu_med": 0.972341775894165,
  "inu_range": 0.27719814777374263,
  "provenance": {
    "md5sum": "0dd10145a543498f9a976fdbb4e823fc",
    "settings": {
      "testing": false
    },
    "software": "mriqc",
    "version": "22.0.0rc1",
    "warnings": {
      "large_rot_frame": true,
      "small_air_mask": false
    },
    "webapi_port": null,
    "webapi_url": "https://mriqc.nimh.nih.gov/api/v1"
  },
  "qi_1": 0.0001129046584274414,
  "qi_2": 0.0005215977596292463,
  "rpve_csf": 21.640347173257314,
  "rpve_gm": 14.57368119226816,
  "rpve_wm": 19.760325019160398,
  "size_x": 176,
  "size_y": 240,
  "size_z": 256,
  "snr_csf": 4.1673995541705,
  "snr_gm": 10.791814220723344,
  "snr_total": 13.010003117170692,
  "snr_wm": 24.070795576618234,
  "snrd_csf": 63.87552469102194,
  "snrd_gm": 110.19588034695852,
  "snrd_total": 109.07000161510128,
  "snrd_wm": 153.1385998073234,
  "spacing_x": 0.9999996423721313,
  "spacing_y": 1.0,
  "spacing_z": 1.0,
  "summary_bg_k": 1020.5661214555623,
  "summary_bg_mad": 4.278106604335718,
  "summary_bg_mean": 14.827676773071289,
  "summary_bg_median": 12.877038955688477,
  "summary_bg_n": 2969895.0,
  "summary_bg_p05": 7.745213747024536,
  "summary_bg_p95": 27.166455268859842,
  "summary_bg_stdv": 9.508130073547363,
  "summary_csf_k": 0.3915559388291423,
  "summary_csf_mad": 91.81202459080711,
  "summary_csf_mean": 406.458984375,
  "summary_csf_median": 417.1136169433594,
  "summary_csf_n": 10609.0,
  "summary_csf_p05": 215.98529663085935,
  "summary_csf_p95": 553.8768798828125,
  "summary_csf_stdv": 100.08494567871094,
  "summary_gm_k": 0.048938451111637526,
  "summary_gm_mad": 65.66143348258812,
  "summary_gm_mean": 718.1348876953125,
  "summary_gm_median": 719.5902099609375,
  "summary_gm_n": 13477.0,
  "summary_gm_p05": 606.3731689453125,
  "summary_gm_p95": 826.6033203125,
  "summary_gm_stdv": 66.67678833007812,
  "summary_wm_k": 0.47603540392965993,
  "summary_wm_mad": 39.652324830950775,
  "summary_wm_mean": 1001.7064819335938,
  "summary_wm_median": 1000.010498046875,
  "summary_wm_n": 170670.0,
  "summary_wm_p05": 937.2079620361328,
  "summary_wm_p95": 1072.9560791015624,
  "summary_wm_stdv": 41.54443359375,
  "tpm_overlap_csf": 0.12285982817411423,
  "tpm_overlap_gm": 0.37378448247909546,
  "tpm_overlap_wm": 0.4906196892261505,
  "wm2max": 0.7169790780762235
}