{
  "bids_meta": {
    "AcquisitionMatrixPE": 240,
    "AcquisitionNumber": 1,
    "AcquisitionTime": "17:10:51.547500",
    "BaseResolution": 256,
    "ConversionSoftware": "dcm2niix",
    "ConversionSoftwareVersion": "v1.0.20180622 (JP2:OpenJPEG) GCC6.1.0",
    "DeviceSerialNumber": "35410",
    "DwellTime": 8.1e-06,
    "EchoTime": 0.00289,
    "ImageOrientationPatientDICOM": [
      0.0191996,
      0.999816,
      -3.28939e-08,
      0.0157011,
      -0.000301543,
      -0.999877
    ],
    "ImageType": [
      "ORIGINAL",
      "PRIMARY",
      "M",
      "ND",
      "UNI"
    ],
    "InPlanePhaseEncodingDirectionDICOM": "ROW",
    "InstitutionAddress": "Cooper_60_St._Lucia_QLD_AU_4072",
    "InstitutionName": "St_Lucia_Campus",
    "InstitutionalDepartmentName": "Gehrmann_Labs_MRI",
    "MRAcquisitionType": "3D",
    "MagneticFieldStrength": 3,
    "Manufacturer": "Siemens",
    "ManufacturersModelName": "TrioTim",
    "Modality": "MR",
    "ParallelReductionFactorInPlane": 3,
    "PartialFourier": 0.75,
    "PatientPosition": "HFS",
    "PercentPhaseFOV": 93.75,
    "PhaseEncodingSteps": 181,
    "PhaseResolution": 1,
    "PixelBandwidth": 241,
    "ProcedureStepDescription": "Brain_-_UQ_fMRI",
    "ProtocolName": "mp2rage",
    "PulseSequenceDetails": "%CustomerSeq%_mp2rage_wip820B17",
    "ReceiveCoilName": "32Ch_Head",
    "ReconMatrixPE": 256,
    "RepetitionTime": 4,
    "SAR": 0.129978,
    "ScanOptions": "IR_PFP",
    "ScanningSequence": "GR_IR",
    "SequenceName": "tfl3d1_ns",
    "SequenceVariant": "SP_MP",
    "SeriesDescription": "mp2rage_UNI-DEN",
    "SeriesNumber": 7,
    "ShimSetting": [
      6819,
      -11271,
      -2615,
      -89,
      20,
      1,
      -123,
      4
    ],
    "SliceThickness": 1,
    "SoftwareVersions": "syngo_MR_B17",
    "StationName": "mrc_Trio",
    "TxRefAmp": 336.932,
    "dataset": "ds001748",
    "modality": "T1w",
    "subject_id": "adult07"
  },
  "cjv": 0.35542377731019675,
  "cnr": 3.5894731631262955,
  "efc": 0.5800411867478629,
  "fber": 2602.6142578125,
  "fwhm_avg": 3.5468238550229185,
  "fwhm_x": 3.6317513412300557,
  "fwhm_y": 3.7553902238387002,
  "fwhm_z": 3.25333,
  "icvs_csf": 0.2777172971758879,
  "icvs_gm": 0.3663503058748966,
  "icvs_wm": 0.3559323969492155,
  "inu_med": 0.9649953246116638,
  "inu_range": 0.24764786958694462,
  "provenance": {
    "md5sum": "333a513a656e02fa5f695ea8171111cc",
    "settings": {
      "testing": false
    },
    "software": "mriqc",
    "version": "22.0.0rc1",
    "warnings": {
      "large_rot_frame": true,
      "small_air_mask": false
    },
    "webapi_port": null,
    "webapi_url": "https://mriqc.nimh.nih.gov/api/v1"
  },
  "qi_1": 2.5473164021703135e-06,
  "qi_2": 0.0006971402638673164,
  "rpve_csf": 18.301457112299467,
  "rpve_gm": 12.401131744174915,
  "rpve_wm": 17.30820288706044,
  "size_x": 176,
  "size_y": 240,
  "size_z": 256,
  "snr_csf": 3.5610172551183643,
  "snr_gm": 9.750458599895763,
  "snr_total": 13.927041451519122,
  "snr_wm": 28.469648499543233,
  "snrd_csf": 64.3816935975623,
  "snrd_gm": 115.89234046302165,
  "snrd_total": 114.5521108308454,
  "snrd_wm": 163.38229843195222,
  "spacing_x": 1.000002384185791,
  "spacing_y": 0.9999999403953552,
  "spacing_z": 1.0,
  "summary_bg_k": 27.675902956266555,
  "summary_bg_mad": 4.009978657095651,
  "summary_bg_mean": 13.903593063354492,
  "summary_bg_median": 12.797561645507812,
  "summary_bg_n": 2531924.0,
  "summary_bg_p05": 7.8134544610977175,
  "summary_bg_p95": 23.34671831130982,
  "summary_bg_stdv": 5.614622592926025,
  "summary_csf_k": 0.1731210814194446,
  "summary_csf_mad": 102.81664046257353,
  "summary_csf_mean": 374.6435546875,
  "summary_csf_median": 394.0694274902344,
  "summary_csf_n": 14314.0,
  "summary_csf_p05": 158.77538833618163,
  "summary_csf_p95": 523.9508331298827,
  "summary_csf_stdv": 110.65817260742188,
  "summary_gm_k": 0.1744046254592,
  "summary_gm_mad": 69.48331487288256,
  "summary_gm_mean": 709.8409423828125,
  "summary_gm_median": 709.3573608398438,
  "summary_gm_n": 21815.0,
  "summary_gm_p05": 588.9327453613281,
  "summary_gm_p95": 830.3526916503906,
  "summary_gm_stdv": 72.74951171875,
  "summary_wm_k": 0.4398386883703589,
  "summary_wm_mad": 33.8305502320331,
  "summary_wm_mean": 1001.20166015625,
  "summary_wm_median": 1000.0353393554688,
  "summary_wm_n": 187809.0,
  "summary_wm_p05": 945.6214599609375,
  "summary_wm_p95": 1060.5986572265624,
  "summary_wm_stdv": 35.12627410888672,
  "tpm_overlap_csf": 0.13279151916503906,
  "tpm_overlap_gm": 0.3894747197628021,
  "tpm_overlap_wm": 0.49412357807159424,
  "wm2max": 0.7746945608746445
}