{
  "bids_meta": {
    "AcquisitionMatrixPE": 240,
    "AcquisitionNumber": 1,
    "AcquisitionTime": "14:19:1.902500",
    "BaseResolution": 256,
    "BodyPartExamined": "BRAIN",
    "ConsistencyInfo": "N4_VE11C_LATEST_20160120",
    "ConversionSoftware": "dcm2niix",
    "ConversionSoftwareVersion": "v1.0.20180622 (JP2:OpenJPEG) GCC6.1.0",
    "DeviceSerialNumber": "167001",
    "EchoTime": 0.00291,
    "ImageComments": "DENOISED_IMAGE_(lambda_=_1)",
    "ImageOrientationPatientDICOM": [
      0.00278669,
      0.998343,
      -0.0574681,
      -0.0579627,
      -0.0572105,
      -0.996678
    ],
    "ImageType": [
      "DERIVED",
      "PRIMARY",
      "M",
      "UNI",
      "DIS3D",
      "DIS2D"
    ],
    "InPlanePhaseEncodingDirectionDICOM": "ROW",
    "InstitutionAddress": "Cooper_60_St._Lucia_QLD_AU_4072",
    "InstitutionName": "St_Lucia_Campus",
    "MRAcquisitionType": "3D",
    "MagneticFieldStrength": 3,
    "Manufacturer": "Siemens",
    "ManufacturersModelName": "Prisma_fit",
    "Modality": "MR",
    "ParallelReductionFactorInPlane": 3,
    "PartialFourier": 0.75,
    "PatientPosition": "HFS",
    "PercentPhaseFOV": 93.75,
    "PhaseEncodingSteps": 181,
    "PhaseResolution": 1,
    "PixelBandwidth": 240,
    "ProcedureStepDescription": "Research_16004_CMN",
    "ProtocolName": "MP2RAGE_wip900C_VE11C",
    "PulseSequenceDetails": "%CustomerSeq%_tfl_wip900C_VE11C",
    "RawImage": true,
    "ReceiveCoilActiveElements": "HC1-7;NC1,2",
    "ReceiveCoilName": "HeadNeck_64",
    "ReconMatrixPE": 256,
    "RepetitionTime": 4,
    "SAR": 0.0546644,
    "ScanOptions": "IR_PFP",
    "ScanningSequence": "GR_IR",
    "SequenceName": "tfl3d1_16ns",
    "SequenceVariant": "SK_SP_MP",
    "SeriesDescription": "MP2RAGE_wip900C_VE11C_UNI-DEN",
    "SeriesNumber": 8,
    "ShimSetting": [
      3023,
      -4082,
      -897,
      296,
      -7,
      -337,
      -110,
      20
    ],
    "SliceThickness": 1,
    "SoftwareVersions": "syngo_MR_E11",
    "StationName": "mrc_Trio",
    "TxRefAmp": 215.093,
    "dataset": "ds001748",
    "modality": "T1w",
    "subject_id": "teen18"
  },
  "cjv": 0.30219681906972923,
  "cnr": 4.214356317646763,
  "efc": 0.5062446951853534,
  "fber": 1476734.0,
  "fwhm_avg": 3.74357781971061,
  "fwhm_x": 3.8689734591318303,
  "fwhm_y": 3.94935,
  "fwhm_z": 3.41241,
  "icvs_csf": 0.25420573384486767,
  "icvs_gm": 0.40532719355565777,
  "icvs_wm": 0.3404670725994746,
  "inu_med": 0.9045923948287964,
  "inu_range": 0.1661345660686493,
  "provenance": {
    "md5sum": "6dba1b9234f5fc6dcd90e9ac5dcce276",
    "settings": {
      "testing": false
    },
    "software": "mriqc",
    "version": "22.0.0rc1",
    "warnings": {
      "large_rot_frame": true,
      "small_air_mask": false
    },
    "webapi_port": null,
    "webapi_url": "https://mriqc.nimh.nih.gov/api/v1"
  },
  "qi_1": 0.007423114780211534,
  "qi_2": 0.0002959805460412746,
  "rpve_csf": 22.65676701753495,
  "rpve_gm": 13.889006463869396,
  "rpve_wm": 21.724841814347016,
  "size_x": 176,
  "size_y": 240,
  "size_z": 256,
  "snr_csf": 3.5035724327217554,
  "snr_gm": 12.002903631040267,
  "snr_total": 15.606945974597702,
  "snr_wm": 31.314361860031084,
  "snrd_csf": 177.5663825896279,
  "snrd_gm": 328.05324610620704,
  "snrd_total": 322.038235872671,
  "snrd_wm": 460.495078922178,
  "spacing_x": 0.9999991059303284,
  "spacing_y": 1.0,
  "spacing_z": 1.0,
  "summary_bg_k": 167.66755298213857,
  "summary_bg_mad": 0.42271394843012344,
  "summary_bg_mean": 2.5549073219299316,
  "summary_bg_median": 0.2851162254810333,
  "summary_bg_n": 2978326.0,
  "summary_bg_p05": 0.0,
  "summary_bg_p95": 9.377048969268799,
  "summary_bg_stdv": 10.72880744934082,
  "summary_csf_k": 0.31285106694032105,
  "summary_csf_mad": 96.30833434624573,
  "summary_csf_mean": 375.0734558105469,
  "summary_csf_median": 385.6085205078125,
  "summary_csf_n": 9747.0,
  "summary_csf_p05": 161.83475646972656,
  "summary_csf_p95": 535.8871887207031,
  "summary_csf_stdv": 110.05587768554688,
  "summary_gm_k": 0.08489352130841565,
  "summary_gm_mad": 57.846371507685824,
  "summary_gm_mean": 710.1175537109375,
  "summary_gm_median": 712.4103393554688,
  "summary_gm_n": 20445.0,
  "summary_gm_p05": 607.2386352539063,
  "summary_gm_p95": 803.7498779296875,
  "summary_gm_stdv": 59.351715087890625,
  "summary_wm_k": 0.7797547847487967,
  "summary_wm_mad": 29.069871434763176,
  "summary_wm_mean": 1001.7139282226562,
  "summary_wm_median": 1000.0250244140625,
  "summary_wm_n": 144370.0,
  "summary_wm_p05": 951.8137634277343,
  "summary_wm_p95": 1057.3450866699218,
  "summary_wm_stdv": 31.934917449951172,
  "tpm_overlap_csf": 0.15133748948574066,
  "tpm_overlap_gm": 0.4239353537559509,
  "tpm_overlap_wm": 0.5180445909500122,
  "wm2max": 0.8238851589042472
}