{
  "aor": 0.0038172000000000006,
  "aqi": 0.0074292022666666655,
  "bids_meta": {
    "AcquisitionMatrixPE": 76,
    "AcquisitionNumber": 1,
    "AcquisitionTime": "14:15:45.020000",
    "BandwidthPerPixelPhaseEncode": 23.084,
    "BaseResolution": 76,
    "ConversionSoftware": "dcm2niix",
    "ConversionSoftwareVersion": "v1.0.20180622 (JP2:OpenJPEG) GCC6.1.0",
    "DerivedVendorReportedEchoSpacing": 0.000570001,
    "DeviceSerialNumber": "35410",
    "DwellTime": 3.3e-06,
    "EchoTime": 0.03,
    "EffectiveEchoSpacing": 0.000570001,
    "FlipAngle": 90,
    "ImageOrientationPatientDICOM": [
      0.999645,
      -0.0247198,
      0.00997095,
      0.0261766,
      0.980982,
      -0.192324
    ],
    "ImageType": [
      "ORIGINAL",
      "PRIMARY",
      "M",
      "ND",
      "MOSAIC"
    ],
    "InPlanePhaseEncodingDirectionDICOM": "COL",
    "InstitutionAddress": "Cooper_60_St._Lucia_QLD_AU_4072",
    "InstitutionName": "St_Lucia_Campus",
    "InstitutionalDepartmentName": "Gehrmann_Labs_MRI",
    "MRAcquisitionType": "2D",
    "MagneticFieldStrength": 3,
    "Manufacturer": "Siemens",
    "ManufacturersModelName": "TrioTim",
    "Modality": "MR",
    "PartialFourier": 1,
    "PatientPosition": "HFS",
    "PercentPhaseFOV": 100,
    "PhaseEncodingDirection": "j-",
    "PhaseEncodingSteps": 76,
    "PhaseResolution": 1,
    "PixelBandwidth": 1994,
    "ProcedureStepDescription": "RESEARCH_3T_Research",
    "ProtocolName": "AUTO",
    "PulseSequenceDetails": "%SiemensSeq%_ep2d_pace",
    "ReceiveCoilName": "32Ch_Head",
    "ReconMatrixPE": 76,
    "RepetitionTime": 3,
    "SAR": 0.18852,
    "ScanOptions": "FS",
    "ScanningSequence": "EP",
    "SequenceName": "_epfid2d1_76",
    "SequenceVariant": "SK",
    "SeriesDescription": "AUTO",
    "SeriesNumber": 7,
    "ShimSetting": [
      6838,
      -11382,
      -2155,
      827,
      -24,
      -9,
      0,
      -18
    ],
    "SliceThickness": 2.5,
    "SliceTiming": [
      0,
      1.53,
      0.0675,
      1.595,
      0.1325,
      1.6625,
      0.2,
      1.73,
      0.2675,
      1.795,
      0.3325,
      1.8625,
      0.4,
      1.9275,
      0.465,
      1.995,
      0.5325,
      2.0625,
      0.6,
      2.1275,
      0.665,
      2.195,
      0.7325,
      2.26,
      0.7975,
      2.3275,
      0.865,
      2.395,
      0.9325,
      2.46,
      0.9975,
      2.5275,
      1.065,
      2.5925,
      1.13,
      2.66,
      1.1975,
      2.725,
      1.2625,
      2.7925,
      1.33,
      2.86,
      1.3975,
      2.925,
      1.4625
    ],
    "SoftwareVersions": "syngo_MR_B17",
    "SpacingBetweenSlices": 2.75,
    "StationName": "mrc_Trio",
    "TaskName": "autobio",
    "TotalReadoutTime": 0.04275,
    "TxRefAmp": 307.898,
    "dataset": "ds001748",
    "modality": "bold",
    "subject_id": "child05",
    "task_id": "autobio"
  },
  "dummy_trs": 0,
  "dvars_nstd": 35.156518846644296,
  "dvars_std": 1.1204778607382553,
  "dvars_vstd": 0.959355949328859,
  "efc": 0.6225915338963937,
  "fber": 256.0359191894531,
  "fd_mean": 0.1841722904949271,
  "fd_num": 34,
  "fd_perc": 22.666666666666668,
  "fwhm_avg": 2.5666732121212124,
  "fwhm_x": 2.487132,
  "fwhm_y": 2.627884,
  "fwhm_z": 2.5850036363636364,
  "gcor": 0.0135449,
  "gsr_x": -0.016853665933012962,
  "gsr_y": 0.05408651754260063,
  "provenance": {
    "md5sum": "cdfd3db81268f2e35c333425f9401401",
    "settings": {
      "fd_thres": 0.2,
      "testing": false
    },
    "software": "mriqc",
    "version": "22.0.0rc1",
    "webapi_port": null,
    "webapi_url": "https://mriqc.nimh.nih.gov/api/v1"
  },
  "size_t": 150,
  "size_x": 76,
  "size_y": 76,
  "size_z": 45,
  "snr": 3.186977468649511,
  "spacing_tr": 3.0,
  "spacing_x": 2.5,
  "spacing_y": 2.5,
  "spacing_z": 2.75,
  "summary_bg_k": 28.666304730901512,
  "summary_bg_mad": 6.770554278673243,
  "summary_bg_mean": 62.98657989501953,
  "summary_bg_median": 41.0533332824707,
  "summary_bg_n": 135557.0,
  "summary_bg_p05": 35.76000213623047,
  "summary_bg_p95": 168.56266479492183,
  "summary_bg_stdv": 62.74922180175781,
  "summary_fg_k": 0.9666120506944451,
  "summary_fg_mad": 199.2419568655803,
  "summary_fg_mean": 705.4303588867188,
  "summary_fg_median": 668.6133422851562,
  "summary_fg_n": 71613.0,
  "summary_fg_p05": 432.5586853027344,
  "summary_fg_p95": 1096.5,
  "summary_fg_stdv": 209.79397583007812,
  "tsnr": 45.223810529569164
}