{
  "aor": 0.007850933333333336,
  "aqi": 0.005624857466666666,
  "bids_meta": {
    "AcquisitionMatrixPE": 76,
    "AcquisitionNumber": 1,
    "AcquisitionTime": "14:31:50.170000",
    "BandwidthPerPixelPhaseEncode": 23.084,
    "BaseResolution": 76,
    "ConversionSoftware": "dcm2niix",
    "ConversionSoftwareVersion": "v1.0.20180622 (JP2:OpenJPEG) GCC6.1.0",
    "DerivedVendorReportedEchoSpacing": 0.000570001,
    "DeviceSerialNumber": "35410",
    "DwellTime": 3.3e-06,
    "EchoTime": 0.03,
    "EffectiveEchoSpacing": 0.000570001,
    "FlipAngle": 90,
    "ImageOrientationPatientDICOM": [
      0.999645,
      -0.0247198,
      0.00997095,
      0.0261766,
      0.980982,
      -0.192324
    ],
    "ImageType": [
      "ORIGINAL",
      "PRIMARY",
      "M",
      "ND",
      "MOSAIC"
    ],
    "InPlanePhaseEncodingDirectionDICOM": "COL",
    "InstitutionAddress": "Cooper_60_St._Lucia_QLD_AU_4072",
    "InstitutionName": "St_Lucia_Campus",
    "InstitutionalDepartmentName": "Gehrmann_Labs_MRI",
    "MRAcquisitionType": "2D",
    "MagneticFieldStrength": 3,
    "Manufacturer": "Siemens",
    "ManufacturersModelName": "TrioTim",
    "Modality": "MR",
    "PartialFourier": 1,
    "PatientPosition": "HFS",
    "PercentPhaseFOV": 100,
    "PhaseEncodingDirection": "j-",
    "PhaseEncodingSteps": 76,
    "PhaseResolution": 1,
    "PixelBandwidth": 1994,
    "ProcedureStepDescription": "RESEARCH_3T_Research",
    "ProtocolName": "EPI",
    "PulseSequenceDetails": "%SiemensSeq%_ep2d_pace",
    "ReceiveCoilName": "32Ch_Head",
    "ReconMatrixPE": 76,
    "RepetitionTime": 3,
    "SAR": 0.18852,
    "ScanOptions": "FS",
    "ScanningSequence": "EP",
    "SequenceName": "_epfid2d1_76",
    "SequenceVariant": "SK",
    "SeriesDescription": "EPI",
    "SeriesNumber": 9,
    "ShimSetting": [
      6838,
      -11382,
      -2155,
      827,
      -24,
      -9,
      0,
      -18
    ],
    "SliceThickness": 2.5,
    "SliceTiming": [
      0,
      1.5275,
      0.065,
      1.595,
      0.1325,
      1.66,
      0.1975,
      1.7275,
      0.265,
      1.7925,
      0.33,
      1.86,
      0.3975,
      1.9275,
      0.465,
      1.9925,
      0.53,
      2.06,
      0.5975,
      2.125,
      0.6625,
      2.1925,
      0.73,
      2.26,
      0.7975,
      2.325,
      0.8625,
      2.3925,
      0.93,
      2.4575,
      0.995,
      2.525,
      1.0625,
      2.5925,
      1.13,
      2.6575,
      1.195,
      2.725,
      1.2625,
      2.79,
      1.3275,
      2.8575,
      1.395,
      2.925,
      1.4625
    ],
    "SoftwareVersions": "syngo_MR_B17",
    "SpacingBetweenSlices": 2.75,
    "StationName": "mrc_Trio",
    "TaskName": "episodic",
    "TotalReadoutTime": 0.04275,
    "TxRefAmp": 307.898,
    "dataset": "ds001748",
    "modality": "bold",
    "subject_id": "child05",
    "task_id": "episodic"
  },
  "dummy_trs": 0,
  "dvars_nstd": 34.57494844543623,
  "dvars_std": 1.2344529540268454,
  "dvars_vstd": 1.0308756600000002,
  "efc": 0.6235534560922091,
  "fber": 253.63162231445312,
  "fd_mean": 0.1553876048944956,
  "fd_num": 29,
  "fd_perc": 19.333333333333332,
  "fwhm_avg": 2.559813818181818,
  "fwhm_x": 2.46948,
  "fwhm_y": 2.629176,
  "fwhm_z": 2.5807854545454543,
  "gcor": 0.0376964,
  "gsr_x": -0.017464349046349525,
  "gsr_y": 0.05324669927358627,
  "provenance": {
    "md5sum": "5edb2cbe3afde6a7eb11741487c9d055",
    "settings": {
      "fd_thres": 0.2,
      "testing": false
    },
    "software": "mriqc",
    "version": "22.0.0rc1",
    "webapi_port": null,
    "webapi_url": "https://mriqc.nimh.nih.gov/api/v1"
  },
  "size_t": 150,
  "size_x": 76,
  "size_y": 76,
  "size_z": 45,
  "snr": 3.199877846611463,
  "spacing_tr": 3.0,
  "spacing_x": 2.5,
  "spacing_y": 2.5,
  "spacing_z": 2.75,
  "summary_bg_k": 26.18884977242032,
  "summary_bg_mad": 7.126375643934556,
  "summary_bg_mean": 64.4073257446289,
  "summary_bg_median": 41.36000061035156,
  "summary_bg_n": 135750.0,
  "summary_bg_p05": 35.68000030517578,
  "summary_bg_p95": 178.33100967407202,
  "summary_bg_stdv": 65.79230499267578,
  "summary_fg_k": 1.0262109583410863,
  "summary_fg_mad": 199.59776691948437,
  "summary_fg_mean": 704.4620971679688,
  "summary_fg_median": 668.9066772460938,
  "summary_fg_n": 71570.0,
  "summary_fg_p05": 431.3696762084961,
  "summary_fg_p95": 1091.6836791992187,
  "summary_fg_stdv": 209.03985595703125,
  "tsnr": 47.4646859341301
}