{
  "aor": 0.010514,
  "aqi": 0.005739234866666666,
  "bids_meta": {
    "AcquisitionMatrixPE": 76,
    "AcquisitionNumber": 1,
    "AcquisitionTime": "14:23:46.400000",
    "BandwidthPerPixelPhaseEncode": 23.084,
    "BaseResolution": 76,
    "ConversionSoftware": "dcm2niix",
    "ConversionSoftwareVersion": "v1.0.20180622 (JP2:OpenJPEG) GCC6.1.0",
    "DerivedVendorReportedEchoSpacing": 0.000570001,
    "DeviceSerialNumber": "35410",
    "DwellTime": 3.3e-06,
    "EchoTime": 0.03,
    "EffectiveEchoSpacing": 0.000570001,
    "FlipAngle": 90,
    "ImageOrientationPatientDICOM": [
      0.999645,
      -0.0247198,
      0.00997095,
      0.0261766,
      0.980982,
      -0.192324
    ],
    "ImageType": [
      "ORIGINAL",
      "PRIMARY",
      "M",
      "ND",
      "MOSAIC"
    ],
    "InPlanePhaseEncodingDirectionDICOM": "COL",
    "InstitutionAddress": "Cooper_60_St._Lucia_QLD_AU_4072",
    "InstitutionName": "St_Lucia_Campus",
    "InstitutionalDepartmentName": "Gehrmann_Labs_MRI",
    "MRAcquisitionType": "2D",
    "MagneticFieldStrength": 3,
    "Manufacturer": "Siemens",
    "ManufacturersModelName": "TrioTim",
    "Modality": "MR",
    "PartialFourier": 1,
    "PatientPosition": "HFS",
    "PercentPhaseFOV": 100,
    "PhaseEncodingDirection": "j-",
    "PhaseEncodingSteps": 76,
    "PhaseResolution": 1,
    "PixelBandwidth": 1994,
    "ProcedureStepDescription": "RESEARCH_3T_Research",
    "ProtocolName": "SEM",
    "PulseSequenceDetails": "%SiemensSeq%_ep2d_pace",
    "ReceiveCoilName": "32Ch_Head",
    "ReconMatrixPE": 76,
    "RepetitionTime": 3,
    "SAR": 0.18852,
    "ScanOptions": "FS",
    "ScanningSequence": "EP",
    "SequenceName": "_epfid2d1_76",
    "SequenceVariant": "SK",
    "SeriesDescription": "SEM",
    "SeriesNumber": 8,
    "ShimSetting": [
      6838,
      -11382,
      -2155,
      827,
      -24,
      -9,
      0,
      -18
    ],
    "SliceThickness": 2.5,
    "SliceTiming": [
      0,
      1.5275,
      0.065,
      1.595,
      0.1325,
      1.66,
      0.1975,
      1.7275,
      0.265,
      1.795,
      0.3325,
      1.86,
      0.3975,
      1.9275,
      0.465,
      1.9925,
      0.53,
      2.06,
      0.5975,
      2.1275,
      0.665,
      2.1925,
      0.73,
      2.26,
      0.7975,
      2.325,
      0.8625,
      2.3925,
      0.93,
      2.46,
      0.9975,
      2.525,
      1.0625,
      2.5925,
      1.13,
      2.6575,
      1.195,
      2.725,
      1.2625,
      2.79,
      1.3275,
      2.8575,
      1.395,
      2.925,
      1.4625
    ],
    "SoftwareVersions": "syngo_MR_B17",
    "SpacingBetweenSlices": 2.75,
    "StationName": "mrc_Trio",
    "TaskName": "semantic",
    "TotalReadoutTime": 0.04275,
    "TxRefAmp": 307.898,
    "dataset": "ds001748",
    "modality": "bold",
    "subject_id": "child05",
    "task_id": "semantic"
  },
  "dummy_trs": 0,
  "dvars_nstd": 33.13700585100672,
  "dvars_std": 1.2413587448993284,
  "dvars_vstd": 1.0503150519463087,
  "efc": 0.6224402841616313,
  "fber": 248.39370727539062,
  "fd_mean": 0.152879813756682,
  "fd_num": 31,
  "fd_perc": 20.666666666666668,
  "fwhm_avg": 2.516309575757576,
  "fwhm_x": 2.4533840000000002,
  "fwhm_y": 2.5983519999999998,
  "fwhm_z": 2.4971927272727275,
  "gcor": 0.0349214,
  "gsr_x": -0.015755292028188705,
  "gsr_y": 0.053525131195783615,
  "provenance": {
    "md5sum": "f9ab25a5cb006144e8e3014a60105889",
    "settings": {
      "fd_thres": 0.2,
      "testing": false
    },
    "software": "mriqc",
    "version": "22.0.0rc1",
    "webapi_port": null,
    "webapi_url": "https://mriqc.nimh.nih.gov/api/v1"
  },
  "size_t": 150,
  "size_x": 76,
  "size_y": 76,
  "size_z": 45,
  "snr": 3.172328363918495,
  "spacing_tr": 3.0,
  "spacing_x": 2.5,
  "spacing_y": 2.5,
  "spacing_z": 2.75,
  "summary_bg_k": 27.265933428363777,
  "summary_bg_mad": 8.490372625912597,
  "summary_bg_mean": 63.084991455078125,
  "summary_bg_median": 41.706668853759766,
  "summary_bg_n": 135342.0,
  "summary_bg_p05": 33.546669006347656,
  "summary_bg_p95": 170.24634017944334,
  "summary_bg_stdv": 62.6441650390625,
  "summary_fg_k": 0.9924745456061519,
  "summary_fg_mad": 200.26500126141252,
  "summary_fg_mean": 707.0572509765625,
  "summary_fg_median": 669.9933471679688,
  "summary_fg_n": 71678.0,
  "summary_fg_p05": 432.54669189453125,
  "summary_fg_p95": 1102.0640502929687,
  "summary_fg_stdv": 211.19776916503906,
  "tsnr": 49.02236137539148
}