{
  "aor": 0.0022061744966442955,
  "aqi": 0.0038008964429530204,
  "bids_meta": {
    "AcquisitionMatrixPE": 76,
    "AcquisitionNumber": 1,
    "AcquisitionTime": "09:08:18.357500",
    "BandwidthPerPixelPhaseEncode": 23.084,
    "BaseResolution": 76,
    "BodyPartExamined": "BRAIN",
    "ConsistencyInfo": "N4_VE11C_LATEST_20160120",
    "ConversionSoftware": "dcm2niix",
    "ConversionSoftwareVersion": "v1.0.20180622 (JP2:OpenJPEG) GCC6.1.0",
    "DerivedVendorReportedEchoSpacing": 0.000570001,
    "DeviceSerialNumber": "167001",
    "DwellTime": 3.3e-06,
    "EchoTime": 0.03,
    "EchoTrainLength": 76,
    "EffectiveEchoSpacing": 0.000570001,
    "FlipAngle": 90,
    "ImageOrientationPatientDICOM": [
      0.999333,
      -0.0348547,
      0.010936,
      0.0359453,
      0.991589,
      -0.124339
    ],
    "ImageType": [
      "ORIGINAL",
      "PRIMARY",
      "M",
      "ND",
      "MOSAIC"
    ],
    "InPlanePhaseEncodingDirectionDICOM": "COL",
    "InstitutionAddress": "Cooper_60_St._Lucia_QLD_AU_4072",
    "InstitutionName": "St_Lucia_Campus",
    "InstitutionalDepartmentName": "Gehrmann_Labs_MRI",
    "MRAcquisitionType": "2D",
    "MagneticFieldStrength": 3,
    "Manufacturer": "Siemens",
    "ManufacturersModelName": "Prisma_fit",
    "Modality": "MR",
    "PartialFourier": 1,
    "PatientPosition": "HFS",
    "PercentPhaseFOV": 100,
    "PhaseEncodingDirection": "j-",
    "PhaseEncodingSteps": 76,
    "PhaseResolution": 1,
    "PixelBandwidth": 1995,
    "ProcedureStepDescription": "Research_16004_CMN",
    "ProtocolName": "ep2d_bold_AUTO",
    "PulseSequenceDetails": "%SiemensSeq%_ep2d_bold",
    "ReceiveCoilActiveElements": "HC1-7;NC1,2",
    "ReceiveCoilName": "HeadNeck_64",
    "ReconMatrixPE": 76,
    "RepetitionTime": 3,
    "SAR": 0.0770872,
    "ScanOptions": "FS",
    "ScanningSequence": "EP",
    "SequenceName": "_epfid2d1_76",
    "SequenceVariant": "SK",
    "SeriesDescription": "ep2d_bold_AUTO",
    "SeriesNumber": 9,
    "ShimSetting": [
      3050,
      -4123,
      -792,
      465,
      32,
      68,
      21,
      18
    ],
    "SliceThickness": 2.5,
    "SliceTiming": [
      0,
      1.5225,
      0.0675,
      1.59,
      0.1325,
      1.655,
      0.2,
      1.7225,
      0.265,
      1.7875,
      0.3325,
      1.855,
      0.3975,
      1.92,
      0.465,
      1.9875,
      0.53,
      2.0525,
      0.595,
      2.12,
      0.6625,
      2.185,
      0.7275,
      2.2525,
      0.795,
      2.3175,
      0.86,
      2.385,
      0.9275,
      2.45,
      0.9925,
      2.5175,
      1.06,
      2.5825,
      1.125,
      2.65,
      1.1925,
      2.715,
      1.2575,
      2.7825,
      1.325,
      2.8475,
      1.39,
      2.915,
      1.4575
    ],
    "SoftwareVersions": "syngo_MR_E11",
    "SpacingBetweenSlices": 2.75,
    "StationName": "mrc_Trio",
    "TaskName": "autobio",
    "TotalReadoutTime": 0.04275,
    "TxRefAmp": 218.106,
    "dataset": "ds001748",
    "modality": "bold",
    "subject_id": "teen02",
    "task_id": "autobio"
  },
  "dummy_trs": 1,
  "dvars_nstd": 31.088953572297292,
  "dvars_std": 1.3845137945945947,
  "dvars_vstd": 0.9632221718243241,
  "efc": 0.6463891318287588,
  "fber": 154.66162109375,
  "fd_mean": 0.060821921976431784,
  "fd_num": 5,
  "fd_perc": 3.3557046979865772,
  "fwhm_avg": 2.9980043636363636,
  "fwhm_x": 2.814856,
  "fwhm_y": 3.115848,
  "fwhm_z": 3.0633090909090908,
  "gcor": 0.0296712,
  "gsr_x": -0.024379465728998184,
  "gsr_y": 0.06494729220867157,
  "provenance": {
    "md5sum": "10d8f55b47d655a5081dcd922b8b98c7",
    "settings": {
      "fd_thres": 0.2,
      "testing": false
    },
    "software": "mriqc",
    "version": "22.0.0rc1",
    "webapi_port": null,
    "webapi_url": "https://mriqc.nimh.nih.gov/api/v1"
  },
  "size_t": 149,
  "size_x": 76,
  "size_y": 76,
  "size_z": 45,
  "snr": 2.3964425042992716,
  "spacing_tr": 3.0,
  "spacing_x": 2.5,
  "spacing_y": 2.5,
  "spacing_z": 2.75,
  "summary_bg_k": 23.663133360795403,
  "summary_bg_mad": 8.079691177950538,
  "summary_bg_mean": 119.6109848022461,
  "summary_bg_median": 70.59060668945312,
  "summary_bg_n": 125703.0,
  "summary_bg_p05": 64.20133972167969,
  "summary_bg_p95": 369.46307373046875,
  "summary_bg_stdv": 124.60252380371094,
  "summary_fg_k": 1.3050697363451889,
  "summary_fg_mad": 356.6007630218096,
  "summary_fg_mean": 983.0614013671875,
  "summary_fg_median": 908.6375732421875,
  "summary_fg_n": 73821.0,
  "summary_fg_p05": 515.28857421875,
  "summary_fg_p95": 1716.76513671875,
  "summary_fg_stdv": 379.158447265625,
  "tsnr": 64.81266473792493
}