{
  "aor": 0.017716666666666672,
  "aqi": 0.006800142133333334,
  "bids_meta": {
    "AcquisitionMatrixPE": 76,
    "AcquisitionNumber": 1,
    "AcquisitionTime": "09:16:22.547500",
    "BandwidthPerPixelPhaseEncode": 23.084,
    "BaseResolution": 76,
    "BodyPartExamined": "BRAIN",
    "ConsistencyInfo": "N4_VE11C_LATEST_20160120",
    "ConversionSoftware": "dcm2niix",
    "ConversionSoftwareVersion": "v1.0.20180622 (JP2:OpenJPEG) GCC6.1.0",
    "DerivedVendorReportedEchoSpacing": 0.000570001,
    "DeviceSerialNumber": "167001",
    "DwellTime": 3.3e-06,
    "EchoTime": 0.03,
    "EchoTrainLength": 76,
    "EffectiveEchoSpacing": 0.000570001,
    "FlipAngle": 90,
    "ImageOrientationPatientDICOM": [
      0.999333,
      -0.0348547,
      0.010936,
      0.0359453,
      0.991589,
      -0.124339
    ],
    "ImageType": [
      "ORIGINAL",
      "PRIMARY",
      "M",
      "ND",
      "MOSAIC"
    ],
    "InPlanePhaseEncodingDirectionDICOM": "COL",
    "InstitutionAddress": "Cooper_60_St._Lucia_QLD_AU_4072",
    "InstitutionName": "St_Lucia_Campus",
    "InstitutionalDepartmentName": "Gehrmann_Labs_MRI",
    "MRAcquisitionType": "2D",
    "MagneticFieldStrength": 3,
    "Manufacturer": "Siemens",
    "ManufacturersModelName": "Prisma_fit",
    "Modality": "MR",
    "PartialFourier": 1,
    "PatientPosition": "HFS",
    "PercentPhaseFOV": 100,
    "PhaseEncodingDirection": "j-",
    "PhaseEncodingSteps": 76,
    "PhaseResolution": 1,
    "PixelBandwidth": 1995,
    "ProcedureStepDescription": "Research_16004_CMN",
    "ProtocolName": "ep2d_bold_SEM",
    "PulseSequenceDetails": "%SiemensSeq%_ep2d_bold",
    "ReceiveCoilActiveElements": "HC1-7;NC1,2",
    "ReceiveCoilName": "HeadNeck_64",
    "ReconMatrixPE": 76,
    "RepetitionTime": 3,
    "SAR": 0.0770872,
    "ScanOptions": "FS",
    "ScanningSequence": "EP",
    "SequenceName": "_epfid2d1_76",
    "SequenceVariant": "SK",
    "SeriesDescription": "ep2d_bold_SEM",
    "SeriesNumber": 10,
    "ShimSetting": [
      3050,
      -4123,
      -792,
      465,
      32,
      68,
      21,
      18
    ],
    "SliceThickness": 2.5,
    "SliceTiming": [
      0,
      1.525,
      0.0675,
      1.59,
      0.1325,
      1.6575,
      0.2,
      1.7225,
      0.265,
      1.79,
      0.3325,
      1.855,
      0.3975,
      1.9225,
      0.465,
      1.9875,
      0.53,
      2.055,
      0.5975,
      2.12,
      0.6625,
      2.1875,
      0.73,
      2.2525,
      0.795,
      2.32,
      0.8625,
      2.385,
      0.9275,
      2.45,
      0.995,
      2.5175,
      1.06,
      2.5825,
      1.1275,
      2.65,
      1.1925,
      2.715,
      1.26,
      2.7825,
      1.325,
      2.8475,
      1.3925,
      2.915,
      1.4575
    ],
    "SoftwareVersions": "syngo_MR_E11",
    "SpacingBetweenSlices": 2.75,
    "StationName": "mrc_Trio",
    "TaskName": "semantic",
    "TotalReadoutTime": 0.04275,
    "TxRefAmp": 218.106,
    "dataset": "ds001748",
    "modality": "bold",
    "subject_id": "teen02",
    "task_id": "semantic"
  },
  "dummy_trs": 0,
  "dvars_nstd": 42.421478745234914,
  "dvars_std": 1.3217940419463083,
  "dvars_vstd": 1.0628695043624161,
  "efc": 0.6477312523801894,
  "fber": 150.57504272460938,
  "fd_mean": 0.18465676745747547,
  "fd_num": 26,
  "fd_perc": 17.333333333333332,
  "fwhm_avg": 3.0477167272727272,
  "fwhm_x": 2.850356,
  "fwhm_y": 3.167936,
  "fwhm_z": 3.124858181818182,
  "gcor": 0.0924442,
  "gsr_x": -0.0247326772660017,
  "gsr_y": 0.06217842549085617,
  "provenance": {
    "md5sum": "cf8ad54a391778257954bc80b7acd76a",
    "settings": {
      "fd_thres": 0.2,
      "testing": false
    },
    "software": "mriqc",
    "version": "22.0.0rc1",
    "webapi_port": null,
    "webapi_url": "https://mriqc.nimh.nih.gov/api/v1"
  },
  "size_t": 150,
  "size_x": 76,
  "size_y": 76,
  "size_z": 45,
  "snr": 2.3243921594984465,
  "spacing_tr": 3.0,
  "spacing_x": 2.5,
  "spacing_y": 2.5,
  "spacing_z": 2.75,
  "summary_bg_k": 23.24222771298591,
  "summary_bg_mad": 8.668277652864624,
  "summary_bg_mean": 120.86170959472656,
  "summary_bg_median": 71.0999984741211,
  "summary_bg_n": 125029.0,
  "summary_bg_p05": 64.08000183105469,
  "summary_bg_p95": 373.1160156249995,
  "summary_bg_stdv": 126.57830810546875,
  "summary_fg_k": 1.3496508967474101,
  "summary_fg_mad": 361.86362083590063,
  "summary_fg_mean": 974.763671875,
  "summary_fg_median": 898.67333984375,
  "summary_fg_n": 75767.0,
  "summary_fg_p05": 497.12333984375,
  "summary_fg_p95": 1722.8340820312499,
  "summary_fg_stdv": 386.62469482421875,
  "tsnr": 41.149219119688496
}