{
  "aor": 0.03478473333333334,
  "aqi": 0.017146995933333332,
  "bids_meta": {
    "AcquisitionMatrixPE": 76,
    "AcquisitionNumber": 1,
    "AcquisitionTime": "09:24:23.270000",
    "BandwidthPerPixelPhaseEncode": 23.084,
    "BaseResolution": 76,
    "BodyPartExamined": "BRAIN",
    "ConsistencyInfo": "N4_VE11C_LATEST_20160120",
    "ConversionSoftware": "dcm2niix",
    "ConversionSoftwareVersion": "v1.0.20180622 (JP2:OpenJPEG) GCC6.1.0",
    "DerivedVendorReportedEchoSpacing": 0.000570001,
    "DeviceSerialNumber": "167001",
    "DwellTime": 3.3e-06,
    "EchoTime": 0.03,
    "EchoTrainLength": 76,
    "EffectiveEchoSpacing": 0.000570001,
    "FlipAngle": 90,
    "ImageOrientationPatientDICOM": [
      0.999333,
      -0.0348547,
      0.010936,
      0.0359453,
      0.991589,
      -0.124339
    ],
    "ImageType": [
      "ORIGINAL",
      "PRIMARY",
      "M",
      "ND",
      "MOSAIC"
    ],
    "InPlanePhaseEncodingDirectionDICOM": "COL",
    "InstitutionAddress": "Cooper_60_St._Lucia_QLD_AU_4072",
    "InstitutionName": "St_Lucia_Campus",
    "InstitutionalDepartmentName": "Gehrmann_Labs_MRI",
    "MRAcquisitionType": "2D",
    "MagneticFieldStrength": 3,
    "Manufacturer": "Siemens",
    "ManufacturersModelName": "Prisma_fit",
    "Modality": "MR",
    "PartialFourier": 1,
    "PatientPosition": "HFS",
    "PercentPhaseFOV": 100,
    "PhaseEncodingDirection": "j-",
    "PhaseEncodingSteps": 76,
    "PhaseResolution": 1,
    "PixelBandwidth": 1995,
    "ProcedureStepDescription": "Research_16004_CMN",
    "ProtocolName": "ep2d_bold_EPI",
    "PulseSequenceDetails": "%SiemensSeq%_ep2d_bold",
    "ReceiveCoilActiveElements": "HC1-7;NC1,2",
    "ReceiveCoilName": "HeadNeck_64",
    "ReconMatrixPE": 76,
    "RepetitionTime": 3,
    "SAR": 0.0770872,
    "ScanOptions": "FS",
    "ScanningSequence": "EP",
    "SequenceName": "_epfid2d1_76",
    "SequenceVariant": "SK",
    "SeriesDescription": "ep2d_bold_EPI",
    "SeriesNumber": 11,
    "ShimSetting": [
      3050,
      -4123,
      -792,
      465,
      32,
      68,
      21,
      18
    ],
    "SliceThickness": 2.5,
    "SliceTiming": [
      0,
      1.525,
      0.0675,
      1.59,
      0.1325,
      1.6575,
      0.2,
      1.7225,
      0.265,
      1.79,
      0.3325,
      1.855,
      0.3975,
      1.9225,
      0.465,
      1.9875,
      0.53,
      2.055,
      0.5975,
      2.12,
      0.6625,
      2.1875,
      0.73,
      2.2525,
      0.795,
      2.32,
      0.8625,
      2.385,
      0.9275,
      2.4525,
      0.995,
      2.5175,
      1.06,
      2.585,
      1.1275,
      2.65,
      1.1925,
      2.715,
      1.26,
      2.7825,
      1.325,
      2.8475,
      1.3925,
      2.915,
      1.4575
    ],
    "SoftwareVersions": "syngo_MR_E11",
    "SpacingBetweenSlices": 2.75,
    "StationName": "mrc_Trio",
    "TaskName": "episodic",
    "TotalReadoutTime": 0.04275,
    "TxRefAmp": 218.106,
    "dataset": "ds001748",
    "modality": "bold",
    "subject_id": "teen02",
    "task_id": "episodic"
  },
  "dummy_trs": 0,
  "dvars_nstd": 60.35828006697987,
  "dvars_std": 1.2870876413422814,
  "dvars_vstd": 1.118341757181208,
  "efc": 0.6494125133983418,
  "fber": 148.1229705810547,
  "fd_mean": 0.5558383664105383,
  "fd_num": 53,
  "fd_perc": 35.333333333333336,
  "fwhm_avg": 3.1142408484848487,
  "fwhm_x": 2.908212,
  "fwhm_y": 3.238816,
  "fwhm_z": 3.195694545454545,
  "gcor": 0.108331,
  "gsr_x": -0.024466924369335175,
  "gsr_y": 0.0635688379406929,
  "provenance": {
    "md5sum": "9b016711b09e59ebec6cea52a6801917",
    "settings": {
      "fd_thres": 0.2,
      "testing": false
    },
    "software": "mriqc",
    "version": "22.0.0rc1",
    "webapi_port": null,
    "webapi_url": "https://mriqc.nimh.nih.gov/api/v1"
  },
  "size_t": 150,
  "size_x": 76,
  "size_y": 76,
  "size_z": 45,
  "snr": 2.3333233101058215,
  "spacing_tr": 3.0,
  "spacing_x": 2.5,
  "spacing_y": 2.5,
  "spacing_z": 2.75,
  "summary_bg_k": 21.626848562068545,
  "summary_bg_mad": 9.518303528080223,
  "summary_bg_mean": 122.28392028808594,
  "summary_bg_median": 71.95999908447266,
  "summary_bg_n": 124730.0,
  "summary_bg_p05": 64.26667022705078,
  "summary_bg_p95": 375.99134674072155,
  "summary_bg_stdv": 125.30803680419922,
  "summary_fg_k": 1.3905708673180168,
  "summary_fg_mad": 361.4386757664364,
  "summary_fg_mean": 978.8758544921875,
  "summary_fg_median": 902.9866943359375,
  "summary_fg_n": 75829.0,
  "summary_fg_p05": 501.41201171875,
  "summary_fg_p95": 1726.832055664062,
  "summary_fg_stdv": 386.993408203125,
  "tsnr": 24.98391893156804
}