{
  "bids_meta": {
    "AcquisitionMatrixPE": 240,
    "AcquisitionNumber": 1,
    "AcquisitionTime": "09:26:51.227500",
    "BaseResolution": 256,
    "ConversionSoftware": "dcm2niix",
    "ConversionSoftwareVersion": "v1.0.20180622 (JP2:OpenJPEG) GCC6.1.0",
    "DeviceSerialNumber": "35410",
    "EchoTime": 0.00289,
    "ImageOrientationPatientDICOM": [
      -0.0174525,
      0.999848,
      -2.41325e-08,
      0.00348906,
      6.08781e-05,
      -0.999994
    ],
    "ImageType": [
      "ORIGINAL",
      "PRIMARY",
      "M",
      "ND",
      "UNI"
    ],
    "InPlanePhaseEncodingDirectionDICOM": "ROW",
    "InstitutionAddress": "Cooper_60_St._Lucia_QLD_AU_4072",
    "InstitutionName": "St_Lucia_Campus",
    "MRAcquisitionType": "3D",
    "MagneticFieldStrength": 3,
    "Manufacturer": "Siemens",
    "ManufacturersModelName": "TrioTim",
    "Modality": "MR",
    "ParallelReductionFactorInPlane": 3,
    "PartialFourier": 0.75,
    "PatientPosition": "HFS",
    "PercentPhaseFOV": 93.75,
    "PhaseEncodingSteps": 181,
    "PhaseResolution": 1,
    "PixelBandwidth": 241,
    "ProcedureStepDescription": "RESEARCH_3T_Research",
    "ProtocolName": "mp2rage",
    "PulseSequenceDetails": "%CustomerSeq%_mp2rage_wip820B17",
    "ReceiveCoilName": "32Ch_Head",
    "ReconMatrixPE": 256,
    "RepetitionTime": 4,
    "SAR": 0.138729,
    "ScanOptions": "IR_PFP",
    "ScanningSequence": "GR_IR",
    "SequenceName": "tfl3d1_ns",
    "SequenceVariant": "SP_MP",
    "SeriesDescription": "mp2rage_UNI-DEN",
    "SeriesNumber": 3,
    "ShimSetting": [
      6861,
      -11241,
      -2624,
      -31,
      -19,
      31,
      -77,
      20
    ],
    "SliceThickness": 1,
    "SoftwareVersions": "syngo_MR_B17",
    "StationName": "mrc_Trio",
    "TxRefAmp": 307.577,
    "dataset": "ds001748",
    "modality": "T1w",
    "subject_id": "child07"
  },
  "cjv": 0.2681282083319656,
  "cnr": 5.044095455216238,
  "efc": 0.5857292042584716,
  "fber": 2176.67919921875,
  "fwhm_avg": 4.033292418230327,
  "fwhm_x": 4.057117254690983,
  "fwhm_y": 4.31227,
  "fwhm_z": 3.73049,
  "icvs_csf": 0.1282500946327161,
  "icvs_gm": 0.5028002636373796,
  "icvs_wm": 0.3689496417299043,
  "inu_med": 0.8505712747573853,
  "inu_range": 0.20167306065559387,
  "provenance": {
    "md5sum": "68049e6790e462376ce2150c702dc5ce",
    "settings": {
      "testing": false
    },
    "software": "mriqc",
    "version": "22.0.0rc1",
    "warnings": {
      "large_rot_frame": true,
      "small_air_mask": false
    },
    "webapi_port": null,
    "webapi_url": "https://mriqc.nimh.nih.gov/api/v1"
  },
  "qi_1": 0.00018235162957452023,
  "qi_2": 0.001133935925162845,
  "rpve_csf": 28.41026626144972,
  "rpve_gm": 8.694629060890522,
  "rpve_wm": 13.276354202063144,
  "size_x": 176,
  "size_y": 240,
  "size_z": 256,
  "snr_csf": 0.7480278206182555,
  "snr_gm": 9.193818764577482,
  "snr_total": 11.996061360811025,
  "snr_wm": 26.046337497237335,
  "snrd_csf": 44.84679205208298,
  "snrd_gm": 92.01804087817106,
  "snrd_total": 95.77678005568409,
  "snrd_wm": 150.46550723679823,
  "spacing_x": 0.9999982118606567,
  "spacing_y": 1.0,
  "spacing_z": 1.0,
  "summary_bg_k": 63.90755227578224,
  "summary_bg_mad": 4.3540948884745365,
  "summary_bg_mean": 14.842087745666504,
  "summary_bg_median": 13.785074234008789,
  "summary_bg_n": 2052617.0,
  "summary_bg_p05": 8.349171829223632,
  "summary_bg_p95": 24.659113311767573,
  "summary_bg_stdv": 5.643727779388428,
  "summary_csf_k": 1.6363277306069488,
  "summary_csf_mad": 190.5323927587244,
  "summary_csf_mean": 388.111572265625,
  "summary_csf_median": 298.0557861328125,
  "summary_csf_n": 5833.0,
  "summary_csf_p05": 39.40675659179688,
  "summary_csf_p95": 1353.8923583984374,
  "summary_csf_stdv": 398.42132568359375,
  "summary_gm_k": -0.12576987632365633,
  "summary_gm_mad": 68.59994311647073,
  "summary_gm_mean": 614.3896484375,
  "summary_gm_median": 611.5601196289062,
  "summary_gm_n": 98369.0,
  "summary_gm_p05": 510.6702087402344,
  "summary_gm_p95": 727.4730224609375,
  "summary_gm_stdv": 66.51828002929688,
  "summary_wm_k": 0.8179863861907739,
  "summary_wm_mad": 35.553677151270385,
  "summary_wm_mean": 1000.2379760742188,
  "summary_wm_median": 1000.0072021484375,
  "summary_wm_n": 240617.0,
  "summary_wm_p05": 937.682421875,
  "summary_wm_p95": 1062.4880615234374,
  "summary_wm_stdv": 38.393310546875,
  "tpm_overlap_csf": 0.14750541746616364,
  "tpm_overlap_gm": 0.46545112133026123,
  "tpm_overlap_wm": 0.48239970207214355,
  "wm2max": 0.668108501168049
}