{
  "bids_meta": {
    "AcquisitionMatrixPE": 240,
    "AcquisitionNumber": 1,
    "AcquisitionTime": "10:03:23.847500",
    "BaseResolution": 256,
    "BodyPartExamined": "BRAIN",
    "ConsistencyInfo": "N4_VE11C_LATEST_20160120",
    "ConversionSoftware": "dcm2niix",
    "ConversionSoftwareVersion": "v1.0.20180622 (JP2:OpenJPEG) GCC6.1.0",
    "DeviceSerialNumber": "167001",
    "DwellTime": 8.1e-06,
    "EchoTime": 0.00291,
    "ImageComments": "DENOISED_IMAGE_(lambda_=_1)",
    "ImageOrientationPatientDICOM": [
      0,
      1,
      0,
      0.0471064,
      0,
      -0.99889
    ],
    "ImageType": [
      "DERIVED",
      "PRIMARY",
      "M",
      "UNI",
      "DIS3D",
      "DIS2D"
    ],
    "InPlanePhaseEncodingDirectionDICOM": "ROW",
    "InstitutionAddress": "Cooper_60_St._Lucia_QLD_AU_4072",
    "InstitutionName": "St_Lucia_Campus",
    "InstitutionalDepartmentName": "Gehrmann_Labs_MRI",
    "MRAcquisitionType": "3D",
    "MagneticFieldStrength": 3,
    "Manufacturer": "Siemens",
    "ManufacturersModelName": "Prisma_fit",
    "Modality": "MR",
    "ParallelReductionFactorInPlane": 3,
    "PartialFourier": 0.75,
    "PatientPosition": "HFS",
    "PercentPhaseFOV": 93.75,
    "PhaseEncodingSteps": 181,
    "PhaseResolution": 1,
    "PixelBandwidth": 240,
    "ProcedureStepDescription": "Research_16004_CMN",
    "ProtocolName": "MP2RAGE_wip900C_VE11C",
    "PulseSequenceDetails": "%CustomerSeq%_tfl_wip900C_VE11C",
    "RawImage": true,
    "ReceiveCoilActiveElements": "HC1-7;NC1,2",
    "ReceiveCoilName": "HeadNeck_64",
    "ReconMatrixPE": 256,
    "RepetitionTime": 4,
    "SAR": 0.0534606,
    "ScanOptions": "IR_PFP",
    "ScanningSequence": "GR_IR",
    "SequenceName": "tfl3d1_16ns",
    "SequenceVariant": "SK_SP_MP",
    "SeriesDescription": "MP2RAGE_wip900C_VE11C_UNI-DEN",
    "SeriesNumber": 5,
    "ShimSetting": [
      3054,
      -4179,
      -859,
      200,
      -47,
      -350,
      49,
      -41
    ],
    "SliceThickness": 1,
    "SoftwareVersions": "syngo_MR_E11",
    "StationName": "mrc_Trio",
    "TxRefAmp": 216.313,
    "dataset": "ds001748",
    "modality": "T1w",
    "subject_id": "teen12"
  },
  "cjv": 0.29284189891227186,
  "cnr": 4.4206461260622785,
  "efc": 0.5451125048814522,
  "fber": 42291.49609375,
  "fwhm_avg": 3.7869246034831767,
  "fwhm_x": 3.9271338104495297,
  "fwhm_y": 4.04664,
  "fwhm_z": 3.387,
  "icvs_csf": 0.20348455390458395,
  "icvs_gm": 0.4467824182974286,
  "icvs_wm": 0.3497330277979875,
  "inu_med": 0.8994472026824951,
  "inu_range": 0.19184715151786802,
  "provenance": {
    "md5sum": "f7217678c2eb64a1dea48536620b3dcc",
    "settings": {
      "testing": false
    },
    "software": "mriqc",
    "version": "22.0.0rc1",
    "warnings": {
      "large_rot_frame": true,
      "small_air_mask": false
    },
    "webapi_port": null,
    "webapi_url": "https://mriqc.nimh.nih.gov/api/v1"
  },
  "qi_1": 0.0028929829451863867,
  "qi_2": 0.000478543152874633,
  "rpve_csf": 23.81380729404175,
  "rpve_gm": 11.763318559832678,
  "rpve_wm": 18.65569883245636,
  "size_x": 176,
  "size_y": 240,
  "size_z": 256,
  "snr_csf": 2.4670780198056357,
  "snr_gm": 10.23422485628662,
  "snr_total": 13.514319201221737,
  "snr_wm": 27.84165472757295,
  "snrd_csf": 84.19131304799548,
  "snrd_gm": 178.68020138501876,
  "snrd_total": 177.02566928611293,
  "snrd_wm": 268.2054934253245,
  "spacing_x": 0.9999964833259583,
  "spacing_y": 1.0,
  "spacing_z": 1.0,
  "summary_bg_k": 133.0145028532643,
  "summary_bg_mad": 2.442692902039144,
  "summary_bg_mean": 5.507851600646973,
  "summary_bg_median": 2.4530632495880127,
  "summary_bg_n": 2726590.0,
  "summary_bg_p05": 0.0,
  "summary_bg_p95": 17.889515876769995,
  "summary_bg_stdv": 13.192648887634277,
  "summary_csf_k": -0.7704720061918993,
  "summary_csf_mad": 130.04575817397466,
  "summary_csf_mean": 289.79217529296875,
  "summary_csf_median": 313.90948486328125,
  "summary_csf_n": 6226.0,
  "summary_csf_p05": 69.48493194580078,
  "summary_csf_p95": 472.8850631713867,
  "summary_csf_stdv": 127.22916412353516,
  "summary_gm_k": -0.03307570989507447,
  "summary_gm_mad": 64.93560631006412,
  "summary_gm_mean": 661.9105224609375,
  "summary_gm_median": 666.2137451171875,
  "summary_gm_n": 31837.0,
  "summary_gm_p05": 547.4645629882813,
  "summary_gm_p95": 761.8509643554686,
  "summary_gm_stdv": 65.09562683105469,
  "summary_wm_k": 0.6367207648608812,
  "summary_wm_mad": 32.81424740512658,
  "summary_wm_mean": 999.5813598632812,
  "summary_wm_median": 1000.0111083984375,
  "summary_wm_n": 174921.0,
  "summary_wm_p05": 939.0260009765625,
  "summary_wm_p95": 1057.95703125,
  "summary_wm_stdv": 35.917701721191406,
  "tpm_overlap_csf": 0.17500272393226624,
  "tpm_overlap_gm": 0.45177626609802246,
  "tpm_overlap_wm": 0.5226311087608337,
  "wm2max": 0.8796638005038422
}