{
  "aor": 0.0014821999999999997,
  "aqi": 0.003957427333333334,
  "bids_meta": {
    "AcquisitionMatrixPE": 76,
    "AcquisitionNumber": 1,
    "AcquisitionTime": "14:22:51.050000",
    "BandwidthPerPixelPhaseEncode": 23.084,
    "BaseResolution": 76,
    "ConversionSoftware": "dcm2niix",
    "ConversionSoftwareVersion": "v1.0.20180622 (JP2:OpenJPEG) GCC6.1.0",
    "DerivedVendorReportedEchoSpacing": 0.000570001,
    "DeviceSerialNumber": "35410",
    "DwellTime": 3.3e-06,
    "EchoTime": 0.03,
    "EffectiveEchoSpacing": 0.000570001,
    "FlipAngle": 90,
    "ImageOrientationPatientDICOM": [
      0.999181,
      0.0231235,
      -0.0331945,
      -0.029655,
      0.976774,
      -0.21221
    ],
    "ImageType": [
      "ORIGINAL",
      "PRIMARY",
      "M",
      "ND",
      "MOSAIC"
    ],
    "InPlanePhaseEncodingDirectionDICOM": "COL",
    "InstitutionAddress": "Cooper_60_St._Lucia_QLD_AU_4072",
    "InstitutionName": "St_Lucia_Campus",
    "InstitutionalDepartmentName": "Gehrmann_Labs_MRI",
    "MRAcquisitionType": "2D",
    "MagneticFieldStrength": 3,
    "Manufacturer": "Siemens",
    "ManufacturersModelName": "TrioTim",
    "Modality": "MR",
    "PartialFourier": 1,
    "PatientPosition": "HFS",
    "PercentPhaseFOV": 100,
    "PhaseEncodingDirection": "j-",
    "PhaseEncodingSteps": 76,
    "PhaseResolution": 1,
    "PixelBandwidth": 1994,
    "ProcedureStepDescription": "Brain_-_UQ_fMRI",
    "ProtocolName": "EPI",
    "PulseSequenceDetails": "%SiemensSeq%_ep2d_pace",
    "ReceiveCoilName": "32Ch_Head",
    "ReconMatrixPE": 76,
    "RepetitionTime": 3,
    "SAR": 0.193362,
    "ScanOptions": "FS",
    "ScanningSequence": "EP",
    "SequenceName": "_epfid2d1_76",
    "SequenceVariant": "SK",
    "SeriesDescription": "EPI",
    "SeriesNumber": 4,
    "ShimSetting": [
      6766,
      -11377,
      -2166,
      743,
      5,
      -42,
      -39,
      -1
    ],
    "SliceThickness": 2.5,
    "SliceTiming": [
      0,
      1.5275,
      0.065,
      1.595,
      0.1325,
      1.6625,
      0.2,
      1.7275,
      0.265,
      1.795,
      0.3325,
      1.86,
      0.3975,
      1.9275,
      0.465,
      1.995,
      0.5325,
      2.06,
      0.5975,
      2.1275,
      0.665,
      2.1925,
      0.73,
      2.26,
      0.7975,
      2.325,
      0.865,
      2.3925,
      0.93,
      2.46,
      0.9975,
      2.525,
      1.0625,
      2.5925,
      1.13,
      2.6575,
      1.195,
      2.725,
      1.2625,
      2.7925,
      1.33,
      2.8575,
      1.395,
      2.925,
      1.4625
    ],
    "SoftwareVersions": "syngo_MR_B17",
    "SpacingBetweenSlices": 2.75,
    "StationName": "mrc_Trio",
    "TaskName": "episodic",
    "TotalReadoutTime": 0.04275,
    "TxRefAmp": 319.944,
    "dataset": "ds001748",
    "modality": "bold",
    "subject_id": "adult10",
    "task_id": "episodic"
  },
  "dummy_trs": 0,
  "dvars_nstd": 24.63596162228189,
  "dvars_std": 1.1668284222147653,
  "dvars_vstd": 1.0116622353691278,
  "efc": 0.6189014321272832,
  "fber": 218.9142303466797,
  "fd_mean": 0.07142123327227726,
  "fd_num": 3,
  "fd_perc": 2.0,
  "fwhm_avg": 2.623835393939394,
  "fwhm_x": 2.5959399999999997,
  "fwhm_y": 2.646508,
  "fwhm_z": 2.629058181818182,
  "gcor": 0.0433179,
  "gsr_x": -0.018305014818906784,
  "gsr_y": 0.07861380279064178,
  "provenance": {
    "md5sum": "7833f7cd216efbfc18d7d580279d0962",
    "settings": {
      "fd_thres": 0.2,
      "testing": false
    },
    "software": "mriqc",
    "version": "22.0.0rc1",
    "webapi_port": null,
    "webapi_url": "https://mriqc.nimh.nih.gov/api/v1"
  },
  "size_t": 150,
  "size_x": 76,
  "size_y": 76,
  "size_z": 45,
  "snr": 2.795518174329455,
  "spacing_tr": 3.0,
  "spacing_x": 2.5,
  "spacing_y": 2.5,
  "spacing_z": 2.75,
  "summary_bg_k": 38.772917910056975,
  "summary_bg_mad": 10.407868252590761,
  "summary_bg_mean": 67.79984283447266,
  "summary_bg_median": 41.43333435058594,
  "summary_bg_n": 137995.0,
  "summary_bg_p05": 33.66666793823242,
  "summary_bg_p95": 186.23533782958975,
  "summary_bg_stdv": 76.5811996459961,
  "summary_fg_k": 4.709579898364637,
  "summary_fg_mad": 183.91185535568388,
  "summary_fg_mean": 670.3084106445312,
  "summary_fg_median": 623.8633422851562,
  "summary_fg_n": 70124.0,
  "summary_fg_p05": 401.37335205078125,
  "summary_fg_p95": 1077.5550598144528,
  "summary_fg_stdv": 223.16395568847656,
  "tsnr": 63.269745039520785
}