{
  "aor": 0.0016278666666666667,
  "aqi": 0.002596951466666667,
  "bids_meta": {
    "AcquisitionMatrixPE": 76,
    "AcquisitionNumber": 1,
    "AcquisitionTime": "14:06:44.415000",
    "BandwidthPerPixelPhaseEncode": 23.084,
    "BaseResolution": 76,
    "ConversionSoftware": "dcm2niix",
    "ConversionSoftwareVersion": "v1.0.20180622 (JP2:OpenJPEG) GCC6.1.0",
    "DerivedVendorReportedEchoSpacing": 0.000570001,
    "DeviceSerialNumber": "35410",
    "DwellTime": 3.3e-06,
    "EchoTime": 0.03,
    "EffectiveEchoSpacing": 0.000570001,
    "FlipAngle": 90,
    "ImageOrientationPatientDICOM": [
      0.999181,
      0.0231235,
      -0.0331945,
      -0.029655,
      0.976774,
      -0.21221
    ],
    "ImageType": [
      "ORIGINAL",
      "PRIMARY",
      "M",
      "ND",
      "MOSAIC"
    ],
    "InPlanePhaseEncodingDirectionDICOM": "COL",
    "InstitutionAddress": "Cooper_60_St._Lucia_QLD_AU_4072",
    "InstitutionName": "St_Lucia_Campus",
    "InstitutionalDepartmentName": "Gehrmann_Labs_MRI",
    "MRAcquisitionType": "2D",
    "MagneticFieldStrength": 3,
    "Manufacturer": "Siemens",
    "ManufacturersModelName": "TrioTim",
    "Modality": "MR",
    "PartialFourier": 1,
    "PatientPosition": "HFS",
    "PercentPhaseFOV": 100,
    "PhaseEncodingDirection": "j-",
    "PhaseEncodingSteps": 76,
    "PhaseResolution": 1,
    "PixelBandwidth": 1994,
    "ProcedureStepDescription": "Brain_-_UQ_fMRI",
    "ProtocolName": "AUTO",
    "PulseSequenceDetails": "%SiemensSeq%_ep2d_pace",
    "ReceiveCoilName": "32Ch_Head",
    "ReconMatrixPE": 76,
    "RepetitionTime": 3,
    "SAR": 0.193362,
    "ScanOptions": "FS",
    "ScanningSequence": "EP",
    "SequenceName": "_epfid2d1_76",
    "SequenceVariant": "SK",
    "SeriesDescription": "AUTO",
    "SeriesNumber": 2,
    "ShimSetting": [
      6766,
      -11377,
      -2166,
      743,
      5,
      -42,
      -39,
      -1
    ],
    "SliceThickness": 2.5,
    "SliceTiming": [
      0,
      1.5275,
      0.065,
      1.595,
      0.1325,
      1.66,
      0.1975,
      1.7275,
      0.265,
      1.795,
      0.3325,
      1.86,
      0.3975,
      1.9275,
      0.465,
      1.9925,
      0.53,
      2.06,
      0.5975,
      2.1275,
      0.665,
      2.1925,
      0.73,
      2.26,
      0.7975,
      2.325,
      0.8625,
      2.3925,
      0.93,
      2.46,
      0.9975,
      2.525,
      1.0625,
      2.5925,
      1.13,
      2.6575,
      1.195,
      2.725,
      1.2625,
      2.79,
      1.3275,
      2.8575,
      1.395,
      2.925,
      1.4625
    ],
    "SoftwareVersions": "syngo_MR_B17",
    "SpacingBetweenSlices": 2.75,
    "StationName": "mrc_Trio",
    "TaskName": "autobio",
    "TotalReadoutTime": 0.04275,
    "TxRefAmp": 319.944,
    "dataset": "ds001748",
    "modality": "bold",
    "subject_id": "adult10",
    "task_id": "autobio"
  },
  "dummy_trs": 0,
  "dvars_nstd": 23.123633314429526,
  "dvars_std": 1.1769285632885913,
  "dvars_vstd": 1.0192465309395975,
  "efc": 0.61752866218826,
  "fber": 220.2173309326172,
  "fd_mean": 0.038988888527992614,
  "fd_num": 0,
  "fd_perc": 0.0,
  "fwhm_avg": 2.652836363636364,
  "fwhm_x": 2.60906,
  "fwhm_y": 2.67698,
  "fwhm_z": 2.672469090909091,
  "gcor": 0.0297368,
  "gsr_x": -0.01578066684305668,
  "gsr_y": 0.07882707566022873,
  "provenance": {
    "md5sum": "07af74317f711968342d26b792d54a1d",
    "settings": {
      "fd_thres": 0.2,
      "testing": false
    },
    "software": "mriqc",
    "version": "22.0.0rc1",
    "webapi_port": null,
    "webapi_url": "https://mriqc.nimh.nih.gov/api/v1"
  },
  "size_t": 150,
  "size_x": 76,
  "size_y": 76,
  "size_z": 45,
  "snr": 2.7930159510733064,
  "spacing_tr": 3.0,
  "spacing_x": 2.5,
  "spacing_y": 2.5,
  "spacing_z": 2.75,
  "summary_bg_k": 43.95330156529281,
  "summary_bg_mad": 9.913663742636475,
  "summary_bg_mean": 65.91262817382812,
  "summary_bg_median": 40.97999954223633,
  "summary_bg_n": 138027.0,
  "summary_bg_p05": 33.413333892822266,
  "summary_bg_p95": 177.08933715820288,
  "summary_bg_stdv": 72.5504150390625,
  "summary_fg_k": 4.398985196991577,
  "summary_fg_mad": 183.15575899113776,
  "summary_fg_mean": 663.8388671875,
  "summary_fg_median": 618.27001953125,
  "summary_fg_n": 69830.0,
  "summary_fg_p05": 395.0260208129883,
  "summary_fg_p95": 1066.4620178222658,
  "summary_fg_stdv": 221.3612823486328,
  "tsnr": 71.83854678529315
}