{
  "bids_meta": {
    "AcquisitionMatrixPE": 240,
    "AcquisitionNumber": 1,
    "AcquisitionTime": "15:18:20.280000",
    "BaseResolution": 256,
    "ConversionSoftware": "dcm2niix",
    "ConversionSoftwareVersion": "v1.0.20180622 (JP2:OpenJPEG) GCC6.1.0",
    "DeviceSerialNumber": "35410",
    "DwellTime": 8.1e-06,
    "EchoTime": 0.00289,
    "ImageOrientationPatientDICOM": [
      0.029666,
      0.99956,
      5.10887e-10,
      0.00348807,
      -0.000103522,
      -0.999994
    ],
    "ImageType": [
      "ORIGINAL",
      "PRIMARY",
      "M",
      "ND",
      "UNI"
    ],
    "InPlanePhaseEncodingDirectionDICOM": "ROW",
    "InstitutionAddress": "Cooper_60_St._Lucia_QLD_AU_4072",
    "InstitutionName": "St_Lucia_Campus",
    "InstitutionalDepartmentName": "Gehrmann_Labs_MRI",
    "MRAcquisitionType": "3D",
    "MagneticFieldStrength": 3,
    "Manufacturer": "Siemens",
    "ManufacturersModelName": "TrioTim",
    "Modality": "MR",
    "ParallelReductionFactorInPlane": 3,
    "PartialFourier": 0.75,
    "PatientPosition": "HFS",
    "PercentPhaseFOV": 93.75,
    "PhaseEncodingSteps": 181,
    "PhaseResolution": 1,
    "PixelBandwidth": 241,
    "ProcedureStepDescription": "RESEARCH_3T_Research",
    "ProtocolName": "mp2rage",
    "PulseSequenceDetails": "%CustomerSeq%_mp2rage_wip820B17",
    "ReceiveCoilName": "32Ch_Head",
    "ReconMatrixPE": 256,
    "RepetitionTime": 4,
    "SAR": 0.126823,
    "ScanOptions": "IR_PFP",
    "ScanningSequence": "GR_IR",
    "SequenceName": "tfl3d1_ns",
    "SequenceVariant": "SP_MP",
    "SeriesDescription": "mp2rage_UNI-DEN",
    "SeriesNumber": 4,
    "ShimSetting": [
      6819,
      -11271,
      -2615,
      -89,
      20,
      1,
      -123,
      4
    ],
    "SliceThickness": 1,
    "SoftwareVersions": "syngo_MR_B17",
    "StationName": "mrc_Trio",
    "TxRefAmp": 317.758,
    "dataset": "ds001748",
    "modality": "T1w",
    "subject_id": "child12"
  },
  "cjv": 0.3437597120656452,
  "cnr": 3.9867441211598753,
  "efc": 0.5337607868314045,
  "fber": 2279.06005859375,
  "fwhm_avg": 3.9172046652835264,
  "fwhm_x": 3.94860399585058,
  "fwhm_y": 4.1223,
  "fwhm_z": 3.68071,
  "icvs_csf": 0.1821927251095188,
  "icvs_gm": 0.4521635719666391,
  "icvs_wm": 0.36564370292384213,
  "inu_med": 1.0032936334609985,
  "inu_range": 0.26639322042465197,
  "provenance": {
    "md5sum": "80666dde4b3e6418a6362c23daad526e",
    "settings": {
      "testing": false
    },
    "software": "mriqc",
    "version": "22.0.0rc1",
    "warnings": {
      "large_rot_frame": true,
      "small_air_mask": false
    },
    "webapi_port": null,
    "webapi_url": "https://mriqc.nimh.nih.gov/api/v1"
  },
  "qi_1": 0.00012235701906412478,
  "qi_2": 0.0007372140148844254,
  "rpve_csf": 29.209286624342543,
  "rpve_gm": 12.847952334172497,
  "rpve_wm": 18.55245895403682,
  "size_x": 176,
  "size_y": 240,
  "size_z": 256,
  "snr_csf": 1.0532031483610944,
  "snr_gm": 9.798274032191253,
  "snr_total": 10.226099830505065,
  "snr_wm": 19.826822310962847,
  "snrd_csf": 43.2063823243824,
  "snrd_gm": 93.97434897965427,
  "snrd_total": 93.02339022645403,
  "snrd_wm": 141.8894393753254,
  "spacing_x": 1.0000040531158447,
  "spacing_y": 1.0,
  "spacing_z": 1.0,
  "summary_bg_k": 63.28107362978906,
  "summary_bg_mad": 4.61735541729457,
  "summary_bg_mean": 15.555010795593262,
  "summary_bg_median": 13.889939308166504,
  "summary_bg_n": 2677629.0,
  "summary_bg_p05": 8.322809219360352,
  "summary_bg_p95": 27.482235336303713,
  "summary_bg_stdv": 7.881345748901367,
  "summary_csf_k": 4.147140314359476,
  "summary_csf_mad": 154.77239645107016,
  "summary_csf_mean": 348.6038818359375,
  "summary_csf_median": 304.51556396484375,
  "summary_csf_n": 7932.0,
  "summary_csf_p05": 55.67612018585205,
  "summary_csf_p95": 1214.2839294433593,
  "summary_csf_stdv": 289.11456298828125,
  "summary_gm_k": 0.10136915052694384,
  "summary_gm_mad": 66.82586984414392,
  "summary_gm_mean": 661.9569702148438,
  "summary_gm_median": 662.3246459960938,
  "summary_gm_n": 26245.0,
  "summary_gm_p05": 549.9142211914062,
  "summary_gm_p95": 772.3826538085938,
  "summary_gm_stdv": 67.59476470947266,
  "summary_wm_k": 0.6492600021621047,
  "summary_wm_mad": 49.26254444810858,
  "summary_wm_mean": 1000.8494262695312,
  "summary_wm_median": 1000.02685546875,
  "summary_wm_n": 156966.0,
  "summary_wm_p05": 921.3749542236328,
  "summary_wm_p95": 1083.3256225585938,
  "summary_wm_stdv": 50.43791961669922,
  "tpm_overlap_csf": 0.16715244948863983,
  "tpm_overlap_gm": 0.45207858085632324,
  "tpm_overlap_wm": 0.5003754496574402,
  "wm2max": 0.6647779059122975
}