{
  "bids_meta": {
    "AcquisitionMatrixPE": 240,
    "AcquisitionNumber": 1,
    "AcquisitionTime": "14:30:43.140000",
    "BaseResolution": 256,
    "ConversionSoftware": "dcm2niix",
    "ConversionSoftwareVersion": "v1.0.20180622 (JP2:OpenJPEG) GCC6.1.0",
    "DeviceSerialNumber": "35410",
    "DwellTime": 8.1e-06,
    "EchoTime": 0.00289,
    "ImageOrientationPatientDICOM": [
      0.00349051,
      0.999994,
      -4.89985e-08,
      0.00348959,
      -1.22295e-05,
      -0.999994
    ],
    "ImageType": [
      "ORIGINAL",
      "PRIMARY",
      "M",
      "ND",
      "UNI"
    ],
    "InPlanePhaseEncodingDirectionDICOM": "ROW",
    "InstitutionAddress": "Cooper_60_St._Lucia_QLD_AU_4072",
    "InstitutionName": "St_Lucia_Campus",
    "InstitutionalDepartmentName": "Gehrmann_Labs_MRI",
    "MRAcquisitionType": "3D",
    "MagneticFieldStrength": 3,
    "Manufacturer": "Siemens",
    "ManufacturersModelName": "TrioTim",
    "Modality": "MR",
    "ParallelReductionFactorInPlane": 3,
    "PartialFourier": 0.75,
    "PatientPosition": "HFS",
    "PercentPhaseFOV": 93.75,
    "PhaseEncodingSteps": 181,
    "PhaseResolution": 1,
    "PixelBandwidth": 241,
    "ProcedureStepDescription": "Brain_-_UQ_fMRI",
    "ProtocolName": "mp2rage",
    "PulseSequenceDetails": "%CustomerSeq%_mp2rage_wip820B17",
    "ReceiveCoilName": "32Ch_Head",
    "ReconMatrixPE": 256,
    "RepetitionTime": 4,
    "SAR": 0.141367,
    "ScanOptions": "IR_PFP",
    "ScanningSequence": "GR_IR",
    "SequenceName": "tfl3d1_ns",
    "SequenceVariant": "SP_MP",
    "SeriesDescription": "mp2rage_UNI-DEN",
    "SeriesNumber": 7,
    "ShimSetting": [
      6819,
      -11271,
      -2615,
      -89,
      20,
      1,
      -123,
      4
    ],
    "SliceThickness": 1,
    "SoftwareVersions": "syngo_MR_B17",
    "StationName": "mrc_Trio",
    "TxRefAmp": 319.944,
    "dataset": "ds001748",
    "modality": "T1w",
    "subject_id": "adult10"
  },
  "cjv": 0.31111127329530025,
  "cnr": 4.002330468989099,
  "efc": 0.5324882769884298,
  "fber": 4510.4921875,
  "fwhm_avg": 3.8290773797789694,
  "fwhm_x": 3.9427921393369085,
  "fwhm_y": 4.16639,
  "fwhm_z": 3.37805,
  "icvs_csf": 0.26590100751689166,
  "icvs_gm": 0.36103227352322487,
  "icvs_wm": 0.37306671895988347,
  "inu_med": 0.832120954990387,
  "inu_range": 0.17686161398887634,
  "provenance": {
    "md5sum": "00f993d61bc08e6f5a2f22b8da09b32a",
    "settings": {
      "testing": false
    },
    "software": "mriqc",
    "version": "22.0.0rc1",
    "warnings": {
      "large_rot_frame": true,
      "small_air_mask": false
    },
    "webapi_port": null,
    "webapi_url": "https://mriqc.nimh.nih.gov/api/v1"
  },
  "qi_1": 2.376182235525825e-06,
  "qi_2": 0.0005932972813937784,
  "rpve_csf": 21.534566197738364,
  "rpve_gm": 14.306819740008335,
  "rpve_wm": 19.211898767201372,
  "size_x": 176,
  "size_y": 240,
  "size_z": 256,
  "snr_csf": 4.603638490976373,
  "snr_gm": 12.029392523344086,
  "snr_total": 16.241952822663624,
  "snr_wm": 32.09282745367041,
  "snrd_csf": 86.989260634727,
  "snrd_gm": 150.95598639386674,
  "snrd_total": 148.5122047427538,
  "snrd_wm": 207.59136719966764,
  "spacing_x": 1.000004529953003,
  "spacing_y": 1.0,
  "spacing_z": 1.0,
  "summary_bg_k": 39.28610497152093,
  "summary_bg_mad": 3.155966942366304,
  "summary_bg_mean": 10.974557876586914,
  "summary_bg_median": 10.050955772399902,
  "summary_bg_n": 2727279.0,
  "summary_bg_p05": 6.147839832305908,
  "summary_bg_p95": 18.456068229675296,
  "summary_bg_stdv": 4.6659932136535645,
  "summary_csf_k": 0.6767319360447477,
  "summary_csf_mad": 88.86469209826336,
  "summary_csf_mean": 413.1100158691406,
  "summary_csf_median": 419.0505065917969,
  "summary_csf_n": 10275.0,
  "summary_csf_p05": 254.51174621582032,
  "summary_csf_p95": 546.7963684082031,
  "summary_csf_stdv": 91.0215072631836,
  "summary_gm_k": 0.45884013094096465,
  "summary_gm_mad": 55.250007808139756,
  "summary_gm_mean": 726.2384033203125,
  "summary_gm_median": 727.1953125,
  "summary_gm_n": 10430.0,
  "summary_gm_p05": 622.6216461181641,
  "summary_gm_p95": 824.4226806640625,
  "summary_gm_stdv": 60.44864273071289,
  "summary_wm_k": 0.6187165508446091,
  "summary_wm_mad": 29.629783619028522,
  "summary_wm_mean": 1000.115478515625,
  "summary_wm_median": 1000.0230712890625,
  "summary_wm_n": 174830.0,
  "summary_wm_p05": 949.3378967285156,
  "summary_wm_p95": 1050.6757385253907,
  "summary_wm_stdv": 31.160240173339844,
  "tpm_overlap_csf": 0.13243363797664642,
  "tpm_overlap_gm": 0.38300320506095886,
  "tpm_overlap_wm": 0.5002962946891785,
  "wm2max": 0.7088961521726513
}