{
  "bids_meta": {
    "AcquisitionMatrixPE": 240,
    "AcquisitionNumber": 1,
    "AcquisitionTime": "15:00:49.677500",
    "BaseResolution": 256,
    "ConversionSoftware": "dcm2niix",
    "ConversionSoftwareVersion": "v1.0.20180622 (JP2:OpenJPEG) GCC6.1.0",
    "DeviceSerialNumber": "35410",
    "EchoTime": 0.00289,
    "ImageOrientationPatientDICOM": [
      -0.0104507,
      0.999945,
      -5.49544e-09,
      0.0470948,
      0.000492197,
      -0.99889
    ],
    "ImageType": [
      "ORIGINAL",
      "PRIMARY",
      "M",
      "ND",
      "UNI"
    ],
    "InPlanePhaseEncodingDirectionDICOM": "ROW",
    "InstitutionAddress": "Cooper_60_St._Lucia_QLD_AU_4072",
    "InstitutionName": "St_Lucia_Campus",
    "MRAcquisitionType": "3D",
    "MagneticFieldStrength": 3,
    "Manufacturer": "Siemens",
    "ManufacturersModelName": "TrioTim",
    "Modality": "MR",
    "ParallelReductionFactorInPlane": 3,
    "PartialFourier": 0.75,
    "PatientPosition": "HFS",
    "PercentPhaseFOV": 93.75,
    "PhaseEncodingSteps": 181,
    "PhaseResolution": 1,
    "PixelBandwidth": 241,
    "ProcedureStepDescription": "RESEARCH_3T_Research",
    "ProtocolName": "mp2rage_RPT",
    "PulseSequenceDetails": "%CustomerSeq%_mp2rage_wip820B17",
    "ReceiveCoilName": "32Ch_Head",
    "ReconMatrixPE": 256,
    "RepetitionTime": 4,
    "SAR": 0.138275,
    "ScanOptions": "IR_PFP",
    "ScanningSequence": "GR_IR",
    "SequenceName": "tfl3d1_ns",
    "SequenceVariant": "SP_MP",
    "SeriesDescription": "mp2rage_RPT_UNI-DEN",
    "SeriesNumber": 20,
    "ShimSetting": [
      6819,
      -11271,
      -2615,
      -89,
      20,
      1,
      -123,
      4
    ],
    "SliceThickness": 1,
    "SoftwareVersions": "syngo_MR_B17",
    "StationName": "mrc_Trio",
    "TxRefAmp": 323.343,
    "dataset": "ds001748",
    "modality": "T1w",
    "subject_id": "child04"
  },
  "cjv": 0.3238246094903088,
  "cnr": 4.211271812248863,
  "efc": 0.5294129945782811,
  "fber": 2111.152099609375,
  "fwhm_avg": 3.723497423510757,
  "fwhm_x": 3.884252270532271,
  "fwhm_y": 3.9694,
  "fwhm_z": 3.31684,
  "icvs_csf": 0.22869370379460152,
  "icvs_gm": 0.43239630124268363,
  "icvs_wm": 0.33890999496271484,
  "inu_med": 1.016495704650879,
  "inu_range": 0.20916836261749272,
  "provenance": {
    "md5sum": "c4792fea2959016a527a10c2edf28060",
    "settings": {
      "testing": false
    },
    "software": "mriqc",
    "version": "22.0.0rc1",
    "warnings": {
      "large_rot_frame": true,
      "small_air_mask": false
    },
    "webapi_port": null,
    "webapi_url": "https://mriqc.nimh.nih.gov/api/v1"
  },
  "qi_1": 0.0,
  "qi_2": 0.0008256470634908428,
  "rpve_csf": 20.639148229661377,
  "rpve_gm": 11.390842478263576,
  "rpve_wm": 18.300065950807856,
  "size_x": 176,
  "size_y": 240,
  "size_z": 256,
  "snr_csf": 2.799754611009384,
  "snr_gm": 10.775182990689519,
  "snr_total": 11.772596318566102,
  "snr_wm": 21.742851353999402,
  "snrd_csf": 51.997821825734036,
  "snrd_gm": 98.22945708748739,
  "snrd_total": 98.787558579802,
  "snrd_wm": 146.13539682618455,
  "spacing_x": 0.9999968409538269,
  "spacing_y": 1.0,
  "spacing_z": 1.0,
  "summary_bg_k": 78.6065609680301,
  "summary_bg_mad": 4.483173734863072,
  "summary_bg_mean": 15.654228210449219,
  "summary_bg_median": 14.301116943359375,
  "summary_bg_n": 2226322.0,
  "summary_bg_p05": 8.687510585784912,
  "summary_bg_p95": 26.152111434936515,
  "summary_bg_stdv": 7.273839950561523,
  "summary_csf_k": -0.4334502009087098,
  "summary_csf_mad": 127.21367710053151,
  "summary_csf_mean": 334.21380615234375,
  "summary_csf_median": 355.82708740234375,
  "summary_csf_n": 7711.0,
  "summary_csf_p05": 89.66597366333008,
  "summary_csf_p95": 509.20521545410156,
  "summary_csf_stdv": 127.08399963378906,
  "summary_gm_k": 0.09739866328750413,
  "summary_gm_mad": 61.366646868056,
  "summary_gm_mean": 670.3018798828125,
  "summary_gm_median": 672.1954956054688,
  "summary_gm_n": 23863.0,
  "summary_gm_p05": 564.4311340332031,
  "summary_gm_p95": 770.5402954101562,
  "summary_gm_stdv": 62.38236618041992,
  "summary_wm_k": 0.27599416442143676,
  "summary_wm_mad": 44.79143639664052,
  "summary_wm_mean": 1001.8077392578125,
  "summary_wm_median": 1000.0213623046875,
  "summary_wm_n": 172598.0,
  "summary_wm_p05": 929.8055755615235,
  "summary_wm_p95": 1080.4063110351562,
  "summary_wm_stdv": 45.992977142333984,
  "tpm_overlap_csf": 0.15424446761608124,
  "tpm_overlap_gm": 0.4403243660926819,
  "tpm_overlap_wm": 0.48585185408592224,
  "wm2max": 0.6707712972572211
}