{
  "aor": 0.0009346000000000001,
  "aqi": 0.0026074152666666667,
  "bids_meta": {
    "AcquisitionMatrixPE": 76,
    "AcquisitionNumber": 1,
    "AcquisitionTime": "16:56:59.797500",
    "BandwidthPerPixelPhaseEncode": 23.084,
    "BaseResolution": 76,
    "ConversionSoftware": "dcm2niix",
    "ConversionSoftwareVersion": "v1.0.20180622 (JP2:OpenJPEG) GCC6.1.0",
    "DerivedVendorReportedEchoSpacing": 0.000570001,
    "DeviceSerialNumber": "35410",
    "DwellTime": 3.3e-06,
    "EchoTime": 0.03,
    "EffectiveEchoSpacing": 0.000570001,
    "FlipAngle": 90,
    "ImageOrientationPatientDICOM": [
      0.999926,
      0.000403433,
      -0.0121657,
      6.62628e-08,
      0.99945,
      0.0331488
    ],
    "ImageType": [
      "ORIGINAL",
      "PRIMARY",
      "M",
      "ND",
      "MOSAIC"
    ],
    "InPlanePhaseEncodingDirectionDICOM": "COL",
    "InstitutionAddress": "Cooper_60_St._Lucia_QLD_AU_4072",
    "InstitutionName": "St_Lucia_Campus",
    "InstitutionalDepartmentName": "Gehrmann_Labs_MRI",
    "MRAcquisitionType": "2D",
    "MagneticFieldStrength": 3,
    "Manufacturer": "Siemens",
    "ManufacturersModelName": "TrioTim",
    "Modality": "MR",
    "PartialFourier": 1,
    "PatientPosition": "HFS",
    "PercentPhaseFOV": 100,
    "PhaseEncodingDirection": "j-",
    "PhaseEncodingSteps": 76,
    "PhaseResolution": 1,
    "PixelBandwidth": 1994,
    "ProcedureStepDescription": "RESEARCH_3T_Research",
    "ProtocolName": "AUTO",
    "PulseSequenceDetails": "%SiemensSeq%_ep2d_pace",
    "ReceiveCoilName": "32Ch_Head",
    "ReconMatrixPE": 76,
    "RepetitionTime": 3,
    "SAR": 0.204119,
    "ScanOptions": "FS",
    "ScanningSequence": "EP",
    "SequenceName": "_epfid2d1_76",
    "SequenceVariant": "SK",
    "SeriesDescription": "AUTO",
    "SeriesNumber": 7,
    "ShimSetting": [
      6739,
      -11439,
      -2102,
      1031,
      -150,
      194,
      314,
      7
    ],
    "SliceThickness": 2.5,
    "SliceTiming": [
      0,
      1.53,
      0.0675,
      1.595,
      0.1325,
      1.6625,
      0.2,
      1.7275,
      0.265,
      1.795,
      0.3325,
      1.86,
      0.3975,
      1.9275,
      0.465,
      1.995,
      0.5325,
      2.06,
      0.5975,
      2.1275,
      0.665,
      2.1925,
      0.73,
      2.26,
      0.7975,
      2.3275,
      0.865,
      2.3925,
      0.93,
      2.46,
      0.9975,
      2.525,
      1.0625,
      2.5925,
      1.13,
      2.66,
      1.1975,
      2.725,
      1.2625,
      2.7925,
      1.33,
      2.8575,
      1.395,
      2.925,
      1.4625
    ],
    "SoftwareVersions": "syngo_MR_B17",
    "SpacingBetweenSlices": 2.75,
    "StationName": "mrc_Trio",
    "TaskName": "autobio",
    "TotalReadoutTime": 0.04275,
    "TxRefAmp": 320.904,
    "dataset": "ds001748",
    "modality": "bold",
    "subject_id": "child03",
    "task_id": "autobio"
  },
  "dummy_trs": 0,
  "dvars_nstd": 23.505461187114097,
  "dvars_std": 1.1922886345637582,
  "dvars_vstd": 1.0091339827516774,
  "efc": 0.595057514443744,
  "fber": 339.46990966796875,
  "fd_mean": 0.07142571295607826,
  "fd_num": 1,
  "fd_perc": 0.6666666666666666,
  "fwhm_avg": 2.4328641212121216,
  "fwhm_x": 2.32742,
  "fwhm_y": 2.581096,
  "fwhm_z": 2.3900763636363638,
  "gcor": 0.024482,
  "gsr_x": -0.019463643431663513,
  "gsr_y": 0.05684997886419296,
  "provenance": {
    "md5sum": "f1bb83e0a2c46dedfd9864e63b886e00",
    "settings": {
      "fd_thres": 0.2,
      "testing": false
    },
    "software": "mriqc",
    "version": "22.0.0rc1",
    "webapi_port": null,
    "webapi_url": "https://mriqc.nimh.nih.gov/api/v1"
  },
  "size_t": 150,
  "size_x": 76,
  "size_y": 76,
  "size_z": 45,
  "snr": 3.646033220367112,
  "spacing_tr": 3.0,
  "spacing_x": 2.5,
  "spacing_y": 2.5,
  "spacing_z": 2.75,
  "summary_bg_k": 35.11464661717699,
  "summary_bg_mad": 5.90076180664949,
  "summary_bg_mean": 55.844242095947266,
  "summary_bg_median": 37.38666915893555,
  "summary_bg_n": 145646.0,
  "summary_bg_p05": 32.78000259399414,
  "summary_bg_p95": 140.94667053222656,
  "summary_bg_stdv": 52.838043212890625,
  "summary_fg_k": 0.5718651753730044,
  "summary_fg_mad": 194.38893214765702,
  "summary_fg_mean": 717.4188842773438,
  "summary_fg_median": 698.3600463867188,
  "summary_fg_n": 63623.0,
  "summary_fg_p05": 448.21668090820316,
  "summary_fg_p95": 1056.1060180664062,
  "summary_fg_stdv": 191.53817749023438,
  "tsnr": 76.0065166815184
}