{
  "bids_meta": {
    "AcquisitionMatrixPE": 240,
    "AcquisitionNumber": 1,
    "AcquisitionTime": "15:51:26.702500",
    "BaseResolution": 256,
    "ConversionSoftware": "dcm2niix",
    "ConversionSoftwareVersion": "v1.0.20180622 (JP2:OpenJPEG) GCC6.1.0",
    "DeviceSerialNumber": "35410",
    "DwellTime": 8.1e-06,
    "EchoTime": 0.00289,
    "ImageOrientationPatientDICOM": [
      0.0191973,
      0.999816,
      -3.03858e-08,
      0.00348898,
      -6.70216e-05,
      -0.999994
    ],
    "ImageType": [
      "ORIGINAL",
      "PRIMARY",
      "M",
      "ND",
      "UNI"
    ],
    "InPlanePhaseEncodingDirectionDICOM": "ROW",
    "InstitutionAddress": "Cooper_60_St._Lucia_QLD_AU_4072",
    "InstitutionName": "St_Lucia_Campus",
    "InstitutionalDepartmentName": "Gehrmann_Labs_MRI",
    "MRAcquisitionType": "3D",
    "MagneticFieldStrength": 3,
    "Manufacturer": "Siemens",
    "ManufacturersModelName": "TrioTim",
    "Modality": "MR",
    "ParallelReductionFactorInPlane": 3,
    "PartialFourier": 0.75,
    "PatientPosition": "HFS",
    "PercentPhaseFOV": 93.75,
    "PhaseEncodingSteps": 181,
    "PhaseResolution": 1,
    "PixelBandwidth": 241,
    "ProcedureStepDescription": "RESEARCH_3T_Research",
    "ProtocolName": "mp2rage",
    "PulseSequenceDetails": "%CustomerSeq%_mp2rage_wip820B17",
    "ReceiveCoilName": "32Ch_Head",
    "ReconMatrixPE": 256,
    "RepetitionTime": 4,
    "SAR": 0.165472,
    "ScanOptions": "IR_PFP",
    "ScanningSequence": "GR_IR",
    "SequenceName": "tfl3d1_ns",
    "SequenceVariant": "SP_MP",
    "SeriesDescription": "mp2rage_UNI-DEN",
    "SeriesNumber": 4,
    "ShimSetting": [
      6861,
      -11241,
      -2624,
      -31,
      -19,
      31,
      -77,
      20
    ],
    "SliceThickness": 1,
    "SoftwareVersions": "syngo_MR_B17",
    "StationName": "mrc_Trio",
    "TxRefAmp": 305.681,
    "dataset": "ds001748",
    "modality": "T1w",
    "subject_id": "child08"
  },
  "cjv": 0.2635784580972,
  "cnr": 5.087895379630219,
  "efc": 0.5094273296959712,
  "fber": 1912.62646484375,
  "fwhm_avg": 3.7438537962160177,
  "fwhm_x": 3.882941388648053,
  "fwhm_y": 4.09861,
  "fwhm_z": 3.25001,
  "icvs_csf": 0.15197481522518125,
  "icvs_gm": 0.5016327768889994,
  "icvs_wm": 0.3463924078858193,
  "inu_med": 1.0226906538009644,
  "inu_range": 0.2893412709236145,
  "provenance": {
    "md5sum": "5404f8783901a405f2e3fdad3e51e95c",
    "settings": {
      "testing": false
    },
    "software": "mriqc",
    "version": "22.0.0rc1",
    "warnings": {
      "large_rot_frame": true,
      "small_air_mask": false
    },
    "webapi_port": null,
    "webapi_url": "https://mriqc.nimh.nih.gov/api/v1"
  },
  "qi_1": 7.2790568874119785e-06,
  "qi_2": 0.002262113327308764,
  "rpve_csf": 29.375745875265284,
  "rpve_gm": 10.681039630441044,
  "rpve_wm": 17.35068980071705,
  "size_x": 176,
  "size_y": 240,
  "size_z": 256,
  "snr_csf": 1.67960612227651,
  "snr_gm": 9.164994451852246,
  "snr_total": 10.688682548181115,
  "snr_wm": 21.221447070414587,
  "snrd_csf": 37.15893347716601,
  "snrd_gm": 96.18930889506161,
  "snrd_total": 98.57996950665684,
  "snrd_wm": 162.3916661477429,
  "spacing_x": 0.9999996423721313,
  "spacing_y": 1.0,
  "spacing_z": 1.0,
  "summary_bg_k": 591.9970266952128,
  "summary_bg_mad": 4.034359580705194,
  "summary_bg_mean": 14.091838836669922,
  "summary_bg_median": 13.28116226196289,
  "summary_bg_n": 2935465.0,
  "summary_bg_p05": 8.1677677154541,
  "summary_bg_p95": 22.713183975219728,
  "summary_bg_stdv": 4.769548416137695,
  "summary_csf_k": -1.1515427046118236,
  "summary_csf_mad": 189.4690573083396,
  "summary_csf_mean": 218.20236206054688,
  "summary_csf_median": 228.82640075683594,
  "summary_csf_n": 4296.0,
  "summary_csf_p05": 32.66715049743652,
  "summary_csf_p95": 418.8931350708008,
  "summary_csf_stdv": 136.22227478027344,
  "summary_gm_k": -0.0590613544083789,
  "summary_gm_mad": 65.44009284376583,
  "summary_gm_mean": 593.7708740234375,
  "summary_gm_median": 592.338134765625,
  "summary_gm_n": 49060.0,
  "summary_gm_p05": 489.8648284912109,
  "summary_gm_p95": 701.7160430908201,
  "summary_gm_stdv": 64.62983703613281,
  "summary_wm_k": 1.07336731430666,
  "summary_wm_mad": 42.01481490783279,
  "summary_wm_mean": 997.300537109375,
  "summary_wm_median": 1000.0152587890625,
  "summary_wm_n": 168029.0,
  "summary_wm_p05": 914.2161865234375,
  "summary_wm_p95": 1069.24140625,
  "summary_wm_stdv": 47.122718811035156,
  "tpm_overlap_csf": 0.16623088717460632,
  "tpm_overlap_gm": 0.4744512438774109,
  "tpm_overlap_wm": 0.49478447437286377,
  "wm2max": 0.6979041148698922
}