{
  "aor": 0.007571133333333331,
  "aqi": 0.007709620466666666,
  "bids_meta": {
    "AcquisitionMatrixPE": 76,
    "AcquisitionNumber": 1,
    "AcquisitionTime": "13:14:51.352500",
    "BandwidthPerPixelPhaseEncode": 23.084,
    "BaseResolution": 76,
    "ConversionSoftware": "dcm2niix",
    "ConversionSoftwareVersion": "v1.0.20180622 (JP2:OpenJPEG) GCC6.1.0",
    "DerivedVendorReportedEchoSpacing": 0.000570001,
    "DeviceSerialNumber": "35410",
    "DwellTime": 3.3e-06,
    "EchoTime": 0.03,
    "EffectiveEchoSpacing": 0.000570001,
    "FlipAngle": 90,
    "ImageOrientationPatientDICOM": [
      0.999926,
      -0.000148738,
      -0.0121714,
      -4.91852e-08,
      0.999925,
      -0.0122234
    ],
    "ImageType": [
      "ORIGINAL",
      "PRIMARY",
      "M",
      "ND",
      "MOSAIC"
    ],
    "InPlanePhaseEncodingDirectionDICOM": "COL",
    "InstitutionAddress": "Cooper_60_St._Lucia_QLD_AU_4072",
    "InstitutionName": "St_Lucia_Campus",
    "InstitutionalDepartmentName": "Gehrmann_Labs_MRI",
    "MRAcquisitionType": "2D",
    "MagneticFieldStrength": 3,
    "Manufacturer": "Siemens",
    "ManufacturersModelName": "TrioTim",
    "Modality": "MR",
    "PartialFourier": 1,
    "PatientPosition": "HFS",
    "PercentPhaseFOV": 100,
    "PhaseEncodingDirection": "j-",
    "PhaseEncodingSteps": 76,
    "PhaseResolution": 1,
    "PixelBandwidth": 1994,
    "ProcedureStepDescription": "RESEARCH_3T_Research",
    "ProtocolName": "AUTO",
    "PulseSequenceDetails": "%SiemensSeq%_ep2d_pace",
    "ReceiveCoilName": "32Ch_Head",
    "ReconMatrixPE": 76,
    "RepetitionTime": 3,
    "SAR": 0.169365,
    "ScanOptions": "FS",
    "ScanningSequence": "EP",
    "SequenceName": "_epfid2d1_76",
    "SequenceVariant": "SK",
    "SeriesDescription": "AUTO",
    "SeriesNumber": 7,
    "ShimSetting": [
      6854,
      -11288,
      -2080,
      931,
      76,
      23,
      190,
      -110
    ],
    "SliceThickness": 2.5,
    "SliceTiming": [
      0,
      1.5275,
      0.065,
      1.595,
      0.1325,
      1.66,
      0.1975,
      1.7275,
      0.265,
      1.7925,
      0.33,
      1.86,
      0.3975,
      1.9275,
      0.465,
      1.9925,
      0.53,
      2.06,
      0.5975,
      2.125,
      0.6625,
      2.1925,
      0.73,
      2.26,
      0.7975,
      2.325,
      0.8625,
      2.3925,
      0.93,
      2.4575,
      0.995,
      2.525,
      1.0625,
      2.5925,
      1.13,
      2.6575,
      1.195,
      2.725,
      1.2625,
      2.79,
      1.3275,
      2.8575,
      1.395,
      2.925,
      1.4625
    ],
    "SoftwareVersions": "syngo_MR_B17",
    "SpacingBetweenSlices": 2.75,
    "StationName": "mrc_Trio",
    "TaskName": "autobio",
    "TotalReadoutTime": 0.04275,
    "TxRefAmp": 308.163,
    "dataset": "ds001748",
    "modality": "bold",
    "subject_id": "child18",
    "task_id": "autobio"
  },
  "dummy_trs": 0,
  "dvars_nstd": 36.47001578798658,
  "dvars_std": 1.1541264564429539,
  "dvars_vstd": 1.0063718737583893,
  "efc": 0.6165056716637821,
  "fber": 260.3845520019531,
  "fd_mean": 0.24227527421735406,
  "fd_num": 52,
  "fd_perc": 34.666666666666664,
  "fwhm_avg": 3.0529838787878787,
  "fwhm_x": 2.909772,
  "fwhm_y": 3.2998559999999997,
  "fwhm_z": 2.9493236363636366,
  "gcor": 0.0571595,
  "gsr_x": -0.025598926469683647,
  "gsr_y": 0.08150997757911682,
  "provenance": {
    "md5sum": "df7943e30ed84ac56e72b5ff4218209c",
    "settings": {
      "fd_thres": 0.2,
      "testing": false
    },
    "software": "mriqc",
    "version": "22.0.0rc1",
    "webapi_port": null,
    "webapi_url": "https://mriqc.nimh.nih.gov/api/v1"
  },
  "size_t": 150,
  "size_x": 76,
  "size_y": 76,
  "size_z": 45,
  "snr": 2.6756703104136017,
  "spacing_tr": 3.0,
  "spacing_x": 2.5,
  "spacing_y": 2.5,
  "spacing_z": 2.75,
  "summary_bg_k": 18.047082742152497,
  "summary_bg_mad": 10.358448932731058,
  "summary_bg_mean": 76.4485855102539,
  "summary_bg_median": 45.026668548583984,
  "summary_bg_n": 137059.0,
  "summary_bg_p05": 36.586666107177734,
  "summary_bg_p95": 236.34601135253854,
  "summary_bg_stdv": 79.04862213134766,
  "summary_fg_k": 1.449805493334333,
  "summary_fg_mad": 248.7065221543147,
  "summary_fg_mean": 797.9207763671875,
  "summary_fg_median": 746.82666015625,
  "summary_fg_n": 70000.0,
  "summary_fg_p05": 440.0530120849609,
  "summary_fg_p95": 1332.1164001464845,
  "summary_fg_stdv": 279.1156005859375,
  "tsnr": 39.60476743709296
}