{
  "bids_meta": {
    "AcquisitionMatrixPE": 240,
    "AcquisitionNumber": 1,
    "AcquisitionTime": "15:39:21.722500",
    "BaseResolution": 256,
    "ConversionSoftware": "dcm2niix",
    "ConversionSoftwareVersion": "v1.0.20180622 (JP2:OpenJPEG) GCC6.1.0",
    "DeviceSerialNumber": "35410",
    "DwellTime": 8.1e-06,
    "EchoTime": 0.00289,
    "ImageOrientationPatientDICOM": [
      -0.00349081,
      0.999994,
      -1.1126e-08,
      0.00348959,
      1.21704e-05,
      -0.999994
    ],
    "ImageType": [
      "ORIGINAL",
      "PRIMARY",
      "M",
      "ND",
      "UNI"
    ],
    "InPlanePhaseEncodingDirectionDICOM": "ROW",
    "InstitutionAddress": "Cooper_60_St._Lucia_QLD_AU_4072",
    "InstitutionName": "St_Lucia_Campus",
    "InstitutionalDepartmentName": "Gehrmann_Labs_MRI",
    "MRAcquisitionType": "3D",
    "MagneticFieldStrength": 3,
    "Manufacturer": "Siemens",
    "ManufacturersModelName": "TrioTim",
    "Modality": "MR",
    "ParallelReductionFactorInPlane": 3,
    "PartialFourier": 0.75,
    "PatientPosition": "HFS",
    "PercentPhaseFOV": 93.75,
    "PhaseEncodingSteps": 181,
    "PhaseResolution": 1,
    "PixelBandwidth": 241,
    "ProcedureStepDescription": "Brain_-_UQ_fMRI",
    "ProtocolName": "mp2rage",
    "PulseSequenceDetails": "%CustomerSeq%_mp2rage_wip820B17",
    "ReceiveCoilName": "32Ch_Head",
    "ReconMatrixPE": 256,
    "RepetitionTime": 4,
    "SAR": 0.104201,
    "ScanOptions": "IR_PFP",
    "ScanningSequence": "GR_IR",
    "SequenceName": "tfl3d1_ns",
    "SequenceVariant": "SP_MP",
    "SeriesDescription": "mp2rage_UNI-DEN",
    "SeriesNumber": 7,
    "ShimSetting": [
      6819,
      -11271,
      -2615,
      -89,
      20,
      1,
      -123,
      4
    ],
    "SliceThickness": 1,
    "SoftwareVersions": "syngo_MR_B17",
    "StationName": "mrc_Trio",
    "TxRefAmp": 312.48,
    "dataset": "ds001748",
    "modality": "T1w",
    "subject_id": "adult13"
  },
  "cjv": 0.28580972380821273,
  "cnr": 4.529815753761482,
  "efc": 0.48058313688900617,
  "fber": 4459.66796875,
  "fwhm_avg": 3.833460708899466,
  "fwhm_x": 3.945582126698397,
  "fwhm_y": 4.16251,
  "fwhm_z": 3.39229,
  "icvs_csf": 0.22092696494363784,
  "icvs_gm": 0.4125527881918178,
  "icvs_wm": 0.3665202468645444,
  "inu_med": 0.9159687161445618,
  "inu_range": 0.22588404417037966,
  "provenance": {
    "md5sum": "0fbff778ddddd78b3cdc2f8a6b04fb54",
    "settings": {
      "testing": false
    },
    "software": "mriqc",
    "version": "22.0.0rc1",
    "warnings": {
      "large_rot_frame": true,
      "small_air_mask": false
    },
    "webapi_port": null,
    "webapi_url": "https://mriqc.nimh.nih.gov/api/v1"
  },
  "qi_1": 0.0,
  "qi_2": 0.002051793952982342,
  "rpve_csf": 24.873043409599717,
  "rpve_gm": 13.644152132962569,
  "rpve_wm": 20.24559732026353,
  "size_x": 176,
  "size_y": 240,
  "size_z": 256,
  "snr_csf": 3.0205489150460125,
  "snr_gm": 9.64524171179605,
  "snr_total": 14.13789142527699,
  "snr_wm": 29.747883648988903,
  "snrd_csf": 78.78687686934755,
  "snrd_gm": 150.33605994147618,
  "snrd_total": 152.76735449544947,
  "snrd_wm": 229.17912667552469,
  "spacing_x": 1.000004529953003,
  "spacing_y": 1.0,
  "spacing_z": 1.0,
  "summary_bg_k": 20.210395765263666,
  "summary_bg_mad": 2.8586146897308318,
  "summary_bg_mean": 10.01535415649414,
  "summary_bg_median": 9.342890739440918,
  "summary_bg_n": 2905913.0,
  "summary_bg_p05": 5.777507591247558,
  "summary_bg_p95": 16.483052062988282,
  "summary_bg_stdv": 3.554616928100586,
  "summary_csf_k": 0.27117672923992453,
  "summary_csf_mad": 92.45165922102603,
  "summary_csf_mean": 328.6184387207031,
  "summary_csf_median": 343.77777099609375,
  "summary_csf_n": 9488.0,
  "summary_csf_p05": 85.10370445251465,
  "summary_csf_p95": 489.8716354370117,
  "summary_csf_stdv": 113.80701446533203,
  "summary_gm_k": -0.13099280849016726,
  "summary_gm_mad": 68.68156587044362,
  "summary_gm_mean": 651.8793334960938,
  "summary_gm_median": 655.9746704101562,
  "summary_gm_n": 24910.0,
  "summary_gm_p05": 532.9298553466797,
  "summary_gm_p95": 757.5242584228515,
  "summary_gm_stdv": 68.00881958007812,
  "summary_wm_k": 1.0710183406871723,
  "summary_wm_mad": 29.64353822945411,
  "summary_wm_mean": 999.426513671875,
  "summary_wm_median": 999.9976196289062,
  "summary_wm_n": 169928.0,
  "summary_wm_p05": 942.9673278808593,
  "summary_wm_p95": 1053.4085571289063,
  "summary_wm_stdv": 33.615657806396484,
  "tpm_overlap_csf": 0.1693553477525711,
  "tpm_overlap_gm": 0.4340924322605133,
  "tpm_overlap_wm": 0.5092362761497498,
  "wm2max": 0.7558878466656961
}