{
  "aor": 0.00407241610738255,
  "aqi": 0.007703102617449664,
  "bids_meta": {
    "AcquisitionMatrixPE": 76,
    "AcquisitionNumber": 1,
    "AcquisitionTime": "15:22:46.670000",
    "BandwidthPerPixelPhaseEncode": 23.084,
    "BaseResolution": 76,
    "ConversionSoftware": "dcm2niix",
    "ConversionSoftwareVersion": "v1.0.20180622 (JP2:OpenJPEG) GCC6.1.0",
    "DerivedVendorReportedEchoSpacing": 0.000570001,
    "DeviceSerialNumber": "35410",
    "DwellTime": 3.3e-06,
    "EchoTime": 0.03,
    "EffectiveEchoSpacing": 0.000570001,
    "FlipAngle": 90,
    "ImageOrientationPatientDICOM": [
      0.999926,
      -0.00335523,
      -0.0117008,
      1.87859e-09,
      0.96126,
      -0.275643
    ],
    "ImageType": [
      "ORIGINAL",
      "PRIMARY",
      "M",
      "ND",
      "MOSAIC"
    ],
    "InPlanePhaseEncodingDirectionDICOM": "COL",
    "InstitutionAddress": "Cooper_60_St._Lucia_QLD_AU_4072",
    "InstitutionName": "St_Lucia_Campus",
    "InstitutionalDepartmentName": "Gehrmann_Labs_MRI",
    "MRAcquisitionType": "2D",
    "MagneticFieldStrength": 3,
    "Manufacturer": "Siemens",
    "ManufacturersModelName": "TrioTim",
    "Modality": "MR",
    "PartialFourier": 1,
    "PatientPosition": "HFS",
    "PercentPhaseFOV": 100,
    "PhaseEncodingDirection": "j-",
    "PhaseEncodingSteps": 76,
    "PhaseResolution": 1,
    "PixelBandwidth": 1994,
    "ProcedureStepDescription": "Brain_-_UQ_fMRI",
    "ProtocolName": "SEM",
    "PulseSequenceDetails": "%SiemensSeq%_ep2d_pace",
    "ReceiveCoilName": "32Ch_Head",
    "ReconMatrixPE": 76,
    "RepetitionTime": 3,
    "SAR": 0.142526,
    "ScanOptions": "FS",
    "ScanningSequence": "EP",
    "SequenceName": "_epfid2d1_76",
    "SequenceVariant": "SK",
    "SeriesDescription": "SEM",
    "SeriesNumber": 3,
    "ShimSetting": [
      6814,
      -11260,
      -2296,
      306,
      -10,
      172,
      -225,
      -39
    ],
    "SliceThickness": 2.5,
    "SliceTiming": [
      0,
      1.53,
      0.0675,
      1.595,
      0.1325,
      1.6625,
      0.2,
      1.7275,
      0.265,
      1.795,
      0.3325,
      1.8625,
      0.4,
      1.9275,
      0.465,
      1.995,
      0.5325,
      2.06,
      0.5975,
      2.1275,
      0.665,
      2.195,
      0.7325,
      2.26,
      0.7975,
      2.3275,
      0.865,
      2.3925,
      0.93,
      2.46,
      0.9975,
      2.5275,
      1.065,
      2.5925,
      1.13,
      2.66,
      1.1975,
      2.725,
      1.2625,
      2.7925,
      1.33,
      2.8575,
      1.395,
      2.925,
      1.4625
    ],
    "SoftwareVersions": "syngo_MR_B17",
    "SpacingBetweenSlices": 2.75,
    "StationName": "mrc_Trio",
    "TaskName": "semantic",
    "TotalReadoutTime": 0.04275,
    "TxRefAmp": 312.48,
    "dataset": "ds001748",
    "modality": "bold",
    "subject_id": "adult13",
    "task_id": "semantic"
  },
  "dummy_trs": 1,
  "dvars_nstd": 29.2377742947973,
  "dvars_std": 1.0972805893243245,
  "dvars_vstd": 0.9456895297297307,
  "efc": 0.605770166746985,
  "fber": 247.45338439941406,
  "fd_mean": 0.09999414092972994,
  "fd_num": 11,
  "fd_perc": 7.382550335570469,
  "fwhm_avg": 2.5469391515151516,
  "fwhm_x": 2.381332,
  "fwhm_y": 2.61262,
  "fwhm_z": 2.6468654545454546,
  "gcor": 0.0180168,
  "gsr_x": -0.005099504254758358,
  "gsr_y": 0.05756891891360283,
  "provenance": {
    "md5sum": "28834098b25c5999ce0d81ecc8c444de",
    "settings": {
      "fd_thres": 0.2,
      "testing": false
    },
    "software": "mriqc",
    "version": "22.0.0rc1",
    "webapi_port": null,
    "webapi_url": "https://mriqc.nimh.nih.gov/api/v1"
  },
  "size_t": 149,
  "size_x": 76,
  "size_y": 76,
  "size_z": 45,
  "snr": 3.433482238781647,
  "spacing_tr": 3.0,
  "spacing_x": 2.5,
  "spacing_y": 2.5,
  "spacing_z": 2.75,
  "summary_bg_k": 33.118043290862445,
  "summary_bg_mad": 6.1990705759330815,
  "summary_bg_mean": 59.74775695800781,
  "summary_bg_median": 37.14094161987305,
  "summary_bg_n": 146324.0,
  "summary_bg_p05": 32.04698181152344,
  "summary_bg_p95": 166.91543807983413,
  "summary_bg_stdv": 66.79817962646484,
  "summary_fg_k": 0.8873477648046957,
  "summary_fg_mad": 159.1956800840519,
  "summary_fg_mean": 627.1354370117188,
  "summary_fg_median": 597.8187866210938,
  "summary_fg_n": 60713.0,
  "summary_fg_p05": 397.84698486328125,
  "summary_fg_p95": 955.5261840820312,
  "summary_fg_stdv": 174.1129913330078,
  "tsnr": 51.321618107613176
}