{
  "aor": 0.0011072666666666665,
  "aqi": 0.003461901,
  "bids_meta": {
    "AcquisitionMatrixPE": 76,
    "AcquisitionNumber": 1,
    "AcquisitionTime": "15:14:11.430000",
    "BandwidthPerPixelPhaseEncode": 23.084,
    "BaseResolution": 76,
    "ConversionSoftware": "dcm2niix",
    "ConversionSoftwareVersion": "v1.0.20180622 (JP2:OpenJPEG) GCC6.1.0",
    "DerivedVendorReportedEchoSpacing": 0.000570001,
    "DeviceSerialNumber": "35410",
    "DwellTime": 3.3e-06,
    "EchoTime": 0.03,
    "EffectiveEchoSpacing": 0.000570001,
    "FlipAngle": 90,
    "ImageOrientationPatientDICOM": [
      0.999926,
      -0.00335523,
      -0.0117008,
      1.87859e-09,
      0.96126,
      -0.275643
    ],
    "ImageType": [
      "ORIGINAL",
      "PRIMARY",
      "M",
      "ND",
      "MOSAIC"
    ],
    "InPlanePhaseEncodingDirectionDICOM": "COL",
    "InstitutionAddress": "Cooper_60_St._Lucia_QLD_AU_4072",
    "InstitutionName": "St_Lucia_Campus",
    "InstitutionalDepartmentName": "Gehrmann_Labs_MRI",
    "MRAcquisitionType": "2D",
    "MagneticFieldStrength": 3,
    "Manufacturer": "Siemens",
    "ManufacturersModelName": "TrioTim",
    "Modality": "MR",
    "PartialFourier": 1,
    "PatientPosition": "HFS",
    "PercentPhaseFOV": 100,
    "PhaseEncodingDirection": "j-",
    "PhaseEncodingSteps": 76,
    "PhaseResolution": 1,
    "PixelBandwidth": 1994,
    "ProcedureStepDescription": "Brain_-_UQ_fMRI",
    "ProtocolName": "AUTO",
    "PulseSequenceDetails": "%SiemensSeq%_ep2d_pace",
    "ReceiveCoilName": "32Ch_Head",
    "ReconMatrixPE": 76,
    "RepetitionTime": 3,
    "SAR": 0.142526,
    "ScanOptions": "FS",
    "ScanningSequence": "EP",
    "SequenceName": "_epfid2d1_76",
    "SequenceVariant": "SK",
    "SeriesDescription": "AUTO",
    "SeriesNumber": 2,
    "ShimSetting": [
      6814,
      -11260,
      -2296,
      306,
      -10,
      172,
      -225,
      -39
    ],
    "SliceThickness": 2.5,
    "SliceTiming": [
      0,
      1.5275,
      0.065,
      1.595,
      0.1325,
      1.66,
      0.1975,
      1.7275,
      0.265,
      1.7925,
      0.3325,
      1.86,
      0.3975,
      1.9275,
      0.465,
      1.9925,
      0.53,
      2.06,
      0.5975,
      2.125,
      0.6625,
      2.1925,
      0.73,
      2.26,
      0.7975,
      2.325,
      0.8625,
      2.3925,
      0.93,
      2.4575,
      0.995,
      2.525,
      1.0625,
      2.5925,
      1.13,
      2.6575,
      1.195,
      2.725,
      1.2625,
      2.79,
      1.3275,
      2.8575,
      1.395,
      2.925,
      1.4625
    ],
    "SoftwareVersions": "syngo_MR_B17",
    "SpacingBetweenSlices": 2.75,
    "StationName": "mrc_Trio",
    "TaskName": "autobio",
    "TotalReadoutTime": 0.04275,
    "TxRefAmp": 312.48,
    "dataset": "ds001748",
    "modality": "bold",
    "subject_id": "adult13",
    "task_id": "autobio"
  },
  "dummy_trs": 0,
  "dvars_nstd": 28.296988673020127,
  "dvars_std": 1.257543406577181,
  "dvars_vstd": 1.0049740646308718,
  "efc": 0.6051587921207925,
  "fber": 251.53172302246094,
  "fd_mean": 0.045636271805169604,
  "fd_num": 0,
  "fd_perc": 0.0,
  "fwhm_avg": 2.5246454545454546,
  "fwhm_x": 2.368672,
  "fwhm_y": 2.592628,
  "fwhm_z": 2.612636363636364,
  "gcor": 0.0186684,
  "gsr_x": -0.004930775612592697,
  "gsr_y": 0.057172052562236786,
  "provenance": {
    "md5sum": "cb546cb91a6c9a8d9a90d8fdde750ba4",
    "settings": {
      "fd_thres": 0.2,
      "testing": false
    },
    "software": "mriqc",
    "version": "22.0.0rc1",
    "webapi_port": null,
    "webapi_url": "https://mriqc.nimh.nih.gov/api/v1"
  },
  "size_t": 150,
  "size_x": 76,
  "size_y": 76,
  "size_z": 45,
  "snr": 3.4351016977342623,
  "spacing_tr": 3.0,
  "spacing_x": 2.5,
  "spacing_y": 2.5,
  "spacing_z": 2.75,
  "summary_bg_k": 34.39127838797021,
  "summary_bg_mad": 5.564701382517703,
  "summary_bg_mean": 59.431976318359375,
  "summary_bg_median": 36.9466667175293,
  "summary_bg_n": 146431.0,
  "summary_bg_p05": 32.7933349609375,
  "summary_bg_p95": 165.39334106445312,
  "summary_bg_stdv": 66.55716705322266,
  "summary_fg_k": 0.8415223346256635,
  "summary_fg_mad": 159.87395431066375,
  "summary_fg_mean": 627.2302856445312,
  "summary_fg_median": 598.453369140625,
  "summary_fg_n": 60597.0,
  "summary_fg_p05": 396.36533813476564,
  "summary_fg_p95": 955.4307006835936,
  "summary_fg_stdv": 174.21563720703125,
  "tsnr": 72.38951137801632
}