{
  "bids_meta": {
    "AcquisitionMatrixPE": 240,
    "AcquisitionNumber": 1,
    "AcquisitionTime": "14:08:0.207500",
    "BaseResolution": 256,
    "ConversionSoftware": "dcm2niix",
    "ConversionSoftwareVersion": "v1.0.20180622 (JP2:OpenJPEG) GCC6.1.0",
    "DeviceSerialNumber": "35410",
    "DwellTime": 8.1e-06,
    "EchoTime": 0.00289,
    "ImageOrientationPatientDICOM": [
      0.0192056,
      0.999816,
      -1.26495e-08,
      0.0296549,
      -0.000569659,
      -0.99956
    ],
    "ImageType": [
      "ORIGINAL",
      "PRIMARY",
      "M",
      "ND",
      "UNI"
    ],
    "InPlanePhaseEncodingDirectionDICOM": "ROW",
    "InstitutionAddress": "Cooper_60_St._Lucia_QLD_AU_4072",
    "InstitutionName": "St_Lucia_Campus",
    "InstitutionalDepartmentName": "Gehrmann_Labs_MRI",
    "MRAcquisitionType": "3D",
    "MagneticFieldStrength": 3,
    "Manufacturer": "Siemens",
    "ManufacturersModelName": "TrioTim",
    "Modality": "MR",
    "ParallelReductionFactorInPlane": 3,
    "PartialFourier": 0.75,
    "PatientPosition": "HFS",
    "PercentPhaseFOV": 93.75,
    "PhaseEncodingSteps": 181,
    "PhaseResolution": 1,
    "PixelBandwidth": 241,
    "ProcedureStepDescription": "Brain_-_UQ_fMRI",
    "ProtocolName": "mp2rage",
    "PulseSequenceDetails": "%CustomerSeq%_mp2rage_wip820B17",
    "ReceiveCoilName": "32Ch_Head",
    "ReconMatrixPE": 256,
    "RepetitionTime": 4,
    "SAR": 0.1212,
    "ScanOptions": "IR_PFP",
    "ScanningSequence": "GR_IR",
    "SequenceName": "tfl3d1_ns",
    "SequenceVariant": "SP_MP",
    "SeriesDescription": "mp2rage_UNI-DEN",
    "SeriesNumber": 7,
    "ShimSetting": [
      6819,
      -11271,
      -2615,
      -89,
      20,
      1,
      -123,
      4
    ],
    "SliceThickness": 1,
    "SoftwareVersions": "syngo_MR_B17",
    "StationName": "mrc_Trio",
    "TxRefAmp": 311.953,
    "dataset": "ds001748",
    "modality": "T1w",
    "subject_id": "adult05"
  },
  "cjv": 0.29927457275339336,
  "cnr": 4.0684390980660226,
  "efc": 0.5138939894614118,
  "fber": 4029.934814453125,
  "fwhm_avg": 3.6524416513236218,
  "fwhm_x": 3.7667547148376115,
  "fwhm_y": 4.011990239133253,
  "fwhm_z": 3.17858,
  "icvs_csf": 0.2543510898767501,
  "icvs_gm": 0.37734701908153434,
  "icvs_wm": 0.36830189104171557,
  "inu_med": 0.9337034225463867,
  "inu_range": 0.21337054073810569,
  "provenance": {
    "md5sum": "7119a07867d6b89fdeb016ee5c6d60da",
    "settings": {
      "testing": false
    },
    "software": "mriqc",
    "version": "22.0.0rc1",
    "warnings": {
      "large_rot_frame": true,
      "small_air_mask": false
    },
    "webapi_port": null,
    "webapi_url": "https://mriqc.nimh.nih.gov/api/v1"
  },
  "qi_1": 0.00011477006324168043,
  "qi_2": 0.0010706826001155377,
  "rpve_csf": 24.162638304591542,
  "rpve_gm": 15.307339950300923,
  "rpve_wm": 21.775238900873845,
  "size_x": 176,
  "size_y": 240,
  "size_z": 256,
  "snr_csf": 3.588601885860839,
  "snr_gm": 10.208451879770879,
  "snr_total": 15.14554422960257,
  "snr_wm": 31.639578923175996,
  "snrd_csf": 78.09609665939793,
  "snrd_gm": 146.7615595016141,
  "snrd_total": 145.40714818430325,
  "snrd_wm": 211.36378839189774,
  "spacing_x": 0.9999987483024597,
  "spacing_y": 0.9999999403953552,
  "spacing_z": 1.0,
  "summary_bg_k": 129.70246550127777,
  "summary_bg_mad": 3.0995904308331728,
  "summary_bg_mean": 10.67703914642334,
  "summary_bg_median": 9.853403091430664,
  "summary_bg_n": 2752591.0,
  "summary_bg_p05": 6.0291595458984375,
  "summary_bg_p95": 17.81995391845703,
  "summary_bg_stdv": 4.347705364227295,
  "summary_csf_k": 0.761928262172511,
  "summary_csf_mad": 97.58538658066104,
  "summary_csf_mean": 365.2248229980469,
  "summary_csf_median": 369.4893493652344,
  "summary_csf_n": 7021.0,
  "summary_csf_p05": 176.76319885253906,
  "summary_csf_p95": 513.0156860351562,
  "summary_csf_stdv": 102.95458984375,
  "summary_gm_k": 0.6492301844030419,
  "summary_gm_mad": 62.17549940285289,
  "summary_gm_mean": 688.7255859375,
  "summary_gm_median": 694.3603515625,
  "summary_gm_n": 13060.0,
  "summary_gm_p05": 568.9780395507812,
  "summary_gm_p95": 791.384356689453,
  "summary_gm_stdv": 68.01557922363281,
  "summary_wm_k": 0.7880212314339103,
  "summary_wm_mad": 29.296867752214425,
  "summary_wm_mean": 1000.2619018554688,
  "summary_wm_median": 1000.00732421875,
  "summary_wm_n": 162177.0,
  "summary_wm_p05": 949.2401123046875,
  "summary_wm_p95": 1052.4886230468749,
  "summary_wm_stdv": 31.606117248535156,
  "tpm_overlap_csf": 0.14015178382396698,
  "tpm_overlap_gm": 0.3996078372001648,
  "tpm_overlap_wm": 0.5031358003616333,
  "wm2max": 0.7563256907610413
}