{
  "aor": 0.0018746000000000004,
  "aqi": 0.0029811467999999995,
  "bids_meta": {
    "AcquisitionMatrixPE": 76,
    "AcquisitionNumber": 1,
    "AcquisitionTime": "17:02:59.165000",
    "BandwidthPerPixelPhaseEncode": 23.084,
    "BaseResolution": 76,
    "ConversionSoftware": "dcm2niix",
    "ConversionSoftwareVersion": "v1.0.20180622 (JP2:OpenJPEG) GCC6.1.0",
    "DerivedVendorReportedEchoSpacing": 0.000570001,
    "DeviceSerialNumber": "35410",
    "DwellTime": 3.3e-06,
    "EchoTime": 0.03,
    "EffectiveEchoSpacing": 0.000570001,
    "FlipAngle": 90,
    "ImageOrientationPatientDICOM": [
      0.999815,
      -0.0147536,
      0.0123154,
      0.0174519,
      0.965363,
      -0.260324
    ],
    "ImageType": [
      "ORIGINAL",
      "PRIMARY",
      "M",
      "ND",
      "MOSAIC"
    ],
    "InPlanePhaseEncodingDirectionDICOM": "COL",
    "InstitutionAddress": "Cooper_60_St._Lucia_QLD_AU_4072",
    "InstitutionName": "St_Lucia_Campus",
    "InstitutionalDepartmentName": "Gehrmann_Labs_MRI",
    "MRAcquisitionType": "2D",
    "MagneticFieldStrength": 3,
    "Manufacturer": "Siemens",
    "ManufacturersModelName": "TrioTim",
    "Modality": "MR",
    "PartialFourier": 1,
    "PatientPosition": "HFS",
    "PercentPhaseFOV": 100,
    "PhaseEncodingDirection": "j-",
    "PhaseEncodingSteps": 76,
    "PhaseResolution": 1,
    "PixelBandwidth": 1994,
    "ProcedureStepDescription": "Brain_-_UQ_fMRI",
    "ProtocolName": "EPI",
    "PulseSequenceDetails": "%SiemensSeq%_ep2d_pace",
    "ReceiveCoilName": "32Ch_Head",
    "ReconMatrixPE": 76,
    "RepetitionTime": 3,
    "SAR": 0.177783,
    "ScanOptions": "FS",
    "ScanningSequence": "EP",
    "SequenceName": "_epfid2d1_76",
    "SequenceVariant": "SK",
    "SeriesDescription": "EPI",
    "SeriesNumber": 4,
    "ShimSetting": [
      6813,
      -11371,
      -2095,
      582,
      -48,
      59,
      43,
      120
    ],
    "SliceThickness": 2.5,
    "SliceTiming": [
      0,
      1.5275,
      0.065,
      1.595,
      0.1325,
      1.66,
      0.1975,
      1.7275,
      0.265,
      1.7925,
      0.33,
      1.86,
      0.3975,
      1.9275,
      0.465,
      1.9925,
      0.53,
      2.06,
      0.5975,
      2.125,
      0.6625,
      2.1925,
      0.73,
      2.26,
      0.7975,
      2.325,
      0.8625,
      2.3925,
      0.93,
      2.4575,
      0.995,
      2.525,
      1.0625,
      2.5925,
      1.13,
      2.6575,
      1.195,
      2.725,
      1.2625,
      2.79,
      1.3275,
      2.8575,
      1.395,
      2.9225,
      1.4625
    ],
    "SoftwareVersions": "syngo_MR_B17",
    "SpacingBetweenSlices": 2.75,
    "StationName": "mrc_Trio",
    "TaskName": "episodic",
    "TotalReadoutTime": 0.04275,
    "TxRefAmp": 336.932,
    "dataset": "ds001748",
    "modality": "bold",
    "subject_id": "adult07",
    "task_id": "episodic"
  },
  "dummy_trs": 0,
  "dvars_nstd": 24.37612136724832,
  "dvars_std": 1.1712940731543635,
  "dvars_vstd": 1.013051530939597,
  "efc": 0.6633090532746123,
  "fber": 167.91552734375,
  "fd_mean": 0.04804046289148064,
  "fd_num": 1,
  "fd_perc": 0.6666666666666666,
  "fwhm_avg": 2.5607871515151515,
  "fwhm_x": 2.47438,
  "fwhm_y": 2.645196,
  "fwhm_z": 2.5627854545454545,
  "gcor": 0.0118586,
  "gsr_x": -0.00609511137008667,
  "gsr_y": 0.11033909767866135,
  "provenance": {
    "md5sum": "4debf2050b5b2bcbfa7b97b49a67b999",
    "settings": {
      "fd_thres": 0.2,
      "testing": false
    },
    "software": "mriqc",
    "version": "22.0.0rc1",
    "webapi_port": null,
    "webapi_url": "https://mriqc.nimh.nih.gov/api/v1"
  },
  "size_t": 150,
  "size_x": 76,
  "size_y": 76,
  "size_z": 45,
  "snr": 2.8945552234121625,
  "spacing_tr": 3.0,
  "spacing_x": 2.5,
  "spacing_y": 2.5,
  "spacing_z": 2.75,
  "summary_bg_k": 10.907904000386772,
  "summary_bg_mad": 17.376094155024187,
  "summary_bg_mean": 97.9937515258789,
  "summary_bg_median": 49.19333267211914,
  "summary_bg_n": 130256.0,
  "summary_bg_p05": 35.753334045410156,
  "summary_bg_p95": 357.41500091552734,
  "summary_bg_stdv": 114.58891296386719,
  "summary_fg_k": 0.8911637564583352,
  "summary_fg_mad": 213.09443315416462,
  "summary_fg_mean": 697.0669555664062,
  "summary_fg_median": 658.7567138671875,
  "summary_fg_n": 75218.0,
  "summary_fg_p05": 394.8000183105469,
  "summary_fg_p95": 1125.4740722656245,
  "summary_fg_stdv": 227.58326721191406,
  "tsnr": 62.93455742392689
}