{
  "aor": 0.0020168666666666667,
  "aqi": 0.007434454399999999,
  "bids_meta": {
    "AcquisitionMatrixPE": 76,
    "AcquisitionNumber": 1,
    "AcquisitionTime": "16:46:50.772500",
    "BandwidthPerPixelPhaseEncode": 23.084,
    "BaseResolution": 76,
    "ConversionSoftware": "dcm2niix",
    "ConversionSoftwareVersion": "v1.0.20180622 (JP2:OpenJPEG) GCC6.1.0",
    "DerivedVendorReportedEchoSpacing": 0.000570001,
    "DeviceSerialNumber": "35410",
    "DwellTime": 3.3e-06,
    "EchoTime": 0.03,
    "EffectiveEchoSpacing": 0.000570001,
    "FlipAngle": 90,
    "ImageOrientationPatientDICOM": [
      0.999815,
      -0.0147536,
      0.0123154,
      0.0174519,
      0.965363,
      -0.260324
    ],
    "ImageType": [
      "ORIGINAL",
      "PRIMARY",
      "M",
      "ND",
      "MOSAIC"
    ],
    "InPlanePhaseEncodingDirectionDICOM": "COL",
    "InstitutionAddress": "Cooper_60_St._Lucia_QLD_AU_4072",
    "InstitutionName": "St_Lucia_Campus",
    "InstitutionalDepartmentName": "Gehrmann_Labs_MRI",
    "MRAcquisitionType": "2D",
    "MagneticFieldStrength": 3,
    "Manufacturer": "Siemens",
    "ManufacturersModelName": "TrioTim",
    "Modality": "MR",
    "PartialFourier": 1,
    "PatientPosition": "HFS",
    "PercentPhaseFOV": 100,
    "PhaseEncodingDirection": "j-",
    "PhaseEncodingSteps": 76,
    "PhaseResolution": 1,
    "PixelBandwidth": 1994,
    "ProcedureStepDescription": "Brain_-_UQ_fMRI",
    "ProtocolName": "AUTO",
    "PulseSequenceDetails": "%SiemensSeq%_ep2d_pace",
    "ReceiveCoilName": "32Ch_Head",
    "ReconMatrixPE": 76,
    "RepetitionTime": 3,
    "SAR": 0.177783,
    "ScanOptions": "FS",
    "ScanningSequence": "EP",
    "SequenceName": "_epfid2d1_76",
    "SequenceVariant": "SK",
    "SeriesDescription": "AUTO",
    "SeriesNumber": 2,
    "ShimSetting": [
      6813,
      -11371,
      -2095,
      582,
      -48,
      59,
      43,
      120
    ],
    "SliceThickness": 2.5,
    "SliceTiming": [
      0,
      1.5275,
      0.065,
      1.595,
      0.1325,
      1.66,
      0.1975,
      1.7275,
      0.265,
      1.795,
      0.3325,
      1.86,
      0.3975,
      1.9275,
      0.465,
      1.9925,
      0.53,
      2.06,
      0.5975,
      2.1275,
      0.665,
      2.1925,
      0.73,
      2.26,
      0.7975,
      2.325,
      0.8625,
      2.3925,
      0.93,
      2.4575,
      0.995,
      2.525,
      1.0625,
      2.5925,
      1.13,
      2.6575,
      1.195,
      2.725,
      1.2625,
      2.79,
      1.3275,
      2.8575,
      1.395,
      2.925,
      1.4625
    ],
    "SoftwareVersions": "syngo_MR_B17",
    "SpacingBetweenSlices": 2.75,
    "StationName": "mrc_Trio",
    "TaskName": "autobio",
    "TotalReadoutTime": 0.04275,
    "TxRefAmp": 336.932,
    "dataset": "ds001748",
    "modality": "bold",
    "subject_id": "adult07",
    "task_id": "autobio"
  },
  "dummy_trs": 0,
  "dvars_nstd": 26.528932314832208,
  "dvars_std": 1.0556148936912748,
  "dvars_vstd": 0.9412511844966441,
  "efc": 0.6616284835960295,
  "fber": 166.95504760742188,
  "fd_mean": 0.09828418981921218,
  "fd_num": 10,
  "fd_perc": 6.666666666666667,
  "fwhm_avg": 2.599461090909091,
  "fwhm_x": 2.524428,
  "fwhm_y": 2.660788,
  "fwhm_z": 2.6131672727272726,
  "gcor": 0.0101292,
  "gsr_x": -0.006707360967993736,
  "gsr_y": 0.1083873063325882,
  "provenance": {
    "md5sum": "783590d8cd2f2e866ed3885a5248a88d",
    "settings": {
      "fd_thres": 0.2,
      "testing": false
    },
    "software": "mriqc",
    "version": "22.0.0rc1",
    "webapi_port": null,
    "webapi_url": "https://mriqc.nimh.nih.gov/api/v1"
  },
  "size_t": 150,
  "size_x": 76,
  "size_y": 76,
  "size_z": 45,
  "snr": 2.86196647854183,
  "spacing_tr": 3.0,
  "spacing_x": 2.5,
  "spacing_y": 2.5,
  "spacing_z": 2.75,
  "summary_bg_k": 9.272415177889371,
  "summary_bg_mad": 18.84387283984333,
  "summary_bg_mean": 97.33354187011719,
  "summary_bg_median": 49.6966667175293,
  "summary_bg_n": 130344.0,
  "summary_bg_p05": 34.34000015258789,
  "summary_bg_p95": 353.8246643066405,
  "summary_bg_stdv": 111.8650894165039,
  "summary_fg_k": 0.972213322488463,
  "summary_fg_mad": 215.91634531743293,
  "summary_fg_mean": 703.056640625,
  "summary_fg_median": 664.1600341796875,
  "summary_fg_n": 75230.0,
  "summary_fg_p05": 395.3466796875,
  "summary_fg_p95": 1137.306640625,
  "summary_fg_stdv": 232.06268310546875,
  "tsnr": 47.096376875648275
}