{
  "aor": 0.0086092,
  "aqi": 0.006456936666666667,
  "bids_meta": {
    "AcquisitionMatrixPE": 76,
    "AcquisitionNumber": 1,
    "AcquisitionTime": "16:54:56.137500",
    "BandwidthPerPixelPhaseEncode": 23.084,
    "BaseResolution": 76,
    "ConversionSoftware": "dcm2niix",
    "ConversionSoftwareVersion": "v1.0.20180622 (JP2:OpenJPEG) GCC6.1.0",
    "DerivedVendorReportedEchoSpacing": 0.000570001,
    "DeviceSerialNumber": "35410",
    "DwellTime": 3.3e-06,
    "EchoTime": 0.03,
    "EffectiveEchoSpacing": 0.000570001,
    "FlipAngle": 90,
    "ImageOrientationPatientDICOM": [
      0.999815,
      -0.0147536,
      0.0123154,
      0.0174519,
      0.965363,
      -0.260324
    ],
    "ImageType": [
      "ORIGINAL",
      "PRIMARY",
      "M",
      "ND",
      "MOSAIC"
    ],
    "InPlanePhaseEncodingDirectionDICOM": "COL",
    "InstitutionAddress": "Cooper_60_St._Lucia_QLD_AU_4072",
    "InstitutionName": "St_Lucia_Campus",
    "InstitutionalDepartmentName": "Gehrmann_Labs_MRI",
    "MRAcquisitionType": "2D",
    "MagneticFieldStrength": 3,
    "Manufacturer": "Siemens",
    "ManufacturersModelName": "TrioTim",
    "Modality": "MR",
    "PartialFourier": 1,
    "PatientPosition": "HFS",
    "PercentPhaseFOV": 100,
    "PhaseEncodingDirection": "j-",
    "PhaseEncodingSteps": 76,
    "PhaseResolution": 1,
    "PixelBandwidth": 1994,
    "ProcedureStepDescription": "Brain_-_UQ_fMRI",
    "ProtocolName": "SEM",
    "PulseSequenceDetails": "%SiemensSeq%_ep2d_pace",
    "ReceiveCoilName": "32Ch_Head",
    "ReconMatrixPE": 76,
    "RepetitionTime": 3,
    "SAR": 0.177783,
    "ScanOptions": "FS",
    "ScanningSequence": "EP",
    "SequenceName": "_epfid2d1_76",
    "SequenceVariant": "SK",
    "SeriesDescription": "SEM",
    "SeriesNumber": 3,
    "ShimSetting": [
      6813,
      -11371,
      -2095,
      582,
      -48,
      59,
      43,
      120
    ],
    "SliceThickness": 2.5,
    "SliceTiming": [
      0,
      1.53,
      0.0675,
      1.595,
      0.1325,
      1.6625,
      0.2,
      1.7275,
      0.265,
      1.795,
      0.3325,
      1.8625,
      0.4,
      1.9275,
      0.465,
      1.995,
      0.5325,
      2.06,
      0.5975,
      2.1275,
      0.665,
      2.195,
      0.7325,
      2.26,
      0.7975,
      2.3275,
      0.865,
      2.3925,
      0.93,
      2.46,
      0.9975,
      2.5275,
      1.065,
      2.5925,
      1.13,
      2.66,
      1.1975,
      2.725,
      1.2625,
      2.7925,
      1.33,
      2.86,
      1.3975,
      2.925,
      1.4625
    ],
    "SoftwareVersions": "syngo_MR_B17",
    "SpacingBetweenSlices": 2.75,
    "StationName": "mrc_Trio",
    "TaskName": "semantic",
    "TotalReadoutTime": 0.04275,
    "TxRefAmp": 336.932,
    "dataset": "ds001748",
    "modality": "bold",
    "subject_id": "adult07",
    "task_id": "semantic"
  },
  "dummy_trs": 0,
  "dvars_nstd": 27.501892538255035,
  "dvars_std": 1.212362512751678,
  "dvars_vstd": 1.060132959395973,
  "efc": 0.6630992701229435,
  "fber": 166.44090270996094,
  "fd_mean": 0.09354574802728305,
  "fd_num": 12,
  "fd_perc": 8.0,
  "fwhm_avg": 2.5703888484848485,
  "fwhm_x": 2.4863399999999998,
  "fwhm_y": 2.662172,
  "fwhm_z": 2.5626545454545453,
  "gcor": 0.00324679,
  "gsr_x": -0.007516826502978802,
  "gsr_y": 0.1096351221203804,
  "provenance": {
    "md5sum": "b9b8dadcf6e81ec7247a82525100d90c",
    "settings": {
      "fd_thres": 0.2,
      "testing": false
    },
    "software": "mriqc",
    "version": "22.0.0rc1",
    "webapi_port": null,
    "webapi_url": "https://mriqc.nimh.nih.gov/api/v1"
  },
  "size_t": 150,
  "size_x": 76,
  "size_y": 76,
  "size_z": 45,
  "snr": 2.9001643986519676,
  "spacing_tr": 3.0,
  "spacing_x": 2.5,
  "spacing_y": 2.5,
  "spacing_z": 2.75,
  "summary_bg_k": 12.28754963860801,
  "summary_bg_mad": 18.51276113451187,
  "summary_bg_mean": 98.166259765625,
  "summary_bg_median": 49.74666976928711,
  "summary_bg_n": 130276.0,
  "summary_bg_p05": 34.926666259765625,
  "summary_bg_p95": 357.03668212890625,
  "summary_bg_stdv": 115.00508880615234,
  "summary_fg_k": 0.9028698784039118,
  "summary_fg_mad": 213.12895541651568,
  "summary_fg_mean": 698.7717895507812,
  "summary_fg_median": 661.1333618164062,
  "summary_fg_n": 75347.0,
  "summary_fg_p05": 394.95534362792966,
  "summary_fg_p95": 1124.0700073242183,
  "summary_fg_stdv": 227.96258544921875,
  "tsnr": 50.09567298134789
}