{
  "aor": 0.007936933333333333,
  "aqi": 0.007914141333333333,
  "bids_meta": {
    "AcquisitionMatrixPE": 76,
    "AcquisitionNumber": 1,
    "AcquisitionTime": "14:31:10.115000",
    "BandwidthPerPixelPhaseEncode": 23.084,
    "BaseResolution": 76,
    "ConversionSoftware": "dcm2niix",
    "ConversionSoftwareVersion": "v1.0.20180622 (JP2:OpenJPEG) GCC6.1.0",
    "DerivedVendorReportedEchoSpacing": 0.000570001,
    "DeviceSerialNumber": "35410",
    "DwellTime": 3.3e-06,
    "EchoTime": 0.03,
    "EffectiveEchoSpacing": 0.000570001,
    "FlipAngle": 90,
    "ImageOrientationPatientDICOM": [
      0.999708,
      -0.0206501,
      0.0125883,
      0.0226865,
      0.981077,
      -0.192285
    ],
    "ImageType": [
      "ORIGINAL",
      "PRIMARY",
      "M",
      "ND",
      "MOSAIC"
    ],
    "InPlanePhaseEncodingDirectionDICOM": "COL",
    "InstitutionAddress": "Cooper_60_St._Lucia_QLD_AU_4072",
    "InstitutionName": "St_Lucia_Campus",
    "InstitutionalDepartmentName": "Gehrmann_Labs_MRI",
    "MRAcquisitionType": "2D",
    "MagneticFieldStrength": 3,
    "Manufacturer": "Siemens",
    "ManufacturersModelName": "TrioTim",
    "Modality": "MR",
    "PartialFourier": 1,
    "PatientPosition": "HFS",
    "PercentPhaseFOV": 100,
    "PhaseEncodingDirection": "j-",
    "PhaseEncodingSteps": 76,
    "PhaseResolution": 1,
    "PixelBandwidth": 1994,
    "ProcedureStepDescription": "RESEARCH_3T_Research",
    "ProtocolName": "SEM",
    "PulseSequenceDetails": "%SiemensSeq%_ep2d_pace",
    "ReceiveCoilName": "32Ch_Head",
    "ReconMatrixPE": 76,
    "RepetitionTime": 3,
    "SAR": 0.23844,
    "ScanOptions": "FS",
    "ScanningSequence": "EP",
    "SequenceName": "_epfid2d1_76",
    "SequenceVariant": "SK",
    "SeriesDescription": "SEM",
    "SeriesNumber": 8,
    "ShimSetting": [
      6821,
      -11209,
      -2134,
      498,
      -102,
      287,
      -2,
      76
    ],
    "SliceThickness": 2.5,
    "SliceTiming": [
      0,
      1.53,
      0.0675,
      1.5975,
      0.135,
      1.6625,
      0.2,
      1.73,
      0.2675,
      1.795,
      0.3325,
      1.8625,
      0.4,
      1.93,
      0.4675,
      1.995,
      0.5325,
      2.0625,
      0.6,
      2.1275,
      0.665,
      2.195,
      0.7325,
      2.2625,
      0.8,
      2.3275,
      0.865,
      2.395,
      0.9325,
      2.46,
      0.9975,
      2.5275,
      1.065,
      2.595,
      1.1325,
      2.66,
      1.1975,
      2.7275,
      1.265,
      2.7925,
      1.33,
      2.86,
      1.3975,
      2.925,
      1.4625
    ],
    "SoftwareVersions": "syngo_MR_B17",
    "SpacingBetweenSlices": 2.75,
    "StationName": "mrc_Trio",
    "TaskName": "semantic",
    "TotalReadoutTime": 0.04275,
    "TxRefAmp": 301.251,
    "dataset": "ds001748",
    "modality": "bold",
    "subject_id": "child21",
    "task_id": "semantic"
  },
  "dummy_trs": 0,
  "dvars_nstd": 42.03113872087251,
  "dvars_std": 1.3104131753691268,
  "dvars_vstd": 1.0636509841610744,
  "efc": 0.5973352862873391,
  "fber": 263.8421630859375,
  "fd_mean": 0.3416474256186796,
  "fd_num": 79,
  "fd_perc": 52.666666666666664,
  "fwhm_avg": 2.746494060606061,
  "fwhm_x": 2.583908,
  "fwhm_y": 2.8391960000000003,
  "fwhm_z": 2.816378181818182,
  "gcor": 0.0230035,
  "gsr_x": -0.0211622454226017,
  "gsr_y": 0.06431914120912552,
  "provenance": {
    "md5sum": "b38f6504909f0a67697142f5c94c292c",
    "settings": {
      "fd_thres": 0.2,
      "testing": false
    },
    "software": "mriqc",
    "version": "22.0.0rc1",
    "webapi_port": null,
    "webapi_url": "https://mriqc.nimh.nih.gov/api/v1"
  },
  "size_t": 150,
  "size_x": 76,
  "size_y": 76,
  "size_z": 45,
  "snr": 3.098388970074439,
  "spacing_tr": 3.0,
  "spacing_x": 2.5,
  "spacing_y": 2.5,
  "spacing_z": 2.75,
  "summary_bg_k": 39.18739791092227,
  "summary_bg_mad": 4.428040058708651,
  "summary_bg_mean": 55.68184280395508,
  "summary_bg_median": 38.61333465576172,
  "summary_bg_n": 144591.0,
  "summary_bg_p05": 35.09000015258789,
  "summary_bg_p95": 132.04334259033203,
  "summary_bg_stdv": 51.84886932373047,
  "summary_fg_k": 2.8341628733398982,
  "summary_fg_mad": 172.94553973959265,
  "summary_fg_mean": 674.2376098632812,
  "summary_fg_median": 635.163330078125,
  "summary_fg_n": 64316.0,
  "summary_fg_p05": 425.46669006347656,
  "summary_fg_p95": 1058.9884033203125,
  "summary_fg_stdv": 204.996337890625,
  "tsnr": 47.1765640983358
}