{
  "bids_meta": {
    "AcquisitionMatrixPE": 240,
    "AcquisitionNumber": 1,
    "AcquisitionTime": "09:13:11.842500",
    "BaseResolution": 256,
    "BodyPartExamined": "BRAIN",
    "ConsistencyInfo": "N4_VE11C_LATEST_20160120",
    "ConversionSoftware": "dcm2niix",
    "ConversionSoftwareVersion": "v1.0.20180622 (JP2:OpenJPEG) GCC6.1.0",
    "DeviceSerialNumber": "167001",
    "DwellTime": 8.1e-06,
    "EchoTime": 0.00291,
    "ImageComments": "DENOISED_IMAGE_(lambda_=_1)",
    "ImageOrientationPatientDICOM": [
      -0.00872653,
      0.999962,
      -1.05004e-08,
      0.0279205,
      0.000243648,
      -0.99961
    ],
    "ImageType": [
      "DERIVED",
      "PRIMARY",
      "M",
      "UNI",
      "DIS3D",
      "DIS2D"
    ],
    "InPlanePhaseEncodingDirectionDICOM": "ROW",
    "InstitutionAddress": "Cooper_60_St._Lucia_QLD_AU_4072",
    "InstitutionName": "St_Lucia_Campus",
    "InstitutionalDepartmentName": "Gehrmann_Labs_MRI",
    "MRAcquisitionType": "3D",
    "MagneticFieldStrength": 3,
    "Manufacturer": "Siemens",
    "ManufacturersModelName": "Prisma_fit",
    "Modality": "MR",
    "ParallelReductionFactorInPlane": 3,
    "PartialFourier": 0.75,
    "PatientPosition": "HFS",
    "PercentPhaseFOV": 93.75,
    "PhaseEncodingSteps": 181,
    "PhaseResolution": 1,
    "PixelBandwidth": 240,
    "ProcedureStepDescription": "Research_16004_CMN",
    "ProtocolName": "MP2RAGE_wip900C_VE11C",
    "PulseSequenceDetails": "%CustomerSeq%_tfl_wip900C_VE11C",
    "RawImage": true,
    "ReceiveCoilActiveElements": "HC1-7;NC1",
    "ReceiveCoilName": "HeadNeck_64",
    "ReconMatrixPE": 256,
    "RepetitionTime": 4,
    "SAR": 0.0699654,
    "ScanOptions": "IR_PFP",
    "ScanningSequence": "GR_IR",
    "SequenceName": "tfl3d1_16ns",
    "SequenceVariant": "SK_SP_MP",
    "SeriesDescription": "MP2RAGE_wip900C_VE11C_UNI-DEN",
    "SeriesNumber": 5,
    "ShimSetting": [
      3051,
      -4142,
      -908,
      112,
      -92,
      -256,
      5,
      -30
    ],
    "SliceThickness": 1,
    "SoftwareVersions": "syngo_MR_E11",
    "StationName": "mrc_Trio",
    "TxRefAmp": 215.269,
    "dataset": "ds001748",
    "modality": "T1w",
    "subject_id": "teen07"
  },
  "cjv": 0.25839236438860225,
  "cnr": 5.048202511244211,
  "efc": 0.5026485906134265,
  "fber": 706046.25,
  "fwhm_avg": 3.8576658790597502,
  "fwhm_x": 3.9971976371792506,
  "fwhm_y": 4.10631,
  "fwhm_z": 3.46949,
  "icvs_csf": 0.19838645532021854,
  "icvs_gm": 0.45283391862567884,
  "icvs_wm": 0.3487796260541026,
  "inu_med": 0.8150661587715149,
  "inu_range": 0.18217955827713006,
  "provenance": {
    "md5sum": "c7102ee3bd62d01738e0364afc8488d6",
    "settings": {
      "testing": false
    },
    "software": "mriqc",
    "version": "22.0.0rc1",
    "warnings": {
      "large_rot_frame": true,
      "small_air_mask": false
    },
    "webapi_port": null,
    "webapi_url": "https://mriqc.nimh.nih.gov/api/v1"
  },
  "qi_1": 0.011971007598456053,
  "qi_2": 0.0006738327837413888,
  "rpve_csf": 25.353077673489103,
  "rpve_gm": 12.265712216409717,
  "rpve_wm": 19.761879445996833,
  "size_x": 176,
  "size_y": 240,
  "size_z": 256,
  "snr_csf": 1.6963632722394628,
  "snr_gm": 9.822998993163855,
  "snr_total": 13.901113334337673,
  "snr_wm": 30.183977737609702,
  "snrd_csf": 88.64164614184178,
  "snrd_gm": 236.0247757405315,
  "snrd_total": 232.6560474397434,
  "snrd_wm": 373.30172043685695,
  "spacing_x": 0.999993085861206,
  "spacing_y": 1.0,
  "spacing_z": 1.0,
  "summary_bg_k": 2460.2256055371654,
  "summary_bg_mad": 0.7549793680168994,
  "summary_bg_mean": 1.7164607048034668,
  "summary_bg_median": 0.5092258453369141,
  "summary_bg_n": 2894539.0,
  "summary_bg_p05": 0.0,
  "summary_bg_p95": 6.489449930191054,
  "summary_bg_stdv": 8.12376594543457,
  "summary_csf_k": -1.166923495885316,
  "summary_csf_mad": 189.17928295810708,
  "summary_csf_mean": 232.45120239257812,
  "summary_csf_median": 237.4532470703125,
  "summary_csf_n": 5297.0,
  "summary_csf_p05": 38.820004272460935,
  "summary_csf_p95": 460.9416625976562,
  "summary_csf_stdv": 139.96461486816406,
  "summary_gm_k": -0.22439654814299148,
  "summary_gm_mad": 66.45413339922077,
  "summary_gm_mean": 627.6121826171875,
  "summary_gm_median": 632.26318359375,
  "summary_gm_n": 41607.0,
  "summary_gm_p05": 516.5476440429687,
  "summary_gm_p95": 726.4099609374999,
  "summary_gm_stdv": 64.36482238769531,
  "summary_wm_k": 1.56436446729795,
  "summary_wm_mad": 28.566425545929196,
  "summary_wm_mean": 998.1516723632812,
  "summary_wm_median": 1000.0006713867188,
  "summary_wm_n": 158537.0,
  "summary_wm_p05": 940.2000244140625,
  "summary_wm_p95": 1048.81884765625,
  "summary_wm_stdv": 33.13007736206055,
  "tpm_overlap_csf": 0.17447566986083984,
  "tpm_overlap_gm": 0.4440852403640747,
  "tpm_overlap_wm": 0.5132168531417847,
  "wm2max": 0.9186282695471732
}