{
  "aor": 0.0010108,
  "aqi": 0.0028178892666666667,
  "bids_meta": {
    "AcquisitionMatrixPE": 76,
    "AcquisitionNumber": 1,
    "AcquisitionTime": "09:08:1.412500",
    "BandwidthPerPixelPhaseEncode": 23.084,
    "BaseResolution": 76,
    "ConversionSoftware": "dcm2niix",
    "ConversionSoftwareVersion": "v1.0.20180622 (JP2:OpenJPEG) GCC6.1.0",
    "DerivedVendorReportedEchoSpacing": 0.000570001,
    "DeviceSerialNumber": "35410",
    "DwellTime": 3.3e-06,
    "EchoTime": 0.03,
    "EffectiveEchoSpacing": 0.000570001,
    "FlipAngle": 90,
    "ImageOrientationPatientDICOM": [
      0.999988,
      0.000816592,
      0.00477763,
      2.51419e-08,
      0.985705,
      -0.168482
    ],
    "ImageType": [
      "ORIGINAL",
      "PRIMARY",
      "M",
      "ND",
      "MOSAIC"
    ],
    "InPlanePhaseEncodingDirectionDICOM": "COL",
    "InstitutionAddress": "Cooper_60_St._Lucia_QLD_AU_4072",
    "InstitutionName": "St_Lucia_Campus",
    "InstitutionalDepartmentName": "Gehrmann_Labs_MRI",
    "MRAcquisitionType": "2D",
    "MagneticFieldStrength": 3,
    "Manufacturer": "Siemens",
    "ManufacturersModelName": "TrioTim",
    "Modality": "MR",
    "PartialFourier": 1,
    "PatientPosition": "HFS",
    "PercentPhaseFOV": 100,
    "PhaseEncodingDirection": "j-",
    "PhaseEncodingSteps": 76,
    "PhaseResolution": 1,
    "PixelBandwidth": 1994,
    "ProcedureStepDescription": "Brain_-_UQ_fMRI",
    "ProtocolName": "SEM",
    "PulseSequenceDetails": "%SiemensSeq%_ep2d_pace",
    "ReceiveCoilName": "32Ch_Head",
    "ReconMatrixPE": 76,
    "RepetitionTime": 3,
    "SAR": 0.158056,
    "ScanOptions": "FS",
    "ScanningSequence": "EP",
    "SequenceName": "_epfid2d1_76",
    "SequenceVariant": "SK",
    "SeriesDescription": "SEM",
    "SeriesNumber": 3,
    "ShimSetting": [
      6789,
      -11289,
      -2101,
      1029,
      -146,
      483,
      0,
      -71
    ],
    "SliceThickness": 2.5,
    "SliceTiming": [
      0,
      1.5275,
      0.065,
      1.595,
      0.1325,
      1.6625,
      0.2,
      1.7275,
      0.265,
      1.795,
      0.3325,
      1.86,
      0.3975,
      1.9275,
      0.465,
      1.995,
      0.5325,
      2.06,
      0.5975,
      2.1275,
      0.665,
      2.1925,
      0.73,
      2.26,
      0.7975,
      2.325,
      0.8625,
      2.3925,
      0.93,
      2.46,
      0.9975,
      2.525,
      1.0625,
      2.5925,
      1.13,
      2.6575,
      1.195,
      2.725,
      1.2625,
      2.7925,
      1.33,
      2.8575,
      1.395,
      2.925,
      1.4625
    ],
    "SoftwareVersions": "syngo_MR_B17",
    "SpacingBetweenSlices": 2.75,
    "StationName": "mrc_Trio",
    "TaskName": "semantic",
    "TotalReadoutTime": 0.04275,
    "TxRefAmp": 313.38,
    "dataset": "ds001748",
    "modality": "bold",
    "subject_id": "adult14",
    "task_id": "semantic"
  },
  "dummy_trs": 0,
  "dvars_nstd": 23.189948421409408,
  "dvars_std": 1.1271781822147657,
  "dvars_vstd": 1.0055210471812082,
  "efc": 0.6448578914972446,
  "fber": 219.82728576660156,
  "fd_mean": 0.07096627397215033,
  "fd_num": 2,
  "fd_perc": 1.3333333333333333,
  "fwhm_avg": 2.4879840000000004,
  "fwhm_x": 2.421144,
  "fwhm_y": 2.5848880000000003,
  "fwhm_z": 2.45792,
  "gcor": 0.0160441,
  "gsr_x": -0.026754185557365417,
  "gsr_y": 0.1150079295039177,
  "provenance": {
    "md5sum": "4bafe62ed21aa238598d67bc5d2a96b1",
    "settings": {
      "fd_thres": 0.2,
      "testing": false
    },
    "software": "mriqc",
    "version": "22.0.0rc1",
    "webapi_port": null,
    "webapi_url": "https://mriqc.nimh.nih.gov/api/v1"
  },
  "size_t": 150,
  "size_x": 76,
  "size_y": 76,
  "size_z": 45,
  "snr": 2.92813988229422,
  "spacing_tr": 3.0,
  "spacing_x": 2.5,
  "spacing_y": 2.5,
  "spacing_z": 2.75,
  "summary_bg_k": 13.24220529518211,
  "summary_bg_mad": 10.813108937711776,
  "summary_bg_mean": 85.22844696044922,
  "summary_bg_median": 42.84000015258789,
  "summary_bg_n": 134739.0,
  "summary_bg_p05": 34.71333312988281,
  "summary_bg_p95": 304.5666809082031,
  "summary_bg_stdv": 99.36591339111328,
  "summary_fg_k": 1.8665370538468773,
  "summary_fg_mad": 197.0180535378219,
  "summary_fg_mean": 692.4251098632812,
  "summary_fg_median": 652.7866821289062,
  "summary_fg_n": 72445.0,
  "summary_fg_p05": 405.87067260742185,
  "summary_fg_p95": 1110.2867431640625,
  "summary_fg_stdv": 222.93408203125,
  "tsnr": 68.07546188356355
}