{
  "aor": 0.0024867785234899326,
  "aqi": 0.00341688,
  "bids_meta": {
    "AcquisitionMatrixPE": 76,
    "AcquisitionNumber": 1,
    "AcquisitionTime": "09:16:10.910000",
    "BandwidthPerPixelPhaseEncode": 23.084,
    "BaseResolution": 76,
    "ConversionSoftware": "dcm2niix",
    "ConversionSoftwareVersion": "v1.0.20180622 (JP2:OpenJPEG) GCC6.1.0",
    "DerivedVendorReportedEchoSpacing": 0.000570001,
    "DeviceSerialNumber": "35410",
    "DwellTime": 3.3e-06,
    "EchoTime": 0.03,
    "EffectiveEchoSpacing": 0.000570001,
    "FlipAngle": 90,
    "ImageOrientationPatientDICOM": [
      0.999988,
      0.000816592,
      0.00477763,
      2.51419e-08,
      0.985705,
      -0.168482
    ],
    "ImageType": [
      "ORIGINAL",
      "PRIMARY",
      "M",
      "ND",
      "MOSAIC"
    ],
    "InPlanePhaseEncodingDirectionDICOM": "COL",
    "InstitutionAddress": "Cooper_60_St._Lucia_QLD_AU_4072",
    "InstitutionName": "St_Lucia_Campus",
    "InstitutionalDepartmentName": "Gehrmann_Labs_MRI",
    "MRAcquisitionType": "2D",
    "MagneticFieldStrength": 3,
    "Manufacturer": "Siemens",
    "ManufacturersModelName": "TrioTim",
    "Modality": "MR",
    "PartialFourier": 1,
    "PatientPosition": "HFS",
    "PercentPhaseFOV": 100,
    "PhaseEncodingDirection": "j-",
    "PhaseEncodingSteps": 76,
    "PhaseResolution": 1,
    "PixelBandwidth": 1994,
    "ProcedureStepDescription": "Brain_-_UQ_fMRI",
    "ProtocolName": "EPI",
    "PulseSequenceDetails": "%SiemensSeq%_ep2d_pace",
    "ReceiveCoilName": "32Ch_Head",
    "ReconMatrixPE": 76,
    "RepetitionTime": 3,
    "SAR": 0.158056,
    "ScanOptions": "FS",
    "ScanningSequence": "EP",
    "SequenceName": "_epfid2d1_76",
    "SequenceVariant": "SK",
    "SeriesDescription": "EPI",
    "SeriesNumber": 4,
    "ShimSetting": [
      6789,
      -11289,
      -2101,
      1029,
      -146,
      483,
      0,
      -71
    ],
    "SliceThickness": 2.5,
    "SliceTiming": [
      0,
      1.5275,
      0.065,
      1.595,
      0.1325,
      1.66,
      0.1975,
      1.7275,
      0.265,
      1.7925,
      0.33,
      1.86,
      0.3975,
      1.9275,
      0.465,
      1.9925,
      0.53,
      2.06,
      0.5975,
      2.125,
      0.6625,
      2.1925,
      0.73,
      2.26,
      0.7975,
      2.325,
      0.8625,
      2.3925,
      0.93,
      2.4575,
      0.995,
      2.525,
      1.0625,
      2.5925,
      1.13,
      2.6575,
      1.195,
      2.725,
      1.2625,
      2.79,
      1.3275,
      2.8575,
      1.395,
      2.9225,
      1.4625
    ],
    "SoftwareVersions": "syngo_MR_B17",
    "SpacingBetweenSlices": 2.75,
    "StationName": "mrc_Trio",
    "TaskName": "episodic",
    "TotalReadoutTime": 0.04275,
    "TxRefAmp": 313.38,
    "dataset": "ds001748",
    "modality": "bold",
    "subject_id": "adult14",
    "task_id": "episodic"
  },
  "dummy_trs": 1,
  "dvars_nstd": 24.287024124864868,
  "dvars_std": 1.137157727837838,
  "dvars_vstd": 1.0111349062837838,
  "efc": 0.6461172049313193,
  "fber": 218.41197204589844,
  "fd_mean": 0.09281068984835551,
  "fd_num": 4,
  "fd_perc": 2.684563758389262,
  "fwhm_avg": 2.473214181818182,
  "fwhm_x": 2.400272,
  "fwhm_y": 2.5801559999999997,
  "fwhm_z": 2.4392145454545453,
  "gcor": 0.0153675,
  "gsr_x": -0.026404419913887978,
  "gsr_y": 0.11528307944536209,
  "provenance": {
    "md5sum": "ab1f31d15a0645733757ac8ee8bc1656",
    "settings": {
      "fd_thres": 0.2,
      "testing": false
    },
    "software": "mriqc",
    "version": "22.0.0rc1",
    "webapi_port": null,
    "webapi_url": "https://mriqc.nimh.nih.gov/api/v1"
  },
  "size_t": 149,
  "size_x": 76,
  "size_y": 76,
  "size_z": 45,
  "snr": 2.933832890784868,
  "spacing_tr": 3.0,
  "spacing_x": 2.5,
  "spacing_y": 2.5,
  "spacing_z": 2.75,
  "summary_bg_k": 12.980175690326686,
  "summary_bg_mad": 11.333448338610408,
  "summary_bg_mean": 84.74283599853516,
  "summary_bg_median": 42.85234832763672,
  "summary_bg_n": 133813.0,
  "summary_bg_p05": 34.080535888671875,
  "summary_bg_p95": 302.37315673828107,
  "summary_bg_stdv": 97.9238052368164,
  "summary_fg_k": 1.8809190058683791,
  "summary_fg_mad": 195.52938843182608,
  "summary_fg_mean": 690.7998046875,
  "summary_fg_median": 651.3187866210938,
  "summary_fg_n": 72650.0,
  "summary_fg_p05": 406.2617492675781,
  "summary_fg_p95": 1104.9714660644531,
  "summary_fg_stdv": 222.00115966796875,
  "tsnr": 64.29867030354217
}