{
  "aor": 0.0019057999999999998,
  "aqi": 0.005913405133333334,
  "bids_meta": {
    "AcquisitionMatrixPE": 76,
    "AcquisitionNumber": 1,
    "AcquisitionTime": "09:00:2.147500",
    "BandwidthPerPixelPhaseEncode": 23.084,
    "BaseResolution": 76,
    "ConversionSoftware": "dcm2niix",
    "ConversionSoftwareVersion": "v1.0.20180622 (JP2:OpenJPEG) GCC6.1.0",
    "DerivedVendorReportedEchoSpacing": 0.000570001,
    "DeviceSerialNumber": "35410",
    "DwellTime": 3.3e-06,
    "EchoTime": 0.03,
    "EffectiveEchoSpacing": 0.000570001,
    "FlipAngle": 90,
    "ImageOrientationPatientDICOM": [
      0.999988,
      0.000816592,
      0.00477763,
      2.51419e-08,
      0.985705,
      -0.168482
    ],
    "ImageType": [
      "ORIGINAL",
      "PRIMARY",
      "M",
      "ND",
      "MOSAIC"
    ],
    "InPlanePhaseEncodingDirectionDICOM": "COL",
    "InstitutionAddress": "Cooper_60_St._Lucia_QLD_AU_4072",
    "InstitutionName": "St_Lucia_Campus",
    "InstitutionalDepartmentName": "Gehrmann_Labs_MRI",
    "MRAcquisitionType": "2D",
    "MagneticFieldStrength": 3,
    "Manufacturer": "Siemens",
    "ManufacturersModelName": "TrioTim",
    "Modality": "MR",
    "PartialFourier": 1,
    "PatientPosition": "HFS",
    "PercentPhaseFOV": 100,
    "PhaseEncodingDirection": "j-",
    "PhaseEncodingSteps": 76,
    "PhaseResolution": 1,
    "PixelBandwidth": 1994,
    "ProcedureStepDescription": "Brain_-_UQ_fMRI",
    "ProtocolName": "AUTO",
    "PulseSequenceDetails": "%SiemensSeq%_ep2d_pace",
    "ReceiveCoilName": "32Ch_Head",
    "ReconMatrixPE": 76,
    "RepetitionTime": 3,
    "SAR": 0.158056,
    "ScanOptions": "FS",
    "ScanningSequence": "EP",
    "SequenceName": "_epfid2d1_76",
    "SequenceVariant": "SK",
    "SeriesDescription": "AUTO",
    "SeriesNumber": 2,
    "ShimSetting": [
      6789,
      -11289,
      -2101,
      1029,
      -146,
      483,
      0,
      -71
    ],
    "SliceThickness": 2.5,
    "SliceTiming": [
      0,
      1.53,
      0.0675,
      1.5975,
      0.135,
      1.6625,
      0.2,
      1.73,
      0.2675,
      1.795,
      0.3325,
      1.8625,
      0.4,
      1.93,
      0.4675,
      1.995,
      0.5325,
      2.0625,
      0.6,
      2.1275,
      0.665,
      2.195,
      0.7325,
      2.26,
      0.8,
      2.3275,
      0.865,
      2.395,
      0.9325,
      2.46,
      0.9975,
      2.5275,
      1.065,
      2.5925,
      1.13,
      2.66,
      1.1975,
      2.7275,
      1.265,
      2.7925,
      1.33,
      2.86,
      1.3975,
      2.925,
      1.4625
    ],
    "SoftwareVersions": "syngo_MR_B17",
    "SpacingBetweenSlices": 2.75,
    "StationName": "mrc_Trio",
    "TaskName": "autobio",
    "TotalReadoutTime": 0.04275,
    "TxRefAmp": 313.38,
    "dataset": "ds001748",
    "modality": "bold",
    "subject_id": "adult14",
    "task_id": "autobio"
  },
  "dummy_trs": 0,
  "dvars_nstd": 27.231604569127512,
  "dvars_std": 1.1276443700671135,
  "dvars_vstd": 0.9816426393288592,
  "efc": 0.6430870251893003,
  "fber": 215.12440490722656,
  "fd_mean": 0.10282996371644139,
  "fd_num": 7,
  "fd_perc": 4.666666666666667,
  "fwhm_avg": 2.5087414545454547,
  "fwhm_x": 2.421164,
  "fwhm_y": 2.609224,
  "fwhm_z": 2.495836363636364,
  "gcor": 0.00863112,
  "gsr_x": -0.026624921709299088,
  "gsr_y": 0.11417550593614578,
  "provenance": {
    "md5sum": "b9880d301c1d8a56c0f4834a4590917d",
    "settings": {
      "fd_thres": 0.2,
      "testing": false
    },
    "software": "mriqc",
    "version": "22.0.0rc1",
    "webapi_port": null,
    "webapi_url": "https://mriqc.nimh.nih.gov/api/v1"
  },
  "size_t": 150,
  "size_x": 76,
  "size_y": 76,
  "size_z": 45,
  "snr": 2.9092454848375295,
  "spacing_tr": 3.0,
  "spacing_x": 2.5,
  "spacing_y": 2.5,
  "spacing_z": 2.75,
  "summary_bg_k": 14.323209507845643,
  "summary_bg_mad": 13.086437241008511,
  "summary_bg_mean": 82.27002716064453,
  "summary_bg_median": 43.34000015258789,
  "summary_bg_n": 134102.0,
  "summary_bg_p05": 31.240001678466797,
  "summary_bg_p95": 285.726350402832,
  "summary_bg_stdv": 93.4883804321289,
  "summary_fg_k": 1.7389720625399452,
  "summary_fg_mad": 198.75764979322668,
  "summary_fg_mean": 693.2523193359375,
  "summary_fg_median": 653.8200073242188,
  "summary_fg_n": 72539.0,
  "summary_fg_p05": 404.87933959960935,
  "summary_fg_p95": 1117.712670898437,
  "summary_fg_stdv": 224.7371368408203,
  "tsnr": 52.50877248030156
}