{
  "aor": 0.0035574666666666668,
  "aqi": 0.0048085596,
  "bids_meta": {
    "AcquisitionMatrixPE": 76,
    "AcquisitionNumber": 1,
    "AcquisitionTime": "09:32:5.652500",
    "BandwidthPerPixelPhaseEncode": 23.084,
    "BaseResolution": 76,
    "ConversionSoftware": "dcm2niix",
    "ConversionSoftwareVersion": "v1.0.20180622 (JP2:OpenJPEG) GCC6.1.0",
    "DerivedVendorReportedEchoSpacing": 0.000570001,
    "DeviceSerialNumber": "35410",
    "DwellTime": 3.3e-06,
    "EchoTime": 0.03,
    "EffectiveEchoSpacing": 0.000570001,
    "FlipAngle": 90,
    "ImageOrientationPatientDICOM": [
      0.999944,
      0.000903403,
      -0.0105403,
      -6.09115e-08,
      0.996348,
      0.0853906
    ],
    "ImageType": [
      "ORIGINAL",
      "PRIMARY",
      "M",
      "ND",
      "MOSAIC"
    ],
    "InPlanePhaseEncodingDirectionDICOM": "COL",
    "InstitutionAddress": "Cooper_60_St._Lucia_QLD_AU_4072",
    "InstitutionName": "St_Lucia_Campus",
    "InstitutionalDepartmentName": "Gehrmann_Labs_MRI",
    "MRAcquisitionType": "2D",
    "MagneticFieldStrength": 3,
    "Manufacturer": "Siemens",
    "ManufacturersModelName": "TrioTim",
    "Modality": "MR",
    "PartialFourier": 1,
    "PatientPosition": "HFS",
    "PercentPhaseFOV": 100,
    "PhaseEncodingDirection": "j-",
    "PhaseEncodingSteps": 76,
    "PhaseResolution": 1,
    "PixelBandwidth": 1994,
    "ProcedureStepDescription": "RESEARCH_3T_Research",
    "ProtocolName": "EPI",
    "PulseSequenceDetails": "%SiemensSeq%_ep2d_pace",
    "ReceiveCoilName": "32Ch_Head",
    "ReconMatrixPE": 76,
    "RepetitionTime": 3,
    "SAR": 0.186028,
    "ScanOptions": "FS",
    "ScanningSequence": "EP",
    "SequenceName": "_epfid2d1_76",
    "SequenceVariant": "SK",
    "SeriesDescription": "EPI",
    "SeriesNumber": 9,
    "ShimSetting": [
      6827,
      -11419,
      -2058,
      923,
      121,
      71,
      371,
      95
    ],
    "SliceThickness": 2.5,
    "SliceTiming": [
      0,
      1.5275,
      0.065,
      1.595,
      0.1325,
      1.66,
      0.1975,
      1.7275,
      0.265,
      1.795,
      0.3325,
      1.86,
      0.3975,
      1.9275,
      0.465,
      1.9925,
      0.53,
      2.06,
      0.5975,
      2.1275,
      0.665,
      2.1925,
      0.73,
      2.26,
      0.7975,
      2.325,
      0.8625,
      2.3925,
      0.93,
      2.46,
      0.9975,
      2.525,
      1.0625,
      2.5925,
      1.13,
      2.6575,
      1.195,
      2.725,
      1.2625,
      2.79,
      1.3275,
      2.8575,
      1.395,
      2.925,
      1.4625
    ],
    "SoftwareVersions": "syngo_MR_B17",
    "SpacingBetweenSlices": 2.75,
    "StationName": "mrc_Trio",
    "TaskName": "episodic",
    "TotalReadoutTime": 0.04275,
    "TxRefAmp": 330.7,
    "dataset": "ds001748",
    "modality": "bold",
    "subject_id": "child16",
    "task_id": "episodic"
  },
  "dummy_trs": 0,
  "dvars_nstd": 34.86752050516777,
  "dvars_std": 1.2763358431543628,
  "dvars_vstd": 1.029481698187919,
  "efc": 0.6299050999816401,
  "fber": 267.7036437988281,
  "fd_mean": 0.2274414110810378,
  "fd_num": 65,
  "fd_perc": 43.333333333333336,
  "fwhm_avg": 2.8711836363636363,
  "fwhm_x": 2.784056,
  "fwhm_y": 3.022284,
  "fwhm_z": 2.807210909090909,
  "gcor": 0.044245,
  "gsr_x": -0.01957833766937256,
  "gsr_y": 0.06660455465316772,
  "provenance": {
    "md5sum": "1ee115096d1af711c5f0aee13aca50bf",
    "settings": {
      "fd_thres": 0.2,
      "testing": false
    },
    "software": "mriqc",
    "version": "22.0.0rc1",
    "webapi_port": null,
    "webapi_url": "https://mriqc.nimh.nih.gov/api/v1"
  },
  "size_t": 150,
  "size_x": 76,
  "size_y": 76,
  "size_z": 45,
  "snr": 2.829650309222629,
  "spacing_tr": 3.0,
  "spacing_x": 2.5,
  "spacing_y": 2.5,
  "spacing_z": 2.75,
  "summary_bg_k": 24.580927658128857,
  "summary_bg_mad": 12.473627494526664,
  "summary_bg_mean": 74.28121948242188,
  "summary_bg_median": 44.90666961669922,
  "summary_bg_n": 129517.0,
  "summary_bg_p05": 35.50666809082031,
  "summary_bg_p95": 225.08133544921873,
  "summary_bg_stdv": 79.60717010498047,
  "summary_fg_k": 0.8948010331589313,
  "summary_fg_mad": 256.0454212340891,
  "summary_fg_mean": 800.9586181640625,
  "summary_fg_median": 755.4300537109375,
  "summary_fg_n": 77558.0,
  "summary_fg_p05": 453.53800811767576,
  "summary_fg_p95": 1300.1620300292968,
  "summary_fg_stdv": 266.9676818847656,
  "tsnr": 52.50003590807319
}