{
  "aor": 0.002395666666666666,
  "aqi": 0.006973052533333334,
  "bids_meta": {
    "AcquisitionMatrixPE": 76,
    "AcquisitionNumber": 1,
    "AcquisitionTime": "09:15:3.262500",
    "BandwidthPerPixelPhaseEncode": 23.084,
    "BaseResolution": 76,
    "ConversionSoftware": "dcm2niix",
    "ConversionSoftwareVersion": "v1.0.20180622 (JP2:OpenJPEG) GCC6.1.0",
    "DerivedVendorReportedEchoSpacing": 0.000570001,
    "DeviceSerialNumber": "35410",
    "DwellTime": 3.3e-06,
    "EchoTime": 0.03,
    "EffectiveEchoSpacing": 0.000570001,
    "FlipAngle": 90,
    "ImageOrientationPatientDICOM": [
      0.999944,
      0.000903403,
      -0.0105403,
      -6.09115e-08,
      0.996348,
      0.0853906
    ],
    "ImageType": [
      "ORIGINAL",
      "PRIMARY",
      "M",
      "ND",
      "MOSAIC"
    ],
    "InPlanePhaseEncodingDirectionDICOM": "COL",
    "InstitutionAddress": "Cooper_60_St._Lucia_QLD_AU_4072",
    "InstitutionName": "St_Lucia_Campus",
    "InstitutionalDepartmentName": "Gehrmann_Labs_MRI",
    "MRAcquisitionType": "2D",
    "MagneticFieldStrength": 3,
    "Manufacturer": "Siemens",
    "ManufacturersModelName": "TrioTim",
    "Modality": "MR",
    "PartialFourier": 1,
    "PatientPosition": "HFS",
    "PercentPhaseFOV": 100,
    "PhaseEncodingDirection": "j-",
    "PhaseEncodingSteps": 76,
    "PhaseResolution": 1,
    "PixelBandwidth": 1994,
    "ProcedureStepDescription": "RESEARCH_3T_Research",
    "ProtocolName": "AUTO",
    "PulseSequenceDetails": "%SiemensSeq%_ep2d_pace",
    "ReceiveCoilName": "32Ch_Head",
    "ReconMatrixPE": 76,
    "RepetitionTime": 3,
    "SAR": 0.186028,
    "ScanOptions": "FS",
    "ScanningSequence": "EP",
    "SequenceName": "_epfid2d1_76",
    "SequenceVariant": "SK",
    "SeriesDescription": "AUTO",
    "SeriesNumber": 7,
    "ShimSetting": [
      6827,
      -11419,
      -2058,
      923,
      121,
      71,
      371,
      95
    ],
    "SliceThickness": 2.5,
    "SliceTiming": [
      0,
      1.5275,
      0.065,
      1.595,
      0.1325,
      1.6625,
      0.2,
      1.7275,
      0.265,
      1.795,
      0.3325,
      1.86,
      0.3975,
      1.9275,
      0.465,
      1.9925,
      0.53,
      2.06,
      0.5975,
      2.1275,
      0.665,
      2.1925,
      0.73,
      2.26,
      0.7975,
      2.325,
      0.8625,
      2.3925,
      0.93,
      2.46,
      0.9975,
      2.525,
      1.0625,
      2.5925,
      1.13,
      2.6575,
      1.195,
      2.725,
      1.2625,
      2.7925,
      1.33,
      2.8575,
      1.395,
      2.925,
      1.4625
    ],
    "SoftwareVersions": "syngo_MR_B17",
    "SpacingBetweenSlices": 2.75,
    "StationName": "mrc_Trio",
    "TaskName": "autobio",
    "TotalReadoutTime": 0.04275,
    "TxRefAmp": 330.7,
    "dataset": "ds001748",
    "modality": "bold",
    "subject_id": "child16",
    "task_id": "autobio"
  },
  "dummy_trs": 0,
  "dvars_nstd": 31.642590285838935,
  "dvars_std": 1.1545116649664429,
  "dvars_vstd": 0.9773905904026843,
  "efc": 0.6293807189179759,
  "fber": 270.4900817871094,
  "fd_mean": 0.1890673474638746,
  "fd_num": 55,
  "fd_perc": 36.666666666666664,
  "fwhm_avg": 2.8531561212121215,
  "fwhm_x": 2.7343800000000003,
  "fwhm_y": 3.014532,
  "fwhm_z": 2.8105563636363637,
  "gcor": 0.0448545,
  "gsr_x": -0.01717076450586319,
  "gsr_y": 0.07438737154006958,
  "provenance": {
    "md5sum": "34d9365cc935d489117ba618a28f9f04",
    "settings": {
      "fd_thres": 0.2,
      "testing": false
    },
    "software": "mriqc",
    "version": "22.0.0rc1",
    "webapi_port": null,
    "webapi_url": "https://mriqc.nimh.nih.gov/api/v1"
  },
  "size_t": 150,
  "size_x": 76,
  "size_y": 76,
  "size_z": 45,
  "snr": 2.873856677508442,
  "spacing_tr": 3.0,
  "spacing_x": 2.5,
  "spacing_y": 2.5,
  "spacing_z": 2.75,
  "summary_bg_k": 25.570949212088347,
  "summary_bg_mad": 11.771859578890172,
  "summary_bg_mean": 72.5730972290039,
  "summary_bg_median": 44.040000915527344,
  "summary_bg_n": 130016.0,
  "summary_bg_p05": 34.8650016784668,
  "summary_bg_p95": 213.3866729736328,
  "summary_bg_stdv": 77.32650756835938,
  "summary_fg_k": 0.6907642189779959,
  "summary_fg_mad": 251.0045374948268,
  "summary_fg_mean": 783.3360595703125,
  "summary_fg_median": 740.5466918945312,
  "summary_fg_n": 76594.0,
  "summary_fg_p05": 443.42401428222655,
  "summary_fg_p95": 1264.2033813476557,
  "summary_fg_stdv": 257.6822509765625,
  "tsnr": 45.55609561689198
}