{
  "aor": 0.005502333333333334,
  "aqi": 0.004968659666666667,
  "bids_meta": {
    "AcquisitionMatrixPE": 76,
    "AcquisitionNumber": 1,
    "AcquisitionTime": "09:23:22.920000",
    "BandwidthPerPixelPhaseEncode": 23.084,
    "BaseResolution": 76,
    "ConversionSoftware": "dcm2niix",
    "ConversionSoftwareVersion": "v1.0.20180622 (JP2:OpenJPEG) GCC6.1.0",
    "DerivedVendorReportedEchoSpacing": 0.000570001,
    "DeviceSerialNumber": "35410",
    "DwellTime": 3.3e-06,
    "EchoTime": 0.03,
    "EffectiveEchoSpacing": 0.000570001,
    "FlipAngle": 90,
    "ImageOrientationPatientDICOM": [
      0.999944,
      0.000903403,
      -0.0105403,
      -6.09115e-08,
      0.996348,
      0.0853906
    ],
    "ImageType": [
      "ORIGINAL",
      "PRIMARY",
      "M",
      "ND",
      "MOSAIC"
    ],
    "InPlanePhaseEncodingDirectionDICOM": "COL",
    "InstitutionAddress": "Cooper_60_St._Lucia_QLD_AU_4072",
    "InstitutionName": "St_Lucia_Campus",
    "InstitutionalDepartmentName": "Gehrmann_Labs_MRI",
    "MRAcquisitionType": "2D",
    "MagneticFieldStrength": 3,
    "Manufacturer": "Siemens",
    "ManufacturersModelName": "TrioTim",
    "Modality": "MR",
    "PartialFourier": 1,
    "PatientPosition": "HFS",
    "PercentPhaseFOV": 100,
    "PhaseEncodingDirection": "j-",
    "PhaseEncodingSteps": 76,
    "PhaseResolution": 1,
    "PixelBandwidth": 1994,
    "ProcedureStepDescription": "RESEARCH_3T_Research",
    "ProtocolName": "SEM",
    "PulseSequenceDetails": "%SiemensSeq%_ep2d_pace",
    "ReceiveCoilName": "32Ch_Head",
    "ReconMatrixPE": 76,
    "RepetitionTime": 3,
    "SAR": 0.186028,
    "ScanOptions": "FS",
    "ScanningSequence": "EP",
    "SequenceName": "_epfid2d1_76",
    "SequenceVariant": "SK",
    "SeriesDescription": "SEM",
    "SeriesNumber": 8,
    "ShimSetting": [
      6827,
      -11419,
      -2058,
      923,
      121,
      71,
      371,
      95
    ],
    "SliceThickness": 2.5,
    "SliceTiming": [
      0,
      1.53,
      0.0675,
      1.5975,
      0.135,
      1.6625,
      0.2,
      1.73,
      0.2675,
      1.795,
      0.3325,
      1.8625,
      0.4,
      1.9275,
      0.465,
      1.995,
      0.5325,
      2.0625,
      0.6,
      2.1275,
      0.665,
      2.195,
      0.7325,
      2.26,
      0.7975,
      2.3275,
      0.865,
      2.395,
      0.9325,
      2.46,
      0.9975,
      2.5275,
      1.065,
      2.5925,
      1.13,
      2.66,
      1.1975,
      2.7275,
      1.265,
      2.7925,
      1.33,
      2.86,
      1.3975,
      2.925,
      1.4625
    ],
    "SoftwareVersions": "syngo_MR_B17",
    "SpacingBetweenSlices": 2.75,
    "StationName": "mrc_Trio",
    "TaskName": "semantic",
    "TotalReadoutTime": 0.04275,
    "TxRefAmp": 330.7,
    "dataset": "ds001748",
    "modality": "bold",
    "subject_id": "child16",
    "task_id": "semantic"
  },
  "dummy_trs": 0,
  "dvars_nstd": 38.602368706442974,
  "dvars_std": 1.313929782550336,
  "dvars_vstd": 1.0481840687248327,
  "efc": 0.6297926036705384,
  "fber": 274.3930358886719,
  "fd_mean": 0.24423295813245674,
  "fd_num": 61,
  "fd_perc": 40.666666666666664,
  "fwhm_avg": 2.7829608484848483,
  "fwhm_x": 2.680228,
  "fwhm_y": 2.9417999999999997,
  "fwhm_z": 2.7268545454545454,
  "gcor": 0.0525036,
  "gsr_x": -0.018519889563322067,
  "gsr_y": 0.0726293995976448,
  "provenance": {
    "md5sum": "b71b8f382c21340244859a32cf4aad85",
    "settings": {
      "fd_thres": 0.2,
      "testing": false
    },
    "software": "mriqc",
    "version": "22.0.0rc1",
    "webapi_port": null,
    "webapi_url": "https://mriqc.nimh.nih.gov/api/v1"
  },
  "size_t": 150,
  "size_x": 76,
  "size_y": 76,
  "size_z": 45,
  "snr": 2.894795642247323,
  "spacing_tr": 3.0,
  "spacing_x": 2.5,
  "spacing_y": 2.5,
  "spacing_z": 2.75,
  "summary_bg_k": 26.016349805850076,
  "summary_bg_mad": 11.040444595880764,
  "summary_bg_mean": 73.00666046142578,
  "summary_bg_median": 43.81333541870117,
  "summary_bg_n": 129948.0,
  "summary_bg_p05": 35.77333450317383,
  "summary_bg_p95": 216.94667053222656,
  "summary_bg_stdv": 79.18614196777344,
  "summary_fg_k": 0.715961787662005,
  "summary_fg_mad": 251.00462798568486,
  "summary_fg_mean": 786.7266235351562,
  "summary_fg_median": 744.6799926757812,
  "summary_fg_n": 76669.0,
  "summary_fg_p05": 447.0626708984375,
  "summary_fg_p95": 1263.6587402343748,
  "summary_fg_stdv": 257.2461853027344,
  "tsnr": 51.944646088872105
}