{
  "bids_meta": {
    "AcquisitionMatrixPE": 240,
    "AcquisitionNumber": 1,
    "AcquisitionTime": "13:07:24.597500",
    "BaseResolution": 256,
    "ConversionSoftware": "dcm2niix",
    "ConversionSoftwareVersion": "v1.0.20180622 (JP2:OpenJPEG) GCC6.1.0",
    "DeviceSerialNumber": "35410",
    "DwellTime": 8.1e-06,
    "EchoTime": 0.00289,
    "ImageOrientationPatientDICOM": [
      0.0191973,
      0.999816,
      -3.03858e-08,
      0.00348898,
      -6.70216e-05,
      -0.999994
    ],
    "ImageType": [
      "ORIGINAL",
      "PRIMARY",
      "M",
      "ND",
      "UNI"
    ],
    "InPlanePhaseEncodingDirectionDICOM": "ROW",
    "InstitutionAddress": "Cooper_60_St._Lucia_QLD_AU_4072",
    "InstitutionName": "St_Lucia_Campus",
    "InstitutionalDepartmentName": "Gehrmann_Labs_MRI",
    "MRAcquisitionType": "3D",
    "MagneticFieldStrength": 3,
    "Manufacturer": "Siemens",
    "ManufacturersModelName": "TrioTim",
    "Modality": "MR",
    "ParallelReductionFactorInPlane": 3,
    "PartialFourier": 0.75,
    "PatientPosition": "HFS",
    "PercentPhaseFOV": 93.75,
    "PhaseEncodingSteps": 181,
    "PhaseResolution": 1,
    "PixelBandwidth": 241,
    "ProcedureStepDescription": "RESEARCH_3T_Research",
    "ProtocolName": "mp2rage",
    "PulseSequenceDetails": "%CustomerSeq%_mp2rage_wip820B17",
    "ReceiveCoilName": "32Ch_Head",
    "ReconMatrixPE": 256,
    "RepetitionTime": 4,
    "SAR": 0.123823,
    "ScanOptions": "IR_PFP",
    "ScanningSequence": "GR_IR",
    "SequenceName": "tfl3d1_ns",
    "SequenceVariant": "SP_MP",
    "SeriesDescription": "mp2rage_UNI-DEN",
    "SeriesNumber": 3,
    "ShimSetting": [
      6861,
      -11241,
      -2624,
      -31,
      -19,
      31,
      -77,
      20
    ],
    "SliceThickness": 1,
    "SoftwareVersions": "syngo_MR_B17",
    "StationName": "mrc_Trio",
    "TxRefAmp": 308.163,
    "dataset": "ds001748",
    "modality": "T1w",
    "subject_id": "child18"
  },
  "cjv": 0.29317828180521766,
  "cnr": 4.543391550506993,
  "efc": 0.5459775465242557,
  "fber": 2153.926025390625,
  "fwhm_avg": 3.7680905250303156,
  "fwhm_x": 3.775091575090946,
  "fwhm_y": 4.11812,
  "fwhm_z": 3.41106,
  "icvs_csf": 0.20132074081230167,
  "icvs_gm": 0.44899213715214875,
  "icvs_wm": 0.3496871220355496,
  "inu_med": 0.9801008701324463,
  "inu_range": 0.2252052128314972,
  "provenance": {
    "md5sum": "72ddafe2a6d9fcf648ac170e03eb7eb5",
    "settings": {
      "testing": false
    },
    "software": "mriqc",
    "version": "22.0.0rc1",
    "warnings": {
      "large_rot_frame": true,
      "small_air_mask": false
    },
    "webapi_port": null,
    "webapi_url": "https://mriqc.nimh.nih.gov/api/v1"
  },
  "qi_1": 0.00015633652167360308,
  "qi_2": 0.0007352193499005946,
  "rpve_csf": 21.31817239041123,
  "rpve_gm": 10.689409543080098,
  "rpve_wm": 16.996020617413954,
  "size_x": 176,
  "size_y": 240,
  "size_z": 256,
  "snr_csf": 2.994521676009646,
  "snr_gm": 9.769110736884413,
  "snr_total": 12.663074545191018,
  "snr_wm": 25.225591222678997,
  "snrd_csf": 53.00806184421285,
  "snrd_gm": 90.85456521658523,
  "snrd_total": 94.72659638473232,
  "snrd_wm": 140.31716209339888,
  "spacing_x": 0.9999995827674866,
  "spacing_y": 1.0,
  "spacing_z": 1.0,
  "summary_bg_k": 29.0542350369294,
  "summary_bg_mad": 4.66902640420842,
  "summary_bg_mean": 15.698158264160156,
  "summary_bg_median": 14.087969779968262,
  "summary_bg_n": 2455938.0,
  "summary_bg_p05": 8.405094480514526,
  "summary_bg_p95": 27.852661895751947,
  "summary_bg_stdv": 7.435953617095947,
  "summary_csf_k": -0.17841389764456617,
  "summary_csf_mad": 110.37681231302663,
  "summary_csf_mean": 350.96893310546875,
  "summary_csf_median": 377.77789306640625,
  "summary_csf_n": 4625.0,
  "summary_csf_p05": 99.41354370117188,
  "summary_csf_p95": 516.7541870117187,
  "summary_csf_stdv": 126.1427001953125,
  "summary_gm_k": -0.0169554319252061,
  "summary_gm_mad": 66.46549000190768,
  "summary_gm_mean": 645.21484375,
  "summary_gm_median": 647.5023803710938,
  "summary_gm_n": 31046.0,
  "summary_gm_p05": 533.5253448486328,
  "summary_gm_p95": 751.2902374267578,
  "summary_gm_stdv": 66.2795181274414,
  "summary_wm_k": 0.7075541717640728,
  "summary_wm_mad": 36.88280687450099,
  "summary_wm_mean": 999.9200439453125,
  "summary_wm_median": 1000.012451171875,
  "summary_wm_n": 187205.0,
  "summary_wm_p05": 935.0286987304687,
  "summary_wm_p95": 1064.2236083984376,
  "summary_wm_stdv": 39.642669677734375,
  "tpm_overlap_csf": 0.14260590076446533,
  "tpm_overlap_gm": 0.43151989579200745,
  "tpm_overlap_wm": 0.48655232787132263,
  "wm2max": 0.7180906425643567
}