{
  "bids_meta": {
    "AcquisitionMatrixPE": 240,
    "AcquisitionNumber": 1,
    "AcquisitionTime": "13:18:12.170000",
    "BaseResolution": 256,
    "ConversionSoftware": "dcm2niix",
    "ConversionSoftwareVersion": "v1.0.20180622 (JP2:OpenJPEG) GCC6.1.0",
    "DeviceSerialNumber": "35410",
    "DwellTime": 8.1e-06,
    "EchoTime": 0.00289,
    "ImageOrientationPatientDICOM": [
      0.0191996,
      0.999816,
      -4.29486e-09,
      -0.0157019,
      0.000301521,
      -0.999877
    ],
    "ImageType": [
      "ORIGINAL",
      "PRIMARY",
      "M",
      "ND",
      "UNI"
    ],
    "InPlanePhaseEncodingDirectionDICOM": "ROW",
    "InstitutionAddress": "Cooper_60_St._Lucia_QLD_AU_4072",
    "InstitutionName": "St_Lucia_Campus",
    "InstitutionalDepartmentName": "Gehrmann_Labs_MRI",
    "MRAcquisitionType": "3D",
    "MagneticFieldStrength": 3,
    "Manufacturer": "Siemens",
    "ManufacturersModelName": "TrioTim",
    "Modality": "MR",
    "ParallelReductionFactorInPlane": 3,
    "PartialFourier": 0.75,
    "PatientPosition": "HFS",
    "PercentPhaseFOV": 93.75,
    "PhaseEncodingSteps": 181,
    "PhaseResolution": 1,
    "PixelBandwidth": 241,
    "ProcedureStepDescription": "RESEARCH_3T_Research",
    "ProtocolName": "mp2rage",
    "PulseSequenceDetails": "%CustomerSeq%_mp2rage_wip820B17",
    "ReceiveCoilName": "32Ch_Head",
    "ReconMatrixPE": 256,
    "RepetitionTime": 4,
    "SAR": 0.150031,
    "ScanOptions": "IR_PFP",
    "ScanningSequence": "GR_IR",
    "SequenceName": "tfl3d1_ns",
    "SequenceVariant": "SP_MP",
    "SeriesDescription": "mp2rage_UNI-DEN",
    "SeriesNumber": 4,
    "ShimSetting": [
      6861,
      -11241,
      -2624,
      -31,
      -19,
      31,
      -77,
      20
    ],
    "SliceThickness": 1,
    "SoftwareVersions": "syngo_MR_B17",
    "StationName": "mrc_Trio",
    "TxRefAmp": 317.595,
    "dataset": "ds001748",
    "modality": "T1w",
    "subject_id": "child14"
  },
  "cjv": 0.3109553599124297,
  "cnr": 4.308439974680002,
  "efc": 0.5127675659144766,
  "fber": 2546.73681640625,
  "fwhm_avg": 3.7296705396919982,
  "fwhm_x": 3.8044513830070166,
  "fwhm_y": 3.9605802360689784,
  "fwhm_z": 3.42398,
  "icvs_csf": 0.2399668039135645,
  "icvs_gm": 0.42436503173427503,
  "icvs_wm": 0.33566816435216046,
  "inu_med": 0.961514949798584,
  "inu_range": 0.20358479022979736,
  "provenance": {
    "md5sum": "c66bd303e24c9568ec9ef8516936d370",
    "settings": {
      "testing": false
    },
    "software": "mriqc",
    "version": "22.0.0rc1",
    "warnings": {
      "large_rot_frame": true,
      "small_air_mask": false
    },
    "webapi_port": null,
    "webapi_url": "https://mriqc.nimh.nih.gov/api/v1"
  },
  "qi_1": 0.0,
  "qi_2": 0.0016343966146140948,
  "rpve_csf": 21.210168631322684,
  "rpve_gm": 12.241673944452254,
  "rpve_wm": 19.272582737724598,
  "size_x": 176,
  "size_y": 240,
  "size_z": 256,
  "snr_csf": 3.6899332852936952,
  "snr_gm": 10.699984652963067,
  "snr_total": 12.503601834396983,
  "snr_wm": 23.120887564934193,
  "snrd_csf": 62.90733109652274,
  "snrd_gm": 110.80227247752964,
  "snrd_total": 112.93701161088109,
  "snrd_wm": 165.10143125859085,
  "spacing_x": 1.0000022649765015,
  "spacing_y": 0.9999999403953552,
  "spacing_z": 1.0,
  "summary_bg_k": 13.032363499990009,
  "summary_bg_mad": 3.96816410411239,
  "summary_bg_mean": 13.669922828674316,
  "summary_bg_median": 12.815719604492188,
  "summary_bg_n": 3049777.0,
  "summary_bg_p05": 7.824532890319825,
  "summary_bg_p95": 22.35465927124023,
  "summary_bg_stdv": 4.748969554901123,
  "summary_csf_k": -0.04249588466595844,
  "summary_csf_mad": 100.88300918476699,
  "summary_csf_mean": 366.21246337890625,
  "summary_csf_median": 381.0299987792969,
  "summary_csf_n": 7641.0,
  "summary_csf_p05": 169.24549865722656,
  "summary_csf_p95": 510.11151123046875,
  "summary_csf_stdv": 103.2552719116211,
  "summary_gm_k": 0.01716365404472775,
  "summary_gm_mad": 62.33367742274717,
  "summary_gm_mean": 668.2886352539062,
  "summary_gm_median": 671.1298828125,
  "summary_gm_n": 27010.0,
  "summary_gm_p05": 560.8600280761718,
  "summary_gm_p95": 766.3686920166016,
  "summary_gm_stdv": 62.72134780883789,
  "summary_wm_k": 2.810756680841801,
  "summary_wm_mad": 39.9365113706979,
  "summary_wm_mean": 1001.5902099609375,
  "summary_wm_median": 1000.0201416015625,
  "summary_wm_n": 155700.0,
  "summary_wm_p05": 935.4498687744141,
  "summary_wm_p95": 1071.9651000976562,
  "summary_wm_stdv": 43.25166702270508,
  "tpm_overlap_csf": 0.14083969593048096,
  "tpm_overlap_gm": 0.43150579929351807,
  "tpm_overlap_wm": 0.489582359790802,
  "wm2max": 0.7141557074132634
}