{
  "aor": 0.0029424666666666662,
  "aqi": 0.0037513072000000002,
  "bids_meta": {
    "AcquisitionMatrixPE": 76,
    "AcquisitionNumber": 1,
    "AcquisitionTime": "14:27:25.935000",
    "BandwidthPerPixelPhaseEncode": 23.084,
    "BaseResolution": 76,
    "ConversionSoftware": "dcm2niix",
    "ConversionSoftwareVersion": "v1.0.20180622 (JP2:OpenJPEG) GCC6.1.0",
    "DerivedVendorReportedEchoSpacing": 0.000570001,
    "DeviceSerialNumber": "35410",
    "DwellTime": 3.3e-06,
    "EchoTime": 0.03,
    "EffectiveEchoSpacing": 0.000570001,
    "FlipAngle": 90,
    "ImageOrientationPatientDICOM": [
      0.999694,
      0.0134166,
      0.0207789,
      -0.0104691,
      0.990658,
      -0.135971
    ],
    "ImageType": [
      "ORIGINAL",
      "PRIMARY",
      "M",
      "ND",
      "MOSAIC"
    ],
    "InPlanePhaseEncodingDirectionDICOM": "COL",
    "InstitutionAddress": "Cooper_60_St._Lucia_QLD_AU_4072",
    "InstitutionName": "St_Lucia_Campus",
    "InstitutionalDepartmentName": "Gehrmann_Labs_MRI",
    "MRAcquisitionType": "2D",
    "MagneticFieldStrength": 3,
    "Manufacturer": "Siemens",
    "ManufacturersModelName": "TrioTim",
    "Modality": "MR",
    "PartialFourier": 1,
    "PatientPosition": "HFS",
    "PercentPhaseFOV": 100,
    "PhaseEncodingDirection": "j-",
    "PhaseEncodingSteps": 76,
    "PhaseResolution": 1,
    "PixelBandwidth": 1994,
    "ProcedureStepDescription": "RESEARCH_3T_Research",
    "ProtocolName": "EPI",
    "PulseSequenceDetails": "%SiemensSeq%_ep2d_pace",
    "ReceiveCoilName": "32Ch_Head",
    "ReconMatrixPE": 76,
    "RepetitionTime": 3,
    "SAR": 0.189132,
    "ScanOptions": "FS",
    "ScanningSequence": "EP",
    "SequenceName": "_epfid2d1_76",
    "SequenceVariant": "SK",
    "SeriesDescription": "EPI",
    "SeriesNumber": 9,
    "ShimSetting": [
      6780,
      -11477,
      -2060,
      999,
      -60,
      -132,
      355,
      157
    ],
    "SliceThickness": 2.5,
    "SliceTiming": [
      0,
      1.5275,
      0.065,
      1.595,
      0.1325,
      1.66,
      0.1975,
      1.7275,
      0.265,
      1.795,
      0.3325,
      1.86,
      0.3975,
      1.9275,
      0.465,
      1.9925,
      0.53,
      2.06,
      0.5975,
      2.125,
      0.6625,
      2.1925,
      0.73,
      2.26,
      0.7975,
      2.325,
      0.8625,
      2.3925,
      0.93,
      2.4575,
      0.995,
      2.525,
      1.0625,
      2.5925,
      1.13,
      2.6575,
      1.195,
      2.725,
      1.2625,
      2.79,
      1.3275,
      2.8575,
      1.395,
      2.925,
      1.4625
    ],
    "SoftwareVersions": "syngo_MR_B17",
    "SpacingBetweenSlices": 2.75,
    "StationName": "mrc_Trio",
    "TaskName": "episodic",
    "TotalReadoutTime": 0.04275,
    "TxRefAmp": 323.343,
    "dataset": "ds001748",
    "modality": "bold",
    "subject_id": "child04",
    "task_id": "episodic"
  },
  "dummy_trs": 0,
  "dvars_nstd": 31.265287437449665,
  "dvars_std": 1.3104635828859064,
  "dvars_vstd": 1.0221696720134232,
  "efc": 0.627348103767369,
  "fber": 270.6100769042969,
  "fd_mean": 0.09442785878211786,
  "fd_num": 15,
  "fd_perc": 10.0,
  "fwhm_avg": 2.651487393939394,
  "fwhm_x": 2.599872,
  "fwhm_y": 2.7538519999999997,
  "fwhm_z": 2.6007381818181816,
  "gcor": 0.0274304,
  "gsr_x": -0.015370281413197517,
  "gsr_y": 0.056647028774023056,
  "provenance": {
    "md5sum": "8cf6edc22b4cf6a2a4edbfff5cc0d2f5",
    "settings": {
      "fd_thres": 0.2,
      "testing": false
    },
    "software": "mriqc",
    "version": "22.0.0rc1",
    "webapi_port": null,
    "webapi_url": "https://mriqc.nimh.nih.gov/api/v1"
  },
  "size_t": 150,
  "size_x": 76,
  "size_y": 76,
  "size_z": 45,
  "snr": 3.1276468535504667,
  "spacing_tr": 3.0,
  "spacing_x": 2.5,
  "spacing_y": 2.5,
  "spacing_z": 2.75,
  "summary_bg_k": 25.43708062802638,
  "summary_bg_mad": 8.282809220230392,
  "summary_bg_mean": 67.2601547241211,
  "summary_bg_median": 42.94000244140625,
  "summary_bg_n": 132705.0,
  "summary_bg_p05": 36.13999938964844,
  "summary_bg_p95": 190.7026672363279,
  "summary_bg_stdv": 68.92684936523438,
  "summary_fg_k": 0.38516920709977187,
  "summary_fg_mad": 224.68346161001696,
  "summary_fg_mean": 756.6677856445312,
  "summary_fg_median": 718.8466796875,
  "summary_fg_n": 74095.0,
  "summary_fg_p05": 447.9513427734375,
  "summary_fg_p95": 1184.417321777344,
  "summary_fg_stdv": 229.834716796875,
  "tsnr": 64.12394608650357
}