{
  "aor": 0.008752751677852348,
  "aqi": 0.008539185033557047,
  "bids_meta": {
    "AcquisitionMatrixPE": 76,
    "AcquisitionNumber": 1,
    "AcquisitionTime": "14:10:49.317500",
    "BandwidthPerPixelPhaseEncode": 23.084,
    "BaseResolution": 76,
    "ConversionSoftware": "dcm2niix",
    "ConversionSoftwareVersion": "v1.0.20180622 (JP2:OpenJPEG) GCC6.1.0",
    "DerivedVendorReportedEchoSpacing": 0.000570001,
    "DeviceSerialNumber": "35410",
    "DwellTime": 3.3e-06,
    "EchoTime": 0.03,
    "EffectiveEchoSpacing": 0.000570001,
    "FlipAngle": 90,
    "ImageOrientationPatientDICOM": [
      0.999694,
      0.0134166,
      0.0207789,
      -0.0104691,
      0.990658,
      -0.135971
    ],
    "ImageType": [
      "ORIGINAL",
      "PRIMARY",
      "M",
      "ND",
      "MOSAIC"
    ],
    "InPlanePhaseEncodingDirectionDICOM": "COL",
    "InstitutionAddress": "Cooper_60_St._Lucia_QLD_AU_4072",
    "InstitutionName": "St_Lucia_Campus",
    "InstitutionalDepartmentName": "Gehrmann_Labs_MRI",
    "MRAcquisitionType": "2D",
    "MagneticFieldStrength": 3,
    "Manufacturer": "Siemens",
    "ManufacturersModelName": "TrioTim",
    "Modality": "MR",
    "PartialFourier": 1,
    "PatientPosition": "HFS",
    "PercentPhaseFOV": 100,
    "PhaseEncodingDirection": "j-",
    "PhaseEncodingSteps": 76,
    "PhaseResolution": 1,
    "PixelBandwidth": 1994,
    "ProcedureStepDescription": "RESEARCH_3T_Research",
    "ProtocolName": "AUTO",
    "PulseSequenceDetails": "%SiemensSeq%_ep2d_pace",
    "ReceiveCoilName": "32Ch_Head",
    "ReconMatrixPE": 76,
    "RepetitionTime": 3,
    "SAR": 0.189132,
    "ScanOptions": "FS",
    "ScanningSequence": "EP",
    "SequenceName": "_epfid2d1_76",
    "SequenceVariant": "SK",
    "SeriesDescription": "AUTO",
    "SeriesNumber": 7,
    "ShimSetting": [
      6780,
      -11477,
      -2060,
      999,
      -60,
      -132,
      355,
      157
    ],
    "SliceThickness": 2.5,
    "SliceTiming": [
      0,
      1.5275,
      0.065,
      1.595,
      0.1325,
      1.6625,
      0.2,
      1.7275,
      0.265,
      1.795,
      0.3325,
      1.86,
      0.3975,
      1.9275,
      0.465,
      1.995,
      0.5325,
      2.06,
      0.5975,
      2.1275,
      0.665,
      2.1925,
      0.73,
      2.26,
      0.7975,
      2.3275,
      0.865,
      2.3925,
      0.93,
      2.46,
      0.9975,
      2.525,
      1.0625,
      2.5925,
      1.13,
      2.6575,
      1.195,
      2.725,
      1.2625,
      2.7925,
      1.33,
      2.8575,
      1.395,
      2.925,
      1.4625
    ],
    "SoftwareVersions": "syngo_MR_B17",
    "SpacingBetweenSlices": 2.75,
    "StationName": "mrc_Trio",
    "TaskName": "autobio",
    "TotalReadoutTime": 0.04275,
    "TxRefAmp": 323.343,
    "dataset": "ds001748",
    "modality": "bold",
    "subject_id": "child04",
    "task_id": "autobio"
  },
  "dummy_trs": 1,
  "dvars_nstd": 36.411612472027024,
  "dvars_std": 1.1899785553378381,
  "dvars_vstd": 0.9994880075675675,
  "efc": 0.6262494499677562,
  "fber": 271.17535400390625,
  "fd_mean": 0.17954328837181305,
  "fd_num": 34,
  "fd_perc": 22.818791946308725,
  "fwhm_avg": 2.648231878787879,
  "fwhm_x": 2.579568,
  "fwhm_y": 2.7628440000000003,
  "fwhm_z": 2.6022836363636364,
  "gcor": 0.0328144,
  "gsr_x": -0.013867927715182304,
  "gsr_y": 0.05662918835878372,
  "provenance": {
    "md5sum": "9363318738853423098ca7ffd7de9e53",
    "settings": {
      "fd_thres": 0.2,
      "testing": false
    },
    "software": "mriqc",
    "version": "22.0.0rc1",
    "webapi_port": null,
    "webapi_url": "https://mriqc.nimh.nih.gov/api/v1"
  },
  "size_t": 149,
  "size_x": 76,
  "size_y": 76,
  "size_z": 45,
  "snr": 3.169190109497287,
  "spacing_tr": 3.0,
  "spacing_x": 2.5,
  "spacing_y": 2.5,
  "spacing_z": 2.75,
  "summary_bg_k": 27.80968391863035,
  "summary_bg_mad": 8.358295562890893,
  "summary_bg_mean": 65.36253356933594,
  "summary_bg_median": 42.6375846862793,
  "summary_bg_n": 133067.0,
  "summary_bg_p05": 35.52349090576172,
  "summary_bg_p95": 177.8637542724609,
  "summary_bg_stdv": 65.27812194824219,
  "summary_fg_k": 0.32560292570640925,
  "summary_fg_mad": 222.14157340702485,
  "summary_fg_mean": 749.5067749023438,
  "summary_fg_median": 713.4563598632812,
  "summary_fg_n": 74070.0,
  "summary_fg_p05": 444.8352355957031,
  "summary_fg_p95": 1167.1325988769531,
  "summary_fg_stdv": 225.12109375,
  "tsnr": 41.64284584578127
}