{
  "aor": 0.0035540666666666666,
  "aqi": 0.004459041866666666,
  "bids_meta": {
    "AcquisitionMatrixPE": 76,
    "AcquisitionNumber": 1,
    "AcquisitionTime": "14:18:57.355000",
    "BandwidthPerPixelPhaseEncode": 23.084,
    "BaseResolution": 76,
    "ConversionSoftware": "dcm2niix",
    "ConversionSoftwareVersion": "v1.0.20180622 (JP2:OpenJPEG) GCC6.1.0",
    "DerivedVendorReportedEchoSpacing": 0.000570001,
    "DeviceSerialNumber": "35410",
    "DwellTime": 3.3e-06,
    "EchoTime": 0.03,
    "EffectiveEchoSpacing": 0.000570001,
    "FlipAngle": 90,
    "ImageOrientationPatientDICOM": [
      0.999694,
      0.0134166,
      0.0207789,
      -0.0104691,
      0.990658,
      -0.135971
    ],
    "ImageType": [
      "ORIGINAL",
      "PRIMARY",
      "M",
      "ND",
      "MOSAIC"
    ],
    "InPlanePhaseEncodingDirectionDICOM": "COL",
    "InstitutionAddress": "Cooper_60_St._Lucia_QLD_AU_4072",
    "InstitutionName": "St_Lucia_Campus",
    "InstitutionalDepartmentName": "Gehrmann_Labs_MRI",
    "MRAcquisitionType": "2D",
    "MagneticFieldStrength": 3,
    "Manufacturer": "Siemens",
    "ManufacturersModelName": "TrioTim",
    "Modality": "MR",
    "PartialFourier": 1,
    "PatientPosition": "HFS",
    "PercentPhaseFOV": 100,
    "PhaseEncodingDirection": "j-",
    "PhaseEncodingSteps": 76,
    "PhaseResolution": 1,
    "PixelBandwidth": 1994,
    "ProcedureStepDescription": "RESEARCH_3T_Research",
    "ProtocolName": "SEM",
    "PulseSequenceDetails": "%SiemensSeq%_ep2d_pace",
    "ReceiveCoilName": "32Ch_Head",
    "ReconMatrixPE": 76,
    "RepetitionTime": 3,
    "SAR": 0.189132,
    "ScanOptions": "FS",
    "ScanningSequence": "EP",
    "SequenceName": "_epfid2d1_76",
    "SequenceVariant": "SK",
    "SeriesDescription": "SEM",
    "SeriesNumber": 8,
    "ShimSetting": [
      6780,
      -11477,
      -2060,
      999,
      -60,
      -132,
      355,
      157
    ],
    "SliceThickness": 2.5,
    "SliceTiming": [
      0,
      1.5275,
      0.065,
      1.595,
      0.1325,
      1.66,
      0.1975,
      1.7275,
      0.265,
      1.795,
      0.3325,
      1.86,
      0.3975,
      1.9275,
      0.465,
      1.9925,
      0.53,
      2.06,
      0.5975,
      2.1275,
      0.665,
      2.1925,
      0.73,
      2.26,
      0.7975,
      2.325,
      0.8625,
      2.3925,
      0.93,
      2.46,
      0.9975,
      2.525,
      1.0625,
      2.5925,
      1.13,
      2.6575,
      1.195,
      2.725,
      1.2625,
      2.79,
      1.3275,
      2.8575,
      1.395,
      2.925,
      1.4625
    ],
    "SoftwareVersions": "syngo_MR_B17",
    "SpacingBetweenSlices": 2.75,
    "StationName": "mrc_Trio",
    "TaskName": "semantic",
    "TotalReadoutTime": 0.04275,
    "TxRefAmp": 323.343,
    "dataset": "ds001748",
    "modality": "bold",
    "subject_id": "child04",
    "task_id": "semantic"
  },
  "dummy_trs": 0,
  "dvars_nstd": 32.25501257651006,
  "dvars_std": 1.2843702212751682,
  "dvars_vstd": 1.0162350324161078,
  "efc": 0.6267061565690915,
  "fber": 271.3011474609375,
  "fd_mean": 0.12734093756009007,
  "fd_num": 24,
  "fd_perc": 16.0,
  "fwhm_avg": 2.6352019393939394,
  "fwhm_x": 2.588516,
  "fwhm_y": 2.737988,
  "fwhm_z": 2.5791018181818184,
  "gcor": 0.0245644,
  "gsr_x": -0.014893989078700542,
  "gsr_y": 0.055727310478687286,
  "provenance": {
    "md5sum": "b365091340ea4037588b1fa735470840",
    "settings": {
      "fd_thres": 0.2,
      "testing": false
    },
    "software": "mriqc",
    "version": "22.0.0rc1",
    "webapi_port": null,
    "webapi_url": "https://mriqc.nimh.nih.gov/api/v1"
  },
  "size_t": 150,
  "size_x": 76,
  "size_y": 76,
  "size_z": 45,
  "snr": 3.144268630881755,
  "spacing_tr": 3.0,
  "spacing_x": 2.5,
  "spacing_y": 2.5,
  "spacing_z": 2.75,
  "summary_bg_k": 27.058344891687867,
  "summary_bg_mad": 8.342109010654859,
  "summary_bg_mean": 66.40730285644531,
  "summary_bg_median": 42.68000030517578,
  "summary_bg_n": 132795.0,
  "summary_bg_p05": 35.78000259399414,
  "summary_bg_p95": 184.71533355712882,
  "summary_bg_stdv": 67.82758331298828,
  "summary_fg_k": 0.3764651100809031,
  "summary_fg_mad": 223.1761101418311,
  "summary_fg_mean": 753.5189208984375,
  "summary_fg_median": 716.739990234375,
  "summary_fg_n": 74212.0,
  "summary_fg_p05": 446.59034576416013,
  "summary_fg_p95": 1174.7110107421872,
  "summary_fg_stdv": 227.94972229003906,
  "tsnr": 58.78790409525391
}