{
  "aor": 0.005638266666666667,
  "aqi": 0.011158599199999997,
  "bids_meta": {
    "AcquisitionMatrixPE": 76,
    "AcquisitionNumber": 1,
    "AcquisitionTime": "12:02:33.037500",
    "BandwidthPerPixelPhaseEncode": 23.084,
    "BaseResolution": 76,
    "ConversionSoftware": "dcm2niix",
    "ConversionSoftwareVersion": "v1.0.20180622 (JP2:OpenJPEG) GCC6.1.0",
    "DerivedVendorReportedEchoSpacing": 0.000570001,
    "DeviceSerialNumber": "35410",
    "DwellTime": 3.3e-06,
    "EchoTime": 0.03,
    "EffectiveEchoSpacing": 0.000570001,
    "FlipAngle": 90,
    "ImageOrientationPatientDICOM": [
      0.999707,
      0.0169888,
      -0.0172646,
      -0.0209408,
      0.964411,
      -0.263575
    ],
    "ImageType": [
      "ORIGINAL",
      "PRIMARY",
      "M",
      "ND",
      "MOSAIC"
    ],
    "InPlanePhaseEncodingDirectionDICOM": "COL",
    "InstitutionAddress": "Cooper_60_St._Lucia_QLD_AU_4072",
    "InstitutionName": "St_Lucia_Campus",
    "InstitutionalDepartmentName": "Gehrmann_Labs_MRI",
    "MRAcquisitionType": "2D",
    "MagneticFieldStrength": 3,
    "Manufacturer": "Siemens",
    "ManufacturersModelName": "TrioTim",
    "Modality": "MR",
    "PartialFourier": 1,
    "PatientPosition": "HFS",
    "PercentPhaseFOV": 100,
    "PhaseEncodingDirection": "j-",
    "PhaseEncodingSteps": 76,
    "PhaseResolution": 1,
    "PixelBandwidth": 1994,
    "ProcedureStepDescription": "Brain_-_UQ_fMRI",
    "ProtocolName": "AUTO",
    "PulseSequenceDetails": "%SiemensSeq%_ep2d_pace",
    "ReceiveCoilName": "32Ch_Head",
    "ReconMatrixPE": 76,
    "RepetitionTime": 3,
    "SAR": 0.233564,
    "ScanOptions": "FS",
    "ScanningSequence": "EP",
    "SequenceName": "_epfid2d1_76",
    "SequenceVariant": "SK",
    "SeriesDescription": "AUTO",
    "SeriesNumber": 7,
    "ShimSetting": [
      6764,
      -11286,
      -2107,
      714,
      -51,
      -35,
      -480,
      198
    ],
    "SliceThickness": 2.5,
    "SliceTiming": [
      0,
      1.53,
      0.0675,
      1.595,
      0.1325,
      1.6625,
      0.2,
      1.73,
      0.2675,
      1.795,
      0.3325,
      1.8625,
      0.4,
      1.9275,
      0.465,
      1.995,
      0.5325,
      2.0625,
      0.6,
      2.1275,
      0.665,
      2.195,
      0.7325,
      2.26,
      0.7975,
      2.3275,
      0.865,
      2.395,
      0.9325,
      2.46,
      0.9975,
      2.5275,
      1.065,
      2.5925,
      1.13,
      2.66,
      1.1975,
      2.725,
      1.2625,
      2.7925,
      1.33,
      2.86,
      1.3975,
      2.925,
      1.4625
    ],
    "SoftwareVersions": "syngo_MR_B17",
    "SpacingBetweenSlices": 2.75,
    "StationName": "mrc_Trio",
    "TaskName": "autobio",
    "TotalReadoutTime": 0.04275,
    "TxRefAmp": 314.334,
    "dataset": "ds001748",
    "modality": "bold",
    "subject_id": "child01",
    "task_id": "autobio"
  },
  "dummy_trs": 0,
  "dvars_nstd": 43.74223056288591,
  "dvars_std": 1.171564939395973,
  "dvars_vstd": 0.9942010987248328,
  "efc": 0.6112324790954254,
  "fber": 324.9386291503906,
  "fd_mean": 0.5353763370319589,
  "fd_num": 124,
  "fd_perc": 82.66666666666667,
  "fwhm_avg": 2.9254704242424245,
  "fwhm_x": 2.808324,
  "fwhm_y": 2.95548,
  "fwhm_z": 3.012607272727273,
  "gcor": 0.0164571,
  "gsr_x": -0.019888170063495636,
  "gsr_y": 0.08112642914056778,
  "provenance": {
    "md5sum": "57916cff5ce2108906c13ba601b1a16f",
    "settings": {
      "fd_thres": 0.2,
      "testing": false
    },
    "software": "mriqc",
    "version": "22.0.0rc1",
    "webapi_port": null,
    "webapi_url": "https://mriqc.nimh.nih.gov/api/v1"
  },
  "size_t": 150,
  "size_x": 76,
  "size_y": 76,
  "size_z": 45,
  "snr": 2.860954119533831,
  "spacing_tr": 3.0,
  "spacing_x": 2.5,
  "spacing_y": 2.5,
  "spacing_z": 2.75,
  "summary_bg_k": 54.30550957572924,
  "summary_bg_mad": 7.2351004098973535,
  "summary_bg_mean": 52.910736083984375,
  "summary_bg_median": 36.80666732788086,
  "summary_bg_n": 132469.0,
  "summary_bg_p05": 28.360000610351562,
  "summary_bg_p95": 124.74400177001948,
  "summary_bg_stdv": 53.79119873046875,
  "summary_fg_k": 1.8958835125729614,
  "summary_fg_mad": 205.51338053821345,
  "summary_fg_mean": 721.7345581054688,
  "summary_fg_median": 674.9166870117188,
  "summary_fg_n": 75198.0,
  "summary_fg_p05": 428.9800109863281,
  "summary_fg_p95": 1183.4553649902343,
  "summary_fg_stdv": 235.9045867919922,
  "tsnr": 36.33883480494842
}