{
  "aor": 0.006037333333333333,
  "aqi": 0.009465492733333334,
  "bids_meta": {
    "AcquisitionMatrixPE": 76,
    "AcquisitionNumber": 1,
    "AcquisitionTime": "12:18:56.240000",
    "BandwidthPerPixelPhaseEncode": 23.084,
    "BaseResolution": 76,
    "ConversionSoftware": "dcm2niix",
    "ConversionSoftwareVersion": "v1.0.20180622 (JP2:OpenJPEG) GCC6.1.0",
    "DerivedVendorReportedEchoSpacing": 0.000570001,
    "DeviceSerialNumber": "35410",
    "DwellTime": 3.3e-06,
    "EchoTime": 0.03,
    "EffectiveEchoSpacing": 0.000570001,
    "FlipAngle": 90,
    "ImageOrientationPatientDICOM": [
      0.999707,
      0.0169888,
      -0.0172646,
      -0.0209408,
      0.964411,
      -0.263575
    ],
    "ImageType": [
      "ORIGINAL",
      "PRIMARY",
      "M",
      "ND",
      "MOSAIC"
    ],
    "InPlanePhaseEncodingDirectionDICOM": "COL",
    "InstitutionAddress": "Cooper_60_St._Lucia_QLD_AU_4072",
    "InstitutionName": "St_Lucia_Campus",
    "InstitutionalDepartmentName": "Gehrmann_Labs_MRI",
    "MRAcquisitionType": "2D",
    "MagneticFieldStrength": 3,
    "Manufacturer": "Siemens",
    "ManufacturersModelName": "TrioTim",
    "Modality": "MR",
    "PartialFourier": 1,
    "PatientPosition": "HFS",
    "PercentPhaseFOV": 100,
    "PhaseEncodingDirection": "j-",
    "PhaseEncodingSteps": 76,
    "PhaseResolution": 1,
    "PixelBandwidth": 1994,
    "ProcedureStepDescription": "Brain_-_UQ_fMRI",
    "ProtocolName": "EPI",
    "PulseSequenceDetails": "%SiemensSeq%_ep2d_pace",
    "ReceiveCoilName": "32Ch_Head",
    "ReconMatrixPE": 76,
    "RepetitionTime": 3,
    "SAR": 0.233564,
    "ScanOptions": "FS",
    "ScanningSequence": "EP",
    "SequenceName": "_epfid2d1_76",
    "SequenceVariant": "SK",
    "SeriesDescription": "EPI",
    "SeriesNumber": 9,
    "ShimSetting": [
      6764,
      -11286,
      -2107,
      714,
      -51,
      -35,
      -480,
      198
    ],
    "SliceThickness": 2.5,
    "SliceTiming": [
      0,
      1.5275,
      0.065,
      1.595,
      0.1325,
      1.66,
      0.1975,
      1.7275,
      0.265,
      1.7925,
      0.33,
      1.86,
      0.3975,
      1.9275,
      0.465,
      1.9925,
      0.53,
      2.06,
      0.5975,
      2.125,
      0.6625,
      2.1925,
      0.73,
      2.26,
      0.7975,
      2.325,
      0.8625,
      2.3925,
      0.93,
      2.4575,
      0.995,
      2.525,
      1.0625,
      2.5925,
      1.13,
      2.6575,
      1.195,
      2.725,
      1.2625,
      2.79,
      1.3275,
      2.8575,
      1.395,
      2.9225,
      1.46
    ],
    "SoftwareVersions": "syngo_MR_B17",
    "SpacingBetweenSlices": 2.75,
    "StationName": "mrc_Trio",
    "TaskName": "episodic",
    "TotalReadoutTime": 0.04275,
    "TxRefAmp": 314.334,
    "dataset": "ds001748",
    "modality": "bold",
    "subject_id": "child01",
    "task_id": "episodic"
  },
  "dummy_trs": 0,
  "dvars_nstd": 39.70038850536912,
  "dvars_std": 1.222638780067114,
  "dvars_vstd": 1.0274075530872484,
  "efc": 0.6086545122475383,
  "fber": 329.8902587890625,
  "fd_mean": 0.518592856479252,
  "fd_num": 118,
  "fd_perc": 78.66666666666667,
  "fwhm_avg": 2.886267636363636,
  "fwhm_x": 2.778596,
  "fwhm_y": 2.909956,
  "fwhm_z": 2.970250909090909,
  "gcor": 0.0147329,
  "gsr_x": -0.017285611480474472,
  "gsr_y": 0.07829950749874115,
  "provenance": {
    "md5sum": "3f9ab151300313789708af25baf3c011",
    "settings": {
      "fd_thres": 0.2,
      "testing": false
    },
    "software": "mriqc",
    "version": "22.0.0rc1",
    "webapi_port": null,
    "webapi_url": "https://mriqc.nimh.nih.gov/api/v1"
  },
  "size_t": 150,
  "size_x": 76,
  "size_y": 76,
  "size_z": 45,
  "snr": 2.9072794751138074,
  "spacing_tr": 3.0,
  "spacing_x": 2.5,
  "spacing_y": 2.5,
  "spacing_z": 2.75,
  "summary_bg_k": 69.81628863899658,
  "summary_bg_mad": 7.007764751728366,
  "summary_bg_mean": 51.87051010131836,
  "summary_bg_median": 36.60000228881836,
  "summary_bg_n": 133939.0,
  "summary_bg_p05": 28.32666778564453,
  "summary_bg_p95": 122.8613342285155,
  "summary_bg_stdv": 51.850303649902344,
  "summary_fg_k": 1.7314685479966148,
  "summary_fg_mad": 204.60901490273096,
  "summary_fg_mean": 722.3173217773438,
  "summary_fg_median": 676.9800415039062,
  "summary_fg_n": 74228.0,
  "summary_fg_p05": 430.5540115356445,
  "summary_fg_p95": 1175.7926696777342,
  "summary_fg_stdv": 232.85531616210938,
  "tsnr": 40.71129084890708
}