{
  "aor": 0.007673666666666667,
  "aqi": 0.011082541533333334,
  "bids_meta": {
    "AcquisitionMatrixPE": 76,
    "AcquisitionNumber": 1,
    "AcquisitionTime": "12:10:53.172500",
    "BandwidthPerPixelPhaseEncode": 23.084,
    "BaseResolution": 76,
    "ConversionSoftware": "dcm2niix",
    "ConversionSoftwareVersion": "v1.0.20180622 (JP2:OpenJPEG) GCC6.1.0",
    "DerivedVendorReportedEchoSpacing": 0.000570001,
    "DeviceSerialNumber": "35410",
    "DwellTime": 3.3e-06,
    "EchoTime": 0.03,
    "EffectiveEchoSpacing": 0.000570001,
    "FlipAngle": 90,
    "ImageOrientationPatientDICOM": [
      0.999707,
      0.0169888,
      -0.0172646,
      -0.0209408,
      0.964411,
      -0.263575
    ],
    "ImageType": [
      "ORIGINAL",
      "PRIMARY",
      "M",
      "ND",
      "MOSAIC"
    ],
    "InPlanePhaseEncodingDirectionDICOM": "COL",
    "InstitutionAddress": "Cooper_60_St._Lucia_QLD_AU_4072",
    "InstitutionName": "St_Lucia_Campus",
    "InstitutionalDepartmentName": "Gehrmann_Labs_MRI",
    "MRAcquisitionType": "2D",
    "MagneticFieldStrength": 3,
    "Manufacturer": "Siemens",
    "ManufacturersModelName": "TrioTim",
    "Modality": "MR",
    "PartialFourier": 1,
    "PatientPosition": "HFS",
    "PercentPhaseFOV": 100,
    "PhaseEncodingDirection": "j-",
    "PhaseEncodingSteps": 76,
    "PhaseResolution": 1,
    "PixelBandwidth": 1994,
    "ProcedureStepDescription": "Brain_-_UQ_fMRI",
    "ProtocolName": "SEM",
    "PulseSequenceDetails": "%SiemensSeq%_ep2d_pace",
    "ReceiveCoilName": "32Ch_Head",
    "ReconMatrixPE": 76,
    "RepetitionTime": 3,
    "SAR": 0.233564,
    "ScanOptions": "FS",
    "ScanningSequence": "EP",
    "SequenceName": "_epfid2d1_76",
    "SequenceVariant": "SK",
    "SeriesDescription": "SEM",
    "SeriesNumber": 8,
    "ShimSetting": [
      6764,
      -11286,
      -2107,
      714,
      -51,
      -35,
      -480,
      198
    ],
    "SliceThickness": 2.5,
    "SliceTiming": [
      0,
      1.5275,
      0.065,
      1.595,
      0.1325,
      1.66,
      0.1975,
      1.7275,
      0.265,
      1.795,
      0.3325,
      1.86,
      0.3975,
      1.9275,
      0.465,
      1.9925,
      0.53,
      2.06,
      0.5975,
      2.1275,
      0.665,
      2.1925,
      0.73,
      2.26,
      0.7975,
      2.325,
      0.8625,
      2.3925,
      0.93,
      2.46,
      0.9975,
      2.525,
      1.0625,
      2.5925,
      1.13,
      2.6575,
      1.195,
      2.725,
      1.2625,
      2.79,
      1.33,
      2.8575,
      1.395,
      2.925,
      1.4625
    ],
    "SoftwareVersions": "syngo_MR_B17",
    "SpacingBetweenSlices": 2.75,
    "StationName": "mrc_Trio",
    "TaskName": "semantic",
    "TotalReadoutTime": 0.04275,
    "TxRefAmp": 314.334,
    "dataset": "ds001748",
    "modality": "bold",
    "subject_id": "child01",
    "task_id": "semantic"
  },
  "dummy_trs": 0,
  "dvars_nstd": 47.205948733892626,
  "dvars_std": 1.2222546434228185,
  "dvars_vstd": 1.0158266623489935,
  "efc": 0.611213467257257,
  "fber": 333.5631408691406,
  "fd_mean": 0.6585406741990678,
  "fd_num": 125,
  "fd_perc": 83.33333333333333,
  "fwhm_avg": 2.9287629090909086,
  "fwhm_x": 2.829588,
  "fwhm_y": 2.938748,
  "fwhm_z": 3.017952727272727,
  "gcor": 0.0228716,
  "gsr_x": -0.018755102530121803,
  "gsr_y": 0.08091642707586288,
  "provenance": {
    "md5sum": "2387e88613c776684876a1896a7d2dad",
    "settings": {
      "fd_thres": 0.2,
      "testing": false
    },
    "software": "mriqc",
    "version": "22.0.0rc1",
    "webapi_port": null,
    "webapi_url": "https://mriqc.nimh.nih.gov/api/v1"
  },
  "size_t": 150,
  "size_x": 76,
  "size_y": 76,
  "size_z": 45,
  "snr": 2.8769451799320342,
  "spacing_tr": 3.0,
  "spacing_x": 2.5,
  "spacing_y": 2.5,
  "spacing_z": 2.75,
  "summary_bg_k": 64.19742100428829,
  "summary_bg_mad": 5.673426148480501,
  "summary_bg_mean": 52.393951416015625,
  "summary_bg_median": 36.28666687011719,
  "summary_bg_n": 133276.0,
  "summary_bg_p05": 30.82666778564453,
  "summary_bg_p95": 121.60167121887207,
  "summary_bg_stdv": 52.630130767822266,
  "summary_fg_k": 1.96385581349948,
  "summary_fg_mad": 205.62210530417627,
  "summary_fg_mean": 722.093505859375,
  "summary_fg_median": 675.6400146484375,
  "summary_fg_n": 74694.0,
  "summary_fg_p05": 428.8866882324219,
  "summary_fg_p95": 1179.9447204589842,
  "summary_fg_stdv": 234.84475708007812,
  "tsnr": 37.76245973142795
}