{
  "aor": 0.0035582,
  "aqi": 0.0050491246000000005,
  "bids_meta": {
    "AcquisitionMatrixPE": 76,
    "AcquisitionNumber": 1,
    "AcquisitionTime": "15:51:56.237500",
    "BandwidthPerPixelPhaseEncode": 23.084,
    "BaseResolution": 76,
    "ConversionSoftware": "dcm2niix",
    "ConversionSoftwareVersion": "v1.0.20180622 (JP2:OpenJPEG) GCC6.1.0",
    "DerivedVendorReportedEchoSpacing": 0.000570001,
    "DeviceSerialNumber": "35410",
    "DwellTime": 3.3e-06,
    "EchoTime": 0.03,
    "EffectiveEchoSpacing": 0.000570001,
    "FlipAngle": 90,
    "ImageOrientationPatientDICOM": [
      0.999926,
      -0.000849247,
      -0.0121427,
      6.90221e-08,
      0.997564,
      -0.0697628
    ],
    "ImageType": [
      "ORIGINAL",
      "PRIMARY",
      "M",
      "ND",
      "MOSAIC"
    ],
    "InPlanePhaseEncodingDirectionDICOM": "COL",
    "InstitutionAddress": "Cooper_60_St._Lucia_QLD_AU_4072",
    "InstitutionName": "St_Lucia_Campus",
    "InstitutionalDepartmentName": "Gehrmann_Labs_MRI",
    "MRAcquisitionType": "2D",
    "MagneticFieldStrength": 3,
    "Manufacturer": "Siemens",
    "ManufacturersModelName": "TrioTim",
    "Modality": "MR",
    "PartialFourier": 1,
    "PatientPosition": "HFS",
    "PercentPhaseFOV": 100,
    "PhaseEncodingDirection": "j-",
    "PhaseEncodingSteps": 76,
    "PhaseResolution": 1,
    "PixelBandwidth": 1994,
    "ProcedureStepDescription": "RESEARCH_3T_Research",
    "ProtocolName": "AUTO",
    "PulseSequenceDetails": "%SiemensSeq%_ep2d_pace",
    "ReceiveCoilName": "32Ch_Head",
    "ReconMatrixPE": 76,
    "RepetitionTime": 3,
    "SAR": 0.146781,
    "ScanOptions": "FS",
    "ScanningSequence": "EP",
    "SequenceName": "_epfid2d1_76",
    "SequenceVariant": "SK",
    "SeriesDescription": "AUTO",
    "SeriesNumber": 7,
    "ShimSetting": [
      6900,
      -11341,
      -2031,
      838,
      2,
      -203,
      288,
      9
    ],
    "SliceThickness": 2.5,
    "SliceTiming": [
      0,
      1.53,
      0.0675,
      1.595,
      0.1325,
      1.6625,
      0.2,
      1.73,
      0.2675,
      1.795,
      0.3325,
      1.8625,
      0.4,
      1.9275,
      0.465,
      1.995,
      0.5325,
      2.0625,
      0.6,
      2.1275,
      0.665,
      2.195,
      0.7325,
      2.26,
      0.7975,
      2.3275,
      0.865,
      2.395,
      0.9325,
      2.46,
      0.9975,
      2.5275,
      1.065,
      2.5925,
      1.13,
      2.66,
      1.1975,
      2.725,
      1.2625,
      2.7925,
      1.33,
      2.86,
      1.3975,
      2.925,
      1.4625
    ],
    "SoftwareVersions": "syngo_MR_B17",
    "SpacingBetweenSlices": 2.75,
    "StationName": "mrc_Trio",
    "TaskName": "autobio",
    "TotalReadoutTime": 0.04275,
    "TxRefAmp": 328.408,
    "dataset": "ds001748",
    "modality": "bold",
    "subject_id": "child15",
    "task_id": "autobio"
  },
  "dummy_trs": 0,
  "dvars_nstd": 39.39864409536913,
  "dvars_std": 1.3070101212751681,
  "dvars_vstd": 1.0380473796644292,
  "efc": 0.6237856309643874,
  "fber": 202.68310546875,
  "fd_mean": 0.2143196740964069,
  "fd_num": 63,
  "fd_perc": 42.0,
  "fwhm_avg": 3.221354787878788,
  "fwhm_x": 3.146872,
  "fwhm_y": 3.326316,
  "fwhm_z": 3.1908763636363635,
  "gcor": 0.0253193,
  "gsr_x": -0.024340644478797913,
  "gsr_y": 0.08324339985847473,
  "provenance": {
    "md5sum": "ff0338fa8509157696a46d54d9669823",
    "settings": {
      "fd_thres": 0.2,
      "testing": false
    },
    "software": "mriqc",
    "version": "22.0.0rc1",
    "webapi_port": null,
    "webapi_url": "https://mriqc.nimh.nih.gov/api/v1"
  },
  "size_t": 150,
  "size_x": 76,
  "size_y": 76,
  "size_z": 45,
  "snr": 2.38756842117734,
  "spacing_tr": 3.0,
  "spacing_x": 2.5,
  "spacing_y": 2.5,
  "spacing_z": 2.75,
  "summary_bg_k": 29.39621644777153,
  "summary_bg_mad": 13.076551114765119,
  "summary_bg_mean": 79.265380859375,
  "summary_bg_median": 47.9466667175293,
  "summary_bg_n": 132400.0,
  "summary_bg_p05": 38.23300037384033,
  "summary_bg_p95": 229.31333923339844,
  "summary_bg_stdv": 82.27344512939453,
  "summary_fg_k": 3.0792507845644863,
  "summary_fg_mad": 236.99890542897072,
  "summary_fg_mean": 776.1612548828125,
  "summary_fg_median": 711.5800170898438,
  "summary_fg_n": 72379.0,
  "summary_fg_p05": 433.96600952148435,
  "summary_fg_p95": 1375.3946533203123,
  "summary_fg_stdv": 298.03338623046875,
  "tsnr": 50.37121748726349
}