{
  "aor": 0.0011067333333333335,
  "aqi": 0.005498836933333333,
  "bids_meta": {
    "AcquisitionMatrixPE": 76,
    "AcquisitionNumber": 1,
    "AcquisitionTime": "16:00:1.752500",
    "BandwidthPerPixelPhaseEncode": 23.084,
    "BaseResolution": 76,
    "ConversionSoftware": "dcm2niix",
    "ConversionSoftwareVersion": "v1.0.20180622 (JP2:OpenJPEG) GCC6.1.0",
    "DerivedVendorReportedEchoSpacing": 0.000570001,
    "DeviceSerialNumber": "35410",
    "DwellTime": 3.3e-06,
    "EchoTime": 0.03,
    "EffectiveEchoSpacing": 0.000570001,
    "FlipAngle": 90,
    "ImageOrientationPatientDICOM": [
      0.999926,
      -0.000849247,
      -0.0121427,
      6.90221e-08,
      0.997564,
      -0.0697628
    ],
    "ImageType": [
      "ORIGINAL",
      "PRIMARY",
      "M",
      "ND",
      "MOSAIC"
    ],
    "InPlanePhaseEncodingDirectionDICOM": "COL",
    "InstitutionAddress": "Cooper_60_St._Lucia_QLD_AU_4072",
    "InstitutionName": "St_Lucia_Campus",
    "InstitutionalDepartmentName": "Gehrmann_Labs_MRI",
    "MRAcquisitionType": "2D",
    "MagneticFieldStrength": 3,
    "Manufacturer": "Siemens",
    "ManufacturersModelName": "TrioTim",
    "Modality": "MR",
    "PartialFourier": 1,
    "PatientPosition": "HFS",
    "PercentPhaseFOV": 100,
    "PhaseEncodingDirection": "j-",
    "PhaseEncodingSteps": 76,
    "PhaseResolution": 1,
    "PixelBandwidth": 1994,
    "ProcedureStepDescription": "RESEARCH_3T_Research",
    "ProtocolName": "SEM",
    "PulseSequenceDetails": "%SiemensSeq%_ep2d_pace",
    "ReceiveCoilName": "32Ch_Head",
    "ReconMatrixPE": 76,
    "RepetitionTime": 3,
    "SAR": 0.146781,
    "ScanOptions": "FS",
    "ScanningSequence": "EP",
    "SequenceName": "_epfid2d1_76",
    "SequenceVariant": "SK",
    "SeriesDescription": "SEM",
    "SeriesNumber": 8,
    "ShimSetting": [
      6900,
      -11341,
      -2031,
      838,
      2,
      -203,
      288,
      9
    ],
    "SliceThickness": 2.5,
    "SliceTiming": [
      0,
      1.5275,
      0.065,
      1.595,
      0.1325,
      1.6625,
      0.2,
      1.7275,
      0.265,
      1.795,
      0.3325,
      1.86,
      0.3975,
      1.9275,
      0.465,
      1.995,
      0.5325,
      2.06,
      0.5975,
      2.1275,
      0.665,
      2.1925,
      0.73,
      2.26,
      0.7975,
      2.3275,
      0.865,
      2.3925,
      0.93,
      2.46,
      0.9975,
      2.525,
      1.0625,
      2.5925,
      1.13,
      2.66,
      1.1975,
      2.725,
      1.2625,
      2.7925,
      1.33,
      2.8575,
      1.395,
      2.925,
      1.4625
    ],
    "SoftwareVersions": "syngo_MR_B17",
    "SpacingBetweenSlices": 2.75,
    "StationName": "mrc_Trio",
    "TaskName": "semantic",
    "TotalReadoutTime": 0.04275,
    "TxRefAmp": 328.408,
    "dataset": "ds001748",
    "modality": "bold",
    "subject_id": "child15",
    "task_id": "semantic"
  },
  "dummy_trs": 0,
  "dvars_nstd": 34.58208318375839,
  "dvars_std": 1.1653330140939602,
  "dvars_vstd": 0.9510573248322153,
  "efc": 0.6247130245894688,
  "fber": 202.88656616210938,
  "fd_mean": 0.13696921411703009,
  "fd_num": 22,
  "fd_perc": 14.666666666666666,
  "fwhm_avg": 3.1890997575757574,
  "fwhm_x": 3.1244199999999998,
  "fwhm_y": 3.308872,
  "fwhm_z": 3.1340072727272728,
  "gcor": 0.00857385,
  "gsr_x": -0.02384018898010254,
  "gsr_y": 0.08337749540805817,
  "provenance": {
    "md5sum": "8745e0df9379e8fd2f19f8dd6d6a9d24",
    "settings": {
      "fd_thres": 0.2,
      "testing": false
    },
    "software": "mriqc",
    "version": "22.0.0rc1",
    "webapi_port": null,
    "webapi_url": "https://mriqc.nimh.nih.gov/api/v1"
  },
  "size_t": 150,
  "size_x": 76,
  "size_y": 76,
  "size_z": 45,
  "snr": 2.405574657250386,
  "spacing_tr": 3.0,
  "spacing_x": 2.5,
  "spacing_y": 2.5,
  "spacing_z": 2.75,
  "summary_bg_k": 29.117116258336218,
  "summary_bg_mad": 13.086437241008511,
  "summary_bg_mean": 79.90340423583984,
  "summary_bg_median": 48.060001373291016,
  "summary_bg_n": 132423.0,
  "summary_bg_p05": 38.366668701171875,
  "summary_bg_p95": 232.22533721923782,
  "summary_bg_stdv": 82.89035034179688,
  "summary_fg_k": 3.065147834452775,
  "summary_fg_mad": 235.47182695372712,
  "summary_fg_mean": 776.1690063476562,
  "summary_fg_median": 711.8634033203125,
  "summary_fg_n": 72478.0,
  "summary_fg_p05": 436.5666809082031,
  "summary_fg_p95": 1371.0233215332028,
  "summary_fg_stdv": 295.92034912109375,
  "tsnr": 48.87035562470555
}