{
  "aor": 0.011302133333333332,
  "aqi": 0.012389402,
  "bids_meta": {
    "AcquisitionMatrixPE": 76,
    "AcquisitionNumber": 1,
    "AcquisitionTime": "10:28:26.247500",
    "BandwidthPerPixelPhaseEncode": 23.084,
    "BaseResolution": 76,
    "ConversionSoftware": "dcm2niix",
    "ConversionSoftwareVersion": "v1.0.20180622 (JP2:OpenJPEG) GCC6.1.0",
    "DerivedVendorReportedEchoSpacing": 0.000570001,
    "DeviceSerialNumber": "35410",
    "DwellTime": 3.3e-06,
    "EchoTime": 0.03,
    "EffectiveEchoSpacing": 0.000570001,
    "FlipAngle": 90,
    "ImageOrientationPatientDICOM": [
      0.999669,
      -0.0253454,
      -0.00451845,
      0.0226857,
      0.950183,
      -0.310865
    ],
    "ImageType": [
      "ORIGINAL",
      "PRIMARY",
      "M",
      "ND",
      "MOSAIC"
    ],
    "InPlanePhaseEncodingDirectionDICOM": "COL",
    "InstitutionAddress": "Cooper_60_St._Lucia_QLD_AU_4072",
    "InstitutionName": "St_Lucia_Campus",
    "InstitutionalDepartmentName": "Gehrmann_Labs_MRI",
    "MRAcquisitionType": "2D",
    "MagneticFieldStrength": 3,
    "Manufacturer": "Siemens",
    "ManufacturersModelName": "TrioTim",
    "Modality": "MR",
    "PartialFourier": 1,
    "PatientPosition": "HFS",
    "PercentPhaseFOV": 100,
    "PhaseEncodingDirection": "j-",
    "PhaseEncodingSteps": 76,
    "PhaseResolution": 1,
    "PixelBandwidth": 1994,
    "ProcedureStepDescription": "Brain_-_UQ_fMRI",
    "ProtocolName": "SEM",
    "PulseSequenceDetails": "%SiemensSeq%_ep2d_pace",
    "ReceiveCoilName": "32Ch_Head",
    "ReconMatrixPE": 76,
    "RepetitionTime": 3,
    "SAR": 0.144358,
    "ScanOptions": "FS",
    "ScanningSequence": "EP",
    "SequenceName": "_epfid2d1_76",
    "SequenceVariant": "SK",
    "SeriesDescription": "SEM",
    "SeriesNumber": 3,
    "ShimSetting": [
      6767,
      -11275,
      -2045,
      654,
      125,
      14,
      159,
      -43
    ],
    "SliceThickness": 2.5,
    "SliceTiming": [
      0,
      1.53,
      0.0675,
      1.5975,
      0.135,
      1.6625,
      0.2,
      1.73,
      0.2675,
      1.795,
      0.3325,
      1.8625,
      0.4,
      1.93,
      0.4675,
      1.995,
      0.5325,
      2.0625,
      0.6,
      2.1275,
      0.665,
      2.195,
      0.7325,
      2.2625,
      0.8,
      2.3275,
      0.865,
      2.395,
      0.9325,
      2.46,
      0.9975,
      2.5275,
      1.065,
      2.595,
      1.1325,
      2.66,
      1.1975,
      2.7275,
      1.265,
      2.7925,
      1.33,
      2.86,
      1.3975,
      2.925,
      1.4625
    ],
    "SoftwareVersions": "syngo_MR_B17",
    "SpacingBetweenSlices": 2.75,
    "StationName": "mrc_Trio",
    "TaskName": "semantic",
    "TotalReadoutTime": 0.04275,
    "TxRefAmp": 331.542,
    "dataset": "ds001748",
    "modality": "bold",
    "subject_id": "adult20",
    "task_id": "semantic"
  },
  "dummy_trs": 0,
  "dvars_nstd": 36.0375460299329,
  "dvars_std": 0.9607922638255033,
  "dvars_vstd": 0.9383034336912747,
  "efc": 0.6022051590322477,
  "fber": 200.3711395263672,
  "fd_mean": 0.2500910770174832,
  "fd_num": 40,
  "fd_perc": 26.666666666666668,
  "fwhm_avg": 2.6800595151515147,
  "fwhm_x": 2.5448560000000002,
  "fwhm_y": 2.844988,
  "fwhm_z": 2.6503345454545455,
  "gcor": 0.0820148,
  "gsr_x": -0.002548103453591466,
  "gsr_y": 0.05887315422296524,
  "provenance": {
    "md5sum": "7171dd82e75d4ee343bd698ee760357d",
    "settings": {
      "fd_thres": 0.2,
      "testing": false
    },
    "software": "mriqc",
    "version": "22.0.0rc1",
    "webapi_port": null,
    "webapi_url": "https://mriqc.nimh.nih.gov/api/v1"
  },
  "size_t": 150,
  "size_x": 76,
  "size_y": 76,
  "size_z": 45,
  "snr": 3.068378550407963,
  "spacing_tr": 3.0,
  "spacing_x": 2.5,
  "spacing_y": 2.5,
  "spacing_z": 2.75,
  "summary_bg_k": 49.349256920990655,
  "summary_bg_mad": 10.13111327456207,
  "summary_bg_mean": 61.912933349609375,
  "summary_bg_median": 40.47333526611328,
  "summary_bg_n": 149059.0,
  "summary_bg_p05": 32.28666687011719,
  "summary_bg_p95": 153.6806747436524,
  "summary_bg_stdv": 64.923828125,
  "summary_fg_k": 1.3388639470526638,
  "summary_fg_mad": 170.16321732672696,
  "summary_fg_mean": 618.1260375976562,
  "summary_fg_median": 587.0133666992188,
  "summary_fg_n": 58577.0,
  "summary_fg_p05": 360.98134765625,
  "summary_fg_p95": 982.48935546875,
  "summary_fg_stdv": 191.30897521972656,
  "tsnr": 32.93447205272969
}