{
  "aor": 0.005482533333333333,
  "aqi": 0.0044368385333333335,
  "bids_meta": {
    "AcquisitionMatrixPE": 76,
    "AcquisitionNumber": 1,
    "AcquisitionTime": "17:30:31.852500",
    "BandwidthPerPixelPhaseEncode": 23.084,
    "BaseResolution": 76,
    "BodyPartExamined": "BRAIN",
    "ConsistencyInfo": "N4_VE11C_LATEST_20160120",
    "ConversionSoftware": "dcm2niix",
    "ConversionSoftwareVersion": "v1.0.20180622 (JP2:OpenJPEG) GCC6.1.0",
    "DerivedVendorReportedEchoSpacing": 0.000570001,
    "DeviceSerialNumber": "167001",
    "DwellTime": 3.3e-06,
    "EchoTime": 0.03,
    "EchoTrainLength": 76,
    "EffectiveEchoSpacing": 0.000570001,
    "FlipAngle": 90,
    "ImageOrientationPatientDICOM": [
      0.998829,
      -0.0431296,
      0.0219266,
      0.0436098,
      0.998808,
      -0.0219163
    ],
    "ImageType": [
      "ORIGINAL",
      "PRIMARY",
      "M",
      "ND",
      "MOSAIC"
    ],
    "InPlanePhaseEncodingDirectionDICOM": "COL",
    "InstitutionAddress": "Cooper_60_St._Lucia_QLD_AU_4072",
    "InstitutionName": "St_Lucia_Campus",
    "InstitutionalDepartmentName": "Gehrmann_Labs_MRI",
    "MRAcquisitionType": "2D",
    "MagneticFieldStrength": 3,
    "Manufacturer": "Siemens",
    "ManufacturersModelName": "Prisma_fit",
    "Modality": "MR",
    "PartialFourier": 1,
    "PatientPosition": "HFS",
    "PercentPhaseFOV": 100,
    "PhaseEncodingDirection": "j-",
    "PhaseEncodingSteps": 76,
    "PhaseResolution": 1,
    "PixelBandwidth": 1995,
    "ProcedureStepDescription": "Research_16004_CMN",
    "ProtocolName": "ep2d_bold_EPI",
    "PulseSequenceDetails": "%SiemensSeq%_ep2d_bold",
    "ReceiveCoilActiveElements": "HC1-7;NC1,2",
    "ReceiveCoilName": "HeadNeck_64",
    "ReconMatrixPE": 76,
    "RepetitionTime": 3,
    "SAR": 0.0749668,
    "ScanOptions": "FS",
    "ScanningSequence": "EP",
    "SequenceName": "_epfid2d1_76",
    "SequenceVariant": "SK",
    "SeriesDescription": "ep2d_bold_EPI",
    "SeriesNumber": 12,
    "ShimSetting": [
      3063,
      -4089,
      -808,
      480,
      52,
      32,
      -117,
      33
    ],
    "SliceThickness": 2.5,
    "SliceTiming": [
      0,
      1.5225,
      0.0675,
      1.59,
      0.1325,
      1.655,
      0.2,
      1.7225,
      0.265,
      1.7875,
      0.3325,
      1.855,
      0.3975,
      1.92,
      0.465,
      1.9875,
      0.53,
      2.0525,
      0.5975,
      2.12,
      0.6625,
      2.185,
      0.73,
      2.2525,
      0.795,
      2.3175,
      0.8625,
      2.385,
      0.9275,
      2.45,
      0.995,
      2.5175,
      1.06,
      2.5825,
      1.125,
      2.65,
      1.1925,
      2.715,
      1.2575,
      2.7825,
      1.325,
      2.8475,
      1.39,
      2.915,
      1.4575
    ],
    "SoftwareVersions": "syngo_MR_E11",
    "SpacingBetweenSlices": 2.75,
    "StationName": "mrc_Trio",
    "TaskName": "episodic",
    "TotalReadoutTime": 0.04275,
    "TxRefAmp": 235.045,
    "dataset": "ds001748",
    "modality": "bold",
    "subject_id": "teen08",
    "task_id": "episodic"
  },
  "dummy_trs": 0,
  "dvars_nstd": 32.76494329583894,
  "dvars_std": 1.4372452065771808,
  "dvars_vstd": 1.0637377799328862,
  "efc": 0.6390838234105957,
  "fber": 142.6602783203125,
  "fd_mean": 0.08613236907908682,
  "fd_num": 6,
  "fd_perc": 4.0,
  "fwhm_avg": 2.954325818181818,
  "fwhm_x": 2.731692,
  "fwhm_y": 3.1162199999999998,
  "fwhm_z": 3.0150654545454545,
  "gcor": 0.0283378,
  "gsr_x": -0.04142997786402702,
  "gsr_y": 0.11899244040250778,
  "provenance": {
    "md5sum": "41902dad9f19c596c37b954cd3ddc1fb",
    "settings": {
      "fd_thres": 0.2,
      "testing": false
    },
    "software": "mriqc",
    "version": "22.0.0rc1",
    "webapi_port": null,
    "webapi_url": "https://mriqc.nimh.nih.gov/api/v1"
  },
  "size_t": 150,
  "size_x": 76,
  "size_y": 76,
  "size_z": 45,
  "snr": 2.399559583371309,
  "spacing_tr": 3.0,
  "spacing_x": 2.5,
  "spacing_y": 2.5,
  "spacing_z": 2.75,
  "summary_bg_k": 23.279186412051654,
  "summary_bg_mad": 7.324047267694739,
  "summary_bg_mean": 108.32254791259766,
  "summary_bg_median": 69.1066665649414,
  "summary_bg_n": 132159.0,
  "summary_bg_p05": 61.2400016784668,
  "summary_bg_p95": 312.4273345947265,
  "summary_bg_stdv": 104.39825439453125,
  "summary_fg_k": 0.9133513995461047,
  "summary_fg_mad": 336.62979261071877,
  "summary_fg_mean": 910.0888061523438,
  "summary_fg_median": 848.086669921875,
  "summary_fg_n": 70399.0,
  "summary_fg_p05": 463.7526885986328,
  "summary_fg_p95": 1594.4314208984372,
  "summary_fg_stdv": 353.4317932128906,
  "tsnr": 62.756140220328234
}