{
  "aor": 0.0013168,
  "aqi": 0.0038364492666666666,
  "bids_meta": {
    "AcquisitionMatrixPE": 76,
    "AcquisitionNumber": 1,
    "AcquisitionTime": "17:22:34.532500",
    "BandwidthPerPixelPhaseEncode": 23.084,
    "BaseResolution": 76,
    "BodyPartExamined": "BRAIN",
    "ConsistencyInfo": "N4_VE11C_LATEST_20160120",
    "ConversionSoftware": "dcm2niix",
    "ConversionSoftwareVersion": "v1.0.20180622 (JP2:OpenJPEG) GCC6.1.0",
    "DerivedVendorReportedEchoSpacing": 0.000570001,
    "DeviceSerialNumber": "167001",
    "DwellTime": 3.3e-06,
    "EchoTime": 0.03,
    "EchoTrainLength": 76,
    "EffectiveEchoSpacing": 0.000570001,
    "FlipAngle": 90,
    "ImageOrientationPatientDICOM": [
      0.998829,
      -0.0431296,
      0.0219266,
      0.0436098,
      0.998808,
      -0.0219163
    ],
    "ImageType": [
      "ORIGINAL",
      "PRIMARY",
      "M",
      "ND",
      "MOSAIC"
    ],
    "InPlanePhaseEncodingDirectionDICOM": "COL",
    "InstitutionAddress": "Cooper_60_St._Lucia_QLD_AU_4072",
    "InstitutionName": "St_Lucia_Campus",
    "InstitutionalDepartmentName": "Gehrmann_Labs_MRI",
    "MRAcquisitionType": "2D",
    "MagneticFieldStrength": 3,
    "Manufacturer": "Siemens",
    "ManufacturersModelName": "Prisma_fit",
    "Modality": "MR",
    "PartialFourier": 1,
    "PatientPosition": "HFS",
    "PercentPhaseFOV": 100,
    "PhaseEncodingDirection": "j-",
    "PhaseEncodingSteps": 76,
    "PhaseResolution": 1,
    "PixelBandwidth": 1995,
    "ProcedureStepDescription": "Research_16004_CMN",
    "ProtocolName": "ep2d_bold_SEM",
    "PulseSequenceDetails": "%SiemensSeq%_ep2d_bold",
    "ReceiveCoilActiveElements": "HC1-7;NC1,2",
    "ReceiveCoilName": "HeadNeck_64",
    "ReconMatrixPE": 76,
    "RepetitionTime": 3,
    "SAR": 0.0749668,
    "ScanOptions": "FS",
    "ScanningSequence": "EP",
    "SequenceName": "_epfid2d1_76",
    "SequenceVariant": "SK",
    "SeriesDescription": "ep2d_bold_SEM",
    "SeriesNumber": 11,
    "ShimSetting": [
      3063,
      -4089,
      -808,
      480,
      52,
      32,
      -117,
      33
    ],
    "SliceThickness": 2.5,
    "SliceTiming": [
      0,
      1.5225,
      0.065,
      1.5875,
      0.1325,
      1.655,
      0.1975,
      1.72,
      0.265,
      1.7875,
      0.33,
      1.8525,
      0.3975,
      1.92,
      0.4625,
      1.985,
      0.53,
      2.0525,
      0.595,
      2.1175,
      0.6625,
      2.185,
      0.7275,
      2.25,
      0.795,
      2.3175,
      0.86,
      2.3825,
      0.925,
      2.45,
      0.9925,
      2.515,
      1.0575,
      2.5825,
      1.125,
      2.6475,
      1.19,
      2.715,
      1.2575,
      2.78,
      1.3225,
      2.8475,
      1.39,
      2.9125,
      1.455
    ],
    "SoftwareVersions": "syngo_MR_E11",
    "SpacingBetweenSlices": 2.75,
    "StationName": "mrc_Trio",
    "TaskName": "semantic",
    "TotalReadoutTime": 0.04275,
    "TxRefAmp": 235.045,
    "dataset": "ds001748",
    "modality": "bold",
    "subject_id": "teen08",
    "task_id": "semantic"
  },
  "dummy_trs": 0,
  "dvars_nstd": 30.391414910939602,
  "dvars_std": 1.320910502147651,
  "dvars_vstd": 1.0072374310067118,
  "efc": 0.6388831428965954,
  "fber": 145.72238159179688,
  "fd_mean": 0.09311868263949101,
  "fd_num": 8,
  "fd_perc": 5.333333333333333,
  "fwhm_avg": 2.9672203636363634,
  "fwhm_x": 2.745032,
  "fwhm_y": 3.13508,
  "fwhm_z": 3.0215490909090907,
  "gcor": 0.0262991,
  "gsr_x": -0.0526004433631897,
  "gsr_y": 0.1390535533428192,
  "provenance": {
    "md5sum": "e2af910b23f37b492159f5f91d40da99",
    "settings": {
      "fd_thres": 0.2,
      "testing": false
    },
    "software": "mriqc",
    "version": "22.0.0rc1",
    "webapi_port": null,
    "webapi_url": "https://mriqc.nimh.nih.gov/api/v1"
  },
  "size_t": 150,
  "size_x": 76,
  "size_y": 76,
  "size_z": 45,
  "snr": 2.3918430285165084,
  "spacing_tr": 3.0,
  "spacing_x": 2.5,
  "spacing_y": 2.5,
  "spacing_z": 2.75,
  "summary_bg_k": 31.618318665732595,
  "summary_bg_mad": 5.851331175432528,
  "summary_bg_mean": 117.49986267089844,
  "summary_bg_median": 68.64666748046875,
  "summary_bg_n": 134934.0,
  "summary_bg_p05": 63.36000061035156,
  "summary_bg_p95": 354.9320007324214,
  "summary_bg_stdv": 133.6260986328125,
  "summary_fg_k": 0.9141949287075164,
  "summary_fg_mad": 335.99717102199975,
  "summary_fg_mean": 907.879150390625,
  "summary_fg_median": 845.693359375,
  "summary_fg_n": 69955.0,
  "summary_fg_p05": 462.6586853027344,
  "summary_fg_p95": 1593.5527343750002,
  "summary_fg_stdv": 353.5714111328125,
  "tsnr": 67.48731781169772
}