{
  "bids_meta": {
    "AcquisitionMatrixPE": 240,
    "AcquisitionNumber": 1,
    "AcquisitionTime": "14:15:32.662500",
    "BaseResolution": 256,
    "ConversionSoftware": "dcm2niix",
    "ConversionSoftwareVersion": "v1.0.20180622 (JP2:OpenJPEG) GCC6.1.0",
    "DeviceSerialNumber": "35410",
    "DwellTime": 8.1e-06,
    "EchoTime": 0.00289,
    "ImageOrientationPatientDICOM": [
      0.0191973,
      0.999816,
      -3.03858e-08,
      0.00348898,
      -6.70216e-05,
      -0.999994
    ],
    "ImageType": [
      "ORIGINAL",
      "PRIMARY",
      "M",
      "ND",
      "UNI"
    ],
    "InPlanePhaseEncodingDirectionDICOM": "ROW",
    "InstitutionAddress": "Cooper_60_St._Lucia_QLD_AU_4072",
    "InstitutionName": "St_Lucia_Campus",
    "InstitutionalDepartmentName": "Gehrmann_Labs_MRI",
    "MRAcquisitionType": "3D",
    "MagneticFieldStrength": 3,
    "Manufacturer": "Siemens",
    "ManufacturersModelName": "TrioTim",
    "Modality": "MR",
    "ParallelReductionFactorInPlane": 3,
    "PartialFourier": 0.75,
    "PatientPosition": "HFS",
    "PercentPhaseFOV": 93.75,
    "PhaseEncodingSteps": 181,
    "PhaseResolution": 1,
    "PixelBandwidth": 241,
    "ProcedureStepDescription": "RESEARCH_3T_Research",
    "ProtocolName": "mp2rage",
    "PulseSequenceDetails": "%CustomerSeq%_mp2rage_wip820B17",
    "ReceiveCoilName": "32Ch_Head",
    "ReconMatrixPE": 256,
    "RepetitionTime": 4,
    "SAR": 0.124261,
    "ScanOptions": "IR_PFP",
    "ScanningSequence": "GR_IR",
    "SequenceName": "tfl3d1_ns",
    "SequenceVariant": "SP_MP",
    "SeriesDescription": "mp2rage_UNI-DEN",
    "SeriesNumber": 3,
    "ShimSetting": [
      6819,
      -11271,
      -2615,
      -89,
      20,
      1,
      -123,
      4
    ],
    "SliceThickness": 1,
    "SoftwareVersions": "syngo_MR_B17",
    "StationName": "mrc_Trio",
    "TxRefAmp": 330.467,
    "dataset": "ds001748",
    "modality": "T1w",
    "subject_id": "child17"
  },
  "cjv": 0.2549000103803418,
  "cnr": 5.181671257794826,
  "efc": 0.4946339179756863,
  "fber": 3106.80224609375,
  "fwhm_avg": 3.7910704666246655,
  "fwhm_x": 3.914331399873996,
  "fwhm_y": 4.11067,
  "fwhm_z": 3.34821,
  "icvs_csf": 0.18501246879442904,
  "icvs_gm": 0.48108751660888444,
  "icvs_wm": 0.3339000145966865,
  "inu_med": 0.9262830018997192,
  "inu_range": 0.20030503273010236,
  "provenance": {
    "md5sum": "3ee5a51d915e8226f14127f6161f61d8",
    "settings": {
      "testing": false
    },
    "software": "mriqc",
    "version": "22.0.0rc1",
    "warnings": {
      "large_rot_frame": true,
      "small_air_mask": false
    },
    "webapi_port": null,
    "webapi_url": "https://mriqc.nimh.nih.gov/api/v1"
  },
  "qi_1": 0.0,
  "qi_2": 0.002187040459542774,
  "rpve_csf": 25.60512884262768,
  "rpve_gm": 11.481800256642984,
  "rpve_wm": 19.70349039819519,
  "size_x": 176,
  "size_y": 240,
  "size_z": 256,
  "snr_csf": 2.603132845084093,
  "snr_gm": 9.703631990562538,
  "snr_total": 13.65675090501392,
  "snr_wm": 28.663487879395127,
  "snrd_csf": 68.43376091774975,
  "snrd_gm": 120.49193937192827,
  "snrd_total": 127.59658194172232,
  "snrd_wm": 193.86404553548894,
  "spacing_x": 0.9999996423721313,
  "spacing_y": 1.0,
  "spacing_z": 1.0,
  "summary_bg_k": 4.548215812544593,
  "summary_bg_mad": 3.3793796804462914,
  "summary_bg_mean": 11.761555671691895,
  "summary_bg_median": 11.078413009643555,
  "summary_bg_n": 2608525.0,
  "summary_bg_p05": 6.78778600692749,
  "summary_bg_p95": 19.020759963989256,
  "summary_bg_stdv": 3.9167253971099854,
  "summary_csf_k": -0.6819865441965627,
  "summary_csf_mad": 97.61683215383795,
  "summary_csf_mean": 302.12152099609375,
  "summary_csf_median": 353.00079345703125,
  "summary_csf_n": 7274.0,
  "summary_csf_p05": 46.59832763671875,
  "summary_csf_p95": 452.44044342041,
  "summary_csf_stdv": 135.59681701660156,
  "summary_gm_k": -0.08628393237417331,
  "summary_gm_mad": 65.4707692446492,
  "summary_gm_mean": 620.2015991210938,
  "summary_gm_median": 621.5316772460938,
  "summary_gm_n": 41415.0,
  "summary_gm_p05": 513.5606384277344,
  "summary_gm_p95": 722.7742736816406,
  "summary_gm_stdv": 64.05067443847656,
  "summary_wm_k": 1.2534258036012496,
  "summary_wm_mad": 31.002303708700378,
  "summary_wm_mean": 998.7820434570312,
  "summary_wm_median": 1000.005859375,
  "summary_wm_n": 158446.0,
  "summary_wm_p05": 939.8946990966797,
  "summary_wm_p95": 1053.1300659179688,
  "summary_wm_stdv": 34.8876838684082,
  "tpm_overlap_csf": 0.1711498200893402,
  "tpm_overlap_gm": 0.4638952612876892,
  "tpm_overlap_wm": 0.5148189067840576,
  "wm2max": 0.7532640062236138
}