{
  "aor": 0.0021530000000000004,
  "aqi": 0.00288586,
  "bids_meta": {
    "AcquisitionMatrixPE": 76,
    "AcquisitionNumber": 1,
    "AcquisitionTime": "11:08:15.262500",
    "BandwidthPerPixelPhaseEncode": 23.084,
    "BaseResolution": 76,
    "BodyPartExamined": "BRAIN",
    "ConsistencyInfo": "N4_VE11C_LATEST_20160120",
    "ConversionSoftware": "dcm2niix",
    "ConversionSoftwareVersion": "v1.0.20180622 (JP2:OpenJPEG) GCC6.1.0",
    "DerivedVendorReportedEchoSpacing": 0.000570001,
    "DeviceSerialNumber": "167001",
    "DwellTime": 3.3e-06,
    "EchoTime": 0.03,
    "EchoTrainLength": 76,
    "EffectiveEchoSpacing": 0.000570001,
    "FlipAngle": 90,
    "ImageOrientationPatientDICOM": [
      0.999945,
      -0.0102579,
      0.00210565,
      0.0104718,
      0.979522,
      -0.201067
    ],
    "ImageType": [
      "ORIGINAL",
      "PRIMARY",
      "M",
      "ND",
      "MOSAIC"
    ],
    "InPlanePhaseEncodingDirectionDICOM": "COL",
    "InstitutionAddress": "Cooper_60_St._Lucia_QLD_AU_4072",
    "InstitutionName": "St_Lucia_Campus",
    "InstitutionalDepartmentName": "Gehrmann_Labs_MRI",
    "MRAcquisitionType": "2D",
    "MagneticFieldStrength": 3,
    "Manufacturer": "Siemens",
    "ManufacturersModelName": "Prisma_fit",
    "Modality": "MR",
    "PartialFourier": 1,
    "PatientPosition": "HFS",
    "PercentPhaseFOV": 100,
    "PhaseEncodingDirection": "j-",
    "PhaseEncodingSteps": 76,
    "PhaseResolution": 1,
    "PixelBandwidth": 1995,
    "ProcedureStepDescription": "Research_16004_CMN",
    "ProtocolName": "ep2d_bold_AUTO",
    "PulseSequenceDetails": "%SiemensSeq%_ep2d_bold",
    "ReceiveCoilActiveElements": "HC1-7;NC1,2",
    "ReceiveCoilName": "HeadNeck_64",
    "ReconMatrixPE": 76,
    "RepetitionTime": 3,
    "SAR": 0.0791224,
    "ScanOptions": "FS",
    "ScanningSequence": "EP",
    "SequenceName": "_epfid2d1_76",
    "SequenceVariant": "SK",
    "SeriesDescription": "ep2d_bold_AUTO",
    "SeriesNumber": 6,
    "ShimSetting": [
      3048,
      -4143,
      -718,
      721,
      1,
      -48,
      -15,
      -6
    ],
    "SliceThickness": 2.5,
    "SliceTiming": [
      0,
      1.5225,
      0.065,
      1.59,
      0.1325,
      1.655,
      0.1975,
      1.7225,
      0.265,
      1.7875,
      0.33,
      1.855,
      0.3975,
      1.92,
      0.4625,
      1.9875,
      0.53,
      2.0525,
      0.595,
      2.12,
      0.6625,
      2.185,
      0.7275,
      2.2525,
      0.795,
      2.3175,
      0.86,
      2.385,
      0.9275,
      2.45,
      0.9925,
      2.5175,
      1.06,
      2.5825,
      1.125,
      2.6475,
      1.1925,
      2.715,
      1.2575,
      2.78,
      1.325,
      2.8475,
      1.39,
      2.9125,
      1.4575
    ],
    "SoftwareVersions": "syngo_MR_E11",
    "SpacingBetweenSlices": 2.75,
    "StationName": "mrc_Trio",
    "TaskName": "autobio",
    "TotalReadoutTime": 0.04275,
    "TxRefAmp": 215.286,
    "dataset": "ds001748",
    "modality": "bold",
    "subject_id": "teen06",
    "task_id": "autobio"
  },
  "dummy_trs": 0,
  "dvars_nstd": 27.0117692118792,
  "dvars_std": 1.3446323713422823,
  "dvars_vstd": 1.024604759395973,
  "efc": 0.625174993053085,
  "fber": 140.74740600585938,
  "fd_mean": 0.08311409996218866,
  "fd_num": 7,
  "fd_perc": 4.666666666666667,
  "fwhm_avg": 2.6773087272727274,
  "fwhm_x": 2.47616,
  "fwhm_y": 2.844348,
  "fwhm_z": 2.711418181818182,
  "gcor": 0.0160283,
  "gsr_x": -0.004929265007376671,
  "gsr_y": 0.05786910653114319,
  "provenance": {
    "md5sum": "5c7ecda11817fdaba43f7dfef2aa5657",
    "settings": {
      "fd_thres": 0.2,
      "testing": false
    },
    "software": "mriqc",
    "version": "22.0.0rc1",
    "webapi_port": null,
    "webapi_url": "https://mriqc.nimh.nih.gov/api/v1"
  },
  "size_t": 150,
  "size_x": 76,
  "size_y": 76,
  "size_z": 45,
  "snr": 3.1157305717481965,
  "spacing_tr": 3.0,
  "spacing_x": 2.5,
  "spacing_y": 2.5,
  "spacing_z": 2.75,
  "summary_bg_k": 33.058281163688456,
  "summary_bg_mad": 3.587900309736444,
  "summary_bg_mean": 97.02840423583984,
  "summary_bg_median": 65.37333679199219,
  "summary_bg_n": 148130.0,
  "summary_bg_p05": 62.58000183105469,
  "summary_bg_p95": 252.28433990478493,
  "summary_bg_stdv": 91.04845428466797,
  "summary_fg_k": -0.026214028338665596,
  "summary_fg_mad": 265.6427911494019,
  "summary_fg_mean": 822.8255615234375,
  "summary_fg_median": 797.453369140625,
  "summary_fg_n": 57717.0,
  "summary_fg_p05": 458.6320007324219,
  "summary_fg_p95": 1284.3734130859375,
  "summary_fg_stdv": 255.94204711914062,
  "tsnr": 77.50827976199798
}