{
  "aor": 0.010723422818791947,
  "aqi": 0.003316145570469799,
  "bids_meta": {
    "AcquisitionMatrixPE": 76,
    "AcquisitionNumber": 1,
    "AcquisitionTime": "11:24:13.145000",
    "BandwidthPerPixelPhaseEncode": 23.084,
    "BaseResolution": 76,
    "BodyPartExamined": "BRAIN",
    "ConsistencyInfo": "N4_VE11C_LATEST_20160120",
    "ConversionSoftware": "dcm2niix",
    "ConversionSoftwareVersion": "v1.0.20180622 (JP2:OpenJPEG) GCC6.1.0",
    "DerivedVendorReportedEchoSpacing": 0.000570001,
    "DeviceSerialNumber": "167001",
    "DwellTime": 3.3e-06,
    "EchoTime": 0.03,
    "EchoTrainLength": 76,
    "EffectiveEchoSpacing": 0.000570001,
    "FlipAngle": 90,
    "ImageOrientationPatientDICOM": [
      0.999945,
      -0.0102579,
      0.00210565,
      0.0104718,
      0.979522,
      -0.201067
    ],
    "ImageType": [
      "ORIGINAL",
      "PRIMARY",
      "M",
      "ND",
      "MOSAIC"
    ],
    "InPlanePhaseEncodingDirectionDICOM": "COL",
    "InstitutionAddress": "Cooper_60_St._Lucia_QLD_AU_4072",
    "InstitutionName": "St_Lucia_Campus",
    "InstitutionalDepartmentName": "Gehrmann_Labs_MRI",
    "MRAcquisitionType": "2D",
    "MagneticFieldStrength": 3,
    "Manufacturer": "Siemens",
    "ManufacturersModelName": "Prisma_fit",
    "Modality": "MR",
    "PartialFourier": 1,
    "PatientPosition": "HFS",
    "PercentPhaseFOV": 100,
    "PhaseEncodingDirection": "j-",
    "PhaseEncodingSteps": 76,
    "PhaseResolution": 1,
    "PixelBandwidth": 1995,
    "ProcedureStepDescription": "Research_16004_CMN",
    "ProtocolName": "ep2d_bold_EPI",
    "PulseSequenceDetails": "%SiemensSeq%_ep2d_bold",
    "ReceiveCoilActiveElements": "HC1-7;NC1,2",
    "ReceiveCoilName": "HeadNeck_64",
    "ReconMatrixPE": 76,
    "RepetitionTime": 3,
    "SAR": 0.0791224,
    "ScanOptions": "FS",
    "ScanningSequence": "EP",
    "SequenceName": "_epfid2d1_76",
    "SequenceVariant": "SK",
    "SeriesDescription": "ep2d_bold_EPI",
    "SeriesNumber": 8,
    "ShimSetting": [
      3048,
      -4143,
      -718,
      721,
      1,
      -48,
      -15,
      -6
    ],
    "SliceThickness": 2.5,
    "SliceTiming": [
      0,
      1.5225,
      0.065,
      1.5875,
      0.1325,
      1.655,
      0.1975,
      1.72,
      0.265,
      1.7875,
      0.33,
      1.8525,
      0.3975,
      1.92,
      0.4625,
      1.985,
      0.53,
      2.0525,
      0.595,
      2.1175,
      0.6625,
      2.185,
      0.7275,
      2.25,
      0.795,
      2.3175,
      0.86,
      2.3825,
      0.925,
      2.45,
      0.9925,
      2.515,
      1.0575,
      2.5825,
      1.125,
      2.6475,
      1.19,
      2.715,
      1.2575,
      2.78,
      1.3225,
      2.8475,
      1.39,
      2.9125,
      1.455
    ],
    "SoftwareVersions": "syngo_MR_E11",
    "SpacingBetweenSlices": 2.75,
    "StationName": "mrc_Trio",
    "TaskName": "episodic",
    "TotalReadoutTime": 0.04275,
    "TxRefAmp": 215.286,
    "dataset": "ds001748",
    "modality": "bold",
    "subject_id": "teen06",
    "task_id": "episodic"
  },
  "dummy_trs": 1,
  "dvars_nstd": 27.4046265497973,
  "dvars_std": 1.4019703893243247,
  "dvars_vstd": 1.1020069513513513,
  "efc": 0.6300708294396135,
  "fber": 128.17807006835938,
  "fd_mean": 0.09338671830835599,
  "fd_num": 13,
  "fd_perc": 8.724832214765101,
  "fwhm_avg": 2.6887701818181817,
  "fwhm_x": 2.482716,
  "fwhm_y": 2.85198,
  "fwhm_z": 2.7316145454545455,
  "gcor": 0.0242371,
  "gsr_x": -0.005605006590485573,
  "gsr_y": 0.059719495475292206,
  "provenance": {
    "md5sum": "fb4487ceb4e75d5c0c7f012fed63a43e",
    "settings": {
      "fd_thres": 0.2,
      "testing": false
    },
    "software": "mriqc",
    "version": "22.0.0rc1",
    "webapi_port": null,
    "webapi_url": "https://mriqc.nimh.nih.gov/api/v1"
  },
  "size_t": 149,
  "size_x": 76,
  "size_y": 76,
  "size_z": 45,
  "snr": 3.1095907777645113,
  "spacing_tr": 3.0,
  "spacing_x": 2.5,
  "spacing_y": 2.5,
  "spacing_z": 2.75,
  "summary_bg_k": 32.755857472166184,
  "summary_bg_mad": 3.980138589689519,
  "summary_bg_mean": 99.60588836669922,
  "summary_bg_median": 68.22818756103516,
  "summary_bg_n": 148027.0,
  "summary_bg_p05": 65.0067138671875,
  "summary_bg_p95": 255.13020324707009,
  "summary_bg_stdv": 90.84255981445312,
  "summary_fg_k": 0.020652345317245135,
  "summary_fg_mad": 262.23155727299775,
  "summary_fg_mean": 817.8485717773438,
  "summary_fg_median": 790.8255004882812,
  "summary_fg_n": 57893.0,
  "summary_fg_p05": 457.4563720703125,
  "summary_fg_p95": 1278.1289062499998,
  "summary_fg_stdv": 254.3159942626953,
  "tsnr": 69.630772608798
}