{
  "bids_meta": {
    "AcquisitionMatrixPE": 240,
    "AcquisitionNumber": 1,
    "AcquisitionTime": "10:07:28.810000",
    "BaseResolution": 256,
    "ConversionSoftware": "dcm2niix",
    "ConversionSoftwareVersion": "v1.0.20180622 (JP2:OpenJPEG) GCC6.1.0",
    "DeviceSerialNumber": "35410",
    "DwellTime": 8.1e-06,
    "EchoTime": 0.00289,
    "ImageOrientationPatientDICOM": [
      0.0191973,
      0.999816,
      -3.03858e-08,
      0.00348898,
      -6.70216e-05,
      -0.999994
    ],
    "ImageType": [
      "ORIGINAL",
      "PRIMARY",
      "M",
      "ND",
      "UNI"
    ],
    "InPlanePhaseEncodingDirectionDICOM": "ROW",
    "InstitutionAddress": "Cooper_60_St._Lucia_QLD_AU_4072",
    "InstitutionName": "St_Lucia_Campus",
    "InstitutionalDepartmentName": "Gehrmann_Labs_MRI",
    "MRAcquisitionType": "3D",
    "MagneticFieldStrength": 3,
    "Manufacturer": "Siemens",
    "ManufacturersModelName": "TrioTim",
    "Modality": "MR",
    "ParallelReductionFactorInPlane": 3,
    "PartialFourier": 0.75,
    "PatientPosition": "HFS",
    "PercentPhaseFOV": 93.75,
    "PhaseEncodingSteps": 181,
    "PhaseResolution": 1,
    "PixelBandwidth": 241,
    "ProcedureStepDescription": "Brain_-_UQ_fMRI",
    "ProtocolName": "mp2rage",
    "PulseSequenceDetails": "%CustomerSeq%_mp2rage_wip820B17",
    "ReceiveCoilName": "32Ch_Head",
    "ReconMatrixPE": 256,
    "RepetitionTime": 4,
    "SAR": 0.113079,
    "ScanOptions": "IR_PFP",
    "ScanningSequence": "GR_IR",
    "SequenceName": "tfl3d1_ns",
    "SequenceVariant": "SP_MP",
    "SeriesDescription": "mp2rage_UNI-DEN",
    "SeriesNumber": 7,
    "ShimSetting": [
      6819,
      -11271,
      -2615,
      -89,
      20,
      1,
      -123,
      4
    ],
    "SliceThickness": 1,
    "SoftwareVersions": "syngo_MR_B17",
    "StationName": "mrc_Trio",
    "TxRefAmp": 311.536,
    "dataset": "ds001748",
    "modality": "T1w",
    "subject_id": "adult16"
  },
  "cjv": 0.3332005039163977,
  "cnr": 3.9063365602905096,
  "efc": 0.48739822251928866,
  "fber": 4515.84619140625,
  "fwhm_avg": 3.7649872109369724,
  "fwhm_x": 3.913431632810916,
  "fwhm_y": 4.03357,
  "fwhm_z": 3.34796,
  "icvs_csf": 0.2345766362089454,
  "icvs_gm": 0.4047751640691267,
  "icvs_wm": 0.3606481997219279,
  "inu_med": 0.9553194046020508,
  "inu_range": 0.2232293605804443,
  "provenance": {
    "md5sum": "c46b49af860f4b903b04688fd168e9f2",
    "settings": {
      "testing": false
    },
    "software": "mriqc",
    "version": "22.0.0rc1",
    "warnings": {
      "large_rot_frame": true,
      "small_air_mask": false
    },
    "webapi_port": null,
    "webapi_url": "https://mriqc.nimh.nih.gov/api/v1"
  },
  "qi_1": 0.0,
  "qi_2": 0.0007640251921930172,
  "rpve_csf": 25.282855498093692,
  "rpve_gm": 14.56336474505655,
  "rpve_wm": 21.34115582936056,
  "size_x": 176,
  "size_y": 240,
  "size_z": 256,
  "snr_csf": 3.1552634126263066,
  "snr_gm": 10.131606627860979,
  "snr_total": 13.538251802789413,
  "snr_wm": 27.32788536788095,
  "snrd_csf": 83.77075061853499,
  "snrd_gm": 149.6849080372913,
  "snrd_total": 149.5758201280921,
  "snrd_wm": 215.27180172845,
  "spacing_x": 0.9999995827674866,
  "spacing_y": 1.0,
  "spacing_z": 1.0,
  "summary_bg_k": 228.16608169026432,
  "summary_bg_mad": 3.0433560182255937,
  "summary_bg_mean": 10.809528350830078,
  "summary_bg_median": 9.852838516235352,
  "summary_bg_n": 3159542.0,
  "summary_bg_p05": 6.075063967704773,
  "summary_bg_p95": 17.78192901611328,
  "summary_bg_stdv": 5.851726531982422,
  "summary_csf_k": 0.725176872683257,
  "summary_csf_mad": 94.78851776236169,
  "summary_csf_mean": 367.23358154296875,
  "summary_csf_median": 389.14678955078125,
  "summary_csf_n": 9394.0,
  "summary_csf_p05": 76.99985008239747,
  "summary_csf_p95": 525.8767181396485,
  "summary_csf_stdv": 123.32601928710938,
  "summary_gm_k": -0.0017516578190779342,
  "summary_gm_mad": 67.89026856211098,
  "summary_gm_mean": 691.9059448242188,
  "summary_gm_median": 695.3429565429688,
  "summary_gm_n": 17920.0,
  "summary_gm_p05": 574.5501861572266,
  "summary_gm_p95": 800.3352905273438,
  "summary_gm_stdv": 68.629150390625,
  "summary_wm_k": 0.817768192004384,
  "summary_wm_mad": 33.62789595540082,
  "summary_wm_mean": 1001.7230224609375,
  "summary_wm_median": 1000.0188598632812,
  "summary_wm_n": 149856.0,
  "summary_wm_p05": 945.1307220458984,
  "summary_wm_p95": 1064.4200744628906,
  "summary_wm_stdv": 36.59322738647461,
  "tpm_overlap_csf": 0.1569599062204361,
  "tpm_overlap_gm": 0.4158393144607544,
  "tpm_overlap_wm": 0.49737581610679626,
  "wm2max": 0.7136445761692198
}