{
  "bids_meta": {
    "AcquisitionMatrixPE": 240,
    "AcquisitionNumber": 1,
    "AcquisitionTime": "11:06:41.752500",
    "BaseResolution": 256,
    "ConversionSoftware": "dcm2niix",
    "ConversionSoftwareVersion": "v1.0.20180622 (JP2:OpenJPEG) GCC6.1.0",
    "DeviceSerialNumber": "35410",
    "DwellTime": 8.1e-06,
    "EchoTime": 0.00289,
    "ImageOrientationPatientDICOM": [
      -0.0174525,
      0.999848,
      -2.41325e-08,
      0.00348906,
      6.08781e-05,
      -0.999994
    ],
    "ImageType": [
      "ORIGINAL",
      "PRIMARY",
      "M",
      "ND",
      "UNI"
    ],
    "InPlanePhaseEncodingDirectionDICOM": "ROW",
    "InstitutionAddress": "Cooper_60_St._Lucia_QLD_AU_4072",
    "InstitutionName": "St_Lucia_Campus",
    "InstitutionalDepartmentName": "Gehrmann_Labs_MRI",
    "MRAcquisitionType": "3D",
    "MagneticFieldStrength": 3,
    "Manufacturer": "Siemens",
    "ManufacturersModelName": "TrioTim",
    "Modality": "MR",
    "ParallelReductionFactorInPlane": 3,
    "PartialFourier": 0.75,
    "PatientPosition": "HFS",
    "PercentPhaseFOV": 93.75,
    "PhaseEncodingSteps": 181,
    "PhaseResolution": 1,
    "PixelBandwidth": 241,
    "ProcedureStepDescription": "Brain_-_UQ_fMRI",
    "ProtocolName": "mp2rage",
    "PulseSequenceDetails": "%CustomerSeq%_mp2rage_wip820B17",
    "ReceiveCoilName": "32Ch_Head",
    "ReconMatrixPE": 256,
    "RepetitionTime": 4,
    "SAR": 0.146922,
    "ScanOptions": "IR_PFP",
    "ScanningSequence": "GR_IR",
    "SequenceName": "tfl3d1_ns",
    "SequenceVariant": "SP_MP",
    "SeriesDescription": "mp2rage_UNI-DEN",
    "SeriesNumber": 4,
    "ShimSetting": [
      6819,
      -11271,
      -2615,
      -89,
      20,
      1,
      -123,
      4
    ],
    "SliceThickness": 1,
    "SoftwareVersions": "syngo_MR_B17",
    "StationName": "mrc_Trio",
    "TxRefAmp": 317.24,
    "dataset": "ds001748",
    "modality": "T1w",
    "subject_id": "child11"
  },
  "cjv": 0.2810874285282596,
  "cnr": 4.8294022341381515,
  "efc": 0.48940014569155177,
  "fber": 3543.531005859375,
  "fwhm_avg": 3.8189560654401156,
  "fwhm_x": 3.9288981963203473,
  "fwhm_y": 4.06414,
  "fwhm_z": 3.46383,
  "icvs_csf": 0.16243751936441878,
  "icvs_gm": 0.48345643645541747,
  "icvs_wm": 0.3541060441801637,
  "inu_med": 0.9592893123626709,
  "inu_range": 0.23505037426948538,
  "provenance": {
    "md5sum": "a94b37eccc8c6df508a7e34e7fe3765e",
    "settings": {
      "testing": false
    },
    "software": "mriqc",
    "version": "22.0.0rc1",
    "warnings": {
      "large_rot_frame": true,
      "small_air_mask": false
    },
    "webapi_port": null,
    "webapi_url": "https://mriqc.nimh.nih.gov/api/v1"
  },
  "qi_1": 0.0,
  "qi_2": 0.001465719930901519,
  "rpve_csf": 30.644131020930445,
  "rpve_gm": 11.887314639478038,
  "rpve_wm": 19.007860914386658,
  "size_x": 176,
  "size_y": 240,
  "size_z": 256,
  "snr_csf": 0.6207492906880263,
  "snr_gm": 8.975023772875206,
  "snr_total": 11.862311785856113,
  "snr_wm": 25.991162294005107,
  "snrd_csf": 45.03997678166295,
  "snrd_gm": 114.01583009329637,
  "snrd_total": 114.48655287743414,
  "snrd_wm": 184.40385175734312,
  "spacing_x": 0.9999979138374329,
  "spacing_y": 1.0,
  "spacing_z": 1.0,
  "summary_bg_k": 11.968562785927206,
  "summary_bg_mad": 3.5527545088165358,
  "summary_bg_mean": 11.68171501159668,
  "summary_bg_median": 10.735777854919434,
  "summary_bg_n": 2540244.0,
  "summary_bg_p05": 6.450380730628967,
  "summary_bg_p95": 20.032263088226323,
  "summary_bg_stdv": 4.572042465209961,
  "summary_csf_k": 1.8469116799188567,
  "summary_csf_mad": 239.38760392061926,
  "summary_csf_mean": 348.7145690917969,
  "summary_csf_median": 244.24835205078125,
  "summary_csf_n": 3146.0,
  "summary_csf_p05": 32.55423164367676,
  "summary_csf_p95": 1335.5835571289062,
  "summary_csf_stdv": 393.410888671875,
  "summary_gm_k": -0.09219835913066188,
  "summary_gm_mad": 71.23811359244193,
  "summary_gm_mean": 618.529052734375,
  "summary_gm_median": 618.2991333007812,
  "summary_gm_n": 44523.0,
  "summary_gm_p05": 506.34779968261716,
  "summary_gm_p95": 730.0074890136718,
  "summary_gm_stdv": 68.89031219482422,
  "summary_wm_k": 0.6210763620727753,
  "summary_wm_mad": 36.0554489592302,
  "summary_wm_mean": 1000.1055297851562,
  "summary_wm_median": 1000.0079956054688,
  "summary_wm_n": 165377.0,
  "summary_wm_p05": 937.4604370117188,
  "summary_wm_p95": 1062.8698974609374,
  "summary_wm_stdv": 38.47480773925781,
  "tpm_overlap_csf": 0.15903589129447937,
  "tpm_overlap_gm": 0.4640773832798004,
  "tpm_overlap_wm": 0.5037802457809448,
  "wm2max": 0.6811967697072074
}