{
  "aor": 0.002683466666666667,
  "aqi": 0.004650683,
  "bids_meta": {
    "AcquisitionMatrixPE": 76,
    "AcquisitionNumber": 1,
    "AcquisitionTime": "12:00:54.560000",
    "BandwidthPerPixelPhaseEncode": 23.084,
    "BaseResolution": 76,
    "BodyPartExamined": "BRAIN",
    "ConsistencyInfo": "N4_VE11C_LATEST_20160120",
    "ConversionSoftware": "dcm2niix",
    "ConversionSoftwareVersion": "v1.0.20180622 (JP2:OpenJPEG) GCC6.1.0",
    "DerivedVendorReportedEchoSpacing": 0.000570001,
    "DeviceSerialNumber": "167001",
    "DwellTime": 3.3e-06,
    "EchoTime": 0.03,
    "EchoTrainLength": 76,
    "EffectiveEchoSpacing": 0.000570001,
    "FlipAngle": 90,
    "ImageOrientationPatientDICOM": [
      0.999261,
      -0.013261,
      0.0360644,
      0.0123833,
      0.999624,
      0.0244508
    ],
    "ImageType": [
      "ORIGINAL",
      "PRIMARY",
      "M",
      "ND",
      "MOSAIC"
    ],
    "InPlanePhaseEncodingDirectionDICOM": "COL",
    "InstitutionAddress": "Cooper_60_St._Lucia_QLD_AU_4072",
    "InstitutionName": "St_Lucia_Campus",
    "InstitutionalDepartmentName": "Gehrmann_Labs_MRI",
    "MRAcquisitionType": "2D",
    "MagneticFieldStrength": 3,
    "Manufacturer": "Siemens",
    "ManufacturersModelName": "Prisma_fit",
    "Modality": "MR",
    "PartialFourier": 1,
    "PatientPosition": "HFS",
    "PercentPhaseFOV": 100,
    "PhaseEncodingDirection": "j-",
    "PhaseEncodingSteps": 76,
    "PhaseResolution": 1,
    "PixelBandwidth": 1995,
    "ProcedureStepDescription": "Research_16004_CMN",
    "ProtocolName": "ep2d_bold_AUTO",
    "PulseSequenceDetails": "%SiemensSeq%_ep2d_bold",
    "ReceiveCoilActiveElements": "HC1-7;NC1,2",
    "ReceiveCoilName": "HeadNeck_64",
    "ReconMatrixPE": 76,
    "RepetitionTime": 3,
    "SAR": 0.074828,
    "ScanOptions": "FS",
    "ScanningSequence": "EP",
    "SequenceName": "_epfid2d1_76",
    "SequenceVariant": "SK",
    "SeriesDescription": "ep2d_bold_AUTO",
    "SeriesNumber": 9,
    "ShimSetting": [
      3062,
      -4168,
      -826,
      523,
      18,
      -28,
      163,
      37
    ],
    "SliceThickness": 2.5,
    "SliceTiming": [
      0,
      1.5225,
      0.0675,
      1.59,
      0.1325,
      1.655,
      0.2,
      1.7225,
      0.265,
      1.7875,
      0.3325,
      1.855,
      0.3975,
      1.92,
      0.465,
      1.9875,
      0.53,
      2.0525,
      0.5975,
      2.12,
      0.6625,
      2.185,
      0.73,
      2.2525,
      0.795,
      2.3175,
      0.8625,
      2.385,
      0.9275,
      2.45,
      0.9925,
      2.5175,
      1.06,
      2.5825,
      1.125,
      2.65,
      1.1925,
      2.715,
      1.2575,
      2.7825,
      1.325,
      2.8475,
      1.39,
      2.915,
      1.4575
    ],
    "SoftwareVersions": "syngo_MR_E11",
    "SpacingBetweenSlices": 2.75,
    "StationName": "mrc_Trio",
    "TaskName": "autobio",
    "TotalReadoutTime": 0.04275,
    "TxRefAmp": 219.313,
    "dataset": "ds001748",
    "modality": "bold",
    "subject_id": "teen11",
    "task_id": "autobio"
  },
  "dummy_trs": 0,
  "dvars_nstd": 33.896187532550364,
  "dvars_std": 1.2986972671812087,
  "dvars_vstd": 1.0136602493288593,
  "efc": 0.6403134476509244,
  "fber": 145.83285522460938,
  "fd_mean": 0.1743719497535935,
  "fd_num": 37,
  "fd_perc": 24.666666666666668,
  "fwhm_avg": 2.919171393939394,
  "fwhm_x": 2.73492,
  "fwhm_y": 3.092056,
  "fwhm_z": 2.9305381818181817,
  "gcor": 0.0235314,
  "gsr_x": -0.021988943219184875,
  "gsr_y": 0.10742134600877762,
  "provenance": {
    "md5sum": "44d1b46c53812bdd2e4109783efc6752",
    "settings": {
      "fd_thres": 0.2,
      "testing": false
    },
    "software": "mriqc",
    "version": "22.0.0rc1",
    "webapi_port": null,
    "webapi_url": "https://mriqc.nimh.nih.gov/api/v1"
  },
  "size_t": 150,
  "size_x": 76,
  "size_y": 76,
  "size_z": 45,
  "snr": 2.387619159721797,
  "spacing_tr": 3.0,
  "spacing_x": 2.5,
  "spacing_y": 2.5,
  "spacing_z": 2.75,
  "summary_bg_k": 23.50747318832211,
  "summary_bg_mad": 9.923549868879867,
  "summary_bg_mean": 127.46077728271484,
  "summary_bg_median": 70.50666809082031,
  "summary_bg_n": 132269.0,
  "summary_bg_p05": 61.673336029052734,
  "summary_bg_p95": 410.2880065917965,
  "summary_bg_stdv": 150.73599243164062,
  "summary_fg_k": 1.0259262294165428,
  "summary_fg_mad": 347.53176922672714,
  "summary_fg_mean": 958.6605834960938,
  "summary_fg_median": 883.0333251953125,
  "summary_fg_n": 69073.0,
  "summary_fg_p05": 491.802685546875,
  "summary_fg_p95": 1666.030688476562,
  "summary_fg_stdv": 369.83575439453125,
  "tsnr": 57.29822448687628
}