{
  "aor": 0.004394933333333333,
  "aqi": 0.006633866066666667,
  "bids_meta": {
    "AcquisitionMatrixPE": 76,
    "AcquisitionNumber": 1,
    "AcquisitionTime": "12:17:7.207500",
    "BandwidthPerPixelPhaseEncode": 23.084,
    "BaseResolution": 76,
    "BodyPartExamined": "BRAIN",
    "ConsistencyInfo": "N4_VE11C_LATEST_20160120",
    "ConversionSoftware": "dcm2niix",
    "ConversionSoftwareVersion": "v1.0.20180622 (JP2:OpenJPEG) GCC6.1.0",
    "DerivedVendorReportedEchoSpacing": 0.000570001,
    "DeviceSerialNumber": "167001",
    "DwellTime": 3.3e-06,
    "EchoTime": 0.03,
    "EchoTrainLength": 76,
    "EffectiveEchoSpacing": 0.000570001,
    "FlipAngle": 90,
    "ImageOrientationPatientDICOM": [
      0.999261,
      -0.013261,
      0.0360644,
      0.0123833,
      0.999624,
      0.0244508
    ],
    "ImageType": [
      "ORIGINAL",
      "PRIMARY",
      "M",
      "ND",
      "MOSAIC"
    ],
    "InPlanePhaseEncodingDirectionDICOM": "COL",
    "InstitutionAddress": "Cooper_60_St._Lucia_QLD_AU_4072",
    "InstitutionName": "St_Lucia_Campus",
    "InstitutionalDepartmentName": "Gehrmann_Labs_MRI",
    "MRAcquisitionType": "2D",
    "MagneticFieldStrength": 3,
    "Manufacturer": "Siemens",
    "ManufacturersModelName": "Prisma_fit",
    "Modality": "MR",
    "PartialFourier": 1,
    "PatientPosition": "HFS",
    "PercentPhaseFOV": 100,
    "PhaseEncodingDirection": "j-",
    "PhaseEncodingSteps": 76,
    "PhaseResolution": 1,
    "PixelBandwidth": 1995,
    "ProcedureStepDescription": "Research_16004_CMN",
    "ProtocolName": "ep2d_bold_EPI",
    "PulseSequenceDetails": "%SiemensSeq%_ep2d_bold",
    "ReceiveCoilActiveElements": "HC1-7;NC1,2",
    "ReceiveCoilName": "HeadNeck_64",
    "ReconMatrixPE": 76,
    "RepetitionTime": 3,
    "SAR": 0.074828,
    "ScanOptions": "FS",
    "ScanningSequence": "EP",
    "SequenceName": "_epfid2d1_76",
    "SequenceVariant": "SK",
    "SeriesDescription": "ep2d_bold_EPI",
    "SeriesNumber": 11,
    "ShimSetting": [
      3062,
      -4168,
      -826,
      523,
      18,
      -28,
      163,
      37
    ],
    "SliceThickness": 2.5,
    "SliceTiming": [
      0,
      1.5225,
      0.0675,
      1.59,
      0.1325,
      1.655,
      0.2,
      1.7225,
      0.265,
      1.7875,
      0.3325,
      1.855,
      0.3975,
      1.92,
      0.465,
      1.9875,
      0.53,
      2.0525,
      0.5975,
      2.12,
      0.6625,
      2.185,
      0.73,
      2.2525,
      0.795,
      2.3175,
      0.8625,
      2.385,
      0.9275,
      2.45,
      0.9925,
      2.5175,
      1.06,
      2.5825,
      1.125,
      2.65,
      1.1925,
      2.715,
      1.2575,
      2.7825,
      1.325,
      2.8475,
      1.39,
      2.915,
      1.4575
    ],
    "SoftwareVersions": "syngo_MR_E11",
    "SpacingBetweenSlices": 2.75,
    "StationName": "mrc_Trio",
    "TaskName": "episodic",
    "TotalReadoutTime": 0.04275,
    "TxRefAmp": 219.313,
    "dataset": "ds001748",
    "modality": "bold",
    "subject_id": "teen11",
    "task_id": "episodic"
  },
  "dummy_trs": 0,
  "dvars_nstd": 34.15756025906042,
  "dvars_std": 1.2612085914093956,
  "dvars_vstd": 0.9932853697315438,
  "efc": 0.6430077515853009,
  "fber": 142.69281005859375,
  "fd_mean": 0.18469749605907587,
  "fd_num": 38,
  "fd_perc": 25.333333333333332,
  "fwhm_avg": 2.8719610909090907,
  "fwhm_x": 2.712456,
  "fwhm_y": 3.07038,
  "fwhm_z": 2.8330472727272724,
  "gcor": 0.0248962,
  "gsr_x": -0.02120288461446762,
  "gsr_y": 0.09968055784702301,
  "provenance": {
    "md5sum": "56c490326afe86164aaa6b1effe23c01",
    "settings": {
      "fd_thres": 0.2,
      "testing": false
    },
    "software": "mriqc",
    "version": "22.0.0rc1",
    "webapi_port": null,
    "webapi_url": "https://mriqc.nimh.nih.gov/api/v1"
  },
  "size_t": 150,
  "size_x": 76,
  "size_y": 76,
  "size_z": 45,
  "snr": 2.378321713941409,
  "spacing_tr": 3.0,
  "spacing_x": 2.5,
  "spacing_y": 2.5,
  "spacing_z": 2.75,
  "summary_bg_k": 20.21253407835196,
  "summary_bg_mad": 9.725872589441055,
  "summary_bg_mean": 126.97359466552734,
  "summary_bg_median": 70.32666778564453,
  "summary_bg_n": 130736.0,
  "summary_bg_p05": 61.81333541870117,
  "summary_bg_p95": 408.35833740234375,
  "summary_bg_stdv": 146.7566375732422,
  "summary_fg_k": 1.007259928514145,
  "summary_fg_mad": 349.9385998240601,
  "summary_fg_mean": 948.9541015625,
  "summary_fg_median": 877.2866821289062,
  "summary_fg_n": 70802.0,
  "summary_fg_p05": 479.00768280029297,
  "summary_fg_p95": 1651.4064025878906,
  "summary_fg_stdv": 368.8653564453125,
  "tsnr": 47.40639765653759
}