{
  "aor": 0.012842466666666668,
  "aqi": 0.0061999276,
  "bids_meta": {
    "AcquisitionMatrixPE": 76,
    "AcquisitionNumber": 1,
    "AcquisitionTime": "12:08:58.502500",
    "BandwidthPerPixelPhaseEncode": 23.084,
    "BaseResolution": 76,
    "BodyPartExamined": "BRAIN",
    "ConsistencyInfo": "N4_VE11C_LATEST_20160120",
    "ConversionSoftware": "dcm2niix",
    "ConversionSoftwareVersion": "v1.0.20180622 (JP2:OpenJPEG) GCC6.1.0",
    "DerivedVendorReportedEchoSpacing": 0.000570001,
    "DeviceSerialNumber": "167001",
    "DwellTime": 3.3e-06,
    "EchoTime": 0.03,
    "EchoTrainLength": 76,
    "EffectiveEchoSpacing": 0.000570001,
    "FlipAngle": 90,
    "ImageOrientationPatientDICOM": [
      0.999261,
      -0.013261,
      0.0360644,
      0.0123833,
      0.999624,
      0.0244508
    ],
    "ImageType": [
      "ORIGINAL",
      "PRIMARY",
      "M",
      "ND",
      "MOSAIC"
    ],
    "InPlanePhaseEncodingDirectionDICOM": "COL",
    "InstitutionAddress": "Cooper_60_St._Lucia_QLD_AU_4072",
    "InstitutionName": "St_Lucia_Campus",
    "InstitutionalDepartmentName": "Gehrmann_Labs_MRI",
    "MRAcquisitionType": "2D",
    "MagneticFieldStrength": 3,
    "Manufacturer": "Siemens",
    "ManufacturersModelName": "Prisma_fit",
    "Modality": "MR",
    "PartialFourier": 1,
    "PatientPosition": "HFS",
    "PercentPhaseFOV": 100,
    "PhaseEncodingDirection": "j-",
    "PhaseEncodingSteps": 76,
    "PhaseResolution": 1,
    "PixelBandwidth": 1995,
    "ProcedureStepDescription": "Research_16004_CMN",
    "ProtocolName": "ep2d_bold_SEM",
    "PulseSequenceDetails": "%SiemensSeq%_ep2d_bold",
    "ReceiveCoilActiveElements": "HC1-7;NC1,2",
    "ReceiveCoilName": "HeadNeck_64",
    "ReconMatrixPE": 76,
    "RepetitionTime": 3,
    "SAR": 0.074828,
    "ScanOptions": "FS",
    "ScanningSequence": "EP",
    "SequenceName": "_epfid2d1_76",
    "SequenceVariant": "SK",
    "SeriesDescription": "ep2d_bold_SEM",
    "SeriesNumber": 10,
    "ShimSetting": [
      3062,
      -4168,
      -826,
      523,
      18,
      -28,
      163,
      37
    ],
    "SliceThickness": 2.5,
    "SliceTiming": [
      0,
      1.5225,
      0.065,
      1.5875,
      0.1325,
      1.655,
      0.1975,
      1.72,
      0.265,
      1.7875,
      0.33,
      1.8525,
      0.3975,
      1.92,
      0.4625,
      1.985,
      0.5275,
      2.0525,
      0.595,
      2.1175,
      0.66,
      2.185,
      0.7275,
      2.25,
      0.7925,
      2.3175,
      0.86,
      2.3825,
      0.925,
      2.45,
      0.9925,
      2.515,
      1.0575,
      2.5825,
      1.125,
      2.6475,
      1.19,
      2.715,
      1.2575,
      2.78,
      1.3225,
      2.8475,
      1.39,
      2.9125,
      1.455
    ],
    "SoftwareVersions": "syngo_MR_E11",
    "SpacingBetweenSlices": 2.75,
    "StationName": "mrc_Trio",
    "TaskName": "semantic",
    "TotalReadoutTime": 0.04275,
    "TxRefAmp": 219.313,
    "dataset": "ds001748",
    "modality": "bold",
    "subject_id": "teen11",
    "task_id": "semantic"
  },
  "dummy_trs": 0,
  "dvars_nstd": 35.56723906999999,
  "dvars_std": 1.4029279191946298,
  "dvars_vstd": 1.1146108514765105,
  "efc": 0.6407136180385548,
  "fber": 142.76992797851562,
  "fd_mean": 0.22265931773773,
  "fd_num": 66,
  "fd_perc": 44.0,
  "fwhm_avg": 2.8786327272727275,
  "fwhm_x": 2.719012,
  "fwhm_y": 3.065548,
  "fwhm_z": 2.8513381818181815,
  "gcor": 0.0261328,
  "gsr_x": -0.019132787361741066,
  "gsr_y": 0.09643951058387756,
  "provenance": {
    "md5sum": "49430f65f79fbf39aa730095edb6806c",
    "settings": {
      "fd_thres": 0.2,
      "testing": false
    },
    "software": "mriqc",
    "version": "22.0.0rc1",
    "webapi_port": null,
    "webapi_url": "https://mriqc.nimh.nih.gov/api/v1"
  },
  "size_t": 150,
  "size_x": 76,
  "size_y": 76,
  "size_z": 45,
  "snr": 2.3704987604695997,
  "spacing_tr": 3.0,
  "spacing_x": 2.5,
  "spacing_y": 2.5,
  "spacing_z": 2.75,
  "summary_bg_k": 20.353324982266486,
  "summary_bg_mad": 10.42269178627722,
  "summary_bg_mean": 125.37776184082031,
  "summary_bg_median": 70.38999938964844,
  "summary_bg_n": 130884.0,
  "summary_bg_p05": 60.866668701171875,
  "summary_bg_p95": 397.88434143066354,
  "summary_bg_stdv": 143.06227111816406,
  "summary_fg_k": 1.0415490322297964,
  "summary_fg_mad": 348.78714890063634,
  "summary_fg_mean": 949.4560546875,
  "summary_fg_median": 876.4800415039062,
  "summary_fg_n": 70567.0,
  "summary_fg_p05": 479.5206665039063,
  "summary_fg_p95": 1654.80537109375,
  "summary_fg_stdv": 369.74237060546875,
  "tsnr": 50.843129160348326
}