{
  "aor": 0.0044916,
  "aqi": 0.007377122466666666,
  "bids_meta": {
    "AcquisitionMatrixPE": 76,
    "AcquisitionNumber": 1,
    "AcquisitionTime": "14:40:7.755000",
    "BandwidthPerPixelPhaseEncode": 23.084,
    "BaseResolution": 76,
    "BodyPartExamined": "BRAIN",
    "ConsistencyInfo": "N4_VE11C_LATEST_20160120",
    "ConversionSoftware": "dcm2niix",
    "ConversionSoftwareVersion": "v1.0.20180622 (JP2:OpenJPEG) GCC6.1.0",
    "DerivedVendorReportedEchoSpacing": 0.000570001,
    "DeviceSerialNumber": "167001",
    "DwellTime": 3.3e-06,
    "EchoTime": 0.03,
    "EchoTrainLength": 76,
    "EffectiveEchoSpacing": 0.000570001,
    "FlipAngle": 90,
    "ImageOrientationPatientDICOM": [
      0.996412,
      -0.0779779,
      -0.0329069,
      0.0754453,
      0.99453,
      -0.0722294
    ],
    "ImageType": [
      "ORIGINAL",
      "PRIMARY",
      "M",
      "ND",
      "MOSAIC"
    ],
    "InPlanePhaseEncodingDirectionDICOM": "COL",
    "InstitutionAddress": "Cooper_60_St._Lucia_QLD_AU_4072",
    "InstitutionName": "St_Lucia_Campus",
    "InstitutionalDepartmentName": "Gehrmann_Labs_MRI",
    "MRAcquisitionType": "2D",
    "MagneticFieldStrength": 3,
    "Manufacturer": "Siemens",
    "ManufacturersModelName": "Prisma_fit",
    "Modality": "MR",
    "PartialFourier": 1,
    "PatientPosition": "HFS",
    "PercentPhaseFOV": 100,
    "PhaseEncodingDirection": "j-",
    "PhaseEncodingSteps": 76,
    "PhaseResolution": 1,
    "PixelBandwidth": 1995,
    "ProcedureStepDescription": "Research_16004_CMN",
    "ProtocolName": "ep2d_bold_AUTO",
    "PulseSequenceDetails": "%SiemensSeq%_ep2d_bold",
    "ReceiveCoilActiveElements": "HC1-7;NC1,2",
    "ReceiveCoilName": "HeadNeck_64",
    "ReconMatrixPE": 76,
    "RepetitionTime": 3,
    "SAR": 0.0667254,
    "ScanOptions": "FS",
    "ScanningSequence": "EP",
    "SequenceName": "_epfid2d1_76",
    "SequenceVariant": "SK",
    "SeriesDescription": "ep2d_bold_AUTO",
    "SeriesNumber": 9,
    "ShimSetting": [
      3040,
      -4091,
      -781,
      432,
      33,
      183,
      -53,
      -21
    ],
    "SliceThickness": 2.5,
    "SliceTiming": [
      0,
      1.5225,
      0.065,
      1.5875,
      0.1325,
      1.655,
      0.1975,
      1.72,
      0.265,
      1.7875,
      0.33,
      1.8525,
      0.3975,
      1.92,
      0.4625,
      1.985,
      0.53,
      2.0525,
      0.595,
      2.1175,
      0.6625,
      2.185,
      0.7275,
      2.25,
      0.795,
      2.3175,
      0.86,
      2.3825,
      0.9275,
      2.45,
      0.9925,
      2.515,
      1.06,
      2.5825,
      1.125,
      2.6475,
      1.1925,
      2.715,
      1.2575,
      2.78,
      1.3225,
      2.8475,
      1.39,
      2.9125,
      1.455
    ],
    "SoftwareVersions": "syngo_MR_E11",
    "SpacingBetweenSlices": 2.75,
    "StationName": "mrc_Trio",
    "TaskName": "autobio",
    "TotalReadoutTime": 0.04275,
    "TxRefAmp": 232.578,
    "dataset": "ds001748",
    "modality": "bold",
    "subject_id": "teen15",
    "task_id": "autobio"
  },
  "dummy_trs": 0,
  "dvars_nstd": 36.90178051865771,
  "dvars_std": 1.402155834228188,
  "dvars_vstd": 1.0033356101342281,
  "efc": 0.6597470413646772,
  "fber": 122.63534545898438,
  "fd_mean": 0.1741124069007149,
  "fd_num": 43,
  "fd_perc": 28.666666666666668,
  "fwhm_avg": 2.8536189090909096,
  "fwhm_x": 2.6592320000000003,
  "fwhm_y": 3.0711120000000003,
  "fwhm_z": 2.830512727272727,
  "gcor": 0.0130842,
  "gsr_x": -0.010128573514521122,
  "gsr_y": 0.08764179795980453,
  "provenance": {
    "md5sum": "ce77848051955dfda252095ac483725f",
    "settings": {
      "fd_thres": 0.2,
      "testing": false
    },
    "software": "mriqc",
    "version": "22.0.0rc1",
    "webapi_port": null,
    "webapi_url": "https://mriqc.nimh.nih.gov/api/v1"
  },
  "size_t": 150,
  "size_x": 76,
  "size_y": 76,
  "size_z": 45,
  "snr": 2.463463698090033,
  "spacing_tr": 3.0,
  "spacing_x": 2.5,
  "spacing_y": 2.5,
  "spacing_z": 2.75,
  "summary_bg_k": 15.158967165168772,
  "summary_bg_mad": 11.584062770016125,
  "summary_bg_mean": 121.46450805664062,
  "summary_bg_median": 71.41999816894531,
  "summary_bg_n": 127292.0,
  "summary_bg_p05": 60.477002716064455,
  "summary_bg_p95": 364.9416763305663,
  "summary_bg_stdv": 120.57356262207031,
  "summary_fg_k": 0.6520611115114328,
  "summary_fg_mad": 327.52659327128845,
  "summary_fg_mean": 879.9677124023438,
  "summary_fg_median": 823.6500244140625,
  "summary_fg_n": 73780.0,
  "summary_fg_p05": 443.9530059814453,
  "summary_fg_p95": 1510.9287536621096,
  "summary_fg_stdv": 334.34405517578125,
  "tsnr": 50.13209820538759
}