{
  "aor": 0.0031637333333333333,
  "aqi": 0.0045454186,
  "bids_meta": {
    "AcquisitionMatrixPE": 76,
    "AcquisitionNumber": 1,
    "AcquisitionTime": "14:56:26.625000",
    "BandwidthPerPixelPhaseEncode": 23.084,
    "BaseResolution": 76,
    "BodyPartExamined": "BRAIN",
    "ConsistencyInfo": "N4_VE11C_LATEST_20160120",
    "ConversionSoftware": "dcm2niix",
    "ConversionSoftwareVersion": "v1.0.20180622 (JP2:OpenJPEG) GCC6.1.0",
    "DerivedVendorReportedEchoSpacing": 0.000570001,
    "DeviceSerialNumber": "167001",
    "DwellTime": 3.3e-06,
    "EchoTime": 0.03,
    "EchoTrainLength": 76,
    "EffectiveEchoSpacing": 0.000570001,
    "FlipAngle": 90,
    "ImageOrientationPatientDICOM": [
      0.996412,
      -0.0779779,
      -0.0329069,
      0.0754453,
      0.99453,
      -0.0722294
    ],
    "ImageType": [
      "ORIGINAL",
      "PRIMARY",
      "M",
      "ND",
      "MOSAIC"
    ],
    "InPlanePhaseEncodingDirectionDICOM": "COL",
    "InstitutionAddress": "Cooper_60_St._Lucia_QLD_AU_4072",
    "InstitutionName": "St_Lucia_Campus",
    "InstitutionalDepartmentName": "Gehrmann_Labs_MRI",
    "MRAcquisitionType": "2D",
    "MagneticFieldStrength": 3,
    "Manufacturer": "Siemens",
    "ManufacturersModelName": "Prisma_fit",
    "Modality": "MR",
    "PartialFourier": 1,
    "PatientPosition": "HFS",
    "PercentPhaseFOV": 100,
    "PhaseEncodingDirection": "j-",
    "PhaseEncodingSteps": 76,
    "PhaseResolution": 1,
    "PixelBandwidth": 1995,
    "ProcedureStepDescription": "Research_16004_CMN",
    "ProtocolName": "ep2d_bold_EPI",
    "PulseSequenceDetails": "%SiemensSeq%_ep2d_bold",
    "ReceiveCoilActiveElements": "HC1-7;NC1,2",
    "ReceiveCoilName": "HeadNeck_64",
    "ReconMatrixPE": 76,
    "RepetitionTime": 3,
    "SAR": 0.0667254,
    "ScanOptions": "FS",
    "ScanningSequence": "EP",
    "SequenceName": "_epfid2d1_76",
    "SequenceVariant": "SK",
    "SeriesDescription": "ep2d_bold_EPI",
    "SeriesNumber": 11,
    "ShimSetting": [
      3040,
      -4091,
      -781,
      432,
      33,
      183,
      -53,
      -21
    ],
    "SliceThickness": 2.5,
    "SliceTiming": [
      0,
      1.5225,
      0.065,
      1.5875,
      0.1325,
      1.655,
      0.1975,
      1.72,
      0.265,
      1.7875,
      0.33,
      1.8525,
      0.3975,
      1.92,
      0.4625,
      1.985,
      0.53,
      2.0525,
      0.595,
      2.1175,
      0.6625,
      2.185,
      0.7275,
      2.25,
      0.795,
      2.3175,
      0.86,
      2.3825,
      0.9275,
      2.45,
      0.9925,
      2.515,
      1.0575,
      2.5825,
      1.125,
      2.6475,
      1.19,
      2.715,
      1.2575,
      2.78,
      1.3225,
      2.8475,
      1.39,
      2.9125,
      1.455
    ],
    "SoftwareVersions": "syngo_MR_E11",
    "SpacingBetweenSlices": 2.75,
    "StationName": "mrc_Trio",
    "TaskName": "episodic",
    "TotalReadoutTime": 0.04275,
    "TxRefAmp": 232.578,
    "dataset": "ds001748",
    "modality": "bold",
    "subject_id": "teen15",
    "task_id": "episodic"
  },
  "dummy_trs": 0,
  "dvars_nstd": 26.39805958865772,
  "dvars_std": 1.1888023787919457,
  "dvars_vstd": 1.0051170128187923,
  "efc": 0.6597882144768319,
  "fber": 119.62153625488281,
  "fd_mean": 0.11430889196405586,
  "fd_num": 15,
  "fd_perc": 10.0,
  "fwhm_avg": 2.9277729696969694,
  "fwhm_x": 2.714428,
  "fwhm_y": 3.12632,
  "fwhm_z": 2.942570909090909,
  "gcor": 0.0134054,
  "gsr_x": -0.023213382810354233,
  "gsr_y": 0.11284741759300232,
  "provenance": {
    "md5sum": "9edb8d948b0277e607b9dab5ce0e5532",
    "settings": {
      "fd_thres": 0.2,
      "testing": false
    },
    "software": "mriqc",
    "version": "22.0.0rc1",
    "webapi_port": null,
    "webapi_url": "https://mriqc.nimh.nih.gov/api/v1"
  },
  "size_t": 150,
  "size_x": 76,
  "size_y": 76,
  "size_z": 45,
  "snr": 2.4053250022908244,
  "spacing_tr": 3.0,
  "spacing_x": 2.5,
  "spacing_y": 2.5,
  "spacing_z": 2.75,
  "summary_bg_k": 30.15895274468034,
  "summary_bg_mad": 14.134140395662921,
  "summary_bg_mean": 133.4856719970703,
  "summary_bg_median": 72.67333221435547,
  "summary_bg_n": 129364.0,
  "summary_bg_p05": 58.28000259399414,
  "summary_bg_p95": 420.3933410644531,
  "summary_bg_stdv": 156.32815551757812,
  "summary_fg_k": 0.6955257979292644,
  "summary_fg_mad": 331.24300756651036,
  "summary_fg_mean": 883.1834106445312,
  "summary_fg_median": 823.0333251953125,
  "summary_fg_n": 73672.0,
  "summary_fg_p05": 439.9843521118164,
  "summary_fg_p95": 1530.3647460937495,
  "summary_fg_stdv": 342.1690368652344,
  "tsnr": 61.61197083070874
}