{
  "aor": 0.0022618,
  "aqi": 0.0081472312,
  "bids_meta": {
    "AcquisitionMatrixPE": 76,
    "AcquisitionNumber": 1,
    "AcquisitionTime": "14:48:16.205000",
    "BandwidthPerPixelPhaseEncode": 23.084,
    "BaseResolution": 76,
    "BodyPartExamined": "BRAIN",
    "ConsistencyInfo": "N4_VE11C_LATEST_20160120",
    "ConversionSoftware": "dcm2niix",
    "ConversionSoftwareVersion": "v1.0.20180622 (JP2:OpenJPEG) GCC6.1.0",
    "DerivedVendorReportedEchoSpacing": 0.000570001,
    "DeviceSerialNumber": "167001",
    "DwellTime": 3.3e-06,
    "EchoTime": 0.03,
    "EchoTrainLength": 76,
    "EffectiveEchoSpacing": 0.000570001,
    "FlipAngle": 90,
    "ImageOrientationPatientDICOM": [
      0.996412,
      -0.0779779,
      -0.0329069,
      0.0754453,
      0.99453,
      -0.0722294
    ],
    "ImageType": [
      "ORIGINAL",
      "PRIMARY",
      "M",
      "ND",
      "MOSAIC"
    ],
    "InPlanePhaseEncodingDirectionDICOM": "COL",
    "InstitutionAddress": "Cooper_60_St._Lucia_QLD_AU_4072",
    "InstitutionName": "St_Lucia_Campus",
    "InstitutionalDepartmentName": "Gehrmann_Labs_MRI",
    "MRAcquisitionType": "2D",
    "MagneticFieldStrength": 3,
    "Manufacturer": "Siemens",
    "ManufacturersModelName": "Prisma_fit",
    "Modality": "MR",
    "PartialFourier": 1,
    "PatientPosition": "HFS",
    "PercentPhaseFOV": 100,
    "PhaseEncodingDirection": "j-",
    "PhaseEncodingSteps": 76,
    "PhaseResolution": 1,
    "PixelBandwidth": 1995,
    "ProcedureStepDescription": "Research_16004_CMN",
    "ProtocolName": "ep2d_bold_SEM",
    "PulseSequenceDetails": "%SiemensSeq%_ep2d_bold",
    "ReceiveCoilActiveElements": "HC1-7;NC1,2",
    "ReceiveCoilName": "HeadNeck_64",
    "ReconMatrixPE": 76,
    "RepetitionTime": 3,
    "SAR": 0.0667254,
    "ScanOptions": "FS",
    "ScanningSequence": "EP",
    "SequenceName": "_epfid2d1_76",
    "SequenceVariant": "SK",
    "SeriesDescription": "ep2d_bold_SEM",
    "SeriesNumber": 10,
    "ShimSetting": [
      3040,
      -4091,
      -781,
      432,
      33,
      183,
      -53,
      -21
    ],
    "SliceThickness": 2.5,
    "SliceTiming": [
      0,
      1.5225,
      0.065,
      1.5875,
      0.1325,
      1.655,
      0.1975,
      1.72,
      0.265,
      1.7875,
      0.33,
      1.8525,
      0.3975,
      1.92,
      0.4625,
      1.985,
      0.5275,
      2.0525,
      0.595,
      2.1175,
      0.66,
      2.185,
      0.7275,
      2.25,
      0.7925,
      2.3175,
      0.86,
      2.3825,
      0.925,
      2.45,
      0.9925,
      2.515,
      1.0575,
      2.5825,
      1.125,
      2.6475,
      1.19,
      2.715,
      1.2575,
      2.78,
      1.3225,
      2.8475,
      1.39,
      2.9125,
      1.455
    ],
    "SoftwareVersions": "syngo_MR_E11",
    "SpacingBetweenSlices": 2.75,
    "StationName": "mrc_Trio",
    "TaskName": "semantic",
    "TotalReadoutTime": 0.04275,
    "TxRefAmp": 232.578,
    "dataset": "ds001748",
    "modality": "bold",
    "subject_id": "teen15",
    "task_id": "semantic"
  },
  "dummy_trs": 0,
  "dvars_nstd": 28.72426792127517,
  "dvars_std": 1.1653546958389265,
  "dvars_vstd": 0.928870838993289,
  "efc": 0.6605350148431899,
  "fber": 125.60518646240234,
  "fd_mean": 0.1056196215308012,
  "fd_num": 11,
  "fd_perc": 7.333333333333333,
  "fwhm_avg": 2.9122111515151516,
  "fwhm_x": 2.69486,
  "fwhm_y": 3.107228,
  "fwhm_z": 2.9345454545454546,
  "gcor": 0.0160375,
  "gsr_x": -0.017215298488736153,
  "gsr_y": 0.10333907604217529,
  "provenance": {
    "md5sum": "31c617fb5ba3808208ecfe897304cb8b",
    "settings": {
      "fd_thres": 0.2,
      "testing": false
    },
    "software": "mriqc",
    "version": "22.0.0rc1",
    "webapi_port": null,
    "webapi_url": "https://mriqc.nimh.nih.gov/api/v1"
  },
  "size_t": 150,
  "size_x": 76,
  "size_y": 76,
  "size_z": 45,
  "snr": 2.449868554087986,
  "spacing_tr": 3.0,
  "spacing_x": 2.5,
  "spacing_y": 2.5,
  "spacing_z": 2.75,
  "summary_bg_k": 32.493391948043424,
  "summary_bg_mad": 8.81654692380099,
  "summary_bg_mean": 127.52694702148438,
  "summary_bg_median": 70.83333587646484,
  "summary_bg_n": 128311.0,
  "summary_bg_p05": 63.63333511352539,
  "summary_bg_p95": 392.10667419433594,
  "summary_bg_stdv": 141.02822875976562,
  "summary_fg_k": 0.5768544013180295,
  "summary_fg_mad": 327.25978097628945,
  "summary_fg_mean": 878.234130859375,
  "summary_fg_median": 820.47998046875,
  "summary_fg_n": 73796.0,
  "summary_fg_p05": 441.86668395996094,
  "summary_fg_p95": 1512.8450012207031,
  "summary_fg_stdv": 334.9054870605469,
  "tsnr": 48.64348976616748
}