{
  "aor": 0.014596733333333332,
  "aqi": 0.006264280800000001,
  "bids_meta": {
    "AcquisitionMatrixPE": 76,
    "AcquisitionNumber": 1,
    "AcquisitionTime": "17:05:15.002500",
    "BandwidthPerPixelPhaseEncode": 23.084,
    "BaseResolution": 76,
    "ConversionSoftware": "dcm2niix",
    "ConversionSoftwareVersion": "v1.0.20180622 (JP2:OpenJPEG) GCC6.1.0",
    "DerivedVendorReportedEchoSpacing": 0.000570001,
    "DeviceSerialNumber": "35410",
    "DwellTime": 3.3e-06,
    "EchoTime": 0.03,
    "EffectiveEchoSpacing": 0.000570001,
    "FlipAngle": 90,
    "ImageOrientationPatientDICOM": [
      0.999926,
      0.000403433,
      -0.0121657,
      6.62628e-08,
      0.99945,
      0.0331488
    ],
    "ImageType": [
      "ORIGINAL",
      "PRIMARY",
      "M",
      "ND",
      "MOSAIC"
    ],
    "InPlanePhaseEncodingDirectionDICOM": "COL",
    "InstitutionAddress": "Cooper_60_St._Lucia_QLD_AU_4072",
    "InstitutionName": "St_Lucia_Campus",
    "InstitutionalDepartmentName": "Gehrmann_Labs_MRI",
    "MRAcquisitionType": "2D",
    "MagneticFieldStrength": 3,
    "Manufacturer": "Siemens",
    "ManufacturersModelName": "TrioTim",
    "Modality": "MR",
    "PartialFourier": 1,
    "PatientPosition": "HFS",
    "PercentPhaseFOV": 100,
    "PhaseEncodingDirection": "j-",
    "PhaseEncodingSteps": 76,
    "PhaseResolution": 1,
    "PixelBandwidth": 1994,
    "ProcedureStepDescription": "RESEARCH_3T_Research",
    "ProtocolName": "SEM",
    "PulseSequenceDetails": "%SiemensSeq%_ep2d_pace",
    "ReceiveCoilName": "32Ch_Head",
    "ReconMatrixPE": 76,
    "RepetitionTime": 3,
    "SAR": 0.204119,
    "ScanOptions": "FS",
    "ScanningSequence": "EP",
    "SequenceName": "_epfid2d1_76",
    "SequenceVariant": "SK",
    "SeriesDescription": "SEM",
    "SeriesNumber": 8,
    "ShimSetting": [
      6739,
      -11439,
      -2102,
      1031,
      -150,
      194,
      314,
      7
    ],
    "SliceThickness": 2.5,
    "SliceTiming": [
      0,
      1.53,
      0.0675,
      1.5975,
      0.135,
      1.6625,
      0.2,
      1.73,
      0.2675,
      1.795,
      0.3325,
      1.8625,
      0.4,
      1.9275,
      0.465,
      1.995,
      0.5325,
      2.0625,
      0.6,
      2.1275,
      0.665,
      2.195,
      0.7325,
      2.26,
      0.7975,
      2.3275,
      0.865,
      2.395,
      0.9325,
      2.46,
      0.9975,
      2.5275,
      1.065,
      2.5925,
      1.13,
      2.66,
      1.1975,
      2.7275,
      1.265,
      2.7925,
      1.33,
      2.86,
      1.3975,
      2.925,
      1.4625
    ],
    "SoftwareVersions": "syngo_MR_B17",
    "SpacingBetweenSlices": 2.75,
    "StationName": "mrc_Trio",
    "TaskName": "semantic",
    "TotalReadoutTime": 0.04275,
    "TxRefAmp": 320.904,
    "dataset": "ds001748",
    "modality": "bold",
    "subject_id": "child03",
    "task_id": "semantic"
  },
  "dummy_trs": 0,
  "dvars_nstd": 24.252334197919467,
  "dvars_std": 1.1740492215436245,
  "dvars_vstd": 1.0242678482550343,
  "efc": 0.5954058727713961,
  "fber": 339.1535339355469,
  "fd_mean": 0.1030726499382773,
  "fd_num": 9,
  "fd_perc": 6.0,
  "fwhm_avg": 2.4575129696969693,
  "fwhm_x": 2.3462,
  "fwhm_y": 2.591488,
  "fwhm_z": 2.4348509090909087,
  "gcor": 0.0290523,
  "gsr_x": -0.019019585102796555,
  "gsr_y": 0.05681932717561722,
  "provenance": {
    "md5sum": "ba7020693bf13e8d28b827066c514b30",
    "settings": {
      "fd_thres": 0.2,
      "testing": false
    },
    "software": "mriqc",
    "version": "22.0.0rc1",
    "webapi_port": null,
    "webapi_url": "https://mriqc.nimh.nih.gov/api/v1"
  },
  "size_t": 150,
  "size_x": 76,
  "size_y": 76,
  "size_z": 45,
  "snr": 3.6394990259430893,
  "spacing_tr": 3.0,
  "spacing_x": 2.5,
  "spacing_y": 2.5,
  "spacing_z": 2.75,
  "summary_bg_k": 35.2628034930713,
  "summary_bg_mad": 5.861222957354549,
  "summary_bg_mean": 55.89585876464844,
  "summary_bg_median": 37.42000198364258,
  "summary_bg_n": 145604.0,
  "summary_bg_p05": 32.96666717529297,
  "summary_bg_p95": 141.5790016174317,
  "summary_bg_stdv": 52.89936828613281,
  "summary_fg_k": 0.5795989936560142,
  "summary_fg_mad": 194.33952413915455,
  "summary_fg_mean": 717.0578002929688,
  "summary_fg_median": 697.6799926757812,
  "summary_fg_n": 63677.0,
  "summary_fg_p05": 448.4453369140625,
  "summary_fg_p95": 1058.0240478515623,
  "summary_fg_stdv": 191.69520568847656,
  "tsnr": 56.57250993489288
}