{
  "aor": 0.0011777333333333332,
  "aqi": 0.0027612276000000004,
  "bids_meta": {
    "AcquisitionMatrixPE": 76,
    "AcquisitionNumber": 1,
    "AcquisitionTime": "17:13:14.007500",
    "BandwidthPerPixelPhaseEncode": 23.084,
    "BaseResolution": 76,
    "ConversionSoftware": "dcm2niix",
    "ConversionSoftwareVersion": "v1.0.20180622 (JP2:OpenJPEG) GCC6.1.0",
    "DerivedVendorReportedEchoSpacing": 0.000570001,
    "DeviceSerialNumber": "35410",
    "DwellTime": 3.3e-06,
    "EchoTime": 0.03,
    "EffectiveEchoSpacing": 0.000570001,
    "FlipAngle": 90,
    "ImageOrientationPatientDICOM": [
      0.999926,
      0.000403433,
      -0.0121657,
      6.62628e-08,
      0.99945,
      0.0331488
    ],
    "ImageType": [
      "ORIGINAL",
      "PRIMARY",
      "M",
      "ND",
      "MOSAIC"
    ],
    "InPlanePhaseEncodingDirectionDICOM": "COL",
    "InstitutionAddress": "Cooper_60_St._Lucia_QLD_AU_4072",
    "InstitutionName": "St_Lucia_Campus",
    "InstitutionalDepartmentName": "Gehrmann_Labs_MRI",
    "MRAcquisitionType": "2D",
    "MagneticFieldStrength": 3,
    "Manufacturer": "Siemens",
    "ManufacturersModelName": "TrioTim",
    "Modality": "MR",
    "PartialFourier": 1,
    "PatientPosition": "HFS",
    "PercentPhaseFOV": 100,
    "PhaseEncodingDirection": "j-",
    "PhaseEncodingSteps": 76,
    "PhaseResolution": 1,
    "PixelBandwidth": 1994,
    "ProcedureStepDescription": "RESEARCH_3T_Research",
    "ProtocolName": "EPI",
    "PulseSequenceDetails": "%SiemensSeq%_ep2d_pace",
    "ReceiveCoilName": "32Ch_Head",
    "ReconMatrixPE": 76,
    "RepetitionTime": 3,
    "SAR": 0.204119,
    "ScanOptions": "FS",
    "ScanningSequence": "EP",
    "SequenceName": "_epfid2d1_76",
    "SequenceVariant": "SK",
    "SeriesDescription": "EPI",
    "SeriesNumber": 9,
    "ShimSetting": [
      6739,
      -11439,
      -2102,
      1031,
      -150,
      194,
      314,
      7
    ],
    "SliceThickness": 2.5,
    "SliceTiming": [
      0,
      1.5275,
      0.065,
      1.595,
      0.1325,
      1.6625,
      0.2,
      1.7275,
      0.265,
      1.795,
      0.3325,
      1.86,
      0.3975,
      1.9275,
      0.465,
      1.995,
      0.5325,
      2.06,
      0.5975,
      2.1275,
      0.665,
      2.1925,
      0.73,
      2.26,
      0.7975,
      2.3275,
      0.865,
      2.3925,
      0.93,
      2.46,
      0.9975,
      2.525,
      1.0625,
      2.5925,
      1.13,
      2.66,
      1.1975,
      2.725,
      1.2625,
      2.7925,
      1.33,
      2.8575,
      1.395,
      2.925,
      1.4625
    ],
    "SoftwareVersions": "syngo_MR_B17",
    "SpacingBetweenSlices": 2.75,
    "StationName": "mrc_Trio",
    "TaskName": "episodic",
    "TotalReadoutTime": 0.04275,
    "TxRefAmp": 320.904,
    "dataset": "ds001748",
    "modality": "bold",
    "subject_id": "child03",
    "task_id": "episodic"
  },
  "dummy_trs": 0,
  "dvars_nstd": 25.434316635503354,
  "dvars_std": 1.2056208645637592,
  "dvars_vstd": 1.0077825499999995,
  "efc": 0.5959067482896884,
  "fber": 340.36346435546875,
  "fd_mean": 0.09859030453648161,
  "fd_num": 4,
  "fd_perc": 2.6666666666666665,
  "fwhm_avg": 2.4443384242424244,
  "fwhm_x": 2.33716,
  "fwhm_y": 2.577528,
  "fwhm_z": 2.418327272727273,
  "gcor": 0.0338461,
  "gsr_x": -0.01920032687485218,
  "gsr_y": 0.057237185537815094,
  "provenance": {
    "md5sum": "cbdcafb3dca70e115b798d8972bdf59b",
    "settings": {
      "fd_thres": 0.2,
      "testing": false
    },
    "software": "mriqc",
    "version": "22.0.0rc1",
    "webapi_port": null,
    "webapi_url": "https://mriqc.nimh.nih.gov/api/v1"
  },
  "size_t": 150,
  "size_x": 76,
  "size_y": 76,
  "size_z": 45,
  "snr": 3.6199396919438875,
  "spacing_tr": 3.0,
  "spacing_x": 2.5,
  "spacing_y": 2.5,
  "spacing_z": 2.75,
  "summary_bg_k": 33.02571834929672,
  "summary_bg_mad": 5.8414563605463945,
  "summary_bg_mean": 56.34691619873047,
  "summary_bg_median": 37.45333480834961,
  "summary_bg_n": 145345.0,
  "summary_bg_p05": 33.026668548583984,
  "summary_bg_p95": 144.95867309570303,
  "summary_bg_stdv": 53.50388717651367,
  "summary_fg_k": 0.6158222691032549,
  "summary_fg_mad": 196.41022644421216,
  "summary_fg_mean": 719.8408813476562,
  "summary_fg_median": 700.0633544921875,
  "summary_fg_n": 63824.0,
  "summary_fg_p05": 449.17333984375,
  "summary_fg_p95": 1062.4789916992188,
  "summary_fg_stdv": 193.38937377929688,
  "tsnr": 72.39610853441991
}