{
  "bids_meta": {
    "AcquisitionMatrixPE": 240,
    "AcquisitionNumber": 1,
    "AcquisitionTime": "14:41:36.937500",
    "BaseResolution": 256,
    "BodyPartExamined": "BRAIN",
    "ConsistencyInfo": "N4_VE11C_LATEST_20160120",
    "ConversionSoftware": "dcm2niix",
    "ConversionSoftwareVersion": "v1.0.20180622 (JP2:OpenJPEG) GCC6.1.0",
    "DeviceSerialNumber": "167001",
    "DwellTime": 8.1e-06,
    "EchoTime": 0.00291,
    "ImageComments": "DENOISED_IMAGE_(lambda_=_1)",
    "ImageOrientationPatientDICOM": [
      -0.0148018,
      0.989917,
      0.140871,
      0.0189235,
      0.141138,
      -0.989809
    ],
    "ImageType": [
      "DERIVED",
      "PRIMARY",
      "M",
      "UNI",
      "DIS3D",
      "DIS2D"
    ],
    "InPlanePhaseEncodingDirectionDICOM": "ROW",
    "InstitutionAddress": "Cooper_60_St._Lucia_QLD_AU_4072",
    "InstitutionName": "St_Lucia_Campus",
    "InstitutionalDepartmentName": "Gehrmann_Labs_MRI",
    "MRAcquisitionType": "3D",
    "MagneticFieldStrength": 3,
    "Manufacturer": "Siemens",
    "ManufacturersModelName": "Prisma_fit",
    "Modality": "MR",
    "ParallelReductionFactorInPlane": 3,
    "PartialFourier": 0.75,
    "PatientPosition": "HFS",
    "PercentPhaseFOV": 93.75,
    "PhaseEncodingSteps": 181,
    "PhaseResolution": 1,
    "PixelBandwidth": 240,
    "ProcedureStepDescription": "Research_16004_CMN",
    "ProtocolName": "MP2RAGE_wip900C_VE11C",
    "PulseSequenceDetails": "%CustomerSeq%_tfl_wip900C_VE11C",
    "RawImage": true,
    "ReceiveCoilActiveElements": "HC1-7;NC1,2",
    "ReceiveCoilName": "HeadNeck_64",
    "ReconMatrixPE": 256,
    "RepetitionTime": 4,
    "SAR": 0.0529896,
    "ScanOptions": "IR_PFP",
    "ScanningSequence": "GR_IR",
    "SequenceName": "tfl3d1_16ns",
    "SequenceVariant": "SK_SP_MP",
    "SeriesDescription": "MP2RAGE_wip900C_VE11C_UNI-DEN",
    "SeriesNumber": 8,
    "ShimSetting": [
      3041,
      -4152,
      -861,
      236,
      -38,
      -260,
      109,
      9
    ],
    "SliceThickness": 1,
    "SoftwareVersions": "syngo_MR_E11",
    "StationName": "mrc_Trio",
    "TxRefAmp": 219.34,
    "dataset": "ds001748",
    "modality": "T1w",
    "subject_id": "teen19"
  },
  "cjv": 0.26153411545021354,
  "cnr": 4.979356938950669,
  "efc": 0.525036323820082,
  "fber": 678586.625,
  "fwhm_avg": 3.6553848380216913,
  "fwhm_x": 3.6063545140650746,
  "fwhm_y": 3.94867,
  "fwhm_z": 3.41113,
  "icvs_csf": 0.21556692090133298,
  "icvs_gm": 0.4462435175061084,
  "icvs_wm": 0.3381895615925586,
  "inu_med": 0.8277615904808044,
  "inu_range": 0.17303649783134456,
  "provenance": {
    "md5sum": "01af501db4569f107d89e48972785ba0",
    "settings": {
      "testing": false
    },
    "software": "mriqc",
    "version": "22.0.0rc1",
    "warnings": {
      "large_rot_frame": true,
      "small_air_mask": false
    },
    "webapi_port": null,
    "webapi_url": "https://mriqc.nimh.nih.gov/api/v1"
  },
  "qi_1": 0.005082243445004279,
  "qi_2": 0.0003979289147734825,
  "rpve_csf": 21.610585144012127,
  "rpve_gm": 11.154625718720737,
  "rpve_wm": 18.44126689682417,
  "size_x": 176,
  "size_y": 240,
  "size_z": 256,
  "snr_csf": 1.549567587261557,
  "snr_gm": 10.436221992172404,
  "snr_total": 12.825014346817794,
  "snr_wm": 26.489253461019416,
  "snrd_csf": 119.28520496382727,
  "snrd_gm": 236.78105126060737,
  "snrd_total": 241.97857347587725,
  "snrd_wm": 369.8694642031971,
  "spacing_x": 0.9999987483024597,
  "spacing_y": 1.0,
  "spacing_z": 1.0,
  "summary_bg_k": 430.0413815597968,
  "summary_bg_mad": 0.7712704619375907,
  "summary_bg_mean": 1.777671217918396,
  "summary_bg_median": 0.5202140212059021,
  "summary_bg_n": 2642281.0,
  "summary_bg_p05": 0.0,
  "summary_bg_p95": 6.926429748535156,
  "summary_bg_stdv": 5.844982624053955,
  "summary_csf_k": 4.934669498263354,
  "summary_csf_mad": 118.79096901373559,
  "summary_csf_mean": 337.5545959472656,
  "summary_csf_median": 322.5074462890625,
  "summary_csf_n": 4789.0,
  "summary_csf_p05": 79.60818328857422,
  "summary_csf_p95": 998.6707641601553,
  "summary_csf_stdv": 208.10565185546875,
  "summary_gm_k": -0.05997730463832385,
  "summary_gm_mad": 61.43971823594194,
  "summary_gm_mean": 636.124267578125,
  "summary_gm_median": 640.1770629882812,
  "summary_gm_n": 39338.0,
  "summary_gm_p05": 529.4745574951172,
  "summary_gm_p95": 730.653387451172,
  "summary_gm_stdv": 61.341060638427734,
  "summary_wm_k": 1.1215763963544534,
  "summary_wm_mad": 32.667245006203096,
  "summary_wm_mean": 996.0494995117188,
  "summary_wm_median": 1000.0037841796875,
  "summary_wm_n": 159186.0,
  "summary_wm_p05": 925.8846282958984,
  "summary_wm_p95": 1051.013671875,
  "summary_wm_stdv": 37.751182556152344,
  "tpm_overlap_csf": 0.1425572782754898,
  "tpm_overlap_gm": 0.4278378188610077,
  "tpm_overlap_wm": 0.4659043848514557,
  "wm2max": 0.9073472206746205
}