{
  "aor": 0.015019200000000002,
  "aqi": 0.0066504573333333325,
  "bids_meta": {
    "AcquisitionMatrixPE": 76,
    "AcquisitionNumber": 1,
    "AcquisitionTime": "14:41:13.267500",
    "BandwidthPerPixelPhaseEncode": 23.084,
    "BaseResolution": 76,
    "ConversionSoftware": "dcm2niix",
    "ConversionSoftwareVersion": "v1.0.20180622 (JP2:OpenJPEG) GCC6.1.0",
    "DerivedVendorReportedEchoSpacing": 0.000570001,
    "DeviceSerialNumber": "35410",
    "DwellTime": 3.3e-06,
    "EchoTime": 0.03,
    "EffectiveEchoSpacing": 0.000570001,
    "FlipAngle": 90,
    "ImageOrientationPatientDICOM": [
      0.999803,
      0.0197145,
      0.00246549,
      -0.0191972,
      0.990552,
      -0.135786
    ],
    "ImageType": [
      "ORIGINAL",
      "PRIMARY",
      "M",
      "ND",
      "MOSAIC"
    ],
    "InPlanePhaseEncodingDirectionDICOM": "COL",
    "InstitutionAddress": "Cooper_60_St._Lucia_QLD_AU_4072",
    "InstitutionName": "St_Lucia_Campus",
    "InstitutionalDepartmentName": "Gehrmann_Labs_MRI",
    "MRAcquisitionType": "2D",
    "MagneticFieldStrength": 3,
    "Manufacturer": "Siemens",
    "ManufacturersModelName": "TrioTim",
    "Modality": "MR",
    "PartialFourier": 1,
    "PatientPosition": "HFS",
    "PercentPhaseFOV": 100,
    "PhaseEncodingDirection": "j-",
    "PhaseEncodingSteps": 76,
    "PhaseResolution": 1,
    "PixelBandwidth": 1994,
    "ProcedureStepDescription": "Brain_-_UQ_fMRI",
    "ProtocolName": "SEM",
    "PulseSequenceDetails": "%SiemensSeq%_ep2d_pace",
    "ReceiveCoilName": "32Ch_Head",
    "ReconMatrixPE": 76,
    "RepetitionTime": 3,
    "SAR": 0.136396,
    "ScanOptions": "FS",
    "ScanningSequence": "EP",
    "SequenceName": "_epfid2d1_76",
    "SequenceVariant": "SK",
    "SeriesDescription": "SEM",
    "SeriesNumber": 3,
    "ShimSetting": [
      6830,
      -11372,
      -2144,
      766,
      108,
      90,
      136,
      -110
    ],
    "SliceThickness": 2.5,
    "SliceTiming": [
      0,
      1.5275,
      0.065,
      1.595,
      0.1325,
      1.66,
      0.1975,
      1.7275,
      0.265,
      1.7925,
      0.33,
      1.86,
      0.3975,
      1.9275,
      0.465,
      1.9925,
      0.53,
      2.06,
      0.5975,
      2.125,
      0.6625,
      2.1925,
      0.73,
      2.26,
      0.7975,
      2.325,
      0.8625,
      2.3925,
      0.93,
      2.4575,
      0.995,
      2.525,
      1.0625,
      2.5925,
      1.13,
      2.6575,
      1.195,
      2.725,
      1.2625,
      2.79,
      1.3275,
      2.8575,
      1.395,
      2.925,
      1.4625
    ],
    "SoftwareVersions": "syngo_MR_B17",
    "SpacingBetweenSlices": 2.75,
    "StationName": "mrc_Trio",
    "TaskName": "semantic",
    "TotalReadoutTime": 0.04275,
    "TxRefAmp": 306.525,
    "dataset": "ds001748",
    "modality": "bold",
    "subject_id": "adult06",
    "task_id": "semantic"
  },
  "dummy_trs": 0,
  "dvars_nstd": 49.02473466355703,
  "dvars_std": 1.3842273061073824,
  "dvars_vstd": 1.1021857604026846,
  "efc": 0.6001924775059022,
  "fber": 254.58421325683594,
  "fd_mean": 0.34702326916675513,
  "fd_num": 55,
  "fd_perc": 36.666666666666664,
  "fwhm_avg": 2.621454787878788,
  "fwhm_x": 2.5272200000000002,
  "fwhm_y": 2.739668,
  "fwhm_z": 2.5974763636363636,
  "gcor": 0.0220483,
  "gsr_x": -0.008872880600392818,
  "gsr_y": 0.0681639090180397,
  "provenance": {
    "md5sum": "0ce82326ccf8a52f68615b2126b368de",
    "settings": {
      "fd_thres": 0.2,
      "testing": false
    },
    "software": "mriqc",
    "version": "22.0.0rc1",
    "webapi_port": null,
    "webapi_url": "https://mriqc.nimh.nih.gov/api/v1"
  },
  "size_t": 150,
  "size_x": 76,
  "size_y": 76,
  "size_z": 45,
  "snr": 2.805377244875503,
  "spacing_tr": 3.0,
  "spacing_x": 2.5,
  "spacing_y": 2.5,
  "spacing_z": 2.75,
  "summary_bg_k": 23.61639435152892,
  "summary_bg_mad": 7.739185390416403,
  "summary_bg_mean": 64.14350891113281,
  "summary_bg_median": 39.44000244140625,
  "summary_bg_n": 143420.0,
  "summary_bg_p05": 33.380001068115234,
  "summary_bg_p95": 184.46133956909148,
  "summary_bg_stdv": 65.48789978027344,
  "summary_fg_k": 2.3778654272330737,
  "summary_fg_mad": 198.99982595211802,
  "summary_fg_mean": 689.47900390625,
  "summary_fg_median": 645.8499755859375,
  "summary_fg_n": 62818.0,
  "summary_fg_p05": 400.718000793457,
  "summary_fg_p95": 1129.884014892578,
  "summary_fg_stdv": 230.2167510986328,
  "tsnr": 42.955673234537244
}