{
  "aor": 0.012880333333333332,
  "aqi": 0.007659472133333332,
  "bids_meta": {
    "AcquisitionMatrixPE": 76,
    "AcquisitionNumber": 1,
    "AcquisitionTime": "14:49:9.020000",
    "BandwidthPerPixelPhaseEncode": 23.084,
    "BaseResolution": 76,
    "ConversionSoftware": "dcm2niix",
    "ConversionSoftwareVersion": "v1.0.20180622 (JP2:OpenJPEG) GCC6.1.0",
    "DerivedVendorReportedEchoSpacing": 0.000570001,
    "DeviceSerialNumber": "35410",
    "DwellTime": 3.3e-06,
    "EchoTime": 0.03,
    "EffectiveEchoSpacing": 0.000570001,
    "FlipAngle": 90,
    "ImageOrientationPatientDICOM": [
      0.999803,
      0.0197145,
      0.00246549,
      -0.0191972,
      0.990552,
      -0.135786
    ],
    "ImageType": [
      "ORIGINAL",
      "PRIMARY",
      "M",
      "ND",
      "MOSAIC"
    ],
    "InPlanePhaseEncodingDirectionDICOM": "COL",
    "InstitutionAddress": "Cooper_60_St._Lucia_QLD_AU_4072",
    "InstitutionName": "St_Lucia_Campus",
    "InstitutionalDepartmentName": "Gehrmann_Labs_MRI",
    "MRAcquisitionType": "2D",
    "MagneticFieldStrength": 3,
    "Manufacturer": "Siemens",
    "ManufacturersModelName": "TrioTim",
    "Modality": "MR",
    "PartialFourier": 1,
    "PatientPosition": "HFS",
    "PercentPhaseFOV": 100,
    "PhaseEncodingDirection": "j-",
    "PhaseEncodingSteps": 76,
    "PhaseResolution": 1,
    "PixelBandwidth": 1994,
    "ProcedureStepDescription": "Brain_-_UQ_fMRI",
    "ProtocolName": "EPI",
    "PulseSequenceDetails": "%SiemensSeq%_ep2d_pace",
    "ReceiveCoilName": "32Ch_Head",
    "ReconMatrixPE": 76,
    "RepetitionTime": 3,
    "SAR": 0.136396,
    "ScanOptions": "FS",
    "ScanningSequence": "EP",
    "SequenceName": "_epfid2d1_76",
    "SequenceVariant": "SK",
    "SeriesDescription": "EPI",
    "SeriesNumber": 4,
    "ShimSetting": [
      6830,
      -11372,
      -2144,
      766,
      108,
      90,
      136,
      -110
    ],
    "SliceThickness": 2.5,
    "SliceTiming": [
      0,
      1.5275,
      0.065,
      1.595,
      0.1325,
      1.66,
      0.1975,
      1.7275,
      0.265,
      1.795,
      0.3325,
      1.86,
      0.3975,
      1.9275,
      0.465,
      1.9925,
      0.53,
      2.06,
      0.5975,
      2.1275,
      0.665,
      2.1925,
      0.73,
      2.26,
      0.7975,
      2.325,
      0.8625,
      2.3925,
      0.93,
      2.46,
      0.9975,
      2.525,
      1.0625,
      2.5925,
      1.13,
      2.6575,
      1.195,
      2.725,
      1.2625,
      2.79,
      1.3275,
      2.8575,
      1.395,
      2.925,
      1.4625
    ],
    "SoftwareVersions": "syngo_MR_B17",
    "SpacingBetweenSlices": 2.75,
    "StationName": "mrc_Trio",
    "TaskName": "episodic",
    "TotalReadoutTime": 0.04275,
    "TxRefAmp": 306.525,
    "dataset": "ds001748",
    "modality": "bold",
    "subject_id": "adult06",
    "task_id": "episodic"
  },
  "dummy_trs": 0,
  "dvars_nstd": 47.418922398724824,
  "dvars_std": 1.3214296861744976,
  "dvars_vstd": 1.06332372033557,
  "efc": 0.6003717649009938,
  "fber": 251.80674743652344,
  "fd_mean": 0.297526291566565,
  "fd_num": 53,
  "fd_perc": 35.333333333333336,
  "fwhm_avg": 2.6015625454545455,
  "fwhm_x": 2.53552,
  "fwhm_y": 2.719764,
  "fwhm_z": 2.5494036363636363,
  "gcor": 0.0268267,
  "gsr_x": -0.008930586278438568,
  "gsr_y": 0.06821060180664062,
  "provenance": {
    "md5sum": "7c332aff8f81e5aaa1d3c83e7f736bc2",
    "settings": {
      "fd_thres": 0.2,
      "testing": false
    },
    "software": "mriqc",
    "version": "22.0.0rc1",
    "webapi_port": null,
    "webapi_url": "https://mriqc.nimh.nih.gov/api/v1"
  },
  "size_t": 150,
  "size_x": 76,
  "size_y": 76,
  "size_z": 45,
  "snr": 2.808156974346305,
  "spacing_tr": 3.0,
  "spacing_x": 2.5,
  "spacing_y": 2.5,
  "spacing_z": 2.75,
  "summary_bg_k": 24.036790201017165,
  "summary_bg_mad": 8.737469225211111,
  "summary_bg_mean": 64.52748107910156,
  "summary_bg_median": 39.80666732788086,
  "summary_bg_n": 143428.0,
  "summary_bg_p05": 32.459999084472656,
  "summary_bg_p95": 185.94667053222656,
  "summary_bg_stdv": 65.9981689453125,
  "summary_fg_k": 2.3125129783589413,
  "summary_fg_mad": 199.65703843151567,
  "summary_fg_mean": 691.1148071289062,
  "summary_fg_median": 647.3533325195312,
  "summary_fg_n": 62869.0,
  "summary_fg_p05": 402.6053405761719,
  "summary_fg_p95": 1130.809375,
  "summary_fg_stdv": 230.5242156982422,
  "tsnr": 40.515695554204285
}