{
  "aor": 0.011126666666666665,
  "aqi": 0.007879936,
  "bids_meta": {
    "AcquisitionMatrixPE": 76,
    "AcquisitionNumber": 1,
    "AcquisitionTime": "14:32:56.927500",
    "BandwidthPerPixelPhaseEncode": 23.084,
    "BaseResolution": 76,
    "ConversionSoftware": "dcm2niix",
    "ConversionSoftwareVersion": "v1.0.20180622 (JP2:OpenJPEG) GCC6.1.0",
    "DerivedVendorReportedEchoSpacing": 0.000570001,
    "DeviceSerialNumber": "35410",
    "DwellTime": 3.3e-06,
    "EchoTime": 0.03,
    "EffectiveEchoSpacing": 0.000570001,
    "FlipAngle": 90,
    "ImageOrientationPatientDICOM": [
      0.999803,
      0.0197145,
      0.00246549,
      -0.0191972,
      0.990552,
      -0.135786
    ],
    "ImageType": [
      "ORIGINAL",
      "PRIMARY",
      "M",
      "ND",
      "MOSAIC"
    ],
    "InPlanePhaseEncodingDirectionDICOM": "COL",
    "InstitutionAddress": "Cooper_60_St._Lucia_QLD_AU_4072",
    "InstitutionName": "St_Lucia_Campus",
    "InstitutionalDepartmentName": "Gehrmann_Labs_MRI",
    "MRAcquisitionType": "2D",
    "MagneticFieldStrength": 3,
    "Manufacturer": "Siemens",
    "ManufacturersModelName": "TrioTim",
    "Modality": "MR",
    "PartialFourier": 1,
    "PatientPosition": "HFS",
    "PercentPhaseFOV": 100,
    "PhaseEncodingDirection": "j-",
    "PhaseEncodingSteps": 76,
    "PhaseResolution": 1,
    "PixelBandwidth": 1994,
    "ProcedureStepDescription": "Brain_-_UQ_fMRI",
    "ProtocolName": "AUTO",
    "PulseSequenceDetails": "%SiemensSeq%_ep2d_pace",
    "ReceiveCoilName": "32Ch_Head",
    "ReconMatrixPE": 76,
    "RepetitionTime": 3,
    "SAR": 0.136396,
    "ScanOptions": "FS",
    "ScanningSequence": "EP",
    "SequenceName": "_epfid2d1_76",
    "SequenceVariant": "SK",
    "SeriesDescription": "AUTO",
    "SeriesNumber": 2,
    "ShimSetting": [
      6830,
      -11372,
      -2144,
      766,
      108,
      90,
      136,
      -110
    ],
    "SliceThickness": 2.5,
    "SliceTiming": [
      0,
      1.53,
      0.0675,
      1.595,
      0.1325,
      1.6625,
      0.2,
      1.73,
      0.2675,
      1.795,
      0.3325,
      1.8625,
      0.4,
      1.9275,
      0.465,
      1.995,
      0.5325,
      2.0625,
      0.6,
      2.1275,
      0.665,
      2.195,
      0.7325,
      2.26,
      0.7975,
      2.3275,
      0.865,
      2.395,
      0.9325,
      2.46,
      0.9975,
      2.5275,
      1.065,
      2.5925,
      1.13,
      2.66,
      1.1975,
      2.7275,
      1.265,
      2.7925,
      1.33,
      2.86,
      1.3975,
      2.925,
      1.4625
    ],
    "SoftwareVersions": "syngo_MR_B17",
    "SpacingBetweenSlices": 2.75,
    "StationName": "mrc_Trio",
    "TaskName": "autobio",
    "TotalReadoutTime": 0.04275,
    "TxRefAmp": 306.525,
    "dataset": "ds001748",
    "modality": "bold",
    "subject_id": "adult06",
    "task_id": "autobio"
  },
  "dummy_trs": 0,
  "dvars_nstd": 40.40566923114094,
  "dvars_std": 1.2015071522818792,
  "dvars_vstd": 1.0113700726174493,
  "efc": 0.5994144516356433,
  "fber": 256.7946472167969,
  "fd_mean": 0.2219594594956555,
  "fd_num": 34,
  "fd_perc": 22.666666666666668,
  "fwhm_avg": 2.597696,
  "fwhm_x": 2.526108,
  "fwhm_y": 2.7053000000000003,
  "fwhm_z": 2.56168,
  "gcor": 0.0156413,
  "gsr_x": -0.008864167146384716,
  "gsr_y": 0.06675064563751221,
  "provenance": {
    "md5sum": "7092b364edc7d14bb15a88091e9314b3",
    "settings": {
      "fd_thres": 0.2,
      "testing": false
    },
    "software": "mriqc",
    "version": "22.0.0rc1",
    "webapi_port": null,
    "webapi_url": "https://mriqc.nimh.nih.gov/api/v1"
  },
  "size_t": 150,
  "size_x": 76,
  "size_y": 76,
  "size_z": 45,
  "snr": 2.817431598470937,
  "spacing_tr": 3.0,
  "spacing_x": 2.5,
  "spacing_y": 2.5,
  "spacing_z": 2.75,
  "summary_bg_k": 24.912639046689506,
  "summary_bg_mad": 7.531621984734199,
  "summary_bg_mean": 63.90884017944336,
  "summary_bg_median": 39.50666809082031,
  "summary_bg_n": 143658.0,
  "summary_bg_p05": 33.72666931152344,
  "summary_bg_p95": 181.72866973876944,
  "summary_bg_stdv": 64.68880462646484,
  "summary_fg_k": 2.3180672297901994,
  "summary_fg_mad": 199.07884709392158,
  "summary_fg_mean": 692.9401245117188,
  "summary_fg_median": 648.6799926757812,
  "summary_fg_n": 62522.0,
  "summary_fg_p05": 403.48167724609374,
  "summary_fg_p95": 1134.2716491699218,
  "summary_fg_stdv": 230.23622131347656,
  "tsnr": 40.93190903309733
}