{
  "bids_meta": {
    "AcquisitionMatrixPE": 240,
    "AcquisitionNumber": 1,
    "AcquisitionTime": "11:21:52.880000",
    "BaseResolution": 256,
    "BodyPartExamined": "BRAIN",
    "ConsistencyInfo": "N4_VE11C_LATEST_20160120",
    "ConversionSoftware": "dcm2niix",
    "ConversionSoftwareVersion": "v1.0.20180622 (JP2:OpenJPEG) GCC6.1.0",
    "DeviceSerialNumber": "167001",
    "DwellTime": 8.1e-06,
    "EchoTime": 0.00291,
    "ImageComments": "DENOISED_IMAGE_(lambda_=_1)",
    "ImageOrientationPatientDICOM": [
      -0.00520463,
      0.978509,
      0.206138,
      0.0247418,
      0.206204,
      -0.978196
    ],
    "ImageType": [
      "DERIVED",
      "PRIMARY",
      "M",
      "UNI",
      "DIS3D",
      "DIS2D"
    ],
    "InPlanePhaseEncodingDirectionDICOM": "ROW",
    "InstitutionAddress": "Cooper_60_St._Lucia_QLD_AU_4072",
    "InstitutionName": "St_Lucia_Campus",
    "InstitutionalDepartmentName": "Gehrmann_Labs_MRI",
    "MRAcquisitionType": "3D",
    "MagneticFieldStrength": 3,
    "Manufacturer": "Siemens",
    "ManufacturersModelName": "Prisma_fit",
    "Modality": "MR",
    "ParallelReductionFactorInPlane": 3,
    "PartialFourier": 0.75,
    "PatientPosition": "HFS",
    "PercentPhaseFOV": 93.75,
    "PhaseEncodingSteps": 181,
    "PhaseResolution": 1,
    "PixelBandwidth": 240,
    "ProcedureStepDescription": "Research_16004_CMN",
    "ProtocolName": "MP2RAGE_wip900C_VE11C",
    "PulseSequenceDetails": "%CustomerSeq%_tfl_wip900C_VE11C",
    "RawImage": true,
    "ReceiveCoilActiveElements": "HC1-7;NC1,2",
    "ReceiveCoilName": "HeadNeck_64",
    "ReconMatrixPE": 256,
    "RepetitionTime": 4,
    "SAR": 0.0552053,
    "ScanOptions": "IR_PFP",
    "ScanningSequence": "GR_IR",
    "SequenceName": "tfl3d1_16ns",
    "SequenceVariant": "SK_SP_MP",
    "SeriesDescription": "MP2RAGE_wip900C_VE11C_UNI-DEN",
    "SeriesNumber": 8,
    "ShimSetting": [
      3057,
      -4127,
      -876,
      351,
      -35,
      -373,
      30,
      -45
    ],
    "SliceThickness": 1,
    "SoftwareVersions": "syngo_MR_E11",
    "StationName": "mrc_Trio",
    "TxRefAmp": 217.09,
    "dataset": "ds001748",
    "modality": "T1w",
    "subject_id": "teen14"
  },
  "cjv": 0.2794906282769838,
  "cnr": 4.582770789960265,
  "efc": 0.5027404986061073,
  "fber": 1474489.25,
  "fwhm_avg": 3.821294410190365,
  "fwhm_x": 3.852122984857488,
  "fwhm_y": 4.122390245713606,
  "fwhm_z": 3.48937,
  "icvs_csf": 0.204719349374999,
  "icvs_gm": 0.4509286031588166,
  "icvs_wm": 0.34435204746618436,
  "inu_med": 0.8727954626083374,
  "inu_range": 0.17331806421279905,
  "provenance": {
    "md5sum": "264b958540f86fa1da7e1ae03308103b",
    "settings": {
      "testing": false
    },
    "software": "mriqc",
    "version": "22.0.0rc1",
    "warnings": {
      "large_rot_frame": true,
      "small_air_mask": false
    },
    "webapi_port": null,
    "webapi_url": "https://mriqc.nimh.nih.gov/api/v1"
  },
  "qi_1": 0.003314874600703985,
  "qi_2": 0.000645487920565408,
  "rpve_csf": 25.73743635581634,
  "rpve_gm": 12.726989558970534,
  "rpve_wm": 20.721941776027826,
  "size_x": 176,
  "size_y": 240,
  "size_z": 256,
  "snr_csf": 1.94915333138961,
  "snr_gm": 9.832943884195133,
  "snr_total": 14.287651172452128,
  "snr_wm": 31.08085630177164,
  "snrd_csf": 96.26144650148878,
  "snrd_gm": 238.47550356832582,
  "snrd_total": 232.37393335478126,
  "snrd_wm": 362.38484999452925,
  "spacing_x": 0.9999992251396179,
  "spacing_y": 0.9999999403953552,
  "spacing_z": 1.0,
  "summary_bg_k": 167.92667846562313,
  "summary_bg_mad": 0.8078660165410477,
  "summary_bg_mean": 2.1842918395996094,
  "summary_bg_median": 0.5448973178863525,
  "summary_bg_n": 2910814.0,
  "summary_bg_p05": 0.0,
  "summary_bg_p95": 9.44189577102664,
  "summary_bg_stdv": 7.268691539764404,
  "summary_csf_k": -1.1430366083011319,
  "summary_csf_mad": 175.86313467390542,
  "summary_csf_mean": 251.6435089111328,
  "summary_csf_median": 265.635986328125,
  "summary_csf_n": 7758.0,
  "summary_csf_p05": 48.70736846923828,
  "summary_csf_p95": 452.9131912231445,
  "summary_csf_stdv": 136.2739715576172,
  "summary_gm_k": -0.025050258223827004,
  "summary_gm_mad": 66.78532993973165,
  "summary_gm_mean": 655.2591552734375,
  "summary_gm_median": 658.0794067382812,
  "summary_gm_n": 38793.0,
  "summary_gm_p05": 542.4968383789062,
  "summary_gm_p95": 761.5005493164062,
  "summary_gm_stdv": 66.92511749267578,
  "summary_wm_k": 0.8551052030651665,
  "summary_wm_mad": 28.78120559754193,
  "summary_wm_mean": 1000.0020141601562,
  "summary_wm_median": 1000.010498046875,
  "summary_wm_n": 157352.0,
  "summary_wm_p05": 946.9759796142578,
  "summary_wm_p95": 1052.729815673828,
  "summary_wm_stdv": 32.174381256103516,
  "tpm_overlap_csf": 0.1605684906244278,
  "tpm_overlap_gm": 0.44148677587509155,
  "tpm_overlap_wm": 0.497022420167923,
  "wm2max": 0.8853404688605173
}