{
  "bids_meta": {
    "AcquisitionMatrixPE": 240,
    "AcquisitionNumber": 1,
    "AcquisitionTime": "15:02:24.185000",
    "BaseResolution": 256,
    "ConversionSoftware": "dcm2niix",
    "ConversionSoftwareVersion": "v1.0.20180622 (JP2:OpenJPEG) GCC6.1.0",
    "DeviceSerialNumber": "35410",
    "DwellTime": 8.1e-06,
    "EchoTime": 0.00289,
    "ImageOrientationPatientDICOM": [
      0.0192021,
      0.999816,
      6.77203e-09,
      0.0226785,
      -0.000435549,
      -0.999743
    ],
    "ImageType": [
      "ORIGINAL",
      "PRIMARY",
      "M",
      "ND",
      "UNI"
    ],
    "InPlanePhaseEncodingDirectionDICOM": "ROW",
    "InstitutionAddress": "Cooper_60_St._Lucia_QLD_AU_4072",
    "InstitutionName": "St_Lucia_Campus",
    "InstitutionalDepartmentName": "Gehrmann_Labs_MRI",
    "MRAcquisitionType": "3D",
    "MagneticFieldStrength": 3,
    "Manufacturer": "Siemens",
    "ManufacturersModelName": "TrioTim",
    "Modality": "MR",
    "ParallelReductionFactorInPlane": 3,
    "PartialFourier": 0.75,
    "PatientPosition": "HFS",
    "PercentPhaseFOV": 93.75,
    "PhaseEncodingSteps": 181,
    "PhaseResolution": 1,
    "PixelBandwidth": 241,
    "ProcedureStepDescription": "Brain_-_UQ_fMRI",
    "ProtocolName": "mp2rage",
    "PulseSequenceDetails": "%CustomerSeq%_mp2rage_wip820B17",
    "ReceiveCoilName": "32Ch_Head",
    "ReconMatrixPE": 256,
    "RepetitionTime": 4,
    "SAR": 0.128294,
    "ScanOptions": "IR_PFP",
    "ScanningSequence": "GR_IR",
    "SequenceName": "tfl3d1_ns",
    "SequenceVariant": "SP_MP",
    "SeriesDescription": "mp2rage_UNI-DEN",
    "SeriesNumber": 7,
    "ShimSetting": [
      6819,
      -11271,
      -2615,
      -89,
      20,
      1,
      -123,
      4
    ],
    "SliceThickness": 1,
    "SoftwareVersions": "syngo_MR_B17",
    "StationName": "mrc_Trio",
    "TxRefAmp": 359.256,
    "dataset": "ds001748",
    "modality": "T1w",
    "subject_id": "adult09"
  },
  "cjv": 0.3273736349164031,
  "cnr": 3.723393296378384,
  "efc": 0.5964507315857352,
  "fber": 2416.16015625,
  "fwhm_avg": 3.7044647508973934,
  "fwhm_x": 3.7646838146749046,
  "fwhm_y": 4.061380242077126,
  "fwhm_z": 3.2873301959401484,
  "icvs_csf": 0.28744329370862653,
  "icvs_gm": 0.3354492825120292,
  "icvs_wm": 0.3771074237793442,
  "inu_med": 0.9288727641105652,
  "inu_range": 0.23922236263751984,
  "provenance": {
    "md5sum": "95d182c0b9e45579b9d14a06ba52df82",
    "settings": {
      "testing": false
    },
    "software": "mriqc",
    "version": "22.0.0rc1",
    "warnings": {
      "large_rot_frame": true,
      "small_air_mask": false
    },
    "webapi_port": null,
    "webapi_url": "https://mriqc.nimh.nih.gov/api/v1"
  },
  "qi_1": 0.0001505108363514115,
  "qi_2": 0.0006488888949394423,
  "rpve_csf": 19.467557637398933,
  "rpve_gm": 14.145230837163773,
  "rpve_wm": 18.315402265174267,
  "size_x": 176,
  "size_y": 240,
  "size_z": 256,
  "snr_csf": 4.379089476733982,
  "snr_gm": 11.308265114150613,
  "snr_total": 15.448389204807311,
  "snr_wm": 30.657813023537337,
  "snrd_csf": 71.89502053447765,
  "snrd_gm": 119.03967832345424,
  "snrd_total": 118.01037136434282,
  "snrd_wm": 163.0964152350966,
  "spacing_x": 0.9999989867210388,
  "spacing_y": 0.9999999403953552,
  "spacing_z": 0.9999999403953552,
  "summary_bg_k": 49.4765766589462,
  "summary_bg_mad": 4.0168665667058745,
  "summary_bg_mean": 14.243595123291016,
  "summary_bg_median": 13.156624794006348,
  "summary_bg_n": 2124645.0,
  "summary_bg_p05": 8.089243698120118,
  "summary_bg_p95": 23.464948272705072,
  "summary_bg_stdv": 5.83757209777832,
  "summary_csf_k": 0.9316837772584137,
  "summary_csf_mad": 89.2593227302765,
  "summary_csf_mean": 424.26214599609375,
  "summary_csf_median": 440.8131103515625,
  "summary_csf_n": 12460.0,
  "summary_csf_p05": 232.15269775390624,
  "summary_csf_p95": 558.9148773193359,
  "summary_csf_stdv": 100.65914916992188,
  "summary_gm_k": 0.8873864205388369,
  "summary_gm_mad": 58.023688344060446,
  "summary_gm_mean": 727.5255737304688,
  "summary_gm_median": 729.8732299804688,
  "summary_gm_n": 7500.0,
  "summary_gm_p05": 613.7891265869141,
  "summary_gm_p95": 826.9320709228513,
  "summary_gm_stdv": 64.5390396118164,
  "summary_wm_k": 0.6879604855275976,
  "summary_wm_mad": 30.408774170664596,
  "summary_wm_mean": 1001.2413940429688,
  "summary_wm_median": 1000.000244140625,
  "summary_wm_n": 189004.0,
  "summary_wm_p05": 950.1261962890625,
  "summary_wm_p95": 1056.6704528808593,
  "summary_wm_stdv": 32.61803436279297,
  "tpm_overlap_csf": 0.13495337963104248,
  "tpm_overlap_gm": 0.37049156427383423,
  "tpm_overlap_wm": 0.5094718933105469,
  "wm2max": 0.756674493295017
}