{
  "aor": 0.005082399999999999,
  "aqi": 0.005337935933333333,
  "bids_meta": {
    "AcquisitionMatrixPE": 76,
    "AcquisitionNumber": 1,
    "AcquisitionTime": "16:37:46.597500",
    "BandwidthPerPixelPhaseEncode": 23.084,
    "BaseResolution": 76,
    "ConversionSoftware": "dcm2niix",
    "ConversionSoftwareVersion": "v1.0.20180622 (JP2:OpenJPEG) GCC6.1.0",
    "DerivedVendorReportedEchoSpacing": 0.000570001,
    "DeviceSerialNumber": "35410",
    "DwellTime": 3.3e-06,
    "EchoTime": 0.03,
    "EffectiveEchoSpacing": 0.000570001,
    "FlipAngle": 90,
    "ImageOrientationPatientDICOM": [
      0.999976,
      0.000205725,
      -0.00693586,
      7.21717e-08,
      0.99956,
      0.0296584
    ],
    "ImageType": [
      "ORIGINAL",
      "PRIMARY",
      "M",
      "ND",
      "MOSAIC"
    ],
    "InPlanePhaseEncodingDirectionDICOM": "COL",
    "InstitutionAddress": "Cooper_60_St._Lucia_QLD_AU_4072",
    "InstitutionName": "St_Lucia_Campus",
    "InstitutionalDepartmentName": "Gehrmann_Labs_MRI",
    "MRAcquisitionType": "2D",
    "MagneticFieldStrength": 3,
    "Manufacturer": "Siemens",
    "ManufacturersModelName": "TrioTim",
    "Modality": "MR",
    "PartialFourier": 1,
    "PatientPosition": "HFS",
    "PercentPhaseFOV": 100,
    "PhaseEncodingDirection": "j-",
    "PhaseEncodingSteps": 76,
    "PhaseResolution": 1,
    "PixelBandwidth": 1994,
    "ProcedureStepDescription": "Brain_-_UQ_fMRI",
    "ProtocolName": "SEM",
    "PulseSequenceDetails": "%SiemensSeq%_ep2d_pace",
    "ReceiveCoilName": "32Ch_Head",
    "ReconMatrixPE": 76,
    "RepetitionTime": 3,
    "SAR": 0.229773,
    "ScanOptions": "FS",
    "ScanningSequence": "EP",
    "SequenceName": "_epfid2d1_76",
    "SequenceVariant": "SK",
    "SeriesDescription": "SEM",
    "SeriesNumber": 9,
    "ShimSetting": [
      6812,
      -11430,
      -2074,
      1033,
      -49,
      -144,
      593,
      83
    ],
    "SliceThickness": 2.5,
    "SliceTiming": [
      0,
      1.53,
      0.0675,
      1.595,
      0.1325,
      1.6625,
      0.2,
      1.7275,
      0.265,
      1.795,
      0.3325,
      1.8625,
      0.4,
      1.9275,
      0.465,
      1.995,
      0.5325,
      2.06,
      0.5975,
      2.1275,
      0.665,
      2.195,
      0.7325,
      2.26,
      0.7975,
      2.3275,
      0.865,
      2.3925,
      0.93,
      2.46,
      0.9975,
      2.5275,
      1.065,
      2.5925,
      1.13,
      2.66,
      1.1975,
      2.725,
      1.2625,
      2.7925,
      1.33,
      2.8575,
      1.395,
      2.925,
      1.4625
    ],
    "SoftwareVersions": "syngo_MR_B17",
    "SpacingBetweenSlices": 2.75,
    "StationName": "mrc_Trio",
    "TaskName": "semantic",
    "TotalReadoutTime": 0.04275,
    "TxRefAmp": 316.64,
    "dataset": "ds001748",
    "modality": "bold",
    "subject_id": "child09",
    "task_id": "semantic"
  },
  "dummy_trs": 0,
  "dvars_nstd": 33.20386351543625,
  "dvars_std": 1.2020804470469795,
  "dvars_vstd": 1.0064219126174498,
  "efc": 0.5909117430826529,
  "fber": 334.3699035644531,
  "fd_mean": 0.19403927989365305,
  "fd_num": 49,
  "fd_perc": 32.666666666666664,
  "fwhm_avg": 3.092098303030303,
  "fwhm_x": 3.036584,
  "fwhm_y": 3.34446,
  "fwhm_z": 2.895250909090909,
  "gcor": 0.0282865,
  "gsr_x": -0.02241101861000061,
  "gsr_y": 0.059486959129571915,
  "provenance": {
    "md5sum": "10dc3e344d146c384714331f7621a124",
    "settings": {
      "fd_thres": 0.2,
      "testing": false
    },
    "software": "mriqc",
    "version": "22.0.0rc1",
    "webapi_port": null,
    "webapi_url": "https://mriqc.nimh.nih.gov/api/v1"
  },
  "size_t": 150,
  "size_x": 76,
  "size_y": 76,
  "size_z": 45,
  "snr": 2.827889007526345,
  "spacing_tr": 3.0,
  "spacing_x": 2.5,
  "spacing_y": 2.5,
  "spacing_z": 2.75,
  "summary_bg_k": 31.023030300548655,
  "summary_bg_mad": 7.778718584032714,
  "summary_bg_mean": 62.36282730102539,
  "summary_bg_median": 39.92000198364258,
  "summary_bg_n": 142704.0,
  "summary_bg_p05": 34.01333236694336,
  "summary_bg_p95": 168.98566589355474,
  "summary_bg_stdv": 63.648319244384766,
  "summary_fg_k": 0.8011159334282798,
  "summary_fg_mad": 237.10758494950448,
  "summary_fg_mean": 796.0934448242188,
  "summary_fg_median": 747.0067138671875,
  "summary_fg_n": 65567.0,
  "summary_fg_p05": 455.95867919921875,
  "summary_fg_p95": 1319.3867431640624,
  "summary_fg_stdv": 264.1549987792969,
  "tsnr": 52.1432067558635
}