{
  "aor": 0.002533466666666667,
  "aqi": 0.004723356866666667,
  "bids_meta": {
    "AcquisitionMatrixPE": 76,
    "AcquisitionNumber": 1,
    "AcquisitionTime": "16:46:9.290000",
    "BandwidthPerPixelPhaseEncode": 23.084,
    "BaseResolution": 76,
    "ConversionSoftware": "dcm2niix",
    "ConversionSoftwareVersion": "v1.0.20180622 (JP2:OpenJPEG) GCC6.1.0",
    "DerivedVendorReportedEchoSpacing": 0.000570001,
    "DeviceSerialNumber": "35410",
    "DwellTime": 3.3e-06,
    "EchoTime": 0.03,
    "EffectiveEchoSpacing": 0.000570001,
    "FlipAngle": 90,
    "ImageOrientationPatientDICOM": [
      0.999976,
      0.000205725,
      -0.00693586,
      7.21717e-08,
      0.99956,
      0.0296584
    ],
    "ImageType": [
      "ORIGINAL",
      "PRIMARY",
      "M",
      "ND",
      "MOSAIC"
    ],
    "InPlanePhaseEncodingDirectionDICOM": "COL",
    "InstitutionAddress": "Cooper_60_St._Lucia_QLD_AU_4072",
    "InstitutionName": "St_Lucia_Campus",
    "InstitutionalDepartmentName": "Gehrmann_Labs_MRI",
    "MRAcquisitionType": "2D",
    "MagneticFieldStrength": 3,
    "Manufacturer": "Siemens",
    "ManufacturersModelName": "TrioTim",
    "Modality": "MR",
    "PartialFourier": 1,
    "PatientPosition": "HFS",
    "PercentPhaseFOV": 100,
    "PhaseEncodingDirection": "j-",
    "PhaseEncodingSteps": 76,
    "PhaseResolution": 1,
    "PixelBandwidth": 1994,
    "ProcedureStepDescription": "Brain_-_UQ_fMRI",
    "ProtocolName": "EPI",
    "PulseSequenceDetails": "%SiemensSeq%_ep2d_pace",
    "ReceiveCoilName": "32Ch_Head",
    "ReconMatrixPE": 76,
    "RepetitionTime": 3,
    "SAR": 0.229773,
    "ScanOptions": "FS",
    "ScanningSequence": "EP",
    "SequenceName": "_epfid2d1_76",
    "SequenceVariant": "SK",
    "SeriesDescription": "EPI",
    "SeriesNumber": 10,
    "ShimSetting": [
      6812,
      -11430,
      -2074,
      1033,
      -49,
      -144,
      593,
      83
    ],
    "SliceThickness": 2.5,
    "SliceTiming": [
      0,
      1.53,
      0.0675,
      1.595,
      0.1325,
      1.6625,
      0.2,
      1.7275,
      0.265,
      1.795,
      0.3325,
      1.86,
      0.3975,
      1.9275,
      0.465,
      1.995,
      0.5325,
      2.06,
      0.5975,
      2.1275,
      0.665,
      2.1925,
      0.73,
      2.26,
      0.7975,
      2.3275,
      0.865,
      2.3925,
      0.93,
      2.46,
      0.9975,
      2.525,
      1.0625,
      2.5925,
      1.13,
      2.66,
      1.1975,
      2.725,
      1.2625,
      2.7925,
      1.33,
      2.8575,
      1.395,
      2.925,
      1.4625
    ],
    "SoftwareVersions": "syngo_MR_B17",
    "SpacingBetweenSlices": 2.75,
    "StationName": "mrc_Trio",
    "TaskName": "episodic",
    "TotalReadoutTime": 0.04275,
    "TxRefAmp": 316.64,
    "dataset": "ds001748",
    "modality": "bold",
    "subject_id": "child09",
    "task_id": "episodic"
  },
  "dummy_trs": 0,
  "dvars_nstd": 32.551020551946294,
  "dvars_std": 1.223139235369127,
  "dvars_vstd": 1.0067727167785239,
  "efc": 0.5930605800964875,
  "fber": 337.2447509765625,
  "fd_mean": 0.20239136505340855,
  "fd_num": 50,
  "fd_perc": 33.333333333333336,
  "fwhm_avg": 3.007028484848485,
  "fwhm_x": 2.948328,
  "fwhm_y": 3.2612520000000003,
  "fwhm_z": 2.8115054545454545,
  "gcor": 0.0219346,
  "gsr_x": -0.020764334127306938,
  "gsr_y": 0.059509534388780594,
  "provenance": {
    "md5sum": "0b535fd6060270866a564be1a1767f0d",
    "settings": {
      "fd_thres": 0.2,
      "testing": false
    },
    "software": "mriqc",
    "version": "22.0.0rc1",
    "webapi_port": null,
    "webapi_url": "https://mriqc.nimh.nih.gov/api/v1"
  },
  "size_t": 150,
  "size_x": 76,
  "size_y": 76,
  "size_z": 45,
  "snr": 2.94341115806853,
  "spacing_tr": 3.0,
  "spacing_x": 2.5,
  "spacing_y": 2.5,
  "spacing_z": 2.75,
  "summary_bg_k": 29.557299599266997,
  "summary_bg_mad": 7.551388581542355,
  "summary_bg_mean": 62.32575225830078,
  "summary_bg_median": 39.573333740234375,
  "summary_bg_n": 142933.0,
  "summary_bg_p05": 33.753334045410156,
  "summary_bg_p95": 172.0506713867186,
  "summary_bg_stdv": 64.44319915771484,
  "summary_fg_k": 0.746446458058716,
  "summary_fg_mad": 228.68148345553118,
  "summary_fg_mean": 785.9169921875,
  "summary_fg_median": 741.5233154296875,
  "summary_fg_n": 65470.0,
  "summary_fg_p05": 456.1533508300781,
  "summary_fg_p95": 1276.3570190429687,
  "summary_fg_stdv": 251.92459106445312,
  "tsnr": 57.068439695518464
}