{
  "aor": 0.011876799999999998,
  "aqi": 0.008288679133333334,
  "bids_meta": {
    "AcquisitionMatrixPE": 76,
    "AcquisitionNumber": 1,
    "AcquisitionTime": "16:29:21.025000",
    "BandwidthPerPixelPhaseEncode": 23.084,
    "BaseResolution": 76,
    "ConversionSoftware": "dcm2niix",
    "ConversionSoftwareVersion": "v1.0.20180622 (JP2:OpenJPEG) GCC6.1.0",
    "DerivedVendorReportedEchoSpacing": 0.000570001,
    "DeviceSerialNumber": "35410",
    "DwellTime": 3.3e-06,
    "EchoTime": 0.03,
    "EffectiveEchoSpacing": 0.000570001,
    "FlipAngle": 90,
    "ImageOrientationPatientDICOM": [
      0.999976,
      0.000205725,
      -0.00693586,
      7.21717e-08,
      0.99956,
      0.0296584
    ],
    "ImageType": [
      "ORIGINAL",
      "PRIMARY",
      "M",
      "ND",
      "MOSAIC"
    ],
    "InPlanePhaseEncodingDirectionDICOM": "COL",
    "InstitutionAddress": "Cooper_60_St._Lucia_QLD_AU_4072",
    "InstitutionName": "St_Lucia_Campus",
    "InstitutionalDepartmentName": "Gehrmann_Labs_MRI",
    "MRAcquisitionType": "2D",
    "MagneticFieldStrength": 3,
    "Manufacturer": "Siemens",
    "ManufacturersModelName": "TrioTim",
    "Modality": "MR",
    "PartialFourier": 1,
    "PatientPosition": "HFS",
    "PercentPhaseFOV": 100,
    "PhaseEncodingDirection": "j-",
    "PhaseEncodingSteps": 76,
    "PhaseResolution": 1,
    "PixelBandwidth": 1994,
    "ProcedureStepDescription": "Brain_-_UQ_fMRI",
    "ProtocolName": "AUTO",
    "PulseSequenceDetails": "%SiemensSeq%_ep2d_pace",
    "ReceiveCoilName": "32Ch_Head",
    "ReconMatrixPE": 76,
    "RepetitionTime": 3,
    "SAR": 0.229773,
    "ScanOptions": "FS",
    "ScanningSequence": "EP",
    "SequenceName": "_epfid2d1_76",
    "SequenceVariant": "SK",
    "SeriesDescription": "AUTO",
    "SeriesNumber": 8,
    "ShimSetting": [
      6812,
      -11430,
      -2074,
      1033,
      -49,
      -144,
      593,
      83
    ],
    "SliceThickness": 2.5,
    "SliceTiming": [
      0,
      1.53,
      0.0675,
      1.595,
      0.1325,
      1.6625,
      0.2,
      1.7275,
      0.265,
      1.795,
      0.3325,
      1.8625,
      0.4,
      1.9275,
      0.465,
      1.995,
      0.5325,
      2.06,
      0.5975,
      2.1275,
      0.665,
      2.195,
      0.7325,
      2.26,
      0.7975,
      2.3275,
      0.865,
      2.3925,
      0.93,
      2.46,
      0.9975,
      2.5275,
      1.065,
      2.5925,
      1.13,
      2.66,
      1.1975,
      2.725,
      1.2625,
      2.7925,
      1.33,
      2.8575,
      1.3975,
      2.925,
      1.4625
    ],
    "SoftwareVersions": "syngo_MR_B17",
    "SpacingBetweenSlices": 2.75,
    "StationName": "mrc_Trio",
    "TaskName": "autobio",
    "TotalReadoutTime": 0.04275,
    "TxRefAmp": 316.64,
    "dataset": "ds001748",
    "modality": "bold",
    "subject_id": "child09",
    "task_id": "autobio"
  },
  "dummy_trs": 0,
  "dvars_nstd": 36.660022824899336,
  "dvars_std": 1.177724814832215,
  "dvars_vstd": 1.0308050441610737,
  "efc": 0.5884710839548712,
  "fber": 325.16387939453125,
  "fd_mean": 0.29530414679630784,
  "fd_num": 60,
  "fd_perc": 40.0,
  "fwhm_avg": 3.1044118787878787,
  "fwhm_x": 3.044708,
  "fwhm_y": 3.3680840000000005,
  "fwhm_z": 2.900443636363636,
  "gcor": 0.0321658,
  "gsr_x": -0.019651031121611595,
  "gsr_y": 0.05790266767144203,
  "provenance": {
    "md5sum": "06feff4fd76a756ab7638b02722c0af9",
    "settings": {
      "fd_thres": 0.2,
      "testing": false
    },
    "software": "mriqc",
    "version": "22.0.0rc1",
    "webapi_port": null,
    "webapi_url": "https://mriqc.nimh.nih.gov/api/v1"
  },
  "size_t": 150,
  "size_x": 76,
  "size_y": 76,
  "size_z": 45,
  "snr": 2.798813137603037,
  "spacing_tr": 3.0,
  "spacing_x": 2.5,
  "spacing_y": 2.5,
  "spacing_z": 2.75,
  "summary_bg_k": 29.68676668413125,
  "summary_bg_mad": 11.099750041983858,
  "summary_bg_mean": 61.95766067504883,
  "summary_bg_median": 40.959999084472656,
  "summary_bg_n": 142396.0,
  "summary_bg_p05": 28.46000099182129,
  "summary_bg_p95": 168.76000595092773,
  "summary_bg_stdv": 63.148529052734375,
  "summary_fg_k": 0.8874064521416338,
  "summary_fg_mad": 237.71052553677882,
  "summary_fg_mean": 798.8380737304688,
  "summary_fg_median": 748.7733764648438,
  "summary_fg_n": 65620.0,
  "summary_fg_p05": 454.7446731567383,
  "summary_fg_p95": 1327.1559875488279,
  "summary_fg_stdv": 267.5304260253906,
  "tsnr": 38.27999430592172
}