{
  "bids_meta": {
    "AcquisitionMatrixPE": 240,
    "AcquisitionNumber": 1,
    "AcquisitionTime": "09:24:16.425000",
    "BaseResolution": 256,
    "ConversionSoftware": "dcm2niix",
    "ConversionSoftwareVersion": "v1.0.20180622 (JP2:OpenJPEG) GCC6.1.0",
    "DeviceSerialNumber": "35410",
    "DwellTime": 8.1e-06,
    "EchoTime": 0.00289,
    "ImageOrientationPatientDICOM": [
      0.0191973,
      0.999816,
      -3.03858e-08,
      0.00348898,
      -6.70216e-05,
      -0.999994
    ],
    "ImageType": [
      "ORIGINAL",
      "PRIMARY",
      "M",
      "ND",
      "UNI"
    ],
    "InPlanePhaseEncodingDirectionDICOM": "ROW",
    "InstitutionAddress": "Cooper_60_St._Lucia_QLD_AU_4072",
    "InstitutionName": "St_Lucia_Campus",
    "InstitutionalDepartmentName": "Gehrmann_Labs_MRI",
    "MRAcquisitionType": "3D",
    "MagneticFieldStrength": 3,
    "Manufacturer": "Siemens",
    "ManufacturersModelName": "TrioTim",
    "Modality": "MR",
    "ParallelReductionFactorInPlane": 3,
    "PartialFourier": 0.75,
    "PatientPosition": "HFS",
    "PercentPhaseFOV": 93.75,
    "PhaseEncodingSteps": 181,
    "PhaseResolution": 1,
    "PixelBandwidth": 241,
    "ProcedureStepDescription": "Brain_-_UQ_fMRI",
    "ProtocolName": "mp2rage",
    "PulseSequenceDetails": "%CustomerSeq%_mp2rage_wip820B17",
    "ReceiveCoilName": "32Ch_Head",
    "ReconMatrixPE": 256,
    "RepetitionTime": 4,
    "SAR": 0.115555,
    "ScanOptions": "IR_PFP",
    "ScanningSequence": "GR_IR",
    "SequenceName": "tfl3d1_ns",
    "SequenceVariant": "SP_MP",
    "SeriesDescription": "mp2rage_UNI-DEN",
    "SeriesNumber": 6,
    "ShimSetting": [
      6819,
      -11271,
      -2615,
      -89,
      20,
      1,
      -123,
      4
    ],
    "SliceThickness": 1,
    "SoftwareVersions": "syngo_MR_B17",
    "StationName": "mrc_Trio",
    "TxRefAmp": 313.38,
    "dataset": "ds001748",
    "modality": "T1w",
    "subject_id": "adult14"
  },
  "cjv": 0.3403009158193799,
  "cnr": 3.7705397622248866,
  "efc": 0.5437416860477724,
  "fber": 3294.966064453125,
  "fwhm_avg": 3.4519437586555415,
  "fwhm_x": 3.567861275966624,
  "fwhm_y": 3.66479,
  "fwhm_z": 3.12318,
  "icvs_csf": 0.23217248858742054,
  "icvs_gm": 0.39588423876489304,
  "icvs_wm": 0.3719432726476864,
  "inu_med": 0.9543461799621582,
  "inu_range": 0.2596042484045029,
  "provenance": {
    "md5sum": "bd9a76eec245c8e98dc88fcfc0719fab",
    "settings": {
      "testing": false
    },
    "software": "mriqc",
    "version": "22.0.0rc1",
    "warnings": {
      "large_rot_frame": true,
      "small_air_mask": false
    },
    "webapi_port": null,
    "webapi_url": "https://mriqc.nimh.nih.gov/api/v1"
  },
  "qi_1": 7.544870926559279e-05,
  "qi_2": 0.0008928219922277138,
  "rpve_csf": 22.605805229605572,
  "rpve_gm": 13.07769437728841,
  "rpve_wm": 18.614231904889728,
  "size_x": 176,
  "size_y": 240,
  "size_z": 256,
  "snr_csf": 3.131364723472676,
  "snr_gm": 9.510914965320802,
  "snr_total": 13.784287281619507,
  "snr_wm": 28.710582156065044,
  "snrd_csf": 72.56933631121703,
  "snrd_gm": 133.81760809108334,
  "snrd_total": 133.02821731598502,
  "snrd_wm": 192.69770754565468,
  "spacing_x": 0.9999996423721313,
  "spacing_y": 1.0,
  "spacing_z": 1.0,
  "summary_bg_k": 2749.8463802079336,
  "summary_bg_mad": 3.399858892761694,
  "summary_bg_mean": 11.985398292541504,
  "summary_bg_median": 11.147747993469238,
  "summary_bg_n": 2635100.0,
  "summary_bg_p05": 6.881634664535523,
  "summary_bg_p95": 19.6695348739624,
  "summary_bg_stdv": 4.795289993286133,
  "summary_csf_k": 0.32551203634392767,
  "summary_csf_mad": 100.2795708977733,
  "summary_csf_mean": 355.6556396484375,
  "summary_csf_median": 376.60174560546875,
  "summary_csf_n": 5040.0,
  "summary_csf_p05": 89.93306388854981,
  "summary_csf_p95": 512.5905914306641,
  "summary_csf_stdv": 120.25567626953125,
  "summary_gm_k": 0.09437315169068317,
  "summary_gm_mad": 71.36751551947215,
  "summary_gm_mean": 692.1802978515625,
  "summary_gm_median": 694.4523315429688,
  "summary_gm_n": 22307.0,
  "summary_gm_p05": 567.9814697265625,
  "summary_gm_p95": 808.9975646972656,
  "summary_gm_stdv": 73.01471710205078,
  "summary_wm_k": 0.8436767041275721,
  "summary_wm_mad": 32.61512227195876,
  "summary_wm_mean": 1000.7786865234375,
  "summary_wm_median": 1000.01318359375,
  "summary_wm_n": 175144.0,
  "summary_wm_p05": 945.2853271484375,
  "summary_wm_p95": 1058.4563354492188,
  "summary_wm_stdv": 34.83072280883789,
  "tpm_overlap_csf": 0.1304682195186615,
  "tpm_overlap_gm": 0.38947397470474243,
  "tpm_overlap_wm": 0.47884535789489746,
  "wm2max": 0.7255497749752708
}