{
  "aor": 0.0028706666666666668,
  "aqi": 0.0039145068,
  "bids_meta": {
    "AcquisitionMatrixPE": 76,
    "AcquisitionNumber": 1,
    "AcquisitionTime": "11:21:38.310000",
    "BandwidthPerPixelPhaseEncode": 23.084,
    "BaseResolution": 76,
    "BodyPartExamined": "BRAIN",
    "ConsistencyInfo": "N4_VE11C_LATEST_20160120",
    "ConversionSoftware": "dcm2niix",
    "ConversionSoftwareVersion": "v1.0.20180622 (JP2:OpenJPEG) GCC6.1.0",
    "DerivedVendorReportedEchoSpacing": 0.000570001,
    "DeviceSerialNumber": "167001",
    "DwellTime": 3.3e-06,
    "EchoTime": 0.03,
    "EchoTrainLength": 76,
    "EffectiveEchoSpacing": 0.000570001,
    "FlipAngle": 90,
    "ImageOrientationPatientDICOM": [
      0.99582,
      -0.0216933,
      0.0887221,
      0.0300772,
      0.995091,
      -0.094279
    ],
    "ImageType": [
      "ORIGINAL",
      "PRIMARY",
      "M",
      "ND",
      "MOSAIC"
    ],
    "InPlanePhaseEncodingDirectionDICOM": "COL",
    "InstitutionAddress": "Cooper_60_St._Lucia_QLD_AU_4072",
    "InstitutionName": "St_Lucia_Campus",
    "InstitutionalDepartmentName": "Gehrmann_Labs_MRI",
    "MRAcquisitionType": "2D",
    "MagneticFieldStrength": 3,
    "Manufacturer": "Siemens",
    "ManufacturersModelName": "Prisma_fit",
    "Modality": "MR",
    "PartialFourier": 1,
    "PatientPosition": "HFS",
    "PercentPhaseFOV": 100,
    "PhaseEncodingDirection": "j-",
    "PhaseEncodingSteps": 76,
    "PhaseResolution": 1,
    "PixelBandwidth": 1995,
    "ProcedureStepDescription": "Research_16004_CMN",
    "ProtocolName": "ep2d_bold_SEM",
    "PulseSequenceDetails": "%SiemensSeq%_ep2d_bold",
    "ReceiveCoilActiveElements": "HC1-7;NC1,2",
    "ReceiveCoilName": "HeadNeck_64",
    "ReconMatrixPE": 76,
    "RepetitionTime": 3,
    "SAR": 0.0692261,
    "ScanOptions": "FS",
    "ScanningSequence": "EP",
    "SequenceName": "_epfid2d1_76",
    "SequenceVariant": "SK",
    "SeriesDescription": "ep2d_bold_SEM",
    "SeriesNumber": 10,
    "ShimSetting": [
      3070,
      -4095,
      -777,
      536,
      40,
      24,
      -82,
      7
    ],
    "SliceThickness": 2.5,
    "SliceTiming": [
      0,
      1.5225,
      0.065,
      1.5875,
      0.1325,
      1.655,
      0.1975,
      1.72,
      0.265,
      1.7875,
      0.33,
      1.8525,
      0.3975,
      1.92,
      0.4625,
      1.985,
      0.53,
      2.0525,
      0.595,
      2.1175,
      0.6625,
      2.185,
      0.7275,
      2.25,
      0.795,
      2.3175,
      0.86,
      2.3825,
      0.9275,
      2.45,
      0.9925,
      2.515,
      1.06,
      2.5825,
      1.125,
      2.6475,
      1.1925,
      2.715,
      1.2575,
      2.78,
      1.325,
      2.8475,
      1.39,
      2.9125,
      1.4575
    ],
    "SoftwareVersions": "syngo_MR_E11",
    "SpacingBetweenSlices": 2.75,
    "StationName": "mrc_Trio",
    "TaskName": "semantic",
    "TotalReadoutTime": 0.04275,
    "TxRefAmp": 214.267,
    "dataset": "ds001748",
    "modality": "bold",
    "subject_id": "teen13",
    "task_id": "semantic"
  },
  "dummy_trs": 0,
  "dvars_nstd": 28.701150471744956,
  "dvars_std": 1.3617861422818793,
  "dvars_vstd": 1.0198618838255031,
  "efc": 0.6144255077138772,
  "fber": 149.42208862304688,
  "fd_mean": 0.10983090887200293,
  "fd_num": 13,
  "fd_perc": 8.666666666666666,
  "fwhm_avg": 3.1781344242424243,
  "fwhm_x": 2.938332,
  "fwhm_y": 3.334944,
  "fwhm_z": 3.2611272727272724,
  "gcor": 0.0205174,
  "gsr_x": -0.011943182907998562,
  "gsr_y": 0.06529340893030167,
  "provenance": {
    "md5sum": "afd2b2ef34c9a9573712f00885430a68",
    "settings": {
      "fd_thres": 0.2,
      "testing": false
    },
    "software": "mriqc",
    "version": "22.0.0rc1",
    "webapi_port": null,
    "webapi_url": "https://mriqc.nimh.nih.gov/api/v1"
  },
  "size_t": 150,
  "size_x": 76,
  "size_y": 76,
  "size_z": 45,
  "snr": 2.40418350851887,
  "spacing_tr": 3.0,
  "spacing_x": 2.5,
  "spacing_y": 2.5,
  "spacing_z": 2.75,
  "summary_bg_k": 21.47352159187127,
  "summary_bg_mad": 11.040450251559394,
  "summary_bg_mean": 114.73562622070312,
  "summary_bg_median": 70.76667022705078,
  "summary_bg_n": 144098.0,
  "summary_bg_p05": 59.426666259765625,
  "summary_bg_p95": 335.7030105590819,
  "summary_bg_stdv": 122.32697296142578,
  "summary_fg_k": 1.7831694653426453,
  "summary_fg_mad": 337.09925918235007,
  "summary_fg_mean": 962.7240600585938,
  "summary_fg_median": 894.88671875,
  "summary_fg_n": 61690.0,
  "summary_fg_p05": 501.236344909668,
  "summary_fg_p95": 1689.1707031249991,
  "summary_fg_stdv": 372.2176208496094,
  "tsnr": 66.2039637491107
}