{
  "aor": 0.001622,
  "aqi": 0.003837532133333334,
  "bids_meta": {
    "AcquisitionMatrixPE": 76,
    "AcquisitionNumber": 1,
    "AcquisitionTime": "11:13:36.320000",
    "BandwidthPerPixelPhaseEncode": 23.084,
    "BaseResolution": 76,
    "BodyPartExamined": "BRAIN",
    "ConsistencyInfo": "N4_VE11C_LATEST_20160120",
    "ConversionSoftware": "dcm2niix",
    "ConversionSoftwareVersion": "v1.0.20180622 (JP2:OpenJPEG) GCC6.1.0",
    "DerivedVendorReportedEchoSpacing": 0.000570001,
    "DeviceSerialNumber": "167001",
    "DwellTime": 3.3e-06,
    "EchoTime": 0.03,
    "EchoTrainLength": 76,
    "EffectiveEchoSpacing": 0.000570001,
    "FlipAngle": 90,
    "ImageOrientationPatientDICOM": [
      0.99582,
      -0.0216933,
      0.0887221,
      0.0300772,
      0.995091,
      -0.094279
    ],
    "ImageType": [
      "ORIGINAL",
      "PRIMARY",
      "M",
      "ND",
      "MOSAIC"
    ],
    "InPlanePhaseEncodingDirectionDICOM": "COL",
    "InstitutionAddress": "Cooper_60_St._Lucia_QLD_AU_4072",
    "InstitutionName": "St_Lucia_Campus",
    "InstitutionalDepartmentName": "Gehrmann_Labs_MRI",
    "MRAcquisitionType": "2D",
    "MagneticFieldStrength": 3,
    "Manufacturer": "Siemens",
    "ManufacturersModelName": "Prisma_fit",
    "Modality": "MR",
    "PartialFourier": 1,
    "PatientPosition": "HFS",
    "PercentPhaseFOV": 100,
    "PhaseEncodingDirection": "j-",
    "PhaseEncodingSteps": 76,
    "PhaseResolution": 1,
    "PixelBandwidth": 1995,
    "ProcedureStepDescription": "Research_16004_CMN",
    "ProtocolName": "ep2d_bold_AUTO",
    "PulseSequenceDetails": "%SiemensSeq%_ep2d_bold",
    "ReceiveCoilActiveElements": "HC1-7;NC1,2",
    "ReceiveCoilName": "HeadNeck_64",
    "ReconMatrixPE": 76,
    "RepetitionTime": 3,
    "SAR": 0.0692261,
    "ScanOptions": "FS",
    "ScanningSequence": "EP",
    "SequenceName": "_epfid2d1_76",
    "SequenceVariant": "SK",
    "SeriesDescription": "ep2d_bold_AUTO",
    "SeriesNumber": 9,
    "ShimSetting": [
      3070,
      -4095,
      -777,
      536,
      40,
      24,
      -82,
      7
    ],
    "SliceThickness": 2.5,
    "SliceTiming": [
      0,
      1.525,
      0.0675,
      1.59,
      0.1325,
      1.6575,
      0.2,
      1.7225,
      0.265,
      1.79,
      0.3325,
      1.855,
      0.3975,
      1.9225,
      0.465,
      1.9875,
      0.53,
      2.0525,
      0.5975,
      2.12,
      0.6625,
      2.185,
      0.73,
      2.2525,
      0.795,
      2.3175,
      0.8625,
      2.385,
      0.9275,
      2.45,
      0.995,
      2.5175,
      1.06,
      2.5825,
      1.1275,
      2.65,
      1.1925,
      2.715,
      1.26,
      2.7825,
      1.325,
      2.8475,
      1.3925,
      2.915,
      1.4575
    ],
    "SoftwareVersions": "syngo_MR_E11",
    "SpacingBetweenSlices": 2.75,
    "StationName": "mrc_Trio",
    "TaskName": "autobio",
    "TotalReadoutTime": 0.04275,
    "TxRefAmp": 214.267,
    "dataset": "ds001748",
    "modality": "bold",
    "subject_id": "teen13",
    "task_id": "autobio"
  },
  "dummy_trs": 0,
  "dvars_nstd": 28.147065105234894,
  "dvars_std": 1.3093632848322143,
  "dvars_vstd": 0.9893746232885909,
  "efc": 0.6142605464109813,
  "fber": 154.08482360839844,
  "fd_mean": 0.10612491403314792,
  "fd_num": 14,
  "fd_perc": 9.333333333333334,
  "fwhm_avg": 3.160517212121212,
  "fwhm_x": 2.906912,
  "fwhm_y": 3.329556,
  "fwhm_z": 3.2450836363636366,
  "gcor": 0.0214312,
  "gsr_x": -0.012211976572871208,
  "gsr_y": 0.06519150733947754,
  "provenance": {
    "md5sum": "8a18fbec761590f13e77c3f95d70dd33",
    "settings": {
      "fd_thres": 0.2,
      "testing": false
    },
    "software": "mriqc",
    "version": "22.0.0rc1",
    "webapi_port": null,
    "webapi_url": "https://mriqc.nimh.nih.gov/api/v1"
  },
  "size_t": 150,
  "size_x": 76,
  "size_y": 76,
  "size_z": 45,
  "snr": 2.429515106439382,
  "spacing_tr": 3.0,
  "spacing_x": 2.5,
  "spacing_y": 2.5,
  "spacing_z": 2.75,
  "summary_bg_k": 22.19306427439169,
  "summary_bg_mad": 7.729299264173012,
  "summary_bg_mean": 113.62468719482422,
  "summary_bg_median": 69.6066665649414,
  "summary_bg_n": 144341.0,
  "summary_bg_p05": 62.87333297729492,
  "summary_bg_p95": 328.1266784667969,
  "summary_bg_stdv": 119.58465576171875,
  "summary_fg_k": 1.6995177471133962,
  "summary_fg_mad": 335.2163706532024,
  "summary_fg_mean": 958.3636474609375,
  "summary_fg_median": 892.7166748046875,
  "summary_fg_n": 61482.0,
  "summary_fg_p05": 498.2150146484375,
  "summary_fg_p95": 1667.8656982421874,
  "summary_fg_stdv": 367.4434509277344,
  "tsnr": 65.13569601252675
}