{
  "bids_meta": {
    "AcquisitionMatrixPE": 240,
    "AcquisitionNumber": 1,
    "AcquisitionTime": "16:53:6.255000",
    "BaseResolution": 256,
    "ConversionSoftware": "dcm2niix",
    "ConversionSoftwareVersion": "v1.0.20180622 (JP2:OpenJPEG) GCC6.1.0",
    "DeviceSerialNumber": "35410",
    "DwellTime": 8.1e-06,
    "EchoTime": 0.00289,
    "ImageOrientationPatientDICOM": [
      -0.0279219,
      0.99961,
      -3.79328e-08,
      -0.00174474,
      -4.87735e-05,
      -0.999998
    ],
    "ImageType": [
      "ORIGINAL",
      "PRIMARY",
      "M",
      "ND",
      "UNI"
    ],
    "InPlanePhaseEncodingDirectionDICOM": "ROW",
    "InstitutionAddress": "Cooper_60_St._Lucia_QLD_AU_4072",
    "InstitutionName": "St_Lucia_Campus",
    "InstitutionalDepartmentName": "Gehrmann_Labs_MRI",
    "MRAcquisitionType": "3D",
    "MagneticFieldStrength": 3,
    "Manufacturer": "Siemens",
    "ManufacturersModelName": "TrioTim",
    "Modality": "MR",
    "ParallelReductionFactorInPlane": 3,
    "PartialFourier": 0.75,
    "PatientPosition": "HFS",
    "PercentPhaseFOV": 93.75,
    "PhaseEncodingSteps": 181,
    "PhaseResolution": 1,
    "PixelBandwidth": 241,
    "ProcedureStepDescription": "Brain_-_UQ_fMRI",
    "ProtocolName": "mp2rage",
    "PulseSequenceDetails": "%CustomerSeq%_mp2rage_wip820B17",
    "ReceiveCoilName": "32Ch_Head",
    "ReconMatrixPE": 256,
    "RepetitionTime": 4,
    "SAR": 0.102166,
    "ScanOptions": "IR_PFP",
    "ScanningSequence": "GR_IR",
    "SequenceName": "tfl3d1_ns",
    "SequenceVariant": "SP_MP",
    "SeriesDescription": "mp2rage_UNI-DEN",
    "SeriesNumber": 7,
    "ShimSetting": [
      6819,
      -11271,
      -2615,
      -89,
      20,
      1,
      -123,
      4
    ],
    "SliceThickness": 1,
    "SoftwareVersions": "syngo_MR_B17",
    "StationName": "mrc_Trio",
    "TxRefAmp": 312.091,
    "dataset": "ds001748",
    "modality": "T1w",
    "subject_id": "adult03"
  },
  "cjv": 0.2852365472600515,
  "cnr": 4.289252938401233,
  "efc": 0.49880085311236644,
  "fber": 3736.767333984375,
  "fwhm_avg": 3.7533376903771614,
  "fwhm_x": 3.863852630285968,
  "fwhm_y": 4.08808024366857,
  "fwhm_z": 3.308080197176945,
  "icvs_csf": 0.2894676070419516,
  "icvs_gm": 0.3609836101745436,
  "icvs_wm": 0.34954878278350476,
  "inu_med": 0.9660121202468872,
  "inu_range": 0.23893314599990845,
  "provenance": {
    "md5sum": "639bb2ae1845d4e860cec6f9d0347887",
    "settings": {
      "testing": false
    },
    "software": "mriqc",
    "version": "22.0.0rc1",
    "warnings": {
      "large_rot_frame": true,
      "small_air_mask": false
    },
    "webapi_port": null,
    "webapi_url": "https://mriqc.nimh.nih.gov/api/v1"
  },
  "qi_1": 0.0,
  "qi_2": 0.001338845876537173,
  "rpve_csf": 20.48585000488228,
  "rpve_gm": 14.453506580993553,
  "rpve_wm": 21.058785872440062,
  "size_x": 176,
  "size_y": 240,
  "size_z": 256,
  "snr_csf": 3.998593266931075,
  "snr_gm": 10.90886697383149,
  "snr_total": 15.71607719613724,
  "snr_wm": 32.24077134764915,
  "snrd_csf": 79.85437591886013,
  "snrd_gm": 142.46265689207706,
  "snrd_total": 142.39161296356073,
  "snrd_wm": 204.85780607974502,
  "spacing_x": 1.0000019073486328,
  "spacing_y": 0.9999999403953552,
  "spacing_z": 0.9999999403953552,
  "summary_bg_k": 21.29129129829769,
  "summary_bg_mad": 3.1980557957630684,
  "summary_bg_mean": 11.230367660522461,
  "summary_bg_median": 10.45891284942627,
  "summary_bg_n": 2913039.0,
  "summary_bg_p05": 6.453894853591919,
  "summary_bg_p95": 18.45278549194336,
  "summary_bg_stdv": 4.105258464813232,
  "summary_csf_k": 0.7444427540486704,
  "summary_csf_mad": 84.56814091199901,
  "summary_csf_mean": 380.7716979980469,
  "summary_csf_median": 389.81005859375,
  "summary_csf_n": 13867.0,
  "summary_csf_p05": 189.81067504882813,
  "summary_csf_p95": 520.5680114746094,
  "summary_csf_stdv": 97.48328399658203,
  "summary_gm_k": 0.7098146800191358,
  "summary_gm_mad": 57.58259065643193,
  "summary_gm_mean": 692.4485473632812,
  "summary_gm_median": 695.43310546875,
  "summary_gm_n": 10840.0,
  "summary_gm_p05": 580.7541625976562,
  "summary_gm_p95": 791.9174652099609,
  "summary_gm_stdv": 63.746402740478516,
  "summary_wm_k": 0.8051568853101583,
  "summary_wm_mad": 29.29551038934348,
  "summary_wm_mean": 1000.5344848632812,
  "summary_wm_median": 1000.0157470703125,
  "summary_wm_n": 160216.0,
  "summary_wm_p05": 951.0007934570312,
  "summary_wm_p95": 1051.3003234863281,
  "summary_wm_stdv": 31.017019271850586,
  "tpm_overlap_csf": 0.13623282313346863,
  "tpm_overlap_gm": 0.38934752345085144,
  "tpm_overlap_wm": 0.5049706101417542,
  "wm2max": 0.7291728325162442
}