{
  "aor": 0.0025024324324324325,
  "aqi": 0.0034160085135135137,
  "bids_meta": {
    "AcquisitionMatrixPE": 76,
    "AcquisitionNumber": 1,
    "AcquisitionTime": "15:44:15.357500",
    "BandwidthPerPixelPhaseEncode": 23.084,
    "BaseResolution": 76,
    "BodyPartExamined": "BRAIN",
    "ConsistencyInfo": "N4_VE11C_LATEST_20160120",
    "ConversionSoftware": "dcm2niix",
    "ConversionSoftwareVersion": "v1.0.20180622 (JP2:OpenJPEG) GCC6.1.0",
    "DerivedVendorReportedEchoSpacing": 0.000570001,
    "DeviceSerialNumber": "167001",
    "DwellTime": 3.3e-06,
    "EchoTime": 0.03,
    "EchoTrainLength": 76,
    "EffectiveEchoSpacing": 0.000570001,
    "FlipAngle": 90,
    "ImageOrientationPatientDICOM": [
      0.998203,
      -0.056706,
      0.0193936,
      0.0552839,
      0.996198,
      0.0673343
    ],
    "ImageType": [
      "ORIGINAL",
      "PRIMARY",
      "M",
      "ND",
      "MOSAIC"
    ],
    "InPlanePhaseEncodingDirectionDICOM": "COL",
    "InstitutionAddress": "Cooper_60_St._Lucia_QLD_AU_4072",
    "InstitutionName": "St_Lucia_Campus",
    "InstitutionalDepartmentName": "Gehrmann_Labs_MRI",
    "MRAcquisitionType": "2D",
    "MagneticFieldStrength": 3,
    "Manufacturer": "Siemens",
    "ManufacturersModelName": "Prisma_fit",
    "Modality": "MR",
    "PartialFourier": 1,
    "PatientPosition": "HFS",
    "PercentPhaseFOV": 100,
    "PhaseEncodingDirection": "j-",
    "PhaseEncodingSteps": 76,
    "PhaseResolution": 1,
    "PixelBandwidth": 1995,
    "ProcedureStepDescription": "Research_16004_CMN",
    "ProtocolName": "ep2d_bold_AUTO",
    "PulseSequenceDetails": "%SiemensSeq%_ep2d_bold",
    "ReceiveCoilActiveElements": "HC1-7;NC1,2",
    "ReceiveCoilName": "HeadNeck_64",
    "ReconMatrixPE": 76,
    "RepetitionTime": 3,
    "SAR": 0.0735712,
    "ScanOptions": "FS",
    "ScanningSequence": "EP",
    "SequenceName": "_epfid2d1_76",
    "SequenceVariant": "SK",
    "SeriesDescription": "ep2d_bold_AUTO",
    "SeriesNumber": 9,
    "ShimSetting": [
      3044,
      -4113,
      -830,
      534,
      -12,
      -65,
      -113,
      0
    ],
    "SliceThickness": 2.5,
    "SliceTiming": [
      0,
      1.5225,
      0.065,
      1.59,
      0.1325,
      1.655,
      0.1975,
      1.7225,
      0.265,
      1.7875,
      0.33,
      1.855,
      0.3975,
      1.92,
      0.4625,
      1.9875,
      0.53,
      2.0525,
      0.595,
      2.12,
      0.6625,
      2.185,
      0.7275,
      2.2525,
      0.795,
      2.3175,
      0.86,
      2.385,
      0.9275,
      2.45,
      0.9925,
      2.5175,
      1.06,
      2.5825,
      1.125,
      2.65,
      1.1925,
      2.715,
      1.2575,
      2.78,
      1.325,
      2.8475,
      1.39,
      2.9125,
      1.4575
    ],
    "SoftwareVersions": "syngo_MR_E11",
    "SpacingBetweenSlices": 2.75,
    "StationName": "mrc_Trio",
    "TaskName": "autobio",
    "TotalReadoutTime": 0.04275,
    "TxRefAmp": 219.381,
    "dataset": "ds001748",
    "modality": "bold",
    "subject_id": "teen16",
    "task_id": "autobio"
  },
  "dummy_trs": 2,
  "dvars_nstd": 24.02647722938777,
  "dvars_std": 1.2018361961224489,
  "dvars_vstd": 0.9836814208163271,
  "efc": 0.6168376298805294,
  "fber": 159.90011596679688,
  "fd_mean": 0.09674286938195586,
  "fd_num": 6,
  "fd_perc": 4.054054054054054,
  "fwhm_avg": 2.995342888030495,
  "fwhm_x": 2.816852,
  "fwhm_y": 3.1505003004551217,
  "fwhm_z": 3.018676363636364,
  "gcor": 0.0198646,
  "gsr_x": -0.023049896582961082,
  "gsr_y": 0.07282163947820663,
  "provenance": {
    "md5sum": "67c6cceee040812cda4b6e4d972703da",
    "settings": {
      "fd_thres": 0.2,
      "testing": false
    },
    "software": "mriqc",
    "version": "22.0.0rc1",
    "webapi_port": null,
    "webapi_url": "https://mriqc.nimh.nih.gov/api/v1"
  },
  "size_t": 148,
  "size_x": 76,
  "size_y": 76,
  "size_z": 45,
  "snr": 2.4505590425264128,
  "spacing_tr": 3.0,
  "spacing_x": 2.5,
  "spacing_y": 2.499999761581421,
  "spacing_z": 2.75,
  "summary_bg_k": 23.277662189392295,
  "summary_bg_mad": 9.556773454114293,
  "summary_bg_mean": 110.78360748291016,
  "summary_bg_median": 69.29054260253906,
  "summary_bg_n": 141218.0,
  "summary_bg_p05": 60.10135269165039,
  "summary_bg_p95": 326.8185821533203,
  "summary_bg_stdv": 115.73594665527344,
  "summary_fg_k": 1.257980495106132,
  "summary_fg_mad": 346.493160403308,
  "summary_fg_mean": 961.267333984375,
  "summary_fg_median": 897.4763793945312,
  "summary_fg_n": 64174.0,
  "summary_fg_p05": 500.3418960571289,
  "summary_fg_p95": 1660.432794189453,
  "summary_fg_stdv": 366.23046875,
  "tsnr": 69.53662170469761
}