{
  "aor": 0.0020524832214765102,
  "aqi": 0.002465748456375839,
  "bids_meta": {
    "AcquisitionMatrixPE": 76,
    "AcquisitionNumber": 1,
    "AcquisitionTime": "15:52:16.680000",
    "BandwidthPerPixelPhaseEncode": 23.084,
    "BaseResolution": 76,
    "BodyPartExamined": "BRAIN",
    "ConsistencyInfo": "N4_VE11C_LATEST_20160120",
    "ConversionSoftware": "dcm2niix",
    "ConversionSoftwareVersion": "v1.0.20180622 (JP2:OpenJPEG) GCC6.1.0",
    "DerivedVendorReportedEchoSpacing": 0.000570001,
    "DeviceSerialNumber": "167001",
    "DwellTime": 3.3e-06,
    "EchoTime": 0.03,
    "EchoTrainLength": 76,
    "EffectiveEchoSpacing": 0.000570001,
    "FlipAngle": 90,
    "ImageOrientationPatientDICOM": [
      0.998203,
      -0.056706,
      0.0193936,
      0.0552839,
      0.996198,
      0.0673343
    ],
    "ImageType": [
      "ORIGINAL",
      "PRIMARY",
      "M",
      "ND",
      "MOSAIC"
    ],
    "InPlanePhaseEncodingDirectionDICOM": "COL",
    "InstitutionAddress": "Cooper_60_St._Lucia_QLD_AU_4072",
    "InstitutionName": "St_Lucia_Campus",
    "InstitutionalDepartmentName": "Gehrmann_Labs_MRI",
    "MRAcquisitionType": "2D",
    "MagneticFieldStrength": 3,
    "Manufacturer": "Siemens",
    "ManufacturersModelName": "Prisma_fit",
    "Modality": "MR",
    "PartialFourier": 1,
    "PatientPosition": "HFS",
    "PercentPhaseFOV": 100,
    "PhaseEncodingDirection": "j-",
    "PhaseEncodingSteps": 76,
    "PhaseResolution": 1,
    "PixelBandwidth": 1995,
    "ProcedureStepDescription": "Research_16004_CMN",
    "ProtocolName": "ep2d_bold_SEM",
    "PulseSequenceDetails": "%SiemensSeq%_ep2d_bold",
    "ReceiveCoilActiveElements": "HC1-7;NC1,2",
    "ReceiveCoilName": "HeadNeck_64",
    "ReconMatrixPE": 76,
    "RepetitionTime": 3,
    "SAR": 0.0735712,
    "ScanOptions": "FS",
    "ScanningSequence": "EP",
    "SequenceName": "_epfid2d1_76",
    "SequenceVariant": "SK",
    "SeriesDescription": "ep2d_bold_SEM",
    "SeriesNumber": 10,
    "ShimSetting": [
      3044,
      -4113,
      -830,
      534,
      -12,
      -65,
      -113,
      0
    ],
    "SliceThickness": 2.5,
    "SliceTiming": [
      0,
      1.5225,
      0.0675,
      1.59,
      0.1325,
      1.655,
      0.2,
      1.7225,
      0.265,
      1.7875,
      0.3325,
      1.855,
      0.3975,
      1.92,
      0.465,
      1.9875,
      0.53,
      2.0525,
      0.5975,
      2.12,
      0.6625,
      2.185,
      0.73,
      2.2525,
      0.795,
      2.3175,
      0.8625,
      2.385,
      0.9275,
      2.45,
      0.995,
      2.5175,
      1.06,
      2.5825,
      1.1275,
      2.65,
      1.1925,
      2.715,
      1.2575,
      2.7825,
      1.325,
      2.8475,
      1.39,
      2.915,
      1.4575
    ],
    "SoftwareVersions": "syngo_MR_E11",
    "SpacingBetweenSlices": 2.75,
    "StationName": "mrc_Trio",
    "TaskName": "semantic",
    "TotalReadoutTime": 0.04275,
    "TxRefAmp": 219.381,
    "dataset": "ds001748",
    "modality": "bold",
    "subject_id": "teen16",
    "task_id": "semantic"
  },
  "dummy_trs": 1,
  "dvars_nstd": 23.518718049256755,
  "dvars_std": 1.218065605675676,
  "dvars_vstd": 1.0002614496621622,
  "efc": 0.6183667577855804,
  "fber": 156.7724151611328,
  "fd_mean": 0.11553100245254186,
  "fd_num": 17,
  "fd_perc": 11.409395973154362,
  "fwhm_avg": 2.989838524351534,
  "fwhm_x": 2.804948,
  "fwhm_y": 3.1491603003273294,
  "fwhm_z": 3.015407272727273,
  "gcor": 0.0199218,
  "gsr_x": -0.024264289066195488,
  "gsr_y": 0.07271583378314972,
  "provenance": {
    "md5sum": "3cc631cfbcfbf0ab9021855697c6e098",
    "settings": {
      "fd_thres": 0.2,
      "testing": false
    },
    "software": "mriqc",
    "version": "22.0.0rc1",
    "webapi_port": null,
    "webapi_url": "https://mriqc.nimh.nih.gov/api/v1"
  },
  "size_t": 149,
  "size_x": 76,
  "size_y": 76,
  "size_z": 45,
  "snr": 2.457496784342473,
  "spacing_tr": 3.0,
  "spacing_x": 2.5,
  "spacing_y": 2.499999761581421,
  "spacing_z": 2.75,
  "summary_bg_k": 23.110456030703755,
  "summary_bg_mad": 10.089662805890548,
  "summary_bg_mean": 111.7209701538086,
  "summary_bg_median": 69.82550048828125,
  "summary_bg_n": 141220.0,
  "summary_bg_p05": 59.95302200317383,
  "summary_bg_p95": 328.9553817749018,
  "summary_bg_stdv": 116.87135314941406,
  "summary_fg_k": 1.2510837600391902,
  "summary_fg_mad": 344.47118742531745,
  "summary_fg_mean": 959.2258911132812,
  "summary_fg_median": 896.3087158203125,
  "summary_fg_n": 64383.0,
  "summary_fg_p05": 501.70538330078125,
  "summary_fg_p95": 1659.1530761718745,
  "summary_fg_stdv": 364.721435546875,
  "tsnr": 77.2644427511841
}