{
  "aor": 0.008087066666666667,
  "aqi": 0.0077826883333333334,
  "bids_meta": {
    "AcquisitionMatrixPE": 76,
    "AcquisitionNumber": 1,
    "AcquisitionTime": "14:19:39.990000",
    "BandwidthPerPixelPhaseEncode": 23.084,
    "BaseResolution": 76,
    "BodyPartExamined": "BRAIN",
    "ConsistencyInfo": "N4_VE11C_LATEST_20160120",
    "ConversionSoftware": "dcm2niix",
    "ConversionSoftwareVersion": "v1.0.20180622 (JP2:OpenJPEG) GCC6.1.0",
    "DerivedVendorReportedEchoSpacing": 0.000570001,
    "DeviceSerialNumber": "167001",
    "DwellTime": 3.3e-06,
    "EchoTime": 0.03,
    "EchoTrainLength": 76,
    "EffectiveEchoSpacing": 0.000570001,
    "FlipAngle": 90,
    "ImageOrientationPatientDICOM": [
      0.997254,
      -0.0337283,
      0.0659375,
      0.0381363,
      0.997039,
      -0.0667776
    ],
    "ImageType": [
      "ORIGINAL",
      "PRIMARY",
      "M",
      "ND",
      "MOSAIC"
    ],
    "InPlanePhaseEncodingDirectionDICOM": "COL",
    "InstitutionAddress": "Cooper_60_St._Lucia_QLD_AU_4072",
    "InstitutionName": "St_Lucia_Campus",
    "InstitutionalDepartmentName": "Gehrmann_Labs_MRI",
    "MRAcquisitionType": "2D",
    "MagneticFieldStrength": 3,
    "Manufacturer": "Siemens",
    "ManufacturersModelName": "Prisma_fit",
    "Modality": "MR",
    "PartialFourier": 1,
    "PatientPosition": "HFS",
    "PercentPhaseFOV": 100,
    "PhaseEncodingDirection": "j-",
    "PhaseEncodingSteps": 76,
    "PhaseResolution": 1,
    "PixelBandwidth": 1995,
    "ProcedureStepDescription": "Research_16004_CMN",
    "ProtocolName": "ep2d_bold_AUTO",
    "PulseSequenceDetails": "%SiemensSeq%_ep2d_bold",
    "ReceiveCoilActiveElements": "HC1-7;NC1,2",
    "ReceiveCoilName": "HeadNeck_64",
    "ReconMatrixPE": 76,
    "RepetitionTime": 3,
    "SAR": 0.0685643,
    "ScanOptions": "FS",
    "ScanningSequence": "EP",
    "SequenceName": "_epfid2d1_76",
    "SequenceVariant": "SK",
    "SeriesDescription": "ep2d_bold_AUTO",
    "SeriesNumber": 9,
    "ShimSetting": [
      3061,
      -4109,
      -861,
      526,
      39,
      18,
      -64,
      4
    ],
    "SliceThickness": 2.5,
    "SliceTiming": [
      0,
      1.5225,
      0.0675,
      1.59,
      0.1325,
      1.655,
      0.2,
      1.7225,
      0.265,
      1.7875,
      0.3325,
      1.855,
      0.3975,
      1.92,
      0.465,
      1.9875,
      0.53,
      2.0525,
      0.5975,
      2.12,
      0.6625,
      2.185,
      0.73,
      2.2525,
      0.795,
      2.3175,
      0.8625,
      2.385,
      0.9275,
      2.45,
      0.995,
      2.5175,
      1.06,
      2.5825,
      1.1275,
      2.65,
      1.1925,
      2.715,
      1.2575,
      2.7825,
      1.325,
      2.8475,
      1.39,
      2.915,
      1.4575
    ],
    "SoftwareVersions": "syngo_MR_E11",
    "SpacingBetweenSlices": 2.75,
    "StationName": "mrc_Trio",
    "TaskName": "autobio",
    "TotalReadoutTime": 0.04275,
    "TxRefAmp": 221.568,
    "dataset": "ds001748",
    "modality": "bold",
    "subject_id": "teen17",
    "task_id": "autobio"
  },
  "dummy_trs": 0,
  "dvars_nstd": 36.79030075355705,
  "dvars_std": 1.3756272099328855,
  "dvars_vstd": 1.0587363092617448,
  "efc": 0.6385352454619898,
  "fber": 131.99122619628906,
  "fd_mean": 0.20596680612434037,
  "fd_num": 52,
  "fd_perc": 34.666666666666664,
  "fwhm_avg": 2.867764121212121,
  "fwhm_x": 2.634704,
  "fwhm_y": 2.987352,
  "fwhm_z": 2.9812363636363632,
  "gcor": 0.0203795,
  "gsr_x": -0.01962377317249775,
  "gsr_y": 0.07550991326570511,
  "provenance": {
    "md5sum": "618a9280cce14416d872e20f2126e946",
    "settings": {
      "fd_thres": 0.2,
      "testing": false
    },
    "software": "mriqc",
    "version": "22.0.0rc1",
    "webapi_port": null,
    "webapi_url": "https://mriqc.nimh.nih.gov/api/v1"
  },
  "size_t": 150,
  "size_x": 76,
  "size_y": 76,
  "size_z": 45,
  "snr": 2.457745514584248,
  "spacing_tr": 3.0,
  "spacing_x": 2.5,
  "spacing_y": 2.5,
  "spacing_z": 2.75,
  "summary_bg_k": 21.711818692307414,
  "summary_bg_mad": 4.250118064720737,
  "summary_bg_mean": 106.82083892822266,
  "summary_bg_median": 67.63999938964844,
  "summary_bg_n": 135853.0,
  "summary_bg_p05": 63.95333480834961,
  "summary_bg_p95": 312.24933471679685,
  "summary_bg_stdv": 104.9864273071289,
  "summary_fg_k": 1.68732136844452,
  "summary_fg_mad": 298.2896304671118,
  "summary_fg_mean": 865.4849243164062,
  "summary_fg_median": 805.760009765625,
  "summary_fg_n": 65735.0,
  "summary_fg_p05": 459.0066833496094,
  "summary_fg_p95": 1488.852685546875,
  "summary_fg_stdv": 327.8426818847656,
  "tsnr": 47.01144560915418
}