{
  "aor": 0.006190466666666666,
  "aqi": 0.0096098426,
  "bids_meta": {
    "AcquisitionMatrixPE": 76,
    "AcquisitionNumber": 1,
    "AcquisitionTime": "14:35:44.425000",
    "BandwidthPerPixelPhaseEncode": 23.084,
    "BaseResolution": 76,
    "BodyPartExamined": "BRAIN",
    "ConsistencyInfo": "N4_VE11C_LATEST_20160120",
    "ConversionSoftware": "dcm2niix",
    "ConversionSoftwareVersion": "v1.0.20180622 (JP2:OpenJPEG) GCC6.1.0",
    "DerivedVendorReportedEchoSpacing": 0.000570001,
    "DeviceSerialNumber": "167001",
    "DwellTime": 3.3e-06,
    "EchoTime": 0.03,
    "EchoTrainLength": 76,
    "EffectiveEchoSpacing": 0.000570001,
    "FlipAngle": 90,
    "ImageOrientationPatientDICOM": [
      0.997254,
      -0.0337283,
      0.0659375,
      0.0381363,
      0.997039,
      -0.0667776
    ],
    "ImageType": [
      "ORIGINAL",
      "PRIMARY",
      "M",
      "ND",
      "MOSAIC"
    ],
    "InPlanePhaseEncodingDirectionDICOM": "COL",
    "InstitutionAddress": "Cooper_60_St._Lucia_QLD_AU_4072",
    "InstitutionName": "St_Lucia_Campus",
    "InstitutionalDepartmentName": "Gehrmann_Labs_MRI",
    "MRAcquisitionType": "2D",
    "MagneticFieldStrength": 3,
    "Manufacturer": "Siemens",
    "ManufacturersModelName": "Prisma_fit",
    "Modality": "MR",
    "PartialFourier": 1,
    "PatientPosition": "HFS",
    "PercentPhaseFOV": 100,
    "PhaseEncodingDirection": "j-",
    "PhaseEncodingSteps": 76,
    "PhaseResolution": 1,
    "PixelBandwidth": 1995,
    "ProcedureStepDescription": "Research_16004_CMN",
    "ProtocolName": "ep2d_bold_EPI",
    "PulseSequenceDetails": "%SiemensSeq%_ep2d_bold",
    "ReceiveCoilActiveElements": "HC1-7;NC1,2",
    "ReceiveCoilName": "HeadNeck_64",
    "ReconMatrixPE": 76,
    "RepetitionTime": 3,
    "SAR": 0.0685643,
    "ScanOptions": "FS",
    "ScanningSequence": "EP",
    "SequenceName": "_epfid2d1_76",
    "SequenceVariant": "SK",
    "SeriesDescription": "ep2d_bold_EPI",
    "SeriesNumber": 11,
    "ShimSetting": [
      3061,
      -4109,
      -861,
      526,
      39,
      18,
      -64,
      4
    ],
    "SliceThickness": 2.5,
    "SliceTiming": [
      0,
      1.525,
      0.0675,
      1.59,
      0.1325,
      1.6575,
      0.2,
      1.7225,
      0.265,
      1.79,
      0.3325,
      1.855,
      0.3975,
      1.92,
      0.465,
      1.9875,
      0.53,
      2.0525,
      0.5975,
      2.12,
      0.6625,
      2.185,
      0.73,
      2.2525,
      0.795,
      2.3175,
      0.8625,
      2.385,
      0.9275,
      2.45,
      0.995,
      2.5175,
      1.06,
      2.5825,
      1.1275,
      2.65,
      1.1925,
      2.715,
      1.26,
      2.7825,
      1.325,
      2.8475,
      1.3925,
      2.915,
      1.4575
    ],
    "SoftwareVersions": "syngo_MR_E11",
    "SpacingBetweenSlices": 2.75,
    "StationName": "mrc_Trio",
    "TaskName": "episodic",
    "TotalReadoutTime": 0.04275,
    "TxRefAmp": 221.568,
    "dataset": "ds001748",
    "modality": "bold",
    "subject_id": "teen17",
    "task_id": "episodic"
  },
  "dummy_trs": 0,
  "dvars_nstd": 40.80657717073825,
  "dvars_std": 1.2927243981208052,
  "dvars_vstd": 1.0026024827516773,
  "efc": 0.6378693318252938,
  "fber": 126.51358032226562,
  "fd_mean": 0.24541668789046003,
  "fd_num": 59,
  "fd_perc": 39.333333333333336,
  "fwhm_avg": 2.842678303030303,
  "fwhm_x": 2.6239879999999998,
  "fwhm_y": 2.945556,
  "fwhm_z": 2.958490909090909,
  "gcor": 0.0245531,
  "gsr_x": -0.01415231917053461,
  "gsr_y": 0.07474929094314575,
  "provenance": {
    "md5sum": "0f2bd3bb30f274dcd1167858f6655899",
    "settings": {
      "fd_thres": 0.2,
      "testing": false
    },
    "software": "mriqc",
    "version": "22.0.0rc1",
    "webapi_port": null,
    "webapi_url": "https://mriqc.nimh.nih.gov/api/v1"
  },
  "size_t": 150,
  "size_x": 76,
  "size_y": 76,
  "size_z": 45,
  "snr": 2.4415850971769673,
  "spacing_tr": 3.0,
  "spacing_x": 2.5,
  "spacing_y": 2.5,
  "spacing_z": 2.75,
  "summary_bg_k": 18.609420373666516,
  "summary_bg_mad": 6.513565897452708,
  "summary_bg_mean": 105.6514663696289,
  "summary_bg_median": 68.28666687011719,
  "summary_bg_n": 135542.0,
  "summary_bg_p05": 61.426666259765625,
  "summary_bg_p95": 308.04599609375,
  "summary_bg_stdv": 99.30442810058594,
  "summary_fg_k": 1.7841153474461633,
  "summary_fg_mad": 292.3197675789739,
  "summary_fg_mean": 860.08984375,
  "summary_fg_median": 796.6600341796875,
  "summary_fg_n": 65401.0,
  "summary_fg_p05": 460.96002197265625,
  "summary_fg_p95": 1489.40673828125,
  "summary_fg_stdv": 326.2855529785156,
  "tsnr": 41.28810454835184
}