{
  "aor": 0.002980666666666667,
  "aqi": 0.013232841866666666,
  "bids_meta": {
    "AcquisitionMatrixPE": 76,
    "AcquisitionNumber": 1,
    "AcquisitionTime": "14:27:46.262500",
    "BandwidthPerPixelPhaseEncode": 23.084,
    "BaseResolution": 76,
    "BodyPartExamined": "BRAIN",
    "ConsistencyInfo": "N4_VE11C_LATEST_20160120",
    "ConversionSoftware": "dcm2niix",
    "ConversionSoftwareVersion": "v1.0.20180622 (JP2:OpenJPEG) GCC6.1.0",
    "DerivedVendorReportedEchoSpacing": 0.000570001,
    "DeviceSerialNumber": "167001",
    "DwellTime": 3.3e-06,
    "EchoTime": 0.03,
    "EchoTrainLength": 76,
    "EffectiveEchoSpacing": 0.000570001,
    "FlipAngle": 90,
    "ImageOrientationPatientDICOM": [
      0.997254,
      -0.0337283,
      0.0659375,
      0.0381363,
      0.997039,
      -0.0667776
    ],
    "ImageType": [
      "ORIGINAL",
      "PRIMARY",
      "M",
      "ND",
      "MOSAIC"
    ],
    "InPlanePhaseEncodingDirectionDICOM": "COL",
    "InstitutionAddress": "Cooper_60_St._Lucia_QLD_AU_4072",
    "InstitutionName": "St_Lucia_Campus",
    "InstitutionalDepartmentName": "Gehrmann_Labs_MRI",
    "MRAcquisitionType": "2D",
    "MagneticFieldStrength": 3,
    "Manufacturer": "Siemens",
    "ManufacturersModelName": "Prisma_fit",
    "Modality": "MR",
    "PartialFourier": 1,
    "PatientPosition": "HFS",
    "PercentPhaseFOV": 100,
    "PhaseEncodingDirection": "j-",
    "PhaseEncodingSteps": 76,
    "PhaseResolution": 1,
    "PixelBandwidth": 1995,
    "ProcedureStepDescription": "Research_16004_CMN",
    "ProtocolName": "ep2d_bold_SEM",
    "PulseSequenceDetails": "%SiemensSeq%_ep2d_bold",
    "ReceiveCoilActiveElements": "HC1-7;NC1,2",
    "ReceiveCoilName": "HeadNeck_64",
    "ReconMatrixPE": 76,
    "RepetitionTime": 3,
    "SAR": 0.0685643,
    "ScanOptions": "FS",
    "ScanningSequence": "EP",
    "SequenceName": "_epfid2d1_76",
    "SequenceVariant": "SK",
    "SeriesDescription": "ep2d_bold_SEM",
    "SeriesNumber": 10,
    "ShimSetting": [
      3061,
      -4109,
      -861,
      526,
      39,
      18,
      -64,
      4
    ],
    "SliceThickness": 2.5,
    "SliceTiming": [
      0,
      1.525,
      0.0675,
      1.59,
      0.1325,
      1.6575,
      0.2,
      1.7225,
      0.265,
      1.79,
      0.3325,
      1.855,
      0.3975,
      1.9225,
      0.465,
      1.9875,
      0.53,
      2.055,
      0.5975,
      2.12,
      0.6625,
      2.1875,
      0.73,
      2.2525,
      0.795,
      2.32,
      0.8625,
      2.385,
      0.9275,
      2.45,
      0.995,
      2.5175,
      1.06,
      2.5825,
      1.1275,
      2.65,
      1.1925,
      2.715,
      1.26,
      2.7825,
      1.325,
      2.8475,
      1.3925,
      2.915,
      1.4575
    ],
    "SoftwareVersions": "syngo_MR_E11",
    "SpacingBetweenSlices": 2.75,
    "StationName": "mrc_Trio",
    "TaskName": "semantic",
    "TotalReadoutTime": 0.04275,
    "TxRefAmp": 221.568,
    "dataset": "ds001748",
    "modality": "bold",
    "subject_id": "teen17",
    "task_id": "semantic"
  },
  "dummy_trs": 0,
  "dvars_nstd": 36.44409270570468,
  "dvars_std": 1.1331556634899331,
  "dvars_vstd": 0.9141955246979865,
  "efc": 0.6367579266513943,
  "fber": 128.1941375732422,
  "fd_mean": 0.21336705021304705,
  "fd_num": 56,
  "fd_perc": 37.333333333333336,
  "fwhm_avg": 2.873397818181818,
  "fwhm_x": 2.6592919999999998,
  "fwhm_y": 2.988956,
  "fwhm_z": 2.971945454545455,
  "gcor": 0.0249345,
  "gsr_x": -0.016252918168902397,
  "gsr_y": 0.07440835982561111,
  "provenance": {
    "md5sum": "9ff6720362fb00f7c0673cd1e86e8386",
    "settings": {
      "fd_thres": 0.2,
      "testing": false
    },
    "software": "mriqc",
    "version": "22.0.0rc1",
    "webapi_port": null,
    "webapi_url": "https://mriqc.nimh.nih.gov/api/v1"
  },
  "size_t": 150,
  "size_x": 76,
  "size_y": 76,
  "size_z": 45,
  "snr": 2.4387792600048934,
  "spacing_tr": 3.0,
  "spacing_x": 2.5,
  "spacing_y": 2.5,
  "spacing_z": 2.75,
  "summary_bg_k": 20.970672439993564,
  "summary_bg_mad": 6.513565897452708,
  "summary_bg_mean": 107.35588836669922,
  "summary_bg_median": 68.22000122070312,
  "summary_bg_n": 135388.0,
  "summary_bg_p05": 60.833335876464844,
  "summary_bg_p95": 315.1110137939453,
  "summary_bg_stdv": 106.18841552734375,
  "summary_fg_k": 1.747049627389635,
  "summary_fg_mad": 297.7657788897846,
  "summary_fg_mean": 863.8065185546875,
  "summary_fg_median": 802.36669921875,
  "summary_fg_n": 65877.0,
  "summary_fg_p05": 458.6213439941406,
  "summary_fg_p95": 1494.7294189453123,
  "summary_fg_stdv": 329.00091552734375,
  "tsnr": 35.3162441868335
}