{
  "aor": 0.012218599999999998,
  "aqi": 0.013708271733333334,
  "bids_meta": {
    "AcquisitionMatrixPE": 76,
    "AcquisitionNumber": 1,
    "AcquisitionTime": "16:37:47.797500",
    "BandwidthPerPixelPhaseEncode": 23.084,
    "BaseResolution": 76,
    "BodyPartExamined": "BRAIN",
    "ConsistencyInfo": "N4_VE11C_LATEST_20160120",
    "ConversionSoftware": "dcm2niix",
    "ConversionSoftwareVersion": "v1.0.20180622 (JP2:OpenJPEG) GCC6.1.0",
    "DerivedVendorReportedEchoSpacing": 0.000570001,
    "DeviceSerialNumber": "167001",
    "DwellTime": 3.3e-06,
    "EchoTime": 0.03,
    "EchoTrainLength": 76,
    "EffectiveEchoSpacing": 0.000570001,
    "FlipAngle": 90,
    "ImageOrientationPatientDICOM": [
      0.999592,
      0.0252924,
      0.0132701,
      -0.0221603,
      0.979879,
      -0.198359
    ],
    "ImageType": [
      "ORIGINAL",
      "PRIMARY",
      "M",
      "ND",
      "MOSAIC"
    ],
    "InPlanePhaseEncodingDirectionDICOM": "COL",
    "InstitutionAddress": "Cooper_60_St._Lucia_QLD_AU_4072",
    "InstitutionName": "St_Lucia_Campus",
    "InstitutionalDepartmentName": "Gehrmann_Labs_MRI",
    "MRAcquisitionType": "2D",
    "MagneticFieldStrength": 3,
    "Manufacturer": "Siemens",
    "ManufacturersModelName": "Prisma_fit",
    "Modality": "MR",
    "PartialFourier": 1,
    "PatientPosition": "HFS",
    "PercentPhaseFOV": 100,
    "PhaseEncodingDirection": "j-",
    "PhaseEncodingSteps": 76,
    "PhaseResolution": 1,
    "PixelBandwidth": 1995,
    "ProcedureStepDescription": "Research_16004_CMN",
    "ProtocolName": "ep2d_bold_SEM",
    "PulseSequenceDetails": "%SiemensSeq%_ep2d_bold",
    "ReceiveCoilActiveElements": "HC1-7;NC1,2",
    "ReceiveCoilName": "HeadNeck_64",
    "ReconMatrixPE": 76,
    "RepetitionTime": 3,
    "SAR": 0.0786734,
    "ScanOptions": "FS",
    "ScanningSequence": "EP",
    "SequenceName": "_epfid2d1_76",
    "SequenceVariant": "SK",
    "SeriesDescription": "ep2d_bold_SEM",
    "SeriesNumber": 10,
    "ShimSetting": [
      3054,
      -4083,
      -799,
      428,
      -2,
      82,
      -96,
      -6
    ],
    "SliceThickness": 2.5,
    "SliceTiming": [
      0,
      1.5225,
      0.065,
      1.5875,
      0.1325,
      1.655,
      0.1975,
      1.72,
      0.265,
      1.7875,
      0.33,
      1.8525,
      0.3975,
      1.92,
      0.4625,
      1.985,
      0.53,
      2.0525,
      0.595,
      2.1175,
      0.6625,
      2.185,
      0.7275,
      2.25,
      0.795,
      2.3175,
      0.86,
      2.3825,
      0.9275,
      2.45,
      0.9925,
      2.515,
      1.06,
      2.5825,
      1.125,
      2.6475,
      1.1925,
      2.715,
      1.2575,
      2.78,
      1.325,
      2.8475,
      1.39,
      2.9125,
      1.455
    ],
    "SoftwareVersions": "syngo_MR_E11",
    "SpacingBetweenSlices": 2.75,
    "StationName": "mrc_Trio",
    "TaskName": "semantic",
    "TotalReadoutTime": 0.04275,
    "TxRefAmp": 227.805,
    "dataset": "ds001748",
    "modality": "bold",
    "subject_id": "teen09",
    "task_id": "semantic"
  },
  "dummy_trs": 0,
  "dvars_nstd": 43.7567150447651,
  "dvars_std": 1.1478199026174498,
  "dvars_vstd": 0.9712959816778526,
  "efc": 0.6338712382778547,
  "fber": 139.91502380371094,
  "fd_mean": 0.3313788550573659,
  "fd_num": 71,
  "fd_perc": 47.333333333333336,
  "fwhm_avg": 3.021832,
  "fwhm_x": 2.8231,
  "fwhm_y": 3.175076,
  "fwhm_z": 3.0673199999999996,
  "gcor": 0.0540744,
  "gsr_x": 0.007127005606889725,
  "gsr_y": 0.05268801748752594,
  "provenance": {
    "md5sum": "1e5e0dd2ae30f8dff2e3b1f20df1eb48",
    "settings": {
      "fd_thres": 0.2,
      "testing": false
    },
    "software": "mriqc",
    "version": "22.0.0rc1",
    "webapi_port": null,
    "webapi_url": "https://mriqc.nimh.nih.gov/api/v1"
  },
  "size_t": 150,
  "size_x": 76,
  "size_y": 76,
  "size_z": 45,
  "snr": 2.2095895307575635,
  "spacing_tr": 3.0,
  "spacing_x": 2.5,
  "spacing_y": 2.5,
  "spacing_z": 2.75,
  "summary_bg_k": 19.612457610992934,
  "summary_bg_mad": 9.963088718174806,
  "summary_bg_mean": 122.3025131225586,
  "summary_bg_median": 71.32666778564453,
  "summary_bg_n": 132373.0,
  "summary_bg_p05": 62.5333366394043,
  "summary_bg_p95": 384.11066894531217,
  "summary_bg_stdv": 137.0015869140625,
  "summary_fg_k": 1.921310932307093,
  "summary_fg_mad": 337.16350769157486,
  "summary_fg_mean": 955.0796508789062,
  "summary_fg_median": 873.9400024414062,
  "summary_fg_n": 68871.0,
  "summary_fg_p05": 487.3033447265625,
  "summary_fg_p95": 1746.5800170898438,
  "summary_fg_stdv": 395.5185546875,
  "tsnr": 33.07697934040334
}