{
  "bids_meta": {
    "AcquisitionMatrixPE": 240,
    "AcquisitionNumber": 1,
    "AcquisitionTime": "14:13:16.715000",
    "BaseResolution": 256,
    "ConversionSoftware": "dcm2niix",
    "ConversionSoftwareVersion": "v1.0.20180622 (JP2:OpenJPEG) GCC6.1.0",
    "DeviceSerialNumber": "35410",
    "DwellTime": 8.1e-06,
    "EchoTime": 0.00289,
    "ImageOrientationPatientDICOM": [
      0.00174517,
      0.999998,
      5.14356e-09,
      0.0034896,
      -6.08481e-06,
      -0.999994
    ],
    "ImageType": [
      "ORIGINAL",
      "PRIMARY",
      "M",
      "ND",
      "UNI"
    ],
    "InPlanePhaseEncodingDirectionDICOM": "ROW",
    "InstitutionAddress": "Cooper_60_St._Lucia_QLD_AU_4072",
    "InstitutionName": "St_Lucia_Campus",
    "InstitutionalDepartmentName": "Gehrmann_Labs_MRI",
    "MRAcquisitionType": "3D",
    "MagneticFieldStrength": 3,
    "Manufacturer": "Siemens",
    "ManufacturersModelName": "TrioTim",
    "Modality": "MR",
    "ParallelReductionFactorInPlane": 3,
    "PartialFourier": 0.75,
    "PatientPosition": "HFS",
    "PercentPhaseFOV": 93.75,
    "PhaseEncodingSteps": 181,
    "PhaseResolution": 1,
    "PixelBandwidth": 241,
    "ProcedureStepDescription": "Brain_-_UQ_fMRI",
    "ProtocolName": "mp2rage",
    "PulseSequenceDetails": "%CustomerSeq%_mp2rage_wip820B17",
    "ReceiveCoilName": "32Ch_Head",
    "ReconMatrixPE": 256,
    "RepetitionTime": 4,
    "SAR": 0.183403,
    "ScanOptions": "IR_PFP",
    "ScanningSequence": "GR_IR",
    "SequenceName": "tfl3d1_ns",
    "SequenceVariant": "SP_MP",
    "SeriesDescription": "mp2rage_UNI-DEN",
    "SeriesNumber": 4,
    "ShimSetting": [
      6819,
      -11271,
      -2615,
      -89,
      20,
      1,
      -123,
      4
    ],
    "SliceThickness": 1,
    "SoftwareVersions": "syngo_MR_B17",
    "StationName": "mrc_Trio",
    "TxRefAmp": 311.289,
    "dataset": "ds001748",
    "modality": "T1w",
    "subject_id": "child02"
  },
  "cjv": 0.2632294435295143,
  "cnr": 5.040280753295617,
  "efc": 0.5112497501773907,
  "fber": 2483.38916015625,
  "fwhm_avg": 3.9249068320252594,
  "fwhm_x": 3.969110236577406,
  "fwhm_y": 4.353660259498373,
  "fwhm_z": 3.45195,
  "icvs_csf": 0.16952319301705757,
  "icvs_gm": 0.47354083712783923,
  "icvs_wm": 0.3569359698551032,
  "inu_med": 0.9934524893760681,
  "inu_range": 0.24121476411819454,
  "provenance": {
    "md5sum": "33d76930623b77733457ecdadaa29484",
    "settings": {
      "testing": false
    },
    "software": "mriqc",
    "version": "22.0.0rc1",
    "warnings": {
      "large_rot_frame": true,
      "small_air_mask": false
    },
    "webapi_port": null,
    "webapi_url": "https://mriqc.nimh.nih.gov/api/v1"
  },
  "qi_1": 8.637592530209979e-05,
  "qi_2": 0.0011707862192340535,
  "rpve_csf": 25.30248542744201,
  "rpve_gm": 10.6093545558239,
  "rpve_wm": 16.604259277603735,
  "size_x": 176,
  "size_y": 240,
  "size_z": 256,
  "snr_csf": 1.6431894504476894,
  "snr_gm": 9.093028266495763,
  "snr_total": 11.441888009704643,
  "snr_wm": 23.58944631217048,
  "snrd_csf": 39.92877629447613,
  "snrd_gm": 103.38201838048897,
  "snrd_total": 104.96591526021443,
  "snrd_wm": 171.5869511056782,
  "spacing_x": 0.9999999403953552,
  "spacing_y": 0.9999999403953552,
  "spacing_z": 1.0,
  "summary_bg_k": 53.60742035495468,
  "summary_bg_mad": 3.8181330892831076,
  "summary_bg_mean": 12.828850746154785,
  "summary_bg_median": 11.683679580688477,
  "summary_bg_n": 2565128.0,
  "summary_bg_p05": 7.040127539634705,
  "summary_bg_p95": 22.023636341094967,
  "summary_bg_stdv": 5.669691562652588,
  "summary_csf_k": -1.0463119788607318,
  "summary_csf_mad": 192.72648500442966,
  "summary_csf_mean": 232.948974609375,
  "summary_csf_median": 232.70480346679688,
  "summary_csf_n": 5248.0,
  "summary_csf_p05": 36.43413467407227,
  "summary_csf_p95": 450.60932312011715,
  "summary_csf_stdv": 141.60426330566406,
  "summary_gm_k": 0.10397964160349904,
  "summary_gm_mad": 65.98548124531203,
  "summary_gm_mean": 603.1317138671875,
  "summary_gm_median": 602.5101318359375,
  "summary_gm_n": 32812.0,
  "summary_gm_p05": 496.05133056640625,
  "summary_gm_p95": 712.1281158447265,
  "summary_gm_stdv": 66.25965881347656,
  "summary_wm_k": 0.84086741069674,
  "summary_wm_mad": 38.64774057016342,
  "summary_wm_mean": 999.4573364257812,
  "summary_wm_median": 1000.00830078125,
  "summary_wm_n": 195825.0,
  "summary_wm_p05": 928.6349975585938,
  "summary_wm_p95": 1067.5918945312499,
  "summary_wm_stdv": 42.39208221435547,
  "tpm_overlap_csf": 0.1747056394815445,
  "tpm_overlap_gm": 0.46770337224006653,
  "tpm_overlap_wm": 0.5136053562164307,
  "wm2max": 0.6727046450178957
}