{
  "aor": 0.020456466666666666,
  "aqi": 0.006369123466666666,
  "bids_meta": {
    "AcquisitionMatrixPE": 76,
    "AcquisitionNumber": 1,
    "AcquisitionTime": "15:03:42.910000",
    "BandwidthPerPixelPhaseEncode": 23.084,
    "BaseResolution": 76,
    "BodyPartExamined": "BRAIN",
    "ConsistencyInfo": "N4_VE11C_LATEST_20160120",
    "ConversionSoftware": "dcm2niix",
    "ConversionSoftwareVersion": "v1.0.20180622 (JP2:OpenJPEG) GCC6.1.0",
    "DerivedVendorReportedEchoSpacing": 0.000570001,
    "DeviceSerialNumber": "167001",
    "DwellTime": 3.3e-06,
    "EchoTime": 0.03,
    "EchoTrainLength": 76,
    "EffectiveEchoSpacing": 0.000570001,
    "FlipAngle": 90,
    "ImageOrientationPatientDICOM": [
      0.999657,
      0.0068276,
      0.0252827,
      -0.00889836,
      0.996533,
      0.0827195
    ],
    "ImageType": [
      "ORIGINAL",
      "PRIMARY",
      "M",
      "ND",
      "MOSAIC"
    ],
    "InPlanePhaseEncodingDirectionDICOM": "COL",
    "InstitutionAddress": "Cooper_60_St._Lucia_QLD_AU_4072",
    "InstitutionName": "St_Lucia_Campus",
    "InstitutionalDepartmentName": "Gehrmann_Labs_MRI",
    "MRAcquisitionType": "2D",
    "MagneticFieldStrength": 3,
    "Manufacturer": "Siemens",
    "ManufacturersModelName": "Prisma_fit",
    "Modality": "MR",
    "PartialFourier": 1,
    "PatientPosition": "HFS",
    "PercentPhaseFOV": 100,
    "PhaseEncodingDirection": "j-",
    "PhaseEncodingSteps": 76,
    "PhaseResolution": 1,
    "PixelBandwidth": 1995,
    "ProcedureStepDescription": "Research_16004_CMN",
    "ProtocolName": "ep2d_bold_EPI",
    "PulseSequenceDetails": "%SiemensSeq%_ep2d_bold",
    "ReceiveCoilActiveElements": "HC1-7;NC1,2",
    "ReceiveCoilName": "HeadNeck_64",
    "ReconMatrixPE": 76,
    "RepetitionTime": 3,
    "SAR": 0.0769504,
    "ScanOptions": "FS",
    "ScanningSequence": "EP",
    "SequenceName": "_epfid2d1_76",
    "SequenceVariant": "SK",
    "SeriesDescription": "ep2d_bold_EPI",
    "SeriesNumber": 11,
    "ShimSetting": [
      3043,
      -4099,
      -804,
      438,
      -9,
      82,
      60,
      22
    ],
    "SliceThickness": 2.5,
    "SliceTiming": [
      0,
      1.5225,
      0.065,
      1.5875,
      0.1325,
      1.655,
      0.1975,
      1.72,
      0.265,
      1.7875,
      0.33,
      1.8525,
      0.3975,
      1.92,
      0.4625,
      1.985,
      0.53,
      2.0525,
      0.595,
      2.1175,
      0.6625,
      2.185,
      0.7275,
      2.25,
      0.795,
      2.3175,
      0.86,
      2.3825,
      0.9275,
      2.45,
      0.9925,
      2.515,
      1.06,
      2.5825,
      1.125,
      2.6475,
      1.1925,
      2.715,
      1.2575,
      2.78,
      1.3225,
      2.8475,
      1.39,
      2.9125,
      1.455
    ],
    "SoftwareVersions": "syngo_MR_E11",
    "SpacingBetweenSlices": 2.75,
    "StationName": "mrc_Trio",
    "TaskName": "episodic",
    "TotalReadoutTime": 0.04275,
    "TxRefAmp": 219.34,
    "dataset": "ds001748",
    "modality": "bold",
    "subject_id": "teen19",
    "task_id": "episodic"
  },
  "dummy_trs": 0,
  "dvars_nstd": 34.444869713557054,
  "dvars_std": 1.3656453472483217,
  "dvars_vstd": 1.1566951428859058,
  "efc": 0.6252625243241676,
  "fber": 160.26434326171875,
  "fd_mean": 0.20156661206932527,
  "fd_num": 40,
  "fd_perc": 26.666666666666668,
  "fwhm_avg": 2.8980202424242427,
  "fwhm_x": 2.7690639999999997,
  "fwhm_y": 3.009484,
  "fwhm_z": 2.915512727272727,
  "gcor": 0.0450052,
  "gsr_x": -0.02850087732076645,
  "gsr_y": 0.08603892475366592,
  "provenance": {
    "md5sum": "0c8fa37151d767dfad0e770d40c71a21",
    "settings": {
      "fd_thres": 0.2,
      "testing": false
    },
    "software": "mriqc",
    "version": "22.0.0rc1",
    "webapi_port": null,
    "webapi_url": "https://mriqc.nimh.nih.gov/api/v1"
  },
  "size_t": 150,
  "size_x": 76,
  "size_y": 76,
  "size_z": 45,
  "snr": 2.4719410035644542,
  "spacing_tr": 3.0,
  "spacing_x": 2.5,
  "spacing_y": 2.5,
  "spacing_z": 2.75,
  "summary_bg_k": 21.35935075228361,
  "summary_bg_mad": 5.287946404489013,
  "summary_bg_mean": 117.72468566894531,
  "summary_bg_median": 68.76667022705078,
  "summary_bg_n": 140161.0,
  "summary_bg_p05": 64.62000274658203,
  "summary_bg_p95": 371.3133544921875,
  "summary_bg_stdv": 133.88111877441406,
  "summary_fg_k": 1.0046657481091374,
  "summary_fg_mad": 339.09091772288957,
  "summary_fg_mean": 958.8995361328125,
  "summary_fg_median": 891.1033935546875,
  "summary_fg_n": 65204.0,
  "summary_fg_p05": 503.433349609375,
  "summary_fg_p95": 1651.5780639648438,
  "summary_fg_stdv": 360.48455810546875,
  "tsnr": 45.5121683627367
}