{
  "aor": 0.011397933333333334,
  "aqi": 0.008181399266666667,
  "bids_meta": {
    "AcquisitionMatrixPE": 76,
    "AcquisitionNumber": 1,
    "AcquisitionTime": "14:55:33.887500",
    "BandwidthPerPixelPhaseEncode": 23.084,
    "BaseResolution": 76,
    "BodyPartExamined": "BRAIN",
    "ConsistencyInfo": "N4_VE11C_LATEST_20160120",
    "ConversionSoftware": "dcm2niix",
    "ConversionSoftwareVersion": "v1.0.20180622 (JP2:OpenJPEG) GCC6.1.0",
    "DerivedVendorReportedEchoSpacing": 0.000570001,
    "DeviceSerialNumber": "167001",
    "DwellTime": 3.3e-06,
    "EchoTime": 0.03,
    "EchoTrainLength": 76,
    "EffectiveEchoSpacing": 0.000570001,
    "FlipAngle": 90,
    "ImageOrientationPatientDICOM": [
      0.999657,
      0.0068276,
      0.0252827,
      -0.00889836,
      0.996533,
      0.0827195
    ],
    "ImageType": [
      "ORIGINAL",
      "PRIMARY",
      "M",
      "ND",
      "MOSAIC"
    ],
    "InPlanePhaseEncodingDirectionDICOM": "COL",
    "InstitutionAddress": "Cooper_60_St._Lucia_QLD_AU_4072",
    "InstitutionName": "St_Lucia_Campus",
    "InstitutionalDepartmentName": "Gehrmann_Labs_MRI",
    "MRAcquisitionType": "2D",
    "MagneticFieldStrength": 3,
    "Manufacturer": "Siemens",
    "ManufacturersModelName": "Prisma_fit",
    "Modality": "MR",
    "PartialFourier": 1,
    "PatientPosition": "HFS",
    "PercentPhaseFOV": 100,
    "PhaseEncodingDirection": "j-",
    "PhaseEncodingSteps": 76,
    "PhaseResolution": 1,
    "PixelBandwidth": 1995,
    "ProcedureStepDescription": "Research_16004_CMN",
    "ProtocolName": "ep2d_bold_SEM",
    "PulseSequenceDetails": "%SiemensSeq%_ep2d_bold",
    "ReceiveCoilActiveElements": "HC1-7;NC1,2",
    "ReceiveCoilName": "HeadNeck_64",
    "ReconMatrixPE": 76,
    "RepetitionTime": 3,
    "SAR": 0.0769504,
    "ScanOptions": "FS",
    "ScanningSequence": "EP",
    "SequenceName": "_epfid2d1_76",
    "SequenceVariant": "SK",
    "SeriesDescription": "ep2d_bold_SEM",
    "SeriesNumber": 10,
    "ShimSetting": [
      3043,
      -4099,
      -804,
      438,
      -9,
      82,
      60,
      22
    ],
    "SliceThickness": 2.5,
    "SliceTiming": [
      0,
      1.525,
      0.0675,
      1.59,
      0.1325,
      1.6575,
      0.2,
      1.7225,
      0.265,
      1.79,
      0.3325,
      1.855,
      0.3975,
      1.9225,
      0.465,
      1.9875,
      0.53,
      2.055,
      0.5975,
      2.12,
      0.6625,
      2.185,
      0.73,
      2.2525,
      0.795,
      2.3175,
      0.8625,
      2.385,
      0.9275,
      2.45,
      0.995,
      2.5175,
      1.06,
      2.5825,
      1.1275,
      2.65,
      1.1925,
      2.715,
      1.26,
      2.7825,
      1.325,
      2.8475,
      1.3925,
      2.915,
      1.4575
    ],
    "SoftwareVersions": "syngo_MR_E11",
    "SpacingBetweenSlices": 2.75,
    "StationName": "mrc_Trio",
    "TaskName": "semantic",
    "TotalReadoutTime": 0.04275,
    "TxRefAmp": 219.34,
    "dataset": "ds001748",
    "modality": "bold",
    "subject_id": "teen19",
    "task_id": "semantic"
  },
  "dummy_trs": 0,
  "dvars_nstd": 37.76279841181208,
  "dvars_std": 1.1511269344295305,
  "dvars_vstd": 0.9671641486577182,
  "efc": 0.6249017218842597,
  "fber": 154.81410217285156,
  "fd_mean": 0.22495538801554651,
  "fd_num": 58,
  "fd_perc": 38.666666666666664,
  "fwhm_avg": 2.919920121212121,
  "fwhm_x": 2.79738,
  "fwhm_y": 3.056304,
  "fwhm_z": 2.906076363636364,
  "gcor": 0.0723365,
  "gsr_x": -0.022414958104491234,
  "gsr_y": 0.06247950717806816,
  "provenance": {
    "md5sum": "6e21ef5dca7b3f1fa4a2609af7e69c52",
    "settings": {
      "fd_thres": 0.2,
      "testing": false
    },
    "software": "mriqc",
    "version": "22.0.0rc1",
    "webapi_port": null,
    "webapi_url": "https://mriqc.nimh.nih.gov/api/v1"
  },
  "size_t": 150,
  "size_x": 76,
  "size_y": 76,
  "size_z": 45,
  "snr": 2.4532760522776855,
  "spacing_tr": 3.0,
  "spacing_x": 2.5,
  "spacing_y": 2.5,
  "spacing_z": 2.75,
  "summary_bg_k": 23.99176274837276,
  "summary_bg_mad": 8.401408801079326,
  "summary_bg_mean": 111.18898010253906,
  "summary_bg_median": 69.9000015258789,
  "summary_bg_n": 136275.0,
  "summary_bg_p05": 61.720001220703125,
  "summary_bg_p95": 325.32335205078084,
  "summary_bg_stdv": 115.9312973022461,
  "summary_fg_k": 0.9192159039592989,
  "summary_fg_mad": 348.5449501190305,
  "summary_fg_mean": 969.778076171875,
  "summary_fg_median": 901.4266967773438,
  "summary_fg_n": 66602.0,
  "summary_fg_p05": 503.82000732421875,
  "summary_fg_p95": 1674.88671875,
  "summary_fg_stdv": 367.4351806640625,
  "tsnr": 37.71283126366325
}