{
  "aor": 0.005092533333333334,
  "aqi": 0.0048935424,
  "bids_meta": {
    "AcquisitionMatrixPE": 76,
    "AcquisitionNumber": 1,
    "AcquisitionTime": "14:47:27.330000",
    "BandwidthPerPixelPhaseEncode": 23.084,
    "BaseResolution": 76,
    "BodyPartExamined": "BRAIN",
    "ConsistencyInfo": "N4_VE11C_LATEST_20160120",
    "ConversionSoftware": "dcm2niix",
    "ConversionSoftwareVersion": "v1.0.20180622 (JP2:OpenJPEG) GCC6.1.0",
    "DerivedVendorReportedEchoSpacing": 0.000570001,
    "DeviceSerialNumber": "167001",
    "DwellTime": 3.3e-06,
    "EchoTime": 0.03,
    "EchoTrainLength": 76,
    "EffectiveEchoSpacing": 0.000570001,
    "FlipAngle": 90,
    "ImageOrientationPatientDICOM": [
      0.999657,
      0.0068276,
      0.0252827,
      -0.00889836,
      0.996533,
      0.0827195
    ],
    "ImageType": [
      "ORIGINAL",
      "PRIMARY",
      "M",
      "ND",
      "MOSAIC"
    ],
    "InPlanePhaseEncodingDirectionDICOM": "COL",
    "InstitutionAddress": "Cooper_60_St._Lucia_QLD_AU_4072",
    "InstitutionName": "St_Lucia_Campus",
    "InstitutionalDepartmentName": "Gehrmann_Labs_MRI",
    "MRAcquisitionType": "2D",
    "MagneticFieldStrength": 3,
    "Manufacturer": "Siemens",
    "ManufacturersModelName": "Prisma_fit",
    "Modality": "MR",
    "PartialFourier": 1,
    "PatientPosition": "HFS",
    "PercentPhaseFOV": 100,
    "PhaseEncodingDirection": "j-",
    "PhaseEncodingSteps": 76,
    "PhaseResolution": 1,
    "PixelBandwidth": 1995,
    "ProcedureStepDescription": "Research_16004_CMN",
    "ProtocolName": "ep2d_bold_AUTO",
    "PulseSequenceDetails": "%SiemensSeq%_ep2d_bold",
    "ReceiveCoilActiveElements": "HC1-7;NC1,2",
    "ReceiveCoilName": "HeadNeck_64",
    "ReconMatrixPE": 76,
    "RepetitionTime": 3,
    "SAR": 0.0769504,
    "ScanOptions": "FS",
    "ScanningSequence": "EP",
    "SequenceName": "_epfid2d1_76",
    "SequenceVariant": "SK",
    "SeriesDescription": "ep2d_bold_AUTO",
    "SeriesNumber": 9,
    "ShimSetting": [
      3043,
      -4099,
      -804,
      438,
      -9,
      82,
      60,
      22
    ],
    "SliceThickness": 2.5,
    "SliceTiming": [
      0,
      1.525,
      0.0675,
      1.59,
      0.1325,
      1.6575,
      0.2,
      1.7225,
      0.265,
      1.79,
      0.3325,
      1.855,
      0.3975,
      1.9225,
      0.465,
      1.9875,
      0.53,
      2.055,
      0.5975,
      2.12,
      0.6625,
      2.1875,
      0.73,
      2.2525,
      0.795,
      2.32,
      0.8625,
      2.385,
      0.9275,
      2.45,
      0.995,
      2.5175,
      1.06,
      2.5825,
      1.1275,
      2.65,
      1.1925,
      2.715,
      1.26,
      2.7825,
      1.325,
      2.8475,
      1.3925,
      2.915,
      1.4575
    ],
    "SoftwareVersions": "syngo_MR_E11",
    "SpacingBetweenSlices": 2.75,
    "StationName": "mrc_Trio",
    "TaskName": "autobio",
    "TotalReadoutTime": 0.04275,
    "TxRefAmp": 219.34,
    "dataset": "ds001748",
    "modality": "bold",
    "subject_id": "teen19",
    "task_id": "autobio"
  },
  "dummy_trs": 0,
  "dvars_nstd": 30.712049817046985,
  "dvars_std": 1.3420108793959726,
  "dvars_vstd": 1.0478236565100671,
  "efc": 0.6240740347882396,
  "fber": 161.47006225585938,
  "fd_mean": 0.14055880672201154,
  "fd_num": 25,
  "fd_perc": 16.666666666666668,
  "fwhm_avg": 2.906603878787879,
  "fwhm_x": 2.786992,
  "fwhm_y": 3.013736,
  "fwhm_z": 2.9190836363636365,
  "gcor": 0.0210326,
  "gsr_x": -0.026496414095163345,
  "gsr_y": 0.06975412368774414,
  "provenance": {
    "md5sum": "13a41ca9b023e4fc5708dfb0d5f96a3a",
    "settings": {
      "fd_thres": 0.2,
      "testing": false
    },
    "software": "mriqc",
    "version": "22.0.0rc1",
    "webapi_port": null,
    "webapi_url": "https://mriqc.nimh.nih.gov/api/v1"
  },
  "size_t": 150,
  "size_x": 76,
  "size_y": 76,
  "size_z": 45,
  "snr": 2.475021401994167,
  "spacing_tr": 3.0,
  "spacing_x": 2.5,
  "spacing_y": 2.5,
  "spacing_z": 2.75,
  "summary_bg_k": 22.97012559530673,
  "summary_bg_mad": 8.22349246277004,
  "summary_bg_mean": 114.26911926269531,
  "summary_bg_median": 69.63999938964844,
  "summary_bg_n": 137615.0,
  "summary_bg_p05": 61.720001220703125,
  "summary_bg_p95": 348.90799560546844,
  "summary_bg_stdv": 124.74835968017578,
  "summary_fg_k": 0.8334848368473042,
  "summary_fg_mad": 355.73557992786846,
  "summary_fg_mean": 984.567138671875,
  "summary_fg_median": 915.4800415039062,
  "summary_fg_n": 65837.0,
  "summary_fg_p05": 515.1666870117188,
  "summary_fg_p95": 1689.6600341796875,
  "summary_fg_stdv": 369.8849182128906,
  "tsnr": 55.82506547565572
}