{
  "bids_meta": {
    "AcquisitionMatrixPE": 240,
    "AcquisitionNumber": 1,
    "AcquisitionTime": "13:27:56.192500",
    "BaseResolution": 256,
    "ConversionSoftware": "dcm2niix",
    "ConversionSoftwareVersion": "v1.0.20180622 (JP2:OpenJPEG) GCC6.1.0",
    "DeviceSerialNumber": "35410",
    "DwellTime": 8.1e-06,
    "EchoTime": 0.00289,
    "ImageOrientationPatientDICOM": [
      -0.0174525,
      0.999848,
      -2.41325e-08,
      0.00348906,
      6.08781e-05,
      -0.999994
    ],
    "ImageType": [
      "ORIGINAL",
      "PRIMARY",
      "M",
      "ND",
      "UNI"
    ],
    "InPlanePhaseEncodingDirectionDICOM": "ROW",
    "InstitutionAddress": "Cooper_60_St._Lucia_QLD_AU_4072",
    "InstitutionName": "St_Lucia_Campus",
    "InstitutionalDepartmentName": "Gehrmann_Labs_MRI",
    "MRAcquisitionType": "3D",
    "MagneticFieldStrength": 3,
    "Manufacturer": "Siemens",
    "ManufacturersModelName": "TrioTim",
    "Modality": "MR",
    "ParallelReductionFactorInPlane": 3,
    "PartialFourier": 0.75,
    "PatientPosition": "HFS",
    "PercentPhaseFOV": 93.75,
    "PhaseEncodingSteps": 181,
    "PhaseResolution": 1,
    "PixelBandwidth": 241,
    "ProcedureStepDescription": "Brain_-_UQ_fMRI",
    "ProtocolName": "mp2rage",
    "PulseSequenceDetails": "%CustomerSeq%_mp2rage_wip820B17",
    "ReceiveCoilName": "32Ch_Head",
    "ReconMatrixPE": 256,
    "RepetitionTime": 4,
    "SAR": 0.117911,
    "ScanOptions": "IR_PFP",
    "ScanningSequence": "GR_IR",
    "SequenceName": "tfl3d1_ns",
    "SequenceVariant": "SP_MP",
    "SeriesDescription": "mp2rage_UNI-DEN",
    "SeriesNumber": 7,
    "ShimSetting": [
      6819,
      -11271,
      -2615,
      -89,
      20,
      1,
      -123,
      4
    ],
    "SliceThickness": 1,
    "SoftwareVersions": "syngo_MR_B17",
    "StationName": "mrc_Trio",
    "TxRefAmp": 310.325,
    "dataset": "ds001748",
    "modality": "T1w",
    "subject_id": "adult19"
  },
  "cjv": 0.28930515458680756,
  "cnr": 4.292770912006762,
  "efc": 0.52347788250456,
  "fber": 3857.238037109375,
  "fwhm_avg": 3.65729226169633,
  "fwhm_x": 3.7944967850889895,
  "fwhm_y": 4.08862,
  "fwhm_z": 3.08876,
  "icvs_csf": 0.22397079428148645,
  "icvs_gm": 0.40256682373056485,
  "icvs_wm": 0.37346238198794873,
  "inu_med": 0.9106883406639099,
  "inu_range": 0.1999501883983612,
  "provenance": {
    "md5sum": "65b3c9638f04c3d89765b01f2d0a5044",
    "settings": {
      "testing": false
    },
    "software": "mriqc",
    "version": "22.0.0rc1",
    "warnings": {
      "large_rot_frame": true,
      "small_air_mask": false
    },
    "webapi_port": null,
    "webapi_url": "https://mriqc.nimh.nih.gov/api/v1"
  },
  "qi_1": 0.0,
  "qi_2": 0.0006959307133314155,
  "rpve_csf": 25.841376715830496,
  "rpve_gm": 14.507995284238957,
  "rpve_wm": 20.898412439356584,
  "size_x": 176,
  "size_y": 240,
  "size_z": 256,
  "snr_csf": 2.5498722842633326,
  "snr_gm": 10.230700571334985,
  "snr_total": 15.465087018993579,
  "snr_wm": 33.61468820138242,
  "snrd_csf": 75.63476321590115,
  "snrd_gm": 140.53151515113913,
  "snrd_total": 140.4481414666204,
  "snrd_wm": 205.17814603282085,
  "spacing_x": 0.9999982118606567,
  "spacing_y": 1.0,
  "spacing_z": 1.0,
  "summary_bg_k": 69.96929503556167,
  "summary_bg_mad": 3.193043450578168,
  "summary_bg_mean": 11.205408096313477,
  "summary_bg_median": 10.340367317199707,
  "summary_bg_n": 2645193.0,
  "summary_bg_p05": 6.356785011291504,
  "summary_bg_p95": 18.628128051757812,
  "summary_bg_stdv": 4.508128643035889,
  "summary_csf_k": -0.7744252818046022,
  "summary_csf_mad": 116.73436065982132,
  "summary_csf_mean": 317.5108337402344,
  "summary_csf_median": 368.63330078125,
  "summary_csf_n": 6394.0,
  "summary_csf_p05": 46.858438110351564,
  "summary_csf_p95": 484.8202484130859,
  "summary_csf_stdv": 144.55801391601562,
  "summary_gm_k": 0.34783987842402375,
  "summary_gm_mad": 63.91722219342214,
  "summary_gm_mean": 683.86767578125,
  "summary_gm_median": 684.9310302734375,
  "summary_gm_n": 17745.0,
  "summary_gm_p05": 571.6872924804687,
  "summary_gm_p95": 791.5810668945312,
  "summary_gm_stdv": 66.94670867919922,
  "summary_wm_k": 0.7890024768053556,
  "summary_wm_mad": 27.236662386692146,
  "summary_wm_mean": 1000.2129516601562,
  "summary_wm_median": 1000.0097045898438,
  "summary_wm_n": 160203.0,
  "summary_wm_p05": 951.692529296875,
  "summary_wm_p95": 1049.2268188476562,
  "summary_wm_stdv": 29.749095916748047,
  "tpm_overlap_csf": 0.1560857743024826,
  "tpm_overlap_gm": 0.4113629162311554,
  "tpm_overlap_wm": 0.49160128831863403,
  "wm2max": 0.7349614197409958
}