{
  "aor": 0.0024021476510067115,
  "aqi": 0.004603948120805369,
  "bids_meta": {
    "AcquisitionMatrixPE": 76,
    "AcquisitionNumber": 1,
    "AcquisitionTime": "15:48:42.532500",
    "BandwidthPerPixelPhaseEncode": 23.084,
    "BaseResolution": 76,
    "ConversionSoftware": "dcm2niix",
    "ConversionSoftwareVersion": "v1.0.20180622 (JP2:OpenJPEG) GCC6.1.0",
    "DerivedVendorReportedEchoSpacing": 0.000570001,
    "DeviceSerialNumber": "35410",
    "DwellTime": 3.3e-06,
    "EchoTime": 0.03,
    "EffectiveEchoSpacing": 0.000570001,
    "FlipAngle": 90,
    "ImageOrientationPatientDICOM": [
      0.999902,
      0.00345063,
      -0.0136011,
      -0.00698068,
      0.96316,
      -0.268838
    ],
    "ImageType": [
      "ORIGINAL",
      "PRIMARY",
      "M",
      "ND",
      "MOSAIC"
    ],
    "InPlanePhaseEncodingDirectionDICOM": "COL",
    "InstitutionAddress": "Cooper_60_St._Lucia_QLD_AU_4072",
    "InstitutionName": "St_Lucia_Campus",
    "InstitutionalDepartmentName": "Gehrmann_Labs_MRI",
    "MRAcquisitionType": "2D",
    "MagneticFieldStrength": 3,
    "Manufacturer": "Siemens",
    "ManufacturersModelName": "TrioTim",
    "Modality": "MR",
    "PartialFourier": 1,
    "PatientPosition": "HFS",
    "PercentPhaseFOV": 100,
    "PhaseEncodingDirection": "j-",
    "PhaseEncodingSteps": 76,
    "PhaseResolution": 1,
    "PixelBandwidth": 1994,
    "ProcedureStepDescription": "Brain_-_UQ_fMRI",
    "ProtocolName": "SEM",
    "PulseSequenceDetails": "%SiemensSeq%_ep2d_pace",
    "ReceiveCoilName": "32Ch_Head",
    "ReconMatrixPE": 76,
    "RepetitionTime": 3,
    "SAR": 0.168176,
    "ScanOptions": "FS",
    "ScanningSequence": "EP",
    "SequenceName": "_epfid2d1_76",
    "SequenceVariant": "SK",
    "SeriesDescription": "SEM",
    "SeriesNumber": 3,
    "ShimSetting": [
      6764,
      -11375,
      -2148,
      873,
      -122,
      -279,
      -171,
      157
    ],
    "SliceThickness": 2.5,
    "SliceTiming": [
      0,
      1.53,
      0.0675,
      1.5975,
      0.135,
      1.6625,
      0.2,
      1.73,
      0.2675,
      1.795,
      0.3325,
      1.8625,
      0.4,
      1.93,
      0.4675,
      1.995,
      0.5325,
      2.0625,
      0.6,
      2.1275,
      0.665,
      2.195,
      0.7325,
      2.2625,
      0.8,
      2.3275,
      0.865,
      2.395,
      0.9325,
      2.46,
      0.9975,
      2.5275,
      1.065,
      2.595,
      1.1325,
      2.66,
      1.1975,
      2.7275,
      1.265,
      2.7925,
      1.33,
      2.86,
      1.3975,
      2.925,
      1.4625
    ],
    "SoftwareVersions": "syngo_MR_B17",
    "SpacingBetweenSlices": 2.75,
    "StationName": "mrc_Trio",
    "TaskName": "semantic",
    "TotalReadoutTime": 0.04275,
    "TxRefAmp": 322.408,
    "dataset": "ds001748",
    "modality": "bold",
    "subject_id": "adult17",
    "task_id": "semantic"
  },
  "dummy_trs": 1,
  "dvars_nstd": 30.779642195270263,
  "dvars_std": 1.1893593831081077,
  "dvars_vstd": 1.009550652027027,
  "efc": 0.5686769950632417,
  "fber": 267.6972351074219,
  "fd_mean": 0.12572396072103928,
  "fd_num": 16,
  "fd_perc": 10.738255033557047,
  "fwhm_avg": 2.6736029090909086,
  "fwhm_x": 2.66682,
  "fwhm_y": 2.713676,
  "fwhm_z": 2.640312727272727,
  "gcor": 0.0173026,
  "gsr_x": -0.011229967698454857,
  "gsr_y": 0.056003324687480927,
  "provenance": {
    "md5sum": "0803d6fb8789d53a3644afba62ec1be5",
    "settings": {
      "fd_thres": 0.2,
      "testing": false
    },
    "software": "mriqc",
    "version": "22.0.0rc1",
    "webapi_port": null,
    "webapi_url": "https://mriqc.nimh.nih.gov/api/v1"
  },
  "size_t": 149,
  "size_x": 76,
  "size_y": 76,
  "size_z": 45,
  "snr": 2.787567140002195,
  "spacing_tr": 3.0,
  "spacing_x": 2.5,
  "spacing_y": 2.5,
  "spacing_z": 2.75,
  "summary_bg_k": 49.10626225496392,
  "summary_bg_mad": 5.801052192421226,
  "summary_bg_mean": 57.26930236816406,
  "summary_bg_median": 36.97986602783203,
  "summary_bg_n": 155840.0,
  "summary_bg_p05": 32.28187942504883,
  "summary_bg_p95": 147.66577072143522,
  "summary_bg_stdv": 62.755409240722656,
  "summary_fg_k": 3.249899984790961,
  "summary_fg_mad": 174.8077511076729,
  "summary_fg_mean": 655.6869506835938,
  "summary_fg_median": 611.5234985351562,
  "summary_fg_n": 54664.0,
  "summary_fg_p05": 387.7325439453125,
  "summary_fg_p95": 1081.9409362792965,
  "summary_fg_stdv": 219.3733367919922,
  "tsnr": 57.88208242855035
}