{
  "aor": 0.0009249333333333333,
  "aqi": 0.0039252918,
  "bids_meta": {
    "AcquisitionMatrixPE": 76,
    "AcquisitionNumber": 1,
    "AcquisitionTime": "15:56:57.802500",
    "BandwidthPerPixelPhaseEncode": 23.084,
    "BaseResolution": 76,
    "ConversionSoftware": "dcm2niix",
    "ConversionSoftwareVersion": "v1.0.20180622 (JP2:OpenJPEG) GCC6.1.0",
    "DerivedVendorReportedEchoSpacing": 0.000570001,
    "DeviceSerialNumber": "35410",
    "DwellTime": 3.3e-06,
    "EchoTime": 0.03,
    "EffectiveEchoSpacing": 0.000570001,
    "FlipAngle": 90,
    "ImageOrientationPatientDICOM": [
      0.999902,
      0.00345063,
      -0.0136011,
      -0.00698068,
      0.96316,
      -0.268838
    ],
    "ImageType": [
      "ORIGINAL",
      "PRIMARY",
      "M",
      "ND",
      "MOSAIC"
    ],
    "InPlanePhaseEncodingDirectionDICOM": "COL",
    "InstitutionAddress": "Cooper_60_St._Lucia_QLD_AU_4072",
    "InstitutionName": "St_Lucia_Campus",
    "InstitutionalDepartmentName": "Gehrmann_Labs_MRI",
    "MRAcquisitionType": "2D",
    "MagneticFieldStrength": 3,
    "Manufacturer": "Siemens",
    "ManufacturersModelName": "TrioTim",
    "Modality": "MR",
    "PartialFourier": 1,
    "PatientPosition": "HFS",
    "PercentPhaseFOV": 100,
    "PhaseEncodingDirection": "j-",
    "PhaseEncodingSteps": 76,
    "PhaseResolution": 1,
    "PixelBandwidth": 1994,
    "ProcedureStepDescription": "Brain_-_UQ_fMRI",
    "ProtocolName": "EPI",
    "PulseSequenceDetails": "%SiemensSeq%_ep2d_pace",
    "ReceiveCoilName": "32Ch_Head",
    "ReconMatrixPE": 76,
    "RepetitionTime": 3,
    "SAR": 0.168176,
    "ScanOptions": "FS",
    "ScanningSequence": "EP",
    "SequenceName": "_epfid2d1_76",
    "SequenceVariant": "SK",
    "SeriesDescription": "EPI",
    "SeriesNumber": 4,
    "ShimSetting": [
      6764,
      -11375,
      -2148,
      873,
      -122,
      -279,
      -171,
      157
    ],
    "SliceThickness": 2.5,
    "SliceTiming": [
      0,
      1.5275,
      0.065,
      1.595,
      0.1325,
      1.66,
      0.1975,
      1.7275,
      0.265,
      1.7925,
      0.33,
      1.86,
      0.3975,
      1.9275,
      0.465,
      1.9925,
      0.53,
      2.06,
      0.5975,
      2.125,
      0.6625,
      2.1925,
      0.73,
      2.26,
      0.7975,
      2.325,
      0.8625,
      2.3925,
      0.93,
      2.4575,
      0.995,
      2.525,
      1.0625,
      2.5925,
      1.13,
      2.6575,
      1.195,
      2.725,
      1.2625,
      2.79,
      1.3275,
      2.8575,
      1.395,
      2.925,
      1.4625
    ],
    "SoftwareVersions": "syngo_MR_B17",
    "SpacingBetweenSlices": 2.75,
    "StationName": "mrc_Trio",
    "TaskName": "episodic",
    "TotalReadoutTime": 0.04275,
    "TxRefAmp": 322.408,
    "dataset": "ds001748",
    "modality": "bold",
    "subject_id": "adult17",
    "task_id": "episodic"
  },
  "dummy_trs": 0,
  "dvars_nstd": 28.893243047382555,
  "dvars_std": 1.1916406773825505,
  "dvars_vstd": 1.0031571602684566,
  "efc": 0.570332638109559,
  "fber": 269.523193359375,
  "fd_mean": 0.10544540093465694,
  "fd_num": 15,
  "fd_perc": 10.0,
  "fwhm_avg": 2.6761294545454546,
  "fwhm_x": 2.661816,
  "fwhm_y": 2.715856,
  "fwhm_z": 2.6507163636363633,
  "gcor": 0.0379107,
  "gsr_x": -0.01090635173022747,
  "gsr_y": 0.05844353884458542,
  "provenance": {
    "md5sum": "469db3aa2f3c72a8a0a5e5423489f4f1",
    "settings": {
      "fd_thres": 0.2,
      "testing": false
    },
    "software": "mriqc",
    "version": "22.0.0rc1",
    "webapi_port": null,
    "webapi_url": "https://mriqc.nimh.nih.gov/api/v1"
  },
  "size_t": 150,
  "size_x": 76,
  "size_y": 76,
  "size_z": 45,
  "snr": 2.806994830983251,
  "spacing_tr": 3.0,
  "spacing_x": 2.5,
  "spacing_y": 2.5,
  "spacing_z": 2.75,
  "summary_bg_k": 47.72296832925304,
  "summary_bg_mad": 5.396676826130439,
  "summary_bg_mean": 57.67800521850586,
  "summary_bg_median": 36.88666915893555,
  "summary_bg_n": 155742.0,
  "summary_bg_p05": 32.78666687011719,
  "summary_bg_p95": 149.55266342163063,
  "summary_bg_stdv": 63.74540710449219,
  "summary_fg_k": 3.1495408227499624,
  "summary_fg_mad": 173.87958637651985,
  "summary_fg_mean": 653.2276611328125,
  "summary_fg_median": 610.050048828125,
  "summary_fg_n": 54888.0,
  "summary_fg_p05": 386.5516723632813,
  "summary_fg_p95": 1072.882061767578,
  "summary_fg_stdv": 217.33010864257812,
  "tsnr": 62.12521260790527
}