{
  "aor": 0.0012367333333333332,
  "aqi": 0.0049868916000000004,
  "bids_meta": {
    "AcquisitionMatrixPE": 76,
    "AcquisitionNumber": 1,
    "AcquisitionTime": "15:40:25.340000",
    "BandwidthPerPixelPhaseEncode": 23.084,
    "BaseResolution": 76,
    "ConversionSoftware": "dcm2niix",
    "ConversionSoftwareVersion": "v1.0.20180622 (JP2:OpenJPEG) GCC6.1.0",
    "DerivedVendorReportedEchoSpacing": 0.000570001,
    "DeviceSerialNumber": "35410",
    "DwellTime": 3.3e-06,
    "EchoTime": 0.03,
    "EffectiveEchoSpacing": 0.000570001,
    "FlipAngle": 90,
    "ImageOrientationPatientDICOM": [
      0.999902,
      0.00345063,
      -0.0136011,
      -0.00698068,
      0.96316,
      -0.268838
    ],
    "ImageType": [
      "ORIGINAL",
      "PRIMARY",
      "M",
      "ND",
      "MOSAIC"
    ],
    "InPlanePhaseEncodingDirectionDICOM": "COL",
    "InstitutionAddress": "Cooper_60_St._Lucia_QLD_AU_4072",
    "InstitutionName": "St_Lucia_Campus",
    "InstitutionalDepartmentName": "Gehrmann_Labs_MRI",
    "MRAcquisitionType": "2D",
    "MagneticFieldStrength": 3,
    "Manufacturer": "Siemens",
    "ManufacturersModelName": "TrioTim",
    "Modality": "MR",
    "PartialFourier": 1,
    "PatientPosition": "HFS",
    "PercentPhaseFOV": 100,
    "PhaseEncodingDirection": "j-",
    "PhaseEncodingSteps": 76,
    "PhaseResolution": 1,
    "PixelBandwidth": 1994,
    "ProcedureStepDescription": "Brain_-_UQ_fMRI",
    "ProtocolName": "AUTO",
    "PulseSequenceDetails": "%SiemensSeq%_ep2d_pace",
    "ReceiveCoilName": "32Ch_Head",
    "ReconMatrixPE": 76,
    "RepetitionTime": 3,
    "SAR": 0.168176,
    "ScanOptions": "FS",
    "ScanningSequence": "EP",
    "SequenceName": "_epfid2d1_76",
    "SequenceVariant": "SK",
    "SeriesDescription": "AUTO",
    "SeriesNumber": 2,
    "ShimSetting": [
      6764,
      -11375,
      -2148,
      873,
      -122,
      -279,
      -171,
      157
    ],
    "SliceThickness": 2.5,
    "SliceTiming": [
      0,
      1.53,
      0.0675,
      1.595,
      0.1325,
      1.6625,
      0.2,
      1.73,
      0.2675,
      1.795,
      0.3325,
      1.8625,
      0.4,
      1.9275,
      0.465,
      1.995,
      0.5325,
      2.0625,
      0.6,
      2.1275,
      0.665,
      2.195,
      0.7325,
      2.26,
      0.7975,
      2.3275,
      0.865,
      2.3925,
      0.93,
      2.46,
      0.9975,
      2.5275,
      1.065,
      2.5925,
      1.13,
      2.66,
      1.1975,
      2.725,
      1.2625,
      2.7925,
      1.33,
      2.86,
      1.3975,
      2.925,
      1.4625
    ],
    "SoftwareVersions": "syngo_MR_B17",
    "SpacingBetweenSlices": 2.75,
    "StationName": "mrc_Trio",
    "TaskName": "autobio",
    "TotalReadoutTime": 0.04275,
    "TxRefAmp": 322.408,
    "dataset": "ds001748",
    "modality": "bold",
    "subject_id": "adult17",
    "task_id": "autobio"
  },
  "dummy_trs": 0,
  "dvars_nstd": 33.17020432885907,
  "dvars_std": 1.1992371603355705,
  "dvars_vstd": 0.9954720920134228,
  "efc": 0.567270656747331,
  "fber": 266.40216064453125,
  "fd_mean": 0.13549646608541566,
  "fd_num": 27,
  "fd_perc": 18.0,
  "fwhm_avg": 2.6763804848484845,
  "fwhm_x": 2.681024,
  "fwhm_y": 2.700732,
  "fwhm_z": 2.6473854545454545,
  "gcor": 0.0267095,
  "gsr_x": -0.01111972238868475,
  "gsr_y": 0.054962001740932465,
  "provenance": {
    "md5sum": "792eaa8c78b95ba63b77efa9c6c93afe",
    "settings": {
      "fd_thres": 0.2,
      "testing": false
    },
    "software": "mriqc",
    "version": "22.0.0rc1",
    "webapi_port": null,
    "webapi_url": "https://mriqc.nimh.nih.gov/api/v1"
  },
  "size_t": 150,
  "size_x": 76,
  "size_y": 76,
  "size_z": 45,
  "snr": 2.738888647227049,
  "spacing_tr": 3.0,
  "spacing_x": 2.5,
  "spacing_y": 2.5,
  "spacing_z": 2.75,
  "summary_bg_k": 48.26692862295304,
  "summary_bg_mad": 6.246702701346038,
  "summary_bg_mean": 57.30466079711914,
  "summary_bg_median": 37.12000274658203,
  "summary_bg_n": 155971.0,
  "summary_bg_p05": 31.860000610351562,
  "summary_bg_p95": 147.5066680908203,
  "summary_bg_stdv": 62.183372497558594,
  "summary_fg_k": 3.3610204987874788,
  "summary_fg_mad": 177.6157276787995,
  "summary_fg_mean": 659.412353515625,
  "summary_fg_median": 612.9200439453125,
  "summary_fg_n": 54211.0,
  "summary_fg_p05": 390.07334899902344,
  "summary_fg_p95": 1092.856689453125,
  "summary_fg_stdv": 223.7821502685547,
  "tsnr": 54.31909599900246
}