{
  "bids_meta": {
    "AcquisitionMatrixPE": 240,
    "AcquisitionNumber": 1,
    "AcquisitionTime": "09:07:10.250000",
    "BaseResolution": 256,
    "ConversionSoftware": "dcm2niix",
    "ConversionSoftwareVersion": "v1.0.20180622 (JP2:OpenJPEG) GCC6.1.0",
    "DeviceSerialNumber": "35410",
    "DwellTime": 8.1e-06,
    "EchoTime": 0.00289,
    "ImageOrientationPatientDICOM": [
      0.0191973,
      0.999816,
      -3.03858e-08,
      0.00348898,
      -6.70216e-05,
      -0.999994
    ],
    "ImageType": [
      "ORIGINAL",
      "PRIMARY",
      "M",
      "ND",
      "UNI"
    ],
    "InPlanePhaseEncodingDirectionDICOM": "ROW",
    "InstitutionAddress": "Cooper_60_St._Lucia_QLD_AU_4072",
    "InstitutionName": "St_Lucia_Campus",
    "InstitutionalDepartmentName": "Gehrmann_Labs_MRI",
    "MRAcquisitionType": "3D",
    "MagneticFieldStrength": 3,
    "Manufacturer": "Siemens",
    "ManufacturersModelName": "TrioTim",
    "Modality": "MR",
    "ParallelReductionFactorInPlane": 3,
    "PartialFourier": 0.75,
    "PatientPosition": "HFS",
    "PercentPhaseFOV": 93.75,
    "PhaseEncodingSteps": 181,
    "PhaseResolution": 1,
    "PixelBandwidth": 241,
    "ProcedureStepDescription": "RESEARCH_3T_Research",
    "ProtocolName": "mp2rage",
    "PulseSequenceDetails": "%CustomerSeq%_mp2rage_wip820B17",
    "ReceiveCoilName": "32Ch_Head",
    "ReconMatrixPE": 256,
    "RepetitionTime": 4,
    "SAR": 0.136006,
    "ScanOptions": "IR_PFP",
    "ScanningSequence": "GR_IR",
    "SequenceName": "tfl3d1_ns",
    "SequenceVariant": "SP_MP",
    "SeriesDescription": "mp2rage_UNI-DEN",
    "SeriesNumber": 4,
    "ShimSetting": [
      6819,
      -11271,
      -2615,
      -89,
      20,
      1,
      -123,
      4
    ],
    "SliceThickness": 1,
    "SoftwareVersions": "syngo_MR_B17",
    "StationName": "mrc_Trio",
    "TxRefAmp": 330.7,
    "dataset": "ds001748",
    "modality": "T1w",
    "subject_id": "child16"
  },
  "cjv": 0.2854593728668042,
  "cnr": 4.494624015258014,
  "efc": 0.5572610737303231,
  "fber": 1913.9708251953125,
  "fwhm_avg": 3.8792738874711916,
  "fwhm_x": 3.984381662413575,
  "fwhm_y": 4.0642,
  "fwhm_z": 3.58924,
  "icvs_csf": 0.1759680361684055,
  "icvs_gm": 0.4740041997495845,
  "icvs_wm": 0.3500277640820099,
  "inu_med": 0.9298087358474731,
  "inu_range": 0.2077934026718139,
  "provenance": {
    "md5sum": "135b54a764ecfb7a2f84c13de05d890e",
    "settings": {
      "testing": false
    },
    "software": "mriqc",
    "version": "22.0.0rc1",
    "warnings": {
      "large_rot_frame": true,
      "small_air_mask": false
    },
    "webapi_port": null,
    "webapi_url": "https://mriqc.nimh.nih.gov/api/v1"
  },
  "qi_1": 0.01960208855173857,
  "qi_2": 0.00021045372137346344,
  "rpve_csf": 23.684549266015466,
  "rpve_gm": 10.178739384268388,
  "rpve_wm": 16.066619422037373,
  "size_x": 176,
  "size_y": 240,
  "size_z": 256,
  "snr_csf": 1.3771393806497463,
  "snr_gm": 10.262726525860021,
  "snr_total": 11.438519363835605,
  "snr_wm": 22.675692184997043,
  "snrd_csf": 32.76277316171487,
  "snrd_gm": 71.66196677340125,
  "snrd_total": 72.14942842447292,
  "snrd_wm": 112.02354533830263,
  "spacing_x": 0.9999995827674866,
  "spacing_y": 1.0,
  "spacing_z": 1.0,
  "summary_bg_k": 99.55881201349429,
  "summary_bg_mad": 5.848241760981468,
  "summary_bg_mean": 20.52780532836914,
  "summary_bg_median": 14.693414688110352,
  "summary_bg_n": 2566652.0,
  "summary_bg_p05": 8.2756667137146,
  "summary_bg_p95": 50.68635292053209,
  "summary_bg_stdv": 24.40818214416504,
  "summary_csf_k": 9.591494817843353,
  "summary_csf_mad": 183.86624796322008,
  "summary_csf_mean": 289.5948181152344,
  "summary_csf_median": 292.4652404785156,
  "summary_csf_n": 5655.0,
  "summary_csf_p05": 49.26947174072266,
  "summary_csf_p95": 482.9395996093751,
  "summary_csf_stdv": 212.352783203125,
  "summary_gm_k": 0.058477190411803104,
  "summary_gm_mad": 61.90108587577659,
  "summary_gm_mean": 640.6970825195312,
  "summary_gm_median": 639.7088012695312,
  "summary_gm_n": 47253.0,
  "summary_gm_p05": 540.0573608398438,
  "summary_gm_p95": 745.2172973632813,
  "summary_gm_stdv": 62.33256149291992,
  "summary_wm_k": 1.5470094688577065,
  "summary_wm_mad": 40.949330299568985,
  "summary_wm_mean": 1000.5564575195312,
  "summary_wm_median": 1000.0067138671875,
  "summary_wm_n": 193684.0,
  "summary_wm_p05": 929.8618835449219,
  "summary_wm_p95": 1071.1712463378906,
  "summary_wm_stdv": 44.10026931762695,
  "tpm_overlap_csf": 0.15804928541183472,
  "tpm_overlap_gm": 0.45318910479545593,
  "tpm_overlap_wm": 0.5012980699539185,
  "wm2max": 0.6714905024018273
}