{
  "bids_meta": {
    "AcquisitionMatrixPE": 240,
    "AcquisitionNumber": 1,
    "AcquisitionTime": "11:01:59.927500",
    "BaseResolution": 256,
    "BodyPartExamined": "BRAIN",
    "ConsistencyInfo": "N4_VE11C_LATEST_20160120",
    "ConversionSoftware": "dcm2niix",
    "ConversionSoftwareVersion": "v1.0.20180622 (JP2:OpenJPEG) GCC6.1.0",
    "DeviceSerialNumber": "167001",
    "DwellTime": 8.1e-06,
    "EchoTime": 0.00291,
    "ImageComments": "DENOISED_IMAGE_(lambda_=_1)",
    "ImageOrientationPatientDICOM": [
      0,
      1,
      0,
      0.0104717,
      0,
      -0.999945
    ],
    "ImageType": [
      "DERIVED",
      "PRIMARY",
      "M",
      "UNI",
      "DIS3D",
      "DIS2D"
    ],
    "InPlanePhaseEncodingDirectionDICOM": "ROW",
    "InstitutionAddress": "Cooper_60_St._Lucia_QLD_AU_4072",
    "InstitutionName": "St_Lucia_Campus",
    "InstitutionalDepartmentName": "Gehrmann_Labs_MRI",
    "MRAcquisitionType": "3D",
    "MagneticFieldStrength": 3,
    "Manufacturer": "Siemens",
    "ManufacturersModelName": "Prisma_fit",
    "Modality": "MR",
    "ParallelReductionFactorInPlane": 3,
    "PartialFourier": 0.75,
    "PatientPosition": "HFS",
    "PercentPhaseFOV": 93.75,
    "PhaseEncodingSteps": 181,
    "PhaseResolution": 1,
    "PixelBandwidth": 240,
    "ProcedureStepDescription": "Research_16004_CMN",
    "ProtocolName": "MP2RAGE_wip900C_VE11C",
    "PulseSequenceDetails": "%CustomerSeq%_tfl_wip900C_VE11C",
    "RawImage": true,
    "ReceiveCoilActiveElements": "HC1-7;NC1,2",
    "ReceiveCoilName": "HeadNeck_64",
    "ReconMatrixPE": 256,
    "RepetitionTime": 4,
    "SAR": 0.0544853,
    "ScanOptions": "IR_PFP",
    "ScanningSequence": "GR_IR",
    "SequenceName": "tfl3d1_16ns",
    "SequenceVariant": "SK_SP_MP",
    "SeriesDescription": "MP2RAGE_wip900C_VE11C_UNI-DEN",
    "SeriesNumber": 5,
    "ShimSetting": [
      3038,
      -4188,
      -839,
      167,
      -28,
      -334,
      22,
      -28
    ],
    "SliceThickness": 1,
    "SoftwareVersions": "syngo_MR_E11",
    "StationName": "mrc_Trio",
    "TxRefAmp": 215.286,
    "dataset": "ds001748",
    "modality": "T1w",
    "subject_id": "teen06"
  },
  "cjv": 0.29016854533376163,
  "cnr": 4.530573034878582,
  "efc": 0.49404328868227687,
  "fber": 1459643.75,
  "fwhm_avg": 3.771481403182189,
  "fwhm_x": 3.8682742095465663,
  "fwhm_y": 3.99292,
  "fwhm_z": 3.45325,
  "icvs_csf": 0.19349051188709865,
  "icvs_gm": 0.46396120002050495,
  "icvs_wm": 0.3425482880923964,
  "inu_med": 0.8579585552215576,
  "inu_range": 0.17339288592338553,
  "provenance": {
    "md5sum": "6cdd40e1bfbaad902833b799c79cb7d6",
    "settings": {
      "testing": false
    },
    "software": "mriqc",
    "version": "22.0.0rc1",
    "warnings": {
      "large_rot_frame": true,
      "small_air_mask": false
    },
    "webapi_port": null,
    "webapi_url": "https://mriqc.nimh.nih.gov/api/v1"
  },
  "qi_1": 0.010084899730646683,
  "qi_2": 0.0007928316629231811,
  "rpve_csf": 28.84158801965525,
  "rpve_gm": 13.456057516900955,
  "rpve_wm": 21.9665761385999,
  "size_x": 176,
  "size_y": 240,
  "size_z": 256,
  "snr_csf": 1.9171491198327921,
  "snr_gm": 10.490261150259274,
  "snr_total": 12.805513464252575,
  "snr_wm": 26.00913012266566,
  "snrd_csf": 147.32080479226894,
  "snrd_gm": 305.5911632435185,
  "snrd_total": 304.51788266476154,
  "snrd_wm": 460.6416799584972,
  "spacing_x": 0.9999937415122986,
  "spacing_y": 1.0,
  "spacing_z": 1.0,
  "summary_bg_k": 254.84786543554185,
  "summary_bg_mad": 0.4222428480743282,
  "summary_bg_mean": 1.5796855688095093,
  "summary_bg_median": 0.2847984731197357,
  "summary_bg_n": 3017938.0,
  "summary_bg_p05": 0.0,
  "summary_bg_p95": 5.928787326812743,
  "summary_bg_stdv": 6.499513626098633,
  "summary_csf_k": 3.342517029257852,
  "summary_csf_mad": 171.69260331885118,
  "summary_csf_mean": 297.2349548339844,
  "summary_csf_median": 319.82037353515625,
  "summary_csf_n": 6776.0,
  "summary_csf_p05": 54.312103271484375,
  "summary_csf_p95": 505.9161834716797,
  "summary_csf_stdv": 166.80850219726562,
  "summary_gm_k": -0.07616625878684546,
  "summary_gm_mad": 63.27604921861615,
  "summary_gm_mean": 660.0792236328125,
  "summary_gm_median": 663.4112548828125,
  "summary_gm_n": 42954.0,
  "summary_gm_p05": 550.8211517333984,
  "summary_gm_p95": 758.9936096191406,
  "summary_gm_stdv": 63.23994445800781,
  "summary_wm_k": 0.9236908789696128,
  "summary_wm_mad": 34.39494171377257,
  "summary_wm_mean": 1000.5055541992188,
  "summary_wm_median": 1000.0121459960938,
  "summary_wm_n": 145411.0,
  "summary_wm_p05": 937.8567810058594,
  "summary_wm_p95": 1064.5494995117188,
  "summary_wm_stdv": 38.44837188720703,
  "tpm_overlap_csf": 0.16564692556858063,
  "tpm_overlap_gm": 0.4437529444694519,
  "tpm_overlap_wm": 0.4931008219718933,
  "wm2max": 0.8531350167814498
}