{
  "aor": 0.015327333333333333,
  "aqi": 0.006215428066666666,
  "bids_meta": {
    "AcquisitionMatrixPE": 76,
    "AcquisitionNumber": 1,
    "AcquisitionTime": "14:33:38.660000",
    "BandwidthPerPixelPhaseEncode": 23.084,
    "BaseResolution": 76,
    "ConversionSoftware": "dcm2niix",
    "ConversionSoftwareVersion": "v1.0.20180622 (JP2:OpenJPEG) GCC6.1.0",
    "DerivedVendorReportedEchoSpacing": 0.000570001,
    "DeviceSerialNumber": "35410",
    "DwellTime": 3.3e-06,
    "EchoTime": 0.03,
    "EffectiveEchoSpacing": 0.000570001,
    "FlipAngle": 90,
    "ImageOrientationPatientDICOM": [
      0.999926,
      -0.00192522,
      -0.0120191,
      -8.98006e-09,
      0.987413,
      -0.158164
    ],
    "ImageType": [
      "ORIGINAL",
      "PRIMARY",
      "M",
      "ND",
      "MOSAIC"
    ],
    "InPlanePhaseEncodingDirectionDICOM": "COL",
    "InstitutionAddress": "Cooper_60_St._Lucia_QLD_AU_4072",
    "InstitutionName": "St_Lucia_Campus",
    "InstitutionalDepartmentName": "Gehrmann_Labs_MRI",
    "MRAcquisitionType": "2D",
    "MagneticFieldStrength": 3,
    "Manufacturer": "Siemens",
    "ManufacturersModelName": "TrioTim",
    "Modality": "MR",
    "PartialFourier": 1,
    "PatientPosition": "HFS",
    "PercentPhaseFOV": 100,
    "PhaseEncodingDirection": "j-",
    "PhaseEncodingSteps": 76,
    "PhaseResolution": 1,
    "PixelBandwidth": 1994,
    "ProcedureStepDescription": "RESEARCH_3T_Research",
    "ProtocolName": "EPI",
    "PulseSequenceDetails": "%SiemensSeq%_ep2d_pace",
    "ReceiveCoilName": "32Ch_Head",
    "ReconMatrixPE": 76,
    "RepetitionTime": 3,
    "SAR": 0.181074,
    "ScanOptions": "FS",
    "ScanningSequence": "EP",
    "SequenceName": "_epfid2d1_76",
    "SequenceVariant": "SK",
    "SeriesDescription": "EPI",
    "SeriesNumber": 9,
    "ShimSetting": [
      6879,
      -11334,
      -2141,
      645,
      -69,
      66,
      -117,
      -51
    ],
    "SliceThickness": 2.5,
    "SliceTiming": [
      0,
      1.53,
      0.0675,
      1.5975,
      0.135,
      1.6625,
      0.2,
      1.73,
      0.2675,
      1.795,
      0.3325,
      1.8625,
      0.4,
      1.9275,
      0.4675,
      1.995,
      0.5325,
      2.0625,
      0.6,
      2.1275,
      0.665,
      2.195,
      0.7325,
      2.26,
      0.7975,
      2.3275,
      0.865,
      2.395,
      0.9325,
      2.46,
      0.9975,
      2.5275,
      1.065,
      2.5925,
      1.13,
      2.66,
      1.1975,
      2.7275,
      1.265,
      2.7925,
      1.33,
      2.86,
      1.3975,
      2.925,
      1.4625
    ],
    "SoftwareVersions": "syngo_MR_B17",
    "SpacingBetweenSlices": 2.75,
    "StationName": "mrc_Trio",
    "TaskName": "episodic",
    "TotalReadoutTime": 0.04275,
    "TxRefAmp": 306.48,
    "dataset": "ds001748",
    "modality": "bold",
    "subject_id": "child19",
    "task_id": "episodic"
  },
  "dummy_trs": 0,
  "dvars_nstd": 34.160060754496655,
  "dvars_std": 1.3104354857046983,
  "dvars_vstd": 1.1179479577852351,
  "efc": 0.6140425055922293,
  "fber": 247.83128356933594,
  "fd_mean": 0.168794049474339,
  "fd_num": 28,
  "fd_perc": 18.666666666666668,
  "fwhm_avg": 2.581574909090909,
  "fwhm_x": 2.494872,
  "fwhm_y": 2.7258199999999997,
  "fwhm_z": 2.5240327272727274,
  "gcor": 0.0377996,
  "gsr_x": -0.009070901200175285,
  "gsr_y": 0.053568143397569656,
  "provenance": {
    "md5sum": "c329827cd1dc427c409e7b2263464fa6",
    "settings": {
      "fd_thres": 0.2,
      "testing": false
    },
    "software": "mriqc",
    "version": "22.0.0rc1",
    "webapi_port": null,
    "webapi_url": "https://mriqc.nimh.nih.gov/api/v1"
  },
  "size_t": 150,
  "size_x": 76,
  "size_y": 76,
  "size_z": 45,
  "snr": 3.304229718929889,
  "spacing_tr": 3.0,
  "spacing_x": 2.5,
  "spacing_y": 2.5,
  "spacing_z": 2.75,
  "summary_bg_k": 38.87080312004902,
  "summary_bg_mad": 10.17065212385701,
  "summary_bg_mean": 73.21047973632812,
  "summary_bg_median": 44.46666717529297,
  "summary_bg_n": 142676.0,
  "summary_bg_p05": 36.22666931152344,
  "summary_bg_p95": 206.85667419433594,
  "summary_bg_stdv": 83.85396575927734,
  "summary_fg_k": 1.0328139942365935,
  "summary_fg_mad": 202.17757079200487,
  "summary_fg_mean": 747.1472778320312,
  "summary_fg_median": 709.9800415039062,
  "summary_fg_n": 65605.0,
  "summary_fg_p05": 463.84934692382814,
  "summary_fg_p95": 1147.4960449218747,
  "summary_fg_stdv": 214.86842346191406,
  "tsnr": 49.28881972935051
}