{
  "aor": 0.0015621333333333334,
  "aqi": 0.005565902266666667,
  "bids_meta": {
    "AcquisitionMatrixPE": 76,
    "AcquisitionNumber": 1,
    "AcquisitionTime": "14:17:31.607500",
    "BandwidthPerPixelPhaseEncode": 23.084,
    "BaseResolution": 76,
    "ConversionSoftware": "dcm2niix",
    "ConversionSoftwareVersion": "v1.0.20180622 (JP2:OpenJPEG) GCC6.1.0",
    "DerivedVendorReportedEchoSpacing": 0.000570001,
    "DeviceSerialNumber": "35410",
    "DwellTime": 3.3e-06,
    "EchoTime": 0.03,
    "EffectiveEchoSpacing": 0.000570001,
    "FlipAngle": 90,
    "ImageOrientationPatientDICOM": [
      0.999926,
      -0.00192522,
      -0.0120191,
      -8.98006e-09,
      0.987413,
      -0.158164
    ],
    "ImageType": [
      "ORIGINAL",
      "PRIMARY",
      "M",
      "ND",
      "MOSAIC"
    ],
    "InPlanePhaseEncodingDirectionDICOM": "COL",
    "InstitutionAddress": "Cooper_60_St._Lucia_QLD_AU_4072",
    "InstitutionName": "St_Lucia_Campus",
    "InstitutionalDepartmentName": "Gehrmann_Labs_MRI",
    "MRAcquisitionType": "2D",
    "MagneticFieldStrength": 3,
    "Manufacturer": "Siemens",
    "ManufacturersModelName": "TrioTim",
    "Modality": "MR",
    "PartialFourier": 1,
    "PatientPosition": "HFS",
    "PercentPhaseFOV": 100,
    "PhaseEncodingDirection": "j-",
    "PhaseEncodingSteps": 76,
    "PhaseResolution": 1,
    "PixelBandwidth": 1994,
    "ProcedureStepDescription": "RESEARCH_3T_Research",
    "ProtocolName": "AUTO",
    "PulseSequenceDetails": "%SiemensSeq%_ep2d_pace",
    "ReceiveCoilName": "32Ch_Head",
    "ReconMatrixPE": 76,
    "RepetitionTime": 3,
    "SAR": 0.181074,
    "ScanOptions": "FS",
    "ScanningSequence": "EP",
    "SequenceName": "_epfid2d1_76",
    "SequenceVariant": "SK",
    "SeriesDescription": "AUTO",
    "SeriesNumber": 7,
    "ShimSetting": [
      6879,
      -11334,
      -2141,
      645,
      -69,
      66,
      -117,
      -51
    ],
    "SliceThickness": 2.5,
    "SliceTiming": [
      0,
      1.5275,
      0.065,
      1.595,
      0.1325,
      1.6625,
      0.2,
      1.7275,
      0.265,
      1.795,
      0.3325,
      1.86,
      0.3975,
      1.9275,
      0.465,
      1.995,
      0.5325,
      2.06,
      0.5975,
      2.1275,
      0.665,
      2.1925,
      0.73,
      2.26,
      0.7975,
      2.325,
      0.8625,
      2.3925,
      0.93,
      2.46,
      0.9975,
      2.525,
      1.0625,
      2.5925,
      1.13,
      2.6575,
      1.195,
      2.725,
      1.2625,
      2.7925,
      1.33,
      2.8575,
      1.395,
      2.925,
      1.4625
    ],
    "SoftwareVersions": "syngo_MR_B17",
    "SpacingBetweenSlices": 2.75,
    "StationName": "mrc_Trio",
    "TaskName": "autobio",
    "TotalReadoutTime": 0.04275,
    "TxRefAmp": 306.48,
    "dataset": "ds001748",
    "modality": "bold",
    "subject_id": "child19",
    "task_id": "autobio"
  },
  "dummy_trs": 0,
  "dvars_nstd": 30.280890893422818,
  "dvars_std": 1.2384972747651,
  "dvars_vstd": 0.9973128810067111,
  "efc": 0.6130768962520416,
  "fber": 247.857421875,
  "fd_mean": 0.07893467259219628,
  "fd_num": 6,
  "fd_perc": 4.0,
  "fwhm_avg": 2.6195345454545453,
  "fwhm_x": 2.544364,
  "fwhm_y": 2.7315560000000003,
  "fwhm_z": 2.5826836363636363,
  "gcor": 0.0196103,
  "gsr_x": -0.01047102827578783,
  "gsr_y": 0.0504109263420105,
  "provenance": {
    "md5sum": "b43205ba8e72389c51c82f4fca0bcc21",
    "settings": {
      "fd_thres": 0.2,
      "testing": false
    },
    "software": "mriqc",
    "version": "22.0.0rc1",
    "webapi_port": null,
    "webapi_url": "https://mriqc.nimh.nih.gov/api/v1"
  },
  "size_t": 150,
  "size_x": 76,
  "size_y": 76,
  "size_z": 45,
  "snr": 3.2460376691908466,
  "spacing_tr": 3.0,
  "spacing_x": 2.5,
  "spacing_y": 2.5,
  "spacing_z": 2.75,
  "summary_bg_k": 35.53961845789232,
  "summary_bg_mad": 10.625317784516357,
  "summary_bg_mean": 75.06120300292969,
  "summary_bg_median": 44.76000213623047,
  "summary_bg_n": 143255.0,
  "summary_bg_p05": 36.35333251953125,
  "summary_bg_p95": 214.26600646972634,
  "summary_bg_stdv": 88.88904571533203,
  "summary_fg_k": 1.3411667404447503,
  "summary_fg_mad": 204.62878715521776,
  "summary_fg_mean": 752.5463256835938,
  "summary_fg_median": 714.1466674804688,
  "summary_fg_n": 65485.0,
  "summary_fg_p05": 465.1173400878906,
  "summary_fg_p95": 1162.610717773437,
  "summary_fg_stdv": 220.0039825439453,
  "tsnr": 58.162562233628705
}