{
  "aor": 0.0058646666666666665,
  "aqi": 0.0049627406666666665,
  "bids_meta": {
    "AcquisitionMatrixPE": 76,
    "AcquisitionNumber": 1,
    "AcquisitionTime": "14:25:43.512500",
    "BandwidthPerPixelPhaseEncode": 23.084,
    "BaseResolution": 76,
    "ConversionSoftware": "dcm2niix",
    "ConversionSoftwareVersion": "v1.0.20180622 (JP2:OpenJPEG) GCC6.1.0",
    "DerivedVendorReportedEchoSpacing": 0.000570001,
    "DeviceSerialNumber": "35410",
    "DwellTime": 3.3e-06,
    "EchoTime": 0.03,
    "EffectiveEchoSpacing": 0.000570001,
    "FlipAngle": 90,
    "ImageOrientationPatientDICOM": [
      0.999926,
      -0.00192522,
      -0.0120191,
      -8.98006e-09,
      0.987413,
      -0.158164
    ],
    "ImageType": [
      "ORIGINAL",
      "PRIMARY",
      "M",
      "ND",
      "MOSAIC"
    ],
    "InPlanePhaseEncodingDirectionDICOM": "COL",
    "InstitutionAddress": "Cooper_60_St._Lucia_QLD_AU_4072",
    "InstitutionName": "St_Lucia_Campus",
    "InstitutionalDepartmentName": "Gehrmann_Labs_MRI",
    "MRAcquisitionType": "2D",
    "MagneticFieldStrength": 3,
    "Manufacturer": "Siemens",
    "ManufacturersModelName": "TrioTim",
    "Modality": "MR",
    "PartialFourier": 1,
    "PatientPosition": "HFS",
    "PercentPhaseFOV": 100,
    "PhaseEncodingDirection": "j-",
    "PhaseEncodingSteps": 76,
    "PhaseResolution": 1,
    "PixelBandwidth": 1994,
    "ProcedureStepDescription": "RESEARCH_3T_Research",
    "ProtocolName": "SEM",
    "PulseSequenceDetails": "%SiemensSeq%_ep2d_pace",
    "ReceiveCoilName": "32Ch_Head",
    "ReconMatrixPE": 76,
    "RepetitionTime": 3,
    "SAR": 0.181074,
    "ScanOptions": "FS",
    "ScanningSequence": "EP",
    "SequenceName": "_epfid2d1_76",
    "SequenceVariant": "SK",
    "SeriesDescription": "SEM",
    "SeriesNumber": 8,
    "ShimSetting": [
      6879,
      -11334,
      -2141,
      645,
      -69,
      66,
      -117,
      -51
    ],
    "SliceThickness": 2.5,
    "SliceTiming": [
      0,
      1.53,
      0.0675,
      1.595,
      0.1325,
      1.6625,
      0.2,
      1.7275,
      0.265,
      1.795,
      0.3325,
      1.8625,
      0.4,
      1.9275,
      0.465,
      1.995,
      0.5325,
      2.06,
      0.5975,
      2.1275,
      0.665,
      2.1925,
      0.73,
      2.26,
      0.7975,
      2.3275,
      0.865,
      2.3925,
      0.93,
      2.46,
      0.9975,
      2.525,
      1.0625,
      2.5925,
      1.13,
      2.66,
      1.1975,
      2.725,
      1.2625,
      2.7925,
      1.33,
      2.8575,
      1.395,
      2.925,
      1.4625
    ],
    "SoftwareVersions": "syngo_MR_B17",
    "SpacingBetweenSlices": 2.75,
    "StationName": "mrc_Trio",
    "TaskName": "semantic",
    "TotalReadoutTime": 0.04275,
    "TxRefAmp": 306.48,
    "dataset": "ds001748",
    "modality": "bold",
    "subject_id": "child19",
    "task_id": "semantic"
  },
  "dummy_trs": 0,
  "dvars_nstd": 34.19093777221475,
  "dvars_std": 1.3154814316107377,
  "dvars_vstd": 1.0625749942953022,
  "efc": 0.6140408156510587,
  "fber": 250.5351104736328,
  "fd_mean": 0.14043838705299186,
  "fd_num": 29,
  "fd_perc": 19.333333333333332,
  "fwhm_avg": 2.5720328484848483,
  "fwhm_x": 2.480572,
  "fwhm_y": 2.692272,
  "fwhm_z": 2.543254545454545,
  "gcor": 0.0388358,
  "gsr_x": -0.009658630937337875,
  "gsr_y": 0.05164586752653122,
  "provenance": {
    "md5sum": "9067c95b72db9f0b4ecfe2d2590b027a",
    "settings": {
      "fd_thres": 0.2,
      "testing": false
    },
    "software": "mriqc",
    "version": "22.0.0rc1",
    "webapi_port": null,
    "webapi_url": "https://mriqc.nimh.nih.gov/api/v1"
  },
  "size_t": 150,
  "size_x": 76,
  "size_y": 76,
  "size_z": 45,
  "snr": 3.3046399723387294,
  "spacing_tr": 3.0,
  "spacing_x": 2.5,
  "spacing_y": 2.5,
  "spacing_z": 2.75,
  "summary_bg_k": 38.00954337508354,
  "summary_bg_mad": 9.409584417796054,
  "summary_bg_mean": 73.15790557861328,
  "summary_bg_median": 44.26000213623047,
  "summary_bg_n": 142620.0,
  "summary_bg_p05": 37.400001525878906,
  "summary_bg_p95": 207.053677368164,
  "summary_bg_stdv": 83.80284118652344,
  "summary_fg_k": 1.1651843671479822,
  "summary_fg_mad": 202.27638680900978,
  "summary_fg_mean": 747.84765625,
  "summary_fg_median": 711.2999877929688,
  "summary_fg_n": 65501.0,
  "summary_fg_p05": 464.1333312988281,
  "summary_fg_p95": 1147.7867431640625,
  "summary_fg_stdv": 215.2411651611328,
  "tsnr": 60.950136485975236
}