{
  "aor": 0.0114456,
  "aqi": 0.008599571133333333,
  "bids_meta": {
    "AcquisitionMatrixPE": 76,
    "AcquisitionNumber": 1,
    "AcquisitionTime": "13:31:30.600000",
    "BandwidthPerPixelPhaseEncode": 23.084,
    "BaseResolution": 76,
    "BodyPartExamined": "BRAIN",
    "ConsistencyInfo": "N4_VE11C_LATEST_20160120",
    "ConversionSoftware": "dcm2niix",
    "ConversionSoftwareVersion": "v1.0.20180622 (JP2:OpenJPEG) GCC6.1.0",
    "DerivedVendorReportedEchoSpacing": 0.000570001,
    "DeviceSerialNumber": "167001",
    "DwellTime": 3.3e-06,
    "EchoTime": 0.03,
    "EchoTrainLength": 76,
    "EffectiveEchoSpacing": 0.000570001,
    "FlipAngle": 90,
    "ImageOrientationPatientDICOM": [
      0.997951,
      -0.0473372,
      0.0430382,
      0.0557941,
      0.973129,
      -0.223397
    ],
    "ImageType": [
      "ORIGINAL",
      "PRIMARY",
      "M",
      "ND",
      "MOSAIC"
    ],
    "InPlanePhaseEncodingDirectionDICOM": "COL",
    "InstitutionAddress": "Cooper_60_St._Lucia_QLD_AU_4072",
    "InstitutionName": "St_Lucia_Campus",
    "InstitutionalDepartmentName": "Gehrmann_Labs_MRI",
    "MRAcquisitionType": "2D",
    "MagneticFieldStrength": 3,
    "Manufacturer": "Siemens",
    "ManufacturersModelName": "Prisma_fit",
    "Modality": "MR",
    "PartialFourier": 1,
    "PatientPosition": "HFS",
    "PercentPhaseFOV": 100,
    "PhaseEncodingDirection": "j-",
    "PhaseEncodingSteps": 76,
    "PhaseResolution": 1,
    "PixelBandwidth": 1995,
    "ProcedureStepDescription": "Research_16004_CMN",
    "ProtocolName": "ep2d_bold_EPI",
    "PulseSequenceDetails": "%SiemensSeq%_ep2d_bold",
    "ReceiveCoilActiveElements": "HC1-7;NC1,2",
    "ReceiveCoilName": "HeadNeck_64",
    "ReconMatrixPE": 76,
    "RepetitionTime": 3,
    "SAR": 0.0923405,
    "ScanOptions": "FS",
    "ScanningSequence": "EP",
    "SequenceName": "_epfid2d1_76",
    "SequenceVariant": "SK",
    "SeriesDescription": "ep2d_bold_EPI",
    "SeriesNumber": 11,
    "ShimSetting": [
      3057,
      -4055,
      -857,
      401,
      71,
      140,
      -136,
      -14
    ],
    "SliceThickness": 2.5,
    "SliceTiming": [
      0,
      1.5225,
      0.065,
      1.5875,
      0.1325,
      1.655,
      0.1975,
      1.72,
      0.265,
      1.7875,
      0.33,
      1.8525,
      0.3975,
      1.92,
      0.4625,
      1.985,
      0.53,
      2.0525,
      0.595,
      2.1175,
      0.6625,
      2.185,
      0.7275,
      2.25,
      0.7925,
      2.3175,
      0.86,
      2.3825,
      0.925,
      2.45,
      0.9925,
      2.515,
      1.0575,
      2.5825,
      1.125,
      2.6475,
      1.19,
      2.715,
      1.2575,
      2.78,
      1.3225,
      2.8475,
      1.39,
      2.9125,
      1.455
    ],
    "SoftwareVersions": "syngo_MR_E11",
    "SpacingBetweenSlices": 2.75,
    "StationName": "mrc_Trio",
    "TaskName": "episodic",
    "TotalReadoutTime": 0.04275,
    "TxRefAmp": 221.322,
    "dataset": "ds001748",
    "modality": "bold",
    "subject_id": "teen04",
    "task_id": "episodic"
  },
  "dummy_trs": 0,
  "dvars_nstd": 41.442312944765085,
  "dvars_std": 1.2118410953691274,
  "dvars_vstd": 1.0232656244966447,
  "efc": 0.6108211704591712,
  "fber": 162.84869384765625,
  "fd_mean": 0.3856397600760817,
  "fd_num": 92,
  "fd_perc": 61.333333333333336,
  "fwhm_avg": 3.0340373333333335,
  "fwhm_x": 2.954308,
  "fwhm_y": 3.149164,
  "fwhm_z": 2.99864,
  "gcor": 0.0236616,
  "gsr_x": -0.017458878457546234,
  "gsr_y": 0.0744798332452774,
  "provenance": {
    "md5sum": "1ce10d6d9b73349979b3d021ffc98e7d",
    "settings": {
      "fd_thres": 0.2,
      "testing": false
    },
    "software": "mriqc",
    "version": "22.0.0rc1",
    "webapi_port": null,
    "webapi_url": "https://mriqc.nimh.nih.gov/api/v1"
  },
  "size_t": 150,
  "size_x": 76,
  "size_y": 76,
  "size_z": 45,
  "snr": 2.425193931983316,
  "spacing_tr": 3.0,
  "spacing_x": 2.5,
  "spacing_y": 2.5,
  "spacing_z": 2.75,
  "summary_bg_k": 21.929457122744964,
  "summary_bg_mad": 5.752492535713123,
  "summary_bg_mean": 115.74457550048828,
  "summary_bg_median": 68.95999908447266,
  "summary_bg_n": 146861.0,
  "summary_bg_p05": 63.74666976928711,
  "summary_bg_p95": 365.5333557128906,
  "summary_bg_stdv": 129.72787475585938,
  "summary_fg_k": 1.4081750369133461,
  "summary_fg_mad": 342.2537541939106,
  "summary_fg_mean": 971.7587890625,
  "summary_fg_median": 903.8333740234375,
  "summary_fg_n": 58870.0,
  "summary_fg_p05": 504.0956787109375,
  "summary_fg_p95": 1698.7977233886706,
  "summary_fg_stdv": 372.68182373046875,
  "tsnr": 41.61237643263303
}