{
  "aor": 0.009636400000000002,
  "aqi": 0.0080701852,
  "bids_meta": {
    "AcquisitionMatrixPE": 76,
    "AcquisitionNumber": 1,
    "AcquisitionTime": "13:23:25.065000",
    "BandwidthPerPixelPhaseEncode": 23.084,
    "BaseResolution": 76,
    "BodyPartExamined": "BRAIN",
    "ConsistencyInfo": "N4_VE11C_LATEST_20160120",
    "ConversionSoftware": "dcm2niix",
    "ConversionSoftwareVersion": "v1.0.20180622 (JP2:OpenJPEG) GCC6.1.0",
    "DerivedVendorReportedEchoSpacing": 0.000570001,
    "DeviceSerialNumber": "167001",
    "DwellTime": 3.3e-06,
    "EchoTime": 0.03,
    "EchoTrainLength": 76,
    "EffectiveEchoSpacing": 0.000570001,
    "FlipAngle": 90,
    "ImageOrientationPatientDICOM": [
      0.997951,
      -0.0473372,
      0.0430382,
      0.0557941,
      0.973129,
      -0.223397
    ],
    "ImageType": [
      "ORIGINAL",
      "PRIMARY",
      "M",
      "ND",
      "MOSAIC"
    ],
    "InPlanePhaseEncodingDirectionDICOM": "COL",
    "InstitutionAddress": "Cooper_60_St._Lucia_QLD_AU_4072",
    "InstitutionName": "St_Lucia_Campus",
    "InstitutionalDepartmentName": "Gehrmann_Labs_MRI",
    "MRAcquisitionType": "2D",
    "MagneticFieldStrength": 3,
    "Manufacturer": "Siemens",
    "ManufacturersModelName": "Prisma_fit",
    "Modality": "MR",
    "PartialFourier": 1,
    "PatientPosition": "HFS",
    "PercentPhaseFOV": 100,
    "PhaseEncodingDirection": "j-",
    "PhaseEncodingSteps": 76,
    "PhaseResolution": 1,
    "PixelBandwidth": 1995,
    "ProcedureStepDescription": "Research_16004_CMN",
    "ProtocolName": "ep2d_bold_SEM",
    "PulseSequenceDetails": "%SiemensSeq%_ep2d_bold",
    "ReceiveCoilActiveElements": "HC1-7;NC1,2",
    "ReceiveCoilName": "HeadNeck_64",
    "ReconMatrixPE": 76,
    "RepetitionTime": 3,
    "SAR": 0.0923405,
    "ScanOptions": "FS",
    "ScanningSequence": "EP",
    "SequenceName": "_epfid2d1_76",
    "SequenceVariant": "SK",
    "SeriesDescription": "ep2d_bold_SEM",
    "SeriesNumber": 10,
    "ShimSetting": [
      3057,
      -4055,
      -857,
      401,
      71,
      140,
      -136,
      -14
    ],
    "SliceThickness": 2.5,
    "SliceTiming": [
      0,
      1.5225,
      0.065,
      1.5875,
      0.1325,
      1.655,
      0.1975,
      1.72,
      0.265,
      1.7875,
      0.33,
      1.8525,
      0.3975,
      1.92,
      0.4625,
      1.985,
      0.53,
      2.0525,
      0.595,
      2.1175,
      0.6625,
      2.185,
      0.7275,
      2.25,
      0.795,
      2.3175,
      0.86,
      2.3825,
      0.9275,
      2.45,
      0.9925,
      2.515,
      1.06,
      2.5825,
      1.125,
      2.6475,
      1.1925,
      2.715,
      1.2575,
      2.78,
      1.325,
      2.8475,
      1.39,
      2.9125,
      1.455
    ],
    "SoftwareVersions": "syngo_MR_E11",
    "SpacingBetweenSlices": 2.75,
    "StationName": "mrc_Trio",
    "TaskName": "semantic",
    "TotalReadoutTime": 0.04275,
    "TxRefAmp": 221.322,
    "dataset": "ds001748",
    "modality": "bold",
    "subject_id": "teen04",
    "task_id": "semantic"
  },
  "dummy_trs": 0,
  "dvars_nstd": 36.37532674557046,
  "dvars_std": 1.2381250568456375,
  "dvars_vstd": 1.0313587749664423,
  "efc": 0.609992561577058,
  "fber": 160.4072265625,
  "fd_mean": 0.3073367815297276,
  "fd_num": 83,
  "fd_perc": 55.333333333333336,
  "fwhm_avg": 3.030064363636363,
  "fwhm_x": 2.93788,
  "fwhm_y": 3.162444,
  "fwhm_z": 2.9898690909090906,
  "gcor": 0.0119266,
  "gsr_x": -0.018402976915240288,
  "gsr_y": 0.0751102864742279,
  "provenance": {
    "md5sum": "5f0099e270d557358d2b03bb29e4af65",
    "settings": {
      "fd_thres": 0.2,
      "testing": false
    },
    "software": "mriqc",
    "version": "22.0.0rc1",
    "webapi_port": null,
    "webapi_url": "https://mriqc.nimh.nih.gov/api/v1"
  },
  "size_t": 150,
  "size_x": 76,
  "size_y": 76,
  "size_z": 45,
  "snr": 2.4383642255508953,
  "spacing_tr": 3.0,
  "spacing_x": 2.5,
  "spacing_y": 2.5,
  "spacing_z": 2.75,
  "summary_bg_k": 22.689208826797273,
  "summary_bg_mad": 6.612404537172114,
  "summary_bg_mean": 113.49533081054688,
  "summary_bg_median": 68.9000015258789,
  "summary_bg_n": 146407.0,
  "summary_bg_p05": 62.15999984741211,
  "summary_bg_p95": 350.0980102539061,
  "summary_bg_stdv": 126.47909545898438,
  "summary_fg_k": 1.3821528519486934,
  "summary_fg_mad": 340.0298961115812,
  "summary_fg_mean": 969.0089111328125,
  "summary_fg_median": 902.21337890625,
  "summary_fg_n": 58763.0,
  "summary_fg_p05": 503.802685546875,
  "summary_fg_p95": 1691.3453247070304,
  "summary_fg_stdv": 370.0044860839844,
  "tsnr": 44.78074613562785
}