{
  "aor": 0.002972,
  "aqi": 0.013018892866666668,
  "bids_meta": {
    "AcquisitionMatrixPE": 76,
    "AcquisitionNumber": 1,
    "AcquisitionTime": "13:15:10.972500",
    "BandwidthPerPixelPhaseEncode": 23.084,
    "BaseResolution": 76,
    "BodyPartExamined": "BRAIN",
    "ConsistencyInfo": "N4_VE11C_LATEST_20160120",
    "ConversionSoftware": "dcm2niix",
    "ConversionSoftwareVersion": "v1.0.20180622 (JP2:OpenJPEG) GCC6.1.0",
    "DerivedVendorReportedEchoSpacing": 0.000570001,
    "DeviceSerialNumber": "167001",
    "DwellTime": 3.3e-06,
    "EchoTime": 0.03,
    "EchoTrainLength": 76,
    "EffectiveEchoSpacing": 0.000570001,
    "FlipAngle": 90,
    "ImageOrientationPatientDICOM": [
      0.997951,
      -0.0473372,
      0.0430382,
      0.0557941,
      0.973129,
      -0.223397
    ],
    "ImageType": [
      "ORIGINAL",
      "PRIMARY",
      "M",
      "ND",
      "MOSAIC"
    ],
    "InPlanePhaseEncodingDirectionDICOM": "COL",
    "InstitutionAddress": "Cooper_60_St._Lucia_QLD_AU_4072",
    "InstitutionName": "St_Lucia_Campus",
    "InstitutionalDepartmentName": "Gehrmann_Labs_MRI",
    "MRAcquisitionType": "2D",
    "MagneticFieldStrength": 3,
    "Manufacturer": "Siemens",
    "ManufacturersModelName": "Prisma_fit",
    "Modality": "MR",
    "PartialFourier": 1,
    "PatientPosition": "HFS",
    "PercentPhaseFOV": 100,
    "PhaseEncodingDirection": "j-",
    "PhaseEncodingSteps": 76,
    "PhaseResolution": 1,
    "PixelBandwidth": 1995,
    "ProcedureStepDescription": "Research_16004_CMN",
    "ProtocolName": "ep2d_bold_AUTO",
    "PulseSequenceDetails": "%SiemensSeq%_ep2d_bold",
    "ReceiveCoilActiveElements": "HC1-7;NC1,2",
    "ReceiveCoilName": "HeadNeck_64",
    "ReconMatrixPE": 76,
    "RepetitionTime": 3,
    "SAR": 0.0923405,
    "ScanOptions": "FS",
    "ScanningSequence": "EP",
    "SequenceName": "_epfid2d1_76",
    "SequenceVariant": "SK",
    "SeriesDescription": "ep2d_bold_AUTO",
    "SeriesNumber": 9,
    "ShimSetting": [
      3057,
      -4055,
      -857,
      401,
      71,
      140,
      -136,
      -14
    ],
    "SliceThickness": 2.5,
    "SliceTiming": [
      0,
      1.525,
      0.0675,
      1.59,
      0.1325,
      1.6575,
      0.2,
      1.7225,
      0.265,
      1.79,
      0.3325,
      1.855,
      0.3975,
      1.9225,
      0.465,
      1.9875,
      0.53,
      2.055,
      0.5975,
      2.12,
      0.6625,
      2.1875,
      0.73,
      2.2525,
      0.795,
      2.32,
      0.8625,
      2.385,
      0.9275,
      2.45,
      0.995,
      2.5175,
      1.06,
      2.5825,
      1.1275,
      2.65,
      1.1925,
      2.715,
      1.26,
      2.7825,
      1.325,
      2.8475,
      1.3925,
      2.915,
      1.4575
    ],
    "SoftwareVersions": "syngo_MR_E11",
    "SpacingBetweenSlices": 2.75,
    "StationName": "mrc_Trio",
    "TaskName": "autobio",
    "TotalReadoutTime": 0.04275,
    "TxRefAmp": 221.322,
    "dataset": "ds001748",
    "modality": "bold",
    "subject_id": "teen04",
    "task_id": "autobio"
  },
  "dummy_trs": 0,
  "dvars_nstd": 32.00100982,
  "dvars_std": 0.9874426948322151,
  "dvars_vstd": 0.8721700648993286,
  "efc": 0.6089087331704411,
  "fber": 155.76519775390625,
  "fd_mean": 0.2590764339225184,
  "fd_num": 65,
  "fd_perc": 43.333333333333336,
  "fwhm_avg": 3.017307515151515,
  "fwhm_x": 2.929292,
  "fwhm_y": 3.127056,
  "fwhm_z": 2.9955745454545455,
  "gcor": 0.0253619,
  "gsr_x": -0.015201486647129059,
  "gsr_y": 0.07703238725662231,
  "provenance": {
    "md5sum": "d53193a9c2732f0cf9be840f342fa93d",
    "settings": {
      "fd_thres": 0.2,
      "testing": false
    },
    "software": "mriqc",
    "version": "22.0.0rc1",
    "webapi_port": null,
    "webapi_url": "https://mriqc.nimh.nih.gov/api/v1"
  },
  "size_t": 150,
  "size_x": 76,
  "size_y": 76,
  "size_z": 45,
  "snr": 2.443927978400717,
  "spacing_tr": 3.0,
  "spacing_x": 2.5,
  "spacing_y": 2.5,
  "spacing_z": 2.75,
  "summary_bg_k": 23.723734004752085,
  "summary_bg_mad": 8.174084454267595,
  "summary_bg_mean": 111.2027359008789,
  "summary_bg_median": 69.22666931152344,
  "summary_bg_n": 146779.0,
  "summary_bg_p05": 60.45333480834961,
  "summary_bg_p95": 336.4466857910156,
  "summary_bg_stdv": 121.50375366210938,
  "summary_fg_k": 1.3562933563718484,
  "summary_fg_mad": 335.92305900924606,
  "summary_fg_mean": 959.232421875,
  "summary_fg_median": 892.7166748046875,
  "summary_fg_n": 58610.0,
  "summary_fg_p05": 500.52901458740234,
  "summary_fg_p95": 1673.7390441894524,
  "summary_fg_stdv": 365.2763366699219,
  "tsnr": 33.69172747526318
}