{
  "bids_meta": {
    "AcquisitionMatrixPE": 240,
    "AcquisitionNumber": 1,
    "AcquisitionTime": "11:54:37.847500",
    "BaseResolution": 256,
    "BodyPartExamined": "BRAIN",
    "ConsistencyInfo": "N4_VE11C_LATEST_20160120",
    "ConversionSoftware": "dcm2niix",
    "ConversionSoftwareVersion": "v1.0.20180622 (JP2:OpenJPEG) GCC6.1.0",
    "DeviceSerialNumber": "167001",
    "DwellTime": 8.1e-06,
    "EchoTime": 0.00291,
    "ImageComments": "DENOISED_IMAGE_(lambda_=_1)",
    "ImageOrientationPatientDICOM": [
      0.00572369,
      0.999874,
      0.0148273,
      0.0318948,
      0.0146374,
      -0.999384
    ],
    "ImageType": [
      "DERIVED",
      "PRIMARY",
      "M",
      "UNI",
      "DIS3D",
      "DIS2D"
    ],
    "InPlanePhaseEncodingDirectionDICOM": "ROW",
    "InstitutionAddress": "Cooper_60_St._Lucia_QLD_AU_4072",
    "InstitutionName": "St_Lucia_Campus",
    "InstitutionalDepartmentName": "Gehrmann_Labs_MRI",
    "MRAcquisitionType": "3D",
    "MagneticFieldStrength": 3,
    "Manufacturer": "Siemens",
    "ManufacturersModelName": "Prisma_fit",
    "Modality": "MR",
    "ParallelReductionFactorInPlane": 3,
    "PartialFourier": 0.75,
    "PatientPosition": "HFS",
    "PercentPhaseFOV": 93.75,
    "PhaseEncodingSteps": 181,
    "PhaseResolution": 1,
    "PixelBandwidth": 240,
    "ProcedureStepDescription": "Research_16004_CMN",
    "ProtocolName": "MP2RAGE_wip900C_VE11C",
    "PulseSequenceDetails": "%CustomerSeq%_tfl_wip900C_VE11C",
    "RawImage": true,
    "ReceiveCoilActiveElements": "HC1-7;NC1,2",
    "ReceiveCoilName": "HeadNeck_64",
    "ReconMatrixPE": 256,
    "RepetitionTime": 4,
    "SAR": 0.0515281,
    "ScanOptions": "IR_PFP",
    "ScanningSequence": "GR_IR",
    "SequenceName": "tfl3d1_16ns",
    "SequenceVariant": "SK_SP_MP",
    "SeriesDescription": "MP2RAGE_wip900C_VE11C_UNI-DEN",
    "SeriesNumber": 8,
    "ShimSetting": [
      3060,
      -4173,
      -839,
      491,
      6,
      -126,
      122,
      14
    ],
    "SliceThickness": 1,
    "SoftwareVersions": "syngo_MR_E11",
    "StationName": "mrc_Trio",
    "TxRefAmp": 219.313,
    "dataset": "ds001748",
    "modality": "T1w",
    "subject_id": "teen11"
  },
  "cjv": 0.2855542729131603,
  "cnr": 4.616493894960875,
  "efc": 0.5517117900654928,
  "fber": 662504.625,
  "fwhm_avg": 3.882355246542128,
  "fwhm_x": 3.839825739626384,
  "fwhm_y": 4.21828,
  "fwhm_z": 3.58896,
  "icvs_csf": 0.24573746049843118,
  "icvs_gm": 0.41312906314868475,
  "icvs_wm": 0.34113347635288405,
  "inu_med": 0.8389316201210022,
  "inu_range": 0.18109926581382751,
  "provenance": {
    "md5sum": "05767ccb37b2dde62b0808fe2130afb1",
    "settings": {
      "testing": false
    },
    "software": "mriqc",
    "version": "22.0.0rc1",
    "warnings": {
      "large_rot_frame": true,
      "small_air_mask": false
    },
    "webapi_port": null,
    "webapi_url": "https://mriqc.nimh.nih.gov/api/v1"
  },
  "qi_1": 0.005706966366415999,
  "qi_2": 0.00021591688328548433,
  "rpve_csf": 19.615309638184886,
  "rpve_gm": 11.556960935968103,
  "rpve_wm": 18.18134886973365,
  "size_x": 176,
  "size_y": 240,
  "size_z": 256,
  "snr_csf": 3.002250884384443,
  "snr_gm": 11.826659336481429,
  "snr_total": 14.28115567380321,
  "snr_wm": 28.01455680054376,
  "snrd_csf": 132.44708090944522,
  "snrd_gm": 247.0758622430927,
  "snrd_total": 247.16597628291004,
  "snrd_wm": 361.9749856961922,
  "spacing_x": 1.0000063180923462,
  "spacing_y": 1.0,
  "spacing_z": 1.0,
  "summary_bg_k": 107.98409024156153,
  "summary_bg_mad": 0.8099029003622636,
  "summary_bg_mean": 3.174938201904297,
  "summary_bg_median": 0.5462712049484253,
  "summary_bg_n": 2746889.0,
  "summary_bg_p05": 0.0,
  "summary_bg_p95": 13.957056999206568,
  "summary_bg_stdv": 11.073152542114258,
  "summary_csf_k": 0.07081090620365016,
  "summary_csf_mad": 93.46447814989713,
  "summary_csf_mean": 334.9064025878906,
  "summary_csf_median": 365.9029846191406,
  "summary_csf_n": 11223.0,
  "summary_csf_p05": 77.8089225769043,
  "summary_csf_p95": 493.065869140625,
  "summary_csf_stdv": 121.87078857421875,
  "summary_gm_k": -0.02989852543195015,
  "summary_gm_mad": 57.360888054177366,
  "summary_gm_mean": 679.84228515625,
  "summary_gm_median": 682.5805053710938,
  "summary_gm_n": 31039.0,
  "summary_gm_p05": 578.6818359375,
  "summary_gm_p95": 769.7607727050781,
  "summary_gm_stdv": 57.714481353759766,
  "summary_wm_k": 0.7015779330170355,
  "summary_wm_mad": 33.28099925101598,
  "summary_wm_mean": 999.9336547851562,
  "summary_wm_median": 1000.0048828125,
  "summary_wm_n": 182655.0,
  "summary_wm_p05": 941.0798767089843,
  "summary_wm_p95": 1058.07744140625,
  "summary_wm_stdv": 35.695804595947266,
  "tpm_overlap_csf": 0.1548129767179489,
  "tpm_overlap_gm": 0.4277400076389313,
  "tpm_overlap_wm": 0.4949904680252075,
  "wm2max": 0.881362886042517
}