{
  "bids_meta": {
    "AcquisitionMatrixPE": 240,
    "AcquisitionNumber": 1,
    "AcquisitionTime": "15:38:17.137500",
    "BaseResolution": 256,
    "ConversionSoftware": "dcm2niix",
    "ConversionSoftwareVersion": "v1.0.20180622 (JP2:OpenJPEG) GCC6.1.0",
    "DeviceSerialNumber": "35410",
    "EchoTime": 0.00289,
    "ImageOrientationPatientDICOM": [
      -0.0191976,
      0.999816,
      -2.91628e-08,
      0.00348892,
      6.6962e-05,
      -0.999994
    ],
    "ImageType": [
      "ORIGINAL",
      "PRIMARY",
      "M",
      "ND",
      "UNI"
    ],
    "InPlanePhaseEncodingDirectionDICOM": "ROW",
    "InstitutionAddress": "Cooper_60_St._Lucia_QLD_AU_4072",
    "InstitutionName": "St_Lucia_Campus",
    "MRAcquisitionType": "3D",
    "MagneticFieldStrength": 3,
    "Manufacturer": "Siemens",
    "ManufacturersModelName": "TrioTim",
    "Modality": "MR",
    "ParallelReductionFactorInPlane": 3,
    "PartialFourier": 0.75,
    "PatientPosition": "HFS",
    "PercentPhaseFOV": 93.75,
    "PhaseEncodingSteps": 181,
    "PhaseResolution": 1,
    "PixelBandwidth": 241,
    "ProcedureStepDescription": "RESEARCH_3T_Research",
    "ProtocolName": "mp2rage",
    "PulseSequenceDetails": "%CustomerSeq%_mp2rage_wip820B17",
    "ReceiveCoilName": "32Ch_Head",
    "ReconMatrixPE": 256,
    "RepetitionTime": 4,
    "SAR": 0.129991,
    "ScanOptions": "IR_PFP",
    "ScanningSequence": "GR_IR",
    "SequenceName": "tfl3d1_ns",
    "SequenceVariant": "SP_MP",
    "SeriesDescription": "mp2rage_UNI-DEN",
    "SeriesNumber": 4,
    "ShimSetting": [
      6861,
      -11241,
      -2624,
      -31,
      -19,
      31,
      -77,
      20
    ],
    "SliceThickness": 1,
    "SoftwareVersions": "syngo_MR_B17",
    "StationName": "mrc_Trio",
    "TxRefAmp": 309.847,
    "dataset": "ds001748",
    "modality": "T1w",
    "subject_id": "child13"
  },
  "cjv": 0.24674613638504678,
  "cnr": 5.3065720072618,
  "efc": 0.49812149731829053,
  "fber": 2895.102294921875,
  "fwhm_avg": 3.8147235102600483,
  "fwhm_x": 3.9239005307801436,
  "fwhm_y": 4.02522,
  "fwhm_z": 3.49505,
  "icvs_csf": 0.15787111158313505,
  "icvs_gm": 0.49773405919599717,
  "icvs_wm": 0.3443948292208678,
  "inu_med": 0.875690758228302,
  "inu_range": 0.18037221729755404,
  "provenance": {
    "md5sum": "9a09ae97c5e0a9916180a6a16ad1cb1b",
    "settings": {
      "testing": false
    },
    "software": "mriqc",
    "version": "22.0.0rc1",
    "warnings": {
      "large_rot_frame": true,
      "small_air_mask": false
    },
    "webapi_port": null,
    "webapi_url": "https://mriqc.nimh.nih.gov/api/v1"
  },
  "qi_1": 1.9325814218730198e-05,
  "qi_2": 0.0017816548155882039,
  "rpve_csf": 31.822492803121268,
  "rpve_gm": 11.961157760200367,
  "rpve_wm": 19.667741651924533,
  "size_x": 176,
  "size_y": 240,
  "size_z": 256,
  "snr_csf": 0.8376191242482407,
  "snr_gm": 10.172796660739456,
  "snr_total": 11.607859054667221,
  "snr_wm": 23.813161379013962,
  "snrd_csf": 56.27549063644232,
  "snrd_gm": 111.06467217490346,
  "snrd_total": 116.41548485130703,
  "snrd_wm": 181.9062917425753,
  "spacing_x": 1.0000075101852417,
  "spacing_y": 1.0,
  "spacing_z": 1.0,
  "summary_bg_k": 53.92017236315993,
  "summary_bg_mad": 3.6015205977945954,
  "summary_bg_mean": 12.49149227142334,
  "summary_bg_median": 11.706534385681152,
  "summary_bg_n": 2941529.0,
  "summary_bg_p05": 7.155022716522216,
  "summary_bg_p95": 20.289571380615236,
  "summary_bg_stdv": 4.494704246520996,
  "summary_csf_k": 3.3933191133031864,
  "summary_csf_mad": 171.15293846407747,
  "summary_csf_mean": 367.4161071777344,
  "summary_csf_median": 309.36663818359375,
  "summary_csf_n": 4478.0,
  "summary_csf_p05": 43.34763851165772,
  "summary_csf_p95": 1411.0351989746093,
  "summary_csf_stdv": 369.2992248535156,
  "summary_gm_k": -0.08634268086386543,
  "summary_gm_mad": 60.84641492505132,
  "summary_gm_mean": 610.6236572265625,
  "summary_gm_median": 610.5625,
  "summary_gm_n": 46206.0,
  "summary_gm_p05": 512.5823669433594,
  "summary_gm_p95": 708.9761352539062,
  "summary_gm_stdv": 60.018489837646484,
  "summary_wm_k": 1.5158906785633635,
  "summary_wm_mad": 35.24686789700749,
  "summary_wm_mean": 996.4881591796875,
  "summary_wm_median": 1000.00439453125,
  "summary_wm_n": 154868.0,
  "summary_wm_p05": 918.6890106201172,
  "summary_wm_p95": 1057.8071166992188,
  "summary_wm_stdv": 41.99363327026367,
  "tpm_overlap_csf": 0.16400493681430817,
  "tpm_overlap_gm": 0.46185052394866943,
  "tpm_overlap_wm": 0.49999213218688965,
  "wm2max": 0.678506018611038
}