{
  "bids_meta": {
    "AcquisitionMatrixPE": 240,
    "AcquisitionNumber": 1,
    "AcquisitionTime": "13:08:56.845000",
    "BaseResolution": 256,
    "BodyPartExamined": "BRAIN",
    "ConsistencyInfo": "N4_VE11C_LATEST_20160120",
    "ConversionSoftware": "dcm2niix",
    "ConversionSoftwareVersion": "v1.0.20180622 (JP2:OpenJPEG) GCC6.1.0",
    "DeviceSerialNumber": "167001",
    "DwellTime": 8.1e-06,
    "EchoTime": 0.00291,
    "ImageComments": "DENOISED_IMAGE_(lambda_=_1)",
    "ImageOrientationPatientDICOM": [
      0.0508637,
      0.997512,
      -0.0488137,
      0.0359367,
      -0.0506733,
      -0.998069
    ],
    "ImageType": [
      "DERIVED",
      "PRIMARY",
      "M",
      "UNI",
      "DIS3D",
      "DIS2D"
    ],
    "InPlanePhaseEncodingDirectionDICOM": "ROW",
    "InstitutionAddress": "Cooper_60_St._Lucia_QLD_AU_4072",
    "InstitutionName": "St_Lucia_Campus",
    "InstitutionalDepartmentName": "Gehrmann_Labs_MRI",
    "MRAcquisitionType": "3D",
    "MagneticFieldStrength": 3,
    "Manufacturer": "Siemens",
    "ManufacturersModelName": "Prisma_fit",
    "Modality": "MR",
    "ParallelReductionFactorInPlane": 3,
    "PartialFourier": 0.75,
    "PatientPosition": "HFS",
    "PercentPhaseFOV": 93.75,
    "PhaseEncodingSteps": 181,
    "PhaseResolution": 1,
    "PixelBandwidth": 240,
    "ProcedureStepDescription": "Research_16004_CMN",
    "ProtocolName": "MP2RAGE_wip900C_VE11C",
    "PulseSequenceDetails": "%CustomerSeq%_tfl_wip900C_VE11C",
    "RawImage": true,
    "ReceiveCoilActiveElements": "HC1-7;NC1,2",
    "ReceiveCoilName": "HeadNeck_64",
    "ReconMatrixPE": 256,
    "RepetitionTime": 4,
    "SAR": 0.0635876,
    "ScanOptions": "IR_PFP",
    "ScanningSequence": "GR_IR",
    "SequenceName": "tfl3d1_16ns",
    "SequenceVariant": "SK_SP_MP",
    "SeriesDescription": "MP2RAGE_wip900C_VE11C_UNI-DEN",
    "SeriesNumber": 8,
    "ShimSetting": [
      3055,
      -4070,
      -892,
      223,
      -17,
      -281,
      56,
      -42
    ],
    "SliceThickness": 1,
    "SoftwareVersions": "syngo_MR_E11",
    "StationName": "mrc_Trio",
    "TxRefAmp": 221.322,
    "dataset": "ds001748",
    "modality": "T1w",
    "subject_id": "teen04"
  },
  "cjv": 0.32713499868026047,
  "cnr": 3.942433352037155,
  "efc": 0.5230896231574774,
  "fber": 549047.25,
  "fwhm_avg": 3.7618659295494807,
  "fwhm_x": 3.9281575602327,
  "fwhm_y": 3.8321802284157416,
  "fwhm_z": 3.52526,
  "icvs_csf": 0.16694812728704203,
  "icvs_gm": 0.46831231356035585,
  "icvs_wm": 0.36473955915260214,
  "inu_med": 1.0692869424819946,
  "inu_range": 0.19957174658775323,
  "provenance": {
    "md5sum": "2f92b739d8b7ee1c84bf5621dcaf6aab",
    "settings": {
      "testing": false
    },
    "software": "mriqc",
    "version": "22.0.0rc1",
    "warnings": {
      "large_rot_frame": true,
      "small_air_mask": false
    },
    "webapi_port": null,
    "webapi_url": "https://mriqc.nimh.nih.gov/api/v1"
  },
  "qi_1": 0.015106728653867477,
  "qi_2": 0.0005177508239055297,
  "rpve_csf": 30.247460666048337,
  "rpve_gm": 12.330355498996646,
  "rpve_wm": 18.28398229018141,
  "size_x": 176,
  "size_y": 240,
  "size_z": 256,
  "snr_csf": 1.8425095423378972,
  "snr_gm": 11.895171350343578,
  "snr_total": 11.256913810742326,
  "snr_wm": 20.033060539545502,
  "snrd_csf": 93.22088225132386,
  "snrd_gm": 231.31651405746757,
  "snrd_total": 219.54084120053787,
  "snrd_wm": 334.0851272928221,
  "spacing_x": 0.9999955296516418,
  "spacing_y": 0.9999999403953552,
  "spacing_z": 1.0,
  "summary_bg_k": 127.71984476286588,
  "summary_bg_mad": 0.9610155637293313,
  "summary_bg_mean": 3.6231255531311035,
  "summary_bg_median": 0.6481951475143433,
  "summary_bg_n": 2774865.0,
  "summary_bg_p05": 0.0,
  "summary_bg_p95": 13.30767936706541,
  "summary_bg_stdv": 14.431828498840332,
  "summary_csf_k": 3.5170591199559835,
  "summary_csf_mad": 176.76690080745323,
  "summary_csf_mean": 280.2361145019531,
  "summary_csf_median": 279.0374755859375,
  "summary_csf_n": 5650.0,
  "summary_csf_p05": 56.962538719177246,
  "summary_csf_p95": 505.38609466552737,
  "summary_csf_stdv": 151.43084716796875,
  "summary_gm_k": -0.06497533349687812,
  "summary_gm_mad": 58.251680060950385,
  "summary_gm_mean": 690.3944091796875,
  "summary_gm_median": 692.3982543945312,
  "summary_gm_n": 45210.0,
  "summary_gm_p05": 590.3206298828125,
  "summary_gm_p95": 783.2493225097656,
  "summary_gm_stdv": 58.20770263671875,
  "summary_wm_k": 1.5362349495545553,
  "summary_wm_mad": 42.38048846526573,
  "summary_wm_mean": 1003.1548461914062,
  "summary_wm_median": 1000.014892578125,
  "summary_wm_n": 159276.0,
  "summary_wm_p05": 928.8795318603516,
  "summary_wm_p95": 1090.1755676269531,
  "summary_wm_stdv": 49.91807174682617,
  "tpm_overlap_csf": 0.16724270582199097,
  "tpm_overlap_gm": 0.4501568078994751,
  "tpm_overlap_wm": 0.45157304406166077,
  "wm2max": 0.7932636426425453
}