{
  "aor": 0.0017826,
  "aqi": 0.006343516533333333,
  "bids_meta": {
    "AcquisitionMatrixPE": 76,
    "AcquisitionNumber": 1,
    "AcquisitionTime": "10:32:8.410000",
    "BandwidthPerPixelPhaseEncode": 23.084,
    "BaseResolution": 76,
    "ConversionSoftware": "dcm2niix",
    "ConversionSoftwareVersion": "v1.0.20180622 (JP2:OpenJPEG) GCC6.1.0",
    "DerivedVendorReportedEchoSpacing": 0.000570001,
    "DeviceSerialNumber": "35410",
    "DwellTime": 3.3e-06,
    "EchoTime": 0.03,
    "EffectiveEchoSpacing": 0.000570001,
    "FlipAngle": 90,
    "ImageOrientationPatientDICOM": [
      0.999926,
      -0.00364014,
      -0.0116153,
      3.85471e-08,
      0.954238,
      -0.299047
    ],
    "ImageType": [
      "ORIGINAL",
      "PRIMARY",
      "M",
      "ND",
      "MOSAIC"
    ],
    "InPlanePhaseEncodingDirectionDICOM": "COL",
    "InstitutionAddress": "Cooper_60_St._Lucia_QLD_AU_4072",
    "InstitutionName": "St_Lucia_Campus",
    "InstitutionalDepartmentName": "Gehrmann_Labs_MRI",
    "MRAcquisitionType": "2D",
    "MagneticFieldStrength": 3,
    "Manufacturer": "Siemens",
    "ManufacturersModelName": "TrioTim",
    "Modality": "MR",
    "PartialFourier": 1,
    "PatientPosition": "HFS",
    "PercentPhaseFOV": 100,
    "PhaseEncodingDirection": "j-",
    "PhaseEncodingSteps": 76,
    "PhaseResolution": 1,
    "PixelBandwidth": 1994,
    "ProcedureStepDescription": "Brain_-_UQ_fMRI",
    "ProtocolName": "EPI",
    "PulseSequenceDetails": "%SiemensSeq%_ep2d_pace",
    "ReceiveCoilName": "32Ch_Head",
    "ReconMatrixPE": 76,
    "RepetitionTime": 3,
    "SAR": 0.169887,
    "ScanOptions": "FS",
    "ScanningSequence": "EP",
    "SequenceName": "_epfid2d1_76",
    "SequenceVariant": "SK",
    "SeriesDescription": "EPI",
    "SeriesNumber": 4,
    "ShimSetting": [
      6820,
      -11306,
      -2148,
      682,
      81,
      216,
      30,
      6
    ],
    "SliceThickness": 2.5,
    "SliceTiming": [
      0,
      1.5275,
      0.065,
      1.595,
      0.1325,
      1.66,
      0.1975,
      1.7275,
      0.265,
      1.795,
      0.3325,
      1.86,
      0.3975,
      1.9275,
      0.465,
      1.9925,
      0.53,
      2.06,
      0.5975,
      2.1275,
      0.665,
      2.1925,
      0.73,
      2.26,
      0.7975,
      2.325,
      0.8625,
      2.3925,
      0.93,
      2.46,
      0.9975,
      2.525,
      1.0625,
      2.5925,
      1.13,
      2.6575,
      1.195,
      2.725,
      1.2625,
      2.79,
      1.33,
      2.8575,
      1.395,
      2.925,
      1.4625
    ],
    "SoftwareVersions": "syngo_MR_B17",
    "SpacingBetweenSlices": 2.75,
    "StationName": "mrc_Trio",
    "TaskName": "episodic",
    "TotalReadoutTime": 0.04275,
    "TxRefAmp": 387.337,
    "dataset": "ds001748",
    "modality": "bold",
    "subject_id": "adult18",
    "task_id": "episodic"
  },
  "dummy_trs": 0,
  "dvars_nstd": 26.84271135228189,
  "dvars_std": 1.0913201783221478,
  "dvars_vstd": 0.9727085024832213,
  "efc": 0.6465988381649198,
  "fber": 187.56785583496094,
  "fd_mean": 0.06583252765202412,
  "fd_num": 7,
  "fd_perc": 4.666666666666667,
  "fwhm_avg": 2.5109106666666663,
  "fwhm_x": 2.45794,
  "fwhm_y": 2.566672,
  "fwhm_z": 2.50812,
  "gcor": 0.0237495,
  "gsr_x": -0.017229819670319557,
  "gsr_y": 0.1090111956000328,
  "provenance": {
    "md5sum": "60414d62224ad9e25e590723d1ceeace",
    "settings": {
      "fd_thres": 0.2,
      "testing": false
    },
    "software": "mriqc",
    "version": "22.0.0rc1",
    "webapi_port": null,
    "webapi_url": "https://mriqc.nimh.nih.gov/api/v1"
  },
  "size_t": 150,
  "size_x": 76,
  "size_y": 76,
  "size_z": 45,
  "snr": 2.800202911931378,
  "spacing_tr": 3.0,
  "spacing_x": 2.5,
  "spacing_y": 2.5,
  "spacing_z": 2.75,
  "summary_bg_k": 26.525982412372876,
  "summary_bg_mad": 10.36833505897445,
  "summary_bg_mean": 82.99630737304688,
  "summary_bg_median": 43.76000213623047,
  "summary_bg_n": 133295.0,
  "summary_bg_p05": 36.253334045410156,
  "summary_bg_p95": 282.4053436279292,
  "summary_bg_stdv": 97.8261489868164,
  "summary_fg_k": 2.592860555194865,
  "summary_fg_mad": 196.10875615057498,
  "summary_fg_mean": 664.7213745117188,
  "summary_fg_median": 623.6666870117188,
  "summary_fg_n": 71193.0,
  "summary_fg_p05": 380.8080200195312,
  "summary_fg_p95": 1078.7146972656246,
  "summary_fg_stdv": 222.72039794921875,
  "tsnr": 54.99478099029511
}