{
  "aor": 0.009796866666666666,
  "aqi": 0.016375927933333333,
  "bids_meta": {
    "AcquisitionMatrixPE": 76,
    "AcquisitionNumber": 1,
    "AcquisitionTime": "10:15:43.517500",
    "BandwidthPerPixelPhaseEncode": 23.084,
    "BaseResolution": 76,
    "ConversionSoftware": "dcm2niix",
    "ConversionSoftwareVersion": "v1.0.20180622 (JP2:OpenJPEG) GCC6.1.0",
    "DerivedVendorReportedEchoSpacing": 0.000570001,
    "DeviceSerialNumber": "35410",
    "DwellTime": 3.3e-06,
    "EchoTime": 0.03,
    "EffectiveEchoSpacing": 0.000570001,
    "FlipAngle": 90,
    "ImageOrientationPatientDICOM": [
      0.999926,
      -0.00364014,
      -0.0116153,
      3.85471e-08,
      0.954238,
      -0.299047
    ],
    "ImageType": [
      "ORIGINAL",
      "PRIMARY",
      "M",
      "ND",
      "MOSAIC"
    ],
    "InPlanePhaseEncodingDirectionDICOM": "COL",
    "InstitutionAddress": "Cooper_60_St._Lucia_QLD_AU_4072",
    "InstitutionName": "St_Lucia_Campus",
    "InstitutionalDepartmentName": "Gehrmann_Labs_MRI",
    "MRAcquisitionType": "2D",
    "MagneticFieldStrength": 3,
    "Manufacturer": "Siemens",
    "ManufacturersModelName": "TrioTim",
    "Modality": "MR",
    "PartialFourier": 1,
    "PatientPosition": "HFS",
    "PercentPhaseFOV": 100,
    "PhaseEncodingDirection": "j-",
    "PhaseEncodingSteps": 76,
    "PhaseResolution": 1,
    "PixelBandwidth": 1994,
    "ProcedureStepDescription": "Brain_-_UQ_fMRI",
    "ProtocolName": "AUTO",
    "PulseSequenceDetails": "%SiemensSeq%_ep2d_pace",
    "ReceiveCoilName": "32Ch_Head",
    "ReconMatrixPE": 76,
    "RepetitionTime": 3,
    "SAR": 0.169887,
    "ScanOptions": "FS",
    "ScanningSequence": "EP",
    "SequenceName": "_epfid2d1_76",
    "SequenceVariant": "SK",
    "SeriesDescription": "AUTO",
    "SeriesNumber": 2,
    "ShimSetting": [
      6820,
      -11306,
      -2148,
      682,
      81,
      216,
      30,
      6
    ],
    "SliceThickness": 2.5,
    "SliceTiming": [
      0,
      1.5275,
      0.065,
      1.595,
      0.1325,
      1.6625,
      0.2,
      1.7275,
      0.265,
      1.795,
      0.3325,
      1.86,
      0.3975,
      1.9275,
      0.465,
      1.995,
      0.5325,
      2.06,
      0.5975,
      2.1275,
      0.665,
      2.1925,
      0.73,
      2.26,
      0.7975,
      2.3275,
      0.865,
      2.3925,
      0.93,
      2.46,
      0.9975,
      2.525,
      1.0625,
      2.5925,
      1.13,
      2.6575,
      1.195,
      2.725,
      1.2625,
      2.7925,
      1.33,
      2.8575,
      1.395,
      2.925,
      1.4625
    ],
    "SoftwareVersions": "syngo_MR_B17",
    "SpacingBetweenSlices": 2.75,
    "StationName": "mrc_Trio",
    "TaskName": "autobio",
    "TotalReadoutTime": 0.04275,
    "TxRefAmp": 387.337,
    "dataset": "ds001748",
    "modality": "bold",
    "subject_id": "adult18",
    "task_id": "autobio"
  },
  "dummy_trs": 0,
  "dvars_nstd": 33.10362992489933,
  "dvars_std": 1.012899469127517,
  "dvars_vstd": 0.9386915913422818,
  "efc": 0.6446011740703398,
  "fber": 182.87811279296875,
  "fd_mean": 0.15586592189164808,
  "fd_num": 16,
  "fd_perc": 10.666666666666666,
  "fwhm_avg": 2.559406909090909,
  "fwhm_x": 2.52902,
  "fwhm_y": 2.6252880000000003,
  "fwhm_z": 2.523912727272727,
  "gcor": 0.0060194,
  "gsr_x": -0.01485750824213028,
  "gsr_y": 0.0976872518658638,
  "provenance": {
    "md5sum": "92daf202d564c4b2dce5ea888176ae20",
    "settings": {
      "fd_thres": 0.2,
      "testing": false
    },
    "software": "mriqc",
    "version": "22.0.0rc1",
    "webapi_port": null,
    "webapi_url": "https://mriqc.nimh.nih.gov/api/v1"
  },
  "size_t": 150,
  "size_x": 76,
  "size_y": 76,
  "size_z": 45,
  "snr": 2.7772349401361494,
  "spacing_tr": 3.0,
  "spacing_x": 2.5,
  "spacing_y": 2.5,
  "spacing_z": 2.75,
  "summary_bg_k": 24.030446127778465,
  "summary_bg_mad": 11.752092982082017,
  "summary_bg_mean": 82.49463653564453,
  "summary_bg_median": 44.77333450317383,
  "summary_bg_n": 133228.0,
  "summary_bg_p05": 35.85333251953125,
  "summary_bg_p95": 272.23733825683576,
  "summary_bg_stdv": 92.01187896728516,
  "summary_fg_k": 2.606974779451166,
  "summary_fg_mad": 199.1925941025069,
  "summary_fg_mean": 670.3959350585938,
  "summary_fg_median": 628.3400268554688,
  "summary_fg_n": 70813.0,
  "summary_fg_p05": 383.4266662597656,
  "summary_fg_p95": 1090.9053710937496,
  "summary_fg_stdv": 226.24502563476562,
  "tsnr": 33.00420302187558
}