{
  "aor": 0.003422533333333333,
  "aqi": 0.009209010133333332,
  "bids_meta": {
    "AcquisitionMatrixPE": 76,
    "AcquisitionNumber": 1,
    "AcquisitionTime": "10:23:55.032500",
    "BandwidthPerPixelPhaseEncode": 23.084,
    "BaseResolution": 76,
    "ConversionSoftware": "dcm2niix",
    "ConversionSoftwareVersion": "v1.0.20180622 (JP2:OpenJPEG) GCC6.1.0",
    "DerivedVendorReportedEchoSpacing": 0.000570001,
    "DeviceSerialNumber": "35410",
    "DwellTime": 3.3e-06,
    "EchoTime": 0.03,
    "EffectiveEchoSpacing": 0.000570001,
    "FlipAngle": 90,
    "ImageOrientationPatientDICOM": [
      0.999926,
      -0.00364014,
      -0.0116153,
      3.85471e-08,
      0.954238,
      -0.299047
    ],
    "ImageType": [
      "ORIGINAL",
      "PRIMARY",
      "M",
      "ND",
      "MOSAIC"
    ],
    "InPlanePhaseEncodingDirectionDICOM": "COL",
    "InstitutionAddress": "Cooper_60_St._Lucia_QLD_AU_4072",
    "InstitutionName": "St_Lucia_Campus",
    "InstitutionalDepartmentName": "Gehrmann_Labs_MRI",
    "MRAcquisitionType": "2D",
    "MagneticFieldStrength": 3,
    "Manufacturer": "Siemens",
    "ManufacturersModelName": "TrioTim",
    "Modality": "MR",
    "PartialFourier": 1,
    "PatientPosition": "HFS",
    "PercentPhaseFOV": 100,
    "PhaseEncodingDirection": "j-",
    "PhaseEncodingSteps": 76,
    "PhaseResolution": 1,
    "PixelBandwidth": 1994,
    "ProcedureStepDescription": "Brain_-_UQ_fMRI",
    "ProtocolName": "SEM",
    "PulseSequenceDetails": "%SiemensSeq%_ep2d_pace",
    "ReceiveCoilName": "32Ch_Head",
    "ReconMatrixPE": 76,
    "RepetitionTime": 3,
    "SAR": 0.169887,
    "ScanOptions": "FS",
    "ScanningSequence": "EP",
    "SequenceName": "_epfid2d1_76",
    "SequenceVariant": "SK",
    "SeriesDescription": "SEM",
    "SeriesNumber": 3,
    "ShimSetting": [
      6820,
      -11306,
      -2148,
      682,
      81,
      216,
      30,
      6
    ],
    "SliceThickness": 2.5,
    "SliceTiming": [
      0,
      1.5275,
      0.065,
      1.595,
      0.1325,
      1.6625,
      0.2,
      1.7275,
      0.265,
      1.795,
      0.3325,
      1.86,
      0.3975,
      1.9275,
      0.465,
      1.9925,
      0.53,
      2.06,
      0.5975,
      2.1275,
      0.665,
      2.1925,
      0.73,
      2.26,
      0.7975,
      2.325,
      0.8625,
      2.3925,
      0.93,
      2.46,
      0.9975,
      2.525,
      1.0625,
      2.5925,
      1.13,
      2.6575,
      1.195,
      2.725,
      1.2625,
      2.7925,
      1.33,
      2.8575,
      1.395,
      2.925,
      1.4625
    ],
    "SoftwareVersions": "syngo_MR_B17",
    "SpacingBetweenSlices": 2.75,
    "StationName": "mrc_Trio",
    "TaskName": "semantic",
    "TotalReadoutTime": 0.04275,
    "TxRefAmp": 387.337,
    "dataset": "ds001748",
    "modality": "bold",
    "subject_id": "adult18",
    "task_id": "semantic"
  },
  "dummy_trs": 0,
  "dvars_nstd": 29.016205448791954,
  "dvars_std": 1.0867594856375837,
  "dvars_vstd": 0.9713705204697981,
  "efc": 0.6463030984600774,
  "fber": 183.9911346435547,
  "fd_mean": 0.10889304747338437,
  "fd_num": 10,
  "fd_perc": 6.666666666666667,
  "fwhm_avg": 2.5000064242424247,
  "fwhm_x": 2.460048,
  "fwhm_y": 2.587764,
  "fwhm_z": 2.452207272727273,
  "gcor": 0.00808633,
  "gsr_x": -0.017175575718283653,
  "gsr_y": 0.10516950488090515,
  "provenance": {
    "md5sum": "24ba49cd1758c49eabd9f20cf2d2968d",
    "settings": {
      "fd_thres": 0.2,
      "testing": false
    },
    "software": "mriqc",
    "version": "22.0.0rc1",
    "webapi_port": null,
    "webapi_url": "https://mriqc.nimh.nih.gov/api/v1"
  },
  "size_t": 150,
  "size_x": 76,
  "size_y": 76,
  "size_z": 45,
  "snr": 2.8028977491573923,
  "spacing_tr": 3.0,
  "spacing_x": 2.5,
  "spacing_y": 2.5,
  "spacing_z": 2.75,
  "summary_bg_k": 25.576657460511978,
  "summary_bg_mad": 12.325363879268926,
  "summary_bg_mean": 83.28016662597656,
  "summary_bg_median": 44.4466667175293,
  "summary_bg_n": 133365.0,
  "summary_bg_p05": 34.20000076293945,
  "summary_bg_p95": 278.5453308105468,
  "summary_bg_stdv": 97.1322021484375,
  "summary_fg_k": 2.5897458039132957,
  "summary_fg_mad": 195.43659005688238,
  "summary_fg_mean": 664.9718627929688,
  "summary_fg_median": 623.5933227539062,
  "summary_fg_n": 71075.0,
  "summary_fg_p05": 381.83399963378906,
  "summary_fg_p95": 1078.2793212890626,
  "summary_fg_stdv": 222.48008728027344,
  "tsnr": 44.77344111353159
}