{
  "bids_meta": {
    "AcquisitionMatrixPE": 240,
    "AcquisitionNumber": 1,
    "AcquisitionTime": "16:46:15.080000",
    "BaseResolution": 256,
    "BodyPartExamined": "BRAIN",
    "ConsistencyInfo": "N4_VE11C_LATEST_20160120",
    "ConversionSoftware": "dcm2niix",
    "ConversionSoftwareVersion": "v1.0.20180622 (JP2:OpenJPEG) GCC6.1.0",
    "DeviceSerialNumber": "167001",
    "DwellTime": 8.1e-06,
    "EchoTime": 0.00291,
    "ImageComments": "DENOISED_IMAGE_(lambda_=_1)",
    "ImageOrientationPatientDICOM": [
      -0.0226873,
      0.999743,
      0,
      0,
      0,
      -1
    ],
    "ImageType": [
      "DERIVED",
      "PRIMARY",
      "M",
      "UNI",
      "DIS3D",
      "DIS2D"
    ],
    "InPlanePhaseEncodingDirectionDICOM": "ROW",
    "InstitutionAddress": "Cooper_60_St._Lucia_QLD_AU_4072",
    "InstitutionName": "St_Lucia_Campus",
    "InstitutionalDepartmentName": "Gehrmann_Labs_MRI",
    "MRAcquisitionType": "3D",
    "MagneticFieldStrength": 3,
    "Manufacturer": "Siemens",
    "ManufacturersModelName": "Prisma_fit",
    "Modality": "MR",
    "ParallelReductionFactorInPlane": 3,
    "PartialFourier": 0.75,
    "PatientPosition": "HFS",
    "PercentPhaseFOV": 93.75,
    "PhaseEncodingSteps": 181,
    "PhaseResolution": 1,
    "PixelBandwidth": 240,
    "ProcedureStepDescription": "Research_16004_CMN",
    "ProtocolName": "MP2RAGE_wip900C_VE11C",
    "PulseSequenceDetails": "%CustomerSeq%_tfl_wip900C_VE11C",
    "RawImage": true,
    "ReceiveCoilActiveElements": "HC1-7;NC1",
    "ReceiveCoilName": "HeadNeck_64",
    "ReconMatrixPE": 256,
    "RepetitionTime": 4,
    "SAR": 0.0555009,
    "ScanOptions": "IR_PFP",
    "ScanningSequence": "GR_IR",
    "SequenceName": "tfl3d1_16ns",
    "SequenceVariant": "SK_SP_MP",
    "SeriesDescription": "MP2RAGE_wip900C_VE11C_UNI-DEN",
    "SeriesNumber": 5,
    "ShimSetting": [
      3022,
      -4189,
      -889,
      150,
      -3,
      -352,
      75,
      36
    ],
    "SliceThickness": 1,
    "SoftwareVersions": "syngo_MR_E11",
    "StationName": "mrc_Trio",
    "TxRefAmp": 228.933,
    "dataset": "ds001748",
    "modality": "T1w",
    "subject_id": "teen05"
  },
  "cjv": 0.29092115677767233,
  "cnr": 4.495218530491456,
  "efc": 0.5999310288938403,
  "fber": 417919.125,
  "fwhm_avg": 3.6489795237385088,
  "fwhm_x": 3.687208571215527,
  "fwhm_y": 3.76796,
  "fwhm_z": 3.49177,
  "icvs_csf": 0.21321861948877927,
  "icvs_gm": 0.4277557235382019,
  "icvs_wm": 0.35902565697301886,
  "inu_med": 0.7883570194244385,
  "inu_range": 0.20058476924896218,
  "provenance": {
    "md5sum": "e43e00c85d05ab839b2d5e6136347d3b",
    "settings": {
      "testing": false
    },
    "software": "mriqc",
    "version": "22.0.0rc1",
    "warnings": {
      "large_rot_frame": true,
      "small_air_mask": false
    },
    "webapi_port": null,
    "webapi_url": "https://mriqc.nimh.nih.gov/api/v1"
  },
  "qi_1": 0.007140285746067537,
  "qi_2": 0.0005824867018354342,
  "rpve_csf": 18.386674932410326,
  "rpve_gm": 9.530108383877954,
  "rpve_wm": 14.386924502699735,
  "size_x": 176,
  "size_y": 240,
  "size_z": 256,
  "snr_csf": 2.2287337585673246,
  "snr_gm": 9.628944121097964,
  "snr_total": 13.415113276492661,
  "snr_wm": 28.387661949812692,
  "snrd_csf": 135.05268401912642,
  "snrd_gm": 243.46514474732822,
  "snrd_total": 250.21868747015128,
  "snrd_wm": 372.1382336439993,
  "spacing_x": 0.9999976754188538,
  "spacing_y": 1.0,
  "spacing_z": 1.0,
  "summary_bg_k": 205.87450165693028,
  "summary_bg_mad": 0.7605014312382334,
  "summary_bg_mean": 2.422304153442383,
  "summary_bg_median": 0.5129504203796387,
  "summary_bg_n": 2841549.0,
  "summary_bg_p05": 0.0,
  "summary_bg_p95": 9.83749809265137,
  "summary_bg_stdv": 7.698258399963379,
  "summary_csf_k": 7.558543329454917,
  "summary_csf_mad": 96.61516622322314,
  "summary_csf_mean": 362.9695739746094,
  "summary_csf_median": 362.91748046875,
  "summary_csf_n": 9150.0,
  "summary_csf_p05": 124.18673171997071,
  "summary_csf_p95": 534.5125091552734,
  "summary_csf_stdv": 162.8268280029297,
  "summary_gm_k": -0.06953643079861216,
  "summary_gm_mad": 67.83068033207643,
  "summary_gm_mean": 650.8583984375,
  "summary_gm_median": 654.24658203125,
  "summary_gm_n": 43409.0,
  "summary_gm_p05": 533.0821899414062,
  "summary_gm_p95": 758.0369873046875,
  "summary_gm_stdv": 67.9450454711914,
  "summary_wm_k": 1.016904558382496,
  "summary_wm_mad": 32.76230565259837,
  "summary_wm_mean": 998.4261474609375,
  "summary_wm_median": 1000.0206298828125,
  "summary_wm_n": 221632.0,
  "summary_wm_p05": 938.6301879882812,
  "summary_wm_p95": 1053.100274658203,
  "summary_wm_stdv": 35.22721862792969,
  "tpm_overlap_csf": 0.14738522469997406,
  "tpm_overlap_gm": 0.43609708547592163,
  "tpm_overlap_wm": 0.47545626759529114,
  "wm2max": 0.8989763583624639
}