{
  "aor": 0.004674666666666666,
  "aqi": 0.0075974046000000005,
  "bids_meta": {
    "AcquisitionMatrixPE": 76,
    "AcquisitionNumber": 1,
    "AcquisitionTime": "15:07:16.245000",
    "BandwidthPerPixelPhaseEncode": 23.084,
    "BaseResolution": 76,
    "BodyPartExamined": "BRAIN",
    "ConsistencyInfo": "N4_VE11C_LATEST_20160120",
    "ConversionSoftware": "dcm2niix",
    "ConversionSoftwareVersion": "v1.0.20180622 (JP2:OpenJPEG) GCC6.1.0",
    "DerivedVendorReportedEchoSpacing": 0.000570001,
    "DeviceSerialNumber": "167001",
    "DwellTime": 3.3e-06,
    "EchoTime": 0.03,
    "EchoTrainLength": 76,
    "EffectiveEchoSpacing": 0.000570001,
    "FlipAngle": 90,
    "ImageOrientationPatientDICOM": [
      0.999882,
      0.0134358,
      -0.00743836,
      -0.0146601,
      0.979344,
      -0.201669
    ],
    "ImageType": [
      "ORIGINAL",
      "PRIMARY",
      "M",
      "ND",
      "MOSAIC"
    ],
    "InPlanePhaseEncodingDirectionDICOM": "COL",
    "InstitutionAddress": "Cooper_60_St._Lucia_QLD_AU_4072",
    "InstitutionName": "St_Lucia_Campus",
    "InstitutionalDepartmentName": "Gehrmann_Labs_MRI",
    "MRAcquisitionType": "2D",
    "MagneticFieldStrength": 3,
    "Manufacturer": "Siemens",
    "ManufacturersModelName": "Prisma_fit",
    "Modality": "MR",
    "PartialFourier": 1,
    "PatientPosition": "HFS",
    "PercentPhaseFOV": 100,
    "PhaseEncodingDirection": "j-",
    "PhaseEncodingSteps": 76,
    "PhaseResolution": 1,
    "PixelBandwidth": 1995,
    "ProcedureStepDescription": "Research_16004_CMN",
    "ProtocolName": "ep2d_bold_AUTO",
    "PulseSequenceDetails": "%SiemensSeq%_ep2d_bold",
    "ReceiveCoilActiveElements": "HC1-7;NC1,2",
    "ReceiveCoilName": "HeadNeck_64",
    "ReconMatrixPE": 76,
    "RepetitionTime": 3,
    "SAR": 0.0829241,
    "ScanOptions": "FS",
    "ScanningSequence": "EP",
    "SequenceName": "_epfid2d1_76",
    "SequenceVariant": "SK",
    "SeriesDescription": "ep2d_bold_AUTO",
    "SeriesNumber": 9,
    "ShimSetting": [
      3040,
      -4100,
      -821,
      536,
      -82,
      104,
      3,
      9
    ],
    "SliceThickness": 2.5,
    "SliceTiming": [
      0,
      1.5225,
      0.065,
      1.5875,
      0.1325,
      1.655,
      0.1975,
      1.72,
      0.265,
      1.7875,
      0.33,
      1.8525,
      0.3975,
      1.92,
      0.4625,
      1.985,
      0.5275,
      2.0525,
      0.595,
      2.1175,
      0.66,
      2.185,
      0.7275,
      2.25,
      0.7925,
      2.3175,
      0.86,
      2.3825,
      0.925,
      2.45,
      0.9925,
      2.515,
      1.0575,
      2.5825,
      1.125,
      2.6475,
      1.19,
      2.715,
      1.2575,
      2.78,
      1.3225,
      2.8475,
      1.39,
      2.9125,
      1.455
    ],
    "SoftwareVersions": "syngo_MR_E11",
    "SpacingBetweenSlices": 2.75,
    "StationName": "mrc_Trio",
    "TaskName": "autobio",
    "TotalReadoutTime": 0.04275,
    "TxRefAmp": 231.642,
    "dataset": "ds001748",
    "modality": "bold",
    "subject_id": "teen03",
    "task_id": "autobio"
  },
  "dummy_trs": 0,
  "dvars_nstd": 33.15979668302012,
  "dvars_std": 1.268803378187919,
  "dvars_vstd": 1.0085723946308727,
  "efc": 0.6567602239767838,
  "fber": 129.4453887939453,
  "fd_mean": 0.16225221754516558,
  "fd_num": 32,
  "fd_perc": 21.333333333333332,
  "fwhm_avg": 2.9758867878787876,
  "fwhm_x": 2.856084,
  "fwhm_y": 2.99794,
  "fwhm_z": 3.0736363636363637,
  "gcor": 0.0160315,
  "gsr_x": -0.03171851485967636,
  "gsr_y": 0.10182566940784454,
  "provenance": {
    "md5sum": "1fd24721664af7fb1c155dd5726eabbf",
    "settings": {
      "fd_thres": 0.2,
      "testing": false
    },
    "software": "mriqc",
    "version": "22.0.0rc1",
    "webapi_port": null,
    "webapi_url": "https://mriqc.nimh.nih.gov/api/v1"
  },
  "size_t": 150,
  "size_x": 76,
  "size_y": 76,
  "size_z": 45,
  "snr": 2.4082256879687356,
  "spacing_tr": 3.0,
  "spacing_x": 2.5,
  "spacing_y": 2.5,
  "spacing_z": 2.75,
  "summary_bg_k": 22.800431977065294,
  "summary_bg_mad": 6.039133639985206,
  "summary_bg_mean": 119.71305847167969,
  "summary_bg_median": 69.2066650390625,
  "summary_bg_n": 127786.0,
  "summary_bg_p05": 63.673336029052734,
  "summary_bg_p95": 373.12833404541016,
  "summary_bg_stdv": 135.33836364746094,
  "summary_fg_k": 1.8281869181958053,
  "summary_fg_mad": 309.88856767192203,
  "summary_fg_mean": 880.2487182617188,
  "summary_fg_median": 819.3300170898438,
  "summary_fg_n": 73130.0,
  "summary_fg_p05": 453.6646713256836,
  "summary_fg_p95": 1525.9666931152349,
  "summary_fg_stdv": 340.2191162109375,
  "tsnr": 49.978323384420946
}