{
  "aor": 0.007846533333333332,
  "aqi": 0.007010271266666666,
  "bids_meta": {
    "AcquisitionMatrixPE": 76,
    "AcquisitionNumber": 1,
    "AcquisitionTime": "15:15:23.215000",
    "BandwidthPerPixelPhaseEncode": 23.084,
    "BaseResolution": 76,
    "BodyPartExamined": "BRAIN",
    "ConsistencyInfo": "N4_VE11C_LATEST_20160120",
    "ConversionSoftware": "dcm2niix",
    "ConversionSoftwareVersion": "v1.0.20180622 (JP2:OpenJPEG) GCC6.1.0",
    "DerivedVendorReportedEchoSpacing": 0.000570001,
    "DeviceSerialNumber": "167001",
    "DwellTime": 3.3e-06,
    "EchoTime": 0.03,
    "EchoTrainLength": 76,
    "EffectiveEchoSpacing": 0.000570001,
    "FlipAngle": 90,
    "ImageOrientationPatientDICOM": [
      0.999882,
      0.0134358,
      -0.00743836,
      -0.0146601,
      0.979344,
      -0.201669
    ],
    "ImageType": [
      "ORIGINAL",
      "PRIMARY",
      "M",
      "ND",
      "MOSAIC"
    ],
    "InPlanePhaseEncodingDirectionDICOM": "COL",
    "InstitutionAddress": "Cooper_60_St._Lucia_QLD_AU_4072",
    "InstitutionName": "St_Lucia_Campus",
    "InstitutionalDepartmentName": "Gehrmann_Labs_MRI",
    "MRAcquisitionType": "2D",
    "MagneticFieldStrength": 3,
    "Manufacturer": "Siemens",
    "ManufacturersModelName": "Prisma_fit",
    "Modality": "MR",
    "PartialFourier": 1,
    "PatientPosition": "HFS",
    "PercentPhaseFOV": 100,
    "PhaseEncodingDirection": "j-",
    "PhaseEncodingSteps": 76,
    "PhaseResolution": 1,
    "PixelBandwidth": 1995,
    "ProcedureStepDescription": "Research_16004_CMN",
    "ProtocolName": "ep2d_bold_SEM",
    "PulseSequenceDetails": "%SiemensSeq%_ep2d_bold",
    "ReceiveCoilActiveElements": "HC1-7;NC1,2",
    "ReceiveCoilName": "HeadNeck_64",
    "ReconMatrixPE": 76,
    "RepetitionTime": 3,
    "SAR": 0.0829241,
    "ScanOptions": "FS",
    "ScanningSequence": "EP",
    "SequenceName": "_epfid2d1_76",
    "SequenceVariant": "SK",
    "SeriesDescription": "ep2d_bold_SEM",
    "SeriesNumber": 10,
    "ShimSetting": [
      3040,
      -4100,
      -821,
      536,
      -82,
      104,
      3,
      9
    ],
    "SliceThickness": 2.5,
    "SliceTiming": [
      0,
      1.5225,
      0.0675,
      1.59,
      0.1325,
      1.655,
      0.2,
      1.7225,
      0.265,
      1.7875,
      0.3325,
      1.855,
      0.3975,
      1.92,
      0.465,
      1.9875,
      0.53,
      2.0525,
      0.5975,
      2.12,
      0.6625,
      2.185,
      0.7275,
      2.2525,
      0.795,
      2.3175,
      0.86,
      2.385,
      0.9275,
      2.45,
      0.9925,
      2.5175,
      1.06,
      2.5825,
      1.125,
      2.65,
      1.1925,
      2.715,
      1.2575,
      2.7825,
      1.325,
      2.8475,
      1.39,
      2.915,
      1.4575
    ],
    "SoftwareVersions": "syngo_MR_E11",
    "SpacingBetweenSlices": 2.75,
    "StationName": "mrc_Trio",
    "TaskName": "semantic",
    "TotalReadoutTime": 0.04275,
    "TxRefAmp": 231.642,
    "dataset": "ds001748",
    "modality": "bold",
    "subject_id": "teen03",
    "task_id": "semantic"
  },
  "dummy_trs": 0,
  "dvars_nstd": 36.352648268120795,
  "dvars_std": 1.2880928791946304,
  "dvars_vstd": 1.0265592836241608,
  "efc": 0.6582866249313096,
  "fber": 127.26654815673828,
  "fd_mean": 0.19010468195930266,
  "fd_num": 40,
  "fd_perc": 26.666666666666668,
  "fwhm_avg": 2.9785690909090907,
  "fwhm_x": 2.867404,
  "fwhm_y": 2.999736,
  "fwhm_z": 3.068567272727273,
  "gcor": 0.0377305,
  "gsr_x": -0.033025309443473816,
  "gsr_y": 0.1024157926440239,
  "provenance": {
    "md5sum": "122f69d6a2b50e3c95b8e76229958f47",
    "settings": {
      "fd_thres": 0.2,
      "testing": false
    },
    "software": "mriqc",
    "version": "22.0.0rc1",
    "webapi_port": null,
    "webapi_url": "https://mriqc.nimh.nih.gov/api/v1"
  },
  "size_t": 150,
  "size_x": 76,
  "size_y": 76,
  "size_z": 45,
  "snr": 2.4217359059933448,
  "spacing_tr": 3.0,
  "spacing_x": 2.5,
  "spacing_y": 2.5,
  "spacing_z": 2.75,
  "summary_bg_k": 22.509213023418553,
  "summary_bg_mad": 7.818263089006282,
  "summary_bg_mean": 120.94163513183594,
  "summary_bg_median": 70.12667083740234,
  "summary_bg_n": 127493.0,
  "summary_bg_p05": 62.71333312988281,
  "summary_bg_p95": 377.4666625976555,
  "summary_bg_stdv": 138.20811462402344,
  "summary_fg_k": 1.8225076783916672,
  "summary_fg_mad": 309.33014858681474,
  "summary_fg_mean": 880.56103515625,
  "summary_fg_median": 820.3067016601562,
  "summary_fg_n": 73290.0,
  "summary_fg_p05": 454.2496810913086,
  "summary_fg_p95": 1521.3073852539067,
  "summary_fg_stdv": 338.72442626953125,
  "tsnr": 46.81036577699706
}