{
  "aor": 0.01615570469798658,
  "aqi": 0.012740522617449665,
  "bids_meta": {
    "AcquisitionMatrixPE": 76,
    "AcquisitionNumber": 1,
    "AcquisitionTime": "15:23:23.320000",
    "BandwidthPerPixelPhaseEncode": 23.084,
    "BaseResolution": 76,
    "BodyPartExamined": "BRAIN",
    "ConsistencyInfo": "N4_VE11C_LATEST_20160120",
    "ConversionSoftware": "dcm2niix",
    "ConversionSoftwareVersion": "v1.0.20180622 (JP2:OpenJPEG) GCC6.1.0",
    "DerivedVendorReportedEchoSpacing": 0.000570001,
    "DeviceSerialNumber": "167001",
    "DwellTime": 3.3e-06,
    "EchoTime": 0.03,
    "EchoTrainLength": 76,
    "EffectiveEchoSpacing": 0.000570001,
    "FlipAngle": 90,
    "ImageOrientationPatientDICOM": [
      0.999882,
      0.0134358,
      -0.00743836,
      -0.0146601,
      0.979344,
      -0.201669
    ],
    "ImageType": [
      "ORIGINAL",
      "PRIMARY",
      "M",
      "ND",
      "MOSAIC"
    ],
    "InPlanePhaseEncodingDirectionDICOM": "COL",
    "InstitutionAddress": "Cooper_60_St._Lucia_QLD_AU_4072",
    "InstitutionName": "St_Lucia_Campus",
    "InstitutionalDepartmentName": "Gehrmann_Labs_MRI",
    "MRAcquisitionType": "2D",
    "MagneticFieldStrength": 3,
    "Manufacturer": "Siemens",
    "ManufacturersModelName": "Prisma_fit",
    "Modality": "MR",
    "PartialFourier": 1,
    "PatientPosition": "HFS",
    "PercentPhaseFOV": 100,
    "PhaseEncodingDirection": "j-",
    "PhaseEncodingSteps": 76,
    "PhaseResolution": 1,
    "PixelBandwidth": 1995,
    "ProcedureStepDescription": "Research_16004_CMN",
    "ProtocolName": "ep2d_bold_EPI",
    "PulseSequenceDetails": "%SiemensSeq%_ep2d_bold",
    "ReceiveCoilActiveElements": "HC1-7;NC1,2",
    "ReceiveCoilName": "HeadNeck_64",
    "ReconMatrixPE": 76,
    "RepetitionTime": 3,
    "SAR": 0.0829241,
    "ScanOptions": "FS",
    "ScanningSequence": "EP",
    "SequenceName": "_epfid2d1_76",
    "SequenceVariant": "SK",
    "SeriesDescription": "ep2d_bold_EPI",
    "SeriesNumber": 11,
    "ShimSetting": [
      3040,
      -4100,
      -821,
      536,
      -82,
      104,
      3,
      9
    ],
    "SliceThickness": 2.5,
    "SliceTiming": [
      0,
      1.5225,
      0.065,
      1.5875,
      0.1325,
      1.655,
      0.1975,
      1.72,
      0.265,
      1.7875,
      0.33,
      1.8525,
      0.3975,
      1.92,
      0.4625,
      1.985,
      0.53,
      2.0525,
      0.595,
      2.1175,
      0.6625,
      2.185,
      0.7275,
      2.25,
      0.7925,
      2.3175,
      0.86,
      2.3825,
      0.925,
      2.45,
      0.9925,
      2.515,
      1.0575,
      2.5825,
      1.125,
      2.6475,
      1.19,
      2.715,
      1.2575,
      2.78,
      1.3225,
      2.8475,
      1.39,
      2.9125,
      1.455
    ],
    "SoftwareVersions": "syngo_MR_E11",
    "SpacingBetweenSlices": 2.75,
    "StationName": "mrc_Trio",
    "TaskName": "episodic",
    "TotalReadoutTime": 0.04275,
    "TxRefAmp": 231.642,
    "dataset": "ds001748",
    "modality": "bold",
    "subject_id": "teen03",
    "task_id": "episodic"
  },
  "dummy_trs": 1,
  "dvars_nstd": 38.267680941283764,
  "dvars_std": 1.1004115135810804,
  "dvars_vstd": 0.9404469007432433,
  "efc": 0.6594465390983542,
  "fber": 127.8111801147461,
  "fd_mean": 0.20266979916386244,
  "fd_num": 34,
  "fd_perc": 22.818791946308725,
  "fwhm_avg": 3.0165567272727274,
  "fwhm_x": 2.874528,
  "fwhm_y": 3.036084,
  "fwhm_z": 3.1390581818181817,
  "gcor": 0.0550492,
  "gsr_x": -0.03385147824883461,
  "gsr_y": 0.10094977170228958,
  "provenance": {
    "md5sum": "e03fe1482c99c36a482e26e4a84ecd1f",
    "settings": {
      "fd_thres": 0.2,
      "testing": false
    },
    "software": "mriqc",
    "version": "22.0.0rc1",
    "webapi_port": null,
    "webapi_url": "https://mriqc.nimh.nih.gov/api/v1"
  },
  "size_t": 149,
  "size_x": 76,
  "size_y": 76,
  "size_z": 45,
  "snr": 2.4073628304905488,
  "spacing_tr": 3.0,
  "spacing_x": 2.5,
  "spacing_y": 2.5,
  "spacing_z": 2.75,
  "summary_bg_k": 22.395648302118087,
  "summary_bg_mad": 6.776192990266299,
  "summary_bg_mean": 121.3072509765625,
  "summary_bg_median": 69.89933013916016,
  "summary_bg_n": 126969.0,
  "summary_bg_p05": 63.71141052246094,
  "summary_bg_p95": 377.59328613281167,
  "summary_bg_stdv": 137.3599853515625,
  "summary_fg_k": 1.8668529465328403,
  "summary_fg_mad": 310.6150735258815,
  "summary_fg_mean": 882.7674560546875,
  "summary_fg_median": 821.7449951171875,
  "summary_fg_n": 73852.0,
  "summary_fg_p05": 453.79864501953125,
  "summary_fg_p95": 1532.4768981933591,
  "summary_fg_stdv": 341.34423828125,
  "tsnr": 37.37428156891838
}