{
  "bids_meta": {
    "AcquisitionMatrixPE": 240,
    "AcquisitionNumber": 1,
    "AcquisitionTime": "16:23:10.907500",
    "BaseResolution": 256,
    "BodyPartExamined": "BRAIN",
    "ConsistencyInfo": "N4_VE11C_LATEST_20160120",
    "ConversionSoftware": "dcm2niix",
    "ConversionSoftwareVersion": "v1.0.20180622 (JP2:OpenJPEG) GCC6.1.0",
    "DeviceSerialNumber": "167001",
    "DwellTime": 8.1e-06,
    "EchoTime": 0.00291,
    "ImageComments": "DENOISED_IMAGE_(lambda_=_1)",
    "ImageOrientationPatientDICOM": [
      -0.0282524,
      0.99127,
      0.128789,
      0.00676525,
      0.129027,
      -0.991618
    ],
    "ImageType": [
      "DERIVED",
      "PRIMARY",
      "M",
      "UNI",
      "DIS3D",
      "DIS2D"
    ],
    "InPlanePhaseEncodingDirectionDICOM": "ROW",
    "InstitutionAddress": "Cooper_60_St._Lucia_QLD_AU_4072",
    "InstitutionName": "St_Lucia_Campus",
    "InstitutionalDepartmentName": "Gehrmann_Labs_MRI",
    "MRAcquisitionType": "3D",
    "MagneticFieldStrength": 3,
    "Manufacturer": "Siemens",
    "ManufacturersModelName": "Prisma_fit",
    "Modality": "MR",
    "ParallelReductionFactorInPlane": 3,
    "PartialFourier": 0.75,
    "PatientPosition": "HFS",
    "PercentPhaseFOV": 93.75,
    "PhaseEncodingSteps": 181,
    "PhaseResolution": 1,
    "PixelBandwidth": 240,
    "ProcedureStepDescription": "Research_16004_CMN",
    "ProtocolName": "MP2RAGE_wip900C_VE11C",
    "PulseSequenceDetails": "%CustomerSeq%_tfl_wip900C_VE11C",
    "RawImage": true,
    "ReceiveCoilActiveElements": "HC1-7;NC1,2",
    "ReceiveCoilName": "HeadNeck_64",
    "ReconMatrixPE": 256,
    "RepetitionTime": 4,
    "SAR": 0.0541761,
    "ScanOptions": "IR_PFP",
    "ScanningSequence": "GR_IR",
    "SequenceName": "tfl3d1_16ns",
    "SequenceVariant": "SK_SP_MP",
    "SeriesDescription": "MP2RAGE_wip900C_VE11C_UNI-DEN",
    "SeriesNumber": 8,
    "ShimSetting": [
      3049,
      -4132,
      -858,
      324,
      -28,
      -392,
      -68,
      -27
    ],
    "SliceThickness": 1,
    "SoftwareVersions": "syngo_MR_E11",
    "StationName": "mrc_Trio",
    "TxRefAmp": 227.805,
    "dataset": "ds001748",
    "modality": "T1w",
    "subject_id": "teen09"
  },
  "cjv": 0.3021616378101375,
  "cnr": 4.199022544852412,
  "efc": 0.5514385158133752,
  "fber": 583013.8125,
  "fwhm_avg": 3.6188061511796117,
  "fwhm_x": 3.599988453538835,
  "fwhm_y": 3.72036,
  "fwhm_z": 3.53607,
  "icvs_csf": 0.1462095612812525,
  "icvs_gm": 0.4718914099263441,
  "icvs_wm": 0.3818990287924034,
  "inu_med": 1.003059983253479,
  "inu_range": 0.21302664279937744,
  "provenance": {
    "md5sum": "ca9e3482fe099532a24923110ac9e275",
    "settings": {
      "testing": false
    },
    "software": "mriqc",
    "version": "22.0.0rc1",
    "warnings": {
      "large_rot_frame": true,
      "small_air_mask": false
    },
    "webapi_port": null,
    "webapi_url": "https://mriqc.nimh.nih.gov/api/v1"
  },
  "qi_1": 0.00257979634994389,
  "qi_2": 0.0007406752920093121,
  "rpve_csf": 28.998107448272506,
  "rpve_gm": 10.388519051021335,
  "rpve_wm": 14.713144172073955,
  "size_x": 176,
  "size_y": 240,
  "size_z": 256,
  "snr_csf": 1.8651403343297805,
  "snr_gm": 10.149764649092026,
  "snr_total": 10.568349977602564,
  "snr_wm": 19.690144949385882,
  "snrd_csf": 111.25006825887934,
  "snrd_gm": 224.48038127026302,
  "snrd_total": 226.6501171638678,
  "snrd_wm": 344.2199019624611,
  "spacing_x": 0.9999948740005493,
  "spacing_y": 1.0,
  "spacing_z": 1.0,
  "summary_bg_k": 226.06878389160488,
  "summary_bg_mad": 0.9032564155113806,
  "summary_bg_mean": 2.799394369125366,
  "summary_bg_median": 0.6092371940612793,
  "summary_bg_n": 2605143.0,
  "summary_bg_p05": 0.0,
  "summary_bg_p95": 9.935852527618401,
  "summary_bg_stdv": 12.46432876586914,
  "summary_csf_k": 5.506273503846453,
  "summary_csf_mad": 166.4394280265729,
  "summary_csf_mean": 296.3878173828125,
  "summary_csf_median": 323.1959228515625,
  "summary_csf_n": 5748.0,
  "summary_csf_p05": 50.52802047729492,
  "summary_csf_p95": 483.23639526367185,
  "summary_csf_stdv": 173.2672882080078,
  "summary_gm_k": -0.11937927167638751,
  "summary_gm_mad": 64.61952174284976,
  "summary_gm_mean": 651.1124267578125,
  "summary_gm_median": 652.1447143554688,
  "summary_gm_n": 52349.0,
  "summary_gm_p05": 544.2907104492188,
  "summary_gm_p95": 755.750634765625,
  "summary_gm_stdv": 64.2515869140625,
  "summary_wm_k": 1.9200437862407798,
  "summary_wm_mad": 40.49008919489883,
  "summary_wm_mean": 1000.0531616210938,
  "summary_wm_median": 1000.0036010742188,
  "summary_wm_n": 201004.0,
  "summary_wm_p05": 914.6781402587891,
  "summary_wm_p95": 1081.5405334472655,
  "summary_wm_stdv": 50.78688430786133,
  "tpm_overlap_csf": 0.16474077105522156,
  "tpm_overlap_gm": 0.47032174468040466,
  "tpm_overlap_wm": 0.44576236605644226,
  "wm2max": 0.8193680116449763
}