{
  "aor": 0.004671466666666667,
  "aqi": 0.008200472266666665,
  "bids_meta": {
    "AcquisitionMatrixPE": 76,
    "AcquisitionNumber": 1,
    "AcquisitionTime": "14:19:36.415000",
    "BandwidthPerPixelPhaseEncode": 23.084,
    "BaseResolution": 76,
    "ConversionSoftware": "dcm2niix",
    "ConversionSoftwareVersion": "v1.0.20180622 (JP2:OpenJPEG) GCC6.1.0",
    "DerivedVendorReportedEchoSpacing": 0.000570001,
    "DeviceSerialNumber": "35410",
    "DwellTime": 3.3e-06,
    "EchoTime": 0.03,
    "EffectiveEchoSpacing": 0.000570001,
    "FlipAngle": 90,
    "ImageOrientationPatientDICOM": [
      0.999834,
      0.016086,
      -0.00861183,
      -0.0174521,
      0.980825,
      -0.194108
    ],
    "ImageType": [
      "ORIGINAL",
      "PRIMARY",
      "M",
      "ND",
      "MOSAIC"
    ],
    "InPlanePhaseEncodingDirectionDICOM": "COL",
    "InstitutionAddress": "Cooper_60_St._Lucia_QLD_AU_4072",
    "InstitutionName": "St_Lucia_Campus",
    "InstitutionalDepartmentName": "Gehrmann_Labs_MRI",
    "MRAcquisitionType": "2D",
    "MagneticFieldStrength": 3,
    "Manufacturer": "Siemens",
    "ManufacturersModelName": "TrioTim",
    "Modality": "MR",
    "PartialFourier": 1,
    "PatientPosition": "HFS",
    "PercentPhaseFOV": 100,
    "PhaseEncodingDirection": "j-",
    "PhaseEncodingSteps": 76,
    "PhaseResolution": 1,
    "PixelBandwidth": 1994,
    "ProcedureStepDescription": "Brain_-_UQ_fMRI",
    "ProtocolName": "AUTO",
    "PulseSequenceDetails": "%SiemensSeq%_ep2d_pace",
    "ReceiveCoilName": "32Ch_Head",
    "ReconMatrixPE": 76,
    "RepetitionTime": 3,
    "SAR": 0.250858,
    "ScanOptions": "FS",
    "ScanningSequence": "EP",
    "SequenceName": "_epfid2d1_76",
    "SequenceVariant": "SK",
    "SeriesDescription": "AUTO",
    "SeriesNumber": 7,
    "ShimSetting": [
      6793,
      -11352,
      -2119,
      744,
      -167,
      -152,
      37,
      42
    ],
    "SliceThickness": 2.5,
    "SliceTiming": [
      0,
      1.5275,
      0.065,
      1.595,
      0.1325,
      1.6625,
      0.2,
      1.7275,
      0.265,
      1.795,
      0.3325,
      1.86,
      0.3975,
      1.9275,
      0.465,
      1.995,
      0.5325,
      2.06,
      0.5975,
      2.1275,
      0.665,
      2.1925,
      0.73,
      2.26,
      0.7975,
      2.325,
      0.8625,
      2.3925,
      0.93,
      2.46,
      0.9975,
      2.525,
      1.0625,
      2.5925,
      1.13,
      2.6575,
      1.195,
      2.725,
      1.2625,
      2.7925,
      1.33,
      2.8575,
      1.395,
      2.925,
      1.4625
    ],
    "SoftwareVersions": "syngo_MR_B17",
    "SpacingBetweenSlices": 2.75,
    "StationName": "mrc_Trio",
    "TaskName": "autobio",
    "TotalReadoutTime": 0.04275,
    "TxRefAmp": 311.289,
    "dataset": "ds001748",
    "modality": "bold",
    "subject_id": "child02",
    "task_id": "autobio"
  },
  "dummy_trs": 0,
  "dvars_nstd": 35.98911890838925,
  "dvars_std": 1.1506117315436246,
  "dvars_vstd": 0.9945881742281879,
  "efc": 0.6164674943564298,
  "fber": 294.55804443359375,
  "fd_mean": 0.30554616601046725,
  "fd_num": 85,
  "fd_perc": 56.666666666666664,
  "fwhm_avg": 2.8062717575757574,
  "fwhm_x": 2.640032,
  "fwhm_y": 2.966816,
  "fwhm_z": 2.811967272727273,
  "gcor": 0.0210259,
  "gsr_x": -0.01748885214328766,
  "gsr_y": 0.06782090663909912,
  "provenance": {
    "md5sum": "a4d2d293f1016239b0dd39e3c8f7f831",
    "settings": {
      "fd_thres": 0.2,
      "testing": false
    },
    "software": "mriqc",
    "version": "22.0.0rc1",
    "webapi_port": null,
    "webapi_url": "https://mriqc.nimh.nih.gov/api/v1"
  },
  "size_t": 150,
  "size_x": 76,
  "size_y": 76,
  "size_z": 45,
  "snr": 3.1350494464585252,
  "spacing_tr": 3.0,
  "spacing_x": 2.5,
  "spacing_y": 2.5,
  "spacing_z": 2.75,
  "summary_bg_k": 42.94957350933242,
  "summary_bg_mad": 5.505395936414608,
  "summary_bg_mean": 54.302040100097656,
  "summary_bg_median": 36.5533332824707,
  "summary_bg_n": 135448.0,
  "summary_bg_p05": 31.82666778564453,
  "summary_bg_p95": 131.45967330932606,
  "summary_bg_stdv": 55.9312744140625,
  "summary_fg_k": 1.3183377548491313,
  "summary_fg_mad": 187.7469031658265,
  "summary_fg_mean": 670.9720458984375,
  "summary_fg_median": 639.453369140625,
  "summary_fg_n": 71729.0,
  "summary_fg_p05": 404.2560180664063,
  "summary_fg_p95": 1058.3360351562499,
  "summary_fg_stdv": 203.9677276611328,
  "tsnr": 42.24704046873376
}