{
  "aor": 0.0028801342281879194,
  "aqi": 0.011655118791946308,
  "bids_meta": {
    "AcquisitionMatrixPE": 76,
    "AcquisitionNumber": 1,
    "AcquisitionTime": "14:35:36.520000",
    "BandwidthPerPixelPhaseEncode": 23.084,
    "BaseResolution": 76,
    "ConversionSoftware": "dcm2niix",
    "ConversionSoftwareVersion": "v1.0.20180622 (JP2:OpenJPEG) GCC6.1.0",
    "DerivedVendorReportedEchoSpacing": 0.000570001,
    "DeviceSerialNumber": "35410",
    "DwellTime": 3.3e-06,
    "EchoTime": 0.03,
    "EffectiveEchoSpacing": 0.000570001,
    "FlipAngle": 90,
    "ImageOrientationPatientDICOM": [
      0.999834,
      0.016086,
      -0.00861183,
      -0.0174521,
      0.980825,
      -0.194108
    ],
    "ImageType": [
      "ORIGINAL",
      "PRIMARY",
      "M",
      "ND",
      "MOSAIC"
    ],
    "InPlanePhaseEncodingDirectionDICOM": "COL",
    "InstitutionAddress": "Cooper_60_St._Lucia_QLD_AU_4072",
    "InstitutionName": "St_Lucia_Campus",
    "InstitutionalDepartmentName": "Gehrmann_Labs_MRI",
    "MRAcquisitionType": "2D",
    "MagneticFieldStrength": 3,
    "Manufacturer": "Siemens",
    "ManufacturersModelName": "TrioTim",
    "Modality": "MR",
    "PartialFourier": 1,
    "PatientPosition": "HFS",
    "PercentPhaseFOV": 100,
    "PhaseEncodingDirection": "j-",
    "PhaseEncodingSteps": 76,
    "PhaseResolution": 1,
    "PixelBandwidth": 1994,
    "ProcedureStepDescription": "Brain_-_UQ_fMRI",
    "ProtocolName": "EPI",
    "PulseSequenceDetails": "%SiemensSeq%_ep2d_pace",
    "ReceiveCoilName": "32Ch_Head",
    "ReconMatrixPE": 76,
    "RepetitionTime": 3,
    "SAR": 0.250858,
    "ScanOptions": "FS",
    "ScanningSequence": "EP",
    "SequenceName": "_epfid2d1_76",
    "SequenceVariant": "SK",
    "SeriesDescription": "EPI",
    "SeriesNumber": 9,
    "ShimSetting": [
      6793,
      -11352,
      -2119,
      744,
      -167,
      -152,
      37,
      42
    ],
    "SliceThickness": 2.5,
    "SliceTiming": [
      0,
      1.5275,
      0.065,
      1.595,
      0.1325,
      1.6625,
      0.2,
      1.7275,
      0.265,
      1.795,
      0.3325,
      1.86,
      0.3975,
      1.9275,
      0.465,
      1.995,
      0.5325,
      2.06,
      0.5975,
      2.1275,
      0.665,
      2.1925,
      0.73,
      2.26,
      0.7975,
      2.325,
      0.865,
      2.3925,
      0.93,
      2.46,
      0.9975,
      2.525,
      1.0625,
      2.5925,
      1.13,
      2.6575,
      1.195,
      2.725,
      1.2625,
      2.7925,
      1.33,
      2.8575,
      1.395,
      2.925,
      1.4625
    ],
    "SoftwareVersions": "syngo_MR_B17",
    "SpacingBetweenSlices": 2.75,
    "StationName": "mrc_Trio",
    "TaskName": "episodic",
    "TotalReadoutTime": 0.04275,
    "TxRefAmp": 311.289,
    "dataset": "ds001748",
    "modality": "bold",
    "subject_id": "child02",
    "task_id": "episodic"
  },
  "dummy_trs": 1,
  "dvars_nstd": 39.53413501932432,
  "dvars_std": 1.1219519589864866,
  "dvars_vstd": 0.9687727877027033,
  "efc": 0.6175550483151725,
  "fber": 296.6617736816406,
  "fd_mean": 0.42796801530716194,
  "fd_num": 108,
  "fd_perc": 72.48322147651007,
  "fwhm_avg": 2.7321425454545456,
  "fwhm_x": 2.577108,
  "fwhm_y": 2.887036,
  "fwhm_z": 2.7322836363636362,
  "gcor": 0.0181697,
  "gsr_x": -0.0159713514149189,
  "gsr_y": 0.07024809718132019,
  "provenance": {
    "md5sum": "7135c9ec62fae7d15a98d6f282119cb4",
    "settings": {
      "fd_thres": 0.2,
      "testing": false
    },
    "software": "mriqc",
    "version": "22.0.0rc1",
    "webapi_port": null,
    "webapi_url": "https://mriqc.nimh.nih.gov/api/v1"
  },
  "size_t": 149,
  "size_x": 76,
  "size_y": 76,
  "size_z": 45,
  "snr": 3.2479519373124335,
  "spacing_tr": 3.0,
  "spacing_x": 2.5,
  "spacing_y": 2.5,
  "spacing_z": 2.75,
  "summary_bg_k": 41.5210285272525,
  "summary_bg_mad": 5.343338120980879,
  "summary_bg_mean": 54.362037658691406,
  "summary_bg_median": 36.268455505371094,
  "summary_bg_n": 135973.0,
  "summary_bg_p05": 31.530200958251953,
  "summary_bg_p95": 134.2510070800781,
  "summary_bg_stdv": 56.66269302368164,
  "summary_fg_k": 1.010242450360983,
  "summary_fg_mad": 182.67851020571305,
  "summary_fg_mean": 666.9185180664062,
  "summary_fg_median": 637.0872802734375,
  "summary_fg_n": 71557.0,
  "summary_fg_p05": 408.47785034179685,
  "summary_fg_p95": 1040.2308349609373,
  "summary_fg_stdv": 196.1490936279297,
  "tsnr": 36.73304971517064
}