{
  "aor": 0.004318133333333334,
  "aqi": 0.007622333733333333,
  "bids_meta": {
    "AcquisitionMatrixPE": 76,
    "AcquisitionNumber": 1,
    "AcquisitionTime": "14:27:36.752500",
    "BandwidthPerPixelPhaseEncode": 23.084,
    "BaseResolution": 76,
    "ConversionSoftware": "dcm2niix",
    "ConversionSoftwareVersion": "v1.0.20180622 (JP2:OpenJPEG) GCC6.1.0",
    "DerivedVendorReportedEchoSpacing": 0.000570001,
    "DeviceSerialNumber": "35410",
    "DwellTime": 3.3e-06,
    "EchoTime": 0.03,
    "EffectiveEchoSpacing": 0.000570001,
    "FlipAngle": 90,
    "ImageOrientationPatientDICOM": [
      0.999834,
      0.016086,
      -0.00861183,
      -0.0174521,
      0.980825,
      -0.194108
    ],
    "ImageType": [
      "ORIGINAL",
      "PRIMARY",
      "M",
      "ND",
      "MOSAIC"
    ],
    "InPlanePhaseEncodingDirectionDICOM": "COL",
    "InstitutionAddress": "Cooper_60_St._Lucia_QLD_AU_4072",
    "InstitutionName": "St_Lucia_Campus",
    "InstitutionalDepartmentName": "Gehrmann_Labs_MRI",
    "MRAcquisitionType": "2D",
    "MagneticFieldStrength": 3,
    "Manufacturer": "Siemens",
    "ManufacturersModelName": "TrioTim",
    "Modality": "MR",
    "PartialFourier": 1,
    "PatientPosition": "HFS",
    "PercentPhaseFOV": 100,
    "PhaseEncodingDirection": "j-",
    "PhaseEncodingSteps": 76,
    "PhaseResolution": 1,
    "PixelBandwidth": 1994,
    "ProcedureStepDescription": "Brain_-_UQ_fMRI",
    "ProtocolName": "SEM",
    "PulseSequenceDetails": "%SiemensSeq%_ep2d_pace",
    "ReceiveCoilName": "32Ch_Head",
    "ReconMatrixPE": 76,
    "RepetitionTime": 3,
    "SAR": 0.250858,
    "ScanOptions": "FS",
    "ScanningSequence": "EP",
    "SequenceName": "_epfid2d1_76",
    "SequenceVariant": "SK",
    "SeriesDescription": "SEM",
    "SeriesNumber": 8,
    "ShimSetting": [
      6793,
      -11352,
      -2119,
      744,
      -167,
      -152,
      37,
      42
    ],
    "SliceThickness": 2.5,
    "SliceTiming": [
      0,
      1.53,
      0.0675,
      1.595,
      0.1325,
      1.6625,
      0.2,
      1.73,
      0.2675,
      1.795,
      0.3325,
      1.8625,
      0.4,
      1.9275,
      0.465,
      1.995,
      0.5325,
      2.0625,
      0.6,
      2.1275,
      0.665,
      2.195,
      0.7325,
      2.26,
      0.7975,
      2.3275,
      0.865,
      2.3925,
      0.93,
      2.46,
      0.9975,
      2.5275,
      1.065,
      2.5925,
      1.13,
      2.66,
      1.1975,
      2.725,
      1.2625,
      2.7925,
      1.33,
      2.86,
      1.3975,
      2.925,
      1.4625
    ],
    "SoftwareVersions": "syngo_MR_B17",
    "SpacingBetweenSlices": 2.75,
    "StationName": "mrc_Trio",
    "TaskName": "semantic",
    "TotalReadoutTime": 0.04275,
    "TxRefAmp": 311.289,
    "dataset": "ds001748",
    "modality": "bold",
    "subject_id": "child02",
    "task_id": "semantic"
  },
  "dummy_trs": 0,
  "dvars_nstd": 39.31451413422818,
  "dvars_std": 1.2058482269798663,
  "dvars_vstd": 1.0185620038926178,
  "efc": 0.6178618110453773,
  "fber": 293.25250244140625,
  "fd_mean": 0.3682167714560451,
  "fd_num": 97,
  "fd_perc": 64.66666666666667,
  "fwhm_avg": 2.7860100606060603,
  "fwhm_x": 2.620036,
  "fwhm_y": 2.937376,
  "fwhm_z": 2.800618181818182,
  "gcor": 0.0270563,
  "gsr_x": -0.01740971766412258,
  "gsr_y": 0.06998008489608765,
  "provenance": {
    "md5sum": "1d51c34cdd48013f93e50b16ade84c86",
    "settings": {
      "fd_thres": 0.2,
      "testing": false
    },
    "software": "mriqc",
    "version": "22.0.0rc1",
    "webapi_port": null,
    "webapi_url": "https://mriqc.nimh.nih.gov/api/v1"
  },
  "size_t": 150,
  "size_x": 76,
  "size_y": 76,
  "size_z": 45,
  "snr": 3.168668726618021,
  "spacing_tr": 3.0,
  "spacing_x": 2.5,
  "spacing_y": 2.5,
  "spacing_z": 2.75,
  "summary_bg_k": 42.27536844048097,
  "summary_bg_mad": 5.297832530732404,
  "summary_bg_mean": 54.09675979614258,
  "summary_bg_median": 36.413333892822266,
  "summary_bg_n": 134992.0,
  "summary_bg_p05": 31.860000610351562,
  "summary_bg_p95": 132.65333557128906,
  "summary_bg_stdv": 55.21342468261719,
  "summary_fg_k": 1.199805374800932,
  "summary_fg_mad": 186.2742096962788,
  "summary_fg_mean": 667.4464111328125,
  "summary_fg_median": 636.9200439453125,
  "summary_fg_n": 71882.0,
  "summary_fg_p05": 403.44066925048827,
  "summary_fg_p95": 1047.8843811035156,
  "summary_fg_stdv": 201.00416564941406,
  "tsnr": 45.347356961574405
}