{
  "bids_meta": {
    "AcquisitionMatrixPE": 240,
    "AcquisitionNumber": 1,
    "AcquisitionTime": "10:18:26.785000",
    "BaseResolution": 256,
    "ConversionSoftware": "dcm2niix",
    "ConversionSoftwareVersion": "v1.0.20180622 (JP2:OpenJPEG) GCC6.1.0",
    "DeviceSerialNumber": "35410",
    "EchoTime": 0.00289,
    "ImageOrientationPatientDICOM": [
      8.2263e-06,
      1,
      -2.80544e-09,
      -0.0296612,
      2.41198e-07,
      -0.99956
    ],
    "ImageType": [
      "ORIGINAL",
      "PRIMARY",
      "M",
      "ND",
      "UNI"
    ],
    "InPlanePhaseEncodingDirectionDICOM": "ROW",
    "InstitutionAddress": "Cooper_60_St._Lucia_QLD_AU_4072",
    "InstitutionName": "St_Lucia_Campus",
    "MRAcquisitionType": "3D",
    "MagneticFieldStrength": 3,
    "Manufacturer": "Siemens",
    "ManufacturersModelName": "TrioTim",
    "Modality": "MR",
    "ParallelReductionFactorInPlane": 3,
    "PartialFourier": 0.75,
    "PatientPosition": "HFS",
    "PercentPhaseFOV": 93.75,
    "PhaseEncodingSteps": 181,
    "PhaseResolution": 1,
    "PixelBandwidth": 241,
    "ProcedureStepDescription": "RESEARCH_3T_Research",
    "ProtocolName": "mp2rage",
    "PulseSequenceDetails": "%CustomerSeq%_mp2rage_wip820B17",
    "ReceiveCoilName": "32Ch_Head",
    "ReconMatrixPE": 256,
    "RepetitionTime": 4,
    "SAR": 0.146004,
    "ScanOptions": "IR_PFP",
    "ScanningSequence": "GR_IR",
    "SequenceName": "tfl3d1_ns",
    "SequenceVariant": "SP_MP",
    "SeriesDescription": "mp2rage_UNI-DEN",
    "SeriesNumber": 4,
    "ShimSetting": [
      6819,
      -11271,
      -2615,
      -89,
      20,
      1,
      -123,
      4
    ],
    "SliceThickness": 1,
    "SoftwareVersions": "syngo_MR_B17",
    "StationName": "mrc_Trio",
    "TxRefAmp": 322.159,
    "dataset": "ds001748",
    "modality": "T1w",
    "subject_id": "child06"
  },
  "cjv": 0.29720495987215984,
  "cnr": 4.5861868177813125,
  "efc": 0.5510644309624195,
  "fber": 1645.134765625,
  "fwhm_avg": 3.964339700683272,
  "fwhm_x": 4.1185088885256995,
  "fwhm_y": 4.19217,
  "fwhm_z": 3.5823402135241156,
  "icvs_csf": 0.16055984371401413,
  "icvs_gm": 0.48623769622184076,
  "icvs_wm": 0.35320246006414513,
  "inu_med": 0.9774163365364075,
  "inu_range": 0.21438518166542042,
  "provenance": {
    "md5sum": "3cee57f7d40ad1aa17f4d21657795a50",
    "settings": {
      "testing": false
    },
    "software": "mriqc",
    "version": "22.0.0rc1",
    "warnings": {
      "large_rot_frame": true,
      "small_air_mask": false
    },
    "webapi_port": null,
    "webapi_url": "https://mriqc.nimh.nih.gov/api/v1"
  },
  "qi_1": 0.008085721232173408,
  "qi_2": 0.0004436973949814086,
  "rpve_csf": 26.07222460038721,
  "rpve_gm": 9.905116064792233,
  "rpve_wm": 15.33773089337217,
  "size_x": 176,
  "size_y": 240,
  "size_z": 256,
  "snr_csf": 0.8508619515443874,
  "snr_gm": 10.277165717428737,
  "snr_total": 10.998629687063554,
  "snr_wm": 21.867861392217534,
  "snrd_csf": 40.5366991310938,
  "snrd_gm": 68.97657121196097,
  "snrd_total": 72.53728314880199,
  "snrd_wm": 108.09857910335121,
  "spacing_x": 1.0000051259994507,
  "spacing_y": 1.0,
  "spacing_z": 0.9999999403953552,
  "summary_bg_k": 41.80294427878801,
  "summary_bg_mad": 6.060625218775189,
  "summary_bg_mean": 20.536128997802734,
  "summary_bg_median": 16.082162857055664,
  "summary_bg_n": 2402335.0,
  "summary_bg_p05": 9.218930339813232,
  "summary_bg_p95": 48.159265136718616,
  "summary_bg_stdv": 16.771324157714844,
  "summary_csf_k": -0.030578329736619114,
  "summary_csf_mad": 181.4576075487259,
  "summary_csf_mean": 523.1495971679688,
  "summary_csf_median": 375.00244140625,
  "summary_csf_n": 8419.0,
  "summary_csf_p05": 85.30405883789062,
  "summary_csf_p95": 1426.158642578125,
  "summary_csf_stdv": 440.70623779296875,
  "summary_gm_k": -0.015215405961427564,
  "summary_gm_mad": 62.36955704796918,
  "summary_gm_mean": 639.699951171875,
  "summary_gm_median": 638.097900390625,
  "summary_gm_n": 60175.0,
  "summary_gm_p05": 539.660693359375,
  "summary_gm_p95": 743.6204345703125,
  "summary_gm_stdv": 62.088382720947266,
  "summary_wm_k": 0.2566938865032484,
  "summary_wm_mad": 45.19344203358578,
  "summary_wm_mean": 1000.6004028320312,
  "summary_wm_median": 1000.0131225585938,
  "summary_wm_n": 199632.0,
  "summary_wm_p05": 927.3120544433593,
  "summary_wm_p95": 1076.220635986328,
  "summary_wm_stdv": 45.72969436645508,
  "tpm_overlap_csf": 0.1490921825170517,
  "tpm_overlap_gm": 0.4605264365673065,
  "tpm_overlap_wm": 0.4857233762741089,
  "wm2max": 0.6544655932441333
}