{
  "aor": 0.015622866666666667,
  "aqi": 0.011355662133333333,
  "bids_meta": {
    "AcquisitionMatrixPE": 76,
    "AcquisitionNumber": 1,
    "AcquisitionTime": "10:42:24.840000",
    "BandwidthPerPixelPhaseEncode": 23.084,
    "BaseResolution": 76,
    "ConversionSoftware": "dcm2niix",
    "ConversionSoftwareVersion": "v1.0.20180622 (JP2:OpenJPEG) GCC6.1.0",
    "DerivedVendorReportedEchoSpacing": 0.000570001,
    "DeviceSerialNumber": "35410",
    "DwellTime": 3.3e-06,
    "EchoTime": 0.03,
    "EffectiveEchoSpacing": 0.000570001,
    "FlipAngle": 90,
    "ImageOrientationPatientDICOM": [
      0.999926,
      -0.00110327,
      -0.0121223,
      -1.51198e-08,
      0.995884,
      -0.0906389
    ],
    "ImageType": [
      "ORIGINAL",
      "PRIMARY",
      "M",
      "ND",
      "MOSAIC"
    ],
    "InPlanePhaseEncodingDirectionDICOM": "COL",
    "InstitutionAddress": "Cooper_60_St._Lucia_QLD_AU_4072",
    "InstitutionName": "St_Lucia_Campus",
    "InstitutionalDepartmentName": "Gehrmann_Labs_MRI",
    "MRAcquisitionType": "2D",
    "MagneticFieldStrength": 3,
    "Manufacturer": "Siemens",
    "ManufacturersModelName": "TrioTim",
    "Modality": "MR",
    "PartialFourier": 1,
    "PatientPosition": "HFS",
    "PercentPhaseFOV": 100,
    "PhaseEncodingDirection": "j-",
    "PhaseEncodingSteps": 76,
    "PhaseResolution": 1,
    "PixelBandwidth": 1994,
    "ProcedureStepDescription": "RESEARCH_3T_Research",
    "ProtocolName": "EPI",
    "PulseSequenceDetails": "%SiemensSeq%_ep2d_pace",
    "ReceiveCoilName": "32Ch_Head",
    "ReconMatrixPE": 76,
    "RepetitionTime": 3,
    "SAR": 0.199704,
    "ScanOptions": "FS",
    "ScanningSequence": "EP",
    "SequenceName": "_epfid2d1_76",
    "SequenceVariant": "SK",
    "SeriesDescription": "EPI",
    "SeriesNumber": 9,
    "ShimSetting": [
      6786,
      -11417,
      -2091,
      857,
      -68,
      -21,
      80,
      17
    ],
    "SliceThickness": 2.5,
    "SliceTiming": [
      0,
      1.53,
      0.0675,
      1.595,
      0.1325,
      1.6625,
      0.2,
      1.73,
      0.2675,
      1.795,
      0.3325,
      1.8625,
      0.4,
      1.9275,
      0.465,
      1.995,
      0.5325,
      2.0625,
      0.6,
      2.1275,
      0.665,
      2.195,
      0.7325,
      2.26,
      0.7975,
      2.3275,
      0.865,
      2.395,
      0.9325,
      2.46,
      0.9975,
      2.5275,
      1.065,
      2.5925,
      1.13,
      2.66,
      1.1975,
      2.725,
      1.265,
      2.7925,
      1.33,
      2.86,
      1.3975,
      2.925,
      1.4625
    ],
    "SoftwareVersions": "syngo_MR_B17",
    "SpacingBetweenSlices": 2.75,
    "StationName": "mrc_Trio",
    "TaskName": "episodic",
    "TotalReadoutTime": 0.04275,
    "TxRefAmp": 322.159,
    "dataset": "ds001748",
    "modality": "bold",
    "subject_id": "child06",
    "task_id": "episodic"
  },
  "dummy_trs": 0,
  "dvars_nstd": 45.345303567516794,
  "dvars_std": 1.2768417058389263,
  "dvars_vstd": 1.076518957785235,
  "efc": 0.6241560353427641,
  "fber": 283.3371887207031,
  "fd_mean": 0.37374930705701426,
  "fd_num": 67,
  "fd_perc": 44.666666666666664,
  "fwhm_avg": 2.746879272727273,
  "fwhm_x": 2.641492,
  "fwhm_y": 2.873124,
  "fwhm_z": 2.726021818181818,
  "gcor": 0.057744,
  "gsr_x": -0.014061451889574528,
  "gsr_y": 0.05653593689203262,
  "provenance": {
    "md5sum": "498b668e6bde0421de8885af755c4203",
    "settings": {
      "fd_thres": 0.2,
      "testing": false
    },
    "software": "mriqc",
    "version": "22.0.0rc1",
    "webapi_port": null,
    "webapi_url": "https://mriqc.nimh.nih.gov/api/v1"
  },
  "size_t": 150,
  "size_x": 76,
  "size_y": 76,
  "size_z": 45,
  "snr": 3.269069654088261,
  "spacing_tr": 3.0,
  "spacing_x": 2.5,
  "spacing_y": 2.5,
  "spacing_z": 2.75,
  "summary_bg_k": 30.094665218647343,
  "summary_bg_mad": 7.175794963794258,
  "summary_bg_mean": 62.167537689208984,
  "summary_bg_median": 41.833335876464844,
  "summary_bg_n": 133074.0,
  "summary_bg_p05": 36.28666687011719,
  "summary_bg_p95": 156.55800704956044,
  "summary_bg_stdv": 57.37879943847656,
  "summary_fg_k": 0.69553343863452,
  "summary_fg_mad": 208.75037426741713,
  "summary_fg_mean": 749.1881713867188,
  "summary_fg_median": 714.4866943359375,
  "summary_fg_n": 74047.0,
  "summary_fg_p05": 455.1453338623047,
  "summary_fg_p95": 1157.1567138671874,
  "summary_fg_stdv": 218.55816650390625,
  "tsnr": 36.80228175641969
}