{
  "aor": 0.006687333333333334,
  "aqi": 0.007634177133333333,
  "bids_meta": {
    "AcquisitionMatrixPE": 76,
    "AcquisitionNumber": 1,
    "AcquisitionTime": "10:26:2.210000",
    "BandwidthPerPixelPhaseEncode": 23.084,
    "BaseResolution": 76,
    "ConversionSoftware": "dcm2niix",
    "ConversionSoftwareVersion": "v1.0.20180622 (JP2:OpenJPEG) GCC6.1.0",
    "DerivedVendorReportedEchoSpacing": 0.000570001,
    "DeviceSerialNumber": "35410",
    "DwellTime": 3.3e-06,
    "EchoTime": 0.03,
    "EffectiveEchoSpacing": 0.000570001,
    "FlipAngle": 90,
    "ImageOrientationPatientDICOM": [
      0.999926,
      -0.00110327,
      -0.0121223,
      -1.51198e-08,
      0.995884,
      -0.0906389
    ],
    "ImageType": [
      "ORIGINAL",
      "PRIMARY",
      "M",
      "ND",
      "MOSAIC"
    ],
    "InPlanePhaseEncodingDirectionDICOM": "COL",
    "InstitutionAddress": "Cooper_60_St._Lucia_QLD_AU_4072",
    "InstitutionName": "St_Lucia_Campus",
    "InstitutionalDepartmentName": "Gehrmann_Labs_MRI",
    "MRAcquisitionType": "2D",
    "MagneticFieldStrength": 3,
    "Manufacturer": "Siemens",
    "ManufacturersModelName": "TrioTim",
    "Modality": "MR",
    "PartialFourier": 1,
    "PatientPosition": "HFS",
    "PercentPhaseFOV": 100,
    "PhaseEncodingDirection": "j-",
    "PhaseEncodingSteps": 76,
    "PhaseResolution": 1,
    "PixelBandwidth": 1994,
    "ProcedureStepDescription": "RESEARCH_3T_Research",
    "ProtocolName": "AUTO",
    "PulseSequenceDetails": "%SiemensSeq%_ep2d_pace",
    "ReceiveCoilName": "32Ch_Head",
    "ReconMatrixPE": 76,
    "RepetitionTime": 3,
    "SAR": 0.199704,
    "ScanOptions": "FS",
    "ScanningSequence": "EP",
    "SequenceName": "_epfid2d1_76",
    "SequenceVariant": "SK",
    "SeriesDescription": "AUTO",
    "SeriesNumber": 7,
    "ShimSetting": [
      6786,
      -11417,
      -2091,
      857,
      -68,
      -21,
      80,
      17
    ],
    "SliceThickness": 2.5,
    "SliceTiming": [
      0,
      1.53,
      0.0675,
      1.595,
      0.1325,
      1.6625,
      0.2,
      1.7275,
      0.265,
      1.795,
      0.3325,
      1.8625,
      0.4,
      1.9275,
      0.465,
      1.995,
      0.5325,
      2.06,
      0.5975,
      2.1275,
      0.665,
      2.1925,
      0.73,
      2.26,
      0.7975,
      2.3275,
      0.865,
      2.3925,
      0.93,
      2.46,
      0.9975,
      2.525,
      1.0625,
      2.5925,
      1.13,
      2.66,
      1.1975,
      2.725,
      1.2625,
      2.7925,
      1.33,
      2.8575,
      1.395,
      2.925,
      1.4625
    ],
    "SoftwareVersions": "syngo_MR_B17",
    "SpacingBetweenSlices": 2.75,
    "StationName": "mrc_Trio",
    "TaskName": "autobio",
    "TotalReadoutTime": 0.04275,
    "TxRefAmp": 322.159,
    "dataset": "ds001748",
    "modality": "bold",
    "subject_id": "child06",
    "task_id": "autobio"
  },
  "dummy_trs": 0,
  "dvars_nstd": 36.99753405416106,
  "dvars_std": 1.2520142622818793,
  "dvars_vstd": 1.0265603524832212,
  "efc": 0.6222959862303206,
  "fber": 287.8233947753906,
  "fd_mean": 0.19044819424669396,
  "fd_num": 40,
  "fd_perc": 26.666666666666668,
  "fwhm_avg": 2.7103624242424242,
  "fwhm_x": 2.62798,
  "fwhm_y": 2.8459399999999997,
  "fwhm_z": 2.657167272727273,
  "gcor": 0.0358448,
  "gsr_x": -0.0129363052546978,
  "gsr_y": 0.05571995675563812,
  "provenance": {
    "md5sum": "df17c7bb400170d55c3090537de8630a",
    "settings": {
      "fd_thres": 0.2,
      "testing": false
    },
    "software": "mriqc",
    "version": "22.0.0rc1",
    "webapi_port": null,
    "webapi_url": "https://mriqc.nimh.nih.gov/api/v1"
  },
  "size_t": 150,
  "size_x": 76,
  "size_y": 76,
  "size_z": 45,
  "snr": 3.2853884098217594,
  "spacing_tr": 3.0,
  "spacing_x": 2.5,
  "spacing_y": 2.5,
  "spacing_z": 2.75,
  "summary_bg_k": 31.72933279539339,
  "summary_bg_mad": 7.61069402764545,
  "summary_bg_mean": 61.376007080078125,
  "summary_bg_median": 41.526668548583984,
  "summary_bg_n": 133249.0,
  "summary_bg_p05": 35.073333740234375,
  "summary_bg_p95": 153.26933593749976,
  "summary_bg_stdv": 56.92118453979492,
  "summary_fg_k": 0.7349362198921856,
  "summary_fg_mad": 208.08816216811147,
  "summary_fg_mean": 748.0130004882812,
  "summary_fg_median": 715.0733642578125,
  "summary_fg_n": 73916.0,
  "summary_fg_p05": 453.8816833496094,
  "summary_fg_p95": 1154.3516845703125,
  "summary_fg_stdv": 217.65113830566406,
  "tsnr": 47.18305493704975
}