{
  "aor": 0.006523266666666667,
  "aqi": 0.017060801599999998,
  "bids_meta": {
    "AcquisitionMatrixPE": 76,
    "AcquisitionNumber": 1,
    "AcquisitionTime": "16:45:50.965000",
    "BandwidthPerPixelPhaseEncode": 23.084,
    "BaseResolution": 76,
    "BodyPartExamined": "BRAIN",
    "ConsistencyInfo": "N4_VE11C_LATEST_20160120",
    "ConversionSoftware": "dcm2niix",
    "ConversionSoftwareVersion": "v1.0.20180622 (JP2:OpenJPEG) GCC6.1.0",
    "DerivedVendorReportedEchoSpacing": 0.000570001,
    "DeviceSerialNumber": "167001",
    "DwellTime": 3.3e-06,
    "EchoTime": 0.03,
    "EchoTrainLength": 76,
    "EffectiveEchoSpacing": 0.000570001,
    "FlipAngle": 90,
    "ImageOrientationPatientDICOM": [
      0.999592,
      0.0252924,
      0.0132701,
      -0.0221603,
      0.979879,
      -0.198359
    ],
    "ImageType": [
      "ORIGINAL",
      "PRIMARY",
      "M",
      "ND",
      "MOSAIC"
    ],
    "InPlanePhaseEncodingDirectionDICOM": "COL",
    "InstitutionAddress": "Cooper_60_St._Lucia_QLD_AU_4072",
    "InstitutionName": "St_Lucia_Campus",
    "InstitutionalDepartmentName": "Gehrmann_Labs_MRI",
    "MRAcquisitionType": "2D",
    "MagneticFieldStrength": 3,
    "Manufacturer": "Siemens",
    "ManufacturersModelName": "Prisma_fit",
    "Modality": "MR",
    "PartialFourier": 1,
    "PatientPosition": "HFS",
    "PercentPhaseFOV": 100,
    "PhaseEncodingDirection": "j-",
    "PhaseEncodingSteps": 76,
    "PhaseResolution": 1,
    "PixelBandwidth": 1995,
    "ProcedureStepDescription": "Research_16004_CMN",
    "ProtocolName": "ep2d_bold_EPI",
    "PulseSequenceDetails": "%SiemensSeq%_ep2d_bold",
    "ReceiveCoilActiveElements": "HC1-7;NC1,2",
    "ReceiveCoilName": "HeadNeck_64",
    "ReconMatrixPE": 76,
    "RepetitionTime": 3,
    "SAR": 0.0786734,
    "ScanOptions": "FS",
    "ScanningSequence": "EP",
    "SequenceName": "_epfid2d1_76",
    "SequenceVariant": "SK",
    "SeriesDescription": "ep2d_bold_EPI",
    "SeriesNumber": 11,
    "ShimSetting": [
      3054,
      -4083,
      -799,
      428,
      -2,
      82,
      -96,
      -6
    ],
    "SliceThickness": 2.5,
    "SliceTiming": [
      0,
      1.5225,
      0.065,
      1.5875,
      0.1325,
      1.655,
      0.1975,
      1.72,
      0.2625,
      1.7875,
      0.33,
      1.8525,
      0.395,
      1.92,
      0.4625,
      1.985,
      0.5275,
      2.0525,
      0.595,
      2.1175,
      0.66,
      2.185,
      0.7275,
      2.25,
      0.7925,
      2.3175,
      0.86,
      2.3825,
      0.925,
      2.45,
      0.9925,
      2.515,
      1.0575,
      2.5825,
      1.125,
      2.6475,
      1.19,
      2.715,
      1.2575,
      2.78,
      1.3225,
      2.8475,
      1.39,
      2.9125,
      1.455
    ],
    "SoftwareVersions": "syngo_MR_E11",
    "SpacingBetweenSlices": 2.75,
    "StationName": "mrc_Trio",
    "TaskName": "episodic",
    "TotalReadoutTime": 0.04275,
    "TxRefAmp": 227.805,
    "dataset": "ds001748",
    "modality": "bold",
    "subject_id": "teen09",
    "task_id": "episodic"
  },
  "dummy_trs": 0,
  "dvars_nstd": 47.917099024429504,
  "dvars_std": 1.0625957284563758,
  "dvars_vstd": 0.8891202906040268,
  "efc": 0.6332758796850283,
  "fber": 139.35806274414062,
  "fd_mean": 0.38781941654426505,
  "fd_num": 89,
  "fd_perc": 59.333333333333336,
  "fwhm_avg": 3.06192896969697,
  "fwhm_x": 2.855808,
  "fwhm_y": 3.175008,
  "fwhm_z": 3.1549709090909093,
  "gcor": 0.0881316,
  "gsr_x": 0.009787243790924549,
  "gsr_y": 0.05243818461894989,
  "provenance": {
    "md5sum": "c395f83a013e72d8bbf8777bd7f99454",
    "settings": {
      "fd_thres": 0.2,
      "testing": false
    },
    "software": "mriqc",
    "version": "22.0.0rc1",
    "webapi_port": null,
    "webapi_url": "https://mriqc.nimh.nih.gov/api/v1"
  },
  "size_t": 150,
  "size_x": 76,
  "size_y": 76,
  "size_z": 45,
  "snr": 2.1816727682310115,
  "spacing_tr": 3.0,
  "spacing_x": 2.5,
  "spacing_y": 2.5,
  "spacing_z": 2.75,
  "summary_bg_k": 19.7776145821649,
  "summary_bg_mad": 10.654970507567905,
  "summary_bg_mean": 121.69159698486328,
  "summary_bg_median": 71.8800048828125,
  "summary_bg_n": 131295.0,
  "summary_bg_p05": 62.106666564941406,
  "summary_bg_p95": 376.1533508300781,
  "summary_bg_stdv": 133.62518310546875,
  "summary_fg_k": 1.959391950641023,
  "summary_fg_mad": 339.5159080377828,
  "summary_fg_mean": 957.8644409179688,
  "summary_fg_median": 874.933349609375,
  "summary_fg_n": 69043.0,
  "summary_fg_p05": 484.93601684570314,
  "summary_fg_p95": 1765.9760986328122,
  "summary_fg_stdv": 401.0349426269531,
  "tsnr": 28.272948637604713
}