{
  "aor": 0.005798389261744967,
  "aqi": 0.009593145704697987,
  "bids_meta": {
    "AcquisitionMatrixPE": 76,
    "AcquisitionNumber": 1,
    "AcquisitionTime": "16:29:36.577500",
    "BandwidthPerPixelPhaseEncode": 23.084,
    "BaseResolution": 76,
    "BodyPartExamined": "BRAIN",
    "ConsistencyInfo": "N4_VE11C_LATEST_20160120",
    "ConversionSoftware": "dcm2niix",
    "ConversionSoftwareVersion": "v1.0.20180622 (JP2:OpenJPEG) GCC6.1.0",
    "DerivedVendorReportedEchoSpacing": 0.000570001,
    "DeviceSerialNumber": "167001",
    "DwellTime": 3.3e-06,
    "EchoTime": 0.03,
    "EchoTrainLength": 76,
    "EffectiveEchoSpacing": 0.000570001,
    "FlipAngle": 90,
    "ImageOrientationPatientDICOM": [
      0.999592,
      0.0252924,
      0.0132701,
      -0.0221603,
      0.979879,
      -0.198359
    ],
    "ImageType": [
      "ORIGINAL",
      "PRIMARY",
      "M",
      "ND",
      "MOSAIC"
    ],
    "InPlanePhaseEncodingDirectionDICOM": "COL",
    "InstitutionAddress": "Cooper_60_St._Lucia_QLD_AU_4072",
    "InstitutionName": "St_Lucia_Campus",
    "InstitutionalDepartmentName": "Gehrmann_Labs_MRI",
    "MRAcquisitionType": "2D",
    "MagneticFieldStrength": 3,
    "Manufacturer": "Siemens",
    "ManufacturersModelName": "Prisma_fit",
    "Modality": "MR",
    "PartialFourier": 1,
    "PatientPosition": "HFS",
    "PercentPhaseFOV": 100,
    "PhaseEncodingDirection": "j-",
    "PhaseEncodingSteps": 76,
    "PhaseResolution": 1,
    "PixelBandwidth": 1995,
    "ProcedureStepDescription": "Research_16004_CMN",
    "ProtocolName": "ep2d_bold_AUTO",
    "PulseSequenceDetails": "%SiemensSeq%_ep2d_bold",
    "ReceiveCoilActiveElements": "HC1-7;NC1,2",
    "ReceiveCoilName": "HeadNeck_64",
    "ReconMatrixPE": 76,
    "RepetitionTime": 3,
    "SAR": 0.0786734,
    "ScanOptions": "FS",
    "ScanningSequence": "EP",
    "SequenceName": "_epfid2d1_76",
    "SequenceVariant": "SK",
    "SeriesDescription": "ep2d_bold_AUTO",
    "SeriesNumber": 9,
    "ShimSetting": [
      3054,
      -4083,
      -799,
      428,
      -2,
      82,
      -96,
      -6
    ],
    "SliceThickness": 2.5,
    "SliceTiming": [
      0,
      1.525,
      0.0675,
      1.59,
      0.1325,
      1.6575,
      0.2,
      1.7225,
      0.265,
      1.79,
      0.3325,
      1.855,
      0.3975,
      1.9225,
      0.465,
      1.9875,
      0.53,
      2.055,
      0.5975,
      2.12,
      0.6625,
      2.185,
      0.73,
      2.2525,
      0.795,
      2.3175,
      0.8625,
      2.385,
      0.9275,
      2.45,
      0.995,
      2.5175,
      1.06,
      2.5825,
      1.1275,
      2.65,
      1.1925,
      2.715,
      1.26,
      2.7825,
      1.325,
      2.8475,
      1.3925,
      2.915,
      1.4575
    ],
    "SoftwareVersions": "syngo_MR_E11",
    "SpacingBetweenSlices": 2.75,
    "StationName": "mrc_Trio",
    "TaskName": "autobio",
    "TotalReadoutTime": 0.04275,
    "TxRefAmp": 227.805,
    "dataset": "ds001748",
    "modality": "bold",
    "subject_id": "teen09",
    "task_id": "autobio"
  },
  "dummy_trs": 1,
  "dvars_nstd": 35.9440624518919,
  "dvars_std": 1.0999804202027024,
  "dvars_vstd": 0.9147774706756754,
  "efc": 0.6337403446526465,
  "fber": 139.6021728515625,
  "fd_mean": 0.20802090497044867,
  "fd_num": 44,
  "fd_perc": 29.530201342281877,
  "fwhm_avg": 3.0293637575757573,
  "fwhm_x": 2.8251999999999997,
  "fwhm_y": 3.194484,
  "fwhm_z": 3.0684072727272724,
  "gcor": 0.0353268,
  "gsr_x": 0.0027403344865888357,
  "gsr_y": 0.05258334055542946,
  "provenance": {
    "md5sum": "1b3595a4c72798a249b6673565932d14",
    "settings": {
      "fd_thres": 0.2,
      "testing": false
    },
    "software": "mriqc",
    "version": "22.0.0rc1",
    "webapi_port": null,
    "webapi_url": "https://mriqc.nimh.nih.gov/api/v1"
  },
  "size_t": 149,
  "size_x": 76,
  "size_y": 76,
  "size_z": 45,
  "snr": 2.202078062740134,
  "spacing_tr": 3.0,
  "spacing_x": 2.5,
  "spacing_y": 2.5,
  "spacing_z": 2.75,
  "summary_bg_k": 19.372178276779515,
  "summary_bg_mad": 11.980220435259058,
  "summary_bg_mean": 123.01991271972656,
  "summary_bg_median": 72.12080383300781,
  "summary_bg_n": 132220.0,
  "summary_bg_p05": 60.818790435791016,
  "summary_bg_p95": 389.01644744872976,
  "summary_bg_stdv": 137.70901489257812,
  "summary_fg_k": 1.803322449679496,
  "summary_fg_mad": 344.67515381939165,
  "summary_fg_mean": 965.3505249023438,
  "summary_fg_median": 883.6946411132812,
  "summary_fg_n": 69186.0,
  "summary_fg_p05": 489.0218200683594,
  "summary_fg_p95": 1769.4111022949219,
  "summary_fg_stdv": 401.29742431640625,
  "tsnr": 38.88431774592027
}