{
  "aor": 0.001287718120805369,
  "aqi": 0.003235251543624161,
  "bids_meta": {
    "AcquisitionMatrixPE": 76,
    "AcquisitionNumber": 1,
    "AcquisitionTime": "09:39:40.267500",
    "BandwidthPerPixelPhaseEncode": 23.084,
    "BaseResolution": 76,
    "ConversionSoftware": "dcm2niix",
    "ConversionSoftwareVersion": "v1.0.20180622 (JP2:OpenJPEG) GCC6.1.0",
    "DerivedVendorReportedEchoSpacing": 0.000570001,
    "DeviceSerialNumber": "35410",
    "DwellTime": 3.3e-06,
    "EchoTime": 0.03,
    "EffectiveEchoSpacing": 0.000570001,
    "FlipAngle": 90,
    "ImageOrientationPatientDICOM": [
      0.999828,
      0.00631079,
      -0.0174142,
      -0.0139611,
      0.874614,
      -0.484619
    ],
    "ImageType": [
      "ORIGINAL",
      "PRIMARY",
      "M",
      "ND",
      "MOSAIC"
    ],
    "InPlanePhaseEncodingDirectionDICOM": "COL",
    "InstitutionAddress": "Cooper_60_St._Lucia_QLD_AU_4072",
    "InstitutionName": "St_Lucia_Campus",
    "InstitutionalDepartmentName": "Gehrmann_Labs_MRI",
    "MRAcquisitionType": "2D",
    "MagneticFieldStrength": 3,
    "Manufacturer": "Siemens",
    "ManufacturersModelName": "TrioTim",
    "Modality": "MR",
    "PartialFourier": 1,
    "PatientPosition": "HFS",
    "PercentPhaseFOV": 100,
    "PhaseEncodingDirection": "j-",
    "PhaseEncodingSteps": 76,
    "PhaseResolution": 1,
    "PixelBandwidth": 1994,
    "ProcedureStepDescription": "Brain_-_UQ_fMRI",
    "ProtocolName": "EPI",
    "PulseSequenceDetails": "%SiemensSeq%_ep2d_pace",
    "ReceiveCoilName": "32Ch_Head",
    "ReconMatrixPE": 76,
    "RepetitionTime": 3,
    "SAR": 0.189766,
    "ScanOptions": "FS",
    "ScanningSequence": "EP",
    "SequenceName": "_epfid2d1_76",
    "SequenceVariant": "SK",
    "SeriesDescription": "EPI",
    "SeriesNumber": 4,
    "ShimSetting": [
      6822,
      -11165,
      -2229,
      466,
      -36,
      -305,
      -140,
      20
    ],
    "SliceThickness": 2.5,
    "SliceTiming": [
      0,
      1.5275,
      0.065,
      1.595,
      0.1325,
      1.6625,
      0.2,
      1.7275,
      0.265,
      1.795,
      0.3325,
      1.86,
      0.3975,
      1.9275,
      0.465,
      1.995,
      0.5325,
      2.06,
      0.5975,
      2.1275,
      0.665,
      2.1925,
      0.73,
      2.26,
      0.7975,
      2.325,
      0.865,
      2.3925,
      0.93,
      2.46,
      0.9975,
      2.525,
      1.0625,
      2.5925,
      1.13,
      2.6575,
      1.195,
      2.725,
      1.2625,
      2.7925,
      1.33,
      2.8575,
      1.395,
      2.925,
      1.4625
    ],
    "SoftwareVersions": "syngo_MR_B17",
    "SpacingBetweenSlices": 2.75,
    "StationName": "mrc_Trio",
    "TaskName": "episodic",
    "TotalReadoutTime": 0.04275,
    "TxRefAmp": 436.403,
    "dataset": "ds001748",
    "modality": "bold",
    "subject_id": "adult01",
    "task_id": "episodic"
  },
  "dummy_trs": 1,
  "dvars_nstd": 28.84060747547299,
  "dvars_std": 1.180607808783784,
  "dvars_vstd": 1.012451787432432,
  "efc": 0.6777263254779287,
  "fber": 114.46841430664062,
  "fd_mean": 0.0575107438369211,
  "fd_num": 1,
  "fd_perc": 0.6711409395973155,
  "fwhm_avg": 2.5355060606060604,
  "fwhm_x": 2.41974,
  "fwhm_y": 2.56868,
  "fwhm_z": 2.6180981818181817,
  "gcor": 0.037819,
  "gsr_x": -0.01255101803690195,
  "gsr_y": 0.11016902327537537,
  "provenance": {
    "md5sum": "8e3677fb3715e952d87d485ac30d6748",
    "settings": {
      "fd_thres": 0.2,
      "testing": false
    },
    "software": "mriqc",
    "version": "22.0.0rc1",
    "webapi_port": null,
    "webapi_url": "https://mriqc.nimh.nih.gov/api/v1"
  },
  "size_t": 149,
  "size_x": 76,
  "size_y": 76,
  "size_z": 45,
  "snr": 2.6912885825389066,
  "spacing_tr": 3.0,
  "spacing_x": 2.5,
  "spacing_y": 2.5,
  "spacing_z": 2.75,
  "summary_bg_k": 23.766395562171287,
  "summary_bg_mad": 17.353409228043496,
  "summary_bg_mean": 84.79788970947266,
  "summary_bg_median": 47.37583923339844,
  "summary_bg_n": 124071.0,
  "summary_bg_p05": 34.88590621948242,
  "summary_bg_p95": 258.6912841796875,
  "summary_bg_stdv": 94.77339935302734,
  "summary_fg_k": 2.27086055205967,
  "summary_fg_mad": 166.07131121597226,
  "summary_fg_mean": 564.989990234375,
  "summary_fg_median": 524.0939331054688,
  "summary_fg_n": 79330.0,
  "summary_fg_p05": 323.3379211425781,
  "summary_fg_p95": 934.1422729492189,
  "summary_fg_stdv": 194.73594665527344,
  "tsnr": 58.38729723379947
}