{
  "aor": 0.0013372666666666667,
  "aqi": 0.0039514288,
  "bids_meta": {
    "AcquisitionMatrixPE": 76,
    "AcquisitionNumber": 1,
    "AcquisitionTime": "09:31:38.377500",
    "BandwidthPerPixelPhaseEncode": 23.084,
    "BaseResolution": 76,
    "ConversionSoftware": "dcm2niix",
    "ConversionSoftwareVersion": "v1.0.20180622 (JP2:OpenJPEG) GCC6.1.0",
    "DerivedVendorReportedEchoSpacing": 0.000570001,
    "DeviceSerialNumber": "35410",
    "DwellTime": 3.3e-06,
    "EchoTime": 0.03,
    "EffectiveEchoSpacing": 0.000570001,
    "FlipAngle": 90,
    "ImageOrientationPatientDICOM": [
      0.999828,
      0.00631079,
      -0.0174142,
      -0.0139611,
      0.874614,
      -0.484619
    ],
    "ImageType": [
      "ORIGINAL",
      "PRIMARY",
      "M",
      "ND",
      "MOSAIC"
    ],
    "InPlanePhaseEncodingDirectionDICOM": "COL",
    "InstitutionAddress": "Cooper_60_St._Lucia_QLD_AU_4072",
    "InstitutionName": "St_Lucia_Campus",
    "InstitutionalDepartmentName": "Gehrmann_Labs_MRI",
    "MRAcquisitionType": "2D",
    "MagneticFieldStrength": 3,
    "Manufacturer": "Siemens",
    "ManufacturersModelName": "TrioTim",
    "Modality": "MR",
    "PartialFourier": 1,
    "PatientPosition": "HFS",
    "PercentPhaseFOV": 100,
    "PhaseEncodingDirection": "j-",
    "PhaseEncodingSteps": 76,
    "PhaseResolution": 1,
    "PixelBandwidth": 1994,
    "ProcedureStepDescription": "Brain_-_UQ_fMRI",
    "ProtocolName": "SEM",
    "PulseSequenceDetails": "%SiemensSeq%_ep2d_pace",
    "ReceiveCoilName": "32Ch_Head",
    "ReconMatrixPE": 76,
    "RepetitionTime": 3,
    "SAR": 0.189766,
    "ScanOptions": "FS",
    "ScanningSequence": "EP",
    "SequenceName": "_epfid2d1_76",
    "SequenceVariant": "SK",
    "SeriesDescription": "SEM",
    "SeriesNumber": 3,
    "ShimSetting": [
      6822,
      -11165,
      -2229,
      466,
      -36,
      -305,
      -140,
      20
    ],
    "SliceThickness": 2.5,
    "SliceTiming": [
      0,
      1.53,
      0.0675,
      1.5975,
      0.135,
      1.6625,
      0.2,
      1.73,
      0.2675,
      1.795,
      0.3325,
      1.8625,
      0.4,
      1.9275,
      0.465,
      1.995,
      0.5325,
      2.0625,
      0.6,
      2.1275,
      0.665,
      2.195,
      0.7325,
      2.26,
      0.7975,
      2.3275,
      0.865,
      2.395,
      0.9325,
      2.46,
      0.9975,
      2.5275,
      1.065,
      2.5925,
      1.13,
      2.66,
      1.1975,
      2.7275,
      1.265,
      2.7925,
      1.33,
      2.86,
      1.3975,
      2.925,
      1.4625
    ],
    "SoftwareVersions": "syngo_MR_B17",
    "SpacingBetweenSlices": 2.75,
    "StationName": "mrc_Trio",
    "TaskName": "semantic",
    "TotalReadoutTime": 0.04275,
    "TxRefAmp": 436.403,
    "dataset": "ds001748",
    "modality": "bold",
    "subject_id": "adult01",
    "task_id": "semantic"
  },
  "dummy_trs": 0,
  "dvars_nstd": 29.174470223355694,
  "dvars_std": 1.1698664346979857,
  "dvars_vstd": 1.0032893308724828,
  "efc": 0.676554428091675,
  "fber": 115.20101165771484,
  "fd_mean": 0.05244170125904046,
  "fd_num": 0,
  "fd_perc": 0.0,
  "fwhm_avg": 2.5421146666666665,
  "fwhm_x": 2.42612,
  "fwhm_y": 2.569304,
  "fwhm_z": 2.63092,
  "gcor": 0.0202899,
  "gsr_x": -0.01216509286314249,
  "gsr_y": 0.11078799515962601,
  "provenance": {
    "md5sum": "05658605e7d758a47d66273a04d540d6",
    "settings": {
      "fd_thres": 0.2,
      "testing": false
    },
    "software": "mriqc",
    "version": "22.0.0rc1",
    "webapi_port": null,
    "webapi_url": "https://mriqc.nimh.nih.gov/api/v1"
  },
  "size_t": 150,
  "size_x": 76,
  "size_y": 76,
  "size_z": 45,
  "snr": 2.697738815918388,
  "spacing_tr": 3.0,
  "spacing_x": 2.5,
  "spacing_y": 2.5,
  "spacing_z": 2.75,
  "summary_bg_k": 23.702746346106903,
  "summary_bg_mad": 17.791232277745852,
  "summary_bg_mean": 84.32962799072266,
  "summary_bg_median": 47.46000289916992,
  "summary_bg_n": 124433.0,
  "summary_bg_p05": 34.366668701171875,
  "summary_bg_p95": 257.75599975585936,
  "summary_bg_stdv": 93.64529418945312,
  "summary_fg_k": 2.28454000082763,
  "summary_fg_mad": 166.5851635534835,
  "summary_fg_mean": 567.2484130859375,
  "summary_fg_median": 526.0266723632812,
  "summary_fg_n": 78893.0,
  "summary_fg_p05": 325.4613403320312,
  "summary_fg_p95": 937.798681640625,
  "summary_fg_stdv": 194.98675537109375,
  "tsnr": 56.00138606503606
}