{
  "aor": 0.0008582,
  "aqi": 0.008167181400000001,
  "bids_meta": {
    "AcquisitionMatrixPE": 76,
    "AcquisitionNumber": 1,
    "AcquisitionTime": "09:23:17.262500",
    "BandwidthPerPixelPhaseEncode": 23.084,
    "BaseResolution": 76,
    "ConversionSoftware": "dcm2niix",
    "ConversionSoftwareVersion": "v1.0.20180622 (JP2:OpenJPEG) GCC6.1.0",
    "DerivedVendorReportedEchoSpacing": 0.000570001,
    "DeviceSerialNumber": "35410",
    "DwellTime": 3.3e-06,
    "EchoTime": 0.03,
    "EffectiveEchoSpacing": 0.000570001,
    "FlipAngle": 90,
    "ImageOrientationPatientDICOM": [
      0.999828,
      0.00631079,
      -0.0174142,
      -0.0139611,
      0.874614,
      -0.484619
    ],
    "ImageType": [
      "ORIGINAL",
      "PRIMARY",
      "M",
      "ND",
      "MOSAIC"
    ],
    "InPlanePhaseEncodingDirectionDICOM": "COL",
    "InstitutionAddress": "Cooper_60_St._Lucia_QLD_AU_4072",
    "InstitutionName": "St_Lucia_Campus",
    "InstitutionalDepartmentName": "Gehrmann_Labs_MRI",
    "MRAcquisitionType": "2D",
    "MagneticFieldStrength": 3,
    "Manufacturer": "Siemens",
    "ManufacturersModelName": "TrioTim",
    "Modality": "MR",
    "PartialFourier": 1,
    "PatientPosition": "HFS",
    "PercentPhaseFOV": 100,
    "PhaseEncodingDirection": "j-",
    "PhaseEncodingSteps": 76,
    "PhaseResolution": 1,
    "PixelBandwidth": 1994,
    "ProcedureStepDescription": "Brain_-_UQ_fMRI",
    "ProtocolName": "AUTO",
    "PulseSequenceDetails": "%SiemensSeq%_ep2d_pace",
    "ReceiveCoilName": "32Ch_Head",
    "ReconMatrixPE": 76,
    "RepetitionTime": 3,
    "SAR": 0.189766,
    "ScanOptions": "FS",
    "ScanningSequence": "EP",
    "SequenceName": "_epfid2d1_76",
    "SequenceVariant": "SK",
    "SeriesDescription": "AUTO",
    "SeriesNumber": 2,
    "ShimSetting": [
      6822,
      -11165,
      -2229,
      466,
      -36,
      -305,
      -140,
      20
    ],
    "SliceThickness": 2.5,
    "SliceTiming": [
      0,
      1.53,
      0.0675,
      1.595,
      0.1325,
      1.6625,
      0.2,
      1.7275,
      0.265,
      1.795,
      0.3325,
      1.8625,
      0.4,
      1.9275,
      0.465,
      1.995,
      0.5325,
      2.06,
      0.5975,
      2.1275,
      0.665,
      2.195,
      0.7325,
      2.26,
      0.7975,
      2.3275,
      0.865,
      2.3925,
      0.93,
      2.46,
      0.9975,
      2.525,
      1.0625,
      2.5925,
      1.13,
      2.66,
      1.1975,
      2.725,
      1.2625,
      2.7925,
      1.33,
      2.8575,
      1.395,
      2.925,
      1.4625
    ],
    "SoftwareVersions": "syngo_MR_B17",
    "SpacingBetweenSlices": 2.75,
    "StationName": "mrc_Trio",
    "TaskName": "autobio",
    "TotalReadoutTime": 0.04275,
    "TxRefAmp": 436.403,
    "dataset": "ds001748",
    "modality": "bold",
    "subject_id": "adult01",
    "task_id": "autobio"
  },
  "dummy_trs": 0,
  "dvars_nstd": 30.590808330805384,
  "dvars_std": 1.0888575515436232,
  "dvars_vstd": 0.9598834285234902,
  "efc": 0.6749736417576612,
  "fber": 117.0333251953125,
  "fd_mean": 0.07145939914174342,
  "fd_num": 5,
  "fd_perc": 3.3333333333333335,
  "fwhm_avg": 2.5580974545454547,
  "fwhm_x": 2.439712,
  "fwhm_y": 2.587784,
  "fwhm_z": 2.646796363636364,
  "gcor": 0.0119317,
  "gsr_x": -0.007714992389082909,
  "gsr_y": 0.11089197546243668,
  "provenance": {
    "md5sum": "267d83f5cf8dbe2cb7161c492d5f93fc",
    "settings": {
      "fd_thres": 0.2,
      "testing": false
    },
    "software": "mriqc",
    "version": "22.0.0rc1",
    "webapi_port": null,
    "webapi_url": "https://mriqc.nimh.nih.gov/api/v1"
  },
  "size_t": 150,
  "size_x": 76,
  "size_y": 76,
  "size_z": 45,
  "snr": 2.6927095398458882,
  "spacing_tr": 3.0,
  "spacing_x": 2.5,
  "spacing_y": 2.5,
  "spacing_z": 2.75,
  "summary_bg_k": 24.840282348344694,
  "summary_bg_mad": 17.35632755821603,
  "summary_bg_mean": 82.86936950683594,
  "summary_bg_median": 47.18000030517578,
  "summary_bg_n": 124762.0,
  "summary_bg_p05": 34.119998931884766,
  "summary_bg_p95": 251.52433929443345,
  "summary_bg_stdv": 89.84473419189453,
  "summary_fg_k": 2.1972801756308717,
  "summary_fg_mad": 168.48293782878255,
  "summary_fg_mean": 567.2273559570312,
  "summary_fg_median": 526.933349609375,
  "summary_fg_n": 78867.0,
  "summary_fg_p05": 323.28200378417966,
  "summary_fg_p95": 937.514013671875,
  "summary_fg_stdv": 195.68765258789062,
  "tsnr": 42.20761373406276
}