{
  "aor": 0.0006456,
  "aqi": 0.0035642980000000005,
  "bids_meta": {
    "AcquisitionMatrixPE": 76,
    "AcquisitionNumber": 1,
    "AcquisitionTime": "13:03:26.052500",
    "BandwidthPerPixelPhaseEncode": 23.084,
    "BaseResolution": 76,
    "ConversionSoftware": "dcm2niix",
    "ConversionSoftwareVersion": "v1.0.20180622 (JP2:OpenJPEG) GCC6.1.0",
    "DerivedVendorReportedEchoSpacing": 0.000570001,
    "DeviceSerialNumber": "35410",
    "DwellTime": 3.3e-06,
    "EchoTime": 0.03,
    "EffectiveEchoSpacing": 0.000570001,
    "FlipAngle": 90,
    "ImageOrientationPatientDICOM": [
      0.999963,
      0.00824016,
      0.00265371,
      -0.00698117,
      0.948842,
      -0.315673
    ],
    "ImageType": [
      "ORIGINAL",
      "PRIMARY",
      "M",
      "ND",
      "MOSAIC"
    ],
    "InPlanePhaseEncodingDirectionDICOM": "COL",
    "InstitutionAddress": "Cooper_60_St._Lucia_QLD_AU_4072",
    "InstitutionName": "St_Lucia_Campus",
    "InstitutionalDepartmentName": "Gehrmann_Labs_MRI",
    "MRAcquisitionType": "2D",
    "MagneticFieldStrength": 3,
    "Manufacturer": "Siemens",
    "ManufacturersModelName": "TrioTim",
    "Modality": "MR",
    "PartialFourier": 1,
    "PatientPosition": "HFS",
    "PercentPhaseFOV": 100,
    "PhaseEncodingDirection": "j-",
    "PhaseEncodingSteps": 76,
    "PhaseResolution": 1,
    "PixelBandwidth": 1994,
    "ProcedureStepDescription": "Brain_-_UQ_fMRI",
    "ProtocolName": "AUTO",
    "PulseSequenceDetails": "%SiemensSeq%_ep2d_pace",
    "ReceiveCoilName": "32Ch_Head",
    "ReconMatrixPE": 76,
    "RepetitionTime": 3,
    "SAR": 0.161278,
    "ScanOptions": "FS",
    "ScanningSequence": "EP",
    "SequenceName": "_epfid2d1_76",
    "SequenceVariant": "SK",
    "SeriesDescription": "AUTO",
    "SeriesNumber": 2,
    "ShimSetting": [
      6814,
      -11362,
      -2137,
      624,
      61,
      -19,
      -188,
      25
    ],
    "SliceThickness": 2.5,
    "SliceTiming": [
      0,
      1.53,
      0.0675,
      1.595,
      0.1325,
      1.6625,
      0.2,
      1.7275,
      0.2675,
      1.795,
      0.3325,
      1.8625,
      0.4,
      1.9275,
      0.465,
      1.995,
      0.5325,
      2.06,
      0.5975,
      2.1275,
      0.665,
      2.195,
      0.7325,
      2.26,
      0.7975,
      2.3275,
      0.865,
      2.3925,
      0.93,
      2.46,
      0.9975,
      2.5275,
      1.065,
      2.5925,
      1.13,
      2.66,
      1.1975,
      2.725,
      1.2625,
      2.7925,
      1.33,
      2.86,
      1.3975,
      2.925,
      1.4625
    ],
    "SoftwareVersions": "syngo_MR_B17",
    "SpacingBetweenSlices": 2.75,
    "StationName": "mrc_Trio",
    "TaskName": "autobio",
    "TotalReadoutTime": 0.04275,
    "TxRefAmp": 310.325,
    "dataset": "ds001748",
    "modality": "bold",
    "subject_id": "adult19",
    "task_id": "autobio"
  },
  "dummy_trs": 0,
  "dvars_nstd": 25.210824620872497,
  "dvars_std": 1.1145985089261747,
  "dvars_vstd": 0.9796502808724832,
  "efc": 0.608554844126231,
  "fber": 200.539306640625,
  "fd_mean": 0.05701768304173703,
  "fd_num": 1,
  "fd_perc": 0.6666666666666666,
  "fwhm_avg": 2.5178734545454544,
  "fwhm_x": 2.488932,
  "fwhm_y": 2.564212,
  "fwhm_z": 2.5004763636363636,
  "gcor": 0.0266168,
  "gsr_x": -0.005472393706440926,
  "gsr_y": 0.07823168486356735,
  "provenance": {
    "md5sum": "b30b5f5edf1bb0327ab319bf4aefde95",
    "settings": {
      "fd_thres": 0.2,
      "testing": false
    },
    "software": "mriqc",
    "version": "22.0.0rc1",
    "webapi_port": null,
    "webapi_url": "https://mriqc.nimh.nih.gov/api/v1"
  },
  "size_t": 150,
  "size_x": 76,
  "size_y": 76,
  "size_z": 45,
  "snr": 2.6396687620683186,
  "spacing_tr": 3.0,
  "spacing_x": 2.5,
  "spacing_y": 2.5,
  "spacing_z": 2.75,
  "summary_bg_k": 20.52146943374683,
  "summary_bg_mad": 10.061927357894213,
  "summary_bg_mean": 71.47278594970703,
  "summary_bg_median": 41.12666702270508,
  "summary_bg_n": 145841.0,
  "summary_bg_p05": 33.63999938964844,
  "summary_bg_p95": 221.48001098632812,
  "summary_bg_stdv": 80.9883041381836,
  "summary_fg_k": 3.0124935745159593,
  "summary_fg_mad": 193.4005005050339,
  "summary_fg_mean": 645.2305297851562,
  "summary_fg_median": 599.4933471679688,
  "summary_fg_n": 60681.0,
  "summary_fg_p05": 368.0333557128906,
  "summary_fg_p95": 1070.9000244140625,
  "summary_fg_stdv": 227.10743713378906,
  "tsnr": 57.0518959191395
}