{
  "aor": 0.0010379333333333334,
  "aqi": 0.0025219512666666668,
  "bids_meta": {
    "AcquisitionMatrixPE": 76,
    "AcquisitionNumber": 1,
    "AcquisitionTime": "13:20:2.247500",
    "BandwidthPerPixelPhaseEncode": 23.084,
    "BaseResolution": 76,
    "ConversionSoftware": "dcm2niix",
    "ConversionSoftwareVersion": "v1.0.20180622 (JP2:OpenJPEG) GCC6.1.0",
    "DerivedVendorReportedEchoSpacing": 0.000570001,
    "DeviceSerialNumber": "35410",
    "DwellTime": 3.3e-06,
    "EchoTime": 0.03,
    "EffectiveEchoSpacing": 0.000570001,
    "FlipAngle": 90,
    "ImageOrientationPatientDICOM": [
      0.999963,
      0.00824016,
      0.00265371,
      -0.00698117,
      0.948842,
      -0.315673
    ],
    "ImageType": [
      "ORIGINAL",
      "PRIMARY",
      "M",
      "ND",
      "MOSAIC"
    ],
    "InPlanePhaseEncodingDirectionDICOM": "COL",
    "InstitutionAddress": "Cooper_60_St._Lucia_QLD_AU_4072",
    "InstitutionName": "St_Lucia_Campus",
    "InstitutionalDepartmentName": "Gehrmann_Labs_MRI",
    "MRAcquisitionType": "2D",
    "MagneticFieldStrength": 3,
    "Manufacturer": "Siemens",
    "ManufacturersModelName": "TrioTim",
    "Modality": "MR",
    "PartialFourier": 1,
    "PatientPosition": "HFS",
    "PercentPhaseFOV": 100,
    "PhaseEncodingDirection": "j-",
    "PhaseEncodingSteps": 76,
    "PhaseResolution": 1,
    "PixelBandwidth": 1994,
    "ProcedureStepDescription": "Brain_-_UQ_fMRI",
    "ProtocolName": "EPI",
    "PulseSequenceDetails": "%SiemensSeq%_ep2d_pace",
    "ReceiveCoilName": "32Ch_Head",
    "ReconMatrixPE": 76,
    "RepetitionTime": 3,
    "SAR": 0.161278,
    "ScanOptions": "FS",
    "ScanningSequence": "EP",
    "SequenceName": "_epfid2d1_76",
    "SequenceVariant": "SK",
    "SeriesDescription": "EPI",
    "SeriesNumber": 4,
    "ShimSetting": [
      6814,
      -11362,
      -2137,
      624,
      61,
      -19,
      -188,
      25
    ],
    "SliceThickness": 2.5,
    "SliceTiming": [
      0,
      1.5275,
      0.065,
      1.595,
      0.1325,
      1.6625,
      0.2,
      1.7275,
      0.265,
      1.795,
      0.3325,
      1.86,
      0.3975,
      1.9275,
      0.465,
      1.9925,
      0.53,
      2.06,
      0.5975,
      2.1275,
      0.665,
      2.1925,
      0.73,
      2.26,
      0.7975,
      2.325,
      0.8625,
      2.3925,
      0.93,
      2.46,
      0.9975,
      2.525,
      1.0625,
      2.5925,
      1.13,
      2.6575,
      1.195,
      2.725,
      1.2625,
      2.7925,
      1.33,
      2.8575,
      1.395,
      2.925,
      1.4625
    ],
    "SoftwareVersions": "syngo_MR_B17",
    "SpacingBetweenSlices": 2.75,
    "StationName": "mrc_Trio",
    "TaskName": "episodic",
    "TotalReadoutTime": 0.04275,
    "TxRefAmp": 310.325,
    "dataset": "ds001748",
    "modality": "bold",
    "subject_id": "adult19",
    "task_id": "episodic"
  },
  "dummy_trs": 0,
  "dvars_nstd": 26.141888496845635,
  "dvars_std": 1.174349570805369,
  "dvars_vstd": 1.0098727403355703,
  "efc": 0.6103279380839001,
  "fber": 198.53543090820312,
  "fd_mean": 0.06011955283373998,
  "fd_num": 6,
  "fd_perc": 4.0,
  "fwhm_avg": 2.5121316363636366,
  "fwhm_x": 2.448372,
  "fwhm_y": 2.575892,
  "fwhm_z": 2.512130909090909,
  "gcor": 0.0317249,
  "gsr_x": -0.012582561001181602,
  "gsr_y": 0.08371425420045853,
  "provenance": {
    "md5sum": "cc3e5f48423869e3f9689dbd3ab26d85",
    "settings": {
      "fd_thres": 0.2,
      "testing": false
    },
    "software": "mriqc",
    "version": "22.0.0rc1",
    "webapi_port": null,
    "webapi_url": "https://mriqc.nimh.nih.gov/api/v1"
  },
  "size_t": 150,
  "size_x": 76,
  "size_y": 76,
  "size_z": 45,
  "snr": 2.655793712408484,
  "spacing_tr": 3.0,
  "spacing_x": 2.5,
  "spacing_y": 2.5,
  "spacing_z": 2.75,
  "summary_bg_k": 20.5094787368004,
  "summary_bg_mad": 9.74563918624921,
  "summary_bg_mean": 70.02002716064453,
  "summary_bg_median": 41.220001220703125,
  "summary_bg_n": 144344.0,
  "summary_bg_p05": 34.0533332824707,
  "summary_bg_p95": 214.95133819580087,
  "summary_bg_stdv": 75.3467788696289,
  "summary_fg_k": 3.1176919348545233,
  "summary_fg_mad": 192.77783291070182,
  "summary_fg_mean": 647.168701171875,
  "summary_fg_median": 601.5266723632812,
  "summary_fg_n": 60665.0,
  "summary_fg_p05": 371.50266723632814,
  "summary_fg_p95": 1072.292016601562,
  "summary_fg_stdv": 226.494140625,
  "tsnr": 66.5888880356215
}