{
  "aor": 0.0014109395973154362,
  "aqi": 0.003316500402684564,
  "bids_meta": {
    "AcquisitionMatrixPE": 76,
    "AcquisitionNumber": 1,
    "AcquisitionTime": "13:11:53.207500",
    "BandwidthPerPixelPhaseEncode": 23.084,
    "BaseResolution": 76,
    "ConversionSoftware": "dcm2niix",
    "ConversionSoftwareVersion": "v1.0.20180622 (JP2:OpenJPEG) GCC6.1.0",
    "DerivedVendorReportedEchoSpacing": 0.000570001,
    "DeviceSerialNumber": "35410",
    "DwellTime": 3.3e-06,
    "EchoTime": 0.03,
    "EffectiveEchoSpacing": 0.000570001,
    "FlipAngle": 90,
    "ImageOrientationPatientDICOM": [
      0.999963,
      0.00824016,
      0.00265371,
      -0.00698117,
      0.948842,
      -0.315673
    ],
    "ImageType": [
      "ORIGINAL",
      "PRIMARY",
      "M",
      "ND",
      "MOSAIC"
    ],
    "InPlanePhaseEncodingDirectionDICOM": "COL",
    "InstitutionAddress": "Cooper_60_St._Lucia_QLD_AU_4072",
    "InstitutionName": "St_Lucia_Campus",
    "InstitutionalDepartmentName": "Gehrmann_Labs_MRI",
    "MRAcquisitionType": "2D",
    "MagneticFieldStrength": 3,
    "Manufacturer": "Siemens",
    "ManufacturersModelName": "TrioTim",
    "Modality": "MR",
    "PartialFourier": 1,
    "PatientPosition": "HFS",
    "PercentPhaseFOV": 100,
    "PhaseEncodingDirection": "j-",
    "PhaseEncodingSteps": 76,
    "PhaseResolution": 1,
    "PixelBandwidth": 1994,
    "ProcedureStepDescription": "Brain_-_UQ_fMRI",
    "ProtocolName": "SEM",
    "PulseSequenceDetails": "%SiemensSeq%_ep2d_pace",
    "ReceiveCoilName": "32Ch_Head",
    "ReconMatrixPE": 76,
    "RepetitionTime": 3,
    "SAR": 0.161278,
    "ScanOptions": "FS",
    "ScanningSequence": "EP",
    "SequenceName": "_epfid2d1_76",
    "SequenceVariant": "SK",
    "SeriesDescription": "SEM",
    "SeriesNumber": 3,
    "ShimSetting": [
      6814,
      -11362,
      -2137,
      624,
      61,
      -19,
      -188,
      25
    ],
    "SliceThickness": 2.5,
    "SliceTiming": [
      0,
      1.53,
      0.0675,
      1.595,
      0.1325,
      1.6625,
      0.2,
      1.7275,
      0.265,
      1.795,
      0.3325,
      1.8625,
      0.4,
      1.9275,
      0.465,
      1.995,
      0.5325,
      2.06,
      0.5975,
      2.1275,
      0.665,
      2.195,
      0.7325,
      2.26,
      0.7975,
      2.3275,
      0.865,
      2.3925,
      0.93,
      2.46,
      0.9975,
      2.5275,
      1.065,
      2.5925,
      1.13,
      2.66,
      1.1975,
      2.725,
      1.2625,
      2.7925,
      1.33,
      2.8575,
      1.395,
      2.925,
      1.4625
    ],
    "SoftwareVersions": "syngo_MR_B17",
    "SpacingBetweenSlices": 2.75,
    "StationName": "mrc_Trio",
    "TaskName": "semantic",
    "TotalReadoutTime": 0.04275,
    "TxRefAmp": 310.325,
    "dataset": "ds001748",
    "modality": "bold",
    "subject_id": "adult19",
    "task_id": "semantic"
  },
  "dummy_trs": 1,
  "dvars_nstd": 25.851011507702708,
  "dvars_std": 1.1378180043243242,
  "dvars_vstd": 0.9962168368243244,
  "efc": 0.6095766440103386,
  "fber": 198.51390075683594,
  "fd_mean": 0.06585251539160167,
  "fd_num": 3,
  "fd_perc": 2.0134228187919465,
  "fwhm_avg": 2.529846909090909,
  "fwhm_x": 2.47384,
  "fwhm_y": 2.582548,
  "fwhm_z": 2.5331527272727272,
  "gcor": 0.0249354,
  "gsr_x": -0.006008385680615902,
  "gsr_y": 0.07897859811782837,
  "provenance": {
    "md5sum": "f72348248cc005052055c05a97dd7e7e",
    "settings": {
      "fd_thres": 0.2,
      "testing": false
    },
    "software": "mriqc",
    "version": "22.0.0rc1",
    "webapi_port": null,
    "webapi_url": "https://mriqc.nimh.nih.gov/api/v1"
  },
  "size_t": 149,
  "size_x": 76,
  "size_y": 76,
  "size_z": 45,
  "snr": 2.6447514035241237,
  "spacing_tr": 3.0,
  "spacing_x": 2.5,
  "spacing_y": 2.5,
  "spacing_z": 2.75,
  "summary_bg_k": 19.934828821219238,
  "summary_bg_mad": 10.577227549134456,
  "summary_bg_mean": 72.37501525878906,
  "summary_bg_median": 41.442955017089844,
  "summary_bg_n": 145686.0,
  "summary_bg_p05": 33.161075592041016,
  "summary_bg_p95": 225.64430236816406,
  "summary_bg_stdv": 82.44083404541016,
  "summary_fg_k": 3.0075203667313533,
  "summary_fg_mad": 194.05174058779943,
  "summary_fg_mean": 646.6898803710938,
  "summary_fg_median": 600.986572265625,
  "summary_fg_n": 60682.0,
  "summary_fg_p05": 369.6738265991211,
  "summary_fg_p95": 1073.414794921875,
  "summary_fg_stdv": 227.23558044433594,
  "tsnr": 60.51848165295087
}