{
  "bids_meta": {
    "AcquisitionMatrixPE": 240,
    "AcquisitionNumber": 1,
    "AcquisitionTime": "15:38:11.890000",
    "BaseResolution": 256,
    "BodyPartExamined": "BRAIN",
    "ConsistencyInfo": "N4_VE11C_LATEST_20160120",
    "ConversionSoftware": "dcm2niix",
    "ConversionSoftwareVersion": "v1.0.20180622 (JP2:OpenJPEG) GCC6.1.0",
    "DeviceSerialNumber": "167001",
    "DwellTime": 8.1e-06,
    "EchoTime": 0.00291,
    "ImageComments": "DENOISED_IMAGE_(lambda_=_1)",
    "ImageOrientationPatientDICOM": [
      0.0493456,
      0.990845,
      0.125666,
      0.0212018,
      0.124751,
      -0.991961
    ],
    "ImageType": [
      "DERIVED",
      "PRIMARY",
      "M",
      "UNI",
      "DIS3D",
      "DIS2D"
    ],
    "InPlanePhaseEncodingDirectionDICOM": "ROW",
    "InstitutionAddress": "Cooper_60_St._Lucia_QLD_AU_4072",
    "InstitutionName": "St_Lucia_Campus",
    "InstitutionalDepartmentName": "Gehrmann_Labs_MRI",
    "MRAcquisitionType": "3D",
    "MagneticFieldStrength": 3,
    "Manufacturer": "Siemens",
    "ManufacturersModelName": "Prisma_fit",
    "Modality": "MR",
    "ParallelReductionFactorInPlane": 3,
    "PartialFourier": 0.75,
    "PatientPosition": "HFS",
    "PercentPhaseFOV": 93.75,
    "PhaseEncodingSteps": 181,
    "PhaseResolution": 1,
    "PixelBandwidth": 240,
    "ProcedureStepDescription": "Research_16004_CMN",
    "ProtocolName": "MP2RAGE_wip900C_VE11C",
    "PulseSequenceDetails": "%CustomerSeq%_tfl_wip900C_VE11C",
    "RawImage": true,
    "ReceiveCoilActiveElements": "HC1-7;NC1,2",
    "ReceiveCoilName": "HeadNeck_64",
    "ReconMatrixPE": 256,
    "RepetitionTime": 4,
    "SAR": 0.0506627,
    "ScanOptions": "IR_PFP",
    "ScanningSequence": "GR_IR",
    "SequenceName": "tfl3d1_16ns",
    "SequenceVariant": "SK_SP_MP",
    "SeriesDescription": "MP2RAGE_wip900C_VE11C_UNI-DEN",
    "SeriesNumber": 8,
    "ShimSetting": [
      3047,
      -4140,
      -877,
      445,
      0,
      -389,
      -33,
      -10
    ],
    "SliceThickness": 1,
    "SoftwareVersions": "syngo_MR_E11",
    "StationName": "mrc_Trio",
    "TxRefAmp": 219.381,
    "dataset": "ds001748",
    "modality": "T1w",
    "subject_id": "teen16"
  },
  "cjv": 0.2750348974433598,
  "cnr": 4.643932668260105,
  "efc": 0.5287316017302698,
  "fber": 742092.0,
  "fwhm_avg": 3.6064215249862754,
  "fwhm_x": 3.681244574958825,
  "fwhm_y": 3.7751,
  "fwhm_z": 3.36292,
  "icvs_csf": 0.20611921241251016,
  "icvs_gm": 0.43669042518416884,
  "icvs_wm": 0.357190362403321,
  "inu_med": 0.8240950107574463,
  "inu_range": 0.20149111151695243,
  "provenance": {
    "md5sum": "acbb8e0ab7170e1d92f8c7abd14645ea",
    "settings": {
      "testing": false
    },
    "software": "mriqc",
    "version": "22.0.0rc1",
    "warnings": {
      "large_rot_frame": true,
      "small_air_mask": false
    },
    "webapi_port": null,
    "webapi_url": "https://mriqc.nimh.nih.gov/api/v1"
  },
  "qi_1": 0.0061545533643248464,
  "qi_2": 0.0006373797742583448,
  "rpve_csf": 22.807944225026695,
  "rpve_gm": 11.52438934428008,
  "rpve_wm": 17.569924393676562,
  "size_x": 176,
  "size_y": 240,
  "size_z": 256,
  "snr_csf": 2.7517826078364083,
  "snr_gm": 10.016645161988745,
  "snr_total": 12.899182375740082,
  "snr_wm": 25.929119357395095,
  "snrd_csf": 119.93449269704975,
  "snrd_gm": 240.28899243328652,
  "snrd_total": 243.60243533159664,
  "snrd_wm": 370.5838208644536,
  "spacing_x": 0.9999933242797852,
  "spacing_y": 1.0,
  "spacing_z": 1.0,
  "summary_bg_k": 572.3585195425367,
  "summary_bg_mad": 0.7678431206884513,
  "summary_bg_mean": 1.9387215375900269,
  "summary_bg_median": 0.5179023146629333,
  "summary_bg_n": 2844245.0,
  "summary_bg_p05": 0.0,
  "summary_bg_p95": 7.187849998474112,
  "summary_bg_stdv": 7.377908229827881,
  "summary_csf_k": -0.3268905581706121,
  "summary_csf_mad": 116.82188794228284,
  "summary_csf_mean": 306.902587890625,
  "summary_csf_median": 323.6354675292969,
  "summary_csf_n": 6000.0,
  "summary_csf_p05": 88.49093322753906,
  "summary_csf_p95": 476.68319244384764,
  "summary_csf_stdv": 117.5995864868164,
  "summary_gm_k": -0.11327245918804119,
  "summary_gm_mad": 64.57590514926335,
  "summary_gm_mean": 644.7211303710938,
  "summary_gm_median": 648.404296875,
  "summary_gm_n": 35360.0,
  "summary_gm_p05": 532.350210571289,
  "summary_gm_p95": 745.2657592773436,
  "summary_gm_stdv": 64.73176574707031,
  "summary_wm_k": 2.512638938745214,
  "summary_wm_mad": 32.12420936696652,
  "summary_wm_mean": 996.7899780273438,
  "summary_wm_median": 999.9964599609375,
  "summary_wm_n": 177510.0,
  "summary_wm_p05": 929.0019622802735,
  "summary_wm_p95": 1053.8661315917968,
  "summary_wm_stdv": 38.56643295288086,
  "tpm_overlap_csf": 0.14298304915428162,
  "tpm_overlap_gm": 0.43180492520332336,
  "tpm_overlap_wm": 0.47130537033081055,
  "wm2max": 0.9097276903408565
}