{
  "bids_meta": {
    "AcquisitionMatrixPE": 240,
    "AcquisitionNumber": 1,
    "AcquisitionTime": "11:55:24.187500",
    "BaseResolution": 256,
    "ConversionSoftware": "dcm2niix",
    "ConversionSoftwareVersion": "v1.0.20180622 (JP2:OpenJPEG) GCC6.1.0",
    "DeviceSerialNumber": "35410",
    "EchoTime": 0.00289,
    "ImageOrientationPatientDICOM": [
      0.00174517,
      0.999998,
      5.14356e-09,
      0.0034896,
      -6.08481e-06,
      -0.999994
    ],
    "ImageType": [
      "ORIGINAL",
      "PRIMARY",
      "M",
      "ND",
      "UNI"
    ],
    "InPlanePhaseEncodingDirectionDICOM": "ROW",
    "InstitutionAddress": "Cooper_60_St._Lucia_QLD_AU_4072",
    "InstitutionName": "St_Lucia_Campus",
    "MRAcquisitionType": "3D",
    "MagneticFieldStrength": 3,
    "Manufacturer": "Siemens",
    "ManufacturersModelName": "TrioTim",
    "Modality": "MR",
    "ParallelReductionFactorInPlane": 3,
    "PartialFourier": 0.75,
    "PatientPosition": "HFS",
    "PercentPhaseFOV": 93.75,
    "PhaseEncodingSteps": 181,
    "PhaseResolution": 1,
    "PixelBandwidth": 241,
    "ProcedureStepDescription": "Brain_-_UQ_fMRI",
    "ProtocolName": "mp2rage",
    "PulseSequenceDetails": "%CustomerSeq%_mp2rage_wip820B17",
    "ReceiveCoilName": "32Ch_Head",
    "ReconMatrixPE": 256,
    "RepetitionTime": 4,
    "SAR": 0.170759,
    "ScanOptions": "IR_PFP",
    "ScanningSequence": "GR_IR",
    "SequenceName": "tfl3d1_ns",
    "SequenceVariant": "SP_MP",
    "SeriesDescription": "mp2rage_UNI-DEN",
    "SeriesNumber": 3,
    "ShimSetting": [
      6819,
      -11271,
      -2615,
      -89,
      20,
      1,
      -123,
      4
    ],
    "SliceThickness": 1,
    "SoftwareVersions": "syngo_MR_B17",
    "StationName": "mrc_Trio",
    "TxRefAmp": 314.334,
    "dataset": "ds001748",
    "modality": "T1w",
    "subject_id": "child01"
  },
  "cjv": 0.27196129495535903,
  "cnr": 4.922658689727253,
  "efc": 0.5230745463232472,
  "fber": 2523.864501953125,
  "fwhm_avg": 3.9864268342894413,
  "fwhm_x": 3.945870235192194,
  "fwhm_y": 4.490860267676131,
  "fwhm_z": 3.52255,
  "icvs_csf": 0.1725373028852949,
  "icvs_gm": 0.4903469218809942,
  "icvs_wm": 0.3371157752337109,
  "inu_med": 1.001966118812561,
  "inu_range": 0.2686180531978605,
  "provenance": {
    "md5sum": "29ed3285745aee98ef126e8a03cd4b48",
    "settings": {
      "testing": false
    },
    "software": "mriqc",
    "version": "22.0.0rc1",
    "warnings": {
      "large_rot_frame": true,
      "small_air_mask": false
    },
    "webapi_port": null,
    "webapi_url": "https://mriqc.nimh.nih.gov/api/v1"
  },
  "qi_1": 0.0007754776801263088,
  "qi_2": 0.0007021023302258452,
  "rpve_csf": 24.18649638251591,
  "rpve_gm": 10.014635885652192,
  "rpve_wm": 16.543642663638774,
  "size_x": 176,
  "size_y": 240,
  "size_z": 256,
  "snr_csf": 1.9369692415665618,
  "snr_gm": 10.413132403413897,
  "snr_total": 11.028123346141195,
  "snr_wm": 20.73426839344313,
  "snrd_csf": 44.305255897078275,
  "snrd_gm": 101.10458430832091,
  "snrd_total": 103.02063921596516,
  "snrd_wm": 163.6520774424963,
  "spacing_x": 0.9999999403953552,
  "spacing_y": 0.9999999403953552,
  "spacing_z": 1.0,
  "summary_bg_k": 1753.0811915879344,
  "summary_bg_mad": 4.003271729201553,
  "summary_bg_mean": 14.115619659423828,
  "summary_bg_median": 12.155402183532715,
  "summary_bg_n": 2675971.0,
  "summary_bg_p05": 7.347078561782837,
  "summary_bg_p95": 24.766728401184082,
  "summary_bg_stdv": 13.495597839355469,
  "summary_csf_k": -1.1512135787807527,
  "summary_csf_mad": 172.99087565948227,
  "summary_csf_mean": 248.28111267089844,
  "summary_csf_median": 270.73138427734375,
  "summary_csf_n": 6098.0,
  "summary_csf_p05": 37.00095176696777,
  "summary_csf_p95": 453.32230377197266,
  "summary_csf_stdv": 139.7591552734375,
  "summary_gm_k": 0.10758631843473943,
  "summary_gm_mad": 58.48342714844995,
  "summary_gm_mean": 618.3585205078125,
  "summary_gm_median": 617.8089599609375,
  "summary_gm_n": 49063.0,
  "summary_gm_p05": 521.1645202636719,
  "summary_gm_p95": 716.3147155761719,
  "summary_gm_stdv": 59.329185485839844,
  "summary_wm_k": 0.6883186478418595,
  "summary_wm_mad": 45.46079727373317,
  "summary_wm_mean": 999.01904296875,
  "summary_wm_median": 1000.01123046875,
  "summary_wm_n": 185489.0,
  "summary_wm_p05": 918.039111328125,
  "summary_wm_p95": 1075.2905517578126,
  "summary_wm_stdv": 48.2297477722168,
  "tpm_overlap_csf": 0.16237717866897583,
  "tpm_overlap_gm": 0.45365381240844727,
  "tpm_overlap_wm": 0.49695926904678345,
  "wm2max": 0.6278828350730543
}