{
  "aor": 0.0073533333333333315,
  "aqi": 0.020233037066666668,
  "bids_meta": {
    "AcquisitionMatrixPE": 76,
    "AcquisitionNumber": 1,
    "AcquisitionTime": "13:31:22.067500",
    "BandwidthPerPixelPhaseEncode": 23.084,
    "BaseResolution": 76,
    "ConversionSoftware": "dcm2niix",
    "ConversionSoftwareVersion": "v1.0.20180622 (JP2:OpenJPEG) GCC6.1.0",
    "DerivedVendorReportedEchoSpacing": 0.000570001,
    "DeviceSerialNumber": "35410",
    "DwellTime": 3.3e-06,
    "EchoTime": 0.03,
    "EffectiveEchoSpacing": 0.000570001,
    "FlipAngle": 90,
    "ImageOrientationPatientDICOM": [
      0.999926,
      -0.000148738,
      -0.0121714,
      -4.91852e-08,
      0.999925,
      -0.0122234
    ],
    "ImageType": [
      "ORIGINAL",
      "PRIMARY",
      "M",
      "ND",
      "MOSAIC"
    ],
    "InPlanePhaseEncodingDirectionDICOM": "COL",
    "InstitutionAddress": "Cooper_60_St._Lucia_QLD_AU_4072",
    "InstitutionName": "St_Lucia_Campus",
    "InstitutionalDepartmentName": "Gehrmann_Labs_MRI",
    "MRAcquisitionType": "2D",
    "MagneticFieldStrength": 3,
    "Manufacturer": "Siemens",
    "ManufacturersModelName": "TrioTim",
    "Modality": "MR",
    "PartialFourier": 1,
    "PatientPosition": "HFS",
    "PercentPhaseFOV": 100,
    "PhaseEncodingDirection": "j-",
    "PhaseEncodingSteps": 76,
    "PhaseResolution": 1,
    "PixelBandwidth": 1994,
    "ProcedureStepDescription": "RESEARCH_3T_Research",
    "ProtocolName": "EPI",
    "PulseSequenceDetails": "%SiemensSeq%_ep2d_pace",
    "ReceiveCoilName": "32Ch_Head",
    "ReconMatrixPE": 76,
    "RepetitionTime": 3,
    "SAR": 0.169365,
    "ScanOptions": "FS",
    "ScanningSequence": "EP",
    "SequenceName": "_epfid2d1_76",
    "SequenceVariant": "SK",
    "SeriesDescription": "EPI",
    "SeriesNumber": 9,
    "ShimSetting": [
      6854,
      -11288,
      -2080,
      931,
      76,
      23,
      190,
      -110
    ],
    "SliceThickness": 2.5,
    "SliceTiming": [
      0,
      1.5275,
      0.065,
      1.595,
      0.1325,
      1.66,
      0.1975,
      1.7275,
      0.265,
      1.795,
      0.3325,
      1.86,
      0.3975,
      1.9275,
      0.465,
      1.9925,
      0.53,
      2.06,
      0.5975,
      2.1275,
      0.665,
      2.1925,
      0.73,
      2.26,
      0.7975,
      2.325,
      0.8625,
      2.3925,
      0.93,
      2.46,
      0.9975,
      2.525,
      1.0625,
      2.5925,
      1.13,
      2.6575,
      1.195,
      2.725,
      1.2625,
      2.7925,
      1.33,
      2.8575,
      1.395,
      2.925,
      1.4625
    ],
    "SoftwareVersions": "syngo_MR_B17",
    "SpacingBetweenSlices": 2.75,
    "StationName": "mrc_Trio",
    "TaskName": "episodic",
    "TotalReadoutTime": 0.04275,
    "TxRefAmp": 308.163,
    "dataset": "ds001748",
    "modality": "bold",
    "subject_id": "child18",
    "task_id": "episodic"
  },
  "dummy_trs": 0,
  "dvars_nstd": 77.99754867261744,
  "dvars_std": 1.189588740671141,
  "dvars_vstd": 1.0131600225503354,
  "efc": 0.61860469382084,
  "fber": 262.11981201171875,
  "fd_mean": 0.8266537064108659,
  "fd_num": 144,
  "fd_perc": 96.0,
  "fwhm_avg": 2.9443621818181818,
  "fwhm_x": 2.78278,
  "fwhm_y": 3.215052,
  "fwhm_z": 2.8352545454545455,
  "gcor": 0.0810815,
  "gsr_x": -0.020715875551104546,
  "gsr_y": 0.08506157994270325,
  "provenance": {
    "md5sum": "b9a0a7f8d747c4fdb3594cc4b25c69a1",
    "settings": {
      "fd_thres": 0.2,
      "testing": false
    },
    "software": "mriqc",
    "version": "22.0.0rc1",
    "webapi_port": null,
    "webapi_url": "https://mriqc.nimh.nih.gov/api/v1"
  },
  "size_t": 150,
  "size_x": 76,
  "size_y": 76,
  "size_z": 45,
  "snr": 2.9108952766621847,
  "spacing_tr": 3.0,
  "spacing_x": 2.5,
  "spacing_y": 2.5,
  "spacing_z": 2.75,
  "summary_bg_k": 17.342810486684357,
  "summary_bg_mad": 9.261320802538316,
  "summary_bg_mean": 74.19522094726562,
  "summary_bg_median": 44.106666564941406,
  "summary_bg_n": 138750.0,
  "summary_bg_p05": 36.62666702270508,
  "summary_bg_p95": 226.45767288207983,
  "summary_bg_stdv": 74.39936828613281,
  "summary_fg_k": 1.1762461179388106,
  "summary_fg_mad": 231.24151507556493,
  "summary_fg_mean": 771.85888671875,
  "summary_fg_median": 730.3300170898438,
  "summary_fg_n": 69068.0,
  "summary_fg_p05": 442.7583374023438,
  "summary_fg_p95": 1245.719677734375,
  "summary_fg_stdv": 250.8935089111328,
  "tsnr": 22.7746953999158
}