{
  "aor": 0.0048136666666666675,
  "aqi": 0.013878836266666668,
  "bids_meta": {
    "AcquisitionMatrixPE": 76,
    "AcquisitionNumber": 1,
    "AcquisitionTime": "13:23:20.715000",
    "BandwidthPerPixelPhaseEncode": 23.084,
    "BaseResolution": 76,
    "ConversionSoftware": "dcm2niix",
    "ConversionSoftwareVersion": "v1.0.20180622 (JP2:OpenJPEG) GCC6.1.0",
    "DerivedVendorReportedEchoSpacing": 0.000570001,
    "DeviceSerialNumber": "35410",
    "DwellTime": 3.3e-06,
    "EchoTime": 0.03,
    "EffectiveEchoSpacing": 0.000570001,
    "FlipAngle": 90,
    "ImageOrientationPatientDICOM": [
      0.999926,
      -0.000148738,
      -0.0121714,
      -4.91852e-08,
      0.999925,
      -0.0122234
    ],
    "ImageType": [
      "ORIGINAL",
      "PRIMARY",
      "M",
      "ND",
      "MOSAIC"
    ],
    "InPlanePhaseEncodingDirectionDICOM": "COL",
    "InstitutionAddress": "Cooper_60_St._Lucia_QLD_AU_4072",
    "InstitutionName": "St_Lucia_Campus",
    "InstitutionalDepartmentName": "Gehrmann_Labs_MRI",
    "MRAcquisitionType": "2D",
    "MagneticFieldStrength": 3,
    "Manufacturer": "Siemens",
    "ManufacturersModelName": "TrioTim",
    "Modality": "MR",
    "PartialFourier": 1,
    "PatientPosition": "HFS",
    "PercentPhaseFOV": 100,
    "PhaseEncodingDirection": "j-",
    "PhaseEncodingSteps": 76,
    "PhaseResolution": 1,
    "PixelBandwidth": 1994,
    "ProcedureStepDescription": "RESEARCH_3T_Research",
    "ProtocolName": "SEM",
    "PulseSequenceDetails": "%SiemensSeq%_ep2d_pace",
    "ReceiveCoilName": "32Ch_Head",
    "ReconMatrixPE": 76,
    "RepetitionTime": 3,
    "SAR": 0.169365,
    "ScanOptions": "FS",
    "ScanningSequence": "EP",
    "SequenceName": "_epfid2d1_76",
    "SequenceVariant": "SK",
    "SeriesDescription": "SEM",
    "SeriesNumber": 8,
    "ShimSetting": [
      6854,
      -11288,
      -2080,
      931,
      76,
      23,
      190,
      -110
    ],
    "SliceThickness": 2.5,
    "SliceTiming": [
      0,
      1.53,
      0.0675,
      1.595,
      0.1325,
      1.6625,
      0.2,
      1.7275,
      0.265,
      1.795,
      0.3325,
      1.8625,
      0.4,
      1.9275,
      0.465,
      1.995,
      0.5325,
      2.06,
      0.5975,
      2.1275,
      0.665,
      2.1925,
      0.73,
      2.26,
      0.7975,
      2.3275,
      0.865,
      2.3925,
      0.93,
      2.46,
      0.9975,
      2.525,
      1.0625,
      2.5925,
      1.13,
      2.66,
      1.1975,
      2.725,
      1.2625,
      2.7925,
      1.33,
      2.8575,
      1.395,
      2.925,
      1.4625
    ],
    "SoftwareVersions": "syngo_MR_B17",
    "SpacingBetweenSlices": 2.75,
    "StationName": "mrc_Trio",
    "TaskName": "semantic",
    "TotalReadoutTime": 0.04275,
    "TxRefAmp": 308.163,
    "dataset": "ds001748",
    "modality": "bold",
    "subject_id": "child18",
    "task_id": "semantic"
  },
  "dummy_trs": 0,
  "dvars_nstd": 48.261326207315435,
  "dvars_std": 1.0733362035570477,
  "dvars_vstd": 0.93920080704698,
  "efc": 0.6186045785975783,
  "fber": 259.67144775390625,
  "fd_mean": 0.41741278727083303,
  "fd_num": 104,
  "fd_perc": 69.33333333333333,
  "fwhm_avg": 3.022943757575758,
  "fwhm_x": 2.894608,
  "fwhm_y": 3.269816,
  "fwhm_z": 2.9044072727272727,
  "gcor": 0.0642994,
  "gsr_x": -0.024225104600191116,
  "gsr_y": 0.08085237443447113,
  "provenance": {
    "md5sum": "fad3cabdf4613e7b0a50b1b570337956",
    "settings": {
      "fd_thres": 0.2,
      "testing": false
    },
    "software": "mriqc",
    "version": "22.0.0rc1",
    "webapi_port": null,
    "webapi_url": "https://mriqc.nimh.nih.gov/api/v1"
  },
  "size_t": 150,
  "size_x": 76,
  "size_y": 76,
  "size_z": 45,
  "snr": 2.7747612187250446,
  "spacing_tr": 3.0,
  "spacing_x": 2.5,
  "spacing_y": 2.5,
  "spacing_z": 2.75,
  "summary_bg_k": 17.869643907029815,
  "summary_bg_mad": 9.844477825968616,
  "summary_bg_mean": 75.95325469970703,
  "summary_bg_median": 44.926666259765625,
  "summary_bg_n": 137133.0,
  "summary_bg_p05": 37.36000061035156,
  "summary_bg_p95": 233.12134399414052,
  "summary_bg_stdv": 77.36833190917969,
  "summary_fg_k": 1.384276570577958,
  "summary_fg_mad": 240.7054109752347,
  "summary_fg_mean": 787.6201171875,
  "summary_fg_median": 740.5599975585938,
  "summary_fg_n": 69995.0,
  "summary_fg_p05": 443.0066833496094,
  "summary_fg_p95": 1293.4673583984377,
  "summary_fg_stdv": 266.8895263671875,
  "tsnr": 28.2648904658854
}