{
  "aor": 0.0010161333333333334,
  "aqi": 0.002610487533333333,
  "bids_meta": {
    "AcquisitionMatrixPE": 76,
    "AcquisitionNumber": 1,
    "AcquisitionTime": "13:59:56.180000",
    "BandwidthPerPixelPhaseEncode": 23.084,
    "BaseResolution": 76,
    "ConversionSoftware": "dcm2niix",
    "ConversionSoftwareVersion": "v1.0.20180622 (JP2:OpenJPEG) GCC6.1.0",
    "DerivedVendorReportedEchoSpacing": 0.000570001,
    "DeviceSerialNumber": "35410",
    "DwellTime": 3.3e-06,
    "EchoTime": 0.03,
    "EffectiveEchoSpacing": 0.000570001,
    "FlipAngle": 90,
    "ImageOrientationPatientDICOM": [
      0.999926,
      -0.00325301,
      -0.0117296,
      1.39146e-08,
      0.963629,
      -0.267244
    ],
    "ImageType": [
      "ORIGINAL",
      "PRIMARY",
      "M",
      "ND",
      "MOSAIC"
    ],
    "InPlanePhaseEncodingDirectionDICOM": "COL",
    "InstitutionAddress": "Cooper_60_St._Lucia_QLD_AU_4072",
    "InstitutionName": "St_Lucia_Campus",
    "InstitutionalDepartmentName": "Gehrmann_Labs_MRI",
    "MRAcquisitionType": "2D",
    "MagneticFieldStrength": 3,
    "Manufacturer": "Siemens",
    "ManufacturersModelName": "TrioTim",
    "Modality": "MR",
    "PartialFourier": 1,
    "PatientPosition": "HFS",
    "PercentPhaseFOV": 100,
    "PhaseEncodingDirection": "j-",
    "PhaseEncodingSteps": 76,
    "PhaseResolution": 1,
    "PixelBandwidth": 1994,
    "ProcedureStepDescription": "Brain_-_UQ_fMRI",
    "ProtocolName": "EPI",
    "PulseSequenceDetails": "%SiemensSeq%_ep2d_pace",
    "ReceiveCoilName": "32Ch_Head",
    "ReconMatrixPE": 76,
    "RepetitionTime": 3,
    "SAR": 0.165778,
    "ScanOptions": "FS",
    "ScanningSequence": "EP",
    "SequenceName": "_epfid2d1_76",
    "SequenceVariant": "SK",
    "SeriesDescription": "EPI",
    "SeriesNumber": 4,
    "ShimSetting": [
      6818,
      -11354,
      -2166,
      794,
      34,
      -203,
      -334,
      20
    ],
    "SliceThickness": 2.5,
    "SliceTiming": [
      0,
      1.53,
      0.0675,
      1.595,
      0.1325,
      1.6625,
      0.2,
      1.73,
      0.2675,
      1.795,
      0.3325,
      1.8625,
      0.4,
      1.9275,
      0.465,
      1.995,
      0.5325,
      2.06,
      0.5975,
      2.1275,
      0.665,
      2.195,
      0.7325,
      2.26,
      0.7975,
      2.3275,
      0.865,
      2.3925,
      0.93,
      2.46,
      0.9975,
      2.5275,
      1.065,
      2.5925,
      1.13,
      2.66,
      1.1975,
      2.725,
      1.2625,
      2.7925,
      1.33,
      2.86,
      1.3975,
      2.925,
      1.4625
    ],
    "SoftwareVersions": "syngo_MR_B17",
    "SpacingBetweenSlices": 2.75,
    "StationName": "mrc_Trio",
    "TaskName": "episodic",
    "TotalReadoutTime": 0.04275,
    "TxRefAmp": 311.953,
    "dataset": "ds001748",
    "modality": "bold",
    "subject_id": "adult05",
    "task_id": "episodic"
  },
  "dummy_trs": 0,
  "dvars_nstd": 27.770329084966445,
  "dvars_std": 1.2552595684563759,
  "dvars_vstd": 1.0154159148322153,
  "efc": 0.6015030652914009,
  "fber": 259.88153076171875,
  "fd_mean": 0.05654635694814198,
  "fd_num": 2,
  "fd_perc": 1.3333333333333333,
  "fwhm_avg": 2.574929090909091,
  "fwhm_x": 2.508244,
  "fwhm_y": 2.6537759999999997,
  "fwhm_z": 2.562767272727273,
  "gcor": 0.0184293,
  "gsr_x": -0.009577908553183079,
  "gsr_y": 0.07927290350198746,
  "provenance": {
    "md5sum": "6679f1a2eb9e9318764ccea9229b2743",
    "settings": {
      "fd_thres": 0.2,
      "testing": false
    },
    "software": "mriqc",
    "version": "22.0.0rc1",
    "webapi_port": null,
    "webapi_url": "https://mriqc.nimh.nih.gov/api/v1"
  },
  "size_t": 150,
  "size_x": 76,
  "size_y": 76,
  "size_z": 45,
  "snr": 2.944002387789882,
  "spacing_tr": 3.0,
  "spacing_x": 2.5,
  "spacing_y": 2.5,
  "spacing_z": 2.75,
  "summary_bg_k": 23.969869635425848,
  "summary_bg_mad": 6.9385788350605075,
  "summary_bg_mean": 70.26407623291016,
  "summary_bg_median": 38.880001068115234,
  "summary_bg_n": 146890.0,
  "summary_bg_p05": 33.720001220703125,
  "summary_bg_p95": 226.57700119018546,
  "summary_bg_stdv": 86.67418670654297,
  "summary_fg_k": 1.941001435278082,
  "summary_fg_mad": 193.53888364972687,
  "summary_fg_mean": 677.6298217773438,
  "summary_fg_median": 635.070068359375,
  "summary_fg_n": 61740.0,
  "summary_fg_p05": 409.2056655883789,
  "summary_fg_p95": 1088.020684814453,
  "summary_fg_stdv": 215.71481323242188,
  "tsnr": 71.89802992274053
}