{
  "aor": 0.0008538666666666666,
  "aqi": 0.0025962417333333333,
  "bids_meta": {
    "AcquisitionMatrixPE": 76,
    "AcquisitionNumber": 1,
    "AcquisitionTime": "13:51:50.225000",
    "BandwidthPerPixelPhaseEncode": 23.084,
    "BaseResolution": 76,
    "ConversionSoftware": "dcm2niix",
    "ConversionSoftwareVersion": "v1.0.20180622 (JP2:OpenJPEG) GCC6.1.0",
    "DerivedVendorReportedEchoSpacing": 0.000570001,
    "DeviceSerialNumber": "35410",
    "DwellTime": 3.3e-06,
    "EchoTime": 0.03,
    "EffectiveEchoSpacing": 0.000570001,
    "FlipAngle": 90,
    "ImageOrientationPatientDICOM": [
      0.999926,
      -0.00325301,
      -0.0117296,
      1.39146e-08,
      0.963629,
      -0.267244
    ],
    "ImageType": [
      "ORIGINAL",
      "PRIMARY",
      "M",
      "ND",
      "MOSAIC"
    ],
    "InPlanePhaseEncodingDirectionDICOM": "COL",
    "InstitutionAddress": "Cooper_60_St._Lucia_QLD_AU_4072",
    "InstitutionName": "St_Lucia_Campus",
    "InstitutionalDepartmentName": "Gehrmann_Labs_MRI",
    "MRAcquisitionType": "2D",
    "MagneticFieldStrength": 3,
    "Manufacturer": "Siemens",
    "ManufacturersModelName": "TrioTim",
    "Modality": "MR",
    "PartialFourier": 1,
    "PatientPosition": "HFS",
    "PercentPhaseFOV": 100,
    "PhaseEncodingDirection": "j-",
    "PhaseEncodingSteps": 76,
    "PhaseResolution": 1,
    "PixelBandwidth": 1994,
    "ProcedureStepDescription": "Brain_-_UQ_fMRI",
    "ProtocolName": "SEM",
    "PulseSequenceDetails": "%SiemensSeq%_ep2d_pace",
    "ReceiveCoilName": "32Ch_Head",
    "ReconMatrixPE": 76,
    "RepetitionTime": 3,
    "SAR": 0.165778,
    "ScanOptions": "FS",
    "ScanningSequence": "EP",
    "SequenceName": "_epfid2d1_76",
    "SequenceVariant": "SK",
    "SeriesDescription": "SEM",
    "SeriesNumber": 3,
    "ShimSetting": [
      6818,
      -11354,
      -2166,
      794,
      34,
      -203,
      -334,
      20
    ],
    "SliceThickness": 2.5,
    "SliceTiming": [
      0,
      1.53,
      0.0675,
      1.595,
      0.1325,
      1.6625,
      0.2,
      1.7275,
      0.265,
      1.795,
      0.3325,
      1.8625,
      0.4,
      1.9275,
      0.465,
      1.995,
      0.5325,
      2.06,
      0.5975,
      2.1275,
      0.665,
      2.1925,
      0.73,
      2.26,
      0.7975,
      2.3275,
      0.865,
      2.3925,
      0.93,
      2.46,
      0.9975,
      2.525,
      1.0625,
      2.5925,
      1.13,
      2.66,
      1.1975,
      2.725,
      1.2625,
      2.7925,
      1.33,
      2.8575,
      1.395,
      2.925,
      1.4625
    ],
    "SoftwareVersions": "syngo_MR_B17",
    "SpacingBetweenSlices": 2.75,
    "StationName": "mrc_Trio",
    "TaskName": "semantic",
    "TotalReadoutTime": 0.04275,
    "TxRefAmp": 311.953,
    "dataset": "ds001748",
    "modality": "bold",
    "subject_id": "adult05",
    "task_id": "semantic"
  },
  "dummy_trs": 0,
  "dvars_nstd": 27.538601152281885,
  "dvars_std": 1.2424702734899329,
  "dvars_vstd": 1.0084227254362415,
  "efc": 0.6010662154988193,
  "fber": 261.37396240234375,
  "fd_mean": 0.059989450522753174,
  "fd_num": 3,
  "fd_perc": 2.0,
  "fwhm_avg": 2.565574424242424,
  "fwhm_x": 2.487072,
  "fwhm_y": 2.648044,
  "fwhm_z": 2.5616072727272727,
  "gcor": 0.0292464,
  "gsr_x": -0.01100461557507515,
  "gsr_y": 0.08135288953781128,
  "provenance": {
    "md5sum": "3bf20ceb0ae80c5f909df99396073b52",
    "settings": {
      "fd_thres": 0.2,
      "testing": false
    },
    "software": "mriqc",
    "version": "22.0.0rc1",
    "webapi_port": null,
    "webapi_url": "https://mriqc.nimh.nih.gov/api/v1"
  },
  "size_t": 150,
  "size_x": 76,
  "size_y": 76,
  "size_z": 45,
  "snr": 2.9407072940324936,
  "spacing_tr": 3.0,
  "spacing_x": 2.5,
  "spacing_y": 2.5,
  "spacing_z": 2.75,
  "summary_bg_k": 26.34816079157114,
  "summary_bg_mad": 6.622290663415506,
  "summary_bg_mean": 67.07479095458984,
  "summary_bg_median": 38.59333419799805,
  "summary_bg_n": 145702.0,
  "summary_bg_p05": 33.619998931884766,
  "summary_bg_p95": 208.85333251953125,
  "summary_bg_stdv": 78.67780303955078,
  "summary_fg_k": 1.9850158225604622,
  "summary_fg_mad": 193.7761280568538,
  "summary_fg_mean": 676.4190063476562,
  "summary_fg_median": 634.4066772460938,
  "summary_fg_n": 61915.0,
  "summary_fg_p05": 407.6413482666016,
  "summary_fg_p95": 1086.945336914062,
  "summary_fg_stdv": 215.73094177246094,
  "tsnr": 71.06474165047985
}