{
  "aor": 0.0012842666666666668,
  "aqi": 0.0034563406000000002,
  "bids_meta": {
    "AcquisitionMatrixPE": 76,
    "AcquisitionNumber": 1,
    "AcquisitionTime": "13:43:27.795000",
    "BandwidthPerPixelPhaseEncode": 23.084,
    "BaseResolution": 76,
    "ConversionSoftware": "dcm2niix",
    "ConversionSoftwareVersion": "v1.0.20180622 (JP2:OpenJPEG) GCC6.1.0",
    "DerivedVendorReportedEchoSpacing": 0.000570001,
    "DeviceSerialNumber": "35410",
    "DwellTime": 3.3e-06,
    "EchoTime": 0.03,
    "EffectiveEchoSpacing": 0.000570001,
    "FlipAngle": 90,
    "ImageOrientationPatientDICOM": [
      0.999926,
      -0.00325301,
      -0.0117296,
      1.39146e-08,
      0.963629,
      -0.267244
    ],
    "ImageType": [
      "ORIGINAL",
      "PRIMARY",
      "M",
      "ND",
      "MOSAIC"
    ],
    "InPlanePhaseEncodingDirectionDICOM": "COL",
    "InstitutionAddress": "Cooper_60_St._Lucia_QLD_AU_4072",
    "InstitutionName": "St_Lucia_Campus",
    "InstitutionalDepartmentName": "Gehrmann_Labs_MRI",
    "MRAcquisitionType": "2D",
    "MagneticFieldStrength": 3,
    "Manufacturer": "Siemens",
    "ManufacturersModelName": "TrioTim",
    "Modality": "MR",
    "PartialFourier": 1,
    "PatientPosition": "HFS",
    "PercentPhaseFOV": 100,
    "PhaseEncodingDirection": "j-",
    "PhaseEncodingSteps": 76,
    "PhaseResolution": 1,
    "PixelBandwidth": 1994,
    "ProcedureStepDescription": "Brain_-_UQ_fMRI",
    "ProtocolName": "AUTO",
    "PulseSequenceDetails": "%SiemensSeq%_ep2d_pace",
    "ReceiveCoilName": "32Ch_Head",
    "ReconMatrixPE": 76,
    "RepetitionTime": 3,
    "SAR": 0.165778,
    "ScanOptions": "FS",
    "ScanningSequence": "EP",
    "SequenceName": "_epfid2d1_76",
    "SequenceVariant": "SK",
    "SeriesDescription": "AUTO",
    "SeriesNumber": 2,
    "ShimSetting": [
      6818,
      -11354,
      -2166,
      794,
      34,
      -203,
      -334,
      20
    ],
    "SliceThickness": 2.5,
    "SliceTiming": [
      0,
      1.5275,
      0.065,
      1.595,
      0.1325,
      1.66,
      0.1975,
      1.7275,
      0.265,
      1.795,
      0.3325,
      1.86,
      0.3975,
      1.9275,
      0.465,
      1.9925,
      0.53,
      2.06,
      0.5975,
      2.125,
      0.6625,
      2.1925,
      0.73,
      2.26,
      0.7975,
      2.325,
      0.8625,
      2.3925,
      0.93,
      2.4575,
      0.995,
      2.525,
      1.0625,
      2.5925,
      1.13,
      2.6575,
      1.195,
      2.725,
      1.2625,
      2.79,
      1.3275,
      2.8575,
      1.395,
      2.925,
      1.4625
    ],
    "SoftwareVersions": "syngo_MR_B17",
    "SpacingBetweenSlices": 2.75,
    "StationName": "mrc_Trio",
    "TaskName": "autobio",
    "TotalReadoutTime": 0.04275,
    "TxRefAmp": 311.953,
    "dataset": "ds001748",
    "modality": "bold",
    "subject_id": "adult05",
    "task_id": "autobio"
  },
  "dummy_trs": 0,
  "dvars_nstd": 26.811935271275175,
  "dvars_std": 1.1869655377181207,
  "dvars_vstd": 0.9928123534228188,
  "efc": 0.6011022803797085,
  "fber": 261.4911804199219,
  "fd_mean": 0.06500833163315278,
  "fd_num": 2,
  "fd_perc": 1.3333333333333333,
  "fwhm_avg": 2.5687540606060604,
  "fwhm_x": 2.50002,
  "fwhm_y": 2.638664,
  "fwhm_z": 2.5675781818181815,
  "gcor": 0.0238582,
  "gsr_x": -0.010102211497724056,
  "gsr_y": 0.08187822997570038,
  "provenance": {
    "md5sum": "b1a2e02457df783af0ae8cc8e0374e7e",
    "settings": {
      "fd_thres": 0.2,
      "testing": false
    },
    "software": "mriqc",
    "version": "22.0.0rc1",
    "webapi_port": null,
    "webapi_url": "https://mriqc.nimh.nih.gov/api/v1"
  },
  "size_t": 150,
  "size_x": 76,
  "size_y": 76,
  "size_z": 45,
  "snr": 2.9353895737635156,
  "spacing_tr": 3.0,
  "spacing_x": 2.5,
  "spacing_y": 2.5,
  "spacing_z": 2.75,
  "summary_bg_k": 26.6626725259368,
  "summary_bg_mad": 6.819967942854317,
  "summary_bg_mean": 67.03721618652344,
  "summary_bg_median": 38.5533332824707,
  "summary_bg_n": 145847.0,
  "summary_bg_p05": 33.32666778564453,
  "summary_bg_p95": 207.37133636474599,
  "summary_bg_stdv": 78.91962432861328,
  "summary_fg_k": 2.0368599369712923,
  "summary_fg_mad": 192.83714966816217,
  "summary_fg_mean": 675.2566528320312,
  "summary_fg_median": 633.0400390625,
  "summary_fg_n": 61936.0,
  "summary_fg_p05": 407.7716751098633,
  "summary_fg_p95": 1083.9767150878906,
  "summary_fg_stdv": 215.65618896484375,
  "tsnr": 63.77206175471656
}