{
  "aor": 0.0020189333333333333,
  "aqi": 0.007873332666666668,
  "bids_meta": {
    "AcquisitionMatrixPE": 76,
    "AcquisitionNumber": 1,
    "AcquisitionTime": "13:03:5.077500",
    "BandwidthPerPixelPhaseEncode": 23.084,
    "BaseResolution": 76,
    "ConversionSoftware": "dcm2niix",
    "ConversionSoftwareVersion": "v1.0.20180622 (JP2:OpenJPEG) GCC6.1.0",
    "DerivedVendorReportedEchoSpacing": 0.000570001,
    "DeviceSerialNumber": "35410",
    "DwellTime": 3.3e-06,
    "EchoTime": 0.03,
    "EffectiveEchoSpacing": 0.000570001,
    "FlipAngle": 90,
    "ImageOrientationPatientDICOM": [
      0.999926,
      -0.00265541,
      -0.0118792,
      1.40673e-08,
      0.975915,
      -0.218149
    ],
    "ImageType": [
      "ORIGINAL",
      "PRIMARY",
      "M",
      "ND",
      "MOSAIC"
    ],
    "InPlanePhaseEncodingDirectionDICOM": "COL",
    "InstitutionAddress": "Cooper_60_St._Lucia_QLD_AU_4072",
    "InstitutionName": "St_Lucia_Campus",
    "InstitutionalDepartmentName": "Gehrmann_Labs_MRI",
    "MRAcquisitionType": "2D",
    "MagneticFieldStrength": 3,
    "Manufacturer": "Siemens",
    "ManufacturersModelName": "TrioTim",
    "Modality": "MR",
    "PartialFourier": 1,
    "PatientPosition": "HFS",
    "PercentPhaseFOV": 100,
    "PhaseEncodingDirection": "j-",
    "PhaseEncodingSteps": 76,
    "PhaseResolution": 1,
    "PixelBandwidth": 1994,
    "ProcedureStepDescription": "Brain_-_UQ_fMRI",
    "ProtocolName": "AUTO",
    "PulseSequenceDetails": "%SiemensSeq%_ep2d_pace",
    "ReceiveCoilName": "32Ch_Head",
    "ReconMatrixPE": 76,
    "RepetitionTime": 3,
    "SAR": 0.157714,
    "ScanOptions": "FS",
    "ScanningSequence": "EP",
    "SequenceName": "_epfid2d1_76",
    "SequenceVariant": "SK",
    "SeriesDescription": "AUTO",
    "SeriesNumber": 2,
    "ShimSetting": [
      6846,
      -11328,
      -2102,
      526,
      40,
      -13,
      294,
      1
    ],
    "SliceThickness": 2.5,
    "SliceTiming": [
      0,
      1.5275,
      0.065,
      1.595,
      0.1325,
      1.66,
      0.2,
      1.7275,
      0.265,
      1.795,
      0.3325,
      1.86,
      0.3975,
      1.9275,
      0.465,
      1.9925,
      0.53,
      2.06,
      0.5975,
      2.1275,
      0.665,
      2.1925,
      0.73,
      2.26,
      0.7975,
      2.325,
      0.8625,
      2.3925,
      0.93,
      2.46,
      0.9975,
      2.525,
      1.0625,
      2.5925,
      1.13,
      2.6575,
      1.195,
      2.725,
      1.2625,
      2.7925,
      1.33,
      2.8575,
      1.395,
      2.925,
      1.4625
    ],
    "SoftwareVersions": "syngo_MR_B17",
    "SpacingBetweenSlices": 2.75,
    "StationName": "mrc_Trio",
    "TaskName": "autobio",
    "TotalReadoutTime": 0.04275,
    "TxRefAmp": 352.289,
    "dataset": "ds001748",
    "modality": "bold",
    "subject_id": "adult08",
    "task_id": "autobio"
  },
  "dummy_trs": 0,
  "dvars_nstd": 31.731431346778518,
  "dvars_std": 1.1275491116107386,
  "dvars_vstd": 0.9551414253691276,
  "efc": 0.6582712618297594,
  "fber": 127.93307495117188,
  "fd_mean": 0.12413518250931818,
  "fd_num": 16,
  "fd_perc": 10.666666666666666,
  "fwhm_avg": 3.188594181818182,
  "fwhm_x": 3.081904,
  "fwhm_y": 3.318744,
  "fwhm_z": 3.165134545454545,
  "gcor": 0.0196401,
  "gsr_x": -0.003292596898972988,
  "gsr_y": 0.11392698436975479,
  "provenance": {
    "md5sum": "59216397d1f1ff1da3a6aed4b7d3a050",
    "settings": {
      "fd_thres": 0.2,
      "testing": false
    },
    "software": "mriqc",
    "version": "22.0.0rc1",
    "webapi_port": null,
    "webapi_url": "https://mriqc.nimh.nih.gov/api/v1"
  },
  "size_t": 150,
  "size_x": 76,
  "size_y": 76,
  "size_z": 45,
  "snr": 1.9836667258495666,
  "spacing_tr": 3.0,
  "spacing_x": 2.5,
  "spacing_y": 2.5,
  "spacing_z": 2.75,
  "summary_bg_k": 16.43703139054082,
  "summary_bg_mad": 30.689867054201684,
  "summary_bg_mean": 112.28753662109375,
  "summary_bg_median": 60.720001220703125,
  "summary_bg_n": 117241.0,
  "summary_bg_p05": 35.11333465576172,
  "summary_bg_p95": 376.46002197265625,
  "summary_bg_stdv": 129.7145233154297,
  "summary_fg_k": 4.094663897243046,
  "summary_fg_mad": 265.51429413095235,
  "summary_fg_mean": 797.5905151367188,
  "summary_fg_median": 708.9733276367188,
  "summary_fg_n": 84545.0,
  "summary_fg_p05": 407.8813415527344,
  "summary_fg_p95": 1527.1266601562504,
  "summary_fg_stdv": 357.4033508300781,
  "tsnr": 42.73187623708509
}