{
  "aor": 0.0015351333333333333,
  "aqi": 0.0031078350666666667,
  "bids_meta": {
    "AcquisitionMatrixPE": 76,
    "AcquisitionNumber": 1,
    "AcquisitionTime": "13:19:21.182500",
    "BandwidthPerPixelPhaseEncode": 23.084,
    "BaseResolution": 76,
    "ConversionSoftware": "dcm2niix",
    "ConversionSoftwareVersion": "v1.0.20180622 (JP2:OpenJPEG) GCC6.1.0",
    "DerivedVendorReportedEchoSpacing": 0.000570001,
    "DeviceSerialNumber": "35410",
    "DwellTime": 3.3e-06,
    "EchoTime": 0.03,
    "EffectiveEchoSpacing": 0.000570001,
    "FlipAngle": 90,
    "ImageOrientationPatientDICOM": [
      0.999926,
      -0.00265541,
      -0.0118792,
      1.40673e-08,
      0.975915,
      -0.218149
    ],
    "ImageType": [
      "ORIGINAL",
      "PRIMARY",
      "M",
      "ND",
      "MOSAIC"
    ],
    "InPlanePhaseEncodingDirectionDICOM": "COL",
    "InstitutionAddress": "Cooper_60_St._Lucia_QLD_AU_4072",
    "InstitutionName": "St_Lucia_Campus",
    "InstitutionalDepartmentName": "Gehrmann_Labs_MRI",
    "MRAcquisitionType": "2D",
    "MagneticFieldStrength": 3,
    "Manufacturer": "Siemens",
    "ManufacturersModelName": "TrioTim",
    "Modality": "MR",
    "PartialFourier": 1,
    "PatientPosition": "HFS",
    "PercentPhaseFOV": 100,
    "PhaseEncodingDirection": "j-",
    "PhaseEncodingSteps": 76,
    "PhaseResolution": 1,
    "PixelBandwidth": 1994,
    "ProcedureStepDescription": "Brain_-_UQ_fMRI",
    "ProtocolName": "EPI",
    "PulseSequenceDetails": "%SiemensSeq%_ep2d_pace",
    "ReceiveCoilName": "32Ch_Head",
    "ReconMatrixPE": 76,
    "RepetitionTime": 3,
    "SAR": 0.157714,
    "ScanOptions": "FS",
    "ScanningSequence": "EP",
    "SequenceName": "_epfid2d1_76",
    "SequenceVariant": "SK",
    "SeriesDescription": "EPI",
    "SeriesNumber": 4,
    "ShimSetting": [
      6846,
      -11328,
      -2102,
      526,
      40,
      -13,
      294,
      1
    ],
    "SliceThickness": 2.5,
    "SliceTiming": [
      0,
      1.53,
      0.0675,
      1.595,
      0.1325,
      1.6625,
      0.2,
      1.7275,
      0.265,
      1.795,
      0.3325,
      1.8625,
      0.4,
      1.9275,
      0.465,
      1.995,
      0.5325,
      2.06,
      0.5975,
      2.1275,
      0.665,
      2.195,
      0.7325,
      2.26,
      0.7975,
      2.3275,
      0.865,
      2.3925,
      0.93,
      2.46,
      0.9975,
      2.525,
      1.0625,
      2.5925,
      1.13,
      2.66,
      1.1975,
      2.725,
      1.2625,
      2.7925,
      1.33,
      2.8575,
      1.395,
      2.925,
      1.4625
    ],
    "SoftwareVersions": "syngo_MR_B17",
    "SpacingBetweenSlices": 2.75,
    "StationName": "mrc_Trio",
    "TaskName": "episodic",
    "TotalReadoutTime": 0.04275,
    "TxRefAmp": 352.289,
    "dataset": "ds001748",
    "modality": "bold",
    "subject_id": "adult08",
    "task_id": "episodic"
  },
  "dummy_trs": 0,
  "dvars_nstd": 29.04235117845637,
  "dvars_std": 1.2532530749664432,
  "dvars_vstd": 1.0219186550335573,
  "efc": 0.6600367894599151,
  "fber": 130.80706787109375,
  "fd_mean": 0.06858916070097851,
  "fd_num": 3,
  "fd_perc": 2.0,
  "fwhm_avg": 3.127789333333333,
  "fwhm_x": 3.017636,
  "fwhm_y": 3.2011719999999997,
  "fwhm_z": 3.1645600000000003,
  "gcor": 0.024521,
  "gsr_x": -0.001964551629498601,
  "gsr_y": 0.1116194948554039,
  "provenance": {
    "md5sum": "a23ab995e413fc83b55029982ec14680",
    "settings": {
      "fd_thres": 0.2,
      "testing": false
    },
    "software": "mriqc",
    "version": "22.0.0rc1",
    "webapi_port": null,
    "webapi_url": "https://mriqc.nimh.nih.gov/api/v1"
  },
  "size_t": 150,
  "size_x": 76,
  "size_y": 76,
  "size_z": 45,
  "snr": 2.0125463320069223,
  "spacing_tr": 3.0,
  "spacing_x": 2.5,
  "spacing_y": 2.5,
  "spacing_z": 2.75,
  "summary_bg_k": 16.977749975004176,
  "summary_bg_mad": 26.90428946502643,
  "summary_bg_mean": 113.41954803466797,
  "summary_bg_median": 59.63333511352539,
  "summary_bg_n": 116886.0,
  "summary_bg_p05": 39.49333572387695,
  "summary_bg_p95": 388.5316848754883,
  "summary_bg_stdv": 132.60475158691406,
  "summary_fg_k": 4.103302560543302,
  "summary_fg_mad": 263.50286333792604,
  "summary_fg_mean": 803.620361328125,
  "summary_fg_median": 715.1566772460938,
  "summary_fg_n": 84694.0,
  "summary_fg_p05": 416.5686660766602,
  "summary_fg_p95": 1522.3987243652316,
  "summary_fg_stdv": 355.3470764160156,
  "tsnr": 65.06280851899646
}