{
  "aor": 0.0014594666666666665,
  "aqi": 0.0034127851333333337,
  "bids_meta": {
    "AcquisitionMatrixPE": 76,
    "AcquisitionNumber": 1,
    "AcquisitionTime": "13:11:11.440000",
    "BandwidthPerPixelPhaseEncode": 23.084,
    "BaseResolution": 76,
    "ConversionSoftware": "dcm2niix",
    "ConversionSoftwareVersion": "v1.0.20180622 (JP2:OpenJPEG) GCC6.1.0",
    "DerivedVendorReportedEchoSpacing": 0.000570001,
    "DeviceSerialNumber": "35410",
    "DwellTime": 3.3e-06,
    "EchoTime": 0.03,
    "EffectiveEchoSpacing": 0.000570001,
    "FlipAngle": 90,
    "ImageOrientationPatientDICOM": [
      0.999926,
      -0.00265541,
      -0.0118792,
      1.40673e-08,
      0.975915,
      -0.218149
    ],
    "ImageType": [
      "ORIGINAL",
      "PRIMARY",
      "M",
      "ND",
      "MOSAIC"
    ],
    "InPlanePhaseEncodingDirectionDICOM": "COL",
    "InstitutionAddress": "Cooper_60_St._Lucia_QLD_AU_4072",
    "InstitutionName": "St_Lucia_Campus",
    "InstitutionalDepartmentName": "Gehrmann_Labs_MRI",
    "MRAcquisitionType": "2D",
    "MagneticFieldStrength": 3,
    "Manufacturer": "Siemens",
    "ManufacturersModelName": "TrioTim",
    "Modality": "MR",
    "PartialFourier": 1,
    "PatientPosition": "HFS",
    "PercentPhaseFOV": 100,
    "PhaseEncodingDirection": "j-",
    "PhaseEncodingSteps": 76,
    "PhaseResolution": 1,
    "PixelBandwidth": 1994,
    "ProcedureStepDescription": "Brain_-_UQ_fMRI",
    "ProtocolName": "SEM",
    "PulseSequenceDetails": "%SiemensSeq%_ep2d_pace",
    "ReceiveCoilName": "32Ch_Head",
    "ReconMatrixPE": 76,
    "RepetitionTime": 3,
    "SAR": 0.157714,
    "ScanOptions": "FS",
    "ScanningSequence": "EP",
    "SequenceName": "_epfid2d1_76",
    "SequenceVariant": "SK",
    "SeriesDescription": "SEM",
    "SeriesNumber": 3,
    "ShimSetting": [
      6846,
      -11328,
      -2102,
      526,
      40,
      -13,
      294,
      1
    ],
    "SliceThickness": 2.5,
    "SliceTiming": [
      0,
      1.5275,
      0.065,
      1.595,
      0.1325,
      1.66,
      0.1975,
      1.7275,
      0.265,
      1.795,
      0.3325,
      1.86,
      0.3975,
      1.9275,
      0.465,
      1.9925,
      0.53,
      2.06,
      0.5975,
      2.1275,
      0.665,
      2.1925,
      0.73,
      2.26,
      0.7975,
      2.325,
      0.8625,
      2.3925,
      0.93,
      2.4575,
      0.9975,
      2.525,
      1.0625,
      2.5925,
      1.13,
      2.6575,
      1.195,
      2.725,
      1.2625,
      2.79,
      1.3275,
      2.8575,
      1.395,
      2.925,
      1.4625
    ],
    "SoftwareVersions": "syngo_MR_B17",
    "SpacingBetweenSlices": 2.75,
    "StationName": "mrc_Trio",
    "TaskName": "semantic",
    "TotalReadoutTime": 0.04275,
    "TxRefAmp": 352.289,
    "dataset": "ds001748",
    "modality": "bold",
    "subject_id": "adult08",
    "task_id": "semantic"
  },
  "dummy_trs": 0,
  "dvars_nstd": 30.239018690000005,
  "dvars_std": 1.2297945807382555,
  "dvars_vstd": 1.0066474171140942,
  "efc": 0.6590195985062725,
  "fber": 133.45028686523438,
  "fd_mean": 0.09441276190061366,
  "fd_num": 13,
  "fd_perc": 8.666666666666666,
  "fwhm_avg": 3.1314490909090913,
  "fwhm_x": 3.017752,
  "fwhm_y": 3.211508,
  "fwhm_z": 3.1650872727272725,
  "gcor": 0.0392203,
  "gsr_x": -0.0037285906728357077,
  "gsr_y": 0.11412239074707031,
  "provenance": {
    "md5sum": "61921bac0fcbc0237d5d70bf1a6df271",
    "settings": {
      "fd_thres": 0.2,
      "testing": false
    },
    "software": "mriqc",
    "version": "22.0.0rc1",
    "webapi_port": null,
    "webapi_url": "https://mriqc.nimh.nih.gov/api/v1"
  },
  "size_t": 150,
  "size_x": 76,
  "size_y": 76,
  "size_z": 45,
  "snr": 2.0046018504922967,
  "spacing_tr": 3.0,
  "spacing_x": 2.5,
  "spacing_y": 2.5,
  "spacing_z": 2.75,
  "summary_bg_k": 15.807147652708988,
  "summary_bg_mad": 26.266770058614732,
  "summary_bg_mean": 112.49664306640625,
  "summary_bg_median": 58.93000030517578,
  "summary_bg_n": 117412.0,
  "summary_bg_p05": 39.62666702270508,
  "summary_bg_p95": 386.02667236328125,
  "summary_bg_stdv": 130.90985107421875,
  "summary_fg_k": 4.253733457522436,
  "summary_fg_mad": 263.2508462982204,
  "summary_fg_mean": 801.5591430664062,
  "summary_fg_median": 713.0733642578125,
  "summary_fg_n": 84447.0,
  "summary_fg_p05": 414.4400085449219,
  "summary_fg_p95": 1521.8047485351562,
  "summary_fg_stdv": 355.7160949707031,
  "tsnr": 60.72423791047186
}