{
  "bids_meta": {
    "AcquisitionMatrixPE": 240,
    "AcquisitionNumber": 1,
    "AcquisitionTime": "14:49:45.727500",
    "BaseResolution": 256,
    "ConversionSoftware": "dcm2niix",
    "ConversionSoftwareVersion": "v1.0.20180622 (JP2:OpenJPEG) GCC6.1.0",
    "DeviceSerialNumber": "35410",
    "EchoTime": 0.00289,
    "ImageOrientationPatientDICOM": [
      0.0366442,
      0.999328,
      2.02488e-08,
      0.00871866,
      -0.000319683,
      -0.999962
    ],
    "ImageType": [
      "ORIGINAL",
      "PRIMARY",
      "M",
      "ND",
      "UNI"
    ],
    "InPlanePhaseEncodingDirectionDICOM": "ROW",
    "InstitutionAddress": "Cooper_60_St._Lucia_QLD_AU_4072",
    "InstitutionName": "St_Lucia_Campus",
    "MRAcquisitionType": "3D",
    "MagneticFieldStrength": 3,
    "Manufacturer": "Siemens",
    "ManufacturersModelName": "TrioTim",
    "Modality": "MR",
    "ParallelReductionFactorInPlane": 3,
    "PartialFourier": 0.75,
    "PatientPosition": "HFS",
    "PercentPhaseFOV": 93.75,
    "PhaseEncodingSteps": 181,
    "PhaseResolution": 1,
    "PixelBandwidth": 241,
    "ProcedureStepDescription": "RESEARCH_3T_Research",
    "ProtocolName": "mp2rage",
    "PulseSequenceDetails": "%CustomerSeq%_mp2rage_wip820B17",
    "ReceiveCoilName": "32Ch_Head",
    "ReconMatrixPE": 256,
    "RepetitionTime": 4,
    "SAR": 0.149822,
    "ScanOptions": "IR_PFP",
    "ScanningSequence": "GR_IR",
    "SequenceName": "tfl3d1_ns",
    "SequenceVariant": "SP_MP",
    "SeriesDescription": "mp2rage_UNI-DEN",
    "SeriesNumber": 19,
    "ShimSetting": [
      6861,
      -11241,
      -2624,
      -31,
      -19,
      31,
      -77,
      20
    ],
    "SliceThickness": 1,
    "SoftwareVersions": "syngo_MR_B17",
    "StationName": "mrc_Trio",
    "TxRefAmp": 315.082,
    "dataset": "ds001748",
    "modality": "T1w",
    "subject_id": "child20"
  },
  "cjv": 0.33488675566920145,
  "cnr": 4.060850153447915,
  "efc": 0.547734297781382,
  "fber": 2049.122802734375,
  "fwhm_avg": 3.835826267662221,
  "fwhm_x": 3.94458858930519,
  "fwhm_y": 3.97791,
  "fwhm_z": 3.584980213681472,
  "icvs_csf": 0.2509255388227122,
  "icvs_gm": 0.41158374269250775,
  "icvs_wm": 0.3374907184847801,
  "inu_med": 1.0188145637512207,
  "inu_range": 0.29392402768135073,
  "provenance": {
    "md5sum": "cce3aa35ef8a073fcec816442ce8b973",
    "settings": {
      "testing": false
    },
    "software": "mriqc",
    "version": "22.0.0rc1",
    "warnings": {
      "large_rot_frame": true,
      "small_air_mask": false
    },
    "webapi_port": null,
    "webapi_url": "https://mriqc.nimh.nih.gov/api/v1"
  },
  "qi_1": 2.8544659565188957e-05,
  "qi_2": 0.001098293302056757,
  "rpve_csf": 18.074114104971162,
  "rpve_gm": 10.801748367911395,
  "rpve_wm": 16.557679010211515,
  "size_x": 176,
  "size_y": 240,
  "size_z": 256,
  "snr_csf": 3.3831621923827213,
  "snr_gm": 9.948612791321775,
  "snr_total": 11.660506422001987,
  "snr_wm": 21.649744282301462,
  "snrd_csf": 57.59887693462133,
  "snrd_gm": 102.40830594075052,
  "snrd_total": 104.42991742711473,
  "snrd_wm": 153.28256940597234,
  "spacing_x": 1.0000003576278687,
  "spacing_y": 1.0,
  "spacing_z": 0.9999999403953552,
  "summary_bg_k": 67.31530497281082,
  "summary_bg_mad": 4.274093900348483,
  "summary_bg_mean": 15.158737182617188,
  "summary_bg_median": 14.078459739685059,
  "summary_bg_n": 2553457.0,
  "summary_bg_p05": 8.66470127105713,
  "summary_bg_p95": 24.638227081298826,
  "summary_bg_stdv": 6.07103967666626,
  "summary_csf_k": -0.15222925277971822,
  "summary_csf_mad": 108.23475796638628,
  "summary_csf_mean": 359.5651550292969,
  "summary_csf_median": 375.773681640625,
  "summary_csf_n": 15589.0,
  "summary_csf_p05": 150.66138916015626,
  "summary_csf_p95": 517.4574218749999,
  "summary_csf_stdv": 111.06816864013672,
  "summary_gm_k": -0.008402052394753223,
  "summary_gm_mad": 66.61710743459238,
  "summary_gm_mean": 665.2633666992188,
  "summary_gm_median": 668.1093139648438,
  "summary_gm_n": 25763.0,
  "summary_gm_p05": 551.1554138183594,
  "summary_gm_p95": 771.0641235351562,
  "summary_gm_stdv": 67.15472412109375,
  "summary_wm_k": 0.39141625991783835,
  "summary_wm_mad": 44.532632542580096,
  "summary_wm_mean": 1001.58154296875,
  "summary_wm_median": 1000.0117797851562,
  "summary_wm_n": 191891.0,
  "summary_wm_p05": 928.5500793457031,
  "summary_wm_p95": 1079.3482055664062,
  "summary_wm_stdv": 46.190345764160156,
  "tpm_overlap_csf": 0.14267906546592712,
  "tpm_overlap_gm": 0.4213384985923767,
  "tpm_overlap_wm": 0.4944407343864441,
  "wm2max": 0.7118927812263386
}