{
  "aor": 0.015766600000000002,
  "aqi": 0.0067438508666666655,
  "bids_meta": {
    "AcquisitionMatrixPE": 76,
    "AcquisitionNumber": 1,
    "AcquisitionTime": "10:20:3.510000",
    "BandwidthPerPixelPhaseEncode": 23.084,
    "BaseResolution": 76,
    "ConversionSoftware": "dcm2niix",
    "ConversionSoftwareVersion": "v1.0.20180622 (JP2:OpenJPEG) GCC6.1.0",
    "DerivedVendorReportedEchoSpacing": 0.000570001,
    "DeviceSerialNumber": "35410",
    "DwellTime": 3.3e-06,
    "EchoTime": 0.03,
    "EffectiveEchoSpacing": 0.000570001,
    "FlipAngle": 90,
    "ImageOrientationPatientDICOM": [
      0.999669,
      -0.0253454,
      -0.00451845,
      0.0226857,
      0.950183,
      -0.310865
    ],
    "ImageType": [
      "ORIGINAL",
      "PRIMARY",
      "M",
      "ND",
      "MOSAIC"
    ],
    "InPlanePhaseEncodingDirectionDICOM": "COL",
    "InstitutionAddress": "Cooper_60_St._Lucia_QLD_AU_4072",
    "InstitutionName": "St_Lucia_Campus",
    "InstitutionalDepartmentName": "Gehrmann_Labs_MRI",
    "MRAcquisitionType": "2D",
    "MagneticFieldStrength": 3,
    "Manufacturer": "Siemens",
    "ManufacturersModelName": "TrioTim",
    "Modality": "MR",
    "PartialFourier": 1,
    "PatientPosition": "HFS",
    "PercentPhaseFOV": 100,
    "PhaseEncodingDirection": "j-",
    "PhaseEncodingSteps": 76,
    "PhaseResolution": 1,
    "PixelBandwidth": 1994,
    "ProcedureStepDescription": "Brain_-_UQ_fMRI",
    "ProtocolName": "AUTO",
    "PulseSequenceDetails": "%SiemensSeq%_ep2d_pace",
    "ReceiveCoilName": "32Ch_Head",
    "ReconMatrixPE": 76,
    "RepetitionTime": 3,
    "SAR": 0.144358,
    "ScanOptions": "FS",
    "ScanningSequence": "EP",
    "SequenceName": "_epfid2d1_76",
    "SequenceVariant": "SK",
    "SeriesDescription": "AUTO",
    "SeriesNumber": 2,
    "ShimSetting": [
      6767,
      -11275,
      -2045,
      654,
      125,
      14,
      159,
      -43
    ],
    "SliceThickness": 2.5,
    "SliceTiming": [
      0,
      1.53,
      0.0675,
      1.595,
      0.1325,
      1.6625,
      0.2,
      1.7275,
      0.265,
      1.795,
      0.3325,
      1.8625,
      0.4,
      1.9275,
      0.465,
      1.995,
      0.5325,
      2.06,
      0.5975,
      2.1275,
      0.665,
      2.195,
      0.7325,
      2.26,
      0.7975,
      2.3275,
      0.865,
      2.3925,
      0.93,
      2.46,
      0.9975,
      2.525,
      1.0625,
      2.5925,
      1.13,
      2.66,
      1.1975,
      2.725,
      1.2625,
      2.7925,
      1.33,
      2.8575,
      1.395,
      2.925,
      1.4625
    ],
    "SoftwareVersions": "syngo_MR_B17",
    "SpacingBetweenSlices": 2.75,
    "StationName": "mrc_Trio",
    "TaskName": "autobio",
    "TotalReadoutTime": 0.04275,
    "TxRefAmp": 331.542,
    "dataset": "ds001748",
    "modality": "bold",
    "subject_id": "adult20",
    "task_id": "autobio"
  },
  "dummy_trs": 0,
  "dvars_nstd": 28.333642805704695,
  "dvars_std": 1.1061433780536913,
  "dvars_vstd": 1.0462089206040273,
  "efc": 0.5989270188312075,
  "fber": 199.50994873046875,
  "fd_mean": 0.14699325634483285,
  "fd_num": 18,
  "fd_perc": 12.0,
  "fwhm_avg": 2.709836242424242,
  "fwhm_x": 2.603876,
  "fwhm_y": 2.84684,
  "fwhm_z": 2.678792727272727,
  "gcor": 0.0928181,
  "gsr_x": -0.0070791845209896564,
  "gsr_y": 0.054638125002384186,
  "provenance": {
    "md5sum": "44b6bc93b04af0f3d53508b091220412",
    "settings": {
      "fd_thres": 0.2,
      "testing": false
    },
    "software": "mriqc",
    "version": "22.0.0rc1",
    "webapi_port": null,
    "webapi_url": "https://mriqc.nimh.nih.gov/api/v1"
  },
  "size_t": 150,
  "size_x": 76,
  "size_y": 76,
  "size_z": 45,
  "snr": 2.923084472329612,
  "spacing_tr": 3.0,
  "spacing_x": 2.5,
  "spacing_y": 2.5,
  "spacing_z": 2.75,
  "summary_bg_k": 45.70656563607573,
  "summary_bg_mad": 10.091574425267131,
  "summary_bg_mean": 62.656612396240234,
  "summary_bg_median": 41.03333282470703,
  "summary_bg_n": 149565.0,
  "summary_bg_p05": 33.18000030517578,
  "summary_bg_p95": 157.77999877929688,
  "summary_bg_stdv": 65.38859558105469,
  "summary_fg_k": 1.8273408677321905,
  "summary_fg_mad": 176.98812833270296,
  "summary_fg_mean": 631.5845336914062,
  "summary_fg_median": 596.6666870117188,
  "summary_fg_n": 57568.0,
  "summary_fg_p05": 364.40500488281253,
  "summary_fg_p95": 1024.668389892578,
  "summary_fg_stdv": 204.12051391601562,
  "tsnr": 42.57579964050092
}