{
  "aor": 0.005671793103448275,
  "aqi": 0.0077953947586206895,
  "bids_meta": {
    "AcquisitionMatrixPE": 76,
    "AcquisitionNumber": 1,
    "AcquisitionTime": "10:36:38.292500",
    "BandwidthPerPixelPhaseEncode": 23.084,
    "BaseResolution": 76,
    "ConversionSoftware": "dcm2niix",
    "ConversionSoftwareVersion": "v1.0.20180622 (JP2:OpenJPEG) GCC6.1.0",
    "DerivedVendorReportedEchoSpacing": 0.000570001,
    "DeviceSerialNumber": "35410",
    "DwellTime": 3.3e-06,
    "EchoTime": 0.03,
    "EffectiveEchoSpacing": 0.000570001,
    "FlipAngle": 90,
    "ImageOrientationPatientDICOM": [
      0.999669,
      -0.0253454,
      -0.00451845,
      0.0226857,
      0.950183,
      -0.310865
    ],
    "ImageType": [
      "ORIGINAL",
      "PRIMARY",
      "M",
      "ND",
      "MOSAIC"
    ],
    "InPlanePhaseEncodingDirectionDICOM": "COL",
    "InstitutionAddress": "Cooper_60_St._Lucia_QLD_AU_4072",
    "InstitutionName": "St_Lucia_Campus",
    "InstitutionalDepartmentName": "Gehrmann_Labs_MRI",
    "MRAcquisitionType": "2D",
    "MagneticFieldStrength": 3,
    "Manufacturer": "Siemens",
    "ManufacturersModelName": "TrioTim",
    "Modality": "MR",
    "PartialFourier": 1,
    "PatientPosition": "HFS",
    "PercentPhaseFOV": 100,
    "PhaseEncodingDirection": "j-",
    "PhaseEncodingSteps": 76,
    "PhaseResolution": 1,
    "PixelBandwidth": 1994,
    "ProcedureStepDescription": "Brain_-_UQ_fMRI",
    "ProtocolName": "EPI",
    "PulseSequenceDetails": "%SiemensSeq%_ep2d_pace",
    "ReceiveCoilName": "32Ch_Head",
    "ReconMatrixPE": 76,
    "RepetitionTime": 3,
    "SAR": 0.144358,
    "ScanOptions": "FS",
    "ScanningSequence": "EP",
    "SequenceName": "_epfid2d1_76",
    "SequenceVariant": "SK",
    "SeriesDescription": "EPI",
    "SeriesNumber": 4,
    "ShimSetting": [
      6767,
      -11275,
      -2045,
      654,
      125,
      14,
      159,
      -43
    ],
    "SliceThickness": 2.5,
    "SliceTiming": [
      0,
      1.5275,
      0.065,
      1.595,
      0.1325,
      1.6625,
      0.2,
      1.7275,
      0.265,
      1.795,
      0.3325,
      1.86,
      0.3975,
      1.9275,
      0.465,
      1.995,
      0.5325,
      2.06,
      0.5975,
      2.1275,
      0.665,
      2.1925,
      0.73,
      2.26,
      0.7975,
      2.3275,
      0.865,
      2.3925,
      0.93,
      2.46,
      0.9975,
      2.525,
      1.0625,
      2.5925,
      1.13,
      2.66,
      1.1975,
      2.725,
      1.2625,
      2.7925,
      1.33,
      2.8575,
      1.395,
      2.925,
      1.4625
    ],
    "SoftwareVersions": "syngo_MR_B17",
    "SpacingBetweenSlices": 2.75,
    "StationName": "mrc_Trio",
    "TaskName": "episodic",
    "TotalReadoutTime": 0.04275,
    "TxRefAmp": 331.542,
    "dataset": "ds001748",
    "modality": "bold",
    "subject_id": "adult20",
    "task_id": "episodic"
  },
  "dummy_trs": 5,
  "dvars_nstd": 31.226832190972225,
  "dvars_std": 1.1081497712500006,
  "dvars_vstd": 0.9913933124305553,
  "efc": 0.6036448736862763,
  "fber": 208.97703552246094,
  "fd_mean": 0.17762261988863912,
  "fd_num": 33,
  "fd_perc": 22.75862068965517,
  "fwhm_avg": 2.521898666666667,
  "fwhm_x": 2.4198720000000002,
  "fwhm_y": 2.6629840000000002,
  "fwhm_z": 2.48284,
  "gcor": 0.0209449,
  "gsr_x": 0.002594399033114314,
  "gsr_y": 0.05662737414240837,
  "provenance": {
    "md5sum": "c0f8d980bed8af028701e0ea1c1bb26a",
    "settings": {
      "fd_thres": 0.2,
      "testing": false
    },
    "software": "mriqc",
    "version": "22.0.0rc1",
    "webapi_port": null,
    "webapi_url": "https://mriqc.nimh.nih.gov/api/v1"
  },
  "size_t": 145,
  "size_x": 76,
  "size_y": 76,
  "size_z": 45,
  "snr": 3.2783422133359483,
  "spacing_tr": 3.0,
  "spacing_x": 2.5,
  "spacing_y": 2.5,
  "spacing_z": 2.75,
  "summary_bg_k": 34.95930265863346,
  "summary_bg_mad": 8.66043888228491,
  "summary_bg_mean": 61.496620178222656,
  "summary_bg_median": 39.041378021240234,
  "summary_bg_n": 150910.0,
  "summary_bg_p05": 32.24827575683594,
  "summary_bg_p95": 156.08034973144507,
  "summary_bg_stdv": 67.66339111328125,
  "summary_fg_k": 1.132441981756708,
  "summary_fg_mad": 159.96765759418807,
  "summary_fg_mean": 605.7288208007812,
  "summary_fg_median": 577.94482421875,
  "summary_fg_n": 58414.0,
  "summary_fg_p05": 367.10345458984375,
  "summary_fg_p95": 936.0189666748045,
  "summary_fg_stdv": 176.290283203125,
  "tsnr": 46.16806507110596
}