{
  "aor": 0.0009498657718120804,
  "aqi": 0.002167622348993289,
  "bids_meta": {
    "AcquisitionMatrixPE": 76,
    "AcquisitionNumber": 1,
    "AcquisitionTime": "09:27:19.790000",
    "BandwidthPerPixelPhaseEncode": 23.084,
    "BaseResolution": 76,
    "BodyPartExamined": "BRAIN",
    "ConsistencyInfo": "N4_VE11C_LATEST_20160120",
    "ConversionSoftware": "dcm2niix",
    "ConversionSoftwareVersion": "v1.0.20180622 (JP2:OpenJPEG) GCC6.1.0",
    "DerivedVendorReportedEchoSpacing": 0.000570001,
    "DeviceSerialNumber": "167001",
    "DwellTime": 3.3e-06,
    "EchoTime": 0.03,
    "EchoTrainLength": 76,
    "EffectiveEchoSpacing": 0.000570001,
    "FlipAngle": 90,
    "ImageOrientationPatientDICOM": [
      0.999789,
      0.0039234,
      0.0201798,
      1.72214e-08,
      0.981619,
      -0.190849
    ],
    "ImageType": [
      "ORIGINAL",
      "PRIMARY",
      "M",
      "ND",
      "MOSAIC"
    ],
    "InPlanePhaseEncodingDirectionDICOM": "COL",
    "InstitutionAddress": "Cooper_60_St._Lucia_QLD_AU_4072",
    "InstitutionName": "St_Lucia_Campus",
    "InstitutionalDepartmentName": "Gehrmann_Labs_MRI",
    "MRAcquisitionType": "2D",
    "MagneticFieldStrength": 3,
    "Manufacturer": "Siemens",
    "ManufacturersModelName": "Prisma_fit",
    "Modality": "MR",
    "PartialFourier": 1,
    "PatientPosition": "HFS",
    "PercentPhaseFOV": 100,
    "PhaseEncodingDirection": "j-",
    "PhaseEncodingSteps": 76,
    "PhaseResolution": 1,
    "PixelBandwidth": 1995,
    "ProcedureStepDescription": "Research_16004_CMN",
    "ProtocolName": "ep2d_bold_SEM",
    "PulseSequenceDetails": "%SiemensSeq%_ep2d_bold",
    "ReceiveCoilActiveElements": "HC1-7;NC1,2",
    "ReceiveCoilName": "HeadNeck_64",
    "ReconMatrixPE": 76,
    "RepetitionTime": 3,
    "SAR": 0.101602,
    "ScanOptions": "FS",
    "ScanningSequence": "EP",
    "SequenceName": "_epfid2d1_76",
    "SequenceVariant": "SK",
    "SeriesDescription": "ep2d_bold_SEM",
    "SeriesNumber": 7,
    "ShimSetting": [
      3074,
      -4089,
      -707,
      844,
      49,
      150,
      -128,
      -20
    ],
    "SliceThickness": 2.5,
    "SliceTiming": [
      0,
      1.5225,
      0.065,
      1.5875,
      0.13,
      1.655,
      0.1975,
      1.72,
      0.2625,
      1.7875,
      0.33,
      1.8525,
      0.395,
      1.92,
      0.4625,
      1.985,
      0.5275,
      2.0525,
      0.595,
      2.1175,
      0.66,
      2.185,
      0.7275,
      2.25,
      0.7925,
      2.3175,
      0.86,
      2.3825,
      0.925,
      2.45,
      0.9925,
      2.515,
      1.0575,
      2.5825,
      1.125,
      2.6475,
      1.19,
      2.715,
      1.2575,
      2.78,
      1.3225,
      2.8475,
      1.39,
      2.9125,
      1.455
    ],
    "SoftwareVersions": "syngo_MR_E11",
    "SpacingBetweenSlices": 2.75,
    "StationName": "mrc_Trio",
    "TaskName": "semantic",
    "TotalReadoutTime": 0.04275,
    "TxRefAmp": 215.269,
    "dataset": "ds001748",
    "modality": "bold",
    "subject_id": "teen07",
    "task_id": "semantic"
  },
  "dummy_trs": 1,
  "dvars_nstd": 23.005568246959452,
  "dvars_std": 1.233797949932433,
  "dvars_vstd": 0.9723064472972978,
  "efc": 0.5968861844212712,
  "fber": 182.23287963867188,
  "fd_mean": 0.06195863388009263,
  "fd_num": 1,
  "fd_perc": 0.6711409395973155,
  "fwhm_avg": 3.0445717575757576,
  "fwhm_x": 2.920796,
  "fwhm_y": 3.197832,
  "fwhm_z": 3.0150872727272726,
  "gcor": 0.0201773,
  "gsr_x": -0.013820428401231766,
  "gsr_y": 0.051449600607156754,
  "provenance": {
    "md5sum": "b2b830c44eb73b608779ef90e3a87f78",
    "settings": {
      "fd_thres": 0.2,
      "testing": false
    },
    "software": "mriqc",
    "version": "22.0.0rc1",
    "webapi_port": null,
    "webapi_url": "https://mriqc.nimh.nih.gov/api/v1"
  },
  "size_t": 149,
  "size_x": 76,
  "size_y": 76,
  "size_z": 45,
  "snr": 2.2822365305296257,
  "spacing_tr": 3.0,
  "spacing_x": 2.5,
  "spacing_y": 2.5,
  "spacing_z": 2.75,
  "summary_bg_k": 27.90998628924736,
  "summary_bg_mad": 4.676658035558351,
  "summary_bg_mean": 102.18917083740234,
  "summary_bg_median": 68.0604019165039,
  "summary_bg_n": 141943.0,
  "summary_bg_p05": 64.09396362304688,
  "summary_bg_p95": 274.25369262695307,
  "summary_bg_stdv": 96.77497100830078,
  "summary_fg_k": 1.4877819136798012,
  "summary_fg_mad": 372.07343287858447,
  "summary_fg_mean": 1033.987548828125,
  "summary_fg_median": 948.3758544921875,
  "summary_fg_n": 62346.0,
  "summary_fg_p05": 536.3238220214844,
  "summary_fg_p95": 1861.5017395019531,
  "summary_fg_stdv": 415.5433654785156,
  "tsnr": 78.24598467350006
}