{
  "aor": 0.006834765100671141,
  "aqi": 0.007534493355704698,
  "bids_meta": {
    "AcquisitionMatrixPE": 76,
    "AcquisitionNumber": 1,
    "AcquisitionTime": "16:06:37.200000",
    "BandwidthPerPixelPhaseEncode": 23.084,
    "BaseResolution": 76,
    "ConversionSoftware": "dcm2niix",
    "ConversionSoftwareVersion": "v1.0.20180622 (JP2:OpenJPEG) GCC6.1.0",
    "DerivedVendorReportedEchoSpacing": 0.000570001,
    "DeviceSerialNumber": "35410",
    "DwellTime": 3.3e-06,
    "EchoTime": 0.03,
    "EffectiveEchoSpacing": 0.000570001,
    "FlipAngle": 90,
    "ImageOrientationPatientDICOM": [
      0.999977,
      0.000929434,
      0.00678493,
      -1.76517e-08,
      0.990748,
      -0.135715
    ],
    "ImageType": [
      "ORIGINAL",
      "PRIMARY",
      "M",
      "ND",
      "MOSAIC"
    ],
    "InPlanePhaseEncodingDirectionDICOM": "COL",
    "InstitutionAddress": "Cooper_60_St._Lucia_QLD_AU_4072",
    "InstitutionName": "St_Lucia_Campus",
    "InstitutionalDepartmentName": "Gehrmann_Labs_MRI",
    "MRAcquisitionType": "2D",
    "MagneticFieldStrength": 3,
    "Manufacturer": "Siemens",
    "ManufacturersModelName": "TrioTim",
    "Modality": "MR",
    "PartialFourier": 1,
    "PatientPosition": "HFS",
    "PercentPhaseFOV": 100,
    "PhaseEncodingDirection": "j-",
    "PhaseEncodingSteps": 76,
    "PhaseResolution": 1,
    "PixelBandwidth": 1994,
    "ProcedureStepDescription": "RESEARCH_3T_Research",
    "ProtocolName": "SEM",
    "PulseSequenceDetails": "%SiemensSeq%_ep2d_pace",
    "ReceiveCoilName": "32Ch_Head",
    "ReconMatrixPE": 76,
    "RepetitionTime": 3,
    "SAR": 0.226332,
    "ScanOptions": "FS",
    "ScanningSequence": "EP",
    "SequenceName": "_epfid2d1_76",
    "SequenceVariant": "SK",
    "SeriesDescription": "SEM",
    "SeriesNumber": 8,
    "ShimSetting": [
      6850,
      -11240,
      -2173,
      781,
      -23,
      8,
      8,
      10
    ],
    "SliceThickness": 2.5,
    "SliceTiming": [
      0,
      1.53,
      0.0675,
      1.595,
      0.1325,
      1.6625,
      0.2,
      1.73,
      0.2675,
      1.795,
      0.3325,
      1.8625,
      0.4,
      1.9275,
      0.465,
      1.995,
      0.5325,
      2.0625,
      0.6,
      2.1275,
      0.665,
      2.195,
      0.7325,
      2.26,
      0.7975,
      2.3275,
      0.865,
      2.395,
      0.9325,
      2.46,
      0.9975,
      2.5275,
      1.065,
      2.5925,
      1.13,
      2.66,
      1.1975,
      2.725,
      1.2625,
      2.7925,
      1.33,
      2.86,
      1.3975,
      2.925,
      1.4625
    ],
    "SoftwareVersions": "syngo_MR_B17",
    "SpacingBetweenSlices": 2.75,
    "StationName": "mrc_Trio",
    "TaskName": "semantic",
    "TotalReadoutTime": 0.04275,
    "TxRefAmp": 305.681,
    "dataset": "ds001748",
    "modality": "bold",
    "subject_id": "child08",
    "task_id": "semantic"
  },
  "dummy_trs": 1,
  "dvars_nstd": 41.151673704054076,
  "dvars_std": 1.2868355107432432,
  "dvars_vstd": 1.05325632445946,
  "efc": 0.6205255039999149,
  "fber": 242.12596130371094,
  "fd_mean": 0.2443658256306599,
  "fd_num": 74,
  "fd_perc": 49.66442953020134,
  "fwhm_avg": 2.7543813333333333,
  "fwhm_x": 2.628624,
  "fwhm_y": 2.76648,
  "fwhm_z": 2.86804,
  "gcor": 0.0274752,
  "gsr_x": -0.006885497830808163,
  "gsr_y": 0.06132780387997627,
  "provenance": {
    "md5sum": "0fa47b745fc81bfd0e67052e5159892e",
    "settings": {
      "fd_thres": 0.2,
      "testing": false
    },
    "software": "mriqc",
    "version": "22.0.0rc1",
    "webapi_port": null,
    "webapi_url": "https://mriqc.nimh.nih.gov/api/v1"
  },
  "size_t": 149,
  "size_x": 76,
  "size_y": 76,
  "size_z": 45,
  "snr": 2.929279718424558,
  "spacing_tr": 3.0,
  "spacing_x": 2.5,
  "spacing_y": 2.5,
  "spacing_z": 2.75,
  "summary_bg_k": 34.20149715549478,
  "summary_bg_mad": 7.671718800051744,
  "summary_bg_mean": 65.3629379272461,
  "summary_bg_median": 42.07382583618164,
  "summary_bg_n": 135922.0,
  "summary_bg_p05": 36.12080383300781,
  "summary_bg_p95": 175.74362258911125,
  "summary_bg_stdv": 67.2862319946289,
  "summary_fg_k": 1.7176929142057293,
  "summary_fg_mad": 198.8975486597922,
  "summary_fg_mean": 706.9885864257812,
  "summary_fg_median": 664.4765014648438,
  "summary_fg_n": 71517.0,
  "summary_fg_p05": 420.85235595703125,
  "summary_fg_p95": 1148.4510498046875,
  "summary_fg_stdv": 226.8379669189453,
  "tsnr": 46.95443594735116
}