{
  "aor": 0.003844199999999999,
  "aqi": 0.006535790800000001,
  "bids_meta": {
    "AcquisitionMatrixPE": 76,
    "AcquisitionNumber": 1,
    "AcquisitionTime": "15:58:17.027500",
    "BandwidthPerPixelPhaseEncode": 23.084,
    "BaseResolution": 76,
    "ConversionSoftware": "dcm2niix",
    "ConversionSoftwareVersion": "v1.0.20180622 (JP2:OpenJPEG) GCC6.1.0",
    "DerivedVendorReportedEchoSpacing": 0.000570001,
    "DeviceSerialNumber": "35410",
    "DwellTime": 3.3e-06,
    "EchoTime": 0.03,
    "EffectiveEchoSpacing": 0.000570001,
    "FlipAngle": 90,
    "ImageOrientationPatientDICOM": [
      0.999977,
      0.000929434,
      0.00678493,
      -1.76517e-08,
      0.990748,
      -0.135715
    ],
    "ImageType": [
      "ORIGINAL",
      "PRIMARY",
      "M",
      "ND",
      "MOSAIC"
    ],
    "InPlanePhaseEncodingDirectionDICOM": "COL",
    "InstitutionAddress": "Cooper_60_St._Lucia_QLD_AU_4072",
    "InstitutionName": "St_Lucia_Campus",
    "InstitutionalDepartmentName": "Gehrmann_Labs_MRI",
    "MRAcquisitionType": "2D",
    "MagneticFieldStrength": 3,
    "Manufacturer": "Siemens",
    "ManufacturersModelName": "TrioTim",
    "Modality": "MR",
    "PartialFourier": 1,
    "PatientPosition": "HFS",
    "PercentPhaseFOV": 100,
    "PhaseEncodingDirection": "j-",
    "PhaseEncodingSteps": 76,
    "PhaseResolution": 1,
    "PixelBandwidth": 1994,
    "ProcedureStepDescription": "RESEARCH_3T_Research",
    "ProtocolName": "AUTO",
    "PulseSequenceDetails": "%SiemensSeq%_ep2d_pace",
    "ReceiveCoilName": "32Ch_Head",
    "ReconMatrixPE": 76,
    "RepetitionTime": 3,
    "SAR": 0.226332,
    "ScanOptions": "FS",
    "ScanningSequence": "EP",
    "SequenceName": "_epfid2d1_76",
    "SequenceVariant": "SK",
    "SeriesDescription": "AUTO",
    "SeriesNumber": 7,
    "ShimSetting": [
      6850,
      -11240,
      -2173,
      781,
      -23,
      8,
      8,
      10
    ],
    "SliceThickness": 2.5,
    "SliceTiming": [
      0,
      1.53,
      0.0675,
      1.595,
      0.1325,
      1.6625,
      0.2,
      1.73,
      0.2675,
      1.795,
      0.3325,
      1.8625,
      0.4,
      1.9275,
      0.465,
      1.995,
      0.5325,
      2.06,
      0.5975,
      2.1275,
      0.665,
      2.195,
      0.7325,
      2.26,
      0.7975,
      2.3275,
      0.865,
      2.3925,
      0.93,
      2.46,
      0.9975,
      2.5275,
      1.065,
      2.5925,
      1.13,
      2.66,
      1.1975,
      2.725,
      1.2625,
      2.7925,
      1.33,
      2.86,
      1.3975,
      2.925,
      1.4625
    ],
    "SoftwareVersions": "syngo_MR_B17",
    "SpacingBetweenSlices": 2.75,
    "StationName": "mrc_Trio",
    "TaskName": "autobio",
    "TotalReadoutTime": 0.04275,
    "TxRefAmp": 305.681,
    "dataset": "ds001748",
    "modality": "bold",
    "subject_id": "child08",
    "task_id": "autobio"
  },
  "dummy_trs": 0,
  "dvars_nstd": 32.40734791617449,
  "dvars_std": 1.2013686342953027,
  "dvars_vstd": 1.010539269664429,
  "efc": 0.6200338847503066,
  "fber": 240.718017578125,
  "fd_mean": 0.17920368542377313,
  "fd_num": 35,
  "fd_perc": 23.333333333333332,
  "fwhm_avg": 2.740546666666667,
  "fwhm_x": 2.616624,
  "fwhm_y": 2.7615760000000003,
  "fwhm_z": 2.84344,
  "gcor": 0.0221043,
  "gsr_x": -0.00759956706315279,
  "gsr_y": 0.06092309579253197,
  "provenance": {
    "md5sum": "deae8c59798cb3f77db4b550c9d91151",
    "settings": {
      "fd_thres": 0.2,
      "testing": false
    },
    "software": "mriqc",
    "version": "22.0.0rc1",
    "webapi_port": null,
    "webapi_url": "https://mriqc.nimh.nih.gov/api/v1"
  },
  "size_t": 150,
  "size_x": 76,
  "size_y": 76,
  "size_z": 45,
  "snr": 2.9404274741572083,
  "spacing_tr": 3.0,
  "spacing_x": 2.5,
  "spacing_y": 2.5,
  "spacing_z": 2.75,
  "summary_bg_k": 34.6929105372233,
  "summary_bg_mad": 8.361881263141644,
  "summary_bg_mean": 64.9021987915039,
  "summary_bg_median": 42.21333312988281,
  "summary_bg_n": 135906.0,
  "summary_bg_p05": 35.3466682434082,
  "summary_bg_p95": 172.44667053222656,
  "summary_bg_stdv": 66.16358184814453,
  "summary_fg_k": 1.6848646637676845,
  "summary_fg_mad": 199.6471749279868,
  "summary_fg_mean": 706.840576171875,
  "summary_fg_median": 665.5667114257812,
  "summary_fg_n": 71433.0,
  "summary_fg_p05": 418.9800109863281,
  "summary_fg_p95": 1145.400048828125,
  "summary_fg_stdv": 226.34873962402344,
  "tsnr": 50.02636140445247
}