{
  "aor": 0.005175399999999999,
  "aqi": 0.0076206903999999995,
  "bids_meta": {
    "AcquisitionMatrixPE": 76,
    "AcquisitionNumber": 1,
    "AcquisitionTime": "16:15:13.792500",
    "BandwidthPerPixelPhaseEncode": 23.084,
    "BaseResolution": 76,
    "ConversionSoftware": "dcm2niix",
    "ConversionSoftwareVersion": "v1.0.20180622 (JP2:OpenJPEG) GCC6.1.0",
    "DerivedVendorReportedEchoSpacing": 0.000570001,
    "DeviceSerialNumber": "35410",
    "DwellTime": 3.3e-06,
    "EchoTime": 0.03,
    "EffectiveEchoSpacing": 0.000570001,
    "FlipAngle": 90,
    "ImageOrientationPatientDICOM": [
      0.999977,
      0.000929434,
      0.00678493,
      -1.76517e-08,
      0.990748,
      -0.135715
    ],
    "ImageType": [
      "ORIGINAL",
      "PRIMARY",
      "M",
      "ND",
      "MOSAIC"
    ],
    "InPlanePhaseEncodingDirectionDICOM": "COL",
    "InstitutionAddress": "Cooper_60_St._Lucia_QLD_AU_4072",
    "InstitutionName": "St_Lucia_Campus",
    "InstitutionalDepartmentName": "Gehrmann_Labs_MRI",
    "MRAcquisitionType": "2D",
    "MagneticFieldStrength": 3,
    "Manufacturer": "Siemens",
    "ManufacturersModelName": "TrioTim",
    "Modality": "MR",
    "PartialFourier": 1,
    "PatientPosition": "HFS",
    "PercentPhaseFOV": 100,
    "PhaseEncodingDirection": "j-",
    "PhaseEncodingSteps": 76,
    "PhaseResolution": 1,
    "PixelBandwidth": 1994,
    "ProcedureStepDescription": "RESEARCH_3T_Research",
    "ProtocolName": "EPI",
    "PulseSequenceDetails": "%SiemensSeq%_ep2d_pace",
    "ReceiveCoilName": "32Ch_Head",
    "ReconMatrixPE": 76,
    "RepetitionTime": 3,
    "SAR": 0.226332,
    "ScanOptions": "FS",
    "ScanningSequence": "EP",
    "SequenceName": "_epfid2d1_76",
    "SequenceVariant": "SK",
    "SeriesDescription": "EPI",
    "SeriesNumber": 9,
    "ShimSetting": [
      6850,
      -11240,
      -2173,
      781,
      -23,
      8,
      8,
      10
    ],
    "SliceThickness": 2.5,
    "SliceTiming": [
      0,
      1.5275,
      0.065,
      1.595,
      0.1325,
      1.6625,
      0.2,
      1.7275,
      0.265,
      1.795,
      0.3325,
      1.86,
      0.3975,
      1.9275,
      0.465,
      1.995,
      0.5325,
      2.06,
      0.5975,
      2.1275,
      0.665,
      2.1925,
      0.73,
      2.26,
      0.7975,
      2.3275,
      0.865,
      2.3925,
      0.93,
      2.46,
      0.9975,
      2.525,
      1.0625,
      2.5925,
      1.13,
      2.6575,
      1.195,
      2.725,
      1.2625,
      2.7925,
      1.33,
      2.8575,
      1.395,
      2.925,
      1.4625
    ],
    "SoftwareVersions": "syngo_MR_B17",
    "SpacingBetweenSlices": 2.75,
    "StationName": "mrc_Trio",
    "TaskName": "episodic",
    "TotalReadoutTime": 0.04275,
    "TxRefAmp": 305.681,
    "dataset": "ds001748",
    "modality": "bold",
    "subject_id": "child08",
    "task_id": "episodic"
  },
  "dummy_trs": 0,
  "dvars_nstd": 37.737561859395996,
  "dvars_std": 1.2761124922818787,
  "dvars_vstd": 1.0508724638926177,
  "efc": 0.6200568525871243,
  "fber": 241.92379760742188,
  "fd_mean": 0.20522498232558692,
  "fd_num": 62,
  "fd_perc": 41.333333333333336,
  "fwhm_avg": 2.7554254545454544,
  "fwhm_x": 2.641056,
  "fwhm_y": 2.762584,
  "fwhm_z": 2.862636363636364,
  "gcor": 0.0276994,
  "gsr_x": -0.006789587438106537,
  "gsr_y": 0.06251818686723709,
  "provenance": {
    "md5sum": "8891129e23e578389601d1405e84e279",
    "settings": {
      "fd_thres": 0.2,
      "testing": false
    },
    "software": "mriqc",
    "version": "22.0.0rc1",
    "webapi_port": null,
    "webapi_url": "https://mriqc.nimh.nih.gov/api/v1"
  },
  "size_t": 150,
  "size_x": 76,
  "size_y": 76,
  "size_z": 45,
  "snr": 2.928636186735213,
  "spacing_tr": 3.0,
  "spacing_x": 2.5,
  "spacing_y": 2.5,
  "spacing_z": 2.75,
  "summary_bg_k": 33.2666063263688,
  "summary_bg_mad": 7.926976543611823,
  "summary_bg_mean": 65.62812042236328,
  "summary_bg_median": 42.073333740234375,
  "summary_bg_n": 136358.0,
  "summary_bg_p05": 35.893333435058594,
  "summary_bg_p95": 177.76200790405267,
  "summary_bg_stdv": 67.90400695800781,
  "summary_fg_k": 1.7773327352853858,
  "summary_fg_mad": 196.81055800028327,
  "summary_fg_mean": 706.9114379882812,
  "summary_fg_median": 663.9200439453125,
  "summary_fg_n": 71170.0,
  "summary_fg_p05": 422.6830169677734,
  "summary_fg_p95": 1149.274041748047,
  "summary_fg_stdv": 226.6977996826172,
  "tsnr": 46.51489333808422
}