{
  "bids_meta": {
    "AcquisitionMatrixPE": 240,
    "AcquisitionNumber": 1,
    "AcquisitionTime": "14:56:58.667500",
    "BaseResolution": 256,
    "ConversionSoftware": "dcm2niix",
    "ConversionSoftwareVersion": "v1.0.20180622 (JP2:OpenJPEG) GCC6.1.0",
    "DeviceSerialNumber": "35410",
    "DwellTime": 8.1e-06,
    "EchoTime": 0.00289,
    "ImageOrientationPatientDICOM": [
      -0.0174551,
      0.999848,
      -4.03067e-08,
      0.0174466,
      0.000304537,
      -0.999848
    ],
    "ImageType": [
      "ORIGINAL",
      "PRIMARY",
      "M",
      "ND",
      "UNI"
    ],
    "InPlanePhaseEncodingDirectionDICOM": "ROW",
    "InstitutionAddress": "Cooper_60_St._Lucia_QLD_AU_4072",
    "InstitutionName": "St_Lucia_Campus",
    "InstitutionalDepartmentName": "Gehrmann_Labs_MRI",
    "MRAcquisitionType": "3D",
    "MagneticFieldStrength": 3,
    "Manufacturer": "Siemens",
    "ManufacturersModelName": "TrioTim",
    "Modality": "MR",
    "ParallelReductionFactorInPlane": 3,
    "PartialFourier": 0.75,
    "PatientPosition": "HFS",
    "PercentPhaseFOV": 93.75,
    "PhaseEncodingSteps": 181,
    "PhaseResolution": 1,
    "PixelBandwidth": 241,
    "ProcedureStepDescription": "Brain_-_UQ_fMRI",
    "ProtocolName": "mp2rage",
    "PulseSequenceDetails": "%CustomerSeq%_mp2rage_wip820B17",
    "ReceiveCoilName": "32Ch_Head",
    "ReconMatrixPE": 256,
    "RepetitionTime": 4,
    "SAR": 0.0997194,
    "ScanOptions": "IR_PFP",
    "ScanningSequence": "GR_IR",
    "SequenceName": "tfl3d1_ns",
    "SequenceVariant": "SP_MP",
    "SeriesDescription": "mp2rage_UNI-DEN",
    "SeriesNumber": 6,
    "ShimSetting": [
      6819,
      -11271,
      -2615,
      -89,
      20,
      1,
      -123,
      4
    ],
    "SliceThickness": 1,
    "SoftwareVersions": "syngo_MR_B17",
    "StationName": "mrc_Trio",
    "TxRefAmp": 306.525,
    "dataset": "ds001748",
    "modality": "T1w",
    "subject_id": "adult06"
  },
  "cjv": 0.3319400507176541,
  "cnr": 3.89793102354297,
  "efc": 0.5122625472609305,
  "fber": 3294.8955078125,
  "fwhm_avg": 3.7008844016692017,
  "fwhm_x": 3.8407932050076052,
  "fwhm_y": 4.02068,
  "fwhm_z": 3.24118,
  "icvs_csf": 0.25408281632246926,
  "icvs_gm": 0.38676133660257683,
  "icvs_wm": 0.3591558470749539,
  "inu_med": 0.9320086240768433,
  "inu_range": 0.2405784487724304,
  "provenance": {
    "md5sum": "fcf34d4dff0a748a27f8db690b8a512d",
    "settings": {
      "testing": false
    },
    "software": "mriqc",
    "version": "22.0.0rc1",
    "warnings": {
      "large_rot_frame": true,
      "small_air_mask": false
    },
    "webapi_port": null,
    "webapi_url": "https://mriqc.nimh.nih.gov/api/v1"
  },
  "qi_1": 0.00010508857712262457,
  "qi_2": 0.0006080116130223025,
  "rpve_csf": 22.180752817368248,
  "rpve_gm": 13.859480047659043,
  "rpve_wm": 19.913388466489476,
  "size_x": 176,
  "size_y": 240,
  "size_z": 256,
  "snr_csf": 3.7919291778530946,
  "snr_gm": 9.437058007058326,
  "snr_total": 14.720905590082667,
  "snr_wm": 30.933729585336586,
  "snrd_csf": 63.595575489875465,
  "snrd_gm": 114.93578387319312,
  "snrd_total": 115.26284887651029,
  "snrd_wm": 167.2571872664623,
  "spacing_x": 0.9999991655349731,
  "spacing_y": 1.0,
  "spacing_z": 1.0,
  "summary_bg_k": 95.48908367681253,
  "summary_bg_mad": 3.916946278448683,
  "summary_bg_mean": 13.303948402404785,
  "summary_bg_median": 11.1779203414917,
  "summary_bg_n": 2975358.0,
  "summary_bg_p05": 6.598475480079651,
  "summary_bg_p95": 25.553870391845702,
  "summary_bg_stdv": 9.662871360778809,
  "summary_csf_k": 0.48157436620166116,
  "summary_csf_mad": 93.97799114669063,
  "summary_csf_mean": 374.4592590332031,
  "summary_csf_median": 380.22686767578125,
  "summary_csf_n": 12504.0,
  "summary_csf_p05": 188.71717453002935,
  "summary_csf_p95": 522.663311767578,
  "summary_csf_stdv": 100.26866149902344,
  "summary_gm_k": -0.09827089981628756,
  "summary_gm_mad": 72.89635856644799,
  "summary_gm_mean": 684.0865478515625,
  "summary_gm_median": 687.1810302734375,
  "summary_gm_n": 22790.0,
  "summary_gm_p05": 557.7325042724609,
  "summary_gm_p95": 799.2741607666015,
  "summary_gm_stdv": 72.8156967163086,
  "summary_wm_k": 0.42668312281407506,
  "summary_wm_mad": 30.941312870365856,
  "summary_wm_mean": 1000.4269409179688,
  "summary_wm_median": 1000.0015869140625,
  "summary_wm_n": 165186.0,
  "summary_wm_p05": 948.3847961425781,
  "summary_wm_p95": 1054.3590698242188,
  "summary_wm_stdv": 32.327125549316406,
  "tpm_overlap_csf": 0.14197474718093872,
  "tpm_overlap_gm": 0.40464189648628235,
  "tpm_overlap_wm": 0.5090158581733704,
  "wm2max": 0.7513567530235766
}