{
  "aor": 0.0025068,
  "aqi": 0.005622096333333334,
  "bids_meta": {
    "AcquisitionMatrixPE": 76,
    "AcquisitionNumber": 1,
    "AcquisitionTime": "13:33:20.850000",
    "BandwidthPerPixelPhaseEncode": 23.084,
    "BaseResolution": 76,
    "ConversionSoftware": "dcm2niix",
    "ConversionSoftwareVersion": "v1.0.20180622 (JP2:OpenJPEG) GCC6.1.0",
    "DerivedVendorReportedEchoSpacing": 0.000570001,
    "DeviceSerialNumber": "35410",
    "DwellTime": 3.3e-06,
    "EchoTime": 0.03,
    "EffectiveEchoSpacing": 0.000570001,
    "FlipAngle": 90,
    "ImageOrientationPatientDICOM": [
      0.999926,
      0.000403433,
      -0.0121657,
      6.62628e-08,
      0.99945,
      0.0331488
    ],
    "ImageType": [
      "ORIGINAL",
      "PRIMARY",
      "M",
      "ND",
      "MOSAIC"
    ],
    "InPlanePhaseEncodingDirectionDICOM": "COL",
    "InstitutionAddress": "Cooper_60_St._Lucia_QLD_AU_4072",
    "InstitutionName": "St_Lucia_Campus",
    "InstitutionalDepartmentName": "Gehrmann_Labs_MRI",
    "MRAcquisitionType": "2D",
    "MagneticFieldStrength": 3,
    "Manufacturer": "Siemens",
    "ManufacturersModelName": "TrioTim",
    "Modality": "MR",
    "PartialFourier": 1,
    "PatientPosition": "HFS",
    "PercentPhaseFOV": 100,
    "PhaseEncodingDirection": "j-",
    "PhaseEncodingSteps": 76,
    "PhaseResolution": 1,
    "PixelBandwidth": 1994,
    "ProcedureStepDescription": "RESEARCH_3T_Research",
    "ProtocolName": "SEM",
    "PulseSequenceDetails": "%SiemensSeq%_ep2d_pace",
    "ReceiveCoilName": "32Ch_Head",
    "ReconMatrixPE": 76,
    "RepetitionTime": 3,
    "SAR": 0.205213,
    "ScanOptions": "FS",
    "ScanningSequence": "EP",
    "SequenceName": "_epfid2d1_76",
    "SequenceVariant": "SK",
    "SeriesDescription": "SEM",
    "SeriesNumber": 8,
    "ShimSetting": [
      6868,
      -11345,
      -2021,
      1212,
      42,
      -133,
      422,
      64
    ],
    "SliceThickness": 2.5,
    "SliceTiming": [
      0,
      1.53,
      0.0675,
      1.5975,
      0.135,
      1.6625,
      0.2,
      1.73,
      0.2675,
      1.795,
      0.3325,
      1.8625,
      0.4,
      1.93,
      0.4675,
      1.995,
      0.5325,
      2.0625,
      0.6,
      2.1275,
      0.665,
      2.195,
      0.7325,
      2.26,
      0.7975,
      2.3275,
      0.865,
      2.395,
      0.9325,
      2.46,
      0.9975,
      2.5275,
      1.065,
      2.5925,
      1.13,
      2.66,
      1.1975,
      2.7275,
      1.265,
      2.7925,
      1.33,
      2.86,
      1.3975,
      2.925,
      1.4625
    ],
    "SoftwareVersions": "syngo_MR_B17",
    "SpacingBetweenSlices": 2.75,
    "StationName": "mrc_Trio",
    "TaskName": "semantic",
    "TotalReadoutTime": 0.04275,
    "TxRefAmp": 317.595,
    "dataset": "ds001748",
    "modality": "bold",
    "subject_id": "child14",
    "task_id": "semantic"
  },
  "dummy_trs": 0,
  "dvars_nstd": 31.224212786912762,
  "dvars_std": 1.2281245320134229,
  "dvars_vstd": 0.9821958388590604,
  "efc": 0.6228838553111411,
  "fber": 286.7626647949219,
  "fd_mean": 0.09470139958398492,
  "fd_num": 12,
  "fd_perc": 8.0,
  "fwhm_avg": 2.547434666666667,
  "fwhm_x": 2.442136,
  "fwhm_y": 2.7210080000000003,
  "fwhm_z": 2.47916,
  "gcor": 0.0254764,
  "gsr_x": -0.013559126295149326,
  "gsr_y": 0.056659333407878876,
  "provenance": {
    "md5sum": "499c86dfadff026aefa6bc75cf8f6897",
    "settings": {
      "fd_thres": 0.2,
      "testing": false
    },
    "software": "mriqc",
    "version": "22.0.0rc1",
    "webapi_port": null,
    "webapi_url": "https://mriqc.nimh.nih.gov/api/v1"
  },
  "size_t": 150,
  "size_x": 76,
  "size_y": 76,
  "size_z": 45,
  "snr": 3.363689607294153,
  "spacing_tr": 3.0,
  "spacing_x": 2.5,
  "spacing_y": 2.5,
  "spacing_z": 2.75,
  "summary_bg_k": 24.495283476308387,
  "summary_bg_mad": 7.551388581542355,
  "summary_bg_mean": 67.6039047241211,
  "summary_bg_median": 42.98666763305664,
  "summary_bg_n": 135231.0,
  "summary_bg_p05": 37.19333267211914,
  "summary_bg_p95": 188.47000885009766,
  "summary_bg_stdv": 66.70354461669922,
  "summary_fg_k": 0.7663132376474522,
  "summary_fg_mad": 214.1372045570546,
  "summary_fg_mean": 774.028076171875,
  "summary_fg_median": 742.3600463867188,
  "summary_fg_n": 71299.0,
  "summary_fg_p05": 474.4420196533203,
  "summary_fg_p95": 1174.1160644531249,
  "summary_fg_stdv": 220.69659423828125,
  "tsnr": 58.045816492289305
}