{
  "aor": 0.007263066666666666,
  "aqi": 0.0047699026,
  "bids_meta": {
    "AcquisitionMatrixPE": 76,
    "AcquisitionNumber": 1,
    "AcquisitionTime": "13:41:36.610000",
    "BandwidthPerPixelPhaseEncode": 23.084,
    "BaseResolution": 76,
    "ConversionSoftware": "dcm2niix",
    "ConversionSoftwareVersion": "v1.0.20180622 (JP2:OpenJPEG) GCC6.1.0",
    "DerivedVendorReportedEchoSpacing": 0.000570001,
    "DeviceSerialNumber": "35410",
    "DwellTime": 3.3e-06,
    "EchoTime": 0.03,
    "EffectiveEchoSpacing": 0.000570001,
    "FlipAngle": 90,
    "ImageOrientationPatientDICOM": [
      0.999926,
      0.000403433,
      -0.0121657,
      6.62628e-08,
      0.99945,
      0.0331488
    ],
    "ImageType": [
      "ORIGINAL",
      "PRIMARY",
      "M",
      "ND",
      "MOSAIC"
    ],
    "InPlanePhaseEncodingDirectionDICOM": "COL",
    "InstitutionAddress": "Cooper_60_St._Lucia_QLD_AU_4072",
    "InstitutionName": "St_Lucia_Campus",
    "InstitutionalDepartmentName": "Gehrmann_Labs_MRI",
    "MRAcquisitionType": "2D",
    "MagneticFieldStrength": 3,
    "Manufacturer": "Siemens",
    "ManufacturersModelName": "TrioTim",
    "Modality": "MR",
    "PartialFourier": 1,
    "PatientPosition": "HFS",
    "PercentPhaseFOV": 100,
    "PhaseEncodingDirection": "j-",
    "PhaseEncodingSteps": 76,
    "PhaseResolution": 1,
    "PixelBandwidth": 1994,
    "ProcedureStepDescription": "RESEARCH_3T_Research",
    "ProtocolName": "EPI",
    "PulseSequenceDetails": "%SiemensSeq%_ep2d_pace",
    "ReceiveCoilName": "32Ch_Head",
    "ReconMatrixPE": 76,
    "RepetitionTime": 3,
    "SAR": 0.205213,
    "ScanOptions": "FS",
    "ScanningSequence": "EP",
    "SequenceName": "_epfid2d1_76",
    "SequenceVariant": "SK",
    "SeriesDescription": "EPI",
    "SeriesNumber": 9,
    "ShimSetting": [
      6868,
      -11345,
      -2021,
      1212,
      42,
      -133,
      422,
      64
    ],
    "SliceThickness": 2.5,
    "SliceTiming": [
      0,
      1.53,
      0.0675,
      1.5975,
      0.135,
      1.6625,
      0.2,
      1.73,
      0.2675,
      1.795,
      0.3325,
      1.8625,
      0.4,
      1.93,
      0.4675,
      1.995,
      0.5325,
      2.0625,
      0.6,
      2.1275,
      0.665,
      2.195,
      0.7325,
      2.2625,
      0.8,
      2.3275,
      0.865,
      2.395,
      0.9325,
      2.46,
      0.9975,
      2.5275,
      1.065,
      2.5925,
      1.13,
      2.66,
      1.1975,
      2.7275,
      1.265,
      2.7925,
      1.33,
      2.86,
      1.3975,
      2.925,
      1.4625
    ],
    "SoftwareVersions": "syngo_MR_B17",
    "SpacingBetweenSlices": 2.75,
    "StationName": "mrc_Trio",
    "TaskName": "episodic",
    "TotalReadoutTime": 0.04275,
    "TxRefAmp": 317.595,
    "dataset": "ds001748",
    "modality": "bold",
    "subject_id": "child14",
    "task_id": "episodic"
  },
  "dummy_trs": 0,
  "dvars_nstd": 32.562150238724826,
  "dvars_std": 1.2879738002684558,
  "dvars_vstd": 1.0322647363087245,
  "efc": 0.623196763281966,
  "fber": 282.593017578125,
  "fd_mean": 0.10872390541910658,
  "fd_num": 23,
  "fd_perc": 15.333333333333334,
  "fwhm_avg": 2.515025090909091,
  "fwhm_x": 2.4251080000000003,
  "fwhm_y": 2.7082,
  "fwhm_z": 2.411767272727273,
  "gcor": 0.042711,
  "gsr_x": -0.0128259789198637,
  "gsr_y": 0.05668264627456665,
  "provenance": {
    "md5sum": "c51492c74165f6046b86d0875470c6cf",
    "settings": {
      "fd_thres": 0.2,
      "testing": false
    },
    "software": "mriqc",
    "version": "22.0.0rc1",
    "webapi_port": null,
    "webapi_url": "https://mriqc.nimh.nih.gov/api/v1"
  },
  "size_t": 150,
  "size_x": 76,
  "size_y": 76,
  "size_z": 45,
  "snr": 3.3608961291584345,
  "spacing_tr": 3.0,
  "spacing_x": 2.5,
  "spacing_y": 2.5,
  "spacing_z": 2.75,
  "summary_bg_k": 24.220737018974166,
  "summary_bg_mad": 8.055473562061405,
  "summary_bg_mean": 67.84334564208984,
  "summary_bg_median": 42.95333480834961,
  "summary_bg_n": 135208.0,
  "summary_bg_p05": 36.4466667175293,
  "summary_bg_p95": 190.75767593383785,
  "summary_bg_stdv": 67.61439514160156,
  "summary_fg_k": 0.8053559581741743,
  "summary_fg_mad": 213.3860399442729,
  "summary_fg_mean": 768.8195190429688,
  "summary_fg_median": 737.5800170898438,
  "summary_fg_n": 71387.0,
  "summary_fg_p05": 470.91334533691406,
  "summary_fg_p95": 1163.9780029296876,
  "summary_fg_stdv": 219.45779418945312,
  "tsnr": 58.41975317057222
}