{
  "aor": 0.008250799999999999,
  "aqi": 0.0059049602,
  "bids_meta": {
    "AcquisitionMatrixPE": 76,
    "AcquisitionNumber": 1,
    "AcquisitionTime": "13:25:13.585000",
    "BandwidthPerPixelPhaseEncode": 23.084,
    "BaseResolution": 76,
    "ConversionSoftware": "dcm2niix",
    "ConversionSoftwareVersion": "v1.0.20180622 (JP2:OpenJPEG) GCC6.1.0",
    "DerivedVendorReportedEchoSpacing": 0.000570001,
    "DeviceSerialNumber": "35410",
    "DwellTime": 3.3e-06,
    "EchoTime": 0.03,
    "EffectiveEchoSpacing": 0.000570001,
    "FlipAngle": 90,
    "ImageOrientationPatientDICOM": [
      0.999926,
      0.000403433,
      -0.0121657,
      6.62628e-08,
      0.99945,
      0.0331488
    ],
    "ImageType": [
      "ORIGINAL",
      "PRIMARY",
      "M",
      "ND",
      "MOSAIC"
    ],
    "InPlanePhaseEncodingDirectionDICOM": "COL",
    "InstitutionAddress": "Cooper_60_St._Lucia_QLD_AU_4072",
    "InstitutionName": "St_Lucia_Campus",
    "InstitutionalDepartmentName": "Gehrmann_Labs_MRI",
    "MRAcquisitionType": "2D",
    "MagneticFieldStrength": 3,
    "Manufacturer": "Siemens",
    "ManufacturersModelName": "TrioTim",
    "Modality": "MR",
    "PartialFourier": 1,
    "PatientPosition": "HFS",
    "PercentPhaseFOV": 100,
    "PhaseEncodingDirection": "j-",
    "PhaseEncodingSteps": 76,
    "PhaseResolution": 1,
    "PixelBandwidth": 1994,
    "ProcedureStepDescription": "RESEARCH_3T_Research",
    "ProtocolName": "AUTO",
    "PulseSequenceDetails": "%SiemensSeq%_ep2d_pace",
    "ReceiveCoilName": "32Ch_Head",
    "ReconMatrixPE": 76,
    "RepetitionTime": 3,
    "SAR": 0.205213,
    "ScanOptions": "FS",
    "ScanningSequence": "EP",
    "SequenceName": "_epfid2d1_76",
    "SequenceVariant": "SK",
    "SeriesDescription": "AUTO",
    "SeriesNumber": 7,
    "ShimSetting": [
      6868,
      -11345,
      -2021,
      1212,
      42,
      -133,
      422,
      64
    ],
    "SliceThickness": 2.5,
    "SliceTiming": [
      0,
      1.53,
      0.0675,
      1.5975,
      0.135,
      1.6625,
      0.2,
      1.73,
      0.2675,
      1.795,
      0.3325,
      1.8625,
      0.4,
      1.9275,
      0.465,
      1.995,
      0.5325,
      2.0625,
      0.6,
      2.1275,
      0.665,
      2.195,
      0.7325,
      2.26,
      0.7975,
      2.3275,
      0.865,
      2.395,
      0.9325,
      2.46,
      0.9975,
      2.5275,
      1.065,
      2.5925,
      1.13,
      2.66,
      1.1975,
      2.7275,
      1.265,
      2.7925,
      1.33,
      2.86,
      1.3975,
      2.925,
      1.4625
    ],
    "SoftwareVersions": "syngo_MR_B17",
    "SpacingBetweenSlices": 2.75,
    "StationName": "mrc_Trio",
    "TaskName": "autobio",
    "TotalReadoutTime": 0.04275,
    "TxRefAmp": 317.595,
    "dataset": "ds001748",
    "modality": "bold",
    "subject_id": "child14",
    "task_id": "autobio"
  },
  "dummy_trs": 0,
  "dvars_nstd": 31.10560884369129,
  "dvars_std": 1.3112291755704695,
  "dvars_vstd": 1.045495414563758,
  "efc": 0.6218979282691534,
  "fber": 288.2441101074219,
  "fd_mean": 0.09525196793894336,
  "fd_num": 13,
  "fd_perc": 8.666666666666666,
  "fwhm_avg": 2.5687207272727273,
  "fwhm_x": 2.4621839999999997,
  "fwhm_y": 2.7371600000000003,
  "fwhm_z": 2.506818181818182,
  "gcor": 0.0147453,
  "gsr_x": -0.011310034431517124,
  "gsr_y": 0.05727025493979454,
  "provenance": {
    "md5sum": "6fb68e4ec2fe1175493e66d9c9d5362c",
    "settings": {
      "fd_thres": 0.2,
      "testing": false
    },
    "software": "mriqc",
    "version": "22.0.0rc1",
    "webapi_port": null,
    "webapi_url": "https://mriqc.nimh.nih.gov/api/v1"
  },
  "size_t": 150,
  "size_x": 76,
  "size_y": 76,
  "size_z": 45,
  "snr": 3.3542236267910615,
  "spacing_tr": 3.0,
  "spacing_x": 2.5,
  "spacing_y": 2.5,
  "spacing_z": 2.75,
  "summary_bg_k": 24.53041644165244,
  "summary_bg_mad": 7.600807901402058,
  "summary_bg_mean": 67.46854400634766,
  "summary_bg_median": 42.81999969482422,
  "summary_bg_n": 135472.0,
  "summary_bg_p05": 36.926666259765625,
  "summary_bg_p95": 188.23267059326167,
  "summary_bg_stdv": 66.66357421875,
  "summary_fg_k": 0.8310216068497573,
  "summary_fg_mad": 214.46333360951397,
  "summary_fg_mean": 773.562744140625,
  "summary_fg_median": 741.7467041015625,
  "summary_fg_n": 71197.0,
  "summary_fg_p05": 473.047998046875,
  "summary_fg_p95": 1174.6346435546875,
  "summary_fg_stdv": 221.13656616210938,
  "tsnr": 53.391108272597194
}