{
  "aor": 0.0013118666666666666,
  "aqi": 0.0030117375333333332,
  "bids_meta": {
    "AcquisitionMatrixPE": 76,
    "AcquisitionNumber": 1,
    "AcquisitionTime": "16:08:3.217500",
    "BandwidthPerPixelPhaseEncode": 23.084,
    "BaseResolution": 76,
    "ConversionSoftware": "dcm2niix",
    "ConversionSoftwareVersion": "v1.0.20180622 (JP2:OpenJPEG) GCC6.1.0",
    "DerivedVendorReportedEchoSpacing": 0.000570001,
    "DeviceSerialNumber": "35410",
    "DwellTime": 3.3e-06,
    "EchoTime": 0.03,
    "EffectiveEchoSpacing": 0.000570001,
    "FlipAngle": 90,
    "ImageOrientationPatientDICOM": [
      0.999926,
      -0.000849247,
      -0.0121427,
      6.90221e-08,
      0.997564,
      -0.0697628
    ],
    "ImageType": [
      "ORIGINAL",
      "PRIMARY",
      "M",
      "ND",
      "MOSAIC"
    ],
    "InPlanePhaseEncodingDirectionDICOM": "COL",
    "InstitutionAddress": "Cooper_60_St._Lucia_QLD_AU_4072",
    "InstitutionName": "St_Lucia_Campus",
    "InstitutionalDepartmentName": "Gehrmann_Labs_MRI",
    "MRAcquisitionType": "2D",
    "MagneticFieldStrength": 3,
    "Manufacturer": "Siemens",
    "ManufacturersModelName": "TrioTim",
    "Modality": "MR",
    "PartialFourier": 1,
    "PatientPosition": "HFS",
    "PercentPhaseFOV": 100,
    "PhaseEncodingDirection": "j-",
    "PhaseEncodingSteps": 76,
    "PhaseResolution": 1,
    "PixelBandwidth": 1994,
    "ProcedureStepDescription": "RESEARCH_3T_Research",
    "ProtocolName": "EPI",
    "PulseSequenceDetails": "%SiemensSeq%_ep2d_pace",
    "ReceiveCoilName": "32Ch_Head",
    "ReconMatrixPE": 76,
    "RepetitionTime": 3,
    "SAR": 0.146781,
    "ScanOptions": "FS",
    "ScanningSequence": "EP",
    "SequenceName": "_epfid2d1_76",
    "SequenceVariant": "SK",
    "SeriesDescription": "EPI",
    "SeriesNumber": 9,
    "ShimSetting": [
      6900,
      -11341,
      -2031,
      838,
      2,
      -203,
      288,
      9
    ],
    "SliceThickness": 2.5,
    "SliceTiming": [
      0,
      1.53,
      0.0675,
      1.595,
      0.1325,
      1.6625,
      0.2,
      1.73,
      0.2675,
      1.795,
      0.3325,
      1.8625,
      0.4,
      1.9275,
      0.465,
      1.995,
      0.5325,
      2.0625,
      0.6,
      2.1275,
      0.665,
      2.195,
      0.7325,
      2.26,
      0.7975,
      2.3275,
      0.865,
      2.395,
      0.9325,
      2.46,
      0.9975,
      2.5275,
      1.065,
      2.5925,
      1.13,
      2.66,
      1.1975,
      2.725,
      1.2625,
      2.7925,
      1.33,
      2.86,
      1.3975,
      2.925,
      1.4625
    ],
    "SoftwareVersions": "syngo_MR_B17",
    "SpacingBetweenSlices": 2.75,
    "StationName": "mrc_Trio",
    "TaskName": "episodic",
    "TotalReadoutTime": 0.04275,
    "TxRefAmp": 328.408,
    "dataset": "ds001748",
    "modality": "bold",
    "subject_id": "child15",
    "task_id": "episodic"
  },
  "dummy_trs": 0,
  "dvars_nstd": 32.83032908852348,
  "dvars_std": 1.2797556790604028,
  "dvars_vstd": 1.0220405059060405,
  "efc": 0.6250836210066149,
  "fber": 205.18878173828125,
  "fd_mean": 0.10919476184910823,
  "fd_num": 15,
  "fd_perc": 10.0,
  "fwhm_avg": 3.19544303030303,
  "fwhm_x": 3.096624,
  "fwhm_y": 3.3255159999999995,
  "fwhm_z": 3.164189090909091,
  "gcor": 0.0238588,
  "gsr_x": -0.02275167964398861,
  "gsr_y": 0.08378304541110992,
  "provenance": {
    "md5sum": "a33d378b543d507872c49f926d925b3c",
    "settings": {
      "fd_thres": 0.2,
      "testing": false
    },
    "software": "mriqc",
    "version": "22.0.0rc1",
    "webapi_port": null,
    "webapi_url": "https://mriqc.nimh.nih.gov/api/v1"
  },
  "size_t": 150,
  "size_x": 76,
  "size_y": 76,
  "size_z": 45,
  "snr": 2.436113744734671,
  "spacing_tr": 3.0,
  "spacing_x": 2.5,
  "spacing_y": 2.5,
  "spacing_z": 2.75,
  "summary_bg_k": 29.166034771545178,
  "summary_bg_mad": 12.315483408704162,
  "summary_bg_mean": 79.17198944091797,
  "summary_bg_median": 47.68000030517578,
  "summary_bg_n": 132593.0,
  "summary_bg_p05": 38.78666687011719,
  "summary_bg_p95": 229.74000549316406,
  "summary_bg_stdv": 81.64662170410156,
  "summary_fg_k": 2.8835950286207472,
  "summary_fg_mad": 233.65323217923327,
  "summary_fg_mean": 772.4442138671875,
  "summary_fg_median": 709.453369140625,
  "summary_fg_n": 72370.0,
  "summary_fg_p05": 436.1793411254883,
  "summary_fg_p95": 1360.3130615234377,
  "summary_fg_stdv": 291.2214050292969,
  "tsnr": 63.791034650523216
}