{
  "aor": 0.0011183999999999999,
  "aqi": 0.003745282600000001,
  "bids_meta": {
    "AcquisitionMatrixPE": 76,
    "AcquisitionNumber": 1,
    "AcquisitionTime": "14:41:9.527500",
    "BandwidthPerPixelPhaseEncode": 23.084,
    "BaseResolution": 76,
    "ConversionSoftware": "dcm2niix",
    "ConversionSoftwareVersion": "v1.0.20180622 (JP2:OpenJPEG) GCC6.1.0",
    "DerivedVendorReportedEchoSpacing": 0.000570001,
    "DeviceSerialNumber": "35410",
    "DwellTime": 3.3e-06,
    "EchoTime": 0.03,
    "EffectiveEchoSpacing": 0.000570001,
    "FlipAngle": 90,
    "ImageOrientationPatientDICOM": [
      0.999769,
      -0.00205815,
      0.0213745,
      2.12161e-09,
      0.995396,
      0.0958465
    ],
    "ImageType": [
      "ORIGINAL",
      "PRIMARY",
      "M",
      "ND",
      "MOSAIC"
    ],
    "InPlanePhaseEncodingDirectionDICOM": "COL",
    "InstitutionAddress": "Cooper_60_St._Lucia_QLD_AU_4072",
    "InstitutionName": "St_Lucia_Campus",
    "InstitutionalDepartmentName": "Gehrmann_Labs_MRI",
    "MRAcquisitionType": "2D",
    "MagneticFieldStrength": 3,
    "Manufacturer": "Siemens",
    "ManufacturersModelName": "TrioTim",
    "Modality": "MR",
    "PartialFourier": 1,
    "PatientPosition": "HFS",
    "PercentPhaseFOV": 100,
    "PhaseEncodingDirection": "j-",
    "PhaseEncodingSteps": 76,
    "PhaseResolution": 1,
    "PixelBandwidth": 1994,
    "ProcedureStepDescription": "RESEARCH_3T_Research",
    "ProtocolName": "EPI",
    "PulseSequenceDetails": "%SiemensSeq%_ep2d_pace",
    "ReceiveCoilName": "32Ch_Head",
    "ReconMatrixPE": 76,
    "RepetitionTime": 3,
    "SAR": 0.169964,
    "ScanOptions": "FS",
    "ScanningSequence": "EP",
    "SequenceName": "_epfid2d1_76",
    "SequenceVariant": "SK",
    "SeriesDescription": "EPI",
    "SeriesNumber": 9,
    "ShimSetting": [
      6894,
      -11512,
      -2081,
      1239,
      254,
      -158,
      584,
      111
    ],
    "SliceThickness": 2.5,
    "SliceTiming": [
      0,
      1.53,
      0.0675,
      1.595,
      0.1325,
      1.6625,
      0.2,
      1.73,
      0.2675,
      1.795,
      0.3325,
      1.8625,
      0.4,
      1.9275,
      0.465,
      1.995,
      0.5325,
      2.06,
      0.5975,
      2.1275,
      0.665,
      2.195,
      0.7325,
      2.26,
      0.7975,
      2.3275,
      0.865,
      2.3925,
      0.93,
      2.46,
      0.9975,
      2.5275,
      1.065,
      2.5925,
      1.13,
      2.66,
      1.1975,
      2.725,
      1.2625,
      2.7925,
      1.33,
      2.86,
      1.3975,
      2.925,
      1.4625
    ],
    "SoftwareVersions": "syngo_MR_B17",
    "SpacingBetweenSlices": 2.75,
    "StationName": "mrc_Trio",
    "TaskName": "episodic",
    "TotalReadoutTime": 0.04275,
    "TxRefAmp": 330.467,
    "dataset": "ds001748",
    "modality": "bold",
    "subject_id": "child17",
    "task_id": "episodic"
  },
  "dummy_trs": 0,
  "dvars_nstd": 48.292465978456356,
  "dvars_std": 1.720716209664429,
  "dvars_vstd": 1.020478499597315,
  "efc": 0.5711461911521529,
  "fber": 300.02655029296875,
  "fd_mean": 0.0884388594128344,
  "fd_num": 6,
  "fd_perc": 4.0,
  "fwhm_avg": 3.4783573333333333,
  "fwhm_x": 3.433992,
  "fwhm_y": 3.72376,
  "fwhm_z": 3.27732,
  "gcor": 0.0362823,
  "gsr_x": -0.02677527815103531,
  "gsr_y": 0.06446676701307297,
  "provenance": {
    "md5sum": "5bbf5d9f47fb621ea4ed8f101f7ec659",
    "settings": {
      "fd_thres": 0.2,
      "testing": false
    },
    "software": "mriqc",
    "version": "22.0.0rc1",
    "webapi_port": null,
    "webapi_url": "https://mriqc.nimh.nih.gov/api/v1"
  },
  "size_t": 150,
  "size_x": 76,
  "size_y": 76,
  "size_z": 45,
  "snr": 2.0592104110452674,
  "spacing_tr": 3.0,
  "spacing_x": 2.5,
  "spacing_y": 2.5,
  "spacing_z": 2.75,
  "summary_bg_k": 34.085009252748215,
  "summary_bg_mad": 4.507112101619901,
  "summary_bg_mean": 44.38508224487305,
  "summary_bg_median": 27.413333892822266,
  "summary_bg_n": 144565.0,
  "summary_bg_p05": 24.006668090820312,
  "summary_bg_p95": 139.33999633789062,
  "summary_bg_stdv": 48.3798828125,
  "summary_fg_k": 1.0473223421382514,
  "summary_fg_mad": 227.04077108527486,
  "summary_fg_mean": 534.9296875,
  "summary_fg_median": 491.0333251953125,
  "summary_fg_n": 64078.0,
  "summary_fg_p05": 227.1036735534668,
  "summary_fg_p95": 988.5006927490228,
  "summary_fg_stdv": 238.45523071289062,
  "tsnr": 59.53350015101023
}