{
  "bids_meta": {
    "AcquisitionMatrixPE": 240,
    "AcquisitionNumber": 1,
    "AcquisitionTime": "15:45:9.185000",
    "BaseResolution": 256,
    "ConversionSoftware": "dcm2niix",
    "ConversionSoftwareVersion": "v1.0.20180622 (JP2:OpenJPEG) GCC6.1.0",
    "DeviceSerialNumber": "35410",
    "DwellTime": 8.1e-06,
    "EchoTime": 0.00289,
    "ImageOrientationPatientDICOM": [
      0.0191973,
      0.999816,
      -3.03858e-08,
      0.00348898,
      -6.70216e-05,
      -0.999994
    ],
    "ImageType": [
      "ORIGINAL",
      "PRIMARY",
      "M",
      "ND",
      "UNI"
    ],
    "InPlanePhaseEncodingDirectionDICOM": "ROW",
    "InstitutionAddress": "Cooper_60_St._Lucia_QLD_AU_4072",
    "InstitutionName": "St_Lucia_Campus",
    "InstitutionalDepartmentName": "Gehrmann_Labs_MRI",
    "MRAcquisitionType": "3D",
    "MagneticFieldStrength": 3,
    "Manufacturer": "Siemens",
    "ManufacturersModelName": "TrioTim",
    "Modality": "MR",
    "ParallelReductionFactorInPlane": 3,
    "PartialFourier": 0.75,
    "PatientPosition": "HFS",
    "PercentPhaseFOV": 93.75,
    "PhaseEncodingSteps": 181,
    "PhaseResolution": 1,
    "PixelBandwidth": 241,
    "ProcedureStepDescription": "RESEARCH_3T_Research",
    "ProtocolName": "mp2rage",
    "PulseSequenceDetails": "%CustomerSeq%_mp2rage_wip820B17",
    "ReceiveCoilName": "32Ch_Head",
    "ReconMatrixPE": 256,
    "RepetitionTime": 4,
    "SAR": 0.107312,
    "ScanOptions": "IR_PFP",
    "ScanningSequence": "GR_IR",
    "SequenceName": "tfl3d1_ns",
    "SequenceVariant": "SP_MP",
    "SeriesDescription": "mp2rage_UNI-DEN",
    "SeriesNumber": 4,
    "ShimSetting": [
      6861,
      -11241,
      -2624,
      -31,
      -19,
      31,
      -77,
      20
    ],
    "SliceThickness": 1,
    "SoftwareVersions": "syngo_MR_B17",
    "StationName": "mrc_Trio",
    "TxRefAmp": 328.408,
    "dataset": "ds001748",
    "modality": "T1w",
    "subject_id": "child15"
  },
  "cjv": 0.3009444546432979,
  "cnr": 4.528070245279201,
  "efc": 0.5837878186087205,
  "fber": 2501.33251953125,
  "fwhm_avg": 3.882203796500928,
  "fwhm_x": 3.885331389502784,
  "fwhm_y": 4.35989,
  "fwhm_z": 3.40139,
  "icvs_csf": 0.13758030622013295,
  "icvs_gm": 0.4951197098101601,
  "icvs_wm": 0.3672999839697069,
  "inu_med": 0.8881860375404358,
  "inu_range": 0.19922513365745542,
  "provenance": {
    "md5sum": "8c8037450e2a925689bd2f3fd8544538",
    "settings": {
      "testing": false
    },
    "software": "mriqc",
    "version": "22.0.0rc1",
    "warnings": {
      "large_rot_frame": true,
      "small_air_mask": false
    },
    "webapi_port": null,
    "webapi_url": "https://mriqc.nimh.nih.gov/api/v1"
  },
  "qi_1": 0.0,
  "qi_2": 0.0005297391568091585,
  "rpve_csf": 32.02565089022099,
  "rpve_gm": 10.13905716945056,
  "rpve_wm": 15.288644001072612,
  "size_x": 176,
  "size_y": 240,
  "size_z": 256,
  "snr_csf": 0.7480678905547421,
  "snr_gm": 9.241373539575457,
  "snr_total": 11.256017232662309,
  "snr_wm": 23.778610267856727,
  "snrd_csf": 60.161901474126665,
  "snrd_gm": 94.19642685724084,
  "snrd_total": 100.95662618654977,
  "snrd_wm": 148.51155022828178,
  "spacing_x": 0.9999996423721313,
  "spacing_y": 1.0,
  "spacing_z": 1.0,
  "summary_bg_k": 90.78856495918663,
  "summary_bg_mad": 4.411427209695959,
  "summary_bg_mean": 15.19808292388916,
  "summary_bg_median": 13.972447395324707,
  "summary_bg_n": 2319546.0,
  "summary_bg_p05": 8.461267948150635,
  "summary_bg_p95": 25.32451581954956,
  "summary_bg_stdv": 6.678867340087891,
  "summary_csf_k": -1.5976995870645643,
  "summary_csf_mad": 396.10142517464664,
  "summary_csf_mean": 685.7689208984375,
  "summary_csf_median": 405.10626220703125,
  "summary_csf_n": 8711.0,
  "summary_csf_p05": 72.2525520324707,
  "summary_csf_p95": 1460.537353515625,
  "summary_csf_stdv": 541.5056762695312,
  "summary_gm_k": -0.1856076926457173,
  "summary_gm_mad": 71.27050931962852,
  "summary_gm_mean": 637.3199462890625,
  "summary_gm_median": 634.2811889648438,
  "summary_gm_n": 72718.0,
  "summary_gm_p05": 530.7087158203125,
  "summary_gm_p95": 754.4733917236327,
  "summary_gm_stdv": 68.63447570800781,
  "summary_wm_k": 0.8710183847580191,
  "summary_wm_mad": 38.79582885938366,
  "summary_wm_mean": 1000.626953125,
  "summary_wm_median": 1000.017578125,
  "summary_wm_n": 193588.0,
  "summary_wm_p05": 933.6054138183594,
  "summary_wm_p95": 1070.7966613769531,
  "summary_wm_stdv": 42.055233001708984,
  "tpm_overlap_csf": 0.14542043209075928,
  "tpm_overlap_gm": 0.454363614320755,
  "tpm_overlap_wm": 0.47786566615104675,
  "wm2max": 0.6818465560734377
}