{
  "aor": 0.0010859333333333332,
  "aqi": 0.0019110509333333332,
  "bids_meta": {
    "AcquisitionMatrixPE": 76,
    "AcquisitionNumber": 1,
    "AcquisitionTime": "09:35:35.845000",
    "BandwidthPerPixelPhaseEncode": 23.084,
    "BaseResolution": 76,
    "BodyPartExamined": "BRAIN",
    "ConsistencyInfo": "N4_VE11C_LATEST_20160120",
    "ConversionSoftware": "dcm2niix",
    "ConversionSoftwareVersion": "v1.0.20180622 (JP2:OpenJPEG) GCC6.1.0",
    "DerivedVendorReportedEchoSpacing": 0.000570001,
    "DeviceSerialNumber": "167001",
    "DwellTime": 3.3e-06,
    "EchoTime": 0.03,
    "EchoTrainLength": 76,
    "EffectiveEchoSpacing": 0.000570001,
    "FlipAngle": 90,
    "ImageOrientationPatientDICOM": [
      0.999789,
      0.0039234,
      0.0201798,
      1.72214e-08,
      0.981619,
      -0.190849
    ],
    "ImageType": [
      "ORIGINAL",
      "PRIMARY",
      "M",
      "ND",
      "MOSAIC"
    ],
    "InPlanePhaseEncodingDirectionDICOM": "COL",
    "InstitutionAddress": "Cooper_60_St._Lucia_QLD_AU_4072",
    "InstitutionName": "St_Lucia_Campus",
    "InstitutionalDepartmentName": "Gehrmann_Labs_MRI",
    "MRAcquisitionType": "2D",
    "MagneticFieldStrength": 3,
    "Manufacturer": "Siemens",
    "ManufacturersModelName": "Prisma_fit",
    "Modality": "MR",
    "PartialFourier": 1,
    "PatientPosition": "HFS",
    "PercentPhaseFOV": 100,
    "PhaseEncodingDirection": "j-",
    "PhaseEncodingSteps": 76,
    "PhaseResolution": 1,
    "PixelBandwidth": 1995,
    "ProcedureStepDescription": "Research_16004_CMN",
    "ProtocolName": "ep2d_bold_EPI",
    "PulseSequenceDetails": "%SiemensSeq%_ep2d_bold",
    "ReceiveCoilActiveElements": "HC1-7;NC1,2",
    "ReceiveCoilName": "HeadNeck_64",
    "ReconMatrixPE": 76,
    "RepetitionTime": 3,
    "SAR": 0.101602,
    "ScanOptions": "FS",
    "ScanningSequence": "EP",
    "SequenceName": "_epfid2d1_76",
    "SequenceVariant": "SK",
    "SeriesDescription": "ep2d_bold_EPI",
    "SeriesNumber": 8,
    "ShimSetting": [
      3074,
      -4089,
      -707,
      844,
      49,
      150,
      -128,
      -20
    ],
    "SliceThickness": 2.5,
    "SliceTiming": [
      0,
      1.5225,
      0.0675,
      1.59,
      0.1325,
      1.655,
      0.2,
      1.7225,
      0.265,
      1.7875,
      0.3325,
      1.855,
      0.3975,
      1.92,
      0.465,
      1.9875,
      0.53,
      2.0525,
      0.5975,
      2.12,
      0.6625,
      2.185,
      0.73,
      2.2525,
      0.795,
      2.3175,
      0.8625,
      2.385,
      0.9275,
      2.45,
      0.995,
      2.5175,
      1.06,
      2.5825,
      1.1275,
      2.65,
      1.1925,
      2.715,
      1.26,
      2.7825,
      1.325,
      2.8475,
      1.3925,
      2.915,
      1.4575
    ],
    "SoftwareVersions": "syngo_MR_E11",
    "SpacingBetweenSlices": 2.75,
    "StationName": "mrc_Trio",
    "TaskName": "episodic",
    "TotalReadoutTime": 0.04275,
    "TxRefAmp": 215.269,
    "dataset": "ds001748",
    "modality": "bold",
    "subject_id": "teen07",
    "task_id": "episodic"
  },
  "dummy_trs": 0,
  "dvars_nstd": 24.46165347268456,
  "dvars_std": 1.2934273192617447,
  "dvars_vstd": 1.001734349932886,
  "efc": 0.5978862455166852,
  "fber": 178.7662353515625,
  "fd_mean": 0.08840973297173269,
  "fd_num": 7,
  "fd_perc": 4.666666666666667,
  "fwhm_avg": 3.078183393939394,
  "fwhm_x": 2.956696,
  "fwhm_y": 3.2188360000000005,
  "fwhm_z": 3.059018181818182,
  "gcor": 0.0255083,
  "gsr_x": -0.012910757213830948,
  "gsr_y": 0.050989001989364624,
  "provenance": {
    "md5sum": "ff89cf23197c5985516b12bd3ab12a93",
    "settings": {
      "fd_thres": 0.2,
      "testing": false
    },
    "software": "mriqc",
    "version": "22.0.0rc1",
    "webapi_port": null,
    "webapi_url": "https://mriqc.nimh.nih.gov/api/v1"
  },
  "size_t": 150,
  "size_x": 76,
  "size_y": 76,
  "size_z": 45,
  "snr": 2.243826907719586,
  "spacing_tr": 3.0,
  "spacing_x": 2.5,
  "spacing_y": 2.5,
  "spacing_z": 2.75,
  "summary_bg_k": 27.489835851229817,
  "summary_bg_mad": 5.100155251293593,
  "summary_bg_mean": 102.97134399414062,
  "summary_bg_median": 68.67333221435547,
  "summary_bg_n": 141744.0,
  "summary_bg_p05": 64.2733383178711,
  "summary_bg_p95": 278.3113540649415,
  "summary_bg_stdv": 97.62086486816406,
  "summary_fg_k": 1.5386312409714442,
  "summary_fg_mad": 373.6503718166208,
  "summary_fg_mean": 1024.081787109375,
  "summary_fg_median": 938.7933349609375,
  "summary_fg_n": 63470.0,
  "summary_fg_p05": 523.501025390625,
  "summary_fg_p95": 1856.2480346679686,
  "summary_fg_stdv": 418.3860778808594,
  "tsnr": 82.1602286696434
}