{
  "aor": 0.003024866666666666,
  "aqi": 0.0042327552666666666,
  "bids_meta": {
    "AcquisitionMatrixPE": 76,
    "AcquisitionNumber": 1,
    "AcquisitionTime": "09:19:24.062500",
    "BandwidthPerPixelPhaseEncode": 23.084,
    "BaseResolution": 76,
    "BodyPartExamined": "BRAIN",
    "ConsistencyInfo": "N4_VE11C_LATEST_20160120",
    "ConversionSoftware": "dcm2niix",
    "ConversionSoftwareVersion": "v1.0.20180622 (JP2:OpenJPEG) GCC6.1.0",
    "DerivedVendorReportedEchoSpacing": 0.000570001,
    "DeviceSerialNumber": "167001",
    "DwellTime": 3.3e-06,
    "EchoTime": 0.03,
    "EchoTrainLength": 76,
    "EffectiveEchoSpacing": 0.000570001,
    "FlipAngle": 90,
    "ImageOrientationPatientDICOM": [
      0.999789,
      0.0039234,
      0.0201798,
      1.72214e-08,
      0.981619,
      -0.190849
    ],
    "ImageType": [
      "ORIGINAL",
      "PRIMARY",
      "M",
      "ND",
      "MOSAIC"
    ],
    "InPlanePhaseEncodingDirectionDICOM": "COL",
    "InstitutionAddress": "Cooper_60_St._Lucia_QLD_AU_4072",
    "InstitutionName": "St_Lucia_Campus",
    "InstitutionalDepartmentName": "Gehrmann_Labs_MRI",
    "MRAcquisitionType": "2D",
    "MagneticFieldStrength": 3,
    "Manufacturer": "Siemens",
    "ManufacturersModelName": "Prisma_fit",
    "Modality": "MR",
    "PartialFourier": 1,
    "PatientPosition": "HFS",
    "PercentPhaseFOV": 100,
    "PhaseEncodingDirection": "j-",
    "PhaseEncodingSteps": 76,
    "PhaseResolution": 1,
    "PixelBandwidth": 1995,
    "ProcedureStepDescription": "Research_16004_CMN",
    "ProtocolName": "ep2d_bold_AUTO",
    "PulseSequenceDetails": "%SiemensSeq%_ep2d_bold",
    "ReceiveCoilActiveElements": "HC1-7;NC1,2",
    "ReceiveCoilName": "HeadNeck_64",
    "ReconMatrixPE": 76,
    "RepetitionTime": 3,
    "SAR": 0.101602,
    "ScanOptions": "FS",
    "ScanningSequence": "EP",
    "SequenceName": "_epfid2d1_76",
    "SequenceVariant": "SK",
    "SeriesDescription": "ep2d_bold_AUTO",
    "SeriesNumber": 6,
    "ShimSetting": [
      3074,
      -4089,
      -707,
      844,
      49,
      150,
      -128,
      -20
    ],
    "SliceThickness": 2.5,
    "SliceTiming": [
      0,
      1.5225,
      0.0675,
      1.59,
      0.1325,
      1.655,
      0.2,
      1.7225,
      0.265,
      1.7875,
      0.3325,
      1.855,
      0.3975,
      1.92,
      0.465,
      1.9875,
      0.53,
      2.0525,
      0.5975,
      2.12,
      0.6625,
      2.185,
      0.7275,
      2.2525,
      0.795,
      2.3175,
      0.86,
      2.385,
      0.9275,
      2.45,
      0.9925,
      2.5175,
      1.06,
      2.5825,
      1.125,
      2.65,
      1.1925,
      2.715,
      1.2575,
      2.7825,
      1.325,
      2.8475,
      1.39,
      2.915,
      1.4575
    ],
    "SoftwareVersions": "syngo_MR_E11",
    "SpacingBetweenSlices": 2.75,
    "StationName": "mrc_Trio",
    "TaskName": "autobio",
    "TotalReadoutTime": 0.04275,
    "TxRefAmp": 215.269,
    "dataset": "ds001748",
    "modality": "bold",
    "subject_id": "teen07",
    "task_id": "autobio"
  },
  "dummy_trs": 0,
  "dvars_nstd": 24.748872309060395,
  "dvars_std": 1.1647047653691278,
  "dvars_vstd": 0.9343649653691278,
  "efc": 0.596135082386479,
  "fber": 182.69334411621094,
  "fd_mean": 0.08018286209936477,
  "fd_num": 2,
  "fd_perc": 1.3333333333333333,
  "fwhm_avg": 3.0625058181818177,
  "fwhm_x": 2.946624,
  "fwhm_y": 3.205668,
  "fwhm_z": 3.0352254545454542,
  "gcor": 0.025334,
  "gsr_x": -0.013517295941710472,
  "gsr_y": 0.04976002499461174,
  "provenance": {
    "md5sum": "c36c32863f957522050d5d45b27d6d87",
    "settings": {
      "fd_thres": 0.2,
      "testing": false
    },
    "software": "mriqc",
    "version": "22.0.0rc1",
    "webapi_port": null,
    "webapi_url": "https://mriqc.nimh.nih.gov/api/v1"
  },
  "size_t": 150,
  "size_x": 76,
  "size_y": 76,
  "size_z": 45,
  "snr": 2.2916729228241275,
  "spacing_tr": 3.0,
  "spacing_x": 2.5,
  "spacing_y": 2.5,
  "spacing_z": 2.75,
  "summary_bg_k": 27.948534519331975,
  "summary_bg_mad": 5.831570234303002,
  "summary_bg_mean": 101.75465393066406,
  "summary_bg_median": 68.41999816894531,
  "summary_bg_n": 142093.0,
  "summary_bg_p05": 63.20000076293945,
  "summary_bg_p95": 269.5173400878905,
  "summary_bg_stdv": 95.98993682861328,
  "summary_fg_k": 1.5097083982764934,
  "summary_fg_mad": 375.73591462240074,
  "summary_fg_mean": 1038.692626953125,
  "summary_fg_median": 953.469970703125,
  "summary_fg_n": 62238.0,
  "summary_fg_p05": 539.239990234375,
  "summary_fg_p95": 1861.4047180175774,
  "summary_fg_stdv": 416.0551452636719,
  "tsnr": 59.09768673055805
}