{
  "aor": 0.0015095270270270274,
  "aqi": 0.0055961186486486484,
  "bids_meta": {
    "AcquisitionMatrixPE": 76,
    "AcquisitionNumber": 1,
    "AcquisitionTime": "15:13:2.572500",
    "BandwidthPerPixelPhaseEncode": 23.084,
    "BaseResolution": 76,
    "ConversionSoftware": "dcm2niix",
    "ConversionSoftwareVersion": "v1.0.20180622 (JP2:OpenJPEG) GCC6.1.0",
    "DerivedVendorReportedEchoSpacing": 0.000570001,
    "DeviceSerialNumber": "35410",
    "DwellTime": 3.3e-06,
    "EchoTime": 0.03,
    "EffectiveEchoSpacing": 0.000570001,
    "FlipAngle": 90,
    "ImageOrientationPatientDICOM": [
      0.999902,
      0.00246943,
      -0.013813,
      -0.00698075,
      0.941474,
      -0.337013
    ],
    "ImageType": [
      "ORIGINAL",
      "PRIMARY",
      "M",
      "ND",
      "MOSAIC"
    ],
    "InPlanePhaseEncodingDirectionDICOM": "COL",
    "InstitutionAddress": "Cooper_60_St._Lucia_QLD_AU_4072",
    "InstitutionName": "St_Lucia_Campus",
    "InstitutionalDepartmentName": "Gehrmann_Labs_MRI",
    "MRAcquisitionType": "2D",
    "MagneticFieldStrength": 3,
    "Manufacturer": "Siemens",
    "ManufacturersModelName": "TrioTim",
    "Modality": "MR",
    "PartialFourier": 1,
    "PatientPosition": "HFS",
    "PercentPhaseFOV": 100,
    "PhaseEncodingDirection": "j-",
    "PhaseEncodingSteps": 76,
    "PhaseResolution": 1,
    "PixelBandwidth": 1994,
    "ProcedureStepDescription": "Brain_-_UQ_fMRI",
    "ProtocolName": "SEM",
    "PulseSequenceDetails": "%SiemensSeq%_ep2d_pace",
    "ReceiveCoilName": "32Ch_Head",
    "ReconMatrixPE": 76,
    "RepetitionTime": 3,
    "SAR": 0.132156,
    "ScanOptions": "FS",
    "ScanningSequence": "EP",
    "SequenceName": "_epfid2d1_76",
    "SequenceVariant": "SK",
    "SeriesDescription": "SEM",
    "SeriesNumber": 3,
    "ShimSetting": [
      6781,
      -11198,
      -2182,
      679,
      -101,
      456,
      -186,
      -101
    ],
    "SliceThickness": 2.5,
    "SliceTiming": [
      0,
      1.53,
      0.0675,
      1.595,
      0.1325,
      1.6625,
      0.2,
      1.7275,
      0.265,
      1.795,
      0.3325,
      1.8625,
      0.4,
      1.9275,
      0.465,
      1.995,
      0.5325,
      2.06,
      0.5975,
      2.1275,
      0.665,
      2.195,
      0.7325,
      2.26,
      0.7975,
      2.3275,
      0.865,
      2.3925,
      0.93,
      2.46,
      0.9975,
      2.5275,
      1.065,
      2.5925,
      1.13,
      2.66,
      1.1975,
      2.725,
      1.2625,
      2.7925,
      1.33,
      2.8575,
      1.395,
      2.925,
      1.4625
    ],
    "SoftwareVersions": "syngo_MR_B17",
    "SpacingBetweenSlices": 2.75,
    "StationName": "mrc_Trio",
    "TaskName": "semantic",
    "TotalReadoutTime": 0.04275,
    "TxRefAmp": 324.526,
    "dataset": "ds001748",
    "modality": "bold",
    "subject_id": "adult12",
    "task_id": "semantic"
  },
  "dummy_trs": 2,
  "dvars_nstd": 22.29903045993198,
  "dvars_std": 1.0049569150340139,
  "dvars_vstd": 0.9343721778231292,
  "efc": 0.6428497036781027,
  "fber": 219.52426147460938,
  "fd_mean": 0.0694807719409455,
  "fd_num": 5,
  "fd_perc": 3.3783783783783785,
  "fwhm_avg": 2.8457379393939397,
  "fwhm_x": 2.816028,
  "fwhm_y": 2.846964,
  "fwhm_z": 2.874221818181818,
  "gcor": 0.0311836,
  "gsr_x": -0.02078923024237156,
  "gsr_y": 0.10334219038486481,
  "provenance": {
    "md5sum": "79e741d163aaa515eb8ce4339c86538d",
    "settings": {
      "fd_thres": 0.2,
      "testing": false
    },
    "software": "mriqc",
    "version": "22.0.0rc1",
    "webapi_port": null,
    "webapi_url": "https://mriqc.nimh.nih.gov/api/v1"
  },
  "size_t": 148,
  "size_x": 76,
  "size_y": 76,
  "size_z": 45,
  "snr": 2.5060987088305673,
  "spacing_tr": 3.0,
  "spacing_x": 2.5,
  "spacing_y": 2.5,
  "spacing_z": 2.75,
  "summary_bg_k": 30.176551994767493,
  "summary_bg_mad": 11.610378642676595,
  "summary_bg_mean": 81.52511596679688,
  "summary_bg_median": 43.35810852050781,
  "summary_bg_n": 127102.0,
  "summary_bg_p05": 34.148651123046875,
  "summary_bg_p95": 267.5726516723632,
  "summary_bg_stdv": 99.26235961914062,
  "summary_fg_k": 3.182883731441013,
  "summary_fg_mad": 233.28948155253417,
  "summary_fg_mean": 712.7858276367188,
  "summary_fg_median": 663.608154296875,
  "summary_fg_n": 77890.0,
  "summary_fg_p05": 388.8986511230469,
  "summary_fg_p95": 1212.266247558594,
  "summary_fg_stdv": 264.79559326171875,
  "tsnr": 50.82537294179201
}