{
  "aor": 0.0052178,
  "aqi": 0.005147669666666666,
  "bids_meta": {
    "AcquisitionMatrixPE": 76,
    "AcquisitionNumber": 1,
    "AcquisitionTime": "15:21:8.055000",
    "BandwidthPerPixelPhaseEncode": 23.084,
    "BaseResolution": 76,
    "ConversionSoftware": "dcm2niix",
    "ConversionSoftwareVersion": "v1.0.20180622 (JP2:OpenJPEG) GCC6.1.0",
    "DerivedVendorReportedEchoSpacing": 0.000570001,
    "DeviceSerialNumber": "35410",
    "DwellTime": 3.3e-06,
    "EchoTime": 0.03,
    "EffectiveEchoSpacing": 0.000570001,
    "FlipAngle": 90,
    "ImageOrientationPatientDICOM": [
      0.999902,
      0.00246943,
      -0.013813,
      -0.00698075,
      0.941474,
      -0.337013
    ],
    "ImageType": [
      "ORIGINAL",
      "PRIMARY",
      "M",
      "ND",
      "MOSAIC"
    ],
    "InPlanePhaseEncodingDirectionDICOM": "COL",
    "InstitutionAddress": "Cooper_60_St._Lucia_QLD_AU_4072",
    "InstitutionName": "St_Lucia_Campus",
    "InstitutionalDepartmentName": "Gehrmann_Labs_MRI",
    "MRAcquisitionType": "2D",
    "MagneticFieldStrength": 3,
    "Manufacturer": "Siemens",
    "ManufacturersModelName": "TrioTim",
    "Modality": "MR",
    "PartialFourier": 1,
    "PatientPosition": "HFS",
    "PercentPhaseFOV": 100,
    "PhaseEncodingDirection": "j-",
    "PhaseEncodingSteps": 76,
    "PhaseResolution": 1,
    "PixelBandwidth": 1994,
    "ProcedureStepDescription": "Brain_-_UQ_fMRI",
    "ProtocolName": "EPI",
    "PulseSequenceDetails": "%SiemensSeq%_ep2d_pace",
    "ReceiveCoilName": "32Ch_Head",
    "ReconMatrixPE": 76,
    "RepetitionTime": 3,
    "SAR": 0.132156,
    "ScanOptions": "FS",
    "ScanningSequence": "EP",
    "SequenceName": "_epfid2d1_76",
    "SequenceVariant": "SK",
    "SeriesDescription": "EPI",
    "SeriesNumber": 4,
    "ShimSetting": [
      6781,
      -11198,
      -2182,
      679,
      -101,
      456,
      -186,
      -101
    ],
    "SliceThickness": 2.5,
    "SliceTiming": [
      0,
      1.5275,
      0.065,
      1.595,
      0.1325,
      1.6625,
      0.2,
      1.7275,
      0.265,
      1.795,
      0.3325,
      1.86,
      0.3975,
      1.9275,
      0.465,
      1.9925,
      0.53,
      2.06,
      0.5975,
      2.1275,
      0.665,
      2.1925,
      0.73,
      2.26,
      0.7975,
      2.325,
      0.8625,
      2.3925,
      0.93,
      2.46,
      0.9975,
      2.525,
      1.0625,
      2.5925,
      1.13,
      2.6575,
      1.195,
      2.725,
      1.2625,
      2.7925,
      1.33,
      2.8575,
      1.395,
      2.925,
      1.4625
    ],
    "SoftwareVersions": "syngo_MR_B17",
    "SpacingBetweenSlices": 2.75,
    "StationName": "mrc_Trio",
    "TaskName": "episodic",
    "TotalReadoutTime": 0.04275,
    "TxRefAmp": 324.526,
    "dataset": "ds001748",
    "modality": "bold",
    "subject_id": "adult12",
    "task_id": "episodic"
  },
  "dummy_trs": 0,
  "dvars_nstd": 21.357888445906042,
  "dvars_std": 1.0385110968456372,
  "dvars_vstd": 0.9796576580536916,
  "efc": 0.6436424013103421,
  "fber": 217.67242431640625,
  "fd_mean": 0.07293722961122566,
  "fd_num": 10,
  "fd_perc": 6.666666666666667,
  "fwhm_avg": 2.8712756363636363,
  "fwhm_x": 2.83936,
  "fwhm_y": 2.8856159999999997,
  "fwhm_z": 2.8888509090909094,
  "gcor": 0.0294449,
  "gsr_x": -0.02405841276049614,
  "gsr_y": 0.10696730017662048,
  "provenance": {
    "md5sum": "f14cd5926a3116aad923b629d71c099c",
    "settings": {
      "fd_thres": 0.2,
      "testing": false
    },
    "software": "mriqc",
    "version": "22.0.0rc1",
    "webapi_port": null,
    "webapi_url": "https://mriqc.nimh.nih.gov/api/v1"
  },
  "size_t": 150,
  "size_x": 76,
  "size_y": 76,
  "size_z": 45,
  "snr": 2.4996668971062848,
  "spacing_tr": 3.0,
  "spacing_x": 2.5,
  "spacing_y": 2.5,
  "spacing_z": 2.75,
  "summary_bg_k": 28.92161373991485,
  "summary_bg_mad": 11.979428640251006,
  "summary_bg_mean": 82.9904556274414,
  "summary_bg_median": 43.7400016784668,
  "summary_bg_n": 126916.0,
  "summary_bg_p05": 34.11333465576172,
  "summary_bg_p95": 276.28668212890625,
  "summary_bg_stdv": 100.98866271972656,
  "summary_fg_k": 3.1913225718105274,
  "summary_fg_mad": 234.00401999051482,
  "summary_fg_mean": 716.2522583007812,
  "summary_fg_median": 666.586669921875,
  "summary_fg_n": 77889.0,
  "summary_fg_p05": 390.01599731445316,
  "summary_fg_p95": 1216.7666992187496,
  "summary_fg_stdv": 266.6684875488281,
  "tsnr": 51.60085425339639
}