{
  "aor": 0.0035577333333333336,
  "aqi": 0.005215173266666667,
  "bids_meta": {
    "AcquisitionMatrixPE": 76,
    "AcquisitionNumber": 1,
    "AcquisitionTime": "15:04:52.635000",
    "BandwidthPerPixelPhaseEncode": 23.084,
    "BaseResolution": 76,
    "ConversionSoftware": "dcm2niix",
    "ConversionSoftwareVersion": "v1.0.20180622 (JP2:OpenJPEG) GCC6.1.0",
    "DerivedVendorReportedEchoSpacing": 0.000570001,
    "DeviceSerialNumber": "35410",
    "DwellTime": 3.3e-06,
    "EchoTime": 0.03,
    "EffectiveEchoSpacing": 0.000570001,
    "FlipAngle": 90,
    "ImageOrientationPatientDICOM": [
      0.999902,
      0.00246943,
      -0.013813,
      -0.00698075,
      0.941474,
      -0.337013
    ],
    "ImageType": [
      "ORIGINAL",
      "PRIMARY",
      "M",
      "ND",
      "MOSAIC"
    ],
    "InPlanePhaseEncodingDirectionDICOM": "COL",
    "InstitutionAddress": "Cooper_60_St._Lucia_QLD_AU_4072",
    "InstitutionName": "St_Lucia_Campus",
    "InstitutionalDepartmentName": "Gehrmann_Labs_MRI",
    "MRAcquisitionType": "2D",
    "MagneticFieldStrength": 3,
    "Manufacturer": "Siemens",
    "ManufacturersModelName": "TrioTim",
    "Modality": "MR",
    "PartialFourier": 1,
    "PatientPosition": "HFS",
    "PercentPhaseFOV": 100,
    "PhaseEncodingDirection": "j-",
    "PhaseEncodingSteps": 76,
    "PhaseResolution": 1,
    "PixelBandwidth": 1994,
    "ProcedureStepDescription": "Brain_-_UQ_fMRI",
    "ProtocolName": "AUTO",
    "PulseSequenceDetails": "%SiemensSeq%_ep2d_pace",
    "ReceiveCoilName": "32Ch_Head",
    "ReconMatrixPE": 76,
    "RepetitionTime": 3,
    "SAR": 0.132156,
    "ScanOptions": "FS",
    "ScanningSequence": "EP",
    "SequenceName": "_epfid2d1_76",
    "SequenceVariant": "SK",
    "SeriesDescription": "AUTO",
    "SeriesNumber": 2,
    "ShimSetting": [
      6781,
      -11198,
      -2182,
      679,
      -101,
      456,
      -186,
      -101
    ],
    "SliceThickness": 2.5,
    "SliceTiming": [
      0,
      1.5275,
      0.065,
      1.595,
      0.1325,
      1.66,
      0.1975,
      1.7275,
      0.265,
      1.795,
      0.3325,
      1.86,
      0.3975,
      1.9275,
      0.465,
      1.9925,
      0.53,
      2.06,
      0.5975,
      2.1275,
      0.665,
      2.1925,
      0.73,
      2.26,
      0.7975,
      2.325,
      0.8625,
      2.3925,
      0.93,
      2.46,
      0.9975,
      2.525,
      1.0625,
      2.5925,
      1.13,
      2.6575,
      1.195,
      2.725,
      1.2625,
      2.79,
      1.3275,
      2.8575,
      1.395,
      2.925,
      1.4625
    ],
    "SoftwareVersions": "syngo_MR_B17",
    "SpacingBetweenSlices": 2.75,
    "StationName": "mrc_Trio",
    "TaskName": "autobio",
    "TotalReadoutTime": 0.04275,
    "TxRefAmp": 324.526,
    "dataset": "ds001748",
    "modality": "bold",
    "subject_id": "adult12",
    "task_id": "autobio"
  },
  "dummy_trs": 0,
  "dvars_nstd": 24.926915558926183,
  "dvars_std": 1.0604554868456377,
  "dvars_vstd": 0.9639744487919458,
  "efc": 0.6406899588621674,
  "fber": 224.51296997070312,
  "fd_mean": 0.08362943676788215,
  "fd_num": 10,
  "fd_perc": 6.666666666666667,
  "fwhm_avg": 2.851210666666667,
  "fwhm_x": 2.814744,
  "fwhm_y": 2.864208,
  "fwhm_z": 2.8746799999999997,
  "gcor": 0.0271038,
  "gsr_x": -0.01801258884370327,
  "gsr_y": 0.10267145186662674,
  "provenance": {
    "md5sum": "71b68ae88717fd86239344b8816930f5",
    "settings": {
      "fd_thres": 0.2,
      "testing": false
    },
    "software": "mriqc",
    "version": "22.0.0rc1",
    "webapi_port": null,
    "webapi_url": "https://mriqc.nimh.nih.gov/api/v1"
  },
  "size_t": 150,
  "size_x": 76,
  "size_y": 76,
  "size_z": 45,
  "snr": 2.5317426631872384,
  "spacing_tr": 3.0,
  "spacing_x": 2.5,
  "spacing_y": 2.5,
  "spacing_z": 2.75,
  "summary_bg_k": 32.52054992091078,
  "summary_bg_mad": 10.704389827427608,
  "summary_bg_mean": 78.76290130615234,
  "summary_bg_median": 42.720001220703125,
  "summary_bg_n": 127960.0,
  "summary_bg_p05": 34.28666687011719,
  "summary_bg_p95": 254.56833267211874,
  "summary_bg_stdv": 94.34134674072266,
  "summary_fg_k": 3.0414934541393643,
  "summary_fg_mad": 230.5840989917366,
  "summary_fg_mean": 706.3162841796875,
  "summary_fg_median": 658.5667114257812,
  "summary_fg_n": 77309.0,
  "summary_fg_p05": 387.564013671875,
  "summary_fg_p95": 1197.7773437499993,
  "summary_fg_stdv": 260.1221923828125,
  "tsnr": 47.05954371183179
}