{
  "aor": 0.005508266666666667,
  "aqi": 0.0033355181999999996,
  "bids_meta": {
    "AcquisitionMatrixPE": 76,
    "AcquisitionNumber": 1,
    "AcquisitionTime": "17:01:5.112500",
    "BandwidthPerPixelPhaseEncode": 23.084,
    "BaseResolution": 76,
    "BodyPartExamined": "BRAIN",
    "ConsistencyInfo": "N4_VE11C_LATEST_20160120",
    "ConversionSoftware": "dcm2niix",
    "ConversionSoftwareVersion": "v1.0.20180622 (JP2:OpenJPEG) GCC6.1.0",
    "DerivedVendorReportedEchoSpacing": 0.000570001,
    "DeviceSerialNumber": "167001",
    "DwellTime": 3.3e-06,
    "EchoTime": 0.03,
    "EchoTrainLength": 76,
    "EffectiveEchoSpacing": 0.000570001,
    "FlipAngle": 90,
    "ImageOrientationPatientDICOM": [
      1,
      0,
      0,
      0,
      0.978867,
      -0.204496
    ],
    "ImageType": [
      "ORIGINAL",
      "PRIMARY",
      "M",
      "ND",
      "MOSAIC"
    ],
    "InPlanePhaseEncodingDirectionDICOM": "COL",
    "InstitutionAddress": "Cooper_60_St._Lucia_QLD_AU_4072",
    "InstitutionName": "St_Lucia_Campus",
    "InstitutionalDepartmentName": "Gehrmann_Labs_MRI",
    "MRAcquisitionType": "2D",
    "MagneticFieldStrength": 3,
    "Manufacturer": "Siemens",
    "ManufacturersModelName": "Prisma_fit",
    "Modality": "MR",
    "PartialFourier": 1,
    "PatientPosition": "HFS",
    "PercentPhaseFOV": 100,
    "PhaseEncodingDirection": "j-",
    "PhaseEncodingSteps": 76,
    "PhaseResolution": 1,
    "PixelBandwidth": 1995,
    "ProcedureStepDescription": "Research_16004_CMN",
    "ProtocolName": "ep2d_bold_SEM",
    "PulseSequenceDetails": "%SiemensSeq%_ep2d_bold",
    "ReceiveCoilActiveElements": "HC1-7;NC1,2",
    "ReceiveCoilName": "HeadNeck_64",
    "ReconMatrixPE": 76,
    "RepetitionTime": 3,
    "SAR": 0.0805972,
    "ScanOptions": "FS",
    "ScanningSequence": "EP",
    "SequenceName": "_epfid2d1_76",
    "SequenceVariant": "SK",
    "SeriesDescription": "ep2d_bold_SEM",
    "SeriesNumber": 7,
    "ShimSetting": [
      3022,
      -4119,
      -780,
      516,
      -51,
      82,
      -16,
      44
    ],
    "SliceThickness": 2.5,
    "SliceTiming": [
      0,
      1.525,
      0.0675,
      1.59,
      0.1325,
      1.6575,
      0.2,
      1.7225,
      0.265,
      1.79,
      0.3325,
      1.855,
      0.3975,
      1.9225,
      0.465,
      1.9875,
      0.53,
      2.055,
      0.5975,
      2.12,
      0.6625,
      2.1875,
      0.73,
      2.2525,
      0.795,
      2.32,
      0.8625,
      2.385,
      0.9275,
      2.45,
      0.995,
      2.5175,
      1.06,
      2.5825,
      1.1275,
      2.65,
      1.1925,
      2.715,
      1.26,
      2.7825,
      1.325,
      2.8475,
      1.3925,
      2.915,
      1.4575
    ],
    "SoftwareVersions": "syngo_MR_E11",
    "SpacingBetweenSlices": 2.75,
    "StationName": "mrc_Trio",
    "TaskName": "semantic",
    "TotalReadoutTime": 0.04275,
    "TxRefAmp": 228.933,
    "dataset": "ds001748",
    "modality": "bold",
    "subject_id": "teen05",
    "task_id": "semantic"
  },
  "dummy_trs": 0,
  "dvars_nstd": 25.18972985704699,
  "dvars_std": 1.312333209597316,
  "dvars_vstd": 1.053523755503356,
  "efc": 0.6652946573344753,
  "fber": 134.3797149658203,
  "fd_mean": 0.09489590839127864,
  "fd_num": 18,
  "fd_perc": 12.0,
  "fwhm_avg": 2.9311886060606063,
  "fwhm_x": 2.820656,
  "fwhm_y": 3.0158080000000003,
  "fwhm_z": 2.9571018181818185,
  "gcor": 0.028841,
  "gsr_x": -0.01611139625310898,
  "gsr_y": 0.07738550007343292,
  "provenance": {
    "md5sum": "4a210bbed0db1ea714fda99d23a24021",
    "settings": {
      "fd_thres": 0.2,
      "testing": false
    },
    "software": "mriqc",
    "version": "22.0.0rc1",
    "webapi_port": null,
    "webapi_url": "https://mriqc.nimh.nih.gov/api/v1"
  },
  "size_t": 150,
  "size_x": 76,
  "size_y": 76,
  "size_z": 45,
  "snr": 2.4589269530974027,
  "spacing_tr": 3.0,
  "spacing_x": 2.5,
  "spacing_y": 2.5,
  "spacing_z": 2.75,
  "summary_bg_k": 20.261485595690488,
  "summary_bg_mad": 12.898634776455834,
  "summary_bg_mean": 141.8748321533203,
  "summary_bg_median": 76.38666534423828,
  "summary_bg_n": 124997.0,
  "summary_bg_p05": 67.21333312988281,
  "summary_bg_p95": 445.11467285156226,
  "summary_bg_stdv": 157.8621826171875,
  "summary_fg_k": 1.0803045526650923,
  "summary_fg_mad": 365.9853436843871,
  "summary_fg_mean": 989.3536376953125,
  "summary_fg_median": 924.9466552734375,
  "summary_fg_n": 76270.0,
  "summary_fg_p05": 510.81634826660155,
  "summary_fg_p95": 1708.3117370605473,
  "summary_fg_stdv": 376.15618896484375,
  "tsnr": 74.63189608883113
}