{
  "aor": 0.003928456375838926,
  "aqi": 0.002686354563758389,
  "bids_meta": {
    "AcquisitionMatrixPE": 76,
    "AcquisitionNumber": 1,
    "AcquisitionTime": "16:53:0.690000",
    "BandwidthPerPixelPhaseEncode": 23.084,
    "BaseResolution": 76,
    "BodyPartExamined": "BRAIN",
    "ConsistencyInfo": "N4_VE11C_LATEST_20160120",
    "ConversionSoftware": "dcm2niix",
    "ConversionSoftwareVersion": "v1.0.20180622 (JP2:OpenJPEG) GCC6.1.0",
    "DerivedVendorReportedEchoSpacing": 0.000570001,
    "DeviceSerialNumber": "167001",
    "DwellTime": 3.3e-06,
    "EchoTime": 0.03,
    "EchoTrainLength": 76,
    "EffectiveEchoSpacing": 0.000570001,
    "FlipAngle": 90,
    "ImageOrientationPatientDICOM": [
      1,
      0,
      0,
      0,
      0.978867,
      -0.204496
    ],
    "ImageType": [
      "ORIGINAL",
      "PRIMARY",
      "M",
      "ND",
      "MOSAIC"
    ],
    "InPlanePhaseEncodingDirectionDICOM": "COL",
    "InstitutionAddress": "Cooper_60_St._Lucia_QLD_AU_4072",
    "InstitutionName": "St_Lucia_Campus",
    "InstitutionalDepartmentName": "Gehrmann_Labs_MRI",
    "MRAcquisitionType": "2D",
    "MagneticFieldStrength": 3,
    "Manufacturer": "Siemens",
    "ManufacturersModelName": "Prisma_fit",
    "Modality": "MR",
    "PartialFourier": 1,
    "PatientPosition": "HFS",
    "PercentPhaseFOV": 100,
    "PhaseEncodingDirection": "j-",
    "PhaseEncodingSteps": 76,
    "PhaseResolution": 1,
    "PixelBandwidth": 1995,
    "ProcedureStepDescription": "Research_16004_CMN",
    "ProtocolName": "ep2d_bold_AUTO",
    "PulseSequenceDetails": "%SiemensSeq%_ep2d_bold",
    "ReceiveCoilActiveElements": "HC1-7;NC1,2",
    "ReceiveCoilName": "HeadNeck_64",
    "ReconMatrixPE": 76,
    "RepetitionTime": 3,
    "SAR": 0.0805972,
    "ScanOptions": "FS",
    "ScanningSequence": "EP",
    "SequenceName": "_epfid2d1_76",
    "SequenceVariant": "SK",
    "SeriesDescription": "ep2d_bold_AUTO",
    "SeriesNumber": 6,
    "ShimSetting": [
      3022,
      -4119,
      -780,
      516,
      -51,
      82,
      -16,
      44
    ],
    "SliceThickness": 2.5,
    "SliceTiming": [
      0,
      1.525,
      0.0675,
      1.59,
      0.1325,
      1.6575,
      0.2,
      1.7225,
      0.265,
      1.79,
      0.3325,
      1.855,
      0.3975,
      1.9225,
      0.465,
      1.9875,
      0.53,
      2.055,
      0.5975,
      2.12,
      0.6625,
      2.1875,
      0.73,
      2.2525,
      0.795,
      2.3175,
      0.8625,
      2.385,
      0.9275,
      2.45,
      0.995,
      2.5175,
      1.06,
      2.5825,
      1.1275,
      2.65,
      1.1925,
      2.715,
      1.26,
      2.7825,
      1.325,
      2.8475,
      1.3925,
      2.915,
      1.4575
    ],
    "SoftwareVersions": "syngo_MR_E11",
    "SpacingBetweenSlices": 2.75,
    "StationName": "mrc_Trio",
    "TaskName": "autobio",
    "TotalReadoutTime": 0.04275,
    "TxRefAmp": 228.933,
    "dataset": "ds001748",
    "modality": "bold",
    "subject_id": "teen05",
    "task_id": "autobio"
  },
  "dummy_trs": 1,
  "dvars_nstd": 23.826949261081083,
  "dvars_std": 1.224446340472973,
  "dvars_vstd": 1.000620790472973,
  "efc": 0.6643948404766767,
  "fber": 135.93019104003906,
  "fd_mean": 0.0731953371947634,
  "fd_num": 7,
  "fd_perc": 4.697986577181208,
  "fwhm_avg": 2.9281220606060607,
  "fwhm_x": 2.82374,
  "fwhm_y": 3.000768,
  "fwhm_z": 2.9598581818181815,
  "gcor": 0.0239455,
  "gsr_x": -0.016365326941013336,
  "gsr_y": 0.07656203955411911,
  "provenance": {
    "md5sum": "9a1f128b6e43f91ccf1888b2425bb6e1",
    "settings": {
      "fd_thres": 0.2,
      "testing": false
    },
    "software": "mriqc",
    "version": "22.0.0rc1",
    "webapi_port": null,
    "webapi_url": "https://mriqc.nimh.nih.gov/api/v1"
  },
  "size_t": 149,
  "size_x": 76,
  "size_y": 76,
  "size_z": 45,
  "snr": 2.462865872286575,
  "spacing_tr": 3.0,
  "spacing_x": 2.5,
  "spacing_y": 2.5,
  "spacing_z": 2.75,
  "summary_bg_k": 21.02812332751826,
  "summary_bg_mad": 12.497647161663783,
  "summary_bg_mean": 139.77244567871094,
  "summary_bg_median": 75.98657989501953,
  "summary_bg_n": 124816.0,
  "summary_bg_p05": 67.10066986083984,
  "summary_bg_p95": 433.76007080078125,
  "summary_bg_stdv": 154.3954315185547,
  "summary_fg_k": 1.045327253620778,
  "summary_fg_mad": 367.0086595527935,
  "summary_fg_mean": 991.5399169921875,
  "summary_fg_median": 927.4429321289062,
  "summary_fg_n": 76053.0,
  "summary_fg_p05": 511.51275634765625,
  "summary_fg_p95": 1711.7919921874993,
  "summary_fg_stdv": 376.5681457519531,
  "tsnr": 75.95524080097675
}