{
  "aor": 0.004399266666666666,
  "aqi": 0.0025949784666666666,
  "bids_meta": {
    "AcquisitionMatrixPE": 76,
    "AcquisitionNumber": 1,
    "AcquisitionTime": "17:09:0.080000",
    "BandwidthPerPixelPhaseEncode": 23.084,
    "BaseResolution": 76,
    "BodyPartExamined": "BRAIN",
    "ConsistencyInfo": "N4_VE11C_LATEST_20160120",
    "ConversionSoftware": "dcm2niix",
    "ConversionSoftwareVersion": "v1.0.20180622 (JP2:OpenJPEG) GCC6.1.0",
    "DerivedVendorReportedEchoSpacing": 0.000570001,
    "DeviceSerialNumber": "167001",
    "DwellTime": 3.3e-06,
    "EchoTime": 0.03,
    "EchoTrainLength": 76,
    "EffectiveEchoSpacing": 0.000570001,
    "FlipAngle": 90,
    "ImageOrientationPatientDICOM": [
      1,
      0,
      0,
      0,
      0.978867,
      -0.204496
    ],
    "ImageType": [
      "ORIGINAL",
      "PRIMARY",
      "M",
      "ND",
      "MOSAIC"
    ],
    "InPlanePhaseEncodingDirectionDICOM": "COL",
    "InstitutionAddress": "Cooper_60_St._Lucia_QLD_AU_4072",
    "InstitutionName": "St_Lucia_Campus",
    "InstitutionalDepartmentName": "Gehrmann_Labs_MRI",
    "MRAcquisitionType": "2D",
    "MagneticFieldStrength": 3,
    "Manufacturer": "Siemens",
    "ManufacturersModelName": "Prisma_fit",
    "Modality": "MR",
    "PartialFourier": 1,
    "PatientPosition": "HFS",
    "PercentPhaseFOV": 100,
    "PhaseEncodingDirection": "j-",
    "PhaseEncodingSteps": 76,
    "PhaseResolution": 1,
    "PixelBandwidth": 1995,
    "ProcedureStepDescription": "Research_16004_CMN",
    "ProtocolName": "ep2d_bold_EPI",
    "PulseSequenceDetails": "%SiemensSeq%_ep2d_bold",
    "ReceiveCoilActiveElements": "HC1-7;NC1,2",
    "ReceiveCoilName": "HeadNeck_64",
    "ReconMatrixPE": 76,
    "RepetitionTime": 3,
    "SAR": 0.0805972,
    "ScanOptions": "FS",
    "ScanningSequence": "EP",
    "SequenceName": "_epfid2d1_76",
    "SequenceVariant": "SK",
    "SeriesDescription": "ep2d_bold_EPI",
    "SeriesNumber": 8,
    "ShimSetting": [
      3022,
      -4119,
      -780,
      516,
      -51,
      82,
      -16,
      44
    ],
    "SliceThickness": 2.5,
    "SliceTiming": [
      0,
      1.5225,
      0.065,
      1.5875,
      0.1325,
      1.655,
      0.1975,
      1.72,
      0.265,
      1.7875,
      0.33,
      1.8525,
      0.3975,
      1.92,
      0.4625,
      1.985,
      0.53,
      2.0525,
      0.595,
      2.1175,
      0.6625,
      2.185,
      0.7275,
      2.25,
      0.795,
      2.3175,
      0.86,
      2.3825,
      0.9275,
      2.45,
      0.9925,
      2.515,
      1.06,
      2.5825,
      1.125,
      2.6475,
      1.1925,
      2.715,
      1.2575,
      2.78,
      1.3225,
      2.8475,
      1.39,
      2.9125,
      1.455
    ],
    "SoftwareVersions": "syngo_MR_E11",
    "SpacingBetweenSlices": 2.75,
    "StationName": "mrc_Trio",
    "TaskName": "episodic",
    "TotalReadoutTime": 0.04275,
    "TxRefAmp": 228.933,
    "dataset": "ds001748",
    "modality": "bold",
    "subject_id": "teen05",
    "task_id": "episodic"
  },
  "dummy_trs": 0,
  "dvars_nstd": 24.01850878322149,
  "dvars_std": 1.3251624517449663,
  "dvars_vstd": 1.0545315625503355,
  "efc": 0.6659854591956827,
  "fber": 134.32667541503906,
  "fd_mean": 0.06303769060064522,
  "fd_num": 7,
  "fd_perc": 4.666666666666667,
  "fwhm_avg": 2.9217305454545457,
  "fwhm_x": 2.8152920000000003,
  "fwhm_y": 3.007976,
  "fwhm_z": 2.941923636363636,
  "gcor": 0.0313185,
  "gsr_x": -0.01609407179057598,
  "gsr_y": 0.07666216045618057,
  "provenance": {
    "md5sum": "9545733ca6dd64b6a67a5fdca8a0b4b8",
    "settings": {
      "fd_thres": 0.2,
      "testing": false
    },
    "software": "mriqc",
    "version": "22.0.0rc1",
    "webapi_port": null,
    "webapi_url": "https://mriqc.nimh.nih.gov/api/v1"
  },
  "size_t": 150,
  "size_x": 76,
  "size_y": 76,
  "size_z": 45,
  "snr": 2.451447538247381,
  "spacing_tr": 3.0,
  "spacing_x": 2.5,
  "spacing_y": 2.5,
  "spacing_z": 2.75,
  "summary_bg_k": 19.774283875692884,
  "summary_bg_mad": 12.700957497017022,
  "summary_bg_mean": 142.55252075195312,
  "summary_bg_median": 76.2933349609375,
  "summary_bg_n": 124777.0,
  "summary_bg_p05": 67.23999786376953,
  "summary_bg_p95": 451.38401489257797,
  "summary_bg_stdv": 159.20626831054688,
  "summary_fg_k": 1.0571085327843424,
  "summary_fg_mad": 365.6097613779963,
  "summary_fg_mean": 986.808837890625,
  "summary_fg_median": 922.5133666992188,
  "summary_fg_n": 76781.0,
  "summary_fg_p05": 507.7266845703125,
  "summary_fg_p95": 1707.013427734375,
  "summary_fg_stdv": 376.311279296875,
  "tsnr": 88.32804214837961
}