{
  "aor": 0.016988266666666665,
  "aqi": 0.010686698866666667,
  "bids_meta": {
    "AcquisitionMatrixPE": 76,
    "AcquisitionNumber": 1,
    "AcquisitionTime": "13:25:19.457500",
    "BandwidthPerPixelPhaseEncode": 23.084,
    "BaseResolution": 76,
    "ConversionSoftware": "dcm2niix",
    "ConversionSoftwareVersion": "v1.0.20180622 (JP2:OpenJPEG) GCC6.1.0",
    "DerivedVendorReportedEchoSpacing": 0.000570001,
    "DeviceSerialNumber": "35410",
    "DwellTime": 3.3e-06,
    "EchoTime": 0.03,
    "EffectiveEchoSpacing": 0.000570001,
    "FlipAngle": 90,
    "ImageOrientationPatientDICOM": [
      0.999976,
      0.000683103,
      0.00696619,
      -3.55833e-08,
      0.995227,
      -0.0975866
    ],
    "ImageType": [
      "ORIGINAL",
      "PRIMARY",
      "M",
      "ND",
      "MOSAIC"
    ],
    "InPlanePhaseEncodingDirectionDICOM": "COL",
    "InstitutionAddress": "Cooper_60_St._Lucia_QLD_AU_4072",
    "InstitutionName": "St_Lucia_Campus",
    "InstitutionalDepartmentName": "Gehrmann_Labs_MRI",
    "MRAcquisitionType": "2D",
    "MagneticFieldStrength": 3,
    "Manufacturer": "Siemens",
    "ManufacturersModelName": "TrioTim",
    "Modality": "MR",
    "PartialFourier": 1,
    "PatientPosition": "HFS",
    "PercentPhaseFOV": 100,
    "PhaseEncodingDirection": "j-",
    "PhaseEncodingSteps": 76,
    "PhaseResolution": 1,
    "PixelBandwidth": 1994,
    "ProcedureStepDescription": "Brain_-_UQ_fMRI",
    "ProtocolName": "EPI",
    "PulseSequenceDetails": "%SiemensSeq%_ep2d_pace",
    "ReceiveCoilName": "32Ch_Head",
    "ReconMatrixPE": 76,
    "RepetitionTime": 3,
    "SAR": 0.216167,
    "ScanOptions": "FS",
    "ScanningSequence": "EP",
    "SequenceName": "_epfid2d1_76",
    "SequenceVariant": "SK",
    "SeriesDescription": "EPI",
    "SeriesNumber": 9,
    "ShimSetting": [
      6853,
      -11340,
      -2208,
      762,
      80,
      -60,
      4,
      29
    ],
    "SliceThickness": 2.5,
    "SliceTiming": [
      0,
      1.53,
      0.0675,
      1.5975,
      0.135,
      1.6625,
      0.2,
      1.73,
      0.2675,
      1.795,
      0.3325,
      1.8625,
      0.4,
      1.93,
      0.4675,
      1.995,
      0.5325,
      2.0625,
      0.6,
      2.1275,
      0.665,
      2.195,
      0.7325,
      2.26,
      0.7975,
      2.3275,
      0.865,
      2.395,
      0.9325,
      2.46,
      0.9975,
      2.5275,
      1.065,
      2.5925,
      1.13,
      2.66,
      1.1975,
      2.7275,
      1.265,
      2.7925,
      1.33,
      2.86,
      1.3975,
      2.925,
      1.4625
    ],
    "SoftwareVersions": "syngo_MR_B17",
    "SpacingBetweenSlices": 2.75,
    "StationName": "mrc_Trio",
    "TaskName": "episodic",
    "TotalReadoutTime": 0.04275,
    "TxRefAmp": 316.802,
    "dataset": "ds001748",
    "modality": "bold",
    "subject_id": "child10",
    "task_id": "episodic"
  },
  "dummy_trs": 0,
  "dvars_nstd": 35.73181519771811,
  "dvars_std": 1.143582043758389,
  "dvars_vstd": 1.02221572,
  "efc": 0.6160261124488908,
  "fber": 298.0279235839844,
  "fd_mean": 0.23413036029833428,
  "fd_num": 37,
  "fd_perc": 24.666666666666668,
  "fwhm_avg": 2.6697425454545454,
  "fwhm_x": 2.613016,
  "fwhm_y": 2.771848,
  "fwhm_z": 2.6243636363636362,
  "gcor": 0.0590952,
  "gsr_x": -0.015370558016002178,
  "gsr_y": 0.05453973263502121,
  "provenance": {
    "md5sum": "e0e58c6afc4f08c1761a612a419970ee",
    "settings": {
      "fd_thres": 0.2,
      "testing": false
    },
    "software": "mriqc",
    "version": "22.0.0rc1",
    "webapi_port": null,
    "webapi_url": "https://mriqc.nimh.nih.gov/api/v1"
  },
  "size_t": 150,
  "size_x": 76,
  "size_y": 76,
  "size_z": 45,
  "snr": 3.1576758183178577,
  "spacing_tr": 3.0,
  "spacing_x": 2.5,
  "spacing_y": 2.5,
  "spacing_z": 2.75,
  "summary_bg_k": 33.156657908585764,
  "summary_bg_mad": 8.272923093987,
  "summary_bg_mean": 59.734039306640625,
  "summary_bg_median": 39.040000915527344,
  "summary_bg_n": 135425.0,
  "summary_bg_p05": 31.286666870117188,
  "summary_bg_p95": 163.46134033203094,
  "summary_bg_stdv": 60.16743469238281,
  "summary_fg_k": 1.1752064199975711,
  "summary_fg_mad": 208.83932678089315,
  "summary_fg_mean": 717.3492431640625,
  "summary_fg_median": 684.0333251953125,
  "summary_fg_n": 71427.0,
  "summary_fg_p05": 429.25535278320314,
  "summary_fg_p95": 1118.2087036132812,
  "summary_fg_stdv": 216.62405395507812,
  "tsnr": 35.80473696941044
}