{
  "aor": 0.005705733333333334,
  "aqi": 0.0045783894,
  "bids_meta": {
    "AcquisitionMatrixPE": 76,
    "AcquisitionNumber": 1,
    "AcquisitionTime": "13:17:6.392500",
    "BandwidthPerPixelPhaseEncode": 23.084,
    "BaseResolution": 76,
    "ConversionSoftware": "dcm2niix",
    "ConversionSoftwareVersion": "v1.0.20180622 (JP2:OpenJPEG) GCC6.1.0",
    "DerivedVendorReportedEchoSpacing": 0.000570001,
    "DeviceSerialNumber": "35410",
    "DwellTime": 3.3e-06,
    "EchoTime": 0.03,
    "EffectiveEchoSpacing": 0.000570001,
    "FlipAngle": 90,
    "ImageOrientationPatientDICOM": [
      0.999976,
      0.000683103,
      0.00696619,
      -3.55833e-08,
      0.995227,
      -0.0975866
    ],
    "ImageType": [
      "ORIGINAL",
      "PRIMARY",
      "M",
      "ND",
      "MOSAIC"
    ],
    "InPlanePhaseEncodingDirectionDICOM": "COL",
    "InstitutionAddress": "Cooper_60_St._Lucia_QLD_AU_4072",
    "InstitutionName": "St_Lucia_Campus",
    "InstitutionalDepartmentName": "Gehrmann_Labs_MRI",
    "MRAcquisitionType": "2D",
    "MagneticFieldStrength": 3,
    "Manufacturer": "Siemens",
    "ManufacturersModelName": "TrioTim",
    "Modality": "MR",
    "PartialFourier": 1,
    "PatientPosition": "HFS",
    "PercentPhaseFOV": 100,
    "PhaseEncodingDirection": "j-",
    "PhaseEncodingSteps": 76,
    "PhaseResolution": 1,
    "PixelBandwidth": 1994,
    "ProcedureStepDescription": "Brain_-_UQ_fMRI",
    "ProtocolName": "SEM",
    "PulseSequenceDetails": "%SiemensSeq%_ep2d_pace",
    "ReceiveCoilName": "32Ch_Head",
    "ReconMatrixPE": 76,
    "RepetitionTime": 3,
    "SAR": 0.216167,
    "ScanOptions": "FS",
    "ScanningSequence": "EP",
    "SequenceName": "_epfid2d1_76",
    "SequenceVariant": "SK",
    "SeriesDescription": "SEM",
    "SeriesNumber": 8,
    "ShimSetting": [
      6853,
      -11340,
      -2208,
      762,
      80,
      -60,
      4,
      29
    ],
    "SliceThickness": 2.5,
    "SliceTiming": [
      0,
      1.5275,
      0.065,
      1.595,
      0.1325,
      1.6625,
      0.2,
      1.7275,
      0.265,
      1.795,
      0.3325,
      1.86,
      0.3975,
      1.9275,
      0.465,
      1.9925,
      0.53,
      2.06,
      0.5975,
      2.1275,
      0.665,
      2.1925,
      0.73,
      2.26,
      0.7975,
      2.325,
      0.8625,
      2.3925,
      0.93,
      2.46,
      0.9975,
      2.525,
      1.0625,
      2.5925,
      1.13,
      2.6575,
      1.195,
      2.725,
      1.2625,
      2.7925,
      1.33,
      2.8575,
      1.395,
      2.925,
      1.4625
    ],
    "SoftwareVersions": "syngo_MR_B17",
    "SpacingBetweenSlices": 2.75,
    "StationName": "mrc_Trio",
    "TaskName": "semantic",
    "TotalReadoutTime": 0.04275,
    "TxRefAmp": 316.802,
    "dataset": "ds001748",
    "modality": "bold",
    "subject_id": "child10",
    "task_id": "semantic"
  },
  "dummy_trs": 0,
  "dvars_nstd": 29.138218821812092,
  "dvars_std": 1.2190548321476513,
  "dvars_vstd": 1.0167526424832214,
  "efc": 0.6160882946024155,
  "fber": 308.4480895996094,
  "fd_mean": 0.0934355036523496,
  "fd_num": 9,
  "fd_perc": 6.0,
  "fwhm_avg": 2.6721150303030305,
  "fwhm_x": 2.609768,
  "fwhm_y": 2.736028,
  "fwhm_z": 2.6705490909090908,
  "gcor": 0.0528844,
  "gsr_x": -0.01633417420089245,
  "gsr_y": 0.05432302504777908,
  "provenance": {
    "md5sum": "9bd6833f0c41ac6a5724f32d46cbd08a",
    "settings": {
      "fd_thres": 0.2,
      "testing": false
    },
    "software": "mriqc",
    "version": "22.0.0rc1",
    "webapi_port": null,
    "webapi_url": "https://mriqc.nimh.nih.gov/api/v1"
  },
  "size_t": 150,
  "size_x": 76,
  "size_y": 76,
  "size_z": 45,
  "snr": 3.1477518621461895,
  "spacing_tr": 3.0,
  "spacing_x": 2.5,
  "spacing_y": 2.5,
  "spacing_z": 2.75,
  "summary_bg_k": 34.02414454583494,
  "summary_bg_mad": 6.750782026186459,
  "summary_bg_mean": 59.6249885559082,
  "summary_bg_median": 38.60000228881836,
  "summary_bg_n": 135420.0,
  "summary_bg_p05": 33.49333572387695,
  "summary_bg_p95": 162.88067169189438,
  "summary_bg_stdv": 60.298370361328125,
  "summary_fg_k": 1.1749789285905514,
  "summary_fg_mad": 211.93800523354741,
  "summary_fg_mean": 722.137939453125,
  "summary_fg_median": 689.6300048828125,
  "summary_fg_n": 71612.0,
  "summary_fg_p05": 431.1933288574219,
  "summary_fg_p95": 1125.9116882324215,
  "summary_fg_stdv": 219.08499145507812,
  "tsnr": 56.48179230466485
}