{
  "bids_meta": {
    "AcquisitionMatrixPE": 240,
    "AcquisitionNumber": 1,
    "AcquisitionTime": "09:02:30.935000",
    "BaseResolution": 256,
    "BodyPartExamined": "BRAIN",
    "ConsistencyInfo": "N4_VE11C_LATEST_20160120",
    "ConversionSoftware": "dcm2niix",
    "ConversionSoftwareVersion": "v1.0.20180622 (JP2:OpenJPEG) GCC6.1.0",
    "DeviceSerialNumber": "167001",
    "DwellTime": 8.1e-06,
    "EchoTime": 0.00291,
    "ImageComments": "DENOISED_IMAGE_(lambda_=_1)",
    "ImageOrientationPatientDICOM": [
      0.0325229,
      0.999447,
      -0.00698095,
      0.00907181,
      -0.00727955,
      -0.999932
    ],
    "ImageType": [
      "DERIVED",
      "PRIMARY",
      "M",
      "UNI",
      "DIS3D",
      "DIS2D"
    ],
    "InPlanePhaseEncodingDirectionDICOM": "ROW",
    "InstitutionAddress": "Cooper_60_St._Lucia_QLD_AU_4072",
    "InstitutionName": "St_Lucia_Campus",
    "InstitutionalDepartmentName": "Gehrmann_Labs_MRI",
    "MRAcquisitionType": "3D",
    "MagneticFieldStrength": 3,
    "Manufacturer": "Siemens",
    "ManufacturersModelName": "Prisma_fit",
    "Modality": "MR",
    "ParallelReductionFactorInPlane": 3,
    "PartialFourier": 0.75,
    "PatientPosition": "HFS",
    "PercentPhaseFOV": 93.75,
    "PhaseEncodingSteps": 181,
    "PhaseResolution": 1,
    "PixelBandwidth": 240,
    "ProcedureStepDescription": "Research_16004_CMN",
    "ProtocolName": "MP2RAGE_wip900C_VE11C",
    "PulseSequenceDetails": "%CustomerSeq%_tfl_wip900C_VE11C",
    "RawImage": true,
    "ReceiveCoilActiveElements": "HC1-7;NC1,2",
    "ReceiveCoilName": "HeadNeck_64",
    "ReconMatrixPE": 256,
    "RepetitionTime": 4,
    "SAR": 0.0530838,
    "ScanOptions": "IR_PFP",
    "ScanningSequence": "GR_IR",
    "SequenceName": "tfl3d1_16ns",
    "SequenceVariant": "SK_SP_MP",
    "SeriesDescription": "MP2RAGE_wip900C_VE11C_UNI-DEN",
    "SeriesNumber": 8,
    "ShimSetting": [
      3047,
      -4151,
      -847,
      193,
      6,
      -306,
      46,
      0
    ],
    "SliceThickness": 1,
    "SoftwareVersions": "syngo_MR_E11",
    "StationName": "mrc_Trio",
    "TxRefAmp": 218.106,
    "dataset": "ds001748",
    "modality": "T1w",
    "subject_id": "teen02"
  },
  "cjv": 0.26956712443097663,
  "cnr": 4.7192249202206575,
  "efc": 0.5720197850646821,
  "fber": 648596.5625,
  "fwhm_avg": 3.6429925649912556,
  "fwhm_x": 3.586117694973768,
  "fwhm_y": 3.75539,
  "fwhm_z": 3.58747,
  "icvs_csf": 0.18061762788993965,
  "icvs_gm": 0.4451026195862132,
  "icvs_wm": 0.37427975252384715,
  "inu_med": 0.9043113589286804,
  "inu_range": 0.21685395836830146,
  "provenance": {
    "md5sum": "6b5a70072ed1e80f4cfcdb3cbb61508b",
    "settings": {
      "testing": false
    },
    "software": "mriqc",
    "version": "22.0.0rc1",
    "warnings": {
      "large_rot_frame": true,
      "small_air_mask": false
    },
    "webapi_port": null,
    "webapi_url": "https://mriqc.nimh.nih.gov/api/v1"
  },
  "qi_1": 0.005266379832095991,
  "qi_2": 0.0007896777199311642,
  "rpve_csf": 21.342500498902414,
  "rpve_gm": 9.586649695864407,
  "rpve_wm": 13.87125577975571,
  "size_x": 176,
  "size_y": 240,
  "size_z": 256,
  "snr_csf": 1.9830977784145012,
  "snr_gm": 11.139450871610311,
  "snr_total": 13.00757659043658,
  "snr_wm": 25.90018112128493,
  "snrd_csf": 101.77292561746818,
  "snrd_gm": 236.0136162498342,
  "snrd_total": 231.08023726059886,
  "snrd_wm": 355.4541699144942,
  "spacing_x": 0.9999978542327881,
  "spacing_y": 1.0,
  "spacing_z": 1.0,
  "summary_bg_k": 202.4386531315648,
  "summary_bg_mad": 0.8431011153243083,
  "summary_bg_mean": 1.795364499092102,
  "summary_bg_median": 0.5686630606651306,
  "summary_bg_n": 2628203.0,
  "summary_bg_p05": 0.0,
  "summary_bg_p95": 7.284544372558592,
  "summary_bg_stdv": 5.13270378112793,
  "summary_csf_k": -0.17300268879484237,
  "summary_csf_mad": 184.16355567738634,
  "summary_csf_mean": 272.21832275390625,
  "summary_csf_median": 286.3186950683594,
  "summary_csf_n": 8667.0,
  "summary_csf_p05": 52.848934936523435,
  "summary_csf_p95": 474.2381713867187,
  "summary_csf_stdv": 144.37118530273438,
  "summary_gm_k": 0.011947373585599053,
  "summary_gm_mad": 58.65852695880202,
  "summary_gm_mean": 662.0570678710938,
  "summary_gm_median": 663.979248046875,
  "summary_gm_n": 48503.0,
  "summary_gm_p05": 560.4168029785156,
  "summary_gm_p95": 757.7097412109375,
  "summary_gm_stdv": 59.60548782348633,
  "summary_wm_k": 3.154137588408066,
  "summary_wm_mad": 31.922279017198743,
  "summary_wm_mean": 998.0692749023438,
  "summary_wm_median": 1000.00244140625,
  "summary_wm_n": 231163.0,
  "summary_wm_p05": 934.7182006835938,
  "summary_wm_p95": 1056.313330078125,
  "summary_wm_stdv": 38.609779357910156,
  "tpm_overlap_csf": 0.16894686222076416,
  "tpm_overlap_gm": 0.4501727521419525,
  "tpm_overlap_wm": 0.4553931951522827,
  "wm2max": 0.8612469855132027
}