{
  "bids_meta": {
    "AcquisitionMatrixPE": 240,
    "AcquisitionNumber": 1,
    "AcquisitionTime": "16:01:54.735000",
    "BaseResolution": 256,
    "ConversionSoftware": "dcm2niix",
    "ConversionSoftwareVersion": "v1.0.20180622 (JP2:OpenJPEG) GCC6.1.0",
    "DeviceSerialNumber": "35410",
    "DwellTime": 8.1e-06,
    "EchoTime": 0.00289,
    "ImageOrientationPatientDICOM": [
      -0.0139366,
      0.999903,
      -2.34003e-08,
      0.0279165,
      0.000389075,
      -0.99961
    ],
    "ImageType": [
      "ORIGINAL",
      "PRIMARY",
      "M",
      "ND",
      "UNI"
    ],
    "InPlanePhaseEncodingDirectionDICOM": "ROW",
    "InstitutionAddress": "Cooper_60_St._Lucia_QLD_AU_4072",
    "InstitutionName": "St_Lucia_Campus",
    "InstitutionalDepartmentName": "Gehrmann_Labs_MRI",
    "MRAcquisitionType": "3D",
    "MagneticFieldStrength": 3,
    "Manufacturer": "Siemens",
    "ManufacturersModelName": "TrioTim",
    "Modality": "MR",
    "ParallelReductionFactorInPlane": 3,
    "PartialFourier": 0.75,
    "PatientPosition": "HFS",
    "PercentPhaseFOV": 93.75,
    "PhaseEncodingSteps": 181,
    "PhaseResolution": 1,
    "PixelBandwidth": 241,
    "ProcedureStepDescription": "Brain_-_UQ_fMRI",
    "ProtocolName": "mp2rage",
    "PulseSequenceDetails": "%CustomerSeq%_mp2rage_wip820B17",
    "ReceiveCoilName": "32Ch_Head",
    "ReconMatrixPE": 256,
    "RepetitionTime": 4,
    "SAR": 0.114013,
    "ScanOptions": "IR_PFP",
    "ScanningSequence": "GR_IR",
    "SequenceName": "tfl3d1_ns",
    "SequenceVariant": "SP_MP",
    "SeriesDescription": "mp2rage_UNI-DEN",
    "SeriesNumber": 7,
    "ShimSetting": [
      6819,
      -11271,
      -2615,
      -89,
      20,
      1,
      -123,
      4
    ],
    "SliceThickness": 1,
    "SoftwareVersions": "syngo_MR_B17",
    "StationName": "mrc_Trio",
    "TxRefAmp": 324.773,
    "dataset": "ds001748",
    "modality": "T1w",
    "subject_id": "adult11"
  },
  "cjv": 0.31772913722994783,
  "cnr": 3.9619628145446693,
  "efc": 0.5330724225983897,
  "fber": 3275.177490234375,
  "fwhm_avg": 3.652434823721437,
  "fwhm_x": 3.7506844711643113,
  "fwhm_y": 4.01182,
  "fwhm_z": 3.1948,
  "icvs_csf": 0.2714876506366415,
  "icvs_gm": 0.3590903274660435,
  "icvs_wm": 0.369422021897315,
  "inu_med": 0.9586870670318604,
  "inu_range": 0.24448263049125663,
  "provenance": {
    "md5sum": "c48b2207e3cd54c1699056a969927f9c",
    "settings": {
      "testing": false
    },
    "software": "mriqc",
    "version": "22.0.0rc1",
    "warnings": {
      "large_rot_frame": true,
      "small_air_mask": false
    },
    "webapi_port": null,
    "webapi_url": "https://mriqc.nimh.nih.gov/api/v1"
  },
  "qi_1": 2.35415425831193e-06,
  "qi_2": 0.0007750059834508964,
  "rpve_csf": 22.5392917816611,
  "rpve_gm": 15.260656573906116,
  "rpve_wm": 21.074937511263645,
  "size_x": 176,
  "size_y": 240,
  "size_z": 256,
  "snr_csf": 4.097912937053316,
  "snr_gm": 10.922325479954853,
  "snr_total": 15.26738463970211,
  "snr_wm": 30.78191550209816,
  "snrd_csf": 81.01268517195591,
  "snrd_gm": 136.3020494587765,
  "snrd_total": 136.32903822156493,
  "snrd_wm": 191.67238003396233,
  "spacing_x": 0.9999988079071045,
  "spacing_y": 1.0,
  "spacing_z": 1.0,
  "summary_bg_k": 43.121379178261684,
  "summary_bg_mad": 3.41803412299563,
  "summary_bg_mean": 12.148921012878418,
  "summary_bg_median": 11.266300201416016,
  "summary_bg_n": 2755090.0,
  "summary_bg_p05": 6.978951358795166,
  "summary_bg_p95": 19.92692537307739,
  "summary_bg_stdv": 4.745431900024414,
  "summary_csf_k": 1.0793667680872252,
  "summary_csf_mad": 86.41415441648596,
  "summary_csf_mean": 405.6784973144531,
  "summary_csf_median": 422.6663818359375,
  "summary_csf_n": 8392.0,
  "summary_csf_p05": 196.7136299133301,
  "summary_csf_p95": 543.448828125,
  "summary_csf_stdv": 103.1357192993164,
  "summary_gm_k": 0.45158637214123676,
  "summary_gm_mad": 61.155169732762566,
  "summary_gm_mean": 710.1306762695312,
  "summary_gm_median": 711.1268310546875,
  "summary_gm_n": 9326.0,
  "summary_gm_p05": 600.5415954589844,
  "summary_gm_p95": 814.8123931884766,
  "summary_gm_stdv": 65.1041488647461,
  "summary_wm_k": 0.6178327151359193,
  "summary_wm_mad": 30.631336436070757,
  "summary_wm_mean": 1000.7992553710938,
  "summary_wm_median": 1000.0097045898438,
  "summary_wm_n": 164899.0,
  "summary_wm_p05": 949.2549011230469,
  "summary_wm_p95": 1055.4530883789062,
  "summary_wm_stdv": 32.48682403564453,
  "tpm_overlap_csf": 0.12736542522907257,
  "tpm_overlap_gm": 0.37218961119651794,
  "tpm_overlap_wm": 0.48612967133522034,
  "wm2max": 0.7267947370343427
}