{
  "aor": 0.0013208,
  "aqi": 0.004408538533333333,
  "bids_meta": {
    "AcquisitionMatrixPE": 76,
    "AcquisitionNumber": 1,
    "AcquisitionTime": "16:43:36.542500",
    "BandwidthPerPixelPhaseEncode": 23.084,
    "BaseResolution": 76,
    "ConversionSoftware": "dcm2niix",
    "ConversionSoftwareVersion": "v1.0.20180622 (JP2:OpenJPEG) GCC6.1.0",
    "DerivedVendorReportedEchoSpacing": 0.000570001,
    "DeviceSerialNumber": "35410",
    "DwellTime": 3.3e-06,
    "EchoTime": 0.03,
    "EffectiveEchoSpacing": 0.000570001,
    "FlipAngle": 90,
    "ImageOrientationPatientDICOM": [
      1,
      -0.000229514,
      -0.000637524,
      5.09135e-09,
      0.940888,
      -0.338719
    ],
    "ImageType": [
      "ORIGINAL",
      "PRIMARY",
      "M",
      "ND",
      "MOSAIC"
    ],
    "InPlanePhaseEncodingDirectionDICOM": "COL",
    "InstitutionAddress": "Cooper_60_St._Lucia_QLD_AU_4072",
    "InstitutionName": "St_Lucia_Campus",
    "InstitutionalDepartmentName": "Gehrmann_Labs_MRI",
    "MRAcquisitionType": "2D",
    "MagneticFieldStrength": 3,
    "Manufacturer": "Siemens",
    "ManufacturersModelName": "TrioTim",
    "Modality": "MR",
    "PartialFourier": 1,
    "PatientPosition": "HFS",
    "PercentPhaseFOV": 100,
    "PhaseEncodingDirection": "j-",
    "PhaseEncodingSteps": 76,
    "PhaseResolution": 1,
    "PixelBandwidth": 1994,
    "ProcedureStepDescription": "Brain_-_UQ_fMRI",
    "ProtocolName": "AUTO",
    "PulseSequenceDetails": "%SiemensSeq%_ep2d_pace",
    "ReceiveCoilName": "32Ch_Head",
    "ReconMatrixPE": 76,
    "RepetitionTime": 3,
    "SAR": 0.190711,
    "ScanOptions": "FS",
    "ScanningSequence": "EP",
    "SequenceName": "_epfid2d1_76",
    "SequenceVariant": "SK",
    "SeriesDescription": "AUTO",
    "SeriesNumber": 2,
    "ShimSetting": [
      6808,
      -11334,
      -2130,
      964,
      -6,
      102,
      -59,
      66
    ],
    "SliceThickness": 2.5,
    "SliceTiming": [
      0,
      1.5275,
      0.065,
      1.595,
      0.1325,
      1.6625,
      0.2,
      1.7275,
      0.265,
      1.795,
      0.3325,
      1.86,
      0.3975,
      1.9275,
      0.465,
      1.995,
      0.5325,
      2.06,
      0.5975,
      2.1275,
      0.665,
      2.1925,
      0.73,
      2.26,
      0.7975,
      2.325,
      0.8625,
      2.3925,
      0.93,
      2.46,
      0.9975,
      2.525,
      1.0625,
      2.5925,
      1.13,
      2.6575,
      1.195,
      2.725,
      1.2625,
      2.7925,
      1.33,
      2.8575,
      1.395,
      2.925,
      1.4625
    ],
    "SoftwareVersions": "syngo_MR_B17",
    "SpacingBetweenSlices": 2.75,
    "StationName": "mrc_Trio",
    "TaskName": "autobio",
    "TotalReadoutTime": 0.04275,
    "TxRefAmp": 338.584,
    "dataset": "ds001748",
    "modality": "bold",
    "subject_id": "adult21",
    "task_id": "autobio"
  },
  "dummy_trs": 0,
  "dvars_nstd": 25.63538936657718,
  "dvars_std": 1.154497964832215,
  "dvars_vstd": 0.9879704709395978,
  "efc": 0.6200766709881241,
  "fber": 230.2151336669922,
  "fd_mean": 0.06512982679986781,
  "fd_num": 1,
  "fd_perc": 0.6666666666666666,
  "fwhm_avg": 2.532276484848485,
  "fwhm_x": 2.446872,
  "fwhm_y": 2.582452,
  "fwhm_z": 2.5675054545454548,
  "gcor": 0.0426788,
  "gsr_x": -0.00729417847469449,
  "gsr_y": 0.07162893563508987,
  "provenance": {
    "md5sum": "865ab4c880983deddd9a83501a80856e",
    "settings": {
      "fd_thres": 0.2,
      "testing": false
    },
    "software": "mriqc",
    "version": "22.0.0rc1",
    "webapi_port": null,
    "webapi_url": "https://mriqc.nimh.nih.gov/api/v1"
  },
  "size_t": 150,
  "size_x": 76,
  "size_y": 76,
  "size_z": 45,
  "snr": 2.958404929147332,
  "spacing_tr": 3.0,
  "spacing_x": 2.5,
  "spacing_y": 2.5,
  "spacing_z": 2.75,
  "summary_bg_k": 39.91858481137897,
  "summary_bg_mad": 9.538075780567008,
  "summary_bg_mean": 66.97953033447266,
  "summary_bg_median": 41.0,
  "summary_bg_n": 138500.0,
  "summary_bg_p05": 33.69333267211914,
  "summary_bg_p95": 183.98666381835938,
  "summary_bg_stdv": 71.95387268066406,
  "summary_fg_k": 1.5565162338168044,
  "summary_fg_mad": 197.83844365702186,
  "summary_fg_mean": 683.0221557617188,
  "summary_fg_median": 644.126708984375,
  "summary_fg_n": 67481.0,
  "summary_fg_p05": 400.5733337402344,
  "summary_fg_p95": 1091.5533447265625,
  "summary_fg_stdv": 217.72608947753906,
  "tsnr": 56.35076147108339
}