{
  "bids_meta": {
    "AcquisitionMatrixPE": 240,
    "AcquisitionNumber": 1,
    "AcquisitionTime": "08:59:0.827500",
    "BaseResolution": 256,
    "BodyPartExamined": "BRAIN",
    "ConsistencyInfo": "N4_VE11C_LATEST_20160120",
    "ConversionSoftware": "dcm2niix",
    "ConversionSoftwareVersion": "v1.0.20180622 (JP2:OpenJPEG) GCC6.1.0",
    "DeviceSerialNumber": "167001",
    "DwellTime": 8.1e-06,
    "EchoTime": 0.00291,
    "ImageComments": "DENOISED_IMAGE_(lambda_=_1)",
    "ImageOrientationPatientDICOM": [
      0,
      1,
      0,
      0.0174524,
      0,
      -0.999848
    ],
    "ImageType": [
      "DERIVED",
      "PRIMARY",
      "M",
      "UNI",
      "DIS3D",
      "DIS2D"
    ],
    "InPlanePhaseEncodingDirectionDICOM": "ROW",
    "InstitutionAddress": "Cooper_60_St._Lucia_QLD_AU_4072",
    "InstitutionName": "St_Lucia_Campus",
    "InstitutionalDepartmentName": "Gehrmann_Labs_MRI",
    "MRAcquisitionType": "3D",
    "MagneticFieldStrength": 3,
    "Manufacturer": "Siemens",
    "ManufacturersModelName": "Prisma_fit",
    "Modality": "MR",
    "ParallelReductionFactorInPlane": 3,
    "PartialFourier": 0.75,
    "PatientPosition": "HFS",
    "PercentPhaseFOV": 93.75,
    "PhaseEncodingSteps": 181,
    "PhaseResolution": 1,
    "PixelBandwidth": 240,
    "ProcedureStepDescription": "Research_16004_CMN",
    "ProtocolName": "MP2RAGE_wip900C_VE11C",
    "PulseSequenceDetails": "%CustomerSeq%_tfl_wip900C_VE11C",
    "RawImage": true,
    "ReceiveCoilActiveElements": "HC1-7;NC1,2",
    "ReceiveCoilName": "HeadNeck_64",
    "ReconMatrixPE": 256,
    "RepetitionTime": 4,
    "SAR": 0.0572665,
    "ScanOptions": "IR_PFP",
    "ScanningSequence": "GR_IR",
    "SequenceName": "tfl3d1_16ns",
    "SequenceVariant": "SK_SP_MP",
    "SeriesDescription": "MP2RAGE_wip900C_VE11C_UNI-DEN",
    "SeriesNumber": 5,
    "ShimSetting": [
      3037,
      -4178,
      -865,
      151,
      -50,
      -428,
      84,
      -40
    ],
    "SliceThickness": 1,
    "SoftwareVersions": "syngo_MR_E11",
    "StationName": "mrc_Trio",
    "TxRefAmp": 233.782,
    "dataset": "ds001748",
    "modality": "T1w",
    "subject_id": "teen01"
  },
  "cjv": 0.30024753878788746,
  "cnr": 4.390999848432365,
  "efc": 0.5619512065053741,
  "fber": 306468.5,
  "fwhm_avg": 3.8412269774231063,
  "fwhm_x": 3.9102209322693184,
  "fwhm_y": 4.20758,
  "fwhm_z": 3.40588,
  "icvs_csf": 0.21853167117134953,
  "icvs_gm": 0.4366296275816028,
  "icvs_wm": 0.3448387012470477,
  "inu_med": 0.6838328242301941,
  "inu_range": 0.14904276132583627,
  "provenance": {
    "md5sum": "ed1bfb93f23c2b9f6811caec0e45d216",
    "settings": {
      "testing": false
    },
    "software": "mriqc",
    "version": "22.0.0rc1",
    "warnings": {
      "large_rot_frame": true,
      "small_air_mask": false
    },
    "webapi_port": null,
    "webapi_url": "https://mriqc.nimh.nih.gov/api/v1"
  },
  "qi_1": 0.018454533035836256,
  "qi_2": 0.00043854392943003825,
  "rpve_csf": 22.209860292453634,
  "rpve_gm": 11.739387308533917,
  "rpve_wm": 18.711725289046548,
  "size_x": 176,
  "size_y": 240,
  "size_z": 256,
  "snr_csf": 2.513165765609806,
  "snr_gm": 9.941117803716418,
  "snr_total": 12.72453545502706,
  "snr_wm": 25.71932279575496,
  "snrd_csf": 124.34478499359548,
  "snrd_gm": 252.06936006935283,
  "snrd_total": 252.7211054409697,
  "snrd_wm": 381.7491712599608,
  "spacing_x": 0.9999997615814209,
  "spacing_y": 1.0,
  "spacing_z": 1.0,
  "summary_bg_k": 175.8294925320977,
  "summary_bg_mad": 0.7161480529554383,
  "summary_bg_mean": 2.1782572269439697,
  "summary_bg_median": 0.48303452134132385,
  "summary_bg_n": 2945410.0,
  "summary_bg_p05": 0.0,
  "summary_bg_p95": 8.883912181854233,
  "summary_bg_stdv": 7.8472900390625,
  "summary_csf_k": -0.6957635066613799,
  "summary_csf_mad": 125.19459982999891,
  "summary_csf_mean": 302.2676086425781,
  "summary_csf_median": 325.7246398925781,
  "summary_csf_n": 8575.0,
  "summary_csf_p05": 69.13916549682617,
  "summary_csf_p95": 490.7964233398436,
  "summary_csf_stdv": 129.59974670410156,
  "summary_gm_k": -0.20002956946614558,
  "summary_gm_mad": 68.83512885657669,
  "summary_gm_mean": 655.4521484375,
  "summary_gm_median": 660.302734375,
  "summary_gm_n": 32794.0,
  "summary_gm_p05": 538.8690612792968,
  "summary_gm_p95": 755.9022094726562,
  "summary_gm_stdv": 66.42036437988281,
  "summary_wm_k": 1.295288088868876,
  "summary_wm_mad": 33.15892708348888,
  "summary_wm_mean": 997.7347412109375,
  "summary_wm_median": 1000.0026245117188,
  "summary_wm_n": 175325.0,
  "summary_wm_p05": 930.0982299804688,
  "summary_wm_p95": 1057.71533203125,
  "summary_wm_stdv": 38.881263732910156,
  "tpm_overlap_csf": 0.16099977493286133,
  "tpm_overlap_gm": 0.43141815066337585,
  "tpm_overlap_wm": 0.4995943307876587,
  "wm2max": 0.9112107571579264
}