{
  "aor": 0.004781400000000001,
  "aqi": 0.005863381466666667,
  "bids_meta": {
    "AcquisitionMatrixPE": 76,
    "AcquisitionNumber": 1,
    "AcquisitionTime": "15:54:21.547500",
    "BandwidthPerPixelPhaseEncode": 23.084,
    "BaseResolution": 76,
    "ConversionSoftware": "dcm2niix",
    "ConversionSoftwareVersion": "v1.0.20180622 (JP2:OpenJPEG) GCC6.1.0",
    "DerivedVendorReportedEchoSpacing": 0.000570001,
    "DeviceSerialNumber": "35410",
    "DwellTime": 3.3e-06,
    "EchoTime": 0.03,
    "EffectiveEchoSpacing": 0.000570001,
    "FlipAngle": 90,
    "ImageOrientationPatientDICOM": [
      0.999701,
      0.024333,
      -0.00223666,
      -0.0244322,
      0.996888,
      -0.0749497
    ],
    "ImageType": [
      "ORIGINAL",
      "PRIMARY",
      "M",
      "ND",
      "MOSAIC"
    ],
    "InPlanePhaseEncodingDirectionDICOM": "COL",
    "InstitutionAddress": "Cooper_60_St._Lucia_QLD_AU_4072",
    "InstitutionName": "St_Lucia_Campus",
    "InstitutionalDepartmentName": "Gehrmann_Labs_MRI",
    "MRAcquisitionType": "2D",
    "MagneticFieldStrength": 3,
    "Manufacturer": "Siemens",
    "ManufacturersModelName": "TrioTim",
    "Modality": "MR",
    "PartialFourier": 1,
    "PatientPosition": "HFS",
    "PercentPhaseFOV": 100,
    "PhaseEncodingDirection": "j-",
    "PhaseEncodingSteps": 76,
    "PhaseResolution": 1,
    "PixelBandwidth": 1994,
    "ProcedureStepDescription": "RESEARCH_3T_Research",
    "ProtocolName": "SEM",
    "PulseSequenceDetails": "%SiemensSeq%_ep2d_pace",
    "ReceiveCoilName": "32Ch_Head",
    "ReconMatrixPE": 76,
    "RepetitionTime": 3,
    "SAR": 0.177802,
    "ScanOptions": "FS",
    "ScanningSequence": "EP",
    "SequenceName": "_epfid2d1_76",
    "SequenceVariant": "SK",
    "SeriesDescription": "SEM",
    "SeriesNumber": 8,
    "ShimSetting": [
      6846,
      -11362,
      -2088,
      1003,
      -266,
      -68,
      -56,
      58
    ],
    "SliceThickness": 2.5,
    "SliceTiming": [
      0,
      1.53,
      0.0675,
      1.595,
      0.1325,
      1.6625,
      0.2,
      1.73,
      0.2675,
      1.795,
      0.3325,
      1.8625,
      0.4,
      1.9275,
      0.465,
      1.995,
      0.5325,
      2.0625,
      0.6,
      2.1275,
      0.665,
      2.195,
      0.7325,
      2.26,
      0.7975,
      2.3275,
      0.865,
      2.3925,
      0.93,
      2.46,
      0.9975,
      2.5275,
      1.065,
      2.5925,
      1.13,
      2.66,
      1.1975,
      2.725,
      1.2625,
      2.7925,
      1.33,
      2.86,
      1.3975,
      2.925,
      1.4625
    ],
    "SoftwareVersions": "syngo_MR_B17",
    "SpacingBetweenSlices": 2.75,
    "StationName": "mrc_Trio",
    "TaskName": "semantic",
    "TotalReadoutTime": 0.04275,
    "TxRefAmp": 309.847,
    "dataset": "ds001748",
    "modality": "bold",
    "subject_id": "child13",
    "task_id": "semantic"
  },
  "dummy_trs": 0,
  "dvars_nstd": 32.822825770805366,
  "dvars_std": 1.2498467444966443,
  "dvars_vstd": 1.022001797382551,
  "efc": 0.6064998756628684,
  "fber": 254.49632263183594,
  "fd_mean": 0.1681745439535088,
  "fd_num": 39,
  "fd_perc": 26.0,
  "fwhm_avg": 2.571013696969697,
  "fwhm_x": 2.508072,
  "fwhm_y": 2.6131,
  "fwhm_z": 2.591869090909091,
  "gcor": 0.0456657,
  "gsr_x": -0.0100499726831913,
  "gsr_y": 0.048485320061445236,
  "provenance": {
    "md5sum": "5882dd1059cfafd861f761fcfe513b1e",
    "settings": {
      "fd_thres": 0.2,
      "testing": false
    },
    "software": "mriqc",
    "version": "22.0.0rc1",
    "webapi_port": null,
    "webapi_url": "https://mriqc.nimh.nih.gov/api/v1"
  },
  "size_t": 150,
  "size_x": 76,
  "size_y": 76,
  "size_z": 45,
  "snr": 3.3468043759435098,
  "spacing_tr": 3.0,
  "spacing_x": 2.5,
  "spacing_y": 2.5,
  "spacing_z": 2.75,
  "summary_bg_k": 26.492575460330738,
  "summary_bg_mad": 7.640346750696998,
  "summary_bg_mean": 62.23752975463867,
  "summary_bg_median": 41.52000045776367,
  "summary_bg_n": 144829.0,
  "summary_bg_p05": 35.71333312988281,
  "summary_bg_p95": 162.31600646972672,
  "summary_bg_stdv": 58.399288177490234,
  "summary_fg_k": 1.552229623902976,
  "summary_fg_mad": 192.09091680714494,
  "summary_fg_mean": 700.8665771484375,
  "summary_fg_median": 673.1600341796875,
  "summary_fg_n": 64078.0,
  "summary_fg_p05": 438.2713455200195,
  "summary_fg_p95": 1073.4010314941406,
  "summary_fg_stdv": 201.1335906982422,
  "tsnr": 52.43832368310541
}