{
  "aor": 0.015708133333333332,
  "aqi": 0.005879601733333333,
  "bids_meta": {
    "AcquisitionMatrixPE": 76,
    "AcquisitionNumber": 1,
    "AcquisitionTime": "15:46:18.797500",
    "BandwidthPerPixelPhaseEncode": 23.084,
    "BaseResolution": 76,
    "ConversionSoftware": "dcm2niix",
    "ConversionSoftwareVersion": "v1.0.20180622 (JP2:OpenJPEG) GCC6.1.0",
    "DerivedVendorReportedEchoSpacing": 0.000570001,
    "DeviceSerialNumber": "35410",
    "DwellTime": 3.3e-06,
    "EchoTime": 0.03,
    "EffectiveEchoSpacing": 0.000570001,
    "FlipAngle": 90,
    "ImageOrientationPatientDICOM": [
      0.999701,
      0.024333,
      -0.00223666,
      -0.0244322,
      0.996888,
      -0.0749497
    ],
    "ImageType": [
      "ORIGINAL",
      "PRIMARY",
      "M",
      "ND",
      "MOSAIC"
    ],
    "InPlanePhaseEncodingDirectionDICOM": "COL",
    "InstitutionAddress": "Cooper_60_St._Lucia_QLD_AU_4072",
    "InstitutionName": "St_Lucia_Campus",
    "InstitutionalDepartmentName": "Gehrmann_Labs_MRI",
    "MRAcquisitionType": "2D",
    "MagneticFieldStrength": 3,
    "Manufacturer": "Siemens",
    "ManufacturersModelName": "TrioTim",
    "Modality": "MR",
    "PartialFourier": 1,
    "PatientPosition": "HFS",
    "PercentPhaseFOV": 100,
    "PhaseEncodingDirection": "j-",
    "PhaseEncodingSteps": 76,
    "PhaseResolution": 1,
    "PixelBandwidth": 1994,
    "ProcedureStepDescription": "RESEARCH_3T_Research",
    "ProtocolName": "AUTO",
    "PulseSequenceDetails": "%SiemensSeq%_ep2d_pace",
    "ReceiveCoilName": "32Ch_Head",
    "ReconMatrixPE": 76,
    "RepetitionTime": 3,
    "SAR": 0.177802,
    "ScanOptions": "FS",
    "ScanningSequence": "EP",
    "SequenceName": "_epfid2d1_76",
    "SequenceVariant": "SK",
    "SeriesDescription": "AUTO",
    "SeriesNumber": 7,
    "ShimSetting": [
      6846,
      -11362,
      -2088,
      1003,
      -266,
      -68,
      -56,
      58
    ],
    "SliceThickness": 2.5,
    "SliceTiming": [
      0,
      1.53,
      0.0675,
      1.595,
      0.1325,
      1.6625,
      0.2,
      1.73,
      0.2675,
      1.795,
      0.3325,
      1.8625,
      0.4,
      1.9275,
      0.465,
      1.995,
      0.5325,
      2.06,
      0.5975,
      2.1275,
      0.665,
      2.195,
      0.7325,
      2.26,
      0.7975,
      2.3275,
      0.865,
      2.3925,
      0.93,
      2.46,
      0.9975,
      2.5275,
      1.065,
      2.5925,
      1.13,
      2.66,
      1.1975,
      2.725,
      1.2625,
      2.7925,
      1.33,
      2.86,
      1.3975,
      2.925,
      1.4625
    ],
    "SoftwareVersions": "syngo_MR_B17",
    "SpacingBetweenSlices": 2.75,
    "StationName": "mrc_Trio",
    "TaskName": "autobio",
    "TotalReadoutTime": 0.04275,
    "TxRefAmp": 309.847,
    "dataset": "ds001748",
    "modality": "bold",
    "subject_id": "child13",
    "task_id": "autobio"
  },
  "dummy_trs": 0,
  "dvars_nstd": 30.53439772657719,
  "dvars_std": 1.3076229347651005,
  "dvars_vstd": 1.1110132653691267,
  "efc": 0.6070685408667512,
  "fber": 252.0917205810547,
  "fd_mean": 0.14271308926924955,
  "fd_num": 26,
  "fd_perc": 17.333333333333332,
  "fwhm_avg": 2.589958303030303,
  "fwhm_x": 2.512068,
  "fwhm_y": 2.6324359999999998,
  "fwhm_z": 2.625370909090909,
  "gcor": 0.0406701,
  "gsr_x": -0.010735712014138699,
  "gsr_y": 0.048140596598386765,
  "provenance": {
    "md5sum": "b1cefcf5119e27a6ba8345ea1dcaf427",
    "settings": {
      "fd_thres": 0.2,
      "testing": false
    },
    "software": "mriqc",
    "version": "22.0.0rc1",
    "webapi_port": null,
    "webapi_url": "https://mriqc.nimh.nih.gov/api/v1"
  },
  "size_t": 150,
  "size_x": 76,
  "size_y": 76,
  "size_z": 45,
  "snr": 3.3316643180361565,
  "spacing_tr": 3.0,
  "spacing_x": 2.5,
  "spacing_y": 2.5,
  "spacing_z": 2.75,
  "summary_bg_k": 26.021648620723607,
  "summary_bg_mad": 7.926976543611823,
  "summary_bg_mean": 62.410587310791016,
  "summary_bg_median": 41.65999984741211,
  "summary_bg_n": 144761.0,
  "summary_bg_p05": 35.48666763305664,
  "summary_bg_p95": 162.48001098632812,
  "summary_bg_stdv": 58.43229675292969,
  "summary_fg_k": 1.4496712560872815,
  "summary_fg_mad": 192.9360109305961,
  "summary_fg_mean": 700.3316040039062,
  "summary_fg_median": 672.1000366210938,
  "summary_fg_n": 64155.0,
  "summary_fg_p05": 435.5893524169922,
  "summary_fg_p95": 1072.898693847656,
  "summary_fg_stdv": 201.7294464111328,
  "tsnr": 50.383840582799166
}