{
  "aor": 0.03481206666666666,
  "aqi": 0.0104142264,
  "bids_meta": {
    "AcquisitionMatrixPE": 76,
    "AcquisitionNumber": 1,
    "AcquisitionTime": "16:02:42.195000",
    "BandwidthPerPixelPhaseEncode": 23.084,
    "BaseResolution": 76,
    "ConversionSoftware": "dcm2niix",
    "ConversionSoftwareVersion": "v1.0.20180622 (JP2:OpenJPEG) GCC6.1.0",
    "DerivedVendorReportedEchoSpacing": 0.000570001,
    "DeviceSerialNumber": "35410",
    "DwellTime": 3.3e-06,
    "EchoTime": 0.03,
    "EffectiveEchoSpacing": 0.000570001,
    "FlipAngle": 90,
    "ImageOrientationPatientDICOM": [
      0.999701,
      0.024333,
      -0.00223666,
      -0.0244322,
      0.996888,
      -0.0749497
    ],
    "ImageType": [
      "ORIGINAL",
      "PRIMARY",
      "M",
      "ND",
      "MOSAIC"
    ],
    "InPlanePhaseEncodingDirectionDICOM": "COL",
    "InstitutionAddress": "Cooper_60_St._Lucia_QLD_AU_4072",
    "InstitutionName": "St_Lucia_Campus",
    "InstitutionalDepartmentName": "Gehrmann_Labs_MRI",
    "MRAcquisitionType": "2D",
    "MagneticFieldStrength": 3,
    "Manufacturer": "Siemens",
    "ManufacturersModelName": "TrioTim",
    "Modality": "MR",
    "PartialFourier": 1,
    "PatientPosition": "HFS",
    "PercentPhaseFOV": 100,
    "PhaseEncodingDirection": "j-",
    "PhaseEncodingSteps": 76,
    "PhaseResolution": 1,
    "PixelBandwidth": 1994,
    "ProcedureStepDescription": "RESEARCH_3T_Research",
    "ProtocolName": "EPI",
    "PulseSequenceDetails": "%SiemensSeq%_ep2d_pace",
    "ReceiveCoilName": "32Ch_Head",
    "ReconMatrixPE": 76,
    "RepetitionTime": 3,
    "SAR": 0.177802,
    "ScanOptions": "FS",
    "ScanningSequence": "EP",
    "SequenceName": "_epfid2d1_76",
    "SequenceVariant": "SK",
    "SeriesDescription": "EPI",
    "SeriesNumber": 9,
    "ShimSetting": [
      6846,
      -11362,
      -2088,
      1003,
      -266,
      -68,
      -56,
      58
    ],
    "SliceThickness": 2.5,
    "SliceTiming": [
      0,
      1.53,
      0.0675,
      1.595,
      0.1325,
      1.6625,
      0.2,
      1.7275,
      0.265,
      1.795,
      0.3325,
      1.8625,
      0.4,
      1.9275,
      0.465,
      1.995,
      0.5325,
      2.06,
      0.5975,
      2.1275,
      0.665,
      2.195,
      0.7325,
      2.26,
      0.7975,
      2.3275,
      0.865,
      2.3925,
      0.93,
      2.46,
      0.9975,
      2.5275,
      1.065,
      2.5925,
      1.13,
      2.66,
      1.1975,
      2.725,
      1.2625,
      2.7925,
      1.33,
      2.86,
      1.3975,
      2.925,
      1.4625
    ],
    "SoftwareVersions": "syngo_MR_B17",
    "SpacingBetweenSlices": 2.75,
    "StationName": "mrc_Trio",
    "TaskName": "episodic",
    "TotalReadoutTime": 0.04275,
    "TxRefAmp": 309.847,
    "dataset": "ds001748",
    "modality": "bold",
    "subject_id": "child13",
    "task_id": "episodic"
  },
  "dummy_trs": 0,
  "dvars_nstd": 42.66139337691274,
  "dvars_std": 1.4479097508724832,
  "dvars_vstd": 1.2567740555033564,
  "efc": 0.6073135055209701,
  "fber": 251.93360900878906,
  "fd_mean": 0.2994857122218442,
  "fd_num": 51,
  "fd_perc": 34.0,
  "fwhm_avg": 2.584852606060606,
  "fwhm_x": 2.5178920000000002,
  "fwhm_y": 2.6282039999999998,
  "fwhm_z": 2.608461818181818,
  "gcor": 0.0678204,
  "gsr_x": -0.009990020655095577,
  "gsr_y": 0.04803251102566719,
  "provenance": {
    "md5sum": "c431de2192577890d92d497324fbc249",
    "settings": {
      "fd_thres": 0.2,
      "testing": false
    },
    "software": "mriqc",
    "version": "22.0.0rc1",
    "webapi_port": null,
    "webapi_url": "https://mriqc.nimh.nih.gov/api/v1"
  },
  "size_t": 150,
  "size_x": 76,
  "size_y": 76,
  "size_z": 45,
  "snr": 3.3466833135455163,
  "spacing_tr": 3.0,
  "spacing_x": 2.5,
  "spacing_y": 2.5,
  "spacing_z": 2.75,
  "summary_bg_k": 25.800827079376514,
  "summary_bg_mad": 7.679879944313308,
  "summary_bg_mean": 62.40366744995117,
  "summary_bg_median": 41.546669006347656,
  "summary_bg_n": 144790.0,
  "summary_bg_p05": 35.733333587646484,
  "summary_bg_p95": 163.6369987487792,
  "summary_bg_stdv": 58.549503326416016,
  "summary_fg_k": 1.6015583432601694,
  "summary_fg_mad": 189.9312619886113,
  "summary_fg_mean": 698.7561645507812,
  "summary_fg_median": 670.2000122070312,
  "summary_fg_n": 64063.0,
  "summary_fg_p05": 437.24867248535156,
  "summary_fg_p95": 1069.7667236328125,
  "summary_fg_stdv": 200.25640869140625,
  "tsnr": 35.321491946757305
}