{
  "aor": 0.0028733333333333328,
  "aqi": 0.011518891066666667,
  "bids_meta": {
    "AcquisitionMatrixPE": 76,
    "AcquisitionNumber": 1,
    "AcquisitionTime": "11:43:45.887500",
    "BandwidthPerPixelPhaseEncode": 23.084,
    "BaseResolution": 76,
    "BodyPartExamined": "BRAIN",
    "ConsistencyInfo": "N4_VE11C_LATEST_20160120",
    "ConversionSoftware": "dcm2niix",
    "ConversionSoftwareVersion": "v1.0.20180622 (JP2:OpenJPEG) GCC6.1.0",
    "DerivedVendorReportedEchoSpacing": 0.000570001,
    "DeviceSerialNumber": "167001",
    "DwellTime": 3.3e-06,
    "EchoTime": 0.03,
    "EchoTrainLength": 76,
    "EffectiveEchoSpacing": 0.000570001,
    "FlipAngle": 90,
    "ImageOrientationPatientDICOM": [
      0.999543,
      -0.000375654,
      0.0302322,
      0.00296566,
      0.996319,
      -0.0856713
    ],
    "ImageType": [
      "ORIGINAL",
      "PRIMARY",
      "M",
      "ND",
      "MOSAIC"
    ],
    "InPlanePhaseEncodingDirectionDICOM": "COL",
    "InstitutionAddress": "Cooper_60_St._Lucia_QLD_AU_4072",
    "InstitutionName": "St_Lucia_Campus",
    "InstitutionalDepartmentName": "Gehrmann_Labs_MRI",
    "MRAcquisitionType": "2D",
    "MagneticFieldStrength": 3,
    "Manufacturer": "Siemens",
    "ManufacturersModelName": "Prisma_fit",
    "Modality": "MR",
    "PartialFourier": 1,
    "PatientPosition": "HFS",
    "PercentPhaseFOV": 100,
    "PhaseEncodingDirection": "j-",
    "PhaseEncodingSteps": 76,
    "PhaseResolution": 1,
    "PixelBandwidth": 1995,
    "ProcedureStepDescription": "Research_16004_CMN",
    "ProtocolName": "ep2d_bold_EPI",
    "PulseSequenceDetails": "%SiemensSeq%_ep2d_bold",
    "ReceiveCoilActiveElements": "HC1-7;NC1,2",
    "ReceiveCoilName": "HeadNeck_64",
    "ReconMatrixPE": 76,
    "RepetitionTime": 3,
    "SAR": 0.0801679,
    "ScanOptions": "FS",
    "ScanningSequence": "EP",
    "SequenceName": "_epfid2d1_76",
    "SequenceVariant": "SK",
    "SeriesDescription": "ep2d_bold_EPI",
    "SeriesNumber": 11,
    "ShimSetting": [
      3060,
      -4086,
      -807,
      560,
      9,
      139,
      -58,
      -30
    ],
    "SliceThickness": 2.5,
    "SliceTiming": [
      0,
      1.525,
      0.0675,
      1.59,
      0.1325,
      1.6575,
      0.2,
      1.7225,
      0.265,
      1.79,
      0.3325,
      1.855,
      0.3975,
      1.9225,
      0.465,
      1.9875,
      0.53,
      2.055,
      0.5975,
      2.12,
      0.6625,
      2.185,
      0.73,
      2.2525,
      0.795,
      2.3175,
      0.8625,
      2.385,
      0.9275,
      2.45,
      0.995,
      2.5175,
      1.06,
      2.5825,
      1.1275,
      2.65,
      1.1925,
      2.715,
      1.26,
      2.7825,
      1.325,
      2.8475,
      1.3925,
      2.915,
      1.4575
    ],
    "SoftwareVersions": "syngo_MR_E11",
    "SpacingBetweenSlices": 2.75,
    "StationName": "mrc_Trio",
    "TaskName": "episodic",
    "TotalReadoutTime": 0.04275,
    "TxRefAmp": 217.09,
    "dataset": "ds001748",
    "modality": "bold",
    "subject_id": "teen14",
    "task_id": "episodic"
  },
  "dummy_trs": 0,
  "dvars_nstd": 34.79986513362417,
  "dvars_std": 1.0972090041610738,
  "dvars_vstd": 0.9168696027516775,
  "efc": 0.6106135381417194,
  "fber": 149.40867614746094,
  "fd_mean": 0.2583335355297478,
  "fd_num": 92,
  "fd_perc": 61.333333333333336,
  "fwhm_avg": 2.8092186666666668,
  "fwhm_x": 2.7210159999999997,
  "fwhm_y": 2.9456800000000003,
  "fwhm_z": 2.7609600000000003,
  "gcor": 0.023752,
  "gsr_x": -0.0014802590012550354,
  "gsr_y": 0.04734322801232338,
  "provenance": {
    "md5sum": "fb4c332a9fd54b5b43435dbae2870850",
    "settings": {
      "fd_thres": 0.2,
      "testing": false
    },
    "software": "mriqc",
    "version": "22.0.0rc1",
    "webapi_port": null,
    "webapi_url": "https://mriqc.nimh.nih.gov/api/v1"
  },
  "size_t": 150,
  "size_x": 76,
  "size_y": 76,
  "size_z": 45,
  "snr": 2.6043804560199284,
  "spacing_tr": 3.0,
  "spacing_x": 2.5,
  "spacing_y": 2.5,
  "spacing_z": 2.75,
  "summary_bg_k": 23.744756146003905,
  "summary_bg_mad": 5.960067252752585,
  "summary_bg_mean": 108.19385528564453,
  "summary_bg_median": 67.84000396728516,
  "summary_bg_n": 150727.0,
  "summary_bg_p05": 62.060001373291016,
  "summary_bg_p95": 321.33801574706905,
  "summary_bg_stdv": 111.81851959228516,
  "summary_fg_k": 1.0101798681573566,
  "summary_fg_mad": 296.0658176302114,
  "summary_fg_mean": 901.859619140625,
  "summary_fg_median": 842.433349609375,
  "summary_fg_n": 58531.0,
  "summary_fg_p05": 498.6000061035156,
  "summary_fg_p95": 1537.566650390625,
  "summary_fg_stdv": 323.465087890625,
  "tsnr": 40.922799688298255
}