{
  "aor": 0.0021715333333333334,
  "aqi": 0.011352532933333333,
  "bids_meta": {
    "AcquisitionMatrixPE": 76,
    "AcquisitionNumber": 1,
    "AcquisitionTime": "11:35:46.662500",
    "BandwidthPerPixelPhaseEncode": 23.084,
    "BaseResolution": 76,
    "BodyPartExamined": "BRAIN",
    "ConsistencyInfo": "N4_VE11C_LATEST_20160120",
    "ConversionSoftware": "dcm2niix",
    "ConversionSoftwareVersion": "v1.0.20180622 (JP2:OpenJPEG) GCC6.1.0",
    "DerivedVendorReportedEchoSpacing": 0.000570001,
    "DeviceSerialNumber": "167001",
    "DwellTime": 3.3e-06,
    "EchoTime": 0.03,
    "EchoTrainLength": 76,
    "EffectiveEchoSpacing": 0.000570001,
    "FlipAngle": 90,
    "ImageOrientationPatientDICOM": [
      0.999543,
      -0.000375654,
      0.0302322,
      0.00296566,
      0.996319,
      -0.0856713
    ],
    "ImageType": [
      "ORIGINAL",
      "PRIMARY",
      "M",
      "ND",
      "MOSAIC"
    ],
    "InPlanePhaseEncodingDirectionDICOM": "COL",
    "InstitutionAddress": "Cooper_60_St._Lucia_QLD_AU_4072",
    "InstitutionName": "St_Lucia_Campus",
    "InstitutionalDepartmentName": "Gehrmann_Labs_MRI",
    "MRAcquisitionType": "2D",
    "MagneticFieldStrength": 3,
    "Manufacturer": "Siemens",
    "ManufacturersModelName": "Prisma_fit",
    "Modality": "MR",
    "PartialFourier": 1,
    "PatientPosition": "HFS",
    "PercentPhaseFOV": 100,
    "PhaseEncodingDirection": "j-",
    "PhaseEncodingSteps": 76,
    "PhaseResolution": 1,
    "PixelBandwidth": 1995,
    "ProcedureStepDescription": "Research_16004_CMN",
    "ProtocolName": "ep2d_bold_SEM",
    "PulseSequenceDetails": "%SiemensSeq%_ep2d_bold",
    "ReceiveCoilActiveElements": "HC1-7;NC1,2",
    "ReceiveCoilName": "HeadNeck_64",
    "ReconMatrixPE": 76,
    "RepetitionTime": 3,
    "SAR": 0.0801679,
    "ScanOptions": "FS",
    "ScanningSequence": "EP",
    "SequenceName": "_epfid2d1_76",
    "SequenceVariant": "SK",
    "SeriesDescription": "ep2d_bold_SEM",
    "SeriesNumber": 10,
    "ShimSetting": [
      3060,
      -4086,
      -807,
      560,
      9,
      139,
      -58,
      -30
    ],
    "SliceThickness": 2.5,
    "SliceTiming": [
      0,
      1.525,
      0.0675,
      1.59,
      0.1325,
      1.6575,
      0.2,
      1.7225,
      0.265,
      1.79,
      0.3325,
      1.855,
      0.3975,
      1.9225,
      0.465,
      1.9875,
      0.53,
      2.0525,
      0.5975,
      2.12,
      0.6625,
      2.185,
      0.73,
      2.2525,
      0.795,
      2.3175,
      0.8625,
      2.385,
      0.9275,
      2.45,
      0.995,
      2.5175,
      1.06,
      2.5825,
      1.1275,
      2.65,
      1.1925,
      2.715,
      1.26,
      2.7825,
      1.325,
      2.8475,
      1.3925,
      2.915,
      1.4575
    ],
    "SoftwareVersions": "syngo_MR_E11",
    "SpacingBetweenSlices": 2.75,
    "StationName": "mrc_Trio",
    "TaskName": "semantic",
    "TotalReadoutTime": 0.04275,
    "TxRefAmp": 217.09,
    "dataset": "ds001748",
    "modality": "bold",
    "subject_id": "teen14",
    "task_id": "semantic"
  },
  "dummy_trs": 0,
  "dvars_nstd": 35.0366323457718,
  "dvars_std": 1.0566401828859058,
  "dvars_vstd": 0.906809498456376,
  "efc": 0.6093336765593212,
  "fber": 148.8336181640625,
  "fd_mean": 0.3101536988292379,
  "fd_num": 93,
  "fd_perc": 62.0,
  "fwhm_avg": 2.8038143030303027,
  "fwhm_x": 2.7295000000000003,
  "fwhm_y": 2.943332,
  "fwhm_z": 2.738610909090909,
  "gcor": 0.0292354,
  "gsr_x": -0.00048790761502459645,
  "gsr_y": 0.04484032094478607,
  "provenance": {
    "md5sum": "adf8dd87d1fb4947a3b9b48606114c8f",
    "settings": {
      "fd_thres": 0.2,
      "testing": false
    },
    "software": "mriqc",
    "version": "22.0.0rc1",
    "webapi_port": null,
    "webapi_url": "https://mriqc.nimh.nih.gov/api/v1"
  },
  "size_t": 150,
  "size_x": 76,
  "size_y": 76,
  "size_z": 45,
  "snr": 2.6089904323839552,
  "spacing_tr": 3.0,
  "spacing_x": 2.5,
  "spacing_y": 2.5,
  "spacing_z": 2.75,
  "summary_bg_k": 22.349515323455964,
  "summary_bg_mad": 7.699652196800093,
  "summary_bg_mean": 108.61347198486328,
  "summary_bg_median": 68.586669921875,
  "summary_bg_n": 150683.0,
  "summary_bg_p05": 61.193336486816406,
  "summary_bg_p95": 325.8420013427728,
  "summary_bg_stdv": 111.54772186279297,
  "summary_fg_k": 0.9914653377004812,
  "summary_fg_mad": 298.16122393952026,
  "summary_fg_mean": 905.0419921875,
  "summary_fg_median": 845.9866943359375,
  "summary_fg_n": 58627.0,
  "summary_fg_p05": 500.51268005371094,
  "summary_fg_p95": 1543.18466796875,
  "summary_fg_stdv": 324.2554931640625,
  "tsnr": 39.319511697627604
}