{
  "aor": 0.0037987999999999997,
  "aqi": 0.005571443333333333,
  "bids_meta": {
    "AcquisitionMatrixPE": 76,
    "AcquisitionNumber": 1,
    "AcquisitionTime": "11:27:47.747500",
    "BandwidthPerPixelPhaseEncode": 23.084,
    "BaseResolution": 76,
    "BodyPartExamined": "BRAIN",
    "ConsistencyInfo": "N4_VE11C_LATEST_20160120",
    "ConversionSoftware": "dcm2niix",
    "ConversionSoftwareVersion": "v1.0.20180622 (JP2:OpenJPEG) GCC6.1.0",
    "DerivedVendorReportedEchoSpacing": 0.000570001,
    "DeviceSerialNumber": "167001",
    "DwellTime": 3.3e-06,
    "EchoTime": 0.03,
    "EchoTrainLength": 76,
    "EffectiveEchoSpacing": 0.000570001,
    "FlipAngle": 90,
    "ImageOrientationPatientDICOM": [
      0.999543,
      -0.000375654,
      0.0302322,
      0.00296566,
      0.996319,
      -0.0856713
    ],
    "ImageType": [
      "ORIGINAL",
      "PRIMARY",
      "M",
      "ND",
      "MOSAIC"
    ],
    "InPlanePhaseEncodingDirectionDICOM": "COL",
    "InstitutionAddress": "Cooper_60_St._Lucia_QLD_AU_4072",
    "InstitutionName": "St_Lucia_Campus",
    "InstitutionalDepartmentName": "Gehrmann_Labs_MRI",
    "MRAcquisitionType": "2D",
    "MagneticFieldStrength": 3,
    "Manufacturer": "Siemens",
    "ManufacturersModelName": "Prisma_fit",
    "Modality": "MR",
    "PartialFourier": 1,
    "PatientPosition": "HFS",
    "PercentPhaseFOV": 100,
    "PhaseEncodingDirection": "j-",
    "PhaseEncodingSteps": 76,
    "PhaseResolution": 1,
    "PixelBandwidth": 1995,
    "ProcedureStepDescription": "Research_16004_CMN",
    "ProtocolName": "ep2d_bold_AUTO",
    "PulseSequenceDetails": "%SiemensSeq%_ep2d_bold",
    "ReceiveCoilActiveElements": "HC1-7;NC1,2",
    "ReceiveCoilName": "HeadNeck_64",
    "ReconMatrixPE": 76,
    "RepetitionTime": 3,
    "SAR": 0.0801679,
    "ScanOptions": "FS",
    "ScanningSequence": "EP",
    "SequenceName": "_epfid2d1_76",
    "SequenceVariant": "SK",
    "SeriesDescription": "ep2d_bold_AUTO",
    "SeriesNumber": 9,
    "ShimSetting": [
      3060,
      -4086,
      -807,
      560,
      9,
      139,
      -58,
      -30
    ],
    "SliceThickness": 2.5,
    "SliceTiming": [
      0,
      1.525,
      0.0675,
      1.59,
      0.1325,
      1.6575,
      0.2,
      1.7225,
      0.265,
      1.79,
      0.3325,
      1.855,
      0.3975,
      1.9225,
      0.465,
      1.9875,
      0.53,
      2.055,
      0.5975,
      2.12,
      0.6625,
      2.185,
      0.73,
      2.2525,
      0.795,
      2.3175,
      0.8625,
      2.385,
      0.9275,
      2.45,
      0.995,
      2.5175,
      1.06,
      2.5825,
      1.1275,
      2.65,
      1.1925,
      2.715,
      1.26,
      2.7825,
      1.325,
      2.8475,
      1.3925,
      2.915,
      1.4575
    ],
    "SoftwareVersions": "syngo_MR_E11",
    "SpacingBetweenSlices": 2.75,
    "StationName": "mrc_Trio",
    "TaskName": "autobio",
    "TotalReadoutTime": 0.04275,
    "TxRefAmp": 217.09,
    "dataset": "ds001748",
    "modality": "bold",
    "subject_id": "teen14",
    "task_id": "autobio"
  },
  "dummy_trs": 0,
  "dvars_nstd": 34.0115413537584,
  "dvars_std": 1.1720828242281882,
  "dvars_vstd": 0.9687737627516776,
  "efc": 0.6084534860637532,
  "fber": 149.96458435058594,
  "fd_mean": 0.274621451051465,
  "fd_num": 82,
  "fd_perc": 54.666666666666664,
  "fwhm_avg": 2.800696121212121,
  "fwhm_x": 2.7203,
  "fwhm_y": 2.924512,
  "fwhm_z": 2.7572763636363637,
  "gcor": 0.0261238,
  "gsr_x": -0.0022924537770450115,
  "gsr_y": 0.047359585762023926,
  "provenance": {
    "md5sum": "adac8ba396cdad6f32adff6b09b50e1e",
    "settings": {
      "fd_thres": 0.2,
      "testing": false
    },
    "software": "mriqc",
    "version": "22.0.0rc1",
    "webapi_port": null,
    "webapi_url": "https://mriqc.nimh.nih.gov/api/v1"
  },
  "size_t": 150,
  "size_x": 76,
  "size_y": 76,
  "size_z": 45,
  "snr": 2.5935756031337456,
  "spacing_tr": 3.0,
  "spacing_x": 2.5,
  "spacing_y": 2.5,
  "spacing_z": 2.75,
  "summary_bg_k": 22.789346129704157,
  "summary_bg_mad": 6.770554278673243,
  "summary_bg_mean": 106.5289535522461,
  "summary_bg_median": 67.94667053222656,
  "summary_bg_n": 150737.0,
  "summary_bg_p05": 61.25866851806641,
  "summary_bg_p95": 312.3066711425781,
  "summary_bg_stdv": 107.6889419555664,
  "summary_fg_k": 1.0191876204301984,
  "summary_fg_mad": 298.20067795363576,
  "summary_fg_mean": 901.6439208984375,
  "summary_fg_median": 842.0333251953125,
  "summary_fg_n": 58669.0,
  "summary_fg_p05": 497.2026733398437,
  "summary_fg_p95": 1544.5146728515624,
  "summary_fg_stdv": 324.6584167480469,
  "tsnr": 51.13619280140847
}