{
  "bids_meta": {
    "AcquisitionMatrixPE": 240,
    "AcquisitionNumber": 1,
    "AcquisitionTime": "14:10:55.117500",
    "BaseResolution": 256,
    "ConversionSoftware": "dcm2niix",
    "ConversionSoftwareVersion": "v1.0.20180622 (JP2:OpenJPEG) GCC6.1.0",
    "DeviceSerialNumber": "35410",
    "DwellTime": 8.1e-06,
    "EchoTime": 0.00289,
    "ImageOrientationPatientDICOM": [
      0.0191973,
      0.999816,
      -3.03858e-08,
      0.00348898,
      -6.70216e-05,
      -0.999994
    ],
    "ImageType": [
      "ORIGINAL",
      "PRIMARY",
      "M",
      "ND",
      "UNI"
    ],
    "InPlanePhaseEncodingDirectionDICOM": "ROW",
    "InstitutionAddress": "Cooper_60_St._Lucia_QLD_AU_4072",
    "InstitutionName": "St_Lucia_Campus",
    "InstitutionalDepartmentName": "Gehrmann_Labs_MRI",
    "MRAcquisitionType": "3D",
    "MagneticFieldStrength": 3,
    "Manufacturer": "Siemens",
    "ManufacturersModelName": "TrioTim",
    "Modality": "MR",
    "ParallelReductionFactorInPlane": 3,
    "PartialFourier": 0.75,
    "PatientPosition": "HFS",
    "PercentPhaseFOV": 93.75,
    "PhaseEncodingSteps": 181,
    "PhaseResolution": 1,
    "PixelBandwidth": 241,
    "ProcedureStepDescription": "RESEARCH_3T_Research",
    "ProtocolName": "mp2rage",
    "PulseSequenceDetails": "%CustomerSeq%_mp2rage_wip820B17",
    "ReceiveCoilName": "32Ch_Head",
    "ReconMatrixPE": 256,
    "RepetitionTime": 4,
    "SAR": 0.132383,
    "ScanOptions": "IR_PFP",
    "ScanningSequence": "GR_IR",
    "SequenceName": "tfl3d1_ns",
    "SequenceVariant": "SP_MP",
    "SeriesDescription": "mp2rage_UNI-DEN",
    "SeriesNumber": 4,
    "ShimSetting": [
      6861,
      -11241,
      -2624,
      -31,
      -19,
      31,
      -77,
      20
    ],
    "SliceThickness": 1,
    "SoftwareVersions": "syngo_MR_B17",
    "StationName": "mrc_Trio",
    "TxRefAmp": 306.48,
    "dataset": "ds001748",
    "modality": "T1w",
    "subject_id": "child19"
  },
  "cjv": 0.2887502586277228,
  "cnr": 4.581726344280594,
  "efc": 0.5387894414909603,
  "fber": 3088.8642578125,
  "fwhm_avg": 3.7878005494704152,
  "fwhm_x": 3.950821648411247,
  "fwhm_y": 4.02009,
  "fwhm_z": 3.39249,
  "icvs_csf": 0.16136163895668598,
  "icvs_gm": 0.4628938505343356,
  "icvs_wm": 0.37574451050897845,
  "inu_med": 0.8851922750473022,
  "inu_range": 0.19490195512771602,
  "provenance": {
    "md5sum": "e331ab71f4e5cd0b0b0f599e4fa67f60",
    "settings": {
      "testing": false
    },
    "software": "mriqc",
    "version": "22.0.0rc1",
    "warnings": {
      "large_rot_frame": true,
      "small_air_mask": false
    },
    "webapi_port": null,
    "webapi_url": "https://mriqc.nimh.nih.gov/api/v1"
  },
  "qi_1": 0.0,
  "qi_2": 0.0008423108028004224,
  "rpve_csf": 29.855288106806253,
  "rpve_gm": 12.02443654877371,
  "rpve_wm": 18.083699876733643,
  "size_x": 176,
  "size_y": 240,
  "size_z": 256,
  "snr_csf": 0.788848568618679,
  "snr_gm": 9.00352584497684,
  "snr_total": 13.130122146833806,
  "snr_wm": 29.5979920269059,
  "snrd_csf": 45.87911521087548,
  "snrd_gm": 110.29766080729561,
  "snrd_total": 109.59482607452537,
  "snrd_wm": 172.607702205405,
  "spacing_x": 0.9999995827674866,
  "spacing_y": 1.0,
  "spacing_z": 1.0,
  "summary_bg_k": 45.915418232254765,
  "summary_bg_mad": 3.7955287557228803,
  "summary_bg_mean": 13.04596996307373,
  "summary_bg_median": 12.030285835266113,
  "summary_bg_n": 2615349.0,
  "summary_bg_p05": 7.29075813293457,
  "summary_bg_p95": 21.708430862426763,
  "summary_bg_stdv": 5.409294605255127,
  "summary_csf_k": 2.0148382662745083,
  "summary_csf_mad": 213.86860506760883,
  "summary_csf_mean": 344.8001708984375,
  "summary_csf_median": 265.8003845214844,
  "summary_csf_n": 4508.0,
  "summary_csf_p05": 42.527450752258304,
  "summary_csf_p95": 1223.918115234375,
  "summary_csf_stdv": 336.909912109375,
  "summary_gm_k": -0.21208070347447228,
  "summary_gm_mad": 73.48500159814836,
  "summary_gm_mean": 636.6622924804688,
  "summary_gm_median": 639.0088500976562,
  "summary_gm_n": 38283.0,
  "summary_gm_p05": 518.7446655273437,
  "summary_gm_p95": 749.6080383300781,
  "summary_gm_stdv": 70.97225189208984,
  "summary_wm_k": 0.8243591309842202,
  "summary_wm_mad": 30.751779768152723,
  "summary_wm_mean": 1000.5240478515625,
  "summary_wm_median": 1000.001708984375,
  "summary_wm_n": 175929.0,
  "summary_wm_p05": 946.0971557617188,
  "summary_wm_p95": 1056.8100830078124,
  "summary_wm_stdv": 33.78603744506836,
  "tpm_overlap_csf": 0.17312070727348328,
  "tpm_overlap_gm": 0.45225903391838074,
  "tpm_overlap_wm": 0.5033025741577148,
  "wm2max": 0.7585591817185247
}