{
  "aor": 0.0027375999999999998,
  "aqi": 0.007781908866666667,
  "bids_meta": {
    "AcquisitionMatrixPE": 76,
    "AcquisitionNumber": 1,
    "AcquisitionTime": "14:39:17.957500",
    "BandwidthPerPixelPhaseEncode": 23.084,
    "BaseResolution": 76,
    "ConversionSoftware": "dcm2niix",
    "ConversionSoftwareVersion": "v1.0.20180622 (JP2:OpenJPEG) GCC6.1.0",
    "DerivedVendorReportedEchoSpacing": 0.000570001,
    "DeviceSerialNumber": "35410",
    "DwellTime": 3.3e-06,
    "EchoTime": 0.03,
    "EffectiveEchoSpacing": 0.000570001,
    "FlipAngle": 90,
    "ImageOrientationPatientDICOM": [
      0.999708,
      -0.0206501,
      0.0125883,
      0.0226865,
      0.981077,
      -0.192285
    ],
    "ImageType": [
      "ORIGINAL",
      "PRIMARY",
      "M",
      "ND",
      "MOSAIC"
    ],
    "InPlanePhaseEncodingDirectionDICOM": "COL",
    "InstitutionAddress": "Cooper_60_St._Lucia_QLD_AU_4072",
    "InstitutionName": "St_Lucia_Campus",
    "InstitutionalDepartmentName": "Gehrmann_Labs_MRI",
    "MRAcquisitionType": "2D",
    "MagneticFieldStrength": 3,
    "Manufacturer": "Siemens",
    "ManufacturersModelName": "TrioTim",
    "Modality": "MR",
    "PartialFourier": 1,
    "PatientPosition": "HFS",
    "PercentPhaseFOV": 100,
    "PhaseEncodingDirection": "j-",
    "PhaseEncodingSteps": 76,
    "PhaseResolution": 1,
    "PixelBandwidth": 1994,
    "ProcedureStepDescription": "RESEARCH_3T_Research",
    "ProtocolName": "EPI",
    "PulseSequenceDetails": "%SiemensSeq%_ep2d_pace",
    "ReceiveCoilName": "32Ch_Head",
    "ReconMatrixPE": 76,
    "RepetitionTime": 3,
    "SAR": 0.23844,
    "ScanOptions": "FS",
    "ScanningSequence": "EP",
    "SequenceName": "_epfid2d1_76",
    "SequenceVariant": "SK",
    "SeriesDescription": "EPI",
    "SeriesNumber": 9,
    "ShimSetting": [
      6821,
      -11209,
      -2134,
      498,
      -102,
      287,
      -2,
      76
    ],
    "SliceThickness": 2.5,
    "SliceTiming": [
      0,
      1.53,
      0.0675,
      1.595,
      0.1325,
      1.6625,
      0.2,
      1.7275,
      0.265,
      1.795,
      0.3325,
      1.8625,
      0.4,
      1.9275,
      0.465,
      1.995,
      0.5325,
      2.06,
      0.5975,
      2.1275,
      0.665,
      2.195,
      0.7325,
      2.26,
      0.7975,
      2.3275,
      0.865,
      2.3925,
      0.93,
      2.46,
      0.9975,
      2.525,
      1.0625,
      2.5925,
      1.13,
      2.66,
      1.1975,
      2.725,
      1.2625,
      2.7925,
      1.33,
      2.8575,
      1.395,
      2.925,
      1.4625
    ],
    "SoftwareVersions": "syngo_MR_B17",
    "SpacingBetweenSlices": 2.75,
    "StationName": "mrc_Trio",
    "TaskName": "episodic",
    "TotalReadoutTime": 0.04275,
    "TxRefAmp": 301.251,
    "dataset": "ds001748",
    "modality": "bold",
    "subject_id": "child21",
    "task_id": "episodic"
  },
  "dummy_trs": 0,
  "dvars_nstd": 35.41197721738256,
  "dvars_std": 1.2148623738255033,
  "dvars_vstd": 0.9952498976510068,
  "efc": 0.5963404870542061,
  "fber": 262.29132080078125,
  "fd_mean": 0.21103067070173773,
  "fd_num": 59,
  "fd_perc": 39.333333333333336,
  "fwhm_avg": 2.7297043636363636,
  "fwhm_x": 2.5771,
  "fwhm_y": 2.8173839999999997,
  "fwhm_z": 2.794629090909091,
  "gcor": 0.0166644,
  "gsr_x": -0.01920153759419918,
  "gsr_y": 0.06369511783123016,
  "provenance": {
    "md5sum": "f1ac2c2b0c659f44ea7e64130418fb85",
    "settings": {
      "fd_thres": 0.2,
      "testing": false
    },
    "software": "mriqc",
    "version": "22.0.0rc1",
    "webapi_port": null,
    "webapi_url": "https://mriqc.nimh.nih.gov/api/v1"
  },
  "size_t": 150,
  "size_x": 76,
  "size_y": 76,
  "size_z": 45,
  "snr": 3.114091897367319,
  "spacing_tr": 3.0,
  "spacing_x": 2.5,
  "spacing_y": 2.5,
  "spacing_z": 2.75,
  "summary_bg_k": 39.2747351656435,
  "summary_bg_mad": 4.566417547722996,
  "summary_bg_mean": 55.27245330810547,
  "summary_bg_median": 38.61333465576172,
  "summary_bg_n": 144822.0,
  "summary_bg_p05": 34.78000259399414,
  "summary_bg_p95": 130.7263359069823,
  "summary_bg_stdv": 50.35095977783203,
  "summary_fg_k": 2.819626893644781,
  "summary_fg_mad": 171.9571533423986,
  "summary_fg_mean": 674.3120727539062,
  "summary_fg_median": 635.126708984375,
  "summary_fg_n": 63928.0,
  "summary_fg_p05": 427.3333435058594,
  "summary_fg_p95": 1056.3900024414058,
  "summary_fg_stdv": 203.95086669921875,
  "tsnr": 50.03582115424797
}