{
  "aor": 0.006450666666666667,
  "aqi": 0.007372054733333333,
  "bids_meta": {
    "AcquisitionMatrixPE": 76,
    "AcquisitionNumber": 1,
    "AcquisitionTime": "14:23:10.437500",
    "BandwidthPerPixelPhaseEncode": 23.084,
    "BaseResolution": 76,
    "ConversionSoftware": "dcm2niix",
    "ConversionSoftwareVersion": "v1.0.20180622 (JP2:OpenJPEG) GCC6.1.0",
    "DerivedVendorReportedEchoSpacing": 0.000570001,
    "DeviceSerialNumber": "35410",
    "DwellTime": 3.3e-06,
    "EchoTime": 0.03,
    "EffectiveEchoSpacing": 0.000570001,
    "FlipAngle": 90,
    "ImageOrientationPatientDICOM": [
      0.999708,
      -0.0206501,
      0.0125883,
      0.0226865,
      0.981077,
      -0.192285
    ],
    "ImageType": [
      "ORIGINAL",
      "PRIMARY",
      "M",
      "ND",
      "MOSAIC"
    ],
    "InPlanePhaseEncodingDirectionDICOM": "COL",
    "InstitutionAddress": "Cooper_60_St._Lucia_QLD_AU_4072",
    "InstitutionName": "St_Lucia_Campus",
    "InstitutionalDepartmentName": "Gehrmann_Labs_MRI",
    "MRAcquisitionType": "2D",
    "MagneticFieldStrength": 3,
    "Manufacturer": "Siemens",
    "ManufacturersModelName": "TrioTim",
    "Modality": "MR",
    "PartialFourier": 1,
    "PatientPosition": "HFS",
    "PercentPhaseFOV": 100,
    "PhaseEncodingDirection": "j-",
    "PhaseEncodingSteps": 76,
    "PhaseResolution": 1,
    "PixelBandwidth": 1994,
    "ProcedureStepDescription": "RESEARCH_3T_Research",
    "ProtocolName": "AUTO",
    "PulseSequenceDetails": "%SiemensSeq%_ep2d_pace",
    "ReceiveCoilName": "32Ch_Head",
    "ReconMatrixPE": 76,
    "RepetitionTime": 3,
    "SAR": 0.23844,
    "ScanOptions": "FS",
    "ScanningSequence": "EP",
    "SequenceName": "_epfid2d1_76",
    "SequenceVariant": "SK",
    "SeriesDescription": "AUTO",
    "SeriesNumber": 7,
    "ShimSetting": [
      6821,
      -11209,
      -2134,
      498,
      -102,
      287,
      -2,
      76
    ],
    "SliceThickness": 2.5,
    "SliceTiming": [
      0,
      1.5275,
      0.065,
      1.595,
      0.1325,
      1.6625,
      0.2,
      1.7275,
      0.265,
      1.795,
      0.3325,
      1.86,
      0.3975,
      1.9275,
      0.465,
      1.995,
      0.5325,
      2.06,
      0.5975,
      2.1275,
      0.665,
      2.1925,
      0.73,
      2.26,
      0.7975,
      2.325,
      0.8625,
      2.3925,
      0.93,
      2.46,
      0.9975,
      2.525,
      1.0625,
      2.5925,
      1.13,
      2.6575,
      1.195,
      2.725,
      1.2625,
      2.7925,
      1.33,
      2.8575,
      1.395,
      2.925,
      1.4625
    ],
    "SoftwareVersions": "syngo_MR_B17",
    "SpacingBetweenSlices": 2.75,
    "StationName": "mrc_Trio",
    "TaskName": "autobio",
    "TotalReadoutTime": 0.04275,
    "TxRefAmp": 301.251,
    "dataset": "ds001748",
    "modality": "bold",
    "subject_id": "child21",
    "task_id": "autobio"
  },
  "dummy_trs": 0,
  "dvars_nstd": 36.1579300285906,
  "dvars_std": 1.2904552789932884,
  "dvars_vstd": 1.0498655293959729,
  "efc": 0.5966161779115254,
  "fber": 254.85939025878906,
  "fd_mean": 0.2676895445305506,
  "fd_num": 61,
  "fd_perc": 40.666666666666664,
  "fwhm_avg": 2.7355072727272725,
  "fwhm_x": 2.570556,
  "fwhm_y": 2.817864,
  "fwhm_z": 2.8181018181818183,
  "gcor": 0.00901137,
  "gsr_x": -0.019565235823392868,
  "gsr_y": 0.06338474154472351,
  "provenance": {
    "md5sum": "fded4c834c6b00658d4d2294670a24ae",
    "settings": {
      "fd_thres": 0.2,
      "testing": false
    },
    "software": "mriqc",
    "version": "22.0.0rc1",
    "webapi_port": null,
    "webapi_url": "https://mriqc.nimh.nih.gov/api/v1"
  },
  "size_t": 150,
  "size_x": 76,
  "size_y": 76,
  "size_z": 45,
  "snr": 3.0964848601428274,
  "spacing_tr": 3.0,
  "spacing_x": 2.5,
  "spacing_y": 2.5,
  "spacing_z": 2.75,
  "summary_bg_k": 42.48696830748064,
  "summary_bg_mad": 6.05890589247199,
  "summary_bg_mean": 55.007415771484375,
  "summary_bg_median": 39.10000228881836,
  "summary_bg_n": 144343.0,
  "summary_bg_p05": 33.220001220703125,
  "summary_bg_p95": 130.23800506591786,
  "summary_bg_stdv": 50.51612854003906,
  "summary_fg_k": 2.7984007445771253,
  "summary_fg_mad": 173.41998330841741,
  "summary_fg_mean": 673.8860473632812,
  "summary_fg_median": 634.3533325195312,
  "summary_fg_n": 64232.0,
  "summary_fg_p05": 424.7576675415039,
  "summary_fg_p95": 1058.8687316894525,
  "summary_fg_stdv": 204.86080932617188,
  "tsnr": 49.68951630592346
}