{
  "aor": 0.0020670666666666665,
  "aqi": 0.008132724466666666,
  "bids_meta": {
    "AcquisitionMatrixPE": 76,
    "AcquisitionNumber": 1,
    "AcquisitionTime": "09:51:23.442500",
    "BandwidthPerPixelPhaseEncode": 23.084,
    "BaseResolution": 76,
    "ConversionSoftware": "dcm2niix",
    "ConversionSoftwareVersion": "v1.0.20180622 (JP2:OpenJPEG) GCC6.1.0",
    "DerivedVendorReportedEchoSpacing": 0.000570001,
    "DeviceSerialNumber": "35410",
    "DwellTime": 3.3e-06,
    "EchoTime": 0.03,
    "EffectiveEchoSpacing": 0.000570001,
    "FlipAngle": 90,
    "ImageOrientationPatientDICOM": [
      0.999697,
      -0.0101891,
      0.0224047,
      0.0157045,
      0.96497,
      -0.26189
    ],
    "ImageType": [
      "ORIGINAL",
      "PRIMARY",
      "M",
      "ND",
      "MOSAIC"
    ],
    "InPlanePhaseEncodingDirectionDICOM": "COL",
    "InstitutionAddress": "Cooper_60_St._Lucia_QLD_AU_4072",
    "InstitutionName": "St_Lucia_Campus",
    "InstitutionalDepartmentName": "Gehrmann_Labs_MRI",
    "MRAcquisitionType": "2D",
    "MagneticFieldStrength": 3,
    "Manufacturer": "Siemens",
    "ManufacturersModelName": "TrioTim",
    "Modality": "MR",
    "PartialFourier": 1,
    "PatientPosition": "HFS",
    "PercentPhaseFOV": 100,
    "PhaseEncodingDirection": "j-",
    "PhaseEncodingSteps": 76,
    "PhaseResolution": 1,
    "PixelBandwidth": 1994,
    "ProcedureStepDescription": "Brain_-_UQ_fMRI",
    "ProtocolName": "SEM",
    "PulseSequenceDetails": "%SiemensSeq%_ep2d_pace",
    "ReceiveCoilName": "32Ch_Head",
    "ReconMatrixPE": 76,
    "RepetitionTime": 3,
    "SAR": 0.15467,
    "ScanOptions": "FS",
    "ScanningSequence": "EP",
    "SequenceName": "_epfid2d1_76",
    "SequenceVariant": "SK",
    "SeriesDescription": "SEM",
    "SeriesNumber": 3,
    "ShimSetting": [
      6786,
      -11387,
      -2249,
      734,
      -45,
      -93,
      -158,
      -151
    ],
    "SliceThickness": 2.5,
    "SliceTiming": [
      0,
      1.5275,
      0.065,
      1.595,
      0.1325,
      1.6625,
      0.2,
      1.7275,
      0.265,
      1.795,
      0.3325,
      1.86,
      0.3975,
      1.9275,
      0.465,
      1.995,
      0.5325,
      2.06,
      0.5975,
      2.1275,
      0.665,
      2.1925,
      0.73,
      2.26,
      0.7975,
      2.325,
      0.865,
      2.3925,
      0.93,
      2.46,
      0.9975,
      2.525,
      1.0625,
      2.5925,
      1.13,
      2.6575,
      1.195,
      2.725,
      1.2625,
      2.7925,
      1.33,
      2.8575,
      1.395,
      2.925,
      1.4625
    ],
    "SoftwareVersions": "syngo_MR_B17",
    "SpacingBetweenSlices": 2.75,
    "StationName": "mrc_Trio",
    "TaskName": "semantic",
    "TotalReadoutTime": 0.04275,
    "TxRefAmp": 311.536,
    "dataset": "ds001748",
    "modality": "bold",
    "subject_id": "adult16",
    "task_id": "semantic"
  },
  "dummy_trs": 0,
  "dvars_nstd": 24.39331797134228,
  "dvars_std": 1.035783286510067,
  "dvars_vstd": 0.9588163865100671,
  "efc": 0.6064050853263033,
  "fber": 240.61691284179688,
  "fd_mean": 0.09490857759474984,
  "fd_num": 16,
  "fd_perc": 10.666666666666666,
  "fwhm_avg": 2.3430244848484847,
  "fwhm_x": 2.223652,
  "fwhm_y": 2.4258759999999997,
  "fwhm_z": 2.3795454545454544,
  "gcor": 0.0364701,
  "gsr_x": -0.002863710978999734,
  "gsr_y": 0.06200185790657997,
  "provenance": {
    "md5sum": "3ce66f6f718642433af636f51252bb8f",
    "settings": {
      "fd_thres": 0.2,
      "testing": false
    },
    "software": "mriqc",
    "version": "22.0.0rc1",
    "webapi_port": null,
    "webapi_url": "https://mriqc.nimh.nih.gov/api/v1"
  },
  "size_t": 150,
  "size_x": 76,
  "size_y": 76,
  "size_z": 45,
  "snr": 4.055710711997012,
  "spacing_tr": 3.0,
  "spacing_x": 2.5,
  "spacing_y": 2.5,
  "spacing_z": 2.75,
  "summary_bg_k": 28.541313924945698,
  "summary_bg_mad": 8.450833776617657,
  "summary_bg_mean": 65.8792724609375,
  "summary_bg_median": 38.706668853759766,
  "summary_bg_n": 153439.0,
  "summary_bg_p05": 32.046669006347656,
  "summary_bg_p95": 195.37667083740254,
  "summary_bg_stdv": 75.98267364501953,
  "summary_fg_k": 0.35486274608389357,
  "summary_fg_mad": 144.61303306175654,
  "summary_fg_mean": 627.4453125,
  "summary_fg_median": 608.36669921875,
  "summary_fg_n": 56444.0,
  "summary_fg_p05": 411.9800109863281,
  "summary_fg_p95": 897.3790069580078,
  "summary_fg_stdv": 150.00115966796875,
  "tsnr": 51.84733989299275
}