{
  "aor": 0.002465466666666667,
  "aqi": 0.008292747,
  "bids_meta": {
    "AcquisitionMatrixPE": 76,
    "AcquisitionNumber": 1,
    "AcquisitionTime": "09:42:52.397500",
    "BandwidthPerPixelPhaseEncode": 23.084,
    "BaseResolution": 76,
    "ConversionSoftware": "dcm2niix",
    "ConversionSoftwareVersion": "v1.0.20180622 (JP2:OpenJPEG) GCC6.1.0",
    "DerivedVendorReportedEchoSpacing": 0.000570001,
    "DeviceSerialNumber": "35410",
    "DwellTime": 3.3e-06,
    "EchoTime": 0.03,
    "EffectiveEchoSpacing": 0.000570001,
    "FlipAngle": 90,
    "ImageOrientationPatientDICOM": [
      0.999697,
      -0.0101891,
      0.0224047,
      0.0157045,
      0.96497,
      -0.26189
    ],
    "ImageType": [
      "ORIGINAL",
      "PRIMARY",
      "M",
      "ND",
      "MOSAIC"
    ],
    "InPlanePhaseEncodingDirectionDICOM": "COL",
    "InstitutionAddress": "Cooper_60_St._Lucia_QLD_AU_4072",
    "InstitutionName": "St_Lucia_Campus",
    "InstitutionalDepartmentName": "Gehrmann_Labs_MRI",
    "MRAcquisitionType": "2D",
    "MagneticFieldStrength": 3,
    "Manufacturer": "Siemens",
    "ManufacturersModelName": "TrioTim",
    "Modality": "MR",
    "PartialFourier": 1,
    "PatientPosition": "HFS",
    "PercentPhaseFOV": 100,
    "PhaseEncodingDirection": "j-",
    "PhaseEncodingSteps": 76,
    "PhaseResolution": 1,
    "PixelBandwidth": 1994,
    "ProcedureStepDescription": "Brain_-_UQ_fMRI",
    "ProtocolName": "AUTO",
    "PulseSequenceDetails": "%SiemensSeq%_ep2d_pace",
    "ReceiveCoilName": "32Ch_Head",
    "ReconMatrixPE": 76,
    "RepetitionTime": 3,
    "SAR": 0.15467,
    "ScanOptions": "FS",
    "ScanningSequence": "EP",
    "SequenceName": "_epfid2d1_76",
    "SequenceVariant": "SK",
    "SeriesDescription": "AUTO",
    "SeriesNumber": 2,
    "ShimSetting": [
      6786,
      -11387,
      -2249,
      734,
      -45,
      -93,
      -158,
      -151
    ],
    "SliceThickness": 2.5,
    "SliceTiming": [
      0,
      1.53,
      0.0675,
      1.595,
      0.1325,
      1.6625,
      0.2,
      1.7275,
      0.2675,
      1.795,
      0.3325,
      1.8625,
      0.4,
      1.9275,
      0.465,
      1.995,
      0.5325,
      2.06,
      0.5975,
      2.1275,
      0.665,
      2.195,
      0.7325,
      2.26,
      0.7975,
      2.3275,
      0.865,
      2.3925,
      0.93,
      2.46,
      0.9975,
      2.5275,
      1.065,
      2.5925,
      1.13,
      2.66,
      1.1975,
      2.725,
      1.2625,
      2.7925,
      1.33,
      2.86,
      1.3975,
      2.925,
      1.4625
    ],
    "SoftwareVersions": "syngo_MR_B17",
    "SpacingBetweenSlices": 2.75,
    "StationName": "mrc_Trio",
    "TaskName": "autobio",
    "TotalReadoutTime": 0.04275,
    "TxRefAmp": 311.536,
    "dataset": "ds001748",
    "modality": "bold",
    "subject_id": "adult16",
    "task_id": "autobio"
  },
  "dummy_trs": 0,
  "dvars_nstd": 25.773384350536908,
  "dvars_std": 1.0263986778523495,
  "dvars_vstd": 0.9512947463087246,
  "efc": 0.6069492847909673,
  "fber": 238.4839324951172,
  "fd_mean": 0.10265828867816608,
  "fd_num": 11,
  "fd_perc": 7.333333333333333,
  "fwhm_avg": 2.3425124848484846,
  "fwhm_x": 2.228844,
  "fwhm_y": 2.425828,
  "fwhm_z": 2.3728654545454546,
  "gcor": 0.0249021,
  "gsr_x": -0.002571780001744628,
  "gsr_y": 0.06322130560874939,
  "provenance": {
    "md5sum": "bf2770e0719714c1daa921599ea21646",
    "settings": {
      "fd_thres": 0.2,
      "testing": false
    },
    "software": "mriqc",
    "version": "22.0.0rc1",
    "webapi_port": null,
    "webapi_url": "https://mriqc.nimh.nih.gov/api/v1"
  },
  "size_t": 150,
  "size_x": 76,
  "size_y": 76,
  "size_z": 45,
  "snr": 4.0432650476767575,
  "spacing_tr": 3.0,
  "spacing_x": 2.5,
  "spacing_y": 2.5,
  "spacing_z": 2.75,
  "summary_bg_k": 27.3863411889826,
  "summary_bg_mad": 8.648511056056469,
  "summary_bg_mean": 66.0326156616211,
  "summary_bg_median": 38.833335876464844,
  "summary_bg_n": 153607.0,
  "summary_bg_p05": 32.01333236694336,
  "summary_bg_p95": 195.3100051879877,
  "summary_bg_stdv": 75.6478042602539,
  "summary_fg_k": 0.33657958285623124,
  "summary_fg_mad": 144.74646183197055,
  "summary_fg_mean": 626.9405517578125,
  "summary_fg_median": 607.9300537109375,
  "summary_fg_n": 56430.0,
  "summary_fg_p05": 410.4496795654297,
  "summary_fg_p95": 897.9333618164056,
  "summary_fg_stdv": 150.35488891601562,
  "tsnr": 50.771835785359144
}