{
  "aor": 0.0021983333333333334,
  "aqi": 0.006433585533333334,
  "bids_meta": {
    "AcquisitionMatrixPE": 76,
    "AcquisitionNumber": 1,
    "AcquisitionTime": "09:59:27.687500",
    "BandwidthPerPixelPhaseEncode": 23.084,
    "BaseResolution": 76,
    "ConversionSoftware": "dcm2niix",
    "ConversionSoftwareVersion": "v1.0.20180622 (JP2:OpenJPEG) GCC6.1.0",
    "DerivedVendorReportedEchoSpacing": 0.000570001,
    "DeviceSerialNumber": "35410",
    "DwellTime": 3.3e-06,
    "EchoTime": 0.03,
    "EffectiveEchoSpacing": 0.000570001,
    "FlipAngle": 90,
    "ImageOrientationPatientDICOM": [
      0.999697,
      -0.0101891,
      0.0224047,
      0.0157045,
      0.96497,
      -0.26189
    ],
    "ImageType": [
      "ORIGINAL",
      "PRIMARY",
      "M",
      "ND",
      "MOSAIC"
    ],
    "InPlanePhaseEncodingDirectionDICOM": "COL",
    "InstitutionAddress": "Cooper_60_St._Lucia_QLD_AU_4072",
    "InstitutionName": "St_Lucia_Campus",
    "InstitutionalDepartmentName": "Gehrmann_Labs_MRI",
    "MRAcquisitionType": "2D",
    "MagneticFieldStrength": 3,
    "Manufacturer": "Siemens",
    "ManufacturersModelName": "TrioTim",
    "Modality": "MR",
    "PartialFourier": 1,
    "PatientPosition": "HFS",
    "PercentPhaseFOV": 100,
    "PhaseEncodingDirection": "j-",
    "PhaseEncodingSteps": 76,
    "PhaseResolution": 1,
    "PixelBandwidth": 1994,
    "ProcedureStepDescription": "Brain_-_UQ_fMRI",
    "ProtocolName": "EPI",
    "PulseSequenceDetails": "%SiemensSeq%_ep2d_pace",
    "ReceiveCoilName": "32Ch_Head",
    "ReconMatrixPE": 76,
    "RepetitionTime": 3,
    "SAR": 0.15467,
    "ScanOptions": "FS",
    "ScanningSequence": "EP",
    "SequenceName": "_epfid2d1_76",
    "SequenceVariant": "SK",
    "SeriesDescription": "EPI",
    "SeriesNumber": 4,
    "ShimSetting": [
      6786,
      -11387,
      -2249,
      734,
      -45,
      -93,
      -158,
      -151
    ],
    "SliceThickness": 2.5,
    "SliceTiming": [
      0,
      1.53,
      0.0675,
      1.5975,
      0.135,
      1.6625,
      0.2,
      1.73,
      0.2675,
      1.795,
      0.3325,
      1.8625,
      0.4,
      1.93,
      0.4675,
      1.995,
      0.5325,
      2.0625,
      0.6,
      2.1275,
      0.665,
      2.195,
      0.7325,
      2.26,
      0.8,
      2.3275,
      0.865,
      2.395,
      0.9325,
      2.46,
      0.9975,
      2.5275,
      1.065,
      2.5925,
      1.13,
      2.66,
      1.1975,
      2.7275,
      1.265,
      2.7925,
      1.33,
      2.86,
      1.3975,
      2.925,
      1.4625
    ],
    "SoftwareVersions": "syngo_MR_B17",
    "SpacingBetweenSlices": 2.75,
    "StationName": "mrc_Trio",
    "TaskName": "episodic",
    "TotalReadoutTime": 0.04275,
    "TxRefAmp": 311.536,
    "dataset": "ds001748",
    "modality": "bold",
    "subject_id": "adult16",
    "task_id": "episodic"
  },
  "dummy_trs": 0,
  "dvars_nstd": 23.769644462348992,
  "dvars_std": 1.0716293321476507,
  "dvars_vstd": 0.9779026171140943,
  "efc": 0.6067953081056799,
  "fber": 241.5418243408203,
  "fd_mean": 0.07997442833404554,
  "fd_num": 10,
  "fd_perc": 6.666666666666667,
  "fwhm_avg": 2.3151465454545455,
  "fwhm_x": 2.197564,
  "fwhm_y": 2.385312,
  "fwhm_z": 2.362563636363636,
  "gcor": 0.0467875,
  "gsr_x": -0.004099241923540831,
  "gsr_y": 0.05915605276823044,
  "provenance": {
    "md5sum": "1276ed73713d4078122959a1847977bd",
    "settings": {
      "fd_thres": 0.2,
      "testing": false
    },
    "software": "mriqc",
    "version": "22.0.0rc1",
    "webapi_port": null,
    "webapi_url": "https://mriqc.nimh.nih.gov/api/v1"
  },
  "size_t": 150,
  "size_x": 76,
  "size_y": 76,
  "size_z": 45,
  "snr": 4.049565311350053,
  "spacing_tr": 3.0,
  "spacing_x": 2.5,
  "spacing_y": 2.5,
  "spacing_z": 2.75,
  "summary_bg_k": 25.793722662406644,
  "summary_bg_mad": 8.342109010654859,
  "summary_bg_mean": 65.81512451171875,
  "summary_bg_median": 38.62666702270508,
  "summary_bg_n": 153192.0,
  "summary_bg_p05": 32.21333312988281,
  "summary_bg_p95": 196.89867553710891,
  "summary_bg_stdv": 75.28587341308594,
  "summary_fg_k": 0.4442944722475328,
  "summary_fg_mad": 144.28685876386814,
  "summary_fg_mean": 627.9050903320312,
  "summary_fg_median": 609.280029296875,
  "summary_fg_n": 56501.0,
  "summary_fg_p05": 412.40667724609375,
  "summary_fg_p95": 900.5466918945312,
  "summary_fg_stdv": 150.45433044433594,
  "tsnr": 59.732242699712515
}