{
  "aor": 0.0014386,
  "aqi": 0.0044546164,
  "bids_meta": {
    "AcquisitionMatrixPE": 76,
    "AcquisitionNumber": 1,
    "AcquisitionTime": "09:52:14.117500",
    "BandwidthPerPixelPhaseEncode": 23.084,
    "BaseResolution": 76,
    "ConversionSoftware": "dcm2niix",
    "ConversionSoftwareVersion": "v1.0.20180622 (JP2:OpenJPEG) GCC6.1.0",
    "DerivedVendorReportedEchoSpacing": 0.000570001,
    "DeviceSerialNumber": "35410",
    "DwellTime": 3.3e-06,
    "EchoTime": 0.03,
    "EffectiveEchoSpacing": 0.000570001,
    "FlipAngle": 90,
    "ImageOrientationPatientDICOM": [
      0.999926,
      -0.00463866,
      -0.0112538,
      6.94588e-08,
      0.924544,
      -0.381076
    ],
    "ImageType": [
      "ORIGINAL",
      "PRIMARY",
      "M",
      "ND",
      "MOSAIC"
    ],
    "InPlanePhaseEncodingDirectionDICOM": "COL",
    "InstitutionAddress": "Cooper_60_St._Lucia_QLD_AU_4072",
    "InstitutionName": "St_Lucia_Campus",
    "InstitutionalDepartmentName": "Gehrmann_Labs_MRI",
    "MRAcquisitionType": "2D",
    "MagneticFieldStrength": 3,
    "Manufacturer": "Siemens",
    "ManufacturersModelName": "TrioTim",
    "Modality": "MR",
    "PartialFourier": 1,
    "PatientPosition": "HFS",
    "PercentPhaseFOV": 100,
    "PhaseEncodingDirection": "j-",
    "PhaseEncodingSteps": 76,
    "PhaseResolution": 1,
    "PixelBandwidth": 1994,
    "ProcedureStepDescription": "Brain_-_UQ_fMRI",
    "ProtocolName": "EPI",
    "PulseSequenceDetails": "%SiemensSeq%_ep2d_pace",
    "ReceiveCoilName": "32Ch_Head",
    "ReconMatrixPE": 76,
    "RepetitionTime": 3,
    "SAR": 0.179611,
    "ScanOptions": "FS",
    "ScanningSequence": "EP",
    "SequenceName": "_epfid2d1_76",
    "SequenceVariant": "SK",
    "SeriesDescription": "EPI",
    "SeriesNumber": 4,
    "ShimSetting": [
      6833,
      -11280,
      -2184,
      707,
      102,
      -2,
      -208,
      17
    ],
    "SliceThickness": 2.5,
    "SliceTiming": [
      0,
      1.53,
      0.0675,
      1.595,
      0.1325,
      1.6625,
      0.2,
      1.7275,
      0.265,
      1.795,
      0.3325,
      1.8625,
      0.4,
      1.9275,
      0.465,
      1.995,
      0.5325,
      2.06,
      0.5975,
      2.1275,
      0.665,
      2.195,
      0.7325,
      2.26,
      0.7975,
      2.3275,
      0.865,
      2.3925,
      0.93,
      2.46,
      0.9975,
      2.525,
      1.0625,
      2.5925,
      1.13,
      2.66,
      1.1975,
      2.725,
      1.2625,
      2.7925,
      1.33,
      2.8575,
      1.395,
      2.925,
      1.4625
    ],
    "SoftwareVersions": "syngo_MR_B17",
    "SpacingBetweenSlices": 2.75,
    "StationName": "mrc_Trio",
    "TaskName": "episodic",
    "TotalReadoutTime": 0.04275,
    "TxRefAmp": 345.757,
    "dataset": "ds001748",
    "modality": "bold",
    "subject_id": "adult04",
    "task_id": "episodic"
  },
  "dummy_trs": 0,
  "dvars_nstd": 26.916925942550353,
  "dvars_std": 1.102934937516778,
  "dvars_vstd": 0.979281675436242,
  "efc": 0.6663680772397919,
  "fber": 135.1498565673828,
  "fd_mean": 0.08274127921182359,
  "fd_num": 9,
  "fd_perc": 6.0,
  "fwhm_avg": 2.5614415757575757,
  "fwhm_x": 2.475324,
  "fwhm_y": 2.5932079999999997,
  "fwhm_z": 2.6157927272727273,
  "gcor": 0.0370377,
  "gsr_x": -0.0017405200051143765,
  "gsr_y": 0.08922861516475677,
  "provenance": {
    "md5sum": "627920bc8bc6da174a680a26a21524fa",
    "settings": {
      "fd_thres": 0.2,
      "testing": false
    },
    "software": "mriqc",
    "version": "22.0.0rc1",
    "webapi_port": null,
    "webapi_url": "https://mriqc.nimh.nih.gov/api/v1"
  },
  "size_t": 150,
  "size_x": 76,
  "size_y": 76,
  "size_z": 45,
  "snr": 2.7112397097433876,
  "spacing_tr": 3.0,
  "spacing_x": 2.5,
  "spacing_y": 2.5,
  "spacing_z": 2.75,
  "summary_bg_k": 38.034726210599544,
  "summary_bg_mad": 21.873325786079324,
  "summary_bg_mean": 90.0938949584961,
  "summary_bg_median": 51.4466667175293,
  "summary_bg_n": 124767.0,
  "summary_bg_p05": 35.5533332824707,
  "summary_bg_p95": 273.07534484863265,
  "summary_bg_stdv": 102.7619857788086,
  "summary_fg_k": 2.2860053688325337,
  "summary_fg_mad": 201.67835535078535,
  "summary_fg_mean": 655.9381713867188,
  "summary_fg_median": 609.7999877929688,
  "summary_fg_n": 80194.0,
  "summary_fg_p05": 377.5066833496094,
  "summary_fg_p95": 1074.1090393066406,
  "summary_fg_stdv": 224.91415405273438,
  "tsnr": 54.94811670156196
}