{
  "aor": 0.0014518,
  "aqi": 0.003906666266666667,
  "bids_meta": {
    "AcquisitionMatrixPE": 76,
    "AcquisitionNumber": 1,
    "AcquisitionTime": "09:36:0.930000",
    "BandwidthPerPixelPhaseEncode": 23.084,
    "BaseResolution": 76,
    "ConversionSoftware": "dcm2niix",
    "ConversionSoftwareVersion": "v1.0.20180622 (JP2:OpenJPEG) GCC6.1.0",
    "DerivedVendorReportedEchoSpacing": 0.000570001,
    "DeviceSerialNumber": "35410",
    "DwellTime": 3.3e-06,
    "EchoTime": 0.03,
    "EffectiveEchoSpacing": 0.000570001,
    "FlipAngle": 90,
    "ImageOrientationPatientDICOM": [
      0.999926,
      -0.00463866,
      -0.0112538,
      6.94588e-08,
      0.924544,
      -0.381076
    ],
    "ImageType": [
      "ORIGINAL",
      "PRIMARY",
      "M",
      "ND",
      "MOSAIC"
    ],
    "InPlanePhaseEncodingDirectionDICOM": "COL",
    "InstitutionAddress": "Cooper_60_St._Lucia_QLD_AU_4072",
    "InstitutionName": "St_Lucia_Campus",
    "InstitutionalDepartmentName": "Gehrmann_Labs_MRI",
    "MRAcquisitionType": "2D",
    "MagneticFieldStrength": 3,
    "Manufacturer": "Siemens",
    "ManufacturersModelName": "TrioTim",
    "Modality": "MR",
    "PartialFourier": 1,
    "PatientPosition": "HFS",
    "PercentPhaseFOV": 100,
    "PhaseEncodingDirection": "j-",
    "PhaseEncodingSteps": 76,
    "PhaseResolution": 1,
    "PixelBandwidth": 1994,
    "ProcedureStepDescription": "Brain_-_UQ_fMRI",
    "ProtocolName": "AUTO",
    "PulseSequenceDetails": "%SiemensSeq%_ep2d_pace",
    "ReceiveCoilName": "32Ch_Head",
    "ReconMatrixPE": 76,
    "RepetitionTime": 3,
    "SAR": 0.179611,
    "ScanOptions": "FS",
    "ScanningSequence": "EP",
    "SequenceName": "_epfid2d1_76",
    "SequenceVariant": "SK",
    "SeriesDescription": "AUTO",
    "SeriesNumber": 2,
    "ShimSetting": [
      6833,
      -11280,
      -2184,
      707,
      102,
      -2,
      -208,
      17
    ],
    "SliceThickness": 2.5,
    "SliceTiming": [
      0,
      1.5275,
      0.065,
      1.595,
      0.1325,
      1.6625,
      0.2,
      1.7275,
      0.265,
      1.795,
      0.3325,
      1.86,
      0.3975,
      1.9275,
      0.465,
      1.995,
      0.5325,
      2.06,
      0.5975,
      2.1275,
      0.665,
      2.1925,
      0.73,
      2.26,
      0.7975,
      2.3275,
      0.865,
      2.3925,
      0.93,
      2.46,
      0.9975,
      2.525,
      1.0625,
      2.5925,
      1.13,
      2.6575,
      1.195,
      2.725,
      1.2625,
      2.7925,
      1.33,
      2.8575,
      1.395,
      2.925,
      1.4625
    ],
    "SoftwareVersions": "syngo_MR_B17",
    "SpacingBetweenSlices": 2.75,
    "StationName": "mrc_Trio",
    "TaskName": "autobio",
    "TotalReadoutTime": 0.04275,
    "TxRefAmp": 345.757,
    "dataset": "ds001748",
    "modality": "bold",
    "subject_id": "adult04",
    "task_id": "autobio"
  },
  "dummy_trs": 0,
  "dvars_nstd": 22.36435387140939,
  "dvars_std": 1.070796538993289,
  "dvars_vstd": 0.9846487874496638,
  "efc": 0.663824638962639,
  "fber": 137.4417724609375,
  "fd_mean": 0.04472316234782453,
  "fd_num": 3,
  "fd_perc": 2.0,
  "fwhm_avg": 2.5655625454545454,
  "fwhm_x": 2.4733519999999998,
  "fwhm_y": 2.604172,
  "fwhm_z": 2.6191636363636364,
  "gcor": 0.0364359,
  "gsr_x": -0.0054147797636687756,
  "gsr_y": 0.09196744859218597,
  "provenance": {
    "md5sum": "918c40593347a0be056665f61a8582c6",
    "settings": {
      "fd_thres": 0.2,
      "testing": false
    },
    "software": "mriqc",
    "version": "22.0.0rc1",
    "webapi_port": null,
    "webapi_url": "https://mriqc.nimh.nih.gov/api/v1"
  },
  "size_t": 150,
  "size_x": 76,
  "size_y": 76,
  "size_z": 45,
  "snr": 2.6965127984122312,
  "spacing_tr": 3.0,
  "spacing_x": 2.5,
  "spacing_y": 2.5,
  "spacing_z": 2.75,
  "summary_bg_k": 41.919350366496715,
  "summary_bg_mad": 20.855269698797834,
  "summary_bg_mean": 86.1590805053711,
  "summary_bg_median": 50.32666778564453,
  "summary_bg_n": 124692.0,
  "summary_bg_p05": 35.040000915527344,
  "summary_bg_p95": 255.67167434692354,
  "summary_bg_stdv": 95.39486694335938,
  "summary_fg_k": 2.34911359138807,
  "summary_fg_mad": 200.30445527552803,
  "summary_fg_mean": 649.3243408203125,
  "summary_fg_median": 603.3433837890625,
  "summary_fg_n": 79632.0,
  "summary_fg_p05": 372.6080062866211,
  "summary_fg_p95": 1066.6896667480469,
  "summary_fg_stdv": 223.7480926513672,
  "tsnr": 56.20671850070357
}