{
  "aor": 0.022586133333333334,
  "aqi": 0.0073817478666666665,
  "bids_meta": {
    "AcquisitionMatrixPE": 76,
    "AcquisitionNumber": 1,
    "AcquisitionTime": "09:44:3.710000",
    "BandwidthPerPixelPhaseEncode": 23.084,
    "BaseResolution": 76,
    "ConversionSoftware": "dcm2niix",
    "ConversionSoftwareVersion": "v1.0.20180622 (JP2:OpenJPEG) GCC6.1.0",
    "DerivedVendorReportedEchoSpacing": 0.000570001,
    "DeviceSerialNumber": "35410",
    "DwellTime": 3.3e-06,
    "EchoTime": 0.03,
    "EffectiveEchoSpacing": 0.000570001,
    "FlipAngle": 90,
    "ImageOrientationPatientDICOM": [
      0.999707,
      0.019097,
      -0.0148994,
      -0.0209409,
      0.990564,
      -0.13544
    ],
    "ImageType": [
      "ORIGINAL",
      "PRIMARY",
      "M",
      "ND",
      "MOSAIC"
    ],
    "InPlanePhaseEncodingDirectionDICOM": "COL",
    "InstitutionAddress": "Cooper_60_St._Lucia_QLD_AU_4072",
    "InstitutionName": "St_Lucia_Campus",
    "InstitutionalDepartmentName": "Gehrmann_Labs_MRI",
    "MRAcquisitionType": "2D",
    "MagneticFieldStrength": 3,
    "Manufacturer": "Siemens",
    "ManufacturersModelName": "TrioTim",
    "Modality": "MR",
    "PartialFourier": 1,
    "PatientPosition": "HFS",
    "PercentPhaseFOV": 100,
    "PhaseEncodingDirection": "j-",
    "PhaseEncodingSteps": 76,
    "PhaseResolution": 1,
    "PixelBandwidth": 1994,
    "ProcedureStepDescription": "RESEARCH_3T_Research",
    "ProtocolName": "SEM",
    "PulseSequenceDetails": "%SiemensSeq%_ep2d_pace",
    "ReceiveCoilName": "32Ch_Head",
    "ReconMatrixPE": 76,
    "RepetitionTime": 3,
    "SAR": 0.189753,
    "ScanOptions": "FS",
    "ScanningSequence": "EP",
    "SequenceName": "_epfid2d1_76",
    "SequenceVariant": "SK",
    "SeriesDescription": "SEM",
    "SeriesNumber": 8,
    "ShimSetting": [
      6870,
      -11304,
      -2057,
      874,
      103,
      0,
      194,
      27
    ],
    "SliceThickness": 2.5,
    "SliceTiming": [
      0,
      1.5275,
      0.065,
      1.595,
      0.1325,
      1.6625,
      0.2,
      1.7275,
      0.265,
      1.795,
      0.3325,
      1.86,
      0.3975,
      1.9275,
      0.465,
      1.995,
      0.5325,
      2.06,
      0.5975,
      2.1275,
      0.665,
      2.1925,
      0.73,
      2.26,
      0.7975,
      2.3275,
      0.865,
      2.3925,
      0.93,
      2.46,
      0.9975,
      2.525,
      1.0625,
      2.5925,
      1.13,
      2.6575,
      1.195,
      2.725,
      1.2625,
      2.7925,
      1.33,
      2.8575,
      1.395,
      2.925,
      1.4625
    ],
    "SoftwareVersions": "syngo_MR_B17",
    "SpacingBetweenSlices": 2.75,
    "StationName": "mrc_Trio",
    "TaskName": "semantic",
    "TotalReadoutTime": 0.04275,
    "TxRefAmp": 307.577,
    "dataset": "ds001748",
    "modality": "bold",
    "subject_id": "child07",
    "task_id": "semantic"
  },
  "dummy_trs": 0,
  "dvars_nstd": 46.55027781302014,
  "dvars_std": 1.4000321265771811,
  "dvars_vstd": 1.1902758910738258,
  "efc": 0.6567778915435666,
  "fber": 234.8151092529297,
  "fd_mean": 0.25613762313391963,
  "fd_num": 39,
  "fd_perc": 26.0,
  "fwhm_avg": 2.9420832727272725,
  "fwhm_x": 2.781104,
  "fwhm_y": 3.050124,
  "fwhm_z": 2.9950218181818182,
  "gcor": 0.113684,
  "gsr_x": -0.02600215934216976,
  "gsr_y": 0.07401401549577713,
  "provenance": {
    "md5sum": "8304d77b4891a8d05a74ab5850af4ff1",
    "settings": {
      "fd_thres": 0.2,
      "testing": false
    },
    "software": "mriqc",
    "version": "22.0.0rc1",
    "webapi_port": null,
    "webapi_url": "https://mriqc.nimh.nih.gov/api/v1"
  },
  "size_t": 150,
  "size_x": 76,
  "size_y": 76,
  "size_z": 45,
  "snr": 2.758824267595967,
  "spacing_tr": 3.0,
  "spacing_x": 2.5,
  "spacing_y": 2.5,
  "spacing_z": 2.75,
  "summary_bg_k": 31.45171084217604,
  "summary_bg_mad": 11.228241404754813,
  "summary_bg_mean": 72.3367691040039,
  "summary_bg_median": 46.22666931152344,
  "summary_bg_n": 118264.0,
  "summary_bg_p05": 37.706668853759766,
  "summary_bg_p95": 187.69234390258782,
  "summary_bg_stdv": 73.6362533569336,
  "summary_fg_k": 1.798912460401838,
  "summary_fg_mad": 239.98885911566217,
  "summary_fg_mean": 776.5467529296875,
  "summary_fg_median": 728.163330078125,
  "summary_fg_n": 88170.0,
  "summary_fg_p05": 444.89634857177737,
  "summary_fg_p95": 1279.4436889648437,
  "summary_fg_stdv": 263.938232421875,
  "tsnr": 37.218731888977345
}