{
  "aor": 0.016022266666666667,
  "aqi": 0.007045219266666667,
  "bids_meta": {
    "AcquisitionMatrixPE": 76,
    "AcquisitionNumber": 1,
    "AcquisitionTime": "09:36:7.277500",
    "BandwidthPerPixelPhaseEncode": 23.084,
    "BaseResolution": 76,
    "ConversionSoftware": "dcm2niix",
    "ConversionSoftwareVersion": "v1.0.20180622 (JP2:OpenJPEG) GCC6.1.0",
    "DerivedVendorReportedEchoSpacing": 0.000570001,
    "DeviceSerialNumber": "35410",
    "DwellTime": 3.3e-06,
    "EchoTime": 0.03,
    "EffectiveEchoSpacing": 0.000570001,
    "FlipAngle": 90,
    "ImageOrientationPatientDICOM": [
      0.999707,
      0.019097,
      -0.0148994,
      -0.0209409,
      0.990564,
      -0.13544
    ],
    "ImageType": [
      "ORIGINAL",
      "PRIMARY",
      "M",
      "ND",
      "MOSAIC"
    ],
    "InPlanePhaseEncodingDirectionDICOM": "COL",
    "InstitutionAddress": "Cooper_60_St._Lucia_QLD_AU_4072",
    "InstitutionName": "St_Lucia_Campus",
    "InstitutionalDepartmentName": "Gehrmann_Labs_MRI",
    "MRAcquisitionType": "2D",
    "MagneticFieldStrength": 3,
    "Manufacturer": "Siemens",
    "ManufacturersModelName": "TrioTim",
    "Modality": "MR",
    "PartialFourier": 1,
    "PatientPosition": "HFS",
    "PercentPhaseFOV": 100,
    "PhaseEncodingDirection": "j-",
    "PhaseEncodingSteps": 76,
    "PhaseResolution": 1,
    "PixelBandwidth": 1994,
    "ProcedureStepDescription": "RESEARCH_3T_Research",
    "ProtocolName": "AUTO",
    "PulseSequenceDetails": "%SiemensSeq%_ep2d_pace",
    "ReceiveCoilName": "32Ch_Head",
    "ReconMatrixPE": 76,
    "RepetitionTime": 3,
    "SAR": 0.189753,
    "ScanOptions": "FS",
    "ScanningSequence": "EP",
    "SequenceName": "_epfid2d1_76",
    "SequenceVariant": "SK",
    "SeriesDescription": "AUTO",
    "SeriesNumber": 7,
    "ShimSetting": [
      6870,
      -11304,
      -2057,
      874,
      103,
      0,
      194,
      27
    ],
    "SliceThickness": 2.5,
    "SliceTiming": [
      0,
      1.53,
      0.0675,
      1.595,
      0.1325,
      1.6625,
      0.2,
      1.7275,
      0.265,
      1.795,
      0.3325,
      1.8625,
      0.4,
      1.9275,
      0.465,
      1.995,
      0.5325,
      2.06,
      0.5975,
      2.1275,
      0.665,
      2.195,
      0.7325,
      2.26,
      0.7975,
      2.3275,
      0.865,
      2.3925,
      0.93,
      2.46,
      0.9975,
      2.5275,
      1.065,
      2.5925,
      1.13,
      2.66,
      1.1975,
      2.725,
      1.2625,
      2.7925,
      1.33,
      2.8575,
      1.395,
      2.925,
      1.4625
    ],
    "SoftwareVersions": "syngo_MR_B17",
    "SpacingBetweenSlices": 2.75,
    "StationName": "mrc_Trio",
    "TaskName": "autobio",
    "TotalReadoutTime": 0.04275,
    "TxRefAmp": 307.577,
    "dataset": "ds001748",
    "modality": "bold",
    "subject_id": "child07",
    "task_id": "autobio"
  },
  "dummy_trs": 0,
  "dvars_nstd": 43.703616648255014,
  "dvars_std": 1.2991539293959737,
  "dvars_vstd": 1.1049547954362413,
  "efc": 0.6559049601134809,
  "fber": 234.30323791503906,
  "fd_mean": 0.23275777028481434,
  "fd_num": 32,
  "fd_perc": 21.333333333333332,
  "fwhm_avg": 2.9682922424242424,
  "fwhm_x": 2.7987480000000002,
  "fwhm_y": 3.071096,
  "fwhm_z": 3.035032727272727,
  "gcor": 0.0744869,
  "gsr_x": -0.026294145733118057,
  "gsr_y": 0.07492387294769287,
  "provenance": {
    "md5sum": "1f4df94a5cc5937c3f92c86d41c85ef4",
    "settings": {
      "fd_thres": 0.2,
      "testing": false
    },
    "software": "mriqc",
    "version": "22.0.0rc1",
    "webapi_port": null,
    "webapi_url": "https://mriqc.nimh.nih.gov/api/v1"
  },
  "size_t": 150,
  "size_x": 76,
  "size_y": 76,
  "size_z": 45,
  "snr": 2.7228376178149882,
  "spacing_tr": 3.0,
  "spacing_x": 2.5,
  "spacing_y": 2.5,
  "spacing_z": 2.75,
  "summary_bg_k": 32.282667588307916,
  "summary_bg_mad": 11.307313447666063,
  "summary_bg_mean": 72.56147003173828,
  "summary_bg_median": 46.22666931152344,
  "summary_bg_n": 118561.0,
  "summary_bg_p05": 37.79999923706055,
  "summary_bg_p95": 189.61334228515625,
  "summary_bg_stdv": 74.40756225585938,
  "summary_fg_k": 1.823575196260502,
  "summary_fg_mad": 242.30664670866102,
  "summary_fg_mean": 777.5303344726562,
  "summary_fg_median": 727.913330078125,
  "summary_fg_n": 87903.0,
  "summary_fg_p05": 442.0813507080078,
  "summary_fg_p95": 1287.1587036132812,
  "summary_fg_stdv": 267.33477783203125,
  "tsnr": 40.1081472216174
}