{
  "bids_meta": {
    "AcquisitionMatrixPE": 240,
    "AcquisitionNumber": 1,
    "AcquisitionTime": "14:06:33.177500",
    "BaseResolution": 256,
    "ConversionSoftware": "dcm2niix",
    "ConversionSoftwareVersion": "v1.0.20180622 (JP2:OpenJPEG) GCC6.1.0",
    "DeviceSerialNumber": "35410",
    "DwellTime": 8.1e-06,
    "EchoTime": 0.00289,
    "ImageOrientationPatientDICOM": [
      0.0261768,
      0.999657,
      -9.21482e-09,
      0.00348844,
      -9.13567e-05,
      -0.999994
    ],
    "ImageType": [
      "ORIGINAL",
      "PRIMARY",
      "M",
      "ND",
      "UNI"
    ],
    "InPlanePhaseEncodingDirectionDICOM": "ROW",
    "InstitutionAddress": "Cooper_60_St._Lucia_QLD_AU_4072",
    "InstitutionName": "St_Lucia_Campus",
    "InstitutionalDepartmentName": "Gehrmann_Labs_MRI",
    "MRAcquisitionType": "3D",
    "MagneticFieldStrength": 3,
    "Manufacturer": "Siemens",
    "ManufacturersModelName": "TrioTim",
    "Modality": "MR",
    "ParallelReductionFactorInPlane": 3,
    "PartialFourier": 0.75,
    "PatientPosition": "HFS",
    "PercentPhaseFOV": 93.75,
    "PhaseEncodingSteps": 181,
    "PhaseResolution": 1,
    "PixelBandwidth": 241,
    "ProcedureStepDescription": "RESEARCH_3T_Research",
    "ProtocolName": "mp2rage",
    "PulseSequenceDetails": "%CustomerSeq%_mp2rage_wip820B17",
    "ReceiveCoilName": "32Ch_Head",
    "ReconMatrixPE": 256,
    "RepetitionTime": 4,
    "SAR": 0.137827,
    "ScanOptions": "IR_PFP",
    "ScanningSequence": "GR_IR",
    "SequenceName": "tfl3d1_ns",
    "SequenceVariant": "SP_MP",
    "SeriesDescription": "mp2rage_UNI-DEN",
    "SeriesNumber": 3,
    "ShimSetting": [
      6819,
      -11271,
      -2615,
      -89,
      20,
      1,
      -123,
      4
    ],
    "SliceThickness": 1,
    "SoftwareVersions": "syngo_MR_B17",
    "StationName": "mrc_Trio",
    "TxRefAmp": 307.898,
    "dataset": "ds001748",
    "modality": "T1w",
    "subject_id": "child05"
  },
  "cjv": 0.2891883460372368,
  "cnr": 4.518377430524695,
  "efc": 0.5162776679576825,
  "fber": 3083.381103515625,
  "fwhm_avg": 3.8405460027275935,
  "fwhm_x": 3.9516180081827805,
  "fwhm_y": 4.16785,
  "fwhm_z": 3.40217,
  "icvs_csf": 0.2029794897777605,
  "icvs_gm": 0.4251567167782415,
  "icvs_wm": 0.371863793443998,
  "inu_med": 0.9256382584571838,
  "inu_range": 0.2336157679557801,
  "provenance": {
    "md5sum": "155908e0fb376d1db058dc36a72102fc",
    "settings": {
      "testing": false
    },
    "software": "mriqc",
    "version": "22.0.0rc1",
    "warnings": {
      "large_rot_frame": true,
      "small_air_mask": false
    },
    "webapi_port": null,
    "webapi_url": "https://mriqc.nimh.nih.gov/api/v1"
  },
  "qi_1": 0.0,
  "qi_2": 0.001828741744596417,
  "rpve_csf": 22.68401522480778,
  "rpve_gm": 11.586255331409587,
  "rpve_wm": 17.41234447402469,
  "size_x": 176,
  "size_y": 240,
  "size_z": 256,
  "snr_csf": 2.1509667159122317,
  "snr_gm": 8.910528834605365,
  "snr_total": 13.511536533791448,
  "snr_wm": 29.473114050856747,
  "snrd_csf": 56.96196158162363,
  "snrd_gm": 122.38210386583947,
  "snrd_total": 123.4811745683535,
  "snrd_wm": 191.0994582575974,
  "spacing_x": 0.9999979734420776,
  "spacing_y": 1.0,
  "spacing_z": 1.0,
  "summary_bg_k": 20.360417172152122,
  "summary_bg_mad": 3.428290696189218,
  "summary_bg_mean": 11.833001136779785,
  "summary_bg_median": 11.097570419311523,
  "summary_bg_n": 2744566.0,
  "summary_bg_p05": 6.77414345741272,
  "summary_bg_p95": 19.273186683654785,
  "summary_bg_stdv": 4.1387248039245605,
  "summary_csf_k": -1.1134172638716884,
  "summary_csf_mad": 157.50750525874147,
  "summary_csf_mean": 272.4320983886719,
  "summary_csf_median": 298.0786437988281,
  "summary_csf_n": 4800.0,
  "summary_csf_p05": 46.52601776123047,
  "summary_csf_p95": 467.0742858886719,
  "summary_csf_stdv": 138.56448364257812,
  "summary_gm_k": -0.1119666244850781,
  "summary_gm_mad": 73.10285870454794,
  "summary_gm_mean": 636.5991821289062,
  "summary_gm_median": 640.41845703125,
  "summary_gm_n": 24476.0,
  "summary_gm_p05": 513.1551513671875,
  "summary_gm_p95": 748.4786224365234,
  "summary_gm_stdv": 71.87063598632812,
  "summary_wm_k": 0.8879159758507567,
  "summary_wm_mad": 30.887516055247353,
  "summary_wm_mean": 999.0615234375,
  "summary_wm_median": 1000.0123901367188,
  "summary_wm_n": 187733.0,
  "summary_wm_p05": 941.7078369140625,
  "summary_wm_p95": 1052.7626220703125,
  "summary_wm_stdv": 33.92955780029297,
  "tpm_overlap_csf": 0.1673734337091446,
  "tpm_overlap_gm": 0.43512028455734253,
  "tpm_overlap_wm": 0.49857527017593384,
  "wm2max": 0.7485062045880527
}