{
  "bids_meta": {
    "AcquisitionMatrixPE": 240,
    "AcquisitionNumber": 1,
    "AcquisitionTime": "17:08:34.120000",
    "BaseResolution": 256,
    "ConversionSoftware": "dcm2niix",
    "ConversionSoftwareVersion": "v1.0.20180622 (JP2:OpenJPEG) GCC6.1.0",
    "DeviceSerialNumber": "35410",
    "DwellTime": 8.1e-06,
    "EchoTime": 0.00289,
    "ImageOrientationPatientDICOM": [
      1.13846e-05,
      1,
      9.9012e-09,
      0.0122102,
      -1.29108e-07,
      -0.999925
    ],
    "ImageType": [
      "ORIGINAL",
      "PRIMARY",
      "M",
      "ND",
      "UNI"
    ],
    "InPlanePhaseEncodingDirectionDICOM": "ROW",
    "InstitutionAddress": "Cooper_60_St._Lucia_QLD_AU_4072",
    "InstitutionName": "St_Lucia_Campus",
    "InstitutionalDepartmentName": "Gehrmann_Labs_MRI",
    "MRAcquisitionType": "3D",
    "MagneticFieldStrength": 3,
    "Manufacturer": "Siemens",
    "ManufacturersModelName": "TrioTim",
    "Modality": "MR",
    "ParallelReductionFactorInPlane": 3,
    "PartialFourier": 0.75,
    "PatientPosition": "HFS",
    "PercentPhaseFOV": 93.75,
    "PhaseEncodingSteps": 181,
    "PhaseResolution": 1,
    "PixelBandwidth": 241,
    "ProcedureStepDescription": "Brain_-_UQ_fMRI",
    "ProtocolName": "mp2rage",
    "PulseSequenceDetails": "%CustomerSeq%_mp2rage_wip820B17",
    "ReceiveCoilName": "32Ch_Head",
    "ReconMatrixPE": 256,
    "RepetitionTime": 4,
    "SAR": 0.139429,
    "ScanOptions": "IR_PFP",
    "ScanningSequence": "GR_IR",
    "SequenceName": "tfl3d1_ns",
    "SequenceVariant": "SP_MP",
    "SeriesDescription": "mp2rage_UNI-DEN",
    "SeriesNumber": 7,
    "ShimSetting": [
      6819,
      -11271,
      -2615,
      -89,
      20,
      1,
      -123,
      4
    ],
    "SliceThickness": 1,
    "SoftwareVersions": "syngo_MR_B17",
    "StationName": "mrc_Trio",
    "TxRefAmp": 338.584,
    "dataset": "ds001748",
    "modality": "T1w",
    "subject_id": "adult21"
  },
  "cjv": 0.31681829954260377,
  "cnr": 3.89421596385158,
  "efc": 0.5474987533743674,
  "fber": 3937.39306640625,
  "fwhm_avg": 3.5972093043610918,
  "fwhm_x": 3.736547728439996,
  "fwhm_y": 3.95728,
  "fwhm_z": 3.0978001846432797,
  "icvs_csf": 0.23925353817590483,
  "icvs_gm": 0.3807437023886509,
  "icvs_wm": 0.38000275943544426,
  "inu_med": 0.8156952261924744,
  "inu_range": 0.16635427772998812,
  "provenance": {
    "md5sum": "b337068de7e5d1204b3da28b60de363d",
    "settings": {
      "testing": false
    },
    "software": "mriqc",
    "version": "22.0.0rc1",
    "warnings": {
      "large_rot_frame": true,
      "small_air_mask": false
    },
    "webapi_port": null,
    "webapi_url": "https://mriqc.nimh.nih.gov/api/v1"
  },
  "qi_1": 8.397328424199876e-05,
  "qi_2": 0.0008974706811346109,
  "rpve_csf": 23.363398524524705,
  "rpve_gm": 14.187331274201242,
  "rpve_wm": 19.45123115823286,
  "size_x": 176,
  "size_y": 240,
  "size_z": 256,
  "snr_csf": 3.927821098482159,
  "snr_gm": 10.532615237107605,
  "snr_total": 15.705317943296345,
  "snr_wm": 32.655517494299275,
  "snrd_csf": 79.42907633407889,
  "snrd_gm": 144.3705795284371,
  "snrd_total": 142.295131786113,
  "snrd_wm": 203.08573949582296,
  "spacing_x": 1.0000059604644775,
  "spacing_y": 1.0,
  "spacing_z": 0.9999999403953552,
  "summary_bg_k": 27.582595337254105,
  "summary_bg_mad": 3.2259679837165587,
  "summary_bg_mean": 11.180215835571289,
  "summary_bg_median": 10.335186004638672,
  "summary_bg_n": 2563931.0,
  "summary_bg_p05": 6.327001571655273,
  "summary_bg_p95": 18.60997772216797,
  "summary_bg_stdv": 4.37003755569458,
  "summary_csf_k": 0.642666623992755,
  "summary_csf_mad": 91.16858934454955,
  "summary_csf_mean": 382.0549011230469,
  "summary_csf_median": 391.1180419921875,
  "summary_csf_n": 5311.0,
  "summary_csf_p05": 195.10452270507812,
  "summary_csf_p95": 523.8221130371094,
  "summary_csf_stdv": 99.56696319580078,
  "summary_gm_k": 0.4696494432061611,
  "summary_gm_mad": 62.3269810992505,
  "summary_gm_mean": 707.4085083007812,
  "summary_gm_median": 710.8975830078125,
  "summary_gm_n": 13666.0,
  "summary_gm_p05": 587.8255767822266,
  "summary_gm_p95": 812.5244445800781,
  "summary_gm_stdv": 67.4924087524414,
  "summary_wm_k": 0.4872571406944468,
  "summary_wm_mad": 29.271620802814827,
  "summary_wm_mean": 999.9987182617188,
  "summary_wm_median": 1000.0178833007812,
  "summary_wm_n": 176820.0,
  "summary_wm_p05": 949.7061889648437,
  "summary_wm_p95": 1049.8429077148437,
  "summary_wm_stdv": 30.623157501220703,
  "tpm_overlap_csf": 0.1417960226535797,
  "tpm_overlap_gm": 0.39894941449165344,
  "tpm_overlap_wm": 0.5058505535125732,
  "wm2max": 0.7202435058810777
}