{
  "aor": 0.0271192,
  "aqi": 0.009426820533333333,
  "bids_meta": {
    "AcquisitionMatrixPE": 76,
    "AcquisitionNumber": 1,
    "AcquisitionTime": "09:52:4.920000",
    "BandwidthPerPixelPhaseEncode": 23.084,
    "BaseResolution": 76,
    "ConversionSoftware": "dcm2niix",
    "ConversionSoftwareVersion": "v1.0.20180622 (JP2:OpenJPEG) GCC6.1.0",
    "DerivedVendorReportedEchoSpacing": 0.000570001,
    "DeviceSerialNumber": "35410",
    "DwellTime": 3.3e-06,
    "EchoTime": 0.03,
    "EffectiveEchoSpacing": 0.000570001,
    "FlipAngle": 90,
    "ImageOrientationPatientDICOM": [
      0.999707,
      0.019097,
      -0.0148994,
      -0.0209409,
      0.990564,
      -0.13544
    ],
    "ImageType": [
      "ORIGINAL",
      "PRIMARY",
      "M",
      "ND",
      "MOSAIC"
    ],
    "InPlanePhaseEncodingDirectionDICOM": "COL",
    "InstitutionAddress": "Cooper_60_St._Lucia_QLD_AU_4072",
    "InstitutionName": "St_Lucia_Campus",
    "InstitutionalDepartmentName": "Gehrmann_Labs_MRI",
    "MRAcquisitionType": "2D",
    "MagneticFieldStrength": 3,
    "Manufacturer": "Siemens",
    "ManufacturersModelName": "TrioTim",
    "Modality": "MR",
    "PartialFourier": 1,
    "PatientPosition": "HFS",
    "PercentPhaseFOV": 100,
    "PhaseEncodingDirection": "j-",
    "PhaseEncodingSteps": 76,
    "PhaseResolution": 1,
    "PixelBandwidth": 1994,
    "ProcedureStepDescription": "RESEARCH_3T_Research",
    "ProtocolName": "EPI",
    "PulseSequenceDetails": "%SiemensSeq%_ep2d_pace",
    "ReceiveCoilName": "32Ch_Head",
    "ReconMatrixPE": 76,
    "RepetitionTime": 3,
    "SAR": 0.189753,
    "ScanOptions": "FS",
    "ScanningSequence": "EP",
    "SequenceName": "_epfid2d1_76",
    "SequenceVariant": "SK",
    "SeriesDescription": "EPI",
    "SeriesNumber": 9,
    "ShimSetting": [
      6870,
      -11304,
      -2057,
      874,
      103,
      0,
      194,
      27
    ],
    "SliceThickness": 2.5,
    "SliceTiming": [
      0,
      1.53,
      0.0675,
      1.595,
      0.1325,
      1.6625,
      0.2,
      1.7275,
      0.265,
      1.795,
      0.3325,
      1.8625,
      0.4,
      1.9275,
      0.465,
      1.995,
      0.5325,
      2.06,
      0.5975,
      2.1275,
      0.665,
      2.195,
      0.7325,
      2.26,
      0.7975,
      2.3275,
      0.865,
      2.3925,
      0.93,
      2.46,
      0.9975,
      2.5275,
      1.065,
      2.5925,
      1.13,
      2.66,
      1.1975,
      2.725,
      1.2625,
      2.7925,
      1.33,
      2.8575,
      1.395,
      2.925,
      1.4625
    ],
    "SoftwareVersions": "syngo_MR_B17",
    "SpacingBetweenSlices": 2.75,
    "StationName": "mrc_Trio",
    "TaskName": "episodic",
    "TotalReadoutTime": 0.04275,
    "TxRefAmp": 307.577,
    "dataset": "ds001748",
    "modality": "bold",
    "subject_id": "child07",
    "task_id": "episodic"
  },
  "dummy_trs": 0,
  "dvars_nstd": 54.1805178367785,
  "dvars_std": 1.4012477477852356,
  "dvars_vstd": 1.2235098437583891,
  "efc": 0.6578658295798481,
  "fber": 231.29962158203125,
  "fd_mean": 0.35951919854125924,
  "fd_num": 63,
  "fd_perc": 42.0,
  "fwhm_avg": 2.960732484848485,
  "fwhm_x": 2.797988,
  "fwhm_y": 3.068504,
  "fwhm_z": 3.0157054545454542,
  "gcor": 0.107913,
  "gsr_x": -0.02622166834771633,
  "gsr_y": 0.07464400678873062,
  "provenance": {
    "md5sum": "55cd0942b8079669b150fb56d9498c60",
    "settings": {
      "fd_thres": 0.2,
      "testing": false
    },
    "software": "mriqc",
    "version": "22.0.0rc1",
    "webapi_port": null,
    "webapi_url": "https://mriqc.nimh.nih.gov/api/v1"
  },
  "size_t": 150,
  "size_x": 76,
  "size_y": 76,
  "size_z": 45,
  "snr": 2.763124860536387,
  "spacing_tr": 3.0,
  "spacing_x": 2.5,
  "spacing_y": 2.5,
  "spacing_z": 2.75,
  "summary_bg_k": 30.90661461058682,
  "summary_bg_mad": 11.228241404754813,
  "summary_bg_mean": 72.56907653808594,
  "summary_bg_median": 46.37333297729492,
  "summary_bg_n": 118164.0,
  "summary_bg_p05": 38.0,
  "summary_bg_p95": 188.6380012512206,
  "summary_bg_stdv": 73.51517486572266,
  "summary_fg_k": 1.7267434015287328,
  "summary_fg_mad": 238.72370642908217,
  "summary_fg_mean": 773.282470703125,
  "summary_fg_median": 725.0899658203125,
  "summary_fg_n": 88204.0,
  "summary_fg_p05": 442.9943450927734,
  "summary_fg_p95": 1273.7590209960938,
  "summary_fg_stdv": 262.4151611328125,
  "tsnr": 32.48946101218462
}