{
  "aor": 0.001032266666666667,
  "aqi": 0.0031236041333333334,
  "bids_meta": {
    "AcquisitionMatrixPE": 76,
    "AcquisitionNumber": 1,
    "AcquisitionTime": "14:14:48.095000",
    "BandwidthPerPixelPhaseEncode": 23.084,
    "BaseResolution": 76,
    "ConversionSoftware": "dcm2niix",
    "ConversionSoftwareVersion": "v1.0.20180622 (JP2:OpenJPEG) GCC6.1.0",
    "DerivedVendorReportedEchoSpacing": 0.000570001,
    "DeviceSerialNumber": "35410",
    "DwellTime": 3.3e-06,
    "EchoTime": 0.03,
    "EffectiveEchoSpacing": 0.000570001,
    "FlipAngle": 90,
    "ImageOrientationPatientDICOM": [
      0.999181,
      0.0231235,
      -0.0331945,
      -0.029655,
      0.976774,
      -0.21221
    ],
    "ImageType": [
      "ORIGINAL",
      "PRIMARY",
      "M",
      "ND",
      "MOSAIC"
    ],
    "InPlanePhaseEncodingDirectionDICOM": "COL",
    "InstitutionAddress": "Cooper_60_St._Lucia_QLD_AU_4072",
    "InstitutionName": "St_Lucia_Campus",
    "InstitutionalDepartmentName": "Gehrmann_Labs_MRI",
    "MRAcquisitionType": "2D",
    "MagneticFieldStrength": 3,
    "Manufacturer": "Siemens",
    "ManufacturersModelName": "TrioTim",
    "Modality": "MR",
    "PartialFourier": 1,
    "PatientPosition": "HFS",
    "PercentPhaseFOV": 100,
    "PhaseEncodingDirection": "j-",
    "PhaseEncodingSteps": 76,
    "PhaseResolution": 1,
    "PixelBandwidth": 1994,
    "ProcedureStepDescription": "Brain_-_UQ_fMRI",
    "ProtocolName": "SEM",
    "PulseSequenceDetails": "%SiemensSeq%_ep2d_pace",
    "ReceiveCoilName": "32Ch_Head",
    "ReconMatrixPE": 76,
    "RepetitionTime": 3,
    "SAR": 0.193362,
    "ScanOptions": "FS",
    "ScanningSequence": "EP",
    "SequenceName": "_epfid2d1_76",
    "SequenceVariant": "SK",
    "SeriesDescription": "SEM",
    "SeriesNumber": 3,
    "ShimSetting": [
      6766,
      -11377,
      -2166,
      743,
      5,
      -42,
      -39,
      -1
    ],
    "SliceThickness": 2.5,
    "SliceTiming": [
      0,
      1.5275,
      0.065,
      1.595,
      0.1325,
      1.66,
      0.1975,
      1.7275,
      0.265,
      1.795,
      0.3325,
      1.86,
      0.3975,
      1.9275,
      0.465,
      1.9925,
      0.53,
      2.06,
      0.5975,
      2.125,
      0.6625,
      2.1925,
      0.73,
      2.26,
      0.7975,
      2.325,
      0.8625,
      2.3925,
      0.93,
      2.4575,
      0.995,
      2.525,
      1.0625,
      2.5925,
      1.13,
      2.6575,
      1.195,
      2.725,
      1.2625,
      2.79,
      1.3275,
      2.8575,
      1.395,
      2.925,
      1.4625
    ],
    "SoftwareVersions": "syngo_MR_B17",
    "SpacingBetweenSlices": 2.75,
    "StationName": "mrc_Trio",
    "TaskName": "semantic",
    "TotalReadoutTime": 0.04275,
    "TxRefAmp": 319.944,
    "dataset": "ds001748",
    "modality": "bold",
    "subject_id": "adult10",
    "task_id": "semantic"
  },
  "dummy_trs": 0,
  "dvars_nstd": 24.194845852483223,
  "dvars_std": 1.175442487315436,
  "dvars_vstd": 1.0137805688590602,
  "efc": 0.6179814896064538,
  "fber": 221.42562866210938,
  "fd_mean": 0.06774593156648831,
  "fd_num": 1,
  "fd_perc": 0.6666666666666666,
  "fwhm_avg": 2.6365769696969696,
  "fwhm_x": 2.599872,
  "fwhm_y": 2.647888,
  "fwhm_z": 2.6619709090909094,
  "gcor": 0.0317913,
  "gsr_x": -0.017152829095721245,
  "gsr_y": 0.0791444256901741,
  "provenance": {
    "md5sum": "2b6d57ecfc0de2ca604cd655452290d5",
    "settings": {
      "fd_thres": 0.2,
      "testing": false
    },
    "software": "mriqc",
    "version": "22.0.0rc1",
    "webapi_port": null,
    "webapi_url": "https://mriqc.nimh.nih.gov/api/v1"
  },
  "size_t": 150,
  "size_x": 76,
  "size_y": 76,
  "size_z": 45,
  "snr": 2.7995295132867146,
  "spacing_tr": 3.0,
  "spacing_x": 2.5,
  "spacing_y": 2.5,
  "spacing_z": 2.75,
  "summary_bg_k": 40.473255007602155,
  "summary_bg_mad": 9.755525312492603,
  "summary_bg_mean": 66.9686050415039,
  "summary_bg_median": 41.06666946411133,
  "summary_bg_n": 138186.0,
  "summary_bg_p05": 33.98666763305664,
  "summary_bg_p95": 182.13000106811523,
  "summary_bg_stdv": 75.5218276977539,
  "summary_fg_k": 4.5345657722169745,
  "summary_fg_mad": 183.81799371315793,
  "summary_fg_mean": 667.1465454101562,
  "summary_fg_median": 621.3499755859375,
  "summary_fg_n": 69858.0,
  "summary_fg_p05": 398.29233703613284,
  "summary_fg_p95": 1070.3266540527336,
  "summary_fg_stdv": 221.9464111328125,
  "tsnr": 70.03086082125083
}