{
  "aor": 0.004671733333333334,
  "aqi": 0.005693509266666666,
  "bids_meta": {
    "AcquisitionMatrixPE": 76,
    "AcquisitionNumber": 1,
    "AcquisitionTime": "11:59:8.180000",
    "BandwidthPerPixelPhaseEncode": 23.084,
    "BaseResolution": 76,
    "ConversionSoftware": "dcm2niix",
    "ConversionSoftwareVersion": "v1.0.20180622 (JP2:OpenJPEG) GCC6.1.0",
    "DerivedVendorReportedEchoSpacing": 0.000570001,
    "DeviceSerialNumber": "35410",
    "DwellTime": 3.3e-06,
    "EchoTime": 0.03,
    "EffectiveEchoSpacing": 0.000570001,
    "FlipAngle": 90,
    "ImageOrientationPatientDICOM": [
      0.999519,
      -0.021489,
      0.0223739,
      0.0261734,
      0.971314,
      -0.236355
    ],
    "ImageType": [
      "ORIGINAL",
      "PRIMARY",
      "M",
      "ND",
      "MOSAIC"
    ],
    "InPlanePhaseEncodingDirectionDICOM": "COL",
    "InstitutionAddress": "Cooper_60_St._Lucia_QLD_AU_4072",
    "InstitutionName": "St_Lucia_Campus",
    "InstitutionalDepartmentName": "Gehrmann_Labs_MRI",
    "MRAcquisitionType": "2D",
    "MagneticFieldStrength": 3,
    "Manufacturer": "Siemens",
    "ManufacturersModelName": "TrioTim",
    "Modality": "MR",
    "PartialFourier": 1,
    "PatientPosition": "HFS",
    "PercentPhaseFOV": 100,
    "PhaseEncodingDirection": "j-",
    "PhaseEncodingSteps": 76,
    "PhaseResolution": 1,
    "PixelBandwidth": 1994,
    "ProcedureStepDescription": "Brain_-_UQ_fMRI",
    "ProtocolName": "SEM",
    "PulseSequenceDetails": "%SiemensSeq%_ep2d_pace",
    "ReceiveCoilName": "32Ch_Head",
    "ReconMatrixPE": 76,
    "RepetitionTime": 3,
    "SAR": 0.171759,
    "ScanOptions": "FS",
    "ScanningSequence": "EP",
    "SequenceName": "_epfid2d1_76",
    "SequenceVariant": "SK",
    "SeriesDescription": "SEM",
    "SeriesNumber": 3,
    "ShimSetting": [
      6834,
      -11396,
      -2166,
      1006,
      34,
      -70,
      -181,
      29
    ],
    "SliceThickness": 2.5,
    "SliceTiming": [
      0,
      1.5275,
      0.065,
      1.595,
      0.1325,
      1.66,
      0.1975,
      1.7275,
      0.265,
      1.795,
      0.3325,
      1.86,
      0.3975,
      1.9275,
      0.465,
      1.9925,
      0.53,
      2.06,
      0.5975,
      2.1275,
      0.665,
      2.1925,
      0.73,
      2.26,
      0.7975,
      2.325,
      0.8625,
      2.3925,
      0.93,
      2.46,
      0.9975,
      2.525,
      1.0625,
      2.5925,
      1.13,
      2.6575,
      1.195,
      2.725,
      1.2625,
      2.79,
      1.3275,
      2.8575,
      1.395,
      2.925,
      1.4625
    ],
    "SoftwareVersions": "syngo_MR_B17",
    "SpacingBetweenSlices": 2.75,
    "StationName": "mrc_Trio",
    "TaskName": "semantic",
    "TotalReadoutTime": 0.04275,
    "TxRefAmp": 314.469,
    "dataset": "ds001748",
    "modality": "bold",
    "subject_id": "adult02",
    "task_id": "semantic"
  },
  "dummy_trs": 0,
  "dvars_nstd": 29.67313783120804,
  "dvars_std": 1.2142407372483222,
  "dvars_vstd": 1.0272738706040272,
  "efc": 0.6080927604393531,
  "fber": 224.8016815185547,
  "fd_mean": 0.12035933586104224,
  "fd_num": 19,
  "fd_perc": 12.666666666666666,
  "fwhm_avg": 2.3705299393939394,
  "fwhm_x": 2.289428,
  "fwhm_y": 2.43294,
  "fwhm_z": 2.3892218181818183,
  "gcor": 0.0242027,
  "gsr_x": -0.011489443480968475,
  "gsr_y": 0.06719272583723068,
  "provenance": {
    "md5sum": "cd5cff1e9cbd881ff31b30e6c9ad5021",
    "settings": {
      "fd_thres": 0.2,
      "testing": false
    },
    "software": "mriqc",
    "version": "22.0.0rc1",
    "webapi_port": null,
    "webapi_url": "https://mriqc.nimh.nih.gov/api/v1"
  },
  "size_t": 150,
  "size_x": 76,
  "size_y": 76,
  "size_z": 45,
  "snr": 3.5179403402415663,
  "spacing_tr": 3.0,
  "spacing_x": 2.5,
  "spacing_y": 2.5,
  "spacing_z": 2.75,
  "summary_bg_k": 34.439418710005,
  "summary_bg_mad": 7.314172452808604,
  "summary_bg_mean": 63.568359375,
  "summary_bg_median": 37.09333419799805,
  "summary_bg_n": 150824.0,
  "summary_bg_p05": 30.893333435058594,
  "summary_bg_p95": 192.04934387207047,
  "summary_bg_stdv": 74.98690795898438,
  "summary_fg_k": 0.9865563167554727,
  "summary_fg_mad": 146.76282437676127,
  "summary_fg_mean": 592.3056030273438,
  "summary_fg_median": 564.9366455078125,
  "summary_fg_n": 58964.0,
  "summary_fg_p05": 375.72200164794924,
  "summary_fg_p95": 889.6663452148437,
  "summary_fg_stdv": 160.58596801757812,
  "tsnr": 56.10633611306548
}