{
  "aor": 0.005201999999999999,
  "aqi": 0.010141516866666667,
  "bids_meta": {
    "AcquisitionMatrixPE": 76,
    "AcquisitionNumber": 1,
    "AcquisitionTime": "11:50:27.367500",
    "BandwidthPerPixelPhaseEncode": 23.084,
    "BaseResolution": 76,
    "ConversionSoftware": "dcm2niix",
    "ConversionSoftwareVersion": "v1.0.20180622 (JP2:OpenJPEG) GCC6.1.0",
    "DerivedVendorReportedEchoSpacing": 0.000570001,
    "DeviceSerialNumber": "35410",
    "DwellTime": 3.3e-06,
    "EchoTime": 0.03,
    "EffectiveEchoSpacing": 0.000570001,
    "FlipAngle": 90,
    "ImageOrientationPatientDICOM": [
      0.999519,
      -0.021489,
      0.0223739,
      0.0261734,
      0.971314,
      -0.236355
    ],
    "ImageType": [
      "ORIGINAL",
      "PRIMARY",
      "M",
      "ND",
      "MOSAIC"
    ],
    "InPlanePhaseEncodingDirectionDICOM": "COL",
    "InstitutionAddress": "Cooper_60_St._Lucia_QLD_AU_4072",
    "InstitutionName": "St_Lucia_Campus",
    "InstitutionalDepartmentName": "Gehrmann_Labs_MRI",
    "MRAcquisitionType": "2D",
    "MagneticFieldStrength": 3,
    "Manufacturer": "Siemens",
    "ManufacturersModelName": "TrioTim",
    "Modality": "MR",
    "PartialFourier": 1,
    "PatientPosition": "HFS",
    "PercentPhaseFOV": 100,
    "PhaseEncodingDirection": "j-",
    "PhaseEncodingSteps": 76,
    "PhaseResolution": 1,
    "PixelBandwidth": 1994,
    "ProcedureStepDescription": "Brain_-_UQ_fMRI",
    "ProtocolName": "AUTO",
    "PulseSequenceDetails": "%SiemensSeq%_ep2d_pace",
    "ReceiveCoilName": "32Ch_Head",
    "ReconMatrixPE": 76,
    "RepetitionTime": 3,
    "SAR": 0.171759,
    "ScanOptions": "FS",
    "ScanningSequence": "EP",
    "SequenceName": "_epfid2d1_76",
    "SequenceVariant": "SK",
    "SeriesDescription": "AUTO",
    "SeriesNumber": 2,
    "ShimSetting": [
      6834,
      -11396,
      -2166,
      1006,
      34,
      -70,
      -181,
      29
    ],
    "SliceThickness": 2.5,
    "SliceTiming": [
      0,
      1.53,
      0.0675,
      1.595,
      0.1325,
      1.6625,
      0.2,
      1.73,
      0.2675,
      1.795,
      0.3325,
      1.8625,
      0.4,
      1.9275,
      0.465,
      1.995,
      0.5325,
      2.06,
      0.6,
      2.1275,
      0.665,
      2.195,
      0.7325,
      2.26,
      0.7975,
      2.3275,
      0.865,
      2.3925,
      0.93,
      2.46,
      0.9975,
      2.5275,
      1.065,
      2.5925,
      1.13,
      2.66,
      1.1975,
      2.725,
      1.2625,
      2.7925,
      1.33,
      2.86,
      1.3975,
      2.925,
      1.4625
    ],
    "SoftwareVersions": "syngo_MR_B17",
    "SpacingBetweenSlices": 2.75,
    "StationName": "mrc_Trio",
    "TaskName": "autobio",
    "TotalReadoutTime": 0.04275,
    "TxRefAmp": 314.469,
    "dataset": "ds001748",
    "modality": "bold",
    "subject_id": "adult02",
    "task_id": "autobio"
  },
  "dummy_trs": 0,
  "dvars_nstd": 29.122760491275162,
  "dvars_std": 1.1414368163087254,
  "dvars_vstd": 0.9766224189261749,
  "efc": 0.6092033590504212,
  "fber": 222.41522216796875,
  "fd_mean": 0.12403516585124869,
  "fd_num": 20,
  "fd_perc": 13.333333333333334,
  "fwhm_avg": 2.4129636363636364,
  "fwhm_x": 2.328992,
  "fwhm_y": 2.471048,
  "fwhm_z": 2.438850909090909,
  "gcor": 0.0111813,
  "gsr_x": -0.01409779954701662,
  "gsr_y": 0.07004595547914505,
  "provenance": {
    "md5sum": "fd31c3de08dcdfdcb5ca24a75a9c2534",
    "settings": {
      "fd_thres": 0.2,
      "testing": false
    },
    "software": "mriqc",
    "version": "22.0.0rc1",
    "webapi_port": null,
    "webapi_url": "https://mriqc.nimh.nih.gov/api/v1"
  },
  "size_t": 150,
  "size_x": 76,
  "size_y": 76,
  "size_z": 45,
  "snr": 3.5010895786544745,
  "spacing_tr": 3.0,
  "spacing_x": 2.5,
  "spacing_y": 2.5,
  "spacing_z": 2.75,
  "summary_bg_k": 39.35544524234916,
  "summary_bg_mad": 7.33393904961676,
  "summary_bg_mean": 62.80241775512695,
  "summary_bg_median": 37.233333587646484,
  "summary_bg_n": 149898.0,
  "summary_bg_p05": 31.240001678466797,
  "summary_bg_p95": 186.02100448608394,
  "summary_bg_stdv": 72.66100311279297,
  "summary_fg_k": 0.9755842501600855,
  "summary_fg_mad": 147.29653945761737,
  "summary_fg_mean": 591.7233276367188,
  "summary_fg_median": 563.9300537109375,
  "summary_fg_n": 59050.0,
  "summary_fg_p05": 373.1163360595703,
  "summary_fg_p95": 891.6110137939452,
  "summary_fg_stdv": 161.0713653564453,
  "tsnr": 43.68566778395325
}