{
  "aor": 0.0017606666666666667,
  "aqi": 0.003789299666666667,
  "bids_meta": {
    "AcquisitionMatrixPE": 76,
    "AcquisitionNumber": 1,
    "AcquisitionTime": "12:07:21.777500",
    "BandwidthPerPixelPhaseEncode": 23.084,
    "BaseResolution": 76,
    "ConversionSoftware": "dcm2niix",
    "ConversionSoftwareVersion": "v1.0.20180622 (JP2:OpenJPEG) GCC6.1.0",
    "DerivedVendorReportedEchoSpacing": 0.000570001,
    "DeviceSerialNumber": "35410",
    "DwellTime": 3.3e-06,
    "EchoTime": 0.03,
    "EffectiveEchoSpacing": 0.000570001,
    "FlipAngle": 90,
    "ImageOrientationPatientDICOM": [
      0.999519,
      -0.021489,
      0.0223739,
      0.0261734,
      0.971314,
      -0.236355
    ],
    "ImageType": [
      "ORIGINAL",
      "PRIMARY",
      "M",
      "ND",
      "MOSAIC"
    ],
    "InPlanePhaseEncodingDirectionDICOM": "COL",
    "InstitutionAddress": "Cooper_60_St._Lucia_QLD_AU_4072",
    "InstitutionName": "St_Lucia_Campus",
    "InstitutionalDepartmentName": "Gehrmann_Labs_MRI",
    "MRAcquisitionType": "2D",
    "MagneticFieldStrength": 3,
    "Manufacturer": "Siemens",
    "ManufacturersModelName": "TrioTim",
    "Modality": "MR",
    "PartialFourier": 1,
    "PatientPosition": "HFS",
    "PercentPhaseFOV": 100,
    "PhaseEncodingDirection": "j-",
    "PhaseEncodingSteps": 76,
    "PhaseResolution": 1,
    "PixelBandwidth": 1994,
    "ProcedureStepDescription": "Brain_-_UQ_fMRI",
    "ProtocolName": "EPI",
    "PulseSequenceDetails": "%SiemensSeq%_ep2d_pace",
    "ReceiveCoilName": "32Ch_Head",
    "ReconMatrixPE": 76,
    "RepetitionTime": 3,
    "SAR": 0.171759,
    "ScanOptions": "FS",
    "ScanningSequence": "EP",
    "SequenceName": "_epfid2d1_76",
    "SequenceVariant": "SK",
    "SeriesDescription": "EPI",
    "SeriesNumber": 4,
    "ShimSetting": [
      6834,
      -11396,
      -2166,
      1006,
      34,
      -70,
      -181,
      29
    ],
    "SliceThickness": 2.5,
    "SliceTiming": [
      0,
      1.53,
      0.0675,
      1.5975,
      0.135,
      1.6625,
      0.2,
      1.73,
      0.2675,
      1.795,
      0.3325,
      1.8625,
      0.4,
      1.93,
      0.4675,
      1.995,
      0.5325,
      2.0625,
      0.6,
      2.1275,
      0.665,
      2.195,
      0.7325,
      2.2625,
      0.8,
      2.3275,
      0.865,
      2.395,
      0.9325,
      2.46,
      0.9975,
      2.5275,
      1.065,
      2.5925,
      1.1325,
      2.66,
      1.1975,
      2.7275,
      1.265,
      2.7925,
      1.33,
      2.86,
      1.3975,
      2.925,
      1.4625
    ],
    "SoftwareVersions": "syngo_MR_B17",
    "SpacingBetweenSlices": 2.75,
    "StationName": "mrc_Trio",
    "TaskName": "episodic",
    "TotalReadoutTime": 0.04275,
    "TxRefAmp": 314.469,
    "dataset": "ds001748",
    "modality": "bold",
    "subject_id": "adult02",
    "task_id": "episodic"
  },
  "dummy_trs": 0,
  "dvars_nstd": 28.526328400939587,
  "dvars_std": 1.2422915779194632,
  "dvars_vstd": 1.020568842214765,
  "efc": 0.6082230779482531,
  "fber": 229.28541564941406,
  "fd_mean": 0.08402903223334784,
  "fd_num": 10,
  "fd_perc": 6.666666666666667,
  "fwhm_avg": 2.3610110303030303,
  "fwhm_x": 2.271068,
  "fwhm_y": 2.406896,
  "fwhm_z": 2.405069090909091,
  "gcor": 0.0295659,
  "gsr_x": -0.010915313847362995,
  "gsr_y": 0.06670911610126495,
  "provenance": {
    "md5sum": "4f73861b45b185ee54653f08a6dd6c7c",
    "settings": {
      "fd_thres": 0.2,
      "testing": false
    },
    "software": "mriqc",
    "version": "22.0.0rc1",
    "webapi_port": null,
    "webapi_url": "https://mriqc.nimh.nih.gov/api/v1"
  },
  "size_t": 150,
  "size_x": 76,
  "size_y": 76,
  "size_z": 45,
  "snr": 3.49972570446712,
  "spacing_tr": 3.0,
  "spacing_x": 2.5,
  "spacing_y": 2.5,
  "spacing_z": 2.75,
  "summary_bg_k": 34.20921502694169,
  "summary_bg_mad": 5.969947723317348,
  "summary_bg_mean": 63.1663932800293,
  "summary_bg_median": 36.706668853759766,
  "summary_bg_n": 150776.0,
  "summary_bg_p05": 32.28666687011719,
  "summary_bg_p95": 191.2700080871582,
  "summary_bg_stdv": 74.22376251220703,
  "summary_fg_k": 0.9864294430631642,
  "summary_fg_mad": 147.18283769446109,
  "summary_fg_mean": 592.114501953125,
  "summary_fg_median": 564.0266723632812,
  "summary_fg_n": 59033.0,
  "summary_fg_p05": 375.6213439941406,
  "summary_fg_p95": 890.4053466796875,
  "summary_fg_stdv": 161.1617431640625,
  "tsnr": 69.654204597231
}