{
  "aor": 0.010298389261744968,
  "aqi": 0.007668304362416107,
  "bids_meta": {
    "AcquisitionMatrixPE": 76,
    "AcquisitionNumber": 1,
    "AcquisitionTime": "11:29:51.537500",
    "BandwidthPerPixelPhaseEncode": 23.084,
    "BaseResolution": 76,
    "BodyPartExamined": "BRAIN",
    "ConsistencyInfo": "N4_VE11C_LATEST_20160120",
    "ConversionSoftware": "dcm2niix",
    "ConversionSoftwareVersion": "v1.0.20180622 (JP2:OpenJPEG) GCC6.1.0",
    "DerivedVendorReportedEchoSpacing": 0.000570001,
    "DeviceSerialNumber": "167001",
    "DwellTime": 3.3e-06,
    "EchoTime": 0.03,
    "EchoTrainLength": 76,
    "EffectiveEchoSpacing": 0.000570001,
    "FlipAngle": 90,
    "ImageOrientationPatientDICOM": [
      0.99582,
      -0.0216933,
      0.0887221,
      0.0300772,
      0.995091,
      -0.094279
    ],
    "ImageType": [
      "ORIGINAL",
      "PRIMARY",
      "M",
      "ND",
      "MOSAIC"
    ],
    "InPlanePhaseEncodingDirectionDICOM": "COL",
    "InstitutionAddress": "Cooper_60_St._Lucia_QLD_AU_4072",
    "InstitutionName": "St_Lucia_Campus",
    "InstitutionalDepartmentName": "Gehrmann_Labs_MRI",
    "MRAcquisitionType": "2D",
    "MagneticFieldStrength": 3,
    "Manufacturer": "Siemens",
    "ManufacturersModelName": "Prisma_fit",
    "Modality": "MR",
    "PartialFourier": 1,
    "PatientPosition": "HFS",
    "PercentPhaseFOV": 100,
    "PhaseEncodingDirection": "j-",
    "PhaseEncodingSteps": 76,
    "PhaseResolution": 1,
    "PixelBandwidth": 1995,
    "ProcedureStepDescription": "Research_16004_CMN",
    "ProtocolName": "ep2d_bold_EPI",
    "PulseSequenceDetails": "%SiemensSeq%_ep2d_bold",
    "ReceiveCoilActiveElements": "HC1-7;NC1,2",
    "ReceiveCoilName": "HeadNeck_64",
    "ReconMatrixPE": 76,
    "RepetitionTime": 3,
    "SAR": 0.0692261,
    "ScanOptions": "FS",
    "ScanningSequence": "EP",
    "SequenceName": "_epfid2d1_76",
    "SequenceVariant": "SK",
    "SeriesDescription": "ep2d_bold_EPI",
    "SeriesNumber": 11,
    "ShimSetting": [
      3070,
      -4095,
      -777,
      536,
      40,
      24,
      -82,
      7
    ],
    "SliceThickness": 2.5,
    "SliceTiming": [
      0,
      1.5225,
      0.0675,
      1.59,
      0.1325,
      1.655,
      0.2,
      1.7225,
      0.265,
      1.7875,
      0.3325,
      1.855,
      0.3975,
      1.92,
      0.465,
      1.9875,
      0.53,
      2.0525,
      0.5975,
      2.12,
      0.6625,
      2.185,
      0.73,
      2.2525,
      0.795,
      2.3175,
      0.8625,
      2.385,
      0.9275,
      2.45,
      0.995,
      2.5175,
      1.06,
      2.5825,
      1.1275,
      2.65,
      1.1925,
      2.715,
      1.26,
      2.7825,
      1.325,
      2.8475,
      1.39,
      2.915,
      1.4575
    ],
    "SoftwareVersions": "syngo_MR_E11",
    "SpacingBetweenSlices": 2.75,
    "StationName": "mrc_Trio",
    "TaskName": "episodic",
    "TotalReadoutTime": 0.04275,
    "TxRefAmp": 214.267,
    "dataset": "ds001748",
    "modality": "bold",
    "subject_id": "teen13",
    "task_id": "episodic"
  },
  "dummy_trs": 1,
  "dvars_nstd": 29.226144223783773,
  "dvars_std": 1.2949497785810815,
  "dvars_vstd": 1.0217587721621626,
  "efc": 0.614348961060403,
  "fber": 149.41497802734375,
  "fd_mean": 0.12898549792675384,
  "fd_num": 22,
  "fd_perc": 14.765100671140939,
  "fwhm_avg": 3.2038501818181815,
  "fwhm_x": 2.9667079999999997,
  "fwhm_y": 3.365748,
  "fwhm_z": 3.2790945454545453,
  "gcor": 0.022595,
  "gsr_x": -0.011368920095264912,
  "gsr_y": 0.07015905529260635,
  "provenance": {
    "md5sum": "582aebf5d4a309a12a2ba303c1bce239",
    "settings": {
      "fd_thres": 0.2,
      "testing": false
    },
    "software": "mriqc",
    "version": "22.0.0rc1",
    "webapi_port": null,
    "webapi_url": "https://mriqc.nimh.nih.gov/api/v1"
  },
  "size_t": 149,
  "size_x": 76,
  "size_y": 76,
  "size_z": 45,
  "snr": 2.357618429418213,
  "spacing_tr": 3.0,
  "spacing_x": 2.5,
  "spacing_y": 2.5,
  "spacing_z": 2.75,
  "summary_bg_k": 21.58093798989625,
  "summary_bg_mad": 9.771248099081063,
  "summary_bg_mean": 114.88383483886719,
  "summary_bg_median": 69.79194641113281,
  "summary_bg_n": 143512.0,
  "summary_bg_p05": 60.37583923339844,
  "summary_bg_p95": 335.1275329589844,
  "summary_bg_stdv": 123.77599334716797,
  "summary_fg_k": 1.9865182528936662,
  "summary_fg_mad": 329.48599182092846,
  "summary_fg_mean": 957.7778930664062,
  "summary_fg_median": 886.1207885742188,
  "summary_fg_n": 61937.0,
  "summary_fg_p05": 499.1463073730469,
  "summary_fg_p95": 1698.9328613281248,
  "summary_fg_stdv": 375.8511657714844,
  "tsnr": 47.60122922924347
}