{
  "aor": 0.010092800000000002,
  "aqi": 0.005051570333333332,
  "bids_meta": {
    "AcquisitionMatrixPE": 76,
    "AcquisitionNumber": 1,
    "AcquisitionTime": "14:09:50.862500",
    "BandwidthPerPixelPhaseEncode": 23.084,
    "BaseResolution": 76,
    "BodyPartExamined": "BRAIN",
    "ConsistencyInfo": "N4_VE11C_LATEST_20160120",
    "ConversionSoftware": "dcm2niix",
    "ConversionSoftwareVersion": "v1.0.20180622 (JP2:OpenJPEG) GCC6.1.0",
    "DerivedVendorReportedEchoSpacing": 0.000570001,
    "DeviceSerialNumber": "167001",
    "DwellTime": 3.3e-06,
    "EchoTime": 0.03,
    "EchoTrainLength": 76,
    "EffectiveEchoSpacing": 0.000570001,
    "FlipAngle": 90,
    "ImageOrientationPatientDICOM": [
      0.997723,
      -0.0647597,
      -0.018858,
      0.0639953,
      0.997201,
      -0.0386555
    ],
    "ImageType": [
      "ORIGINAL",
      "PRIMARY",
      "M",
      "ND",
      "MOSAIC"
    ],
    "InPlanePhaseEncodingDirectionDICOM": "COL",
    "InstitutionAddress": "Cooper_60_St._Lucia_QLD_AU_4072",
    "InstitutionName": "St_Lucia_Campus",
    "InstitutionalDepartmentName": "Gehrmann_Labs_MRI",
    "MRAcquisitionType": "2D",
    "MagneticFieldStrength": 3,
    "Manufacturer": "Siemens",
    "ManufacturersModelName": "Prisma_fit",
    "Modality": "MR",
    "PartialFourier": 1,
    "PatientPosition": "HFS",
    "PercentPhaseFOV": 100,
    "PhaseEncodingDirection": "j-",
    "PhaseEncodingSteps": 76,
    "PhaseResolution": 1,
    "PixelBandwidth": 1995,
    "ProcedureStepDescription": "Research_16004_CMN",
    "ProtocolName": "ep2d_bold_AUTO",
    "PulseSequenceDetails": "%SiemensSeq%_ep2d_bold",
    "ReceiveCoilActiveElements": "HC1-7;NC1,2",
    "ReceiveCoilName": "HeadNeck_64",
    "ReconMatrixPE": 76,
    "RepetitionTime": 3,
    "SAR": 0.0700011,
    "ScanOptions": "FS",
    "ScanningSequence": "EP",
    "SequenceName": "_epfid2d1_76",
    "SequenceVariant": "SK",
    "SeriesDescription": "ep2d_bold_AUTO",
    "SeriesNumber": 9,
    "ShimSetting": [
      3025,
      -4068,
      -791,
      568,
      -21,
      92,
      5,
      28
    ],
    "SliceThickness": 2.5,
    "SliceTiming": [
      0,
      1.5225,
      0.065,
      1.59,
      0.1325,
      1.655,
      0.1975,
      1.72,
      0.265,
      1.7875,
      0.33,
      1.8525,
      0.3975,
      1.92,
      0.4625,
      1.985,
      0.53,
      2.0525,
      0.595,
      2.1175,
      0.6625,
      2.185,
      0.7275,
      2.25,
      0.795,
      2.3175,
      0.86,
      2.3825,
      0.9275,
      2.45,
      0.9925,
      2.515,
      1.06,
      2.5825,
      1.125,
      2.6475,
      1.1925,
      2.715,
      1.2575,
      2.78,
      1.325,
      2.8475,
      1.39,
      2.9125,
      1.4575
    ],
    "SoftwareVersions": "syngo_MR_E11",
    "SpacingBetweenSlices": 2.75,
    "StationName": "mrc_Trio",
    "TaskName": "autobio",
    "TotalReadoutTime": 0.04275,
    "TxRefAmp": 212.154,
    "dataset": "ds001748",
    "modality": "bold",
    "subject_id": "teen10",
    "task_id": "autobio"
  },
  "dummy_trs": 0,
  "dvars_nstd": 36.70309663261745,
  "dvars_std": 1.4207142296644293,
  "dvars_vstd": 1.0794288672483225,
  "efc": 0.626286590265754,
  "fber": 162.8540496826172,
  "fd_mean": 0.11794221742999558,
  "fd_num": 12,
  "fd_perc": 8.0,
  "fwhm_avg": 3.0126098181818186,
  "fwhm_x": 2.8991759999999998,
  "fwhm_y": 3.129268,
  "fwhm_z": 3.0093854545454546,
  "gcor": 0.0284266,
  "gsr_x": -0.03538709878921509,
  "gsr_y": 0.09232491254806519,
  "provenance": {
    "md5sum": "88edbca5e8f138fd73cf60defb2ea76e",
    "settings": {
      "fd_thres": 0.2,
      "testing": false
    },
    "software": "mriqc",
    "version": "22.0.0rc1",
    "webapi_port": null,
    "webapi_url": "https://mriqc.nimh.nih.gov/api/v1"
  },
  "size_t": 150,
  "size_x": 76,
  "size_y": 76,
  "size_z": 45,
  "snr": 2.375217135438517,
  "spacing_tr": 3.0,
  "spacing_x": 2.5,
  "spacing_y": 2.5,
  "spacing_z": 2.75,
  "summary_bg_k": 36.394518028177245,
  "summary_bg_mad": 5.989714320125503,
  "summary_bg_mean": 115.77180480957031,
  "summary_bg_median": 68.2933349609375,
  "summary_bg_n": 136907.0,
  "summary_bg_p05": 63.733333587646484,
  "summary_bg_p95": 341.6246673583982,
  "summary_bg_stdv": 132.07461547851562,
  "summary_fg_k": 1.0768007644619857,
  "summary_fg_mad": 358.53283333231457,
  "summary_fg_mean": 959.1917724609375,
  "summary_fg_median": 891.4266967773438,
  "summary_fg_n": 69317.0,
  "summary_fg_p05": 483.5653442382812,
  "summary_fg_p95": 1678.3306884765623,
  "summary_fg_stdv": 375.300537109375,
  "tsnr": 53.60780008882284
}