{
  "aor": 0.0014344000000000002,
  "aqi": 0.003099884266666667,
  "bids_meta": {
    "AcquisitionMatrixPE": 76,
    "AcquisitionNumber": 1,
    "AcquisitionTime": "14:17:50.242500",
    "BandwidthPerPixelPhaseEncode": 23.084,
    "BaseResolution": 76,
    "BodyPartExamined": "BRAIN",
    "ConsistencyInfo": "N4_VE11C_LATEST_20160120",
    "ConversionSoftware": "dcm2niix",
    "ConversionSoftwareVersion": "v1.0.20180622 (JP2:OpenJPEG) GCC6.1.0",
    "DerivedVendorReportedEchoSpacing": 0.000570001,
    "DeviceSerialNumber": "167001",
    "DwellTime": 3.3e-06,
    "EchoTime": 0.03,
    "EchoTrainLength": 76,
    "EffectiveEchoSpacing": 0.000570001,
    "FlipAngle": 90,
    "ImageOrientationPatientDICOM": [
      0.997723,
      -0.0647597,
      -0.018858,
      0.0639953,
      0.997201,
      -0.0386555
    ],
    "ImageType": [
      "ORIGINAL",
      "PRIMARY",
      "M",
      "ND",
      "MOSAIC"
    ],
    "InPlanePhaseEncodingDirectionDICOM": "COL",
    "InstitutionAddress": "Cooper_60_St._Lucia_QLD_AU_4072",
    "InstitutionName": "St_Lucia_Campus",
    "InstitutionalDepartmentName": "Gehrmann_Labs_MRI",
    "MRAcquisitionType": "2D",
    "MagneticFieldStrength": 3,
    "Manufacturer": "Siemens",
    "ManufacturersModelName": "Prisma_fit",
    "Modality": "MR",
    "PartialFourier": 1,
    "PatientPosition": "HFS",
    "PercentPhaseFOV": 100,
    "PhaseEncodingDirection": "j-",
    "PhaseEncodingSteps": 76,
    "PhaseResolution": 1,
    "PixelBandwidth": 1995,
    "ProcedureStepDescription": "Research_16004_CMN",
    "ProtocolName": "ep2d_bold_SEM",
    "PulseSequenceDetails": "%SiemensSeq%_ep2d_bold",
    "ReceiveCoilActiveElements": "HC1-7;NC1,2",
    "ReceiveCoilName": "HeadNeck_64",
    "ReconMatrixPE": 76,
    "RepetitionTime": 3,
    "SAR": 0.0700011,
    "ScanOptions": "FS",
    "ScanningSequence": "EP",
    "SequenceName": "_epfid2d1_76",
    "SequenceVariant": "SK",
    "SeriesDescription": "ep2d_bold_SEM",
    "SeriesNumber": 10,
    "ShimSetting": [
      3025,
      -4068,
      -791,
      568,
      -21,
      92,
      5,
      28
    ],
    "SliceThickness": 2.5,
    "SliceTiming": [
      0,
      1.5225,
      0.065,
      1.5875,
      0.1325,
      1.655,
      0.1975,
      1.72,
      0.265,
      1.7875,
      0.33,
      1.8525,
      0.3975,
      1.92,
      0.4625,
      1.985,
      0.53,
      2.0525,
      0.595,
      2.1175,
      0.6625,
      2.185,
      0.7275,
      2.25,
      0.795,
      2.3175,
      0.86,
      2.3825,
      0.9275,
      2.45,
      0.9925,
      2.515,
      1.06,
      2.5825,
      1.125,
      2.6475,
      1.1925,
      2.715,
      1.2575,
      2.78,
      1.3225,
      2.8475,
      1.39,
      2.9125,
      1.455
    ],
    "SoftwareVersions": "syngo_MR_E11",
    "SpacingBetweenSlices": 2.75,
    "StationName": "mrc_Trio",
    "TaskName": "semantic",
    "TotalReadoutTime": 0.04275,
    "TxRefAmp": 212.154,
    "dataset": "ds001748",
    "modality": "bold",
    "subject_id": "teen10",
    "task_id": "semantic"
  },
  "dummy_trs": 0,
  "dvars_nstd": 34.05823653805369,
  "dvars_std": 1.4298207245637575,
  "dvars_vstd": 1.0101067478523489,
  "efc": 0.6268675843586308,
  "fber": 160.81463623046875,
  "fd_mean": 0.07643882862188789,
  "fd_num": 2,
  "fd_perc": 1.3333333333333333,
  "fwhm_avg": 3.0132825454545453,
  "fwhm_x": 2.889008,
  "fwhm_y": 3.1351959999999996,
  "fwhm_z": 3.0156436363636363,
  "gcor": 0.0180487,
  "gsr_x": -0.03926001489162445,
  "gsr_y": 0.09149990975856781,
  "provenance": {
    "md5sum": "cfe6278ebaec6de6b29ee2552074b2b0",
    "settings": {
      "fd_thres": 0.2,
      "testing": false
    },
    "software": "mriqc",
    "version": "22.0.0rc1",
    "webapi_port": null,
    "webapi_url": "https://mriqc.nimh.nih.gov/api/v1"
  },
  "size_t": 150,
  "size_x": 76,
  "size_y": 76,
  "size_z": 45,
  "snr": 2.349787749778821,
  "spacing_tr": 3.0,
  "spacing_x": 2.5,
  "spacing_y": 2.5,
  "spacing_z": 2.75,
  "summary_bg_k": 39.10896941489475,
  "summary_bg_mad": 5.90076180664949,
  "summary_bg_mean": 114.17607879638672,
  "summary_bg_median": 68.44000244140625,
  "summary_bg_n": 135300.0,
  "summary_bg_p05": 63.95333480834961,
  "summary_bg_p95": 329.8666687011719,
  "summary_bg_stdv": 128.87554931640625,
  "summary_fg_k": 1.0951186666759023,
  "summary_fg_mad": 358.8589623847739,
  "summary_fg_mean": 961.5189819335938,
  "summary_fg_median": 891.0900268554688,
  "summary_fg_n": 69814.0,
  "summary_fg_p05": 483.7016845703125,
  "summary_fg_p95": 1691.5960754394505,
  "summary_fg_stdv": 379.2187805175781,
  "tsnr": 74.27752509713173
}