{
  "aor": 0.003872066666666667,
  "aqi": 0.0033187482666666665,
  "bids_meta": {
    "AcquisitionMatrixPE": 76,
    "AcquisitionNumber": 1,
    "AcquisitionTime": "14:26:2.937500",
    "BandwidthPerPixelPhaseEncode": 23.084,
    "BaseResolution": 76,
    "BodyPartExamined": "BRAIN",
    "ConsistencyInfo": "N4_VE11C_LATEST_20160120",
    "ConversionSoftware": "dcm2niix",
    "ConversionSoftwareVersion": "v1.0.20180622 (JP2:OpenJPEG) GCC6.1.0",
    "DerivedVendorReportedEchoSpacing": 0.000570001,
    "DeviceSerialNumber": "167001",
    "DwellTime": 3.3e-06,
    "EchoTime": 0.03,
    "EchoTrainLength": 76,
    "EffectiveEchoSpacing": 0.000570001,
    "FlipAngle": 90,
    "ImageOrientationPatientDICOM": [
      0.997723,
      -0.0647597,
      -0.018858,
      0.0639953,
      0.997201,
      -0.0386555
    ],
    "ImageType": [
      "ORIGINAL",
      "PRIMARY",
      "M",
      "ND",
      "MOSAIC"
    ],
    "InPlanePhaseEncodingDirectionDICOM": "COL",
    "InstitutionAddress": "Cooper_60_St._Lucia_QLD_AU_4072",
    "InstitutionName": "St_Lucia_Campus",
    "InstitutionalDepartmentName": "Gehrmann_Labs_MRI",
    "MRAcquisitionType": "2D",
    "MagneticFieldStrength": 3,
    "Manufacturer": "Siemens",
    "ManufacturersModelName": "Prisma_fit",
    "Modality": "MR",
    "PartialFourier": 1,
    "PatientPosition": "HFS",
    "PercentPhaseFOV": 100,
    "PhaseEncodingDirection": "j-",
    "PhaseEncodingSteps": 76,
    "PhaseResolution": 1,
    "PixelBandwidth": 1995,
    "ProcedureStepDescription": "Research_16004_CMN",
    "ProtocolName": "ep2d_bold_EPI",
    "PulseSequenceDetails": "%SiemensSeq%_ep2d_bold",
    "ReceiveCoilActiveElements": "HC1-7;NC1,2",
    "ReceiveCoilName": "HeadNeck_64",
    "ReconMatrixPE": 76,
    "RepetitionTime": 3,
    "SAR": 0.0700011,
    "ScanOptions": "FS",
    "ScanningSequence": "EP",
    "SequenceName": "_epfid2d1_76",
    "SequenceVariant": "SK",
    "SeriesDescription": "ep2d_bold_EPI",
    "SeriesNumber": 11,
    "ShimSetting": [
      3025,
      -4068,
      -791,
      568,
      -21,
      92,
      5,
      28
    ],
    "SliceThickness": 2.5,
    "SliceTiming": [
      0,
      1.5225,
      0.065,
      1.59,
      0.1325,
      1.655,
      0.1975,
      1.7225,
      0.265,
      1.7875,
      0.33,
      1.855,
      0.3975,
      1.92,
      0.4625,
      1.9875,
      0.53,
      2.0525,
      0.595,
      2.12,
      0.6625,
      2.185,
      0.7275,
      2.25,
      0.795,
      2.3175,
      0.86,
      2.3825,
      0.9275,
      2.45,
      0.9925,
      2.515,
      1.06,
      2.5825,
      1.125,
      2.6475,
      1.1925,
      2.715,
      1.2575,
      2.78,
      1.325,
      2.8475,
      1.39,
      2.9125,
      1.4575
    ],
    "SoftwareVersions": "syngo_MR_E11",
    "SpacingBetweenSlices": 2.75,
    "StationName": "mrc_Trio",
    "TaskName": "episodic",
    "TotalReadoutTime": 0.04275,
    "TxRefAmp": 212.154,
    "dataset": "ds001748",
    "modality": "bold",
    "subject_id": "teen10",
    "task_id": "episodic"
  },
  "dummy_trs": 0,
  "dvars_nstd": 34.3619450818792,
  "dvars_std": 1.4213131975838924,
  "dvars_vstd": 1.0253781068456376,
  "efc": 0.6268622072730882,
  "fber": 159.6508331298828,
  "fd_mean": 0.07787474843057088,
  "fd_num": 5,
  "fd_perc": 3.3333333333333335,
  "fwhm_avg": 3.0075088484848482,
  "fwhm_x": 2.892972,
  "fwhm_y": 3.12878,
  "fwhm_z": 3.0007745454545454,
  "gcor": 0.0230754,
  "gsr_x": -0.03458584472537041,
  "gsr_y": 0.0928334891796112,
  "provenance": {
    "md5sum": "0f3b0758b490a3b3f06677a12514c0c5",
    "settings": {
      "fd_thres": 0.2,
      "testing": false
    },
    "software": "mriqc",
    "version": "22.0.0rc1",
    "webapi_port": null,
    "webapi_url": "https://mriqc.nimh.nih.gov/api/v1"
  },
  "size_t": 150,
  "size_x": 76,
  "size_y": 76,
  "size_z": 45,
  "snr": 2.336422881004244,
  "spacing_tr": 3.0,
  "spacing_x": 2.5,
  "spacing_y": 2.5,
  "spacing_z": 2.75,
  "summary_bg_k": 35.17578240966424,
  "summary_bg_mad": 7.086836794639616,
  "summary_bg_mean": 117.43277740478516,
  "summary_bg_median": 68.86666870117188,
  "summary_bg_n": 136905.0,
  "summary_bg_p05": 63.0533332824707,
  "summary_bg_p95": 349.91600952148417,
  "summary_bg_stdv": 135.81777954101562,
  "summary_fg_k": 1.1336496673083927,
  "summary_fg_mad": 358.5673555946656,
  "summary_fg_mean": 953.4403076171875,
  "summary_fg_median": 884.6900634765625,
  "summary_fg_n": 69830.0,
  "summary_fg_p05": 474.6393325805664,
  "summary_fg_p95": 1682.5350341796877,
  "summary_fg_stdv": 378.6488037109375,
  "tsnr": 71.7450313246809
}