{
  "aor": 0.0023020666666666665,
  "aqi": 0.005534000733333334,
  "bids_meta": {
    "AcquisitionMatrixPE": 76,
    "AcquisitionNumber": 1,
    "AcquisitionTime": "09:44:12.582500",
    "BandwidthPerPixelPhaseEncode": 23.084,
    "BaseResolution": 76,
    "ConversionSoftware": "dcm2niix",
    "ConversionSoftwareVersion": "v1.0.20180622 (JP2:OpenJPEG) GCC6.1.0",
    "DerivedVendorReportedEchoSpacing": 0.000570001,
    "DeviceSerialNumber": "35410",
    "DwellTime": 3.3e-06,
    "EchoTime": 0.03,
    "EffectiveEchoSpacing": 0.000570001,
    "FlipAngle": 90,
    "ImageOrientationPatientDICOM": [
      0.999926,
      -0.00463866,
      -0.0112538,
      6.94588e-08,
      0.924544,
      -0.381076
    ],
    "ImageType": [
      "ORIGINAL",
      "PRIMARY",
      "M",
      "ND",
      "MOSAIC"
    ],
    "InPlanePhaseEncodingDirectionDICOM": "COL",
    "InstitutionAddress": "Cooper_60_St._Lucia_QLD_AU_4072",
    "InstitutionName": "St_Lucia_Campus",
    "InstitutionalDepartmentName": "Gehrmann_Labs_MRI",
    "MRAcquisitionType": "2D",
    "MagneticFieldStrength": 3,
    "Manufacturer": "Siemens",
    "ManufacturersModelName": "TrioTim",
    "Modality": "MR",
    "PartialFourier": 1,
    "PatientPosition": "HFS",
    "PercentPhaseFOV": 100,
    "PhaseEncodingDirection": "j-",
    "PhaseEncodingSteps": 76,
    "PhaseResolution": 1,
    "PixelBandwidth": 1994,
    "ProcedureStepDescription": "Brain_-_UQ_fMRI",
    "ProtocolName": "SEM",
    "PulseSequenceDetails": "%SiemensSeq%_ep2d_pace",
    "ReceiveCoilName": "32Ch_Head",
    "ReconMatrixPE": 76,
    "RepetitionTime": 3,
    "SAR": 0.179611,
    "ScanOptions": "FS",
    "ScanningSequence": "EP",
    "SequenceName": "_epfid2d1_76",
    "SequenceVariant": "SK",
    "SeriesDescription": "SEM",
    "SeriesNumber": 3,
    "ShimSetting": [
      6833,
      -11280,
      -2184,
      707,
      102,
      -2,
      -208,
      17
    ],
    "SliceThickness": 2.5,
    "SliceTiming": [
      0,
      1.5275,
      0.065,
      1.595,
      0.1325,
      1.66,
      0.1975,
      1.7275,
      0.265,
      1.795,
      0.3325,
      1.86,
      0.3975,
      1.9275,
      0.465,
      1.9925,
      0.53,
      2.06,
      0.5975,
      2.1275,
      0.665,
      2.1925,
      0.73,
      2.26,
      0.7975,
      2.325,
      0.8625,
      2.3925,
      0.93,
      2.4575,
      0.995,
      2.525,
      1.0625,
      2.5925,
      1.13,
      2.6575,
      1.195,
      2.725,
      1.2625,
      2.79,
      1.3275,
      2.8575,
      1.395,
      2.925,
      1.4625
    ],
    "SoftwareVersions": "syngo_MR_B17",
    "SpacingBetweenSlices": 2.75,
    "StationName": "mrc_Trio",
    "TaskName": "semantic",
    "TotalReadoutTime": 0.04275,
    "TxRefAmp": 345.757,
    "dataset": "ds001748",
    "modality": "bold",
    "subject_id": "adult04",
    "task_id": "semantic"
  },
  "dummy_trs": 0,
  "dvars_nstd": 26.24874557872483,
  "dvars_std": 1.047227805838926,
  "dvars_vstd": 0.9545549144966438,
  "efc": 0.665137262359093,
  "fber": 137.4482421875,
  "fd_mean": 0.08700547132219182,
  "fd_num": 15,
  "fd_perc": 10.0,
  "fwhm_avg": 2.5641315151515154,
  "fwhm_x": 2.468008,
  "fwhm_y": 2.601412,
  "fwhm_z": 2.6229745454545457,
  "gcor": 0.036974,
  "gsr_x": -0.004151233471930027,
  "gsr_y": 0.09023112803697586,
  "provenance": {
    "md5sum": "d12ebbda8500f66cdcafb46d3b5575fe",
    "settings": {
      "fd_thres": 0.2,
      "testing": false
    },
    "software": "mriqc",
    "version": "22.0.0rc1",
    "webapi_port": null,
    "webapi_url": "https://mriqc.nimh.nih.gov/api/v1"
  },
  "size_t": 150,
  "size_x": 76,
  "size_y": 76,
  "size_z": 45,
  "snr": 2.719211451696493,
  "spacing_tr": 3.0,
  "spacing_x": 2.5,
  "spacing_y": 2.5,
  "spacing_z": 2.75,
  "summary_bg_k": 38.02364860584395,
  "summary_bg_mad": 21.46808510095831,
  "summary_bg_mean": 89.01864624023438,
  "summary_bg_median": 51.06666946411133,
  "summary_bg_n": 125109.0,
  "summary_bg_p05": 35.60000228881836,
  "summary_bg_p95": 268.7026855468745,
  "summary_bg_stdv": 100.79025268554688,
  "summary_fg_k": 2.188954911740951,
  "summary_fg_mad": 201.6833097252643,
  "summary_fg_mean": 655.5785522460938,
  "summary_fg_median": 609.760009765625,
  "summary_fg_n": 79991.0,
  "summary_fg_p05": 378.1300048828125,
  "summary_fg_p95": 1073.2567138671875,
  "summary_fg_stdv": 224.24008178710938,
  "tsnr": 49.64394730189815
}