{
  "bids_meta": {
    "AcquisitionMatrixPE": 240,
    "AcquisitionNumber": 1,
    "AcquisitionTime": "16:49:39.110000",
    "BaseResolution": 256,
    "ConversionSoftware": "dcm2niix",
    "ConversionSoftwareVersion": "v1.0.20180622 (JP2:OpenJPEG) GCC6.1.0",
    "DeviceSerialNumber": "35410",
    "DwellTime": 8.1e-06,
    "EchoTime": 0.00289,
    "ImageOrientationPatientDICOM": [
      0.0192007,
      0.999816,
      -2.11022e-08,
      -0.0191907,
      0.000368523,
      -0.999816
    ],
    "ImageType": [
      "ORIGINAL",
      "PRIMARY",
      "M",
      "ND",
      "UNI"
    ],
    "InPlanePhaseEncodingDirectionDICOM": "ROW",
    "InstitutionAddress": "Cooper_60_St._Lucia_QLD_AU_4072",
    "InstitutionName": "St_Lucia_Campus",
    "InstitutionalDepartmentName": "Gehrmann_Labs_MRI",
    "MRAcquisitionType": "3D",
    "MagneticFieldStrength": 3,
    "Manufacturer": "Siemens",
    "ManufacturersModelName": "TrioTim",
    "Modality": "MR",
    "ParallelReductionFactorInPlane": 3,
    "PartialFourier": 0.75,
    "PatientPosition": "HFS",
    "PercentPhaseFOV": 93.75,
    "PhaseEncodingSteps": 181,
    "PhaseResolution": 1,
    "PixelBandwidth": 241,
    "ProcedureStepDescription": "RESEARCH_3T_Research",
    "ProtocolName": "mp2rage",
    "PulseSequenceDetails": "%CustomerSeq%_mp2rage_wip820B17",
    "ReceiveCoilName": "32Ch_Head",
    "ReconMatrixPE": 256,
    "RepetitionTime": 4,
    "SAR": 0.149232,
    "ScanOptions": "IR_PFP",
    "ScanningSequence": "GR_IR",
    "SequenceName": "tfl3d1_ns",
    "SequenceVariant": "SP_MP",
    "SeriesDescription": "mp2rage_UNI-DEN",
    "SeriesNumber": 4,
    "ShimSetting": [
      6819,
      -11271,
      -2615,
      -89,
      20,
      1,
      -123,
      4
    ],
    "SliceThickness": 1,
    "SoftwareVersions": "syngo_MR_B17",
    "StationName": "mrc_Trio",
    "TxRefAmp": 320.904,
    "dataset": "ds001748",
    "modality": "T1w",
    "subject_id": "child03"
  },
  "cjv": 0.23157020941990836,
  "cnr": 5.633196731004457,
  "efc": 0.4867084703940978,
  "fber": 3878.8349609375,
  "fwhm_avg": 3.685463751640962,
  "fwhm_x": 3.8610012549228854,
  "fwhm_y": 3.93775,
  "fwhm_z": 3.25764,
  "icvs_csf": 0.12686393159769122,
  "icvs_gm": 0.5264314641784915,
  "icvs_wm": 0.34670460422381727,
  "inu_med": 0.9385860562324524,
  "inu_range": 0.22120285034179688,
  "provenance": {
    "md5sum": "fb3787482b02c3ec159ed5e7b90c2087",
    "settings": {
      "testing": false
    },
    "software": "mriqc",
    "version": "22.0.0rc1",
    "warnings": {
      "large_rot_frame": true,
      "small_air_mask": false
    },
    "webapi_port": null,
    "webapi_url": "https://mriqc.nimh.nih.gov/api/v1"
  },
  "qi_1": 0.0,
  "qi_2": 0.0021344799591854658,
  "rpve_csf": 39.837301072679104,
  "rpve_gm": 11.708738844221271,
  "rpve_wm": 18.9862950933356,
  "size_x": 176,
  "size_y": 240,
  "size_z": 256,
  "snr_csf": 0.9082651581226592,
  "snr_gm": 10.058809147200904,
  "snr_total": 11.482780569757958,
  "snr_wm": 23.48126740395031,
  "snrd_csf": 39.559586423198446,
  "snrd_gm": 119.56298131422184,
  "snrd_total": 120.50789210675539,
  "snrd_wm": 202.40110858284586,
  "spacing_x": 1.0000022649765015,
  "spacing_y": 1.0,
  "spacing_z": 1.0,
  "summary_bg_k": 16.271941341848834,
  "summary_bg_mad": 3.236837491081558,
  "summary_bg_mean": 10.883386611938477,
  "summary_bg_median": 10.079309463500977,
  "summary_bg_n": 2971654.0,
  "summary_bg_p05": 6.1316663265228275,
  "summary_bg_p95": 18.332389736175546,
  "summary_bg_stdv": 4.029955863952637,
  "summary_csf_k": 12.445026939093362,
  "summary_csf_mad": 201.02278301819007,
  "summary_csf_mean": 228.8428192138672,
  "summary_csf_median": 195.45236206054688,
  "summary_csf_n": 2971.0,
  "summary_csf_p05": 33.98361778259277,
  "summary_csf_p95": 433.8299102783203,
  "summary_csf_stdv": 215.15684509277344,
  "summary_gm_k": 0.01166053720413629,
  "summary_gm_mad": 58.16747831752268,
  "summary_gm_mean": 593.470458984375,
  "summary_gm_median": 590.7257690429688,
  "summary_gm_n": 49982.0,
  "summary_gm_p05": 499.655534362793,
  "summary_gm_p95": 693.0645233154297,
  "summary_gm_stdv": 58.726619720458984,
  "summary_wm_k": 1.2896842474965542,
  "summary_wm_mad": 36.609343501434346,
  "summary_wm_mean": 998.2810668945312,
  "summary_wm_median": 1000.0047607421875,
  "summary_wm_n": 142661.0,
  "summary_wm_p05": 923.4273071289062,
  "summary_wm_p95": 1063.755859375,
  "summary_wm_stdv": 42.58719253540039,
  "tpm_overlap_csf": 0.1529354751110077,
  "tpm_overlap_gm": 0.4637815058231354,
  "tpm_overlap_wm": 0.48599186539649963,
  "wm2max": 0.6819057477132027
}