{
  "bids_meta": {
    "AcquisitionMatrixPE": 240,
    "AcquisitionNumber": 1,
    "AcquisitionTime": "17:09:34.177500",
    "BaseResolution": 256,
    "ConversionSoftware": "dcm2niix",
    "ConversionSoftwareVersion": "v1.0.20180622 (JP2:OpenJPEG) GCC6.1.0",
    "DeviceSerialNumber": "35410",
    "DwellTime": 8.1e-06,
    "EchoTime": 0.00289,
    "ImageOrientationPatientDICOM": [
      0.0191973,
      0.999816,
      -3.03858e-08,
      0.00348898,
      -6.70216e-05,
      -0.999994
    ],
    "ImageType": [
      "ORIGINAL",
      "PRIMARY",
      "M",
      "ND",
      "UNI"
    ],
    "InPlanePhaseEncodingDirectionDICOM": "ROW",
    "InstitutionAddress": "Cooper_60_St._Lucia_QLD_AU_4072",
    "InstitutionName": "St_Lucia_Campus",
    "InstitutionalDepartmentName": "Gehrmann_Labs_MRI",
    "MRAcquisitionType": "3D",
    "MagneticFieldStrength": 3,
    "Manufacturer": "Siemens",
    "ManufacturersModelName": "TrioTim",
    "Modality": "MR",
    "ParallelReductionFactorInPlane": 3,
    "PartialFourier": 0.75,
    "PatientPosition": "HFS",
    "PercentPhaseFOV": 93.75,
    "PhaseEncodingSteps": 181,
    "PhaseResolution": 1,
    "PixelBandwidth": 241,
    "ProcedureStepDescription": "Brain_-_UQ_fMRI",
    "ProtocolName": "mp2rage",
    "PulseSequenceDetails": "%CustomerSeq%_mp2rage_wip820B17",
    "ReceiveCoilName": "32Ch_Head",
    "ReconMatrixPE": 256,
    "RepetitionTime": 4,
    "SAR": 0.167987,
    "ScanOptions": "IR_PFP",
    "ScanningSequence": "GR_IR",
    "SequenceName": "tfl3d1_ns",
    "SequenceVariant": "SP_MP",
    "SeriesDescription": "mp2rage_UNI-DEN",
    "SeriesNumber": 15,
    "ShimSetting": [
      6819,
      -11271,
      -2615,
      -89,
      20,
      1,
      -123,
      4
    ],
    "SliceThickness": 1,
    "SoftwareVersions": "syngo_MR_B17",
    "StationName": "mrc_Trio",
    "TxRefAmp": 316.64,
    "dataset": "ds001748",
    "modality": "T1w",
    "subject_id": "child09"
  },
  "cjv": 0.2587272975027836,
  "cnr": 5.138393465872729,
  "efc": 0.493484441292361,
  "fber": 3512.698486328125,
  "fwhm_avg": 3.774583870015567,
  "fwhm_x": 3.858871610046701,
  "fwhm_y": 4.12672,
  "fwhm_z": 3.33816,
  "icvs_csf": 0.14608591866953347,
  "icvs_gm": 0.5047403840476254,
  "icvs_wm": 0.34917369728284103,
  "inu_med": 0.9290359616279602,
  "inu_range": 0.20090904831886292,
  "provenance": {
    "md5sum": "38dca148e005308da718a9918b44fd86",
    "settings": {
      "testing": false
    },
    "software": "mriqc",
    "version": "22.0.0rc1",
    "warnings": {
      "large_rot_frame": true,
      "small_air_mask": false
    },
    "webapi_port": null,
    "webapi_url": "https://mriqc.nimh.nih.gov/api/v1"
  },
  "qi_1": 0.0,
  "qi_2": 0.0020775192182350406,
  "rpve_csf": 32.35002878352678,
  "rpve_gm": 11.471602917821862,
  "rpve_wm": 18.740328907058707,
  "size_x": 176,
  "size_y": 240,
  "size_z": 256,
  "snr_csf": 1.4168887195578823,
  "snr_gm": 9.780119258736141,
  "snr_total": 13.320297403347622,
  "snr_wm": 28.763884231748843,
  "snrd_csf": 42.973097626247586,
  "snrd_gm": 125.67665860647439,
  "snrd_total": 123.19773069551134,
  "snrd_wm": 200.94343585381205,
  "spacing_x": 0.9999995827674866,
  "spacing_y": 1.0,
  "spacing_z": 1.0,
  "summary_bg_k": 30.20980182408192,
  "summary_bg_mad": 3.2603064365121854,
  "summary_bg_mean": 11.53039264678955,
  "summary_bg_median": 10.82421588897705,
  "summary_bg_n": 2649705.0,
  "summary_bg_p05": 6.696451950073242,
  "summary_bg_p95": 18.681774520874015,
  "summary_bg_stdv": 3.9628689289093018,
  "summary_csf_k": -1.3516014825256533,
  "summary_csf_mad": 207.87472816801244,
  "summary_csf_mean": 226.8550567626953,
  "summary_csf_median": 213.85694885253906,
  "summary_csf_n": 3185.0,
  "summary_csf_p05": 37.18797378540039,
  "summary_csf_p95": 462.5231262207031,
  "summary_csf_stdv": 150.91049194335938,
  "summary_gm_k": -0.09115350014539914,
  "summary_gm_mad": 65.93896894426761,
  "summary_gm_mean": 626.0679321289062,
  "summary_gm_median": 625.4337768554688,
  "summary_gm_n": 41127.0,
  "summary_gm_p05": 522.6766052246094,
  "summary_gm_p95": 730.4158386230469,
  "summary_gm_stdv": 63.948726654052734,
  "summary_wm_k": 1.1668037538836042,
  "summary_wm_mad": 30.97185353496215,
  "summary_wm_mean": 999.8546752929688,
  "summary_wm_median": 1000.001220703125,
  "summary_wm_n": 162481.0,
  "summary_wm_p05": 942.7002563476562,
  "summary_wm_p95": 1055.7288818359375,
  "summary_wm_stdv": 34.76575469970703,
  "tpm_overlap_csf": 0.16010649502277374,
  "tpm_overlap_gm": 0.46465128660202026,
  "tpm_overlap_wm": 0.5018332004547119,
  "wm2max": 0.6917533127883422
}