{
  "bids_meta": {
    "AcquisitionMatrixPE": 240,
    "AcquisitionNumber": 1,
    "AcquisitionTime": "14:16:41.117500",
    "BaseResolution": 256,
    "ConversionSoftware": "dcm2niix",
    "ConversionSoftwareVersion": "v1.0.20180622 (JP2:OpenJPEG) GCC6.1.0",
    "DeviceSerialNumber": "35410",
    "DwellTime": 8.1e-06,
    "EchoTime": 0.00289,
    "ImageOrientationPatientDICOM": [
      0.0191973,
      0.999816,
      -3.03858e-08,
      0.00348898,
      -6.70216e-05,
      -0.999994
    ],
    "ImageType": [
      "ORIGINAL",
      "PRIMARY",
      "M",
      "ND",
      "UNI"
    ],
    "InPlanePhaseEncodingDirectionDICOM": "ROW",
    "InstitutionAddress": "Cooper_60_St._Lucia_QLD_AU_4072",
    "InstitutionName": "St_Lucia_Campus",
    "InstitutionalDepartmentName": "Gehrmann_Labs_MRI",
    "MRAcquisitionType": "3D",
    "MagneticFieldStrength": 3,
    "Manufacturer": "Siemens",
    "ManufacturersModelName": "TrioTim",
    "Modality": "MR",
    "ParallelReductionFactorInPlane": 3,
    "PartialFourier": 0.75,
    "PatientPosition": "HFS",
    "PercentPhaseFOV": 93.75,
    "PhaseEncodingSteps": 181,
    "PhaseResolution": 1,
    "PixelBandwidth": 241,
    "ProcedureStepDescription": "RESEARCH_3T_Research",
    "ProtocolName": "mp2rage",
    "PulseSequenceDetails": "%CustomerSeq%_mp2rage_wip820B17",
    "ReceiveCoilName": "32Ch_Head",
    "ReconMatrixPE": 256,
    "RepetitionTime": 4,
    "SAR": 0.174324,
    "ScanOptions": "IR_PFP",
    "ScanningSequence": "GR_IR",
    "SequenceName": "tfl3d1_ns",
    "SequenceVariant": "SP_MP",
    "SeriesDescription": "mp2rage_UNI-DEN",
    "SeriesNumber": 4,
    "ShimSetting": [
      6861,
      -11241,
      -2624,
      -31,
      -19,
      31,
      -77,
      20
    ],
    "SliceThickness": 1,
    "SoftwareVersions": "syngo_MR_B17",
    "StationName": "mrc_Trio",
    "TxRefAmp": 301.251,
    "dataset": "ds001748",
    "modality": "T1w",
    "subject_id": "child21"
  },
  "cjv": 0.2721767943689794,
  "cnr": 4.884684946396973,
  "efc": 0.47832409868911674,
  "fber": 3008.512939453125,
  "fwhm_avg": 3.9237805629665012,
  "fwhm_x": 4.0478616888995065,
  "fwhm_y": 4.19877,
  "fwhm_z": 3.52471,
  "icvs_csf": 0.18307415809793054,
  "icvs_gm": 0.4609924308326598,
  "icvs_wm": 0.3559334110694096,
  "inu_med": 0.959931492805481,
  "inu_range": 0.2877872049808503,
  "provenance": {
    "md5sum": "172efbed4a068cdc69990a6b6bd2c663",
    "settings": {
      "testing": false
    },
    "software": "mriqc",
    "version": "22.0.0rc1",
    "warnings": {
      "large_rot_frame": true,
      "small_air_mask": false
    },
    "webapi_port": null,
    "webapi_url": "https://mriqc.nimh.nih.gov/api/v1"
  },
  "qi_1": 0.0,
  "qi_2": 0.0018288641177803741,
  "rpve_csf": 26.438650344594446,
  "rpve_gm": 11.842997546280008,
  "rpve_wm": 18.575020368342667,
  "size_x": 176,
  "size_y": 240,
  "size_z": 256,
  "snr_csf": 1.6627110538465955,
  "snr_gm": 10.019164430016872,
  "snr_total": 12.808347808599718,
  "snr_wm": 26.743167941935685,
  "snrd_csf": 50.9587069196279,
  "snrd_gm": 115.7450974595106,
  "snrd_total": 115.99700877903824,
  "snrd_wm": 181.2872219579762,
  "spacing_x": 0.9999995827674866,
  "spacing_y": 1.0,
  "spacing_z": 1.0,
  "summary_bg_k": 21.519072763925877,
  "summary_bg_mad": 3.6138216988125462,
  "summary_bg_mean": 12.313050270080566,
  "summary_bg_median": 11.513627052307129,
  "summary_bg_n": 2823665.0,
  "summary_bg_p05": 6.994444084167481,
  "summary_bg_p95": 20.245382308959954,
  "summary_bg_stdv": 4.3898773193359375,
  "summary_csf_k": 5.67319452716503,
  "summary_csf_mad": 180.92814553819878,
  "summary_csf_mean": 272.5989074707031,
  "summary_csf_median": 281.0951843261719,
  "summary_csf_n": 4443.0,
  "summary_csf_p05": 47.82903785705567,
  "summary_csf_p95": 492.90689392089837,
  "summary_csf_stdv": 169.03932189941406,
  "summary_gm_k": -0.08608086459175324,
  "summary_gm_mad": 64.56423182857321,
  "summary_gm_mean": 636.36328125,
  "summary_gm_median": 638.4657592773438,
  "summary_gm_n": 41216.0,
  "summary_gm_p05": 529.3579864501953,
  "summary_gm_p95": 738.5037231445312,
  "summary_gm_stdv": 63.72367858886719,
  "summary_wm_k": 1.1174203109140528,
  "summary_wm_mad": 33.83837769125556,
  "summary_wm_mean": 999.5115966796875,
  "summary_wm_median": 1000.0050659179688,
  "summary_wm_n": 175668.0,
  "summary_wm_p05": 937.6853485107422,
  "summary_wm_p95": 1058.6923889160155,
  "summary_wm_stdv": 37.3928108215332,
  "tpm_overlap_csf": 0.15954449772834778,
  "tpm_overlap_gm": 0.4405493438243866,
  "tpm_overlap_wm": 0.49782276153564453,
  "wm2max": 0.7041760125100636
}