{
  "aor": 0.017816375838926174,
  "aqi": 0.009933701006711409,
  "bids_meta": {
    "AcquisitionMatrixPE": 76,
    "AcquisitionNumber": 1,
    "AcquisitionTime": "10:34:7.712500",
    "BandwidthPerPixelPhaseEncode": 23.084,
    "BaseResolution": 76,
    "ConversionSoftware": "dcm2niix",
    "ConversionSoftwareVersion": "v1.0.20180622 (JP2:OpenJPEG) GCC6.1.0",
    "DerivedVendorReportedEchoSpacing": 0.000570001,
    "DeviceSerialNumber": "35410",
    "DwellTime": 3.3e-06,
    "EchoTime": 0.03,
    "EffectiveEchoSpacing": 0.000570001,
    "FlipAngle": 90,
    "ImageOrientationPatientDICOM": [
      0.999926,
      -0.00110327,
      -0.0121223,
      -1.51198e-08,
      0.995884,
      -0.0906389
    ],
    "ImageType": [
      "ORIGINAL",
      "PRIMARY",
      "M",
      "ND",
      "MOSAIC"
    ],
    "InPlanePhaseEncodingDirectionDICOM": "COL",
    "InstitutionAddress": "Cooper_60_St._Lucia_QLD_AU_4072",
    "InstitutionName": "St_Lucia_Campus",
    "InstitutionalDepartmentName": "Gehrmann_Labs_MRI",
    "MRAcquisitionType": "2D",
    "MagneticFieldStrength": 3,
    "Manufacturer": "Siemens",
    "ManufacturersModelName": "TrioTim",
    "Modality": "MR",
    "PartialFourier": 1,
    "PatientPosition": "HFS",
    "PercentPhaseFOV": 100,
    "PhaseEncodingDirection": "j-",
    "PhaseEncodingSteps": 76,
    "PhaseResolution": 1,
    "PixelBandwidth": 1994,
    "ProcedureStepDescription": "RESEARCH_3T_Research",
    "ProtocolName": "SEM",
    "PulseSequenceDetails": "%SiemensSeq%_ep2d_pace",
    "ReceiveCoilName": "32Ch_Head",
    "ReconMatrixPE": 76,
    "RepetitionTime": 3,
    "SAR": 0.199704,
    "ScanOptions": "FS",
    "ScanningSequence": "EP",
    "SequenceName": "_epfid2d1_76",
    "SequenceVariant": "SK",
    "SeriesDescription": "SEM",
    "SeriesNumber": 8,
    "ShimSetting": [
      6786,
      -11417,
      -2091,
      857,
      -68,
      -21,
      80,
      17
    ],
    "SliceThickness": 2.5,
    "SliceTiming": [
      0,
      1.53,
      0.0675,
      1.595,
      0.1325,
      1.6625,
      0.2,
      1.7275,
      0.265,
      1.795,
      0.3325,
      1.8625,
      0.4,
      1.9275,
      0.465,
      1.995,
      0.5325,
      2.06,
      0.5975,
      2.1275,
      0.665,
      2.1925,
      0.73,
      2.26,
      0.7975,
      2.3275,
      0.865,
      2.3925,
      0.93,
      2.46,
      0.9975,
      2.525,
      1.0625,
      2.5925,
      1.13,
      2.66,
      1.1975,
      2.725,
      1.2625,
      2.7925,
      1.33,
      2.8575,
      1.395,
      2.925,
      1.4625
    ],
    "SoftwareVersions": "syngo_MR_B17",
    "SpacingBetweenSlices": 2.75,
    "StationName": "mrc_Trio",
    "TaskName": "semantic",
    "TotalReadoutTime": 0.04275,
    "TxRefAmp": 322.159,
    "dataset": "ds001748",
    "modality": "bold",
    "subject_id": "child06",
    "task_id": "semantic"
  },
  "dummy_trs": 1,
  "dvars_nstd": 45.330150874594594,
  "dvars_std": 1.2823718720945942,
  "dvars_vstd": 1.0948388511486484,
  "efc": 0.622393733963934,
  "fber": 285.514892578125,
  "fd_mean": 0.31091374712213493,
  "fd_num": 58,
  "fd_perc": 38.92617449664429,
  "fwhm_avg": 2.7090293333333335,
  "fwhm_x": 2.6186800000000003,
  "fwhm_y": 2.853128,
  "fwhm_z": 2.65528,
  "gcor": 0.0730679,
  "gsr_x": -0.011720357462763786,
  "gsr_y": 0.055278729647397995,
  "provenance": {
    "md5sum": "2900899237c14e3d83048b17fa7c99c6",
    "settings": {
      "fd_thres": 0.2,
      "testing": false
    },
    "software": "mriqc",
    "version": "22.0.0rc1",
    "webapi_port": null,
    "webapi_url": "https://mriqc.nimh.nih.gov/api/v1"
  },
  "size_t": 149,
  "size_x": 76,
  "size_y": 76,
  "size_z": 45,
  "snr": 3.277326033767627,
  "spacing_tr": 3.0,
  "spacing_x": 2.5,
  "spacing_y": 2.5,
  "spacing_z": 2.75,
  "summary_bg_k": 30.416878337319034,
  "summary_bg_mad": 7.552316112837501,
  "summary_bg_mean": 61.634761810302734,
  "summary_bg_median": 41.6979866027832,
  "summary_bg_n": 133191.0,
  "summary_bg_p05": 35.268455505371094,
  "summary_bg_p95": 154.20469665527344,
  "summary_bg_stdv": 56.99663162231445,
  "summary_fg_k": 0.7236467142356231,
  "summary_fg_mad": 207.4698381349664,
  "summary_fg_mean": 746.10546875,
  "summary_fg_median": 712.3993530273438,
  "summary_fg_n": 74074.0,
  "summary_fg_p05": 453.1520080566406,
  "summary_fg_p95": 1153.9577026367185,
  "summary_fg_stdv": 217.37066650390625,
  "tsnr": 37.31488637346774
}