{
  "aor": 0.007798333333333334,
  "aqi": 0.0034061651333333336,
  "bids_meta": {
    "AcquisitionMatrixPE": 76,
    "AcquisitionNumber": 1,
    "AcquisitionTime": "10:17:31.442500",
    "BandwidthPerPixelPhaseEncode": 23.084,
    "BaseResolution": 76,
    "BodyPartExamined": "BRAIN",
    "ConsistencyInfo": "N4_VE11C_LATEST_20160120",
    "ConversionSoftware": "dcm2niix",
    "ConversionSoftwareVersion": "v1.0.20180622 (JP2:OpenJPEG) GCC6.1.0",
    "DerivedVendorReportedEchoSpacing": 0.000570001,
    "DeviceSerialNumber": "167001",
    "DwellTime": 3.3e-06,
    "EchoTime": 0.03,
    "EchoTrainLength": 76,
    "EffectiveEchoSpacing": 0.000570001,
    "FlipAngle": 90,
    "ImageOrientationPatientDICOM": [
      0.999125,
      0.000376215,
      0.0418248,
      0.00523145,
      0.990983,
      -0.133885
    ],
    "ImageType": [
      "ORIGINAL",
      "PRIMARY",
      "M",
      "ND",
      "MOSAIC"
    ],
    "InPlanePhaseEncodingDirectionDICOM": "COL",
    "InstitutionAddress": "Cooper_60_St._Lucia_QLD_AU_4072",
    "InstitutionName": "St_Lucia_Campus",
    "InstitutionalDepartmentName": "Gehrmann_Labs_MRI",
    "MRAcquisitionType": "2D",
    "MagneticFieldStrength": 3,
    "Manufacturer": "Siemens",
    "ManufacturersModelName": "Prisma_fit",
    "Modality": "MR",
    "PartialFourier": 1,
    "PatientPosition": "HFS",
    "PercentPhaseFOV": 100,
    "PhaseEncodingDirection": "j-",
    "PhaseEncodingSteps": 76,
    "PhaseResolution": 1,
    "PixelBandwidth": 1995,
    "ProcedureStepDescription": "Research_16004_CMN",
    "ProtocolName": "ep2d_bold_SEM",
    "PulseSequenceDetails": "%SiemensSeq%_ep2d_bold",
    "ReceiveCoilActiveElements": "HC1-7;NC1,2",
    "ReceiveCoilName": "HeadNeck_64",
    "ReconMatrixPE": 76,
    "RepetitionTime": 3,
    "SAR": 0.0776343,
    "ScanOptions": "FS",
    "ScanningSequence": "EP",
    "SequenceName": "_epfid2d1_76",
    "SequenceVariant": "SK",
    "SeriesDescription": "ep2d_bold_SEM",
    "SeriesNumber": 7,
    "ShimSetting": [
      3063,
      -4136,
      -707,
      791,
      43,
      45,
      -21,
      -39
    ],
    "SliceThickness": 2.5,
    "SliceTiming": [
      0,
      1.525,
      0.0675,
      1.59,
      0.1325,
      1.6575,
      0.2,
      1.7225,
      0.265,
      1.79,
      0.3325,
      1.855,
      0.3975,
      1.9225,
      0.465,
      1.9875,
      0.53,
      2.0525,
      0.5975,
      2.12,
      0.6625,
      2.185,
      0.73,
      2.2525,
      0.795,
      2.3175,
      0.8625,
      2.385,
      0.9275,
      2.45,
      0.995,
      2.5175,
      1.06,
      2.5825,
      1.1275,
      2.65,
      1.1925,
      2.715,
      1.26,
      2.7825,
      1.325,
      2.8475,
      1.3925,
      2.915,
      1.4575
    ],
    "SoftwareVersions": "syngo_MR_E11",
    "SpacingBetweenSlices": 2.75,
    "StationName": "mrc_Trio",
    "TaskName": "semantic",
    "TotalReadoutTime": 0.04275,
    "TxRefAmp": 216.313,
    "dataset": "ds001748",
    "modality": "bold",
    "subject_id": "teen12",
    "task_id": "semantic"
  },
  "dummy_trs": 0,
  "dvars_nstd": 30.684205650536928,
  "dvars_std": 1.363492115838926,
  "dvars_vstd": 1.0666830521476514,
  "efc": 0.6244169776225953,
  "fber": 159.3082275390625,
  "fd_mean": 0.12937970784748049,
  "fd_num": 23,
  "fd_perc": 15.333333333333334,
  "fwhm_avg": 3.054541090909091,
  "fwhm_x": 2.844856,
  "fwhm_y": 3.1896,
  "fwhm_z": 3.1291672727272726,
  "gcor": 0.0317923,
  "gsr_x": -0.010158058255910873,
  "gsr_y": 0.06740746647119522,
  "provenance": {
    "md5sum": "7e72f373c7c1851031ea6b980e338b9b",
    "settings": {
      "fd_thres": 0.2,
      "testing": false
    },
    "software": "mriqc",
    "version": "22.0.0rc1",
    "webapi_port": null,
    "webapi_url": "https://mriqc.nimh.nih.gov/api/v1"
  },
  "size_t": 150,
  "size_x": 76,
  "size_y": 76,
  "size_z": 45,
  "snr": 2.382888217839642,
  "spacing_tr": 3.0,
  "spacing_x": 2.5,
  "spacing_y": 2.5,
  "spacing_z": 2.75,
  "summary_bg_k": 26.369240982887767,
  "summary_bg_mad": 5.376910229322284,
  "summary_bg_mean": 111.01183319091797,
  "summary_bg_median": 68.30667114257812,
  "summary_bg_n": 137513.0,
  "summary_bg_p05": 64.2933349609375,
  "summary_bg_p95": 323.4960083007812,
  "summary_bg_stdv": 117.98313903808594,
  "summary_fg_k": 1.7777805956815937,
  "summary_fg_mad": 323.2468281391948,
  "summary_fg_mean": 954.2420654296875,
  "summary_fg_median": 877.0400390625,
  "summary_fg_n": 67495.0,
  "summary_fg_p05": 506.75200805664065,
  "summary_fg_p95": 1675.194018554687,
  "summary_fg_stdv": 368.0548400878906,
  "tsnr": 67.56957890139893
}