{
  "aor": 0.02352906666666667,
  "aqi": 0.004276213933333333,
  "bids_meta": {
    "AcquisitionMatrixPE": 76,
    "AcquisitionNumber": 1,
    "AcquisitionTime": "10:09:26.010000",
    "BandwidthPerPixelPhaseEncode": 23.084,
    "BaseResolution": 76,
    "BodyPartExamined": "BRAIN",
    "ConsistencyInfo": "N4_VE11C_LATEST_20160120",
    "ConversionSoftware": "dcm2niix",
    "ConversionSoftwareVersion": "v1.0.20180622 (JP2:OpenJPEG) GCC6.1.0",
    "DerivedVendorReportedEchoSpacing": 0.000570001,
    "DeviceSerialNumber": "167001",
    "DwellTime": 3.3e-06,
    "EchoTime": 0.03,
    "EchoTrainLength": 76,
    "EffectiveEchoSpacing": 0.000570001,
    "FlipAngle": 90,
    "ImageOrientationPatientDICOM": [
      0.999125,
      0.000376215,
      0.0418248,
      0.00523145,
      0.990983,
      -0.133885
    ],
    "ImageType": [
      "ORIGINAL",
      "PRIMARY",
      "M",
      "ND",
      "MOSAIC"
    ],
    "InPlanePhaseEncodingDirectionDICOM": "COL",
    "InstitutionAddress": "Cooper_60_St._Lucia_QLD_AU_4072",
    "InstitutionName": "St_Lucia_Campus",
    "InstitutionalDepartmentName": "Gehrmann_Labs_MRI",
    "MRAcquisitionType": "2D",
    "MagneticFieldStrength": 3,
    "Manufacturer": "Siemens",
    "ManufacturersModelName": "Prisma_fit",
    "Modality": "MR",
    "PartialFourier": 1,
    "PatientPosition": "HFS",
    "PercentPhaseFOV": 100,
    "PhaseEncodingDirection": "j-",
    "PhaseEncodingSteps": 76,
    "PhaseResolution": 1,
    "PixelBandwidth": 1995,
    "ProcedureStepDescription": "Research_16004_CMN",
    "ProtocolName": "ep2d_bold_AUTO",
    "PulseSequenceDetails": "%SiemensSeq%_ep2d_bold",
    "ReceiveCoilActiveElements": "HC1-7;NC1,2",
    "ReceiveCoilName": "HeadNeck_64",
    "ReconMatrixPE": 76,
    "RepetitionTime": 3,
    "SAR": 0.0776343,
    "ScanOptions": "FS",
    "ScanningSequence": "EP",
    "SequenceName": "_epfid2d1_76",
    "SequenceVariant": "SK",
    "SeriesDescription": "ep2d_bold_AUTO",
    "SeriesNumber": 6,
    "ShimSetting": [
      3063,
      -4136,
      -707,
      791,
      43,
      45,
      -21,
      -39
    ],
    "SliceThickness": 2.5,
    "SliceTiming": [
      0,
      1.5225,
      0.0675,
      1.59,
      0.1325,
      1.655,
      0.2,
      1.7225,
      0.265,
      1.7875,
      0.3325,
      1.855,
      0.3975,
      1.92,
      0.465,
      1.9875,
      0.53,
      2.0525,
      0.5975,
      2.12,
      0.6625,
      2.185,
      0.73,
      2.2525,
      0.795,
      2.3175,
      0.8625,
      2.385,
      0.9275,
      2.45,
      0.995,
      2.5175,
      1.06,
      2.5825,
      1.1275,
      2.65,
      1.1925,
      2.715,
      1.2575,
      2.7825,
      1.325,
      2.8475,
      1.39,
      2.915,
      1.4575
    ],
    "SoftwareVersions": "syngo_MR_E11",
    "SpacingBetweenSlices": 2.75,
    "StationName": "mrc_Trio",
    "TaskName": "autobio",
    "TotalReadoutTime": 0.04275,
    "TxRefAmp": 216.313,
    "dataset": "ds001748",
    "modality": "bold",
    "subject_id": "teen12",
    "task_id": "autobio"
  },
  "dummy_trs": 0,
  "dvars_nstd": 28.446396347986585,
  "dvars_std": 1.4646023403355697,
  "dvars_vstd": 1.2119881548322153,
  "efc": 0.6241097155915901,
  "fber": 158.4566192626953,
  "fd_mean": 0.09904759842329496,
  "fd_num": 10,
  "fd_perc": 6.666666666666667,
  "fwhm_avg": 3.037829818181818,
  "fwhm_x": 2.832344,
  "fwhm_y": 3.15828,
  "fwhm_z": 3.1228654545454546,
  "gcor": 0.034478,
  "gsr_x": -0.010601785033941269,
  "gsr_y": 0.06673102080821991,
  "provenance": {
    "md5sum": "6c96850b70fdcf5dcdee40f2a048b527",
    "settings": {
      "fd_thres": 0.2,
      "testing": false
    },
    "software": "mriqc",
    "version": "22.0.0rc1",
    "webapi_port": null,
    "webapi_url": "https://mriqc.nimh.nih.gov/api/v1"
  },
  "size_t": 150,
  "size_x": 76,
  "size_y": 76,
  "size_z": 45,
  "snr": 2.38905780779442,
  "spacing_tr": 3.0,
  "spacing_x": 2.5,
  "spacing_y": 2.5,
  "spacing_z": 2.75,
  "summary_bg_k": 26.441567491398338,
  "summary_bg_mad": 6.414727257733302,
  "summary_bg_mean": 110.45597839355469,
  "summary_bg_median": 68.586669921875,
  "summary_bg_n": 137385.0,
  "summary_bg_p05": 63.34800186157227,
  "summary_bg_p95": 320.33066406249947,
  "summary_bg_stdv": 116.37383270263672,
  "summary_fg_k": 1.7148958348867618,
  "summary_fg_mad": 323.9782657449187,
  "summary_fg_mean": 957.1585083007812,
  "summary_fg_median": 880.0400390625,
  "summary_fg_n": 67475.0,
  "summary_fg_p05": 508.4473419189453,
  "summary_fg_p95": 1681.7727539062487,
  "summary_fg_stdv": 368.3600769042969,
  "tsnr": 56.6061941171065
}