{
  "aor": 0.0010036241610738256,
  "aqi": 0.0036614467785234897,
  "bids_meta": {
    "AcquisitionMatrixPE": 76,
    "AcquisitionNumber": 1,
    "AcquisitionTime": "10:25:32.145000",
    "BandwidthPerPixelPhaseEncode": 23.084,
    "BaseResolution": 76,
    "BodyPartExamined": "BRAIN",
    "ConsistencyInfo": "N4_VE11C_LATEST_20160120",
    "ConversionSoftware": "dcm2niix",
    "ConversionSoftwareVersion": "v1.0.20180622 (JP2:OpenJPEG) GCC6.1.0",
    "DerivedVendorReportedEchoSpacing": 0.000570001,
    "DeviceSerialNumber": "167001",
    "DwellTime": 3.3e-06,
    "EchoTime": 0.03,
    "EchoTrainLength": 76,
    "EffectiveEchoSpacing": 0.000570001,
    "FlipAngle": 90,
    "ImageOrientationPatientDICOM": [
      0.999125,
      0.000376215,
      0.0418248,
      0.00523145,
      0.990983,
      -0.133885
    ],
    "ImageType": [
      "ORIGINAL",
      "PRIMARY",
      "M",
      "ND",
      "MOSAIC"
    ],
    "InPlanePhaseEncodingDirectionDICOM": "COL",
    "InstitutionAddress": "Cooper_60_St._Lucia_QLD_AU_4072",
    "InstitutionName": "St_Lucia_Campus",
    "InstitutionalDepartmentName": "Gehrmann_Labs_MRI",
    "MRAcquisitionType": "2D",
    "MagneticFieldStrength": 3,
    "Manufacturer": "Siemens",
    "ManufacturersModelName": "Prisma_fit",
    "Modality": "MR",
    "PartialFourier": 1,
    "PatientPosition": "HFS",
    "PercentPhaseFOV": 100,
    "PhaseEncodingDirection": "j-",
    "PhaseEncodingSteps": 76,
    "PhaseResolution": 1,
    "PixelBandwidth": 1995,
    "ProcedureStepDescription": "Research_16004_CMN",
    "ProtocolName": "ep2d_bold_EPI",
    "PulseSequenceDetails": "%SiemensSeq%_ep2d_bold",
    "ReceiveCoilActiveElements": "HC1-7;NC1,2",
    "ReceiveCoilName": "HeadNeck_64",
    "ReconMatrixPE": 76,
    "RepetitionTime": 3,
    "SAR": 0.0776343,
    "ScanOptions": "FS",
    "ScanningSequence": "EP",
    "SequenceName": "_epfid2d1_76",
    "SequenceVariant": "SK",
    "SeriesDescription": "ep2d_bold_EPI",
    "SeriesNumber": 8,
    "ShimSetting": [
      3063,
      -4136,
      -707,
      791,
      43,
      45,
      -21,
      -39
    ],
    "SliceThickness": 2.5,
    "SliceTiming": [
      0,
      1.5225,
      0.065,
      1.5875,
      0.1325,
      1.655,
      0.1975,
      1.72,
      0.265,
      1.7875,
      0.33,
      1.8525,
      0.3975,
      1.92,
      0.4625,
      1.985,
      0.53,
      2.0525,
      0.595,
      2.1175,
      0.6625,
      2.185,
      0.7275,
      2.25,
      0.795,
      2.3175,
      0.86,
      2.3825,
      0.9275,
      2.45,
      0.9925,
      2.515,
      1.06,
      2.5825,
      1.125,
      2.6475,
      1.19,
      2.715,
      1.2575,
      2.78,
      1.3225,
      2.8475,
      1.39,
      2.9125,
      1.455
    ],
    "SoftwareVersions": "syngo_MR_E11",
    "SpacingBetweenSlices": 2.75,
    "StationName": "mrc_Trio",
    "TaskName": "episodic",
    "TotalReadoutTime": 0.04275,
    "TxRefAmp": 216.313,
    "dataset": "ds001748",
    "modality": "bold",
    "subject_id": "teen12",
    "task_id": "episodic"
  },
  "dummy_trs": 1,
  "dvars_nstd": 27.62118263506757,
  "dvars_std": 1.2145662697297293,
  "dvars_vstd": 0.9447851274324321,
  "efc": 0.6247995188511967,
  "fber": 158.890869140625,
  "fd_mean": 0.08842700698706554,
  "fd_num": 9,
  "fd_perc": 6.040268456375839,
  "fwhm_avg": 3.0538940606060607,
  "fwhm_x": 2.847336,
  "fwhm_y": 3.187008,
  "fwhm_z": 3.127338181818182,
  "gcor": 0.0196508,
  "gsr_x": -0.009949958883225918,
  "gsr_y": 0.06771589815616608,
  "provenance": {
    "md5sum": "1ef9c7494023edda143a39d945b3ba00",
    "settings": {
      "fd_thres": 0.2,
      "testing": false
    },
    "software": "mriqc",
    "version": "22.0.0rc1",
    "webapi_port": null,
    "webapi_url": "https://mriqc.nimh.nih.gov/api/v1"
  },
  "size_t": 149,
  "size_x": 76,
  "size_y": 76,
  "size_z": 45,
  "snr": 2.3884065389024216,
  "spacing_tr": 3.0,
  "spacing_x": 2.5,
  "spacing_y": 2.5,
  "spacing_z": 2.75,
  "summary_bg_k": 25.94451704174438,
  "summary_bg_mad": 6.378168951075815,
  "summary_bg_mean": 111.85166931152344,
  "summary_bg_median": 68.59060668945312,
  "summary_bg_n": 137485.0,
  "summary_bg_p05": 63.44966506958008,
  "summary_bg_p95": 328.0268554687496,
  "summary_bg_stdv": 119.57087707519531,
  "summary_fg_k": 1.7435718832070295,
  "summary_fg_mad": 324.1624598865061,
  "summary_fg_mean": 958.648193359375,
  "summary_fg_median": 880.9228515625,
  "summary_fg_n": 67396.0,
  "summary_fg_p05": 510.77685546875,
  "summary_fg_p95": 1681.3909606933594,
  "summary_fg_stdv": 368.83013916015625,
  "tsnr": 65.37766769726295
}