{
  "bids_meta": {
    "AcquisitionMatrixPE": 240,
    "AcquisitionNumber": 1,
    "AcquisitionTime": "09:47:17.697500",
    "BaseResolution": 256,
    "ConversionSoftware": "dcm2niix",
    "ConversionSoftwareVersion": "v1.0.20180622 (JP2:OpenJPEG) GCC6.1.0",
    "DeviceSerialNumber": "35410",
    "DwellTime": 8.1e-06,
    "EchoTime": 0.00289,
    "ImageOrientationPatientDICOM": [
      -0.0296664,
      0.99956,
      5.7579e-08,
      0.00348813,
      0.000103583,
      -0.999994
    ],
    "ImageType": [
      "ORIGINAL",
      "PRIMARY",
      "M",
      "ND",
      "UNI"
    ],
    "InPlanePhaseEncodingDirectionDICOM": "ROW",
    "InstitutionAddress": "Cooper_60_St._Lucia_QLD_AU_4072",
    "InstitutionName": "St_Lucia_Campus",
    "InstitutionalDepartmentName": "Gehrmann_Labs_MRI",
    "MRAcquisitionType": "3D",
    "MagneticFieldStrength": 3,
    "Manufacturer": "Siemens",
    "ManufacturersModelName": "TrioTim",
    "Modality": "MR",
    "ParallelReductionFactorInPlane": 3,
    "PartialFourier": 0.75,
    "PatientPosition": "HFS",
    "PercentPhaseFOV": 93.75,
    "PhaseEncodingSteps": 181,
    "PhaseResolution": 1,
    "PixelBandwidth": 241,
    "ProcedureStepDescription": "Brain_-_UQ_fMRI",
    "ProtocolName": "mp2rage",
    "PulseSequenceDetails": "%CustomerSeq%_mp2rage_wip820B17",
    "ReceiveCoilName": "32Ch_Head",
    "ReconMatrixPE": 256,
    "RepetitionTime": 4,
    "SAR": 0.138739,
    "ScanOptions": "IR_PFP",
    "ScanningSequence": "GR_IR",
    "SequenceName": "tfl3d1_ns",
    "SequenceVariant": "SP_MP",
    "SeriesDescription": "mp2rage_UNI-DEN",
    "SeriesNumber": 7,
    "ShimSetting": [
      6819,
      -11271,
      -2615,
      -89,
      20,
      1,
      -123,
      4
    ],
    "SliceThickness": 1,
    "SoftwareVersions": "syngo_MR_B17",
    "StationName": "mrc_Trio",
    "TxRefAmp": 436.403,
    "dataset": "ds001748",
    "modality": "T1w",
    "subject_id": "adult01"
  },
  "cjv": 0.40391178470220757,
  "cnr": 3.0498372747576523,
  "efc": 0.587562370683656,
  "fber": 2962.876953125,
  "fwhm_avg": 3.6450845118850896,
  "fwhm_x": 3.784843535655268,
  "fwhm_y": 3.92693,
  "fwhm_z": 3.22348,
  "icvs_csf": 0.26391053244486534,
  "icvs_gm": 0.3527788608126459,
  "icvs_wm": 0.38331060674248874,
  "inu_med": 0.9191066026687622,
  "inu_range": 0.30130714178085327,
  "provenance": {
    "md5sum": "12db5f92cf0296de9ba3012e011ef8b5",
    "settings": {
      "testing": false
    },
    "software": "mriqc",
    "version": "22.0.0rc1",
    "warnings": {
      "large_rot_frame": true,
      "small_air_mask": false
    },
    "webapi_port": null,
    "webapi_url": "https://mriqc.nimh.nih.gov/api/v1"
  },
  "qi_1": 2.738916280322767e-05,
  "qi_2": 0.0006207752267725738,
  "rpve_csf": 19.28475950772914,
  "rpve_gm": 12.945186520796277,
  "rpve_wm": 16.72936746941051,
  "size_x": 176,
  "size_y": 240,
  "size_z": 256,
  "snr_csf": 4.421737462521515,
  "snr_gm": 9.529574445585624,
  "snr_total": 14.305424138048247,
  "snr_wm": 28.964960506037606,
  "snrd_csf": 77.37847936642336,
  "snrd_gm": 132.76058031290927,
  "snrd_total": 129.82717125445717,
  "snrd_wm": 179.34245408403882,
  "spacing_x": 0.9999964237213135,
  "spacing_y": 1.0,
  "spacing_z": 1.0,
  "summary_bg_k": 109.87264583821914,
  "summary_bg_mad": 3.653110991287984,
  "summary_bg_mean": 12.841401100158691,
  "summary_bg_median": 11.87607192993164,
  "summary_bg_n": 2225792.0,
  "summary_bg_p05": 7.299244832992554,
  "summary_bg_p95": 21.164239120483384,
  "summary_bg_stdv": 5.226536273956299,
  "summary_csf_k": 1.4866216108846766,
  "summary_csf_mad": 79.81961051242405,
  "summary_csf_mean": 417.47027587890625,
  "summary_csf_median": 431.4707336425781,
  "summary_csf_n": 10426.0,
  "summary_csf_p05": 231.01237869262695,
  "summary_csf_p95": 551.4971618652344,
  "summary_csf_stdv": 97.57477569580078,
  "summary_gm_k": 0.49325038271732957,
  "summary_gm_mad": 71.53438066174047,
  "summary_gm_mean": 743.9639892578125,
  "summary_gm_median": 740.2872924804688,
  "summary_gm_n": 10435.0,
  "summary_gm_p05": 621.7105529785156,
  "summary_gm_p95": 878.0254333496093,
  "summary_gm_stdv": 77.6794204711914,
  "summary_wm_k": 0.48282994318401995,
  "summary_wm_mad": 33.379905758878934,
  "summary_wm_mean": 1000.7752685546875,
  "summary_wm_median": 1000.0328369140625,
  "summary_wm_n": 208883.0,
  "summary_wm_p05": 945.9293151855469,
  "summary_wm_p95": 1058.3347900390625,
  "summary_wm_stdv": 34.5255241394043,
  "tpm_overlap_csf": 0.1316736340522766,
  "tpm_overlap_gm": 0.3840771019458771,
  "tpm_overlap_wm": 0.49389663338661194,
  "wm2max": 0.7007624293073548
}