{
  "bids_meta": {
    "AcquisitionMatrixPE": 240,
    "AcquisitionNumber": 1,
    "AcquisitionTime": "13:00:46.615000",
    "BaseResolution": 256,
    "ConversionSoftware": "dcm2niix",
    "ConversionSoftwareVersion": "v1.0.20180622 (JP2:OpenJPEG) GCC6.1.0",
    "DeviceSerialNumber": "35410",
    "DwellTime": 8.1e-06,
    "EchoTime": 0.00289,
    "ImageOrientationPatientDICOM": [
      0.0191973,
      0.999816,
      -3.03858e-08,
      0.00348898,
      -6.70216e-05,
      -0.999994
    ],
    "ImageType": [
      "ORIGINAL",
      "PRIMARY",
      "M",
      "ND",
      "UNI"
    ],
    "InPlanePhaseEncodingDirectionDICOM": "ROW",
    "InstitutionAddress": "Cooper_60_St._Lucia_QLD_AU_4072",
    "InstitutionName": "St_Lucia_Campus",
    "InstitutionalDepartmentName": "Gehrmann_Labs_MRI",
    "MRAcquisitionType": "3D",
    "MagneticFieldStrength": 3,
    "Manufacturer": "Siemens",
    "ManufacturersModelName": "TrioTim",
    "Modality": "MR",
    "ParallelReductionFactorInPlane": 3,
    "PartialFourier": 0.75,
    "PatientPosition": "HFS",
    "PercentPhaseFOV": 93.75,
    "PhaseEncodingSteps": 181,
    "PhaseResolution": 1,
    "PixelBandwidth": 241,
    "ProcedureStepDescription": "Brain_-_UQ_fMRI",
    "ProtocolName": "mp2rage",
    "PulseSequenceDetails": "%CustomerSeq%_mp2rage_wip820B17",
    "ReceiveCoilName": "32Ch_Head",
    "ReconMatrixPE": 256,
    "RepetitionTime": 4,
    "SAR": 0.15804,
    "ScanOptions": "IR_PFP",
    "ScanningSequence": "GR_IR",
    "SequenceName": "tfl3d1_ns",
    "SequenceVariant": "SP_MP",
    "SeriesDescription": "mp2rage_UNI-DEN",
    "SeriesNumber": 3,
    "ShimSetting": [
      6819,
      -11271,
      -2615,
      -89,
      20,
      1,
      -123,
      4
    ],
    "SliceThickness": 1,
    "SoftwareVersions": "syngo_MR_B17",
    "StationName": "mrc_Trio",
    "TxRefAmp": 316.802,
    "dataset": "ds001748",
    "modality": "T1w",
    "subject_id": "child10"
  },
  "cjv": 0.26878341272434675,
  "cnr": 4.930056071342621,
  "efc": 0.5075781916991754,
  "fber": 3260.01220703125,
  "fwhm_avg": 3.8381871392970983,
  "fwhm_x": 3.9647114178912943,
  "fwhm_y": 4.06398,
  "fwhm_z": 3.48587,
  "icvs_csf": 0.18074351342668102,
  "icvs_gm": 0.4648639591294802,
  "icvs_wm": 0.3543925274438388,
  "inu_med": 0.9354320168495178,
  "inu_range": 0.24756933748722054,
  "provenance": {
    "md5sum": "2b736b5d9b28b020779dcc496c0d0afe",
    "settings": {
      "testing": false
    },
    "software": "mriqc",
    "version": "22.0.0rc1",
    "warnings": {
      "large_rot_frame": true,
      "small_air_mask": false
    },
    "webapi_port": null,
    "webapi_url": "https://mriqc.nimh.nih.gov/api/v1"
  },
  "qi_1": 0.0062863000381929175,
  "qi_2": 0.0006358009254131526,
  "rpve_csf": 24.651699959702952,
  "rpve_gm": 10.989166228834069,
  "rpve_wm": 17.49837388963968,
  "size_x": 176,
  "size_y": 240,
  "size_z": 256,
  "snr_csf": 1.6333735744914528,
  "snr_gm": 9.142712294873373,
  "snr_total": 12.969883425100342,
  "snr_wm": 28.1335644059362,
  "snrd_csf": 45.31027843750943,
  "snrd_gm": 115.36913048886233,
  "snrd_total": 115.49306853130501,
  "snrd_wm": 185.7997966675433,
  "spacing_x": 0.9999996423721313,
  "spacing_y": 1.0,
  "spacing_z": 1.0,
  "summary_bg_k": 31.43614377456141,
  "summary_bg_mad": 3.5260696031255256,
  "summary_bg_mean": 11.980827331542969,
  "summary_bg_median": 10.656438827514648,
  "summary_bg_n": 2573988.0,
  "summary_bg_p05": 6.408214330673218,
  "summary_bg_p95": 21.310659122467033,
  "summary_bg_stdv": 6.010869979858398,
  "summary_csf_k": 1.8000671919149127,
  "summary_csf_mad": 203.835753553546,
  "summary_csf_mean": 238.47462463378906,
  "summary_csf_median": 243.8686065673828,
  "summary_csf_n": 4140.0,
  "summary_csf_p05": 42.42886238098144,
  "summary_csf_p95": 450.6057876586914,
  "summary_csf_stdv": 149.2855987548828,
  "summary_gm_k": -0.18135389931742107,
  "summary_gm_mad": 70.28461142103119,
  "summary_gm_mean": 621.2017822265625,
  "summary_gm_median": 620.9387817382812,
  "summary_gm_n": 32159.0,
  "summary_gm_p05": 510.8769012451172,
  "summary_gm_p95": 731.8423828125,
  "summary_gm_stdv": 67.91519927978516,
  "summary_wm_k": 1.15404395863255,
  "summary_wm_mad": 31.60347972424249,
  "summary_wm_mean": 999.3829956054688,
  "summary_wm_median": 1000.0101318359375,
  "summary_wm_n": 182227.0,
  "summary_wm_p05": 940.0179748535156,
  "summary_wm_p95": 1055.6986083984375,
  "summary_wm_stdv": 35.54499435424805,
  "tpm_overlap_csf": 0.16612881422042847,
  "tpm_overlap_gm": 0.451585978269577,
  "tpm_overlap_wm": 0.5094065070152283,
  "wm2max": 0.7325584788510168
}