{
  "bids_meta": {
    "AcquisitionMatrixPE": 240,
    "AcquisitionNumber": 1,
    "AcquisitionTime": "15:29:8.600000",
    "BaseResolution": 256,
    "ConversionSoftware": "dcm2niix",
    "ConversionSoftwareVersion": "v1.0.20180622 (JP2:OpenJPEG) GCC6.1.0",
    "DeviceSerialNumber": "35410",
    "DwellTime": 8.1e-06,
    "EchoTime": 0.00289,
    "ImageOrientationPatientDICOM": [
      0.00174517,
      0.999998,
      5.14356e-09,
      0.0034896,
      -6.08481e-06,
      -0.999994
    ],
    "ImageType": [
      "ORIGINAL",
      "PRIMARY",
      "M",
      "ND",
      "UNI"
    ],
    "InPlanePhaseEncodingDirectionDICOM": "ROW",
    "InstitutionAddress": "Cooper_60_St._Lucia_QLD_AU_4072",
    "InstitutionName": "St_Lucia_Campus",
    "InstitutionalDepartmentName": "Gehrmann_Labs_MRI",
    "MRAcquisitionType": "3D",
    "MagneticFieldStrength": 3,
    "Manufacturer": "Siemens",
    "ManufacturersModelName": "TrioTim",
    "Modality": "MR",
    "ParallelReductionFactorInPlane": 3,
    "PartialFourier": 0.75,
    "PatientPosition": "HFS",
    "PercentPhaseFOV": 93.75,
    "PhaseEncodingSteps": 181,
    "PhaseResolution": 1,
    "PixelBandwidth": 241,
    "ProcedureStepDescription": "Brain_-_UQ_fMRI",
    "ProtocolName": "mp2rage",
    "PulseSequenceDetails": "%CustomerSeq%_mp2rage_wip820B17",
    "ReceiveCoilName": "32Ch_Head",
    "ReconMatrixPE": 256,
    "RepetitionTime": 4,
    "SAR": 0.0966198,
    "ScanOptions": "IR_PFP",
    "ScanningSequence": "GR_IR",
    "SequenceName": "tfl3d1_ns",
    "SequenceVariant": "SP_MP",
    "SeriesDescription": "mp2rage_UNI-DEN",
    "SeriesNumber": 7,
    "ShimSetting": [
      6819,
      -11271,
      -2615,
      -89,
      20,
      1,
      -123,
      4
    ],
    "SliceThickness": 1,
    "SoftwareVersions": "syngo_MR_B17",
    "StationName": "mrc_Trio",
    "TxRefAmp": 324.526,
    "dataset": "ds001748",
    "modality": "T1w",
    "subject_id": "adult12"
  },
  "cjv": 0.32331305305491037,
  "cnr": 3.882104032918976,
  "efc": 0.5627413883824213,
  "fber": 2495.060302734375,
  "fwhm_avg": 3.7656034926839763,
  "fwhm_x": 3.8908002319097656,
  "fwhm_y": 4.129580246142163,
  "fwhm_z": 3.27643,
  "icvs_csf": 0.2539251942132388,
  "icvs_gm": 0.3885634548897898,
  "icvs_wm": 0.3575113508969714,
  "inu_med": 1.0237520933151245,
  "inu_range": 0.3104146718978881,
  "provenance": {
    "md5sum": "6dbe9f7ac64ae23fe35313b9bc3d3ae7",
    "settings": {
      "testing": false
    },
    "software": "mriqc",
    "version": "22.0.0rc1",
    "warnings": {
      "large_rot_frame": true,
      "small_air_mask": false
    },
    "webapi_port": null,
    "webapi_url": "https://mriqc.nimh.nih.gov/api/v1"
  },
  "qi_1": 1.668349691656537e-05,
  "qi_2": 0.0010661246314908075,
  "rpve_csf": 18.55145386290314,
  "rpve_gm": 11.558739813920848,
  "rpve_wm": 16.873115870062605,
  "size_x": 176,
  "size_y": 240,
  "size_z": 256,
  "snr_csf": 3.661207851938923,
  "snr_gm": 9.690744115131574,
  "snr_total": 13.192229801203467,
  "snr_wm": 26.224737436539904,
  "snrd_csf": 65.48554419129016,
  "snrd_gm": 117.47052388781992,
  "snrd_total": 117.98622723608395,
  "snrd_wm": 171.00261362914176,
  "spacing_x": 0.9999999403953552,
  "spacing_y": 0.9999999403953552,
  "spacing_z": 1.0,
  "summary_bg_k": 30.39643264321024,
  "summary_bg_mad": 3.831192758197165,
  "summary_bg_mean": 13.337594032287598,
  "summary_bg_median": 12.435260772705078,
  "summary_bg_n": 1951608.0,
  "summary_bg_p05": 7.619920706748962,
  "summary_bg_p95": 21.897967243194564,
  "summary_bg_stdv": 4.88836145401001,
  "summary_csf_k": 0.7012280898586112,
  "summary_csf_mad": 89.24574910156703,
  "summary_csf_mean": 367.7431945800781,
  "summary_csf_median": 382.9549865722656,
  "summary_csf_n": 7782.0,
  "summary_csf_p05": 153.1111946105957,
  "summary_csf_p95": 512.1509735107422,
  "summary_csf_stdv": 104.59127044677734,
  "summary_gm_k": 0.48325634141738183,
  "summary_gm_mad": 65.10075212602925,
  "summary_gm_mean": 686.5214233398438,
  "summary_gm_median": 686.9595947265625,
  "summary_gm_n": 15099.0,
  "summary_gm_p05": 569.1103149414063,
  "summary_gm_p95": 805.8496276855469,
  "summary_gm_stdv": 70.88587188720703,
  "summary_wm_k": 0.6133771886011443,
  "summary_wm_mad": 36.11304639038735,
  "summary_wm_mean": 1001.2711181640625,
  "summary_wm_median": 1000.0115966796875,
  "summary_wm_n": 191818.0,
  "summary_wm_p05": 941.4793426513672,
  "summary_wm_p95": 1065.6600036621094,
  "summary_wm_stdv": 38.13227844238281,
  "tpm_overlap_csf": 0.13655121624469757,
  "tpm_overlap_gm": 0.4063383936882019,
  "tpm_overlap_wm": 0.48636046051979065,
  "wm2max": 0.7212551625742211
}