{
  "aor": 0.005536333333333333,
  "aqi": 0.014151329600000002,
  "bids_meta": {
    "AcquisitionMatrixPE": 76,
    "AcquisitionNumber": 1,
    "AcquisitionTime": "11:29:10.390000",
    "BandwidthPerPixelPhaseEncode": 23.084,
    "BaseResolution": 76,
    "ConversionSoftware": "dcm2niix",
    "ConversionSoftwareVersion": "v1.0.20180622 (JP2:OpenJPEG) GCC6.1.0",
    "DerivedVendorReportedEchoSpacing": 0.000570001,
    "DeviceSerialNumber": "35410",
    "DwellTime": 3.3e-06,
    "EchoTime": 0.03,
    "EffectiveEchoSpacing": 0.000570001,
    "FlipAngle": 90,
    "ImageOrientationPatientDICOM": [
      0.999986,
      -0.000713225,
      -0.00520728,
      -7.2385e-08,
      0.990748,
      -0.135714
    ],
    "ImageType": [
      "ORIGINAL",
      "PRIMARY",
      "M",
      "ND",
      "MOSAIC"
    ],
    "InPlanePhaseEncodingDirectionDICOM": "COL",
    "InstitutionAddress": "Cooper_60_St._Lucia_QLD_AU_4072",
    "InstitutionName": "St_Lucia_Campus",
    "InstitutionalDepartmentName": "Gehrmann_Labs_MRI",
    "MRAcquisitionType": "2D",
    "MagneticFieldStrength": 3,
    "Manufacturer": "Siemens",
    "ManufacturersModelName": "TrioTim",
    "Modality": "MR",
    "PartialFourier": 1,
    "PatientPosition": "HFS",
    "PercentPhaseFOV": 100,
    "PhaseEncodingDirection": "j-",
    "PhaseEncodingSteps": 76,
    "PhaseResolution": 1,
    "PixelBandwidth": 1994,
    "ProcedureStepDescription": "Brain_-_UQ_fMRI",
    "ProtocolName": "EPI",
    "PulseSequenceDetails": "%SiemensSeq%_ep2d_pace",
    "ReceiveCoilName": "32Ch_Head",
    "ReconMatrixPE": 76,
    "RepetitionTime": 3,
    "SAR": 0.200959,
    "ScanOptions": "FS",
    "ScanningSequence": "EP",
    "SequenceName": "_epfid2d1_76",
    "SequenceVariant": "SK",
    "SeriesDescription": "EPI",
    "SeriesNumber": 9,
    "ShimSetting": [
      6780,
      -11305,
      -2115,
      1057,
      60,
      61,
      -244,
      10
    ],
    "SliceThickness": 2.5,
    "SliceTiming": [
      0,
      1.5275,
      0.065,
      1.595,
      0.1325,
      1.6625,
      0.2,
      1.7275,
      0.265,
      1.795,
      0.3325,
      1.86,
      0.3975,
      1.9275,
      0.465,
      1.9925,
      0.53,
      2.06,
      0.5975,
      2.1275,
      0.665,
      2.1925,
      0.73,
      2.26,
      0.7975,
      2.325,
      0.8625,
      2.3925,
      0.93,
      2.46,
      0.9975,
      2.525,
      1.0625,
      2.5925,
      1.13,
      2.6575,
      1.195,
      2.725,
      1.2625,
      2.7925,
      1.33,
      2.8575,
      1.395,
      2.925,
      1.4625
    ],
    "SoftwareVersions": "syngo_MR_B17",
    "SpacingBetweenSlices": 2.75,
    "StationName": "mrc_Trio",
    "TaskName": "episodic",
    "TotalReadoutTime": 0.04275,
    "TxRefAmp": 317.24,
    "dataset": "ds001748",
    "modality": "bold",
    "subject_id": "child11",
    "task_id": "episodic"
  },
  "dummy_trs": 0,
  "dvars_nstd": 50.687993606778534,
  "dvars_std": 1.1228747868456377,
  "dvars_vstd": 0.9647639351677852,
  "efc": 0.6012541830462867,
  "fber": 293.2931823730469,
  "fd_mean": 0.5247146143600673,
  "fd_num": 123,
  "fd_perc": 82.0,
  "fwhm_avg": 2.523502787878788,
  "fwhm_x": 2.440172,
  "fwhm_y": 2.63206,
  "fwhm_z": 2.498276363636364,
  "gcor": 0.0294342,
  "gsr_x": -0.013602704741060734,
  "gsr_y": 0.054715950042009354,
  "provenance": {
    "md5sum": "ef6b1643dcce64a8522b7b5928d33293",
    "settings": {
      "fd_thres": 0.2,
      "testing": false
    },
    "software": "mriqc",
    "version": "22.0.0rc1",
    "webapi_port": null,
    "webapi_url": "https://mriqc.nimh.nih.gov/api/v1"
  },
  "size_t": 150,
  "size_x": 76,
  "size_y": 76,
  "size_z": 45,
  "snr": 3.472908069213431,
  "spacing_tr": 3.0,
  "spacing_x": 2.5,
  "spacing_y": 2.5,
  "spacing_z": 2.75,
  "summary_bg_k": 34.360057415414374,
  "summary_bg_mad": 5.060610746320025,
  "summary_bg_mean": 52.39310073852539,
  "summary_bg_median": 36.086666107177734,
  "summary_bg_n": 143283.0,
  "summary_bg_p05": 31.753334045410156,
  "summary_bg_p95": 127.18466873168934,
  "summary_bg_stdv": 48.09424591064453,
  "summary_fg_k": 1.0032786166884486,
  "summary_fg_mad": 174.28484968435538,
  "summary_fg_mean": 653.2256469726562,
  "summary_fg_median": 627.02001953125,
  "summary_fg_n": 64703.0,
  "summary_fg_p05": 408.9426696777344,
  "summary_fg_p95": 984.5833801269525,
  "summary_fg_stdv": 180.54470825195312,
  "tsnr": 31.9467601692304
}