{
  "aor": 0.011563133333333331,
  "aqi": 0.006302036066666666,
  "bids_meta": {
    "AcquisitionMatrixPE": 76,
    "AcquisitionNumber": 1,
    "AcquisitionTime": "14:15:9.525000",
    "BandwidthPerPixelPhaseEncode": 23.084,
    "BaseResolution": 76,
    "ConversionSoftware": "dcm2niix",
    "ConversionSoftwareVersion": "v1.0.20180622 (JP2:OpenJPEG) GCC6.1.0",
    "DerivedVendorReportedEchoSpacing": 0.000570001,
    "DeviceSerialNumber": "35410",
    "DwellTime": 3.3e-06,
    "EchoTime": 0.03,
    "EffectiveEchoSpacing": 0.000570001,
    "FlipAngle": 90,
    "ImageOrientationPatientDICOM": [
      0.999912,
      -0.00936562,
      -0.00937352,
      0.00523561,
      0.929094,
      -0.369807
    ],
    "ImageType": [
      "ORIGINAL",
      "PRIMARY",
      "M",
      "ND",
      "MOSAIC"
    ],
    "InPlanePhaseEncodingDirectionDICOM": "COL",
    "InstitutionAddress": "Cooper_60_St._Lucia_QLD_AU_4072",
    "InstitutionName": "St_Lucia_Campus",
    "InstitutionalDepartmentName": "Gehrmann_Labs_MRI",
    "MRAcquisitionType": "2D",
    "MagneticFieldStrength": 3,
    "Manufacturer": "Siemens",
    "ManufacturersModelName": "TrioTim",
    "Modality": "MR",
    "PartialFourier": 1,
    "PatientPosition": "HFS",
    "PercentPhaseFOV": 100,
    "PhaseEncodingDirection": "j-",
    "PhaseEncodingSteps": 76,
    "PhaseResolution": 1,
    "PixelBandwidth": 1994,
    "ProcedureStepDescription": "Brain_-_UQ_fMRI",
    "ProtocolName": "EPI",
    "PulseSequenceDetails": "%SiemensSeq%_ep2d_pace",
    "ReceiveCoilName": "32Ch_Head",
    "ReconMatrixPE": 76,
    "RepetitionTime": 3,
    "SAR": 0.155844,
    "ScanOptions": "FS",
    "ScanningSequence": "EP",
    "SequenceName": "_epfid2d1_76",
    "SequenceVariant": "SK",
    "SeriesDescription": "EPI",
    "SeriesNumber": 4,
    "ShimSetting": [
      6794,
      -11304,
      -2213,
      759,
      29,
      -175,
      -148,
      -54
    ],
    "SliceThickness": 2.5,
    "SliceTiming": [
      0,
      1.53,
      0.0675,
      1.5975,
      0.135,
      1.6625,
      0.2,
      1.73,
      0.2675,
      1.795,
      0.3325,
      1.8625,
      0.4,
      1.93,
      0.4675,
      1.995,
      0.5325,
      2.0625,
      0.6,
      2.1275,
      0.665,
      2.195,
      0.7325,
      2.26,
      0.7975,
      2.3275,
      0.865,
      2.395,
      0.9325,
      2.46,
      0.9975,
      2.5275,
      1.065,
      2.5925,
      1.13,
      2.66,
      1.1975,
      2.7275,
      1.265,
      2.7925,
      1.33,
      2.86,
      1.3975,
      2.925,
      1.4625
    ],
    "SoftwareVersions": "syngo_MR_B17",
    "SpacingBetweenSlices": 2.75,
    "StationName": "mrc_Trio",
    "TaskName": "episodic",
    "TotalReadoutTime": 0.04275,
    "TxRefAmp": 342.467,
    "dataset": "ds001748",
    "modality": "bold",
    "subject_id": "adult15",
    "task_id": "episodic"
  },
  "dummy_trs": 0,
  "dvars_nstd": 39.87273872912749,
  "dvars_std": 1.3384695581208048,
  "dvars_vstd": 1.102448551006712,
  "efc": 0.6416427016048066,
  "fber": 189.57493591308594,
  "fd_mean": 0.23723986831253163,
  "fd_num": 49,
  "fd_perc": 32.666666666666664,
  "fwhm_avg": 2.528849090909091,
  "fwhm_x": 2.426596,
  "fwhm_y": 2.562584,
  "fwhm_z": 2.5973672727272725,
  "gcor": 0.0284136,
  "gsr_x": -0.009071542881429195,
  "gsr_y": 0.09004949778318405,
  "provenance": {
    "md5sum": "467a2797283ca1e6e8bf5cc2d1bc3f88",
    "settings": {
      "fd_thres": 0.2,
      "testing": false
    },
    "software": "mriqc",
    "version": "22.0.0rc1",
    "webapi_port": null,
    "webapi_url": "https://mriqc.nimh.nih.gov/api/v1"
  },
  "size_t": 150,
  "size_x": 76,
  "size_y": 76,
  "size_z": 45,
  "snr": 2.8258012319215124,
  "spacing_tr": 3.0,
  "spacing_x": 2.5,
  "spacing_y": 2.5,
  "spacing_z": 2.75,
  "summary_bg_k": 35.668138948032,
  "summary_bg_mad": 11.72244025903047,
  "summary_bg_mean": 80.23406982421875,
  "summary_bg_median": 42.68000030517578,
  "summary_bg_n": 133653.0,
  "summary_bg_p05": 33.746665954589844,
  "summary_bg_p95": 267.0760070800781,
  "summary_bg_stdv": 101.33052062988281,
  "summary_fg_k": 1.5687155783209397,
  "summary_fg_mad": 192.59992788374979,
  "summary_fg_mean": 643.8072509765625,
  "summary_fg_median": 601.6133422851562,
  "summary_fg_n": 72346.0,
  "summary_fg_p05": 372.8399963378906,
  "summary_fg_p95": 1046.3399963378906,
  "summary_fg_stdv": 212.89862060546875,
  "tsnr": 47.44824891840108
}