{
  "aor": 0.009350800000000001,
  "aqi": 0.0066030492,
  "bids_meta": {
    "AcquisitionMatrixPE": 76,
    "AcquisitionNumber": 1,
    "AcquisitionTime": "14:07:11.660000",
    "BandwidthPerPixelPhaseEncode": 23.084,
    "BaseResolution": 76,
    "ConversionSoftware": "dcm2niix",
    "ConversionSoftwareVersion": "v1.0.20180622 (JP2:OpenJPEG) GCC6.1.0",
    "DerivedVendorReportedEchoSpacing": 0.000570001,
    "DeviceSerialNumber": "35410",
    "DwellTime": 3.3e-06,
    "EchoTime": 0.03,
    "EffectiveEchoSpacing": 0.000570001,
    "FlipAngle": 90,
    "ImageOrientationPatientDICOM": [
      0.999912,
      -0.00936562,
      -0.00937352,
      0.00523561,
      0.929094,
      -0.369807
    ],
    "ImageType": [
      "ORIGINAL",
      "PRIMARY",
      "M",
      "ND",
      "MOSAIC"
    ],
    "InPlanePhaseEncodingDirectionDICOM": "COL",
    "InstitutionAddress": "Cooper_60_St._Lucia_QLD_AU_4072",
    "InstitutionName": "St_Lucia_Campus",
    "InstitutionalDepartmentName": "Gehrmann_Labs_MRI",
    "MRAcquisitionType": "2D",
    "MagneticFieldStrength": 3,
    "Manufacturer": "Siemens",
    "ManufacturersModelName": "TrioTim",
    "Modality": "MR",
    "PartialFourier": 1,
    "PatientPosition": "HFS",
    "PercentPhaseFOV": 100,
    "PhaseEncodingDirection": "j-",
    "PhaseEncodingSteps": 76,
    "PhaseResolution": 1,
    "PixelBandwidth": 1994,
    "ProcedureStepDescription": "Brain_-_UQ_fMRI",
    "ProtocolName": "SEM",
    "PulseSequenceDetails": "%SiemensSeq%_ep2d_pace",
    "ReceiveCoilName": "32Ch_Head",
    "ReconMatrixPE": 76,
    "RepetitionTime": 3,
    "SAR": 0.155844,
    "ScanOptions": "FS",
    "ScanningSequence": "EP",
    "SequenceName": "_epfid2d1_76",
    "SequenceVariant": "SK",
    "SeriesDescription": "SEM",
    "SeriesNumber": 3,
    "ShimSetting": [
      6794,
      -11304,
      -2213,
      759,
      29,
      -175,
      -148,
      -54
    ],
    "SliceThickness": 2.5,
    "SliceTiming": [
      0,
      1.5275,
      0.065,
      1.595,
      0.1325,
      1.66,
      0.1975,
      1.7275,
      0.265,
      1.795,
      0.3325,
      1.86,
      0.3975,
      1.9275,
      0.465,
      1.9925,
      0.53,
      2.06,
      0.5975,
      2.125,
      0.6625,
      2.1925,
      0.73,
      2.26,
      0.7975,
      2.325,
      0.8625,
      2.3925,
      0.93,
      2.4575,
      0.995,
      2.525,
      1.0625,
      2.5925,
      1.13,
      2.6575,
      1.195,
      2.725,
      1.2625,
      2.79,
      1.3275,
      2.8575,
      1.395,
      2.925,
      1.4625
    ],
    "SoftwareVersions": "syngo_MR_B17",
    "SpacingBetweenSlices": 2.75,
    "StationName": "mrc_Trio",
    "TaskName": "semantic",
    "TotalReadoutTime": 0.04275,
    "TxRefAmp": 342.467,
    "dataset": "ds001748",
    "modality": "bold",
    "subject_id": "adult15",
    "task_id": "semantic"
  },
  "dummy_trs": 0,
  "dvars_nstd": 38.80983009630875,
  "dvars_std": 1.2865262637583887,
  "dvars_vstd": 1.0808885677852347,
  "efc": 0.6410204191765134,
  "fber": 191.54185485839844,
  "fd_mean": 0.20987536594158793,
  "fd_num": 47,
  "fd_perc": 31.333333333333332,
  "fwhm_avg": 2.549211757575758,
  "fwhm_x": 2.45,
  "fwhm_y": 2.574268,
  "fwhm_z": 2.6233672727272728,
  "gcor": 0.0253742,
  "gsr_x": -0.00941713061183691,
  "gsr_y": 0.08785928785800934,
  "provenance": {
    "md5sum": "b878be8b3012463cb092c89d8efb2c39",
    "settings": {
      "fd_thres": 0.2,
      "testing": false
    },
    "software": "mriqc",
    "version": "22.0.0rc1",
    "webapi_port": null,
    "webapi_url": "https://mriqc.nimh.nih.gov/api/v1"
  },
  "size_t": 150,
  "size_x": 76,
  "size_y": 76,
  "size_z": 45,
  "snr": 2.8298603708210224,
  "spacing_tr": 3.0,
  "spacing_x": 2.5,
  "spacing_y": 2.5,
  "spacing_z": 2.75,
  "summary_bg_k": 36.83590864769964,
  "summary_bg_mad": 11.050325066445527,
  "summary_bg_mean": 79.28116607666016,
  "summary_bg_median": 42.4466667175293,
  "summary_bg_n": 133721.0,
  "summary_bg_p05": 34.32666778564453,
  "summary_bg_p95": 260.66668701171875,
  "summary_bg_stdv": 99.1239013671875,
  "summary_fg_k": 1.5313460088318713,
  "summary_fg_mad": 193.14359695899282,
  "summary_fg_mean": 643.4899291992188,
  "summary_fg_median": 601.5599975585938,
  "summary_fg_n": 72215.0,
  "summary_fg_p05": 372.7786804199219,
  "summary_fg_p95": 1044.1873291015627,
  "summary_fg_stdv": 212.5743865966797,
  "tsnr": 45.78881428297609
}