{
  "aor": 0.007770533333333334,
  "aqi": 0.008411726599999999,
  "bids_meta": {
    "AcquisitionMatrixPE": 76,
    "AcquisitionNumber": 1,
    "AcquisitionTime": "13:59:14.597500",
    "BandwidthPerPixelPhaseEncode": 23.084,
    "BaseResolution": 76,
    "ConversionSoftware": "dcm2niix",
    "ConversionSoftwareVersion": "v1.0.20180622 (JP2:OpenJPEG) GCC6.1.0",
    "DerivedVendorReportedEchoSpacing": 0.000570001,
    "DeviceSerialNumber": "35410",
    "DwellTime": 3.3e-06,
    "EchoTime": 0.03,
    "EffectiveEchoSpacing": 0.000570001,
    "FlipAngle": 90,
    "ImageOrientationPatientDICOM": [
      0.999912,
      -0.00936562,
      -0.00937352,
      0.00523561,
      0.929094,
      -0.369807
    ],
    "ImageType": [
      "ORIGINAL",
      "PRIMARY",
      "M",
      "ND",
      "MOSAIC"
    ],
    "InPlanePhaseEncodingDirectionDICOM": "COL",
    "InstitutionAddress": "Cooper_60_St._Lucia_QLD_AU_4072",
    "InstitutionName": "St_Lucia_Campus",
    "InstitutionalDepartmentName": "Gehrmann_Labs_MRI",
    "MRAcquisitionType": "2D",
    "MagneticFieldStrength": 3,
    "Manufacturer": "Siemens",
    "ManufacturersModelName": "TrioTim",
    "Modality": "MR",
    "PartialFourier": 1,
    "PatientPosition": "HFS",
    "PercentPhaseFOV": 100,
    "PhaseEncodingDirection": "j-",
    "PhaseEncodingSteps": 76,
    "PhaseResolution": 1,
    "PixelBandwidth": 1994,
    "ProcedureStepDescription": "Brain_-_UQ_fMRI",
    "ProtocolName": "AUTO",
    "PulseSequenceDetails": "%SiemensSeq%_ep2d_pace",
    "ReceiveCoilName": "32Ch_Head",
    "ReconMatrixPE": 76,
    "RepetitionTime": 3,
    "SAR": 0.155844,
    "ScanOptions": "FS",
    "ScanningSequence": "EP",
    "SequenceName": "_epfid2d1_76",
    "SequenceVariant": "SK",
    "SeriesDescription": "AUTO",
    "SeriesNumber": 2,
    "ShimSetting": [
      6794,
      -11304,
      -2213,
      759,
      29,
      -175,
      -148,
      -54
    ],
    "SliceThickness": 2.5,
    "SliceTiming": [
      0,
      1.53,
      0.0675,
      1.595,
      0.1325,
      1.6625,
      0.2,
      1.7275,
      0.265,
      1.795,
      0.3325,
      1.8625,
      0.4,
      1.9275,
      0.465,
      1.995,
      0.5325,
      2.06,
      0.5975,
      2.1275,
      0.665,
      2.1925,
      0.73,
      2.26,
      0.7975,
      2.3275,
      0.865,
      2.3925,
      0.93,
      2.46,
      0.9975,
      2.525,
      1.0625,
      2.5925,
      1.13,
      2.66,
      1.1975,
      2.725,
      1.2625,
      2.7925,
      1.33,
      2.8575,
      1.395,
      2.925,
      1.4625
    ],
    "SoftwareVersions": "syngo_MR_B17",
    "SpacingBetweenSlices": 2.75,
    "StationName": "mrc_Trio",
    "TaskName": "autobio",
    "TotalReadoutTime": 0.04275,
    "TxRefAmp": 342.467,
    "dataset": "ds001748",
    "modality": "bold",
    "subject_id": "adult15",
    "task_id": "autobio"
  },
  "dummy_trs": 0,
  "dvars_nstd": 41.55097599154364,
  "dvars_std": 1.1889970605369125,
  "dvars_vstd": 1.020521589261745,
  "efc": 0.6409157580472022,
  "fber": 187.8950958251953,
  "fd_mean": 0.24698391757262875,
  "fd_num": 52,
  "fd_perc": 34.666666666666664,
  "fwhm_avg": 2.5755214545454543,
  "fwhm_x": 2.4723800000000002,
  "fwhm_y": 2.6166679999999998,
  "fwhm_z": 2.6375163636363634,
  "gcor": 0.0428157,
  "gsr_x": -0.008889112621545792,
  "gsr_y": 0.08817824721336365,
  "provenance": {
    "md5sum": "1927cf2e9c33c52d1a8afc8d16049985",
    "settings": {
      "fd_thres": 0.2,
      "testing": false
    },
    "software": "mriqc",
    "version": "22.0.0rc1",
    "webapi_port": null,
    "webapi_url": "https://mriqc.nimh.nih.gov/api/v1"
  },
  "size_t": 150,
  "size_x": 76,
  "size_y": 76,
  "size_z": 45,
  "snr": 2.818613125306032,
  "spacing_tr": 3.0,
  "spacing_x": 2.5,
  "spacing_y": 2.5,
  "spacing_z": 2.75,
  "summary_bg_k": 37.52477330958377,
  "summary_bg_mad": 12.018961833867316,
  "summary_bg_mean": 78.58206939697266,
  "summary_bg_median": 42.706668853759766,
  "summary_bg_n": 133630.0,
  "summary_bg_p05": 33.11333465576172,
  "summary_bg_p95": 256.12801208496063,
  "summary_bg_stdv": 96.97610473632812,
  "summary_fg_k": 1.578721272730978,
  "summary_fg_mad": 193.19300496749526,
  "summary_fg_mean": 641.5437622070312,
  "summary_fg_median": 599.7733764648438,
  "summary_fg_n": 72277.0,
  "summary_fg_p05": 370.1266784667969,
  "summary_fg_p95": 1043.065380859375,
  "summary_fg_stdv": 212.7887725830078,
  "tsnr": 40.57645022403449
}