{
  "aor": 0.0023282666666666666,
  "aqi": 0.0054984888666666665,
  "bids_meta": {
    "AcquisitionMatrixPE": 76,
    "AcquisitionNumber": 1,
    "AcquisitionTime": "14:24:26.840000",
    "BandwidthPerPixelPhaseEncode": 23.084,
    "BaseResolution": 76,
    "ConversionSoftware": "dcm2niix",
    "ConversionSoftwareVersion": "v1.0.20180622 (JP2:OpenJPEG) GCC6.1.0",
    "DerivedVendorReportedEchoSpacing": 0.000570001,
    "DeviceSerialNumber": "35410",
    "DwellTime": 3.3e-06,
    "EchoTime": 0.03,
    "EffectiveEchoSpacing": 0.000570001,
    "FlipAngle": 90,
    "ImageOrientationPatientDICOM": [
      0.999769,
      -0.00205815,
      0.0213745,
      2.12161e-09,
      0.995396,
      0.0958465
    ],
    "ImageType": [
      "ORIGINAL",
      "PRIMARY",
      "M",
      "ND",
      "MOSAIC"
    ],
    "InPlanePhaseEncodingDirectionDICOM": "COL",
    "InstitutionAddress": "Cooper_60_St._Lucia_QLD_AU_4072",
    "InstitutionName": "St_Lucia_Campus",
    "InstitutionalDepartmentName": "Gehrmann_Labs_MRI",
    "MRAcquisitionType": "2D",
    "MagneticFieldStrength": 3,
    "Manufacturer": "Siemens",
    "ManufacturersModelName": "TrioTim",
    "Modality": "MR",
    "PartialFourier": 1,
    "PatientPosition": "HFS",
    "PercentPhaseFOV": 100,
    "PhaseEncodingDirection": "j-",
    "PhaseEncodingSteps": 76,
    "PhaseResolution": 1,
    "PixelBandwidth": 1994,
    "ProcedureStepDescription": "RESEARCH_3T_Research",
    "ProtocolName": "AUTO",
    "PulseSequenceDetails": "%SiemensSeq%_ep2d_pace",
    "ReceiveCoilName": "32Ch_Head",
    "ReconMatrixPE": 76,
    "RepetitionTime": 3,
    "SAR": 0.169964,
    "ScanOptions": "FS",
    "ScanningSequence": "EP",
    "SequenceName": "_epfid2d1_76",
    "SequenceVariant": "SK",
    "SeriesDescription": "AUTO",
    "SeriesNumber": 7,
    "ShimSetting": [
      6894,
      -11512,
      -2081,
      1239,
      254,
      -158,
      584,
      111
    ],
    "SliceThickness": 2.5,
    "SliceTiming": [
      0,
      1.53,
      0.0675,
      1.5975,
      0.135,
      1.6625,
      0.2,
      1.73,
      0.2675,
      1.795,
      0.3325,
      1.8625,
      0.4,
      1.93,
      0.4675,
      1.995,
      0.5325,
      2.0625,
      0.6,
      2.1275,
      0.665,
      2.195,
      0.7325,
      2.26,
      0.7975,
      2.3275,
      0.865,
      2.395,
      0.9325,
      2.46,
      0.9975,
      2.5275,
      1.065,
      2.5925,
      1.13,
      2.66,
      1.1975,
      2.7275,
      1.265,
      2.7925,
      1.33,
      2.86,
      1.3975,
      2.925,
      1.4625
    ],
    "SoftwareVersions": "syngo_MR_B17",
    "SpacingBetweenSlices": 2.75,
    "StationName": "mrc_Trio",
    "TaskName": "autobio",
    "TotalReadoutTime": 0.04275,
    "TxRefAmp": 330.467,
    "dataset": "ds001748",
    "modality": "bold",
    "subject_id": "child17",
    "task_id": "autobio"
  },
  "dummy_trs": 0,
  "dvars_nstd": 49.507596316577164,
  "dvars_std": 1.678575022214765,
  "dvars_vstd": 1.0078404599328856,
  "efc": 0.5696652649782159,
  "fber": 304.9242248535156,
  "fd_mean": 0.10800813355644827,
  "fd_num": 11,
  "fd_perc": 7.333333333333333,
  "fwhm_avg": 3.5150315151515152,
  "fwhm_x": 3.446004,
  "fwhm_y": 3.769556,
  "fwhm_z": 3.3295345454545453,
  "gcor": 0.0296256,
  "gsr_x": -0.026449697092175484,
  "gsr_y": 0.06574204564094543,
  "provenance": {
    "md5sum": "b8706dfde93b894732576c1b152473a5",
    "settings": {
      "fd_thres": 0.2,
      "testing": false
    },
    "software": "mriqc",
    "version": "22.0.0rc1",
    "webapi_port": null,
    "webapi_url": "https://mriqc.nimh.nih.gov/api/v1"
  },
  "size_t": 150,
  "size_x": 76,
  "size_y": 76,
  "size_z": 45,
  "snr": 2.0608659116266717,
  "spacing_tr": 3.0,
  "spacing_x": 2.5,
  "spacing_y": 2.5,
  "spacing_z": 2.75,
  "summary_bg_k": 33.78552932944996,
  "summary_bg_mad": 4.645486762794932,
  "summary_bg_mean": 43.53366470336914,
  "summary_bg_median": 27.053333282470703,
  "summary_bg_n": 144748.0,
  "summary_bg_p05": 23.413333892822266,
  "summary_bg_p95": 136.02000427246094,
  "summary_bg_stdv": 46.917457580566406,
  "summary_fg_k": 1.0901150786675293,
  "summary_fg_mad": 224.83664001000324,
  "summary_fg_mean": 532.2376708984375,
  "summary_fg_median": 488.7733459472656,
  "summary_fg_n": 63990.0,
  "summary_fg_p05": 227.26533737182618,
  "summary_fg_p95": 984.7976928710937,
  "summary_fg_stdv": 237.1670684814453,
  "tsnr": 48.86306362086907
}