{
  "aor": 0.0010762,
  "aqi": 0.0038131035333333328,
  "bids_meta": {
    "AcquisitionMatrixPE": 76,
    "AcquisitionNumber": 1,
    "AcquisitionTime": "14:32:45.137500",
    "BandwidthPerPixelPhaseEncode": 23.084,
    "BaseResolution": 76,
    "ConversionSoftware": "dcm2niix",
    "ConversionSoftwareVersion": "v1.0.20180622 (JP2:OpenJPEG) GCC6.1.0",
    "DerivedVendorReportedEchoSpacing": 0.000570001,
    "DeviceSerialNumber": "35410",
    "DwellTime": 3.3e-06,
    "EchoTime": 0.03,
    "EffectiveEchoSpacing": 0.000570001,
    "FlipAngle": 90,
    "ImageOrientationPatientDICOM": [
      0.999769,
      -0.00205815,
      0.0213745,
      2.12161e-09,
      0.995396,
      0.0958465
    ],
    "ImageType": [
      "ORIGINAL",
      "PRIMARY",
      "M",
      "ND",
      "MOSAIC"
    ],
    "InPlanePhaseEncodingDirectionDICOM": "COL",
    "InstitutionAddress": "Cooper_60_St._Lucia_QLD_AU_4072",
    "InstitutionName": "St_Lucia_Campus",
    "InstitutionalDepartmentName": "Gehrmann_Labs_MRI",
    "MRAcquisitionType": "2D",
    "MagneticFieldStrength": 3,
    "Manufacturer": "Siemens",
    "ManufacturersModelName": "TrioTim",
    "Modality": "MR",
    "PartialFourier": 1,
    "PatientPosition": "HFS",
    "PercentPhaseFOV": 100,
    "PhaseEncodingDirection": "j-",
    "PhaseEncodingSteps": 76,
    "PhaseResolution": 1,
    "PixelBandwidth": 1994,
    "ProcedureStepDescription": "RESEARCH_3T_Research",
    "ProtocolName": "SEM",
    "PulseSequenceDetails": "%SiemensSeq%_ep2d_pace",
    "ReceiveCoilName": "32Ch_Head",
    "ReconMatrixPE": 76,
    "RepetitionTime": 3,
    "SAR": 0.169964,
    "ScanOptions": "FS",
    "ScanningSequence": "EP",
    "SequenceName": "_epfid2d1_76",
    "SequenceVariant": "SK",
    "SeriesDescription": "SEM",
    "SeriesNumber": 8,
    "ShimSetting": [
      6894,
      -11512,
      -2081,
      1239,
      254,
      -158,
      584,
      111
    ],
    "SliceThickness": 2.5,
    "SliceTiming": [
      0,
      1.53,
      0.0675,
      1.595,
      0.1325,
      1.6625,
      0.2,
      1.7275,
      0.265,
      1.795,
      0.3325,
      1.8625,
      0.4,
      1.9275,
      0.465,
      1.995,
      0.5325,
      2.06,
      0.5975,
      2.1275,
      0.665,
      2.195,
      0.7325,
      2.26,
      0.7975,
      2.3275,
      0.865,
      2.3925,
      0.93,
      2.46,
      0.9975,
      2.525,
      1.0625,
      2.5925,
      1.13,
      2.66,
      1.1975,
      2.725,
      1.2625,
      2.7925,
      1.33,
      2.8575,
      1.395,
      2.925,
      1.4625
    ],
    "SoftwareVersions": "syngo_MR_B17",
    "SpacingBetweenSlices": 2.75,
    "StationName": "mrc_Trio",
    "TaskName": "semantic",
    "TotalReadoutTime": 0.04275,
    "TxRefAmp": 330.467,
    "dataset": "ds001748",
    "modality": "bold",
    "subject_id": "child17",
    "task_id": "semantic"
  },
  "dummy_trs": 0,
  "dvars_nstd": 48.57581959174498,
  "dvars_std": 1.712327968926175,
  "dvars_vstd": 1.016278215637584,
  "efc": 0.5703672050880472,
  "fber": 302.7466125488281,
  "fd_mean": 0.09499067000682147,
  "fd_num": 10,
  "fd_perc": 6.666666666666667,
  "fwhm_avg": 3.492000848484848,
  "fwhm_x": 3.442244,
  "fwhm_y": 3.7308239999999997,
  "fwhm_z": 3.302934545454545,
  "gcor": 0.0428458,
  "gsr_x": -0.02675992250442505,
  "gsr_y": 0.06370304524898529,
  "provenance": {
    "md5sum": "7c8708737fea3c07a08fc657bce0c27f",
    "settings": {
      "fd_thres": 0.2,
      "testing": false
    },
    "software": "mriqc",
    "version": "22.0.0rc1",
    "webapi_port": null,
    "webapi_url": "https://mriqc.nimh.nih.gov/api/v1"
  },
  "size_t": 150,
  "size_x": 76,
  "size_y": 76,
  "size_z": 45,
  "snr": 2.057291584663306,
  "spacing_tr": 3.0,
  "spacing_x": 2.5,
  "spacing_y": 2.5,
  "spacing_z": 2.75,
  "summary_bg_k": 36.19491701934439,
  "summary_bg_mad": 4.5367619968321335,
  "summary_bg_mean": 44.08034896850586,
  "summary_bg_median": 27.266666412353516,
  "summary_bg_n": 144647.0,
  "summary_bg_p05": 23.84000015258789,
  "summary_bg_p95": 137.83134307861317,
  "summary_bg_stdv": 48.25666046142578,
  "summary_fg_k": 1.114779584082215,
  "summary_fg_mad": 226.24513021575518,
  "summary_fg_mean": 534.1910400390625,
  "summary_fg_median": 490.4466552734375,
  "summary_fg_n": 64024.0,
  "summary_fg_p05": 226.9753433227539,
  "summary_fg_p95": 986.4670410156249,
  "summary_fg_stdv": 238.39247131347656,
  "tsnr": 58.79033452877775
}