{
  "aor": 0.015355466666666671,
  "aqi": 0.011894273533333333,
  "bids_meta": {
    "AcquisitionMatrixPE": 76,
    "AcquisitionNumber": 1,
    "AcquisitionTime": "14:08:50.127500",
    "BandwidthPerPixelPhaseEncode": 23.084,
    "BaseResolution": 76,
    "ConversionSoftware": "dcm2niix",
    "ConversionSoftwareVersion": "v1.0.20180622 (JP2:OpenJPEG) GCC6.1.0",
    "DerivedVendorReportedEchoSpacing": 0.000570001,
    "DeviceSerialNumber": "35410",
    "DwellTime": 3.3e-06,
    "EchoTime": 0.03,
    "EffectiveEchoSpacing": 0.000570001,
    "FlipAngle": 90,
    "ImageOrientationPatientDICOM": [
      0.999287,
      -0.0305057,
      0.022245,
      0.0314038,
      0.998657,
      -0.0412097
    ],
    "ImageType": [
      "ORIGINAL",
      "PRIMARY",
      "M",
      "ND",
      "MOSAIC"
    ],
    "InPlanePhaseEncodingDirectionDICOM": "COL",
    "InstitutionAddress": "Cooper_60_St._Lucia_QLD_AU_4072",
    "InstitutionName": "St_Lucia_Campus",
    "InstitutionalDepartmentName": "Gehrmann_Labs_MRI",
    "MRAcquisitionType": "2D",
    "MagneticFieldStrength": 3,
    "Manufacturer": "Siemens",
    "ManufacturersModelName": "TrioTim",
    "Modality": "MR",
    "PartialFourier": 1,
    "PatientPosition": "HFS",
    "PercentPhaseFOV": 100,
    "PhaseEncodingDirection": "j-",
    "PhaseEncodingSteps": 76,
    "PhaseResolution": 1,
    "PixelBandwidth": 1994,
    "ProcedureStepDescription": "RESEARCH_3T_Research",
    "ProtocolName": "SEM",
    "PulseSequenceDetails": "%SiemensSeq%_ep2d_pace",
    "ReceiveCoilName": "32Ch_Head",
    "ReconMatrixPE": 76,
    "RepetitionTime": 3,
    "SAR": 0.204926,
    "ScanOptions": "FS",
    "ScanningSequence": "EP",
    "SequenceName": "_epfid2d1_76",
    "SequenceVariant": "SK",
    "SeriesDescription": "SEM",
    "SeriesNumber": 8,
    "ShimSetting": [
      6899,
      -11293,
      -2084,
      712,
      -7,
      119,
      25,
      223
    ],
    "SliceThickness": 2.5,
    "SliceTiming": [
      0,
      1.53,
      0.0675,
      1.595,
      0.1325,
      1.6625,
      0.2,
      1.7275,
      0.265,
      1.795,
      0.3325,
      1.8625,
      0.4,
      1.9275,
      0.465,
      1.995,
      0.5325,
      2.06,
      0.5975,
      2.1275,
      0.665,
      2.195,
      0.7325,
      2.26,
      0.7975,
      2.3275,
      0.865,
      2.3925,
      0.93,
      2.46,
      0.9975,
      2.525,
      1.0625,
      2.5925,
      1.13,
      2.66,
      1.1975,
      2.725,
      1.2625,
      2.7925,
      1.33,
      2.8575,
      1.395,
      2.925,
      1.4625
    ],
    "SoftwareVersions": "syngo_MR_B17",
    "SpacingBetweenSlices": 2.75,
    "StationName": "mrc_Trio",
    "TaskName": "semantic",
    "TotalReadoutTime": 0.04275,
    "TxRefAmp": 315.082,
    "dataset": "ds001748",
    "modality": "bold",
    "subject_id": "child20",
    "task_id": "semantic"
  },
  "dummy_trs": 0,
  "dvars_nstd": 52.13721856463086,
  "dvars_std": 1.2322608955704695,
  "dvars_vstd": 1.0751119333557053,
  "efc": 0.637121225595304,
  "fber": 265.6541748046875,
  "fd_mean": 0.5429458572003493,
  "fd_num": 121,
  "fd_perc": 80.66666666666667,
  "fwhm_avg": 2.80911296969697,
  "fwhm_x": 2.615784,
  "fwhm_y": 2.871264,
  "fwhm_z": 2.9402909090909093,
  "gcor": 0.0765184,
  "gsr_x": -0.020277993753552437,
  "gsr_y": 0.08502337336540222,
  "provenance": {
    "md5sum": "323cec8f59029307cc01407463a37cc1",
    "settings": {
      "fd_thres": 0.2,
      "testing": false
    },
    "software": "mriqc",
    "version": "22.0.0rc1",
    "webapi_port": null,
    "webapi_url": "https://mriqc.nimh.nih.gov/api/v1"
  },
  "size_t": 150,
  "size_x": 76,
  "size_y": 76,
  "size_z": 45,
  "snr": 3.0318191850376968,
  "spacing_tr": 3.0,
  "spacing_x": 2.5,
  "spacing_y": 2.5,
  "spacing_z": 2.75,
  "summary_bg_k": 19.958968601897503,
  "summary_bg_mad": 9.567722847939926,
  "summary_bg_mean": 72.27616882324219,
  "summary_bg_median": 43.246665954589844,
  "summary_bg_n": 129548.0,
  "summary_bg_p05": 34.65999984741211,
  "summary_bg_p95": 222.84867019653313,
  "summary_bg_stdv": 79.78573608398438,
  "summary_fg_k": 1.4801528286072587,
  "summary_fg_mad": 217.84864185508303,
  "summary_fg_mean": 753.0027465820312,
  "summary_fg_median": 714.3699951171875,
  "summary_fg_n": 77900.0,
  "summary_fg_p05": 447.1196914672852,
  "summary_fg_p95": 1192.5814086914063,
  "summary_fg_stdv": 235.62269592285156,
  "tsnr": 31.375725399004295
}