{
  "aor": 0.011794133333333331,
  "aqi": 0.026272483333333332,
  "bids_meta": {
    "AcquisitionMatrixPE": 76,
    "AcquisitionNumber": 1,
    "AcquisitionTime": "14:16:50.512500",
    "BandwidthPerPixelPhaseEncode": 23.084,
    "BaseResolution": 76,
    "ConversionSoftware": "dcm2niix",
    "ConversionSoftwareVersion": "v1.0.20180622 (JP2:OpenJPEG) GCC6.1.0",
    "DerivedVendorReportedEchoSpacing": 0.000570001,
    "DeviceSerialNumber": "35410",
    "DwellTime": 3.3e-06,
    "EchoTime": 0.03,
    "EffectiveEchoSpacing": 0.000570001,
    "FlipAngle": 90,
    "ImageOrientationPatientDICOM": [
      0.999287,
      -0.0305057,
      0.022245,
      0.0314038,
      0.998657,
      -0.0412097
    ],
    "ImageType": [
      "ORIGINAL",
      "PRIMARY",
      "M",
      "ND",
      "MOSAIC"
    ],
    "InPlanePhaseEncodingDirectionDICOM": "COL",
    "InstitutionAddress": "Cooper_60_St._Lucia_QLD_AU_4072",
    "InstitutionName": "St_Lucia_Campus",
    "InstitutionalDepartmentName": "Gehrmann_Labs_MRI",
    "MRAcquisitionType": "2D",
    "MagneticFieldStrength": 3,
    "Manufacturer": "Siemens",
    "ManufacturersModelName": "TrioTim",
    "Modality": "MR",
    "PartialFourier": 1,
    "PatientPosition": "HFS",
    "PercentPhaseFOV": 100,
    "PhaseEncodingDirection": "j-",
    "PhaseEncodingSteps": 76,
    "PhaseResolution": 1,
    "PixelBandwidth": 1994,
    "ProcedureStepDescription": "RESEARCH_3T_Research",
    "ProtocolName": "EPI",
    "PulseSequenceDetails": "%SiemensSeq%_ep2d_pace",
    "ReceiveCoilName": "32Ch_Head",
    "ReconMatrixPE": 76,
    "RepetitionTime": 3,
    "SAR": 0.204926,
    "ScanOptions": "FS",
    "ScanningSequence": "EP",
    "SequenceName": "_epfid2d1_76",
    "SequenceVariant": "SK",
    "SeriesDescription": "EPI",
    "SeriesNumber": 9,
    "ShimSetting": [
      6899,
      -11293,
      -2084,
      712,
      -7,
      119,
      25,
      223
    ],
    "SliceThickness": 2.5,
    "SliceTiming": [
      0,
      1.5275,
      0.065,
      1.595,
      0.1325,
      1.66,
      0.1975,
      1.7275,
      0.265,
      1.795,
      0.3325,
      1.86,
      0.3975,
      1.9275,
      0.465,
      1.9925,
      0.53,
      2.06,
      0.5975,
      2.125,
      0.665,
      2.1925,
      0.73,
      2.26,
      0.7975,
      2.325,
      0.8625,
      2.3925,
      0.93,
      2.4575,
      0.995,
      2.525,
      1.0625,
      2.5925,
      1.13,
      2.6575,
      1.195,
      2.725,
      1.2625,
      2.79,
      1.3275,
      2.8575,
      1.395,
      2.925,
      1.4625
    ],
    "SoftwareVersions": "syngo_MR_B17",
    "SpacingBetweenSlices": 2.75,
    "StationName": "mrc_Trio",
    "TaskName": "episodic",
    "TotalReadoutTime": 0.04275,
    "TxRefAmp": 315.082,
    "dataset": "ds001748",
    "modality": "bold",
    "subject_id": "child20",
    "task_id": "episodic"
  },
  "dummy_trs": 0,
  "dvars_nstd": 69.45620362704696,
  "dvars_std": 1.1013617912080536,
  "dvars_vstd": 0.9732327406711409,
  "efc": 0.6363494217811729,
  "fber": 267.9017028808594,
  "fd_mean": 0.9750101762784258,
  "fd_num": 136,
  "fd_perc": 90.66666666666667,
  "fwhm_avg": 2.824030303030303,
  "fwhm_x": 2.623056,
  "fwhm_y": 2.923864,
  "fwhm_z": 2.925170909090909,
  "gcor": 0.0674942,
  "gsr_x": -0.017565973103046417,
  "gsr_y": 0.07840047031641006,
  "provenance": {
    "md5sum": "ee0933691a7147ab67016de79b803e3a",
    "settings": {
      "fd_thres": 0.2,
      "testing": false
    },
    "software": "mriqc",
    "version": "22.0.0rc1",
    "webapi_port": null,
    "webapi_url": "https://mriqc.nimh.nih.gov/api/v1"
  },
  "size_t": 150,
  "size_x": 76,
  "size_y": 76,
  "size_z": 45,
  "snr": 3.1410730926398367,
  "spacing_tr": 3.0,
  "spacing_x": 2.5,
  "spacing_y": 2.5,
  "spacing_z": 2.75,
  "summary_bg_k": 19.055233069464215,
  "summary_bg_mad": 10.150879871370226,
  "summary_bg_mean": 70.93067169189453,
  "summary_bg_median": 43.81999969482422,
  "summary_bg_n": 130173.0,
  "summary_bg_p05": 33.673336029052734,
  "summary_bg_p95": 217.86266784667964,
  "summary_bg_stdv": 74.41498565673828,
  "summary_fg_k": 1.3160109099717845,
  "summary_fg_mad": 220.15656594455302,
  "summary_fg_mean": 757.3021240234375,
  "summary_fg_median": 723.586669921875,
  "summary_fg_n": 77623.0,
  "summary_fg_p05": 450.9206787109375,
  "summary_fg_p95": 1183.0033813476562,
  "summary_fg_stdv": 230.3614044189453,
  "tsnr": 20.56865423033014
}