{
  "aor": 0.008899399999999997,
  "aqi": 0.011540746266666664,
  "bids_meta": {
    "AcquisitionMatrixPE": 76,
    "AcquisitionNumber": 1,
    "AcquisitionTime": "14:00:47.305000",
    "BandwidthPerPixelPhaseEncode": 23.084,
    "BaseResolution": 76,
    "ConversionSoftware": "dcm2niix",
    "ConversionSoftwareVersion": "v1.0.20180622 (JP2:OpenJPEG) GCC6.1.0",
    "DerivedVendorReportedEchoSpacing": 0.000570001,
    "DeviceSerialNumber": "35410",
    "DwellTime": 3.3e-06,
    "EchoTime": 0.03,
    "EffectiveEchoSpacing": 0.000570001,
    "FlipAngle": 90,
    "ImageOrientationPatientDICOM": [
      0.999287,
      -0.0305057,
      0.022245,
      0.0314038,
      0.998657,
      -0.0412097
    ],
    "ImageType": [
      "ORIGINAL",
      "PRIMARY",
      "M",
      "ND",
      "MOSAIC"
    ],
    "InPlanePhaseEncodingDirectionDICOM": "COL",
    "InstitutionAddress": "Cooper_60_St._Lucia_QLD_AU_4072",
    "InstitutionName": "St_Lucia_Campus",
    "InstitutionalDepartmentName": "Gehrmann_Labs_MRI",
    "MRAcquisitionType": "2D",
    "MagneticFieldStrength": 3,
    "Manufacturer": "Siemens",
    "ManufacturersModelName": "TrioTim",
    "Modality": "MR",
    "PartialFourier": 1,
    "PatientPosition": "HFS",
    "PercentPhaseFOV": 100,
    "PhaseEncodingDirection": "j-",
    "PhaseEncodingSteps": 76,
    "PhaseResolution": 1,
    "PixelBandwidth": 1994,
    "ProcedureStepDescription": "RESEARCH_3T_Research",
    "ProtocolName": "AUTO",
    "PulseSequenceDetails": "%SiemensSeq%_ep2d_pace",
    "ReceiveCoilName": "32Ch_Head",
    "ReconMatrixPE": 76,
    "RepetitionTime": 3,
    "SAR": 0.204926,
    "ScanOptions": "FS",
    "ScanningSequence": "EP",
    "SequenceName": "_epfid2d1_76",
    "SequenceVariant": "SK",
    "SeriesDescription": "AUTO",
    "SeriesNumber": 7,
    "ShimSetting": [
      6898,
      -11290,
      -2087,
      708,
      -8,
      102,
      34,
      220
    ],
    "SliceThickness": 2.5,
    "SliceTiming": [
      0,
      1.53,
      0.0675,
      1.595,
      0.1325,
      1.6625,
      0.2,
      1.7275,
      0.265,
      1.795,
      0.3325,
      1.86,
      0.3975,
      1.9275,
      0.465,
      1.995,
      0.5325,
      2.06,
      0.5975,
      2.1275,
      0.665,
      2.1925,
      0.73,
      2.26,
      0.7975,
      2.3275,
      0.865,
      2.3925,
      0.93,
      2.46,
      0.9975,
      2.525,
      1.0625,
      2.5925,
      1.13,
      2.66,
      1.1975,
      2.725,
      1.2625,
      2.7925,
      1.33,
      2.8575,
      1.395,
      2.925,
      1.4625
    ],
    "SoftwareVersions": "syngo_MR_B17",
    "SpacingBetweenSlices": 2.75,
    "StationName": "mrc_Trio",
    "TaskName": "autobio",
    "TotalReadoutTime": 0.04275,
    "TxRefAmp": 315.082,
    "dataset": "ds001748",
    "modality": "bold",
    "subject_id": "child20",
    "task_id": "autobio"
  },
  "dummy_trs": 0,
  "dvars_nstd": 38.2642445916107,
  "dvars_std": 1.1021794327516774,
  "dvars_vstd": 0.9776347191275164,
  "efc": 0.6386395225137621,
  "fber": 265.8770446777344,
  "fd_mean": 0.32454142124801233,
  "fd_num": 63,
  "fd_perc": 42.0,
  "fwhm_avg": 2.8158406060606063,
  "fwhm_x": 2.621436,
  "fwhm_y": 2.884504,
  "fwhm_z": 2.941581818181818,
  "gcor": 0.0376231,
  "gsr_x": -0.022851068526506424,
  "gsr_y": 0.08040715754032135,
  "provenance": {
    "md5sum": "abdd7d9866ff44556681111c0f927a47",
    "settings": {
      "fd_thres": 0.2,
      "testing": false
    },
    "software": "mriqc",
    "version": "22.0.0rc1",
    "webapi_port": null,
    "webapi_url": "https://mriqc.nimh.nih.gov/api/v1"
  },
  "size_t": 150,
  "size_x": 76,
  "size_y": 76,
  "size_z": 45,
  "snr": 3.031513149327207,
  "spacing_tr": 3.0,
  "spacing_x": 2.5,
  "spacing_y": 2.5,
  "spacing_z": 2.75,
  "summary_bg_k": 19.943871054077743,
  "summary_bg_mad": 9.033990800047958,
  "summary_bg_mean": 72.47245788574219,
  "summary_bg_median": 43.27333450317383,
  "summary_bg_n": 128829.0,
  "summary_bg_p05": 35.926666259765625,
  "summary_bg_p95": 220.8186737060545,
  "summary_bg_stdv": 78.6639404296875,
  "summary_fg_k": 1.3806631360624113,
  "summary_fg_mad": 219.55362535727866,
  "summary_fg_mean": 755.2297973632812,
  "summary_fg_median": 716.9000244140625,
  "summary_fg_n": 78439.0,
  "summary_fg_p05": 446.54468994140626,
  "summary_fg_p95": 1197.168078613281,
  "summary_fg_stdv": 236.48106384277344,
  "tsnr": 34.594680087815505
}