{
  "aor": 0.0012194666666666667,
  "aqi": 0.003937637866666666,
  "bids_meta": {
    "AcquisitionMatrixPE": 76,
    "AcquisitionNumber": 1,
    "AcquisitionTime": "17:00:31.380000",
    "BandwidthPerPixelPhaseEncode": 23.084,
    "BaseResolution": 76,
    "ConversionSoftware": "dcm2niix",
    "ConversionSoftwareVersion": "v1.0.20180622 (JP2:OpenJPEG) GCC6.1.0",
    "DerivedVendorReportedEchoSpacing": 0.000570001,
    "DeviceSerialNumber": "35410",
    "DwellTime": 3.3e-06,
    "EchoTime": 0.03,
    "EffectiveEchoSpacing": 0.000570001,
    "FlipAngle": 90,
    "ImageOrientationPatientDICOM": [
      1,
      -0.000229514,
      -0.000637524,
      5.09135e-09,
      0.940888,
      -0.338719
    ],
    "ImageType": [
      "ORIGINAL",
      "PRIMARY",
      "M",
      "ND",
      "MOSAIC"
    ],
    "InPlanePhaseEncodingDirectionDICOM": "COL",
    "InstitutionAddress": "Cooper_60_St._Lucia_QLD_AU_4072",
    "InstitutionName": "St_Lucia_Campus",
    "InstitutionalDepartmentName": "Gehrmann_Labs_MRI",
    "MRAcquisitionType": "2D",
    "MagneticFieldStrength": 3,
    "Manufacturer": "Siemens",
    "ManufacturersModelName": "TrioTim",
    "Modality": "MR",
    "PartialFourier": 1,
    "PatientPosition": "HFS",
    "PercentPhaseFOV": 100,
    "PhaseEncodingDirection": "j-",
    "PhaseEncodingSteps": 76,
    "PhaseResolution": 1,
    "PixelBandwidth": 1994,
    "ProcedureStepDescription": "Brain_-_UQ_fMRI",
    "ProtocolName": "EPI",
    "PulseSequenceDetails": "%SiemensSeq%_ep2d_pace",
    "ReceiveCoilName": "32Ch_Head",
    "ReconMatrixPE": 76,
    "RepetitionTime": 3,
    "SAR": 0.190711,
    "ScanOptions": "FS",
    "ScanningSequence": "EP",
    "SequenceName": "_epfid2d1_76",
    "SequenceVariant": "SK",
    "SeriesDescription": "EPI",
    "SeriesNumber": 4,
    "ShimSetting": [
      6808,
      -11334,
      -2130,
      964,
      -6,
      102,
      -59,
      66
    ],
    "SliceThickness": 2.5,
    "SliceTiming": [
      0,
      1.5275,
      0.065,
      1.595,
      0.1325,
      1.66,
      0.1975,
      1.7275,
      0.265,
      1.795,
      0.3325,
      1.86,
      0.3975,
      1.9275,
      0.465,
      1.9925,
      0.53,
      2.06,
      0.5975,
      2.1275,
      0.665,
      2.1925,
      0.73,
      2.26,
      0.7975,
      2.325,
      0.8625,
      2.3925,
      0.93,
      2.4575,
      0.995,
      2.525,
      1.0625,
      2.5925,
      1.13,
      2.6575,
      1.195,
      2.725,
      1.2625,
      2.79,
      1.3275,
      2.8575,
      1.395,
      2.925,
      1.4625
    ],
    "SoftwareVersions": "syngo_MR_B17",
    "SpacingBetweenSlices": 2.75,
    "StationName": "mrc_Trio",
    "TaskName": "episodic",
    "TotalReadoutTime": 0.04275,
    "TxRefAmp": 338.584,
    "dataset": "ds001748",
    "modality": "bold",
    "subject_id": "adult21",
    "task_id": "episodic"
  },
  "dummy_trs": 0,
  "dvars_nstd": 23.8933928447651,
  "dvars_std": 1.1585384599328858,
  "dvars_vstd": 1.0017270828187916,
  "efc": 0.622020026518724,
  "fber": 230.17953491210938,
  "fd_mean": 0.04385516297466638,
  "fd_num": 0,
  "fd_perc": 0.0,
  "fwhm_avg": 2.4863839999999997,
  "fwhm_x": 2.4004000000000003,
  "fwhm_y": 2.530672,
  "fwhm_z": 2.5280799999999997,
  "gcor": 0.0338771,
  "gsr_x": -0.008434091694653034,
  "gsr_y": 0.070001021027565,
  "provenance": {
    "md5sum": "67343894d9ec74daefa88094ffc6c4c9",
    "settings": {
      "fd_thres": 0.2,
      "testing": false
    },
    "software": "mriqc",
    "version": "22.0.0rc1",
    "webapi_port": null,
    "webapi_url": "https://mriqc.nimh.nih.gov/api/v1"
  },
  "size_t": 150,
  "size_x": 76,
  "size_y": 76,
  "size_z": 45,
  "snr": 2.9994860476196332,
  "spacing_tr": 3.0,
  "spacing_x": 2.5,
  "spacing_y": 2.5,
  "spacing_z": 2.75,
  "summary_bg_k": 39.81645769946813,
  "summary_bg_mad": 9.597375570991472,
  "summary_bg_mean": 68.25615692138672,
  "summary_bg_median": 41.40666580200195,
  "summary_bg_n": 138271.0,
  "summary_bg_p05": 34.32666778564453,
  "summary_bg_p95": 190.41333770751953,
  "summary_bg_stdv": 74.3922119140625,
  "summary_fg_k": 1.5112100800475528,
  "summary_fg_mad": 197.24545706413446,
  "summary_fg_mean": 687.3150024414062,
  "summary_fg_median": 649.4666748046875,
  "summary_fg_n": 67549.0,
  "summary_fg_p05": 404.6586853027344,
  "summary_fg_p95": 1092.5919921874997,
  "summary_fg_stdv": 216.52438354492188,
  "tsnr": 62.60805674828589
}