{
  "aor": 0.0014829333333333335,
  "aqi": 0.003786783933333333,
  "bids_meta": {
    "AcquisitionMatrixPE": 76,
    "AcquisitionNumber": 1,
    "AcquisitionTime": "16:51:58.312500",
    "BandwidthPerPixelPhaseEncode": 23.084,
    "BaseResolution": 76,
    "ConversionSoftware": "dcm2niix",
    "ConversionSoftwareVersion": "v1.0.20180622 (JP2:OpenJPEG) GCC6.1.0",
    "DerivedVendorReportedEchoSpacing": 0.000570001,
    "DeviceSerialNumber": "35410",
    "DwellTime": 3.3e-06,
    "EchoTime": 0.03,
    "EffectiveEchoSpacing": 0.000570001,
    "FlipAngle": 90,
    "ImageOrientationPatientDICOM": [
      1,
      -0.000229514,
      -0.000637524,
      5.09135e-09,
      0.940888,
      -0.338719
    ],
    "ImageType": [
      "ORIGINAL",
      "PRIMARY",
      "M",
      "ND",
      "MOSAIC"
    ],
    "InPlanePhaseEncodingDirectionDICOM": "COL",
    "InstitutionAddress": "Cooper_60_St._Lucia_QLD_AU_4072",
    "InstitutionName": "St_Lucia_Campus",
    "InstitutionalDepartmentName": "Gehrmann_Labs_MRI",
    "MRAcquisitionType": "2D",
    "MagneticFieldStrength": 3,
    "Manufacturer": "Siemens",
    "ManufacturersModelName": "TrioTim",
    "Modality": "MR",
    "PartialFourier": 1,
    "PatientPosition": "HFS",
    "PercentPhaseFOV": 100,
    "PhaseEncodingDirection": "j-",
    "PhaseEncodingSteps": 76,
    "PhaseResolution": 1,
    "PixelBandwidth": 1994,
    "ProcedureStepDescription": "Brain_-_UQ_fMRI",
    "ProtocolName": "SEM",
    "PulseSequenceDetails": "%SiemensSeq%_ep2d_pace",
    "ReceiveCoilName": "32Ch_Head",
    "ReconMatrixPE": 76,
    "RepetitionTime": 3,
    "SAR": 0.190711,
    "ScanOptions": "FS",
    "ScanningSequence": "EP",
    "SequenceName": "_epfid2d1_76",
    "SequenceVariant": "SK",
    "SeriesDescription": "SEM",
    "SeriesNumber": 3,
    "ShimSetting": [
      6808,
      -11334,
      -2130,
      964,
      -6,
      102,
      -59,
      66
    ],
    "SliceThickness": 2.5,
    "SliceTiming": [
      0,
      1.53,
      0.0675,
      1.595,
      0.1325,
      1.6625,
      0.2,
      1.7275,
      0.265,
      1.795,
      0.3325,
      1.8625,
      0.4,
      1.9275,
      0.465,
      1.995,
      0.5325,
      2.06,
      0.5975,
      2.1275,
      0.665,
      2.1925,
      0.7325,
      2.26,
      0.7975,
      2.3275,
      0.865,
      2.3925,
      0.93,
      2.46,
      0.9975,
      2.525,
      1.0625,
      2.5925,
      1.13,
      2.66,
      1.1975,
      2.725,
      1.2625,
      2.7925,
      1.33,
      2.8575,
      1.395,
      2.925,
      1.4625
    ],
    "SoftwareVersions": "syngo_MR_B17",
    "SpacingBetweenSlices": 2.75,
    "StationName": "mrc_Trio",
    "TaskName": "semantic",
    "TotalReadoutTime": 0.04275,
    "TxRefAmp": 338.584,
    "dataset": "ds001748",
    "modality": "bold",
    "subject_id": "adult21",
    "task_id": "semantic"
  },
  "dummy_trs": 0,
  "dvars_nstd": 24.929100804496652,
  "dvars_std": 1.1774598856375837,
  "dvars_vstd": 1.007586363825503,
  "efc": 0.6212296333517171,
  "fber": 230.3871612548828,
  "fd_mean": 0.059162744665352485,
  "fd_num": 4,
  "fd_perc": 2.6666666666666665,
  "fwhm_avg": 2.5021139393939396,
  "fwhm_x": 2.410912,
  "fwhm_y": 2.555008,
  "fwhm_z": 2.540421818181818,
  "gcor": 0.0425059,
  "gsr_x": -0.008170331828296185,
  "gsr_y": 0.07142406702041626,
  "provenance": {
    "md5sum": "1cefb8662ec65c48c905ef2016ff4815",
    "settings": {
      "fd_thres": 0.2,
      "testing": false
    },
    "software": "mriqc",
    "version": "22.0.0rc1",
    "webapi_port": null,
    "webapi_url": "https://mriqc.nimh.nih.gov/api/v1"
  },
  "size_t": 150,
  "size_x": 76,
  "size_y": 76,
  "size_z": 45,
  "snr": 2.9873292035976378,
  "spacing_tr": 3.0,
  "spacing_x": 2.5,
  "spacing_y": 2.5,
  "spacing_z": 2.75,
  "summary_bg_k": 41.03730768244373,
  "summary_bg_mad": 9.182248759627067,
  "summary_bg_mean": 67.51073455810547,
  "summary_bg_median": 41.13333511352539,
  "summary_bg_n": 138290.0,
  "summary_bg_p05": 34.48666763305664,
  "summary_bg_p95": 187.27699813842764,
  "summary_bg_stdv": 73.27855682373047,
  "summary_fg_k": 1.5384358947185142,
  "summary_fg_mad": 196.9340327761103,
  "summary_fg_mean": 685.1708374023438,
  "summary_fg_median": 646.7866821289062,
  "summary_fg_n": 67468.0,
  "summary_fg_p05": 403.3466796875,
  "summary_fg_p95": 1090.5753784179688,
  "summary_fg_stdv": 216.50840759277344,
  "tsnr": 62.74717221502215
}