{
  "bids_meta": {
    "AcquisitionMatrixPE": 240,
    "AcquisitionNumber": 1,
    "AcquisitionTime": "08:42:47.865000",
    "BaseResolution": 256,
    "BodyPartExamined": "BRAIN",
    "ConsistencyInfo": "N4_VE11C_LATEST_20160120",
    "ConversionSoftware": "dcm2niix",
    "ConversionSoftwareVersion": "v1.0.20180622 (JP2:OpenJPEG) GCC6.1.0",
    "DeviceSerialNumber": "167001",
    "DwellTime": 8.1e-06,
    "EchoTime": 0.00291,
    "ImageComments": "DENOISED_IMAGE_(lambda_=_1)",
    "ImageOrientationPatientDICOM": [
      -0.00839875,
      0.999963,
      0.00174522,
      -0.00899008,
      0.0016697,
      -0.999958
    ],
    "ImageType": [
      "DERIVED",
      "PRIMARY",
      "M",
      "UNI",
      "DIS3D",
      "DIS2D"
    ],
    "InPlanePhaseEncodingDirectionDICOM": "ROW",
    "InstitutionAddress": "Cooper_60_St._Lucia_QLD_AU_4072",
    "InstitutionName": "St_Lucia_Campus",
    "InstitutionalDepartmentName": "Gehrmann_Labs_MRI",
    "MRAcquisitionType": "3D",
    "MagneticFieldStrength": 3,
    "Manufacturer": "Siemens",
    "ManufacturersModelName": "Prisma_fit",
    "Modality": "MR",
    "ParallelReductionFactorInPlane": 3,
    "PartialFourier": 0.75,
    "PatientPosition": "HFS",
    "PercentPhaseFOV": 93.75,
    "PhaseEncodingSteps": 181,
    "PhaseResolution": 1,
    "PixelBandwidth": 240,
    "ProcedureStepDescription": "Research_16004_CMN",
    "ProtocolName": "MP2RAGE_wip900C_VE11C",
    "PulseSequenceDetails": "%CustomerSeq%_tfl_wip900C_VE11C",
    "RawImage": true,
    "ReceiveCoilActiveElements": "HC1-7;NC1,2",
    "ReceiveCoilName": "HeadNeck_64",
    "ReconMatrixPE": 256,
    "RepetitionTime": 4,
    "SAR": 0.0511902,
    "ScanOptions": "IR_PFP",
    "ScanningSequence": "GR_IR",
    "SequenceName": "tfl3d1_16ns",
    "SequenceVariant": "SK_SP_MP",
    "SeriesDescription": "MP2RAGE_wip900C_VE11C_UNI-DEN",
    "SeriesNumber": 8,
    "ShimSetting": [
      3042,
      -4145,
      -855,
      312,
      -17,
      -251,
      -33,
      -14
    ],
    "SliceThickness": 1,
    "SoftwareVersions": "syngo_MR_E11",
    "StationName": "mrc_Trio",
    "TxRefAmp": 238.012,
    "dataset": "ds001748",
    "modality": "T1w",
    "subject_id": "teen20"
  },
  "cjv": 0.3213179338395552,
  "cnr": 4.0347708575646255,
  "efc": 0.5929575527185811,
  "fber": 648379.8125,
  "fwhm_avg": 3.6175841479104136,
  "fwhm_x": 3.7271824437312415,
  "fwhm_y": 3.77066,
  "fwhm_z": 3.35491,
  "icvs_csf": 0.21134737217058253,
  "icvs_gm": 0.42397260090007144,
  "icvs_wm": 0.36468002692934604,
  "inu_med": 0.9295061230659485,
  "inu_range": 0.17536370754241937,
  "provenance": {
    "md5sum": "a70467ab70da45686b154d075f9f66e4",
    "settings": {
      "testing": false
    },
    "software": "mriqc",
    "version": "22.0.0rc1",
    "warnings": {
      "large_rot_frame": true,
      "small_air_mask": false
    },
    "webapi_port": null,
    "webapi_url": "https://mriqc.nimh.nih.gov/api/v1"
  },
  "qi_1": 0.0030739406812167417,
  "qi_2": 0.0009746366030166228,
  "rpve_csf": 18.781252309153928,
  "rpve_gm": 9.733036991808616,
  "rpve_wm": 14.713710877853432,
  "size_x": 176,
  "size_y": 240,
  "size_z": 256,
  "snr_csf": 2.3424223366161843,
  "snr_gm": 10.452148774420623,
  "snr_total": 13.573221576300847,
  "snr_wm": 27.925093617865738,
  "snrd_csf": 123.70804399565355,
  "snrd_gm": 243.90189219099594,
  "snrd_total": 239.58481464377516,
  "snrd_wm": 351.14450774467593,
  "spacing_x": 0.9999993443489075,
  "spacing_y": 1.0,
  "spacing_z": 1.0,
  "summary_bg_k": 213.57799015100255,
  "summary_bg_mad": 0.8657816238060694,
  "summary_bg_mean": 1.793030858039856,
  "summary_bg_median": 0.5839608311653137,
  "summary_bg_n": 2753272.0,
  "summary_bg_p05": 0.0,
  "summary_bg_p95": 7.1315762758254815,
  "summary_bg_stdv": 5.586222171783447,
  "summary_csf_k": -0.7251214442063749,
  "summary_csf_mad": 168.46662685161667,
  "summary_csf_mean": 326.7931823730469,
  "summary_csf_median": 352.3116760253906,
  "summary_csf_n": 9934.0,
  "summary_csf_p05": 67.22187156677246,
  "summary_csf_p95": 528.9537658691406,
  "summary_csf_stdv": 150.39727783203125,
  "summary_gm_k": 0.009985759812745965,
  "summary_gm_mad": 66.4868910898396,
  "summary_gm_mean": 693.0323486328125,
  "summary_gm_median": 694.6151733398438,
  "summary_gm_n": 33045.0,
  "summary_gm_p05": 580.1864868164063,
  "summary_gm_p95": 798.3082275390625,
  "summary_gm_stdv": 66.45568084716797,
  "summary_wm_k": 1.8027436045360847,
  "summary_wm_mad": 31.64981104357079,
  "summary_wm_mean": 1002.6170654296875,
  "summary_wm_median": 1000.0344848632812,
  "summary_wm_n": 214627.0,
  "summary_wm_p05": 950.2430114746094,
  "summary_wm_p95": 1064.6124877929688,
  "summary_wm_stdv": 35.81123733520508,
  "tpm_overlap_csf": 0.1467605084180832,
  "tpm_overlap_gm": 0.4225718379020691,
  "tpm_overlap_wm": 0.4506928324699402,
  "wm2max": 0.8354691933500014
}