{
  "bids_meta": {
    "AcquisitionMatrixPE": 240,
    "AcquisitionNumber": 1,
    "AcquisitionTime": "10:00:10.835000",
    "BaseResolution": 256,
    "ConversionSoftware": "dcm2niix",
    "ConversionSoftwareVersion": "v1.0.20180622 (JP2:OpenJPEG) GCC6.1.0",
    "DeviceSerialNumber": "35410",
    "DwellTime": 8.1e-06,
    "EchoTime": 0.00289,
    "ImageOrientationPatientDICOM": [
      0.0191987,
      0.999816,
      -2.27766e-08,
      -0.0122129,
      0.000234492,
      -0.999925
    ],
    "ImageType": [
      "ORIGINAL",
      "PRIMARY",
      "M",
      "ND",
      "UNI"
    ],
    "InPlanePhaseEncodingDirectionDICOM": "ROW",
    "InstitutionAddress": "Cooper_60_St._Lucia_QLD_AU_4072",
    "InstitutionName": "St_Lucia_Campus",
    "InstitutionalDepartmentName": "Gehrmann_Labs_MRI",
    "MRAcquisitionType": "3D",
    "MagneticFieldStrength": 3,
    "Manufacturer": "Siemens",
    "ManufacturersModelName": "TrioTim",
    "Modality": "MR",
    "ParallelReductionFactorInPlane": 3,
    "PartialFourier": 0.75,
    "PatientPosition": "HFS",
    "PercentPhaseFOV": 93.75,
    "PhaseEncodingSteps": 181,
    "PhaseResolution": 1,
    "PixelBandwidth": 241,
    "ProcedureStepDescription": "Brain_-_UQ_fMRI",
    "ProtocolName": "mp2rage",
    "PulseSequenceDetails": "%CustomerSeq%_mp2rage_wip820B17",
    "ReceiveCoilName": "32Ch_Head",
    "ReconMatrixPE": 256,
    "RepetitionTime": 4,
    "SAR": 0.131314,
    "ScanOptions": "IR_PFP",
    "ScanningSequence": "GR_IR",
    "SequenceName": "tfl3d1_ns",
    "SequenceVariant": "SP_MP",
    "SeriesDescription": "mp2rage_UNI-DEN",
    "SeriesNumber": 7,
    "ShimSetting": [
      6819,
      -11271,
      -2615,
      -89,
      20,
      1,
      -123,
      4
    ],
    "SliceThickness": 1,
    "SoftwareVersions": "syngo_MR_B17",
    "StationName": "mrc_Trio",
    "TxRefAmp": 345.757,
    "dataset": "ds001748",
    "modality": "T1w",
    "subject_id": "adult04"
  },
  "cjv": 0.4311001531602459,
  "cnr": 2.9090441268040617,
  "efc": 0.5737780539879332,
  "fber": 3073.90966796875,
  "fwhm_avg": 3.691600843158634,
  "fwhm_x": 3.9222123378207314,
  "fwhm_y": 3.93715,
  "fwhm_z": 3.2154401916551705,
  "icvs_csf": 0.2682546392285006,
  "icvs_gm": 0.35011230679071653,
  "icvs_wm": 0.3816330539807828,
  "inu_med": 0.9013083577156067,
  "inu_range": 0.2707388401031494,
  "provenance": {
    "md5sum": "cef6a902a6fcda45823445adb1c28a18",
    "settings": {
      "testing": false
    },
    "software": "mriqc",
    "version": "22.0.0rc1",
    "warnings": {
      "large_rot_frame": true,
      "small_air_mask": false
    },
    "webapi_port": null,
    "webapi_url": "https://mriqc.nimh.nih.gov/api/v1"
  },
  "qi_1": 0.00014375119643296282,
  "qi_2": 0.0006485265393463708,
  "rpve_csf": 19.71715998584196,
  "rpve_gm": 13.344609967905415,
  "rpve_wm": 17.458682123067476,
  "size_x": 176,
  "size_y": 240,
  "size_z": 256,
  "snr_csf": 4.239472903552397,
  "snr_gm": 9.017437671995978,
  "snr_total": 15.299298879603938,
  "snr_wm": 32.64098606326344,
  "snrd_csf": 75.09699806985586,
  "snrd_gm": 135.54316440867618,
  "snrd_total": 130.97233517196824,
  "snrd_wm": 182.27684303737269,
  "spacing_x": 0.9999994039535522,
  "spacing_y": 1.0,
  "spacing_z": 0.9999999403953552,
  "summary_bg_k": 459.7612477698819,
  "summary_bg_mad": 3.5941922522111427,
  "summary_bg_mean": 12.57894515991211,
  "summary_bg_median": 11.567070007324219,
  "summary_bg_n": 2562664.0,
  "summary_bg_p05": 7.1111208438873295,
  "summary_bg_p95": 20.953361797332768,
  "summary_bg_stdv": 5.442415714263916,
  "summary_csf_k": 1.9180673256989893,
  "summary_csf_mad": 85.1647018937799,
  "summary_csf_mean": 403.1585388183594,
  "summary_csf_median": 411.9952087402344,
  "summary_csf_n": 12111.0,
  "summary_csf_p05": 223.69131469726562,
  "summary_csf_p95": 541.0629272460938,
  "summary_csf_stdv": 97.17675018310547,
  "summary_gm_k": -0.023168871176952877,
  "summary_gm_mad": 81.63144109527768,
  "summary_gm_mean": 747.869140625,
  "summary_gm_median": 743.6134033203125,
  "summary_gm_n": 9755.0,
  "summary_gm_p05": 617.9396484375,
  "summary_gm_p95": 887.9305419921875,
  "summary_gm_stdv": 82.45970916748047,
  "summary_wm_k": 0.706018050169317,
  "summary_wm_mad": 28.897938804443314,
  "summary_wm_mean": 1000.740966796875,
  "summary_wm_median": 1000.0025024414062,
  "summary_wm_n": 200540.0,
  "summary_wm_p05": 952.1472717285156,
  "summary_wm_p95": 1051.9482177734374,
  "summary_wm_stdv": 30.636329650878906,
  "tpm_overlap_csf": 0.12170743197202682,
  "tpm_overlap_gm": 0.37145307660102844,
  "tpm_overlap_wm": 0.5067017674446106,
  "wm2max": 0.7525230458719621
}