{
  "bids_meta": {
    "AcquisitionMatrixPE": 240,
    "AcquisitionNumber": 1,
    "AcquisitionTime": "10:40:0.700000",
    "BaseResolution": 256,
    "ConversionSoftware": "dcm2niix",
    "ConversionSoftwareVersion": "v1.0.20180622 (JP2:OpenJPEG) GCC6.1.0",
    "DeviceSerialNumber": "35410",
    "DwellTime": 8.1e-06,
    "EchoTime": 0.00289,
    "ImageOrientationPatientDICOM": [
      -0.0209425,
      0.999781,
      -5.14815e-09,
      0.00348886,
      7.30763e-05,
      -0.999994
    ],
    "ImageType": [
      "ORIGINAL",
      "PRIMARY",
      "M",
      "ND",
      "UNI"
    ],
    "InPlanePhaseEncodingDirectionDICOM": "ROW",
    "InstitutionAddress": "Cooper_60_St._Lucia_QLD_AU_4072",
    "InstitutionName": "St_Lucia_Campus",
    "InstitutionalDepartmentName": "Gehrmann_Labs_MRI",
    "MRAcquisitionType": "3D",
    "MagneticFieldStrength": 3,
    "Manufacturer": "Siemens",
    "ManufacturersModelName": "TrioTim",
    "Modality": "MR",
    "ParallelReductionFactorInPlane": 3,
    "PartialFourier": 0.75,
    "PatientPosition": "HFS",
    "PercentPhaseFOV": 93.75,
    "PhaseEncodingSteps": 181,
    "PhaseResolution": 1,
    "PixelBandwidth": 241,
    "ProcedureStepDescription": "Brain_-_UQ_fMRI",
    "ProtocolName": "mp2rage",
    "PulseSequenceDetails": "%CustomerSeq%_mp2rage_wip820B17",
    "ReceiveCoilName": "32Ch_Head",
    "ReconMatrixPE": 256,
    "RepetitionTime": 4,
    "SAR": 0.124205,
    "ScanOptions": "IR_PFP",
    "ScanningSequence": "GR_IR",
    "SequenceName": "tfl3d1_ns",
    "SequenceVariant": "SP_MP",
    "SeriesDescription": "mp2rage_UNI-DEN",
    "SeriesNumber": 7,
    "ShimSetting": [
      6819,
      -11271,
      -2615,
      -89,
      20,
      1,
      -123,
      4
    ],
    "SliceThickness": 1,
    "SoftwareVersions": "syngo_MR_B17",
    "StationName": "mrc_Trio",
    "TxRefAmp": 387.337,
    "dataset": "ds001748",
    "modality": "T1w",
    "subject_id": "adult18"
  },
  "cjv": 0.3373187958851004,
  "cnr": 3.8587303950131093,
  "efc": 0.5711154305530604,
  "fber": 2509.759521484375,
  "fwhm_avg": 3.6874613181396856,
  "fwhm_x": 3.7943537164004097,
  "fwhm_y": 3.993290238018646,
  "fwhm_z": 3.27474,
  "icvs_csf": 0.2742674549405629,
  "icvs_gm": 0.37023496049991006,
  "icvs_wm": 0.355497584559527,
  "inu_med": 1.0006606578826904,
  "inu_range": 0.262233579158783,
  "provenance": {
    "md5sum": "bdd504913ce9b95eb2e35da60b2c0ca5",
    "settings": {
      "testing": false
    },
    "software": "mriqc",
    "version": "22.0.0rc1",
    "warnings": {
      "large_rot_frame": true,
      "small_air_mask": false
    },
    "webapi_port": null,
    "webapi_url": "https://mriqc.nimh.nih.gov/api/v1"
  },
  "qi_1": 0.0009958141334552746,
  "qi_2": 0.000680494655691746,
  "rpve_csf": 20.62678265830006,
  "rpve_gm": 13.845804991612976,
  "rpve_wm": 19.743065119746735,
  "size_x": 176,
  "size_y": 240,
  "size_z": 256,
  "snr_csf": 4.191599871427585,
  "snr_gm": 9.954757658662283,
  "snr_total": 14.353028259596606,
  "snr_wm": 28.912727248699948,
  "snrd_csf": 70.78211887584884,
  "snrd_gm": 120.3243490032525,
  "snrd_total": 121.19653668164233,
  "snrd_wm": 172.48314216582565,
  "spacing_x": 1.0000042915344238,
  "spacing_y": 0.9999999403953552,
  "spacing_z": 1.0,
  "summary_bg_k": 704.0232332981415,
  "summary_bg_mad": 3.7983749759928958,
  "summary_bg_mean": 13.592886924743652,
  "summary_bg_median": 12.635210990905762,
  "summary_bg_n": 2620837.0,
  "summary_bg_p05": 7.8229982376098635,
  "summary_bg_p95": 22.039373016357416,
  "summary_bg_stdv": 5.894319534301758,
  "summary_csf_k": 0.8520060303197856,
  "summary_csf_mad": 85.3986433845875,
  "summary_csf_mean": 396.3292541503906,
  "summary_csf_median": 410.38330078125,
  "summary_csf_n": 11128.0,
  "summary_csf_p05": 209.09819564819335,
  "summary_csf_p95": 530.7952392578125,
  "summary_csf_stdv": 97.90172576904297,
  "summary_gm_k": 0.09557497352893929,
  "summary_gm_mad": 69.05941044828603,
  "summary_gm_mean": 698.10791015625,
  "summary_gm_median": 697.6211547851562,
  "summary_gm_n": 16004.0,
  "summary_gm_p05": 584.1440155029297,
  "summary_gm_p95": 813.5849090576171,
  "summary_gm_stdv": 70.07698059082031,
  "summary_wm_k": 0.5713152424809662,
  "summary_wm_mad": 32.94858108392123,
  "summary_wm_mean": 1000.73974609375,
  "summary_wm_median": 1000.0294189453125,
  "summary_wm_n": 164942.0,
  "summary_wm_p05": 945.3010040283203,
  "summary_wm_p95": 1058.5085388183593,
  "summary_wm_stdv": 34.5877571105957,
  "tpm_overlap_csf": 0.12802216410636902,
  "tpm_overlap_gm": 0.3845539391040802,
  "tpm_overlap_wm": 0.4826738238334656,
  "wm2max": 0.7077996976167851
}