{
  "aor": 0.005848066666666667,
  "aqi": 0.004100702733333333,
  "bids_meta": {
    "AcquisitionMatrixPE": 76,
    "AcquisitionNumber": 1,
    "AcquisitionTime": "09:21:57.802500",
    "BandwidthPerPixelPhaseEncode": 23.084,
    "BaseResolution": 76,
    "BodyPartExamined": "BRAIN",
    "ConsistencyInfo": "N4_VE11C_LATEST_20160120",
    "ConversionSoftware": "dcm2niix",
    "ConversionSoftwareVersion": "v1.0.20180622 (JP2:OpenJPEG) GCC6.1.0",
    "DerivedVendorReportedEchoSpacing": 0.000570001,
    "DeviceSerialNumber": "167001",
    "DwellTime": 3.3e-06,
    "EchoTime": 0.03,
    "EchoTrainLength": 76,
    "EffectiveEchoSpacing": 0.000570001,
    "FlipAngle": 90,
    "ImageOrientationPatientDICOM": [
      0.999925,
      -0.0121125,
      0.00159463,
      0.012217,
      0.991371,
      -0.130516
    ],
    "ImageType": [
      "ORIGINAL",
      "PRIMARY",
      "M",
      "ND",
      "MOSAIC"
    ],
    "InPlanePhaseEncodingDirectionDICOM": "COL",
    "InstitutionAddress": "Cooper_60_St._Lucia_QLD_AU_4072",
    "InstitutionName": "St_Lucia_Campus",
    "InstitutionalDepartmentName": "Gehrmann_Labs_MRI",
    "MRAcquisitionType": "2D",
    "MagneticFieldStrength": 3,
    "Manufacturer": "Siemens",
    "ManufacturersModelName": "Prisma_fit",
    "Modality": "MR",
    "PartialFourier": 1,
    "PatientPosition": "HFS",
    "PercentPhaseFOV": 100,
    "PhaseEncodingDirection": "j-",
    "PhaseEncodingSteps": 76,
    "PhaseResolution": 1,
    "PixelBandwidth": 1995,
    "ProcedureStepDescription": "Research_16004_CMN",
    "ProtocolName": "ep2d_bold_EPI",
    "PulseSequenceDetails": "%SiemensSeq%_ep2d_bold",
    "ReceiveCoilActiveElements": "HC1-7;NC1,2",
    "ReceiveCoilName": "HeadNeck_64",
    "ReconMatrixPE": 76,
    "RepetitionTime": 3,
    "SAR": 0.0831611,
    "ScanOptions": "FS",
    "ScanningSequence": "EP",
    "SequenceName": "_epfid2d1_76",
    "SequenceVariant": "SK",
    "SeriesDescription": "ep2d_bold_EPI",
    "SeriesNumber": 8,
    "ShimSetting": [
      3053,
      -4119,
      -768,
      794,
      3,
      -3,
      -51,
      -12
    ],
    "SliceThickness": 2.5,
    "SliceTiming": [
      0,
      1.5225,
      0.065,
      1.59,
      0.1325,
      1.655,
      0.1975,
      1.7225,
      0.265,
      1.7875,
      0.33,
      1.855,
      0.3975,
      1.92,
      0.4625,
      1.9875,
      0.53,
      2.0525,
      0.595,
      2.12,
      0.6625,
      2.185,
      0.7275,
      2.2525,
      0.795,
      2.3175,
      0.86,
      2.385,
      0.9275,
      2.45,
      0.9925,
      2.5175,
      1.06,
      2.5825,
      1.125,
      2.65,
      1.1925,
      2.715,
      1.2575,
      2.78,
      1.325,
      2.8475,
      1.39,
      2.9125,
      1.4575
    ],
    "SoftwareVersions": "syngo_MR_E11",
    "SpacingBetweenSlices": 2.75,
    "StationName": "mrc_Trio",
    "TaskName": "episodic",
    "TotalReadoutTime": 0.04275,
    "TxRefAmp": 233.782,
    "dataset": "ds001748",
    "modality": "bold",
    "subject_id": "teen01",
    "task_id": "episodic"
  },
  "dummy_trs": 0,
  "dvars_nstd": 27.807178253691287,
  "dvars_std": 1.2411203069798662,
  "dvars_vstd": 1.0391739947651009,
  "efc": 0.6326355840201674,
  "fber": 152.61203002929688,
  "fd_mean": 0.1953847352325263,
  "fd_num": 54,
  "fd_perc": 36.0,
  "fwhm_avg": 2.7503047272727272,
  "fwhm_x": 2.575172,
  "fwhm_y": 2.957204,
  "fwhm_z": 2.718538181818182,
  "gcor": 0.0335386,
  "gsr_x": -0.017417311668395996,
  "gsr_y": 0.07712192088365555,
  "provenance": {
    "md5sum": "8518afd3b10526a385184408d62336fa",
    "settings": {
      "fd_thres": 0.2,
      "testing": false
    },
    "software": "mriqc",
    "version": "22.0.0rc1",
    "webapi_port": null,
    "webapi_url": "https://mriqc.nimh.nih.gov/api/v1"
  },
  "size_t": 150,
  "size_x": 76,
  "size_y": 76,
  "size_z": 45,
  "snr": 2.9156071390181544,
  "spacing_tr": 3.0,
  "spacing_x": 2.5,
  "spacing_y": 2.5,
  "spacing_z": 2.75,
  "summary_bg_k": 57.03817822073432,
  "summary_bg_mad": 6.474021392479139,
  "summary_bg_mean": 105.18244171142578,
  "summary_bg_median": 68.77999877929688,
  "summary_bg_n": 140687.0,
  "summary_bg_p05": 63.2933349609375,
  "summary_bg_p95": 270.9626739501951,
  "summary_bg_stdv": 108.0650405883789,
  "summary_fg_k": 0.03465533381036412,
  "summary_fg_mad": 318.62609345391945,
  "summary_fg_mean": 903.2488403320312,
  "summary_fg_median": 868.0266723632812,
  "summary_fg_n": 65614.0,
  "summary_fg_p05": 490.15101165771483,
  "summary_fg_p95": 1435.9876953125,
  "summary_fg_stdv": 297.71502685546875,
  "tsnr": 60.53390170028433
}