{
  "aor": 0.007699000000000001,
  "aqi": 0.005458419733333334,
  "bids_meta": {
    "AcquisitionMatrixPE": 76,
    "AcquisitionNumber": 1,
    "AcquisitionTime": "09:13:58.147500",
    "BandwidthPerPixelPhaseEncode": 23.084,
    "BaseResolution": 76,
    "BodyPartExamined": "BRAIN",
    "ConsistencyInfo": "N4_VE11C_LATEST_20160120",
    "ConversionSoftware": "dcm2niix",
    "ConversionSoftwareVersion": "v1.0.20180622 (JP2:OpenJPEG) GCC6.1.0",
    "DerivedVendorReportedEchoSpacing": 0.000570001,
    "DeviceSerialNumber": "167001",
    "DwellTime": 3.3e-06,
    "EchoTime": 0.03,
    "EchoTrainLength": 76,
    "EffectiveEchoSpacing": 0.000570001,
    "FlipAngle": 90,
    "ImageOrientationPatientDICOM": [
      0.999925,
      -0.0121125,
      0.00159463,
      0.012217,
      0.991371,
      -0.130516
    ],
    "ImageType": [
      "ORIGINAL",
      "PRIMARY",
      "M",
      "ND",
      "MOSAIC"
    ],
    "InPlanePhaseEncodingDirectionDICOM": "COL",
    "InstitutionAddress": "Cooper_60_St._Lucia_QLD_AU_4072",
    "InstitutionName": "St_Lucia_Campus",
    "InstitutionalDepartmentName": "Gehrmann_Labs_MRI",
    "MRAcquisitionType": "2D",
    "MagneticFieldStrength": 3,
    "Manufacturer": "Siemens",
    "ManufacturersModelName": "Prisma_fit",
    "Modality": "MR",
    "PartialFourier": 1,
    "PatientPosition": "HFS",
    "PercentPhaseFOV": 100,
    "PhaseEncodingDirection": "j-",
    "PhaseEncodingSteps": 76,
    "PhaseResolution": 1,
    "PixelBandwidth": 1995,
    "ProcedureStepDescription": "Research_16004_CMN",
    "ProtocolName": "ep2d_bold_SEM",
    "PulseSequenceDetails": "%SiemensSeq%_ep2d_bold",
    "ReceiveCoilActiveElements": "HC1-7;NC1,2",
    "ReceiveCoilName": "HeadNeck_64",
    "ReconMatrixPE": 76,
    "RepetitionTime": 3,
    "SAR": 0.0831611,
    "ScanOptions": "FS",
    "ScanningSequence": "EP",
    "SequenceName": "_epfid2d1_76",
    "SequenceVariant": "SK",
    "SeriesDescription": "ep2d_bold_SEM",
    "SeriesNumber": 7,
    "ShimSetting": [
      3053,
      -4119,
      -768,
      794,
      3,
      -3,
      -51,
      -12
    ],
    "SliceThickness": 2.5,
    "SliceTiming": [
      0,
      1.5225,
      0.065,
      1.5875,
      0.1325,
      1.655,
      0.1975,
      1.72,
      0.265,
      1.7875,
      0.33,
      1.8525,
      0.3975,
      1.92,
      0.4625,
      1.985,
      0.5275,
      2.0525,
      0.595,
      2.1175,
      0.66,
      2.185,
      0.7275,
      2.25,
      0.7925,
      2.3175,
      0.86,
      2.3825,
      0.925,
      2.45,
      0.9925,
      2.515,
      1.0575,
      2.5825,
      1.125,
      2.6475,
      1.19,
      2.715,
      1.2575,
      2.78,
      1.3225,
      2.8475,
      1.39,
      2.9125,
      1.455
    ],
    "SoftwareVersions": "syngo_MR_E11",
    "SpacingBetweenSlices": 2.75,
    "StationName": "mrc_Trio",
    "TaskName": "semantic",
    "TotalReadoutTime": 0.04275,
    "TxRefAmp": 233.782,
    "dataset": "ds001748",
    "modality": "bold",
    "subject_id": "teen01",
    "task_id": "semantic"
  },
  "dummy_trs": 0,
  "dvars_nstd": 25.36695174422819,
  "dvars_std": 1.1250185928859053,
  "dvars_vstd": 1.0005926405369128,
  "efc": 0.6318089723412558,
  "fber": 147.1079559326172,
  "fd_mean": 0.1854809942219246,
  "fd_num": 33,
  "fd_perc": 22.0,
  "fwhm_avg": 2.7408943030303026,
  "fwhm_x": 2.5759440000000002,
  "fwhm_y": 2.963208,
  "fwhm_z": 2.683530909090909,
  "gcor": 0.0287547,
  "gsr_x": -0.016153138130903244,
  "gsr_y": 0.07611050456762314,
  "provenance": {
    "md5sum": "99b048e99f7e9d6bafd553a9d68748d0",
    "settings": {
      "fd_thres": 0.2,
      "testing": false
    },
    "software": "mriqc",
    "version": "22.0.0rc1",
    "webapi_port": null,
    "webapi_url": "https://mriqc.nimh.nih.gov/api/v1"
  },
  "size_t": 150,
  "size_x": 76,
  "size_y": 76,
  "size_z": 45,
  "snr": 2.920337785188886,
  "spacing_tr": 3.0,
  "spacing_x": 2.5,
  "spacing_y": 2.5,
  "spacing_z": 2.75,
  "summary_bg_k": 54.95534641547563,
  "summary_bg_mad": 10.022394164277902,
  "summary_bg_mean": 105.58855438232422,
  "summary_bg_median": 69.94667053222656,
  "summary_bg_n": 140650.0,
  "summary_bg_p05": 60.00966873168946,
  "summary_bg_p95": 272.17333984375,
  "summary_bg_stdv": 108.77764892578125,
  "summary_fg_k": 0.057246674244686435,
  "summary_fg_mad": 317.08417447795347,
  "summary_fg_mean": 903.8073120117188,
  "summary_fg_median": 867.836669921875,
  "summary_fg_n": 65504.0,
  "summary_fg_p05": 493.66100616455077,
  "summary_fg_p95": 1437.1770751953122,
  "summary_fg_stdv": 297.1676940917969,
  "tsnr": 53.85874700197019
}