{
  "aor": 0.002479066666666667,
  "aqi": 0.0061321462,
  "bids_meta": {
    "AcquisitionMatrixPE": 76,
    "AcquisitionNumber": 1,
    "AcquisitionTime": "09:05:37.375000",
    "BandwidthPerPixelPhaseEncode": 23.084,
    "BaseResolution": 76,
    "BodyPartExamined": "BRAIN",
    "ConsistencyInfo": "N4_VE11C_LATEST_20160120",
    "ConversionSoftware": "dcm2niix",
    "ConversionSoftwareVersion": "v1.0.20180622 (JP2:OpenJPEG) GCC6.1.0",
    "DerivedVendorReportedEchoSpacing": 0.000570001,
    "DeviceSerialNumber": "167001",
    "DwellTime": 3.3e-06,
    "EchoTime": 0.03,
    "EchoTrainLength": 76,
    "EffectiveEchoSpacing": 0.000570001,
    "FlipAngle": 90,
    "ImageOrientationPatientDICOM": [
      0.999925,
      -0.0121125,
      0.00159463,
      0.012217,
      0.991371,
      -0.130516
    ],
    "ImageType": [
      "ORIGINAL",
      "PRIMARY",
      "M",
      "ND",
      "MOSAIC"
    ],
    "InPlanePhaseEncodingDirectionDICOM": "COL",
    "InstitutionAddress": "Cooper_60_St._Lucia_QLD_AU_4072",
    "InstitutionName": "St_Lucia_Campus",
    "InstitutionalDepartmentName": "Gehrmann_Labs_MRI",
    "MRAcquisitionType": "2D",
    "MagneticFieldStrength": 3,
    "Manufacturer": "Siemens",
    "ManufacturersModelName": "Prisma_fit",
    "Modality": "MR",
    "PartialFourier": 1,
    "PatientPosition": "HFS",
    "PercentPhaseFOV": 100,
    "PhaseEncodingDirection": "j-",
    "PhaseEncodingSteps": 76,
    "PhaseResolution": 1,
    "PixelBandwidth": 1995,
    "ProcedureStepDescription": "Research_16004_CMN",
    "ProtocolName": "ep2d_bold_AUTO",
    "PulseSequenceDetails": "%SiemensSeq%_ep2d_bold",
    "ReceiveCoilActiveElements": "HC1-7;NC1,2",
    "ReceiveCoilName": "HeadNeck_64",
    "ReconMatrixPE": 76,
    "RepetitionTime": 3,
    "SAR": 0.0831611,
    "ScanOptions": "FS",
    "ScanningSequence": "EP",
    "SequenceName": "_epfid2d1_76",
    "SequenceVariant": "SK",
    "SeriesDescription": "ep2d_bold_AUTO",
    "SeriesNumber": 6,
    "ShimSetting": [
      3053,
      -4119,
      -768,
      794,
      3,
      -3,
      -51,
      -12
    ],
    "SliceThickness": 2.5,
    "SliceTiming": [
      0,
      1.525,
      0.0675,
      1.59,
      0.1325,
      1.6575,
      0.2,
      1.7225,
      0.265,
      1.79,
      0.3325,
      1.855,
      0.3975,
      1.9225,
      0.465,
      1.9875,
      0.53,
      2.055,
      0.5975,
      2.12,
      0.6625,
      2.185,
      0.73,
      2.2525,
      0.795,
      2.3175,
      0.8625,
      2.385,
      0.9275,
      2.45,
      0.995,
      2.5175,
      1.06,
      2.5825,
      1.1275,
      2.65,
      1.1925,
      2.715,
      1.26,
      2.7825,
      1.325,
      2.8475,
      1.3925,
      2.915,
      1.4575
    ],
    "SoftwareVersions": "syngo_MR_E11",
    "SpacingBetweenSlices": 2.75,
    "StationName": "mrc_Trio",
    "TaskName": "autobio",
    "TotalReadoutTime": 0.04275,
    "TxRefAmp": 233.782,
    "dataset": "ds001748",
    "modality": "bold",
    "subject_id": "teen01",
    "task_id": "autobio"
  },
  "dummy_trs": 0,
  "dvars_nstd": 22.591733446107376,
  "dvars_std": 1.1187648318791947,
  "dvars_vstd": 0.953268059261745,
  "efc": 0.6318783367447552,
  "fber": 151.51805114746094,
  "fd_mean": 0.1012748310827306,
  "fd_num": 11,
  "fd_perc": 7.333333333333333,
  "fwhm_avg": 2.7717037575757573,
  "fwhm_x": 2.600112,
  "fwhm_y": 2.994792,
  "fwhm_z": 2.7202072727272726,
  "gcor": 0.0204883,
  "gsr_x": -0.012388739734888077,
  "gsr_y": 0.06715486943721771,
  "provenance": {
    "md5sum": "6b7ffdb60df2d2a7f939dc51b6de0ce6",
    "settings": {
      "fd_thres": 0.2,
      "testing": false
    },
    "software": "mriqc",
    "version": "22.0.0rc1",
    "webapi_port": null,
    "webapi_url": "https://mriqc.nimh.nih.gov/api/v1"
  },
  "size_t": 150,
  "size_x": 76,
  "size_y": 76,
  "size_z": 45,
  "snr": 2.9125401674486255,
  "spacing_tr": 3.0,
  "spacing_x": 2.5,
  "spacing_y": 2.5,
  "spacing_z": 2.75,
  "summary_bg_k": 53.55013925166872,
  "summary_bg_mad": 6.691482235761993,
  "summary_bg_mean": 100.87611389160156,
  "summary_bg_median": 68.61333465576172,
  "summary_bg_n": 139807.0,
  "summary_bg_p05": 62.87333297729492,
  "summary_bg_p95": 251.46267395019507,
  "summary_bg_stdv": 92.10733032226562,
  "summary_fg_k": 0.03193407841742557,
  "summary_fg_mad": 317.0000632253838,
  "summary_fg_mean": 899.031494140625,
  "summary_fg_median": 863.086669921875,
  "summary_fg_n": 65679.0,
  "summary_fg_p05": 488.3706848144531,
  "summary_fg_p95": 1431.6380859375,
  "summary_fg_stdv": 296.3324279785156,
  "tsnr": 58.07028297800571
}