{
  "bids_meta": {
    "AcquisitionMatrixPE": 240,
    "AcquisitionNumber": 1,
    "AcquisitionTime": "17:07:11.915000",
    "BaseResolution": 256,
    "BodyPartExamined": "BRAIN",
    "ConsistencyInfo": "N4_VE11C_LATEST_20160120",
    "ConversionSoftware": "dcm2niix",
    "ConversionSoftwareVersion": "v1.0.20180622 (JP2:OpenJPEG) GCC6.1.0",
    "DeviceSerialNumber": "167001",
    "DwellTime": 8.1e-06,
    "EchoTime": 0.00291,
    "ImageComments": "DENOISED_IMAGE_(lambda_=_1)",
    "ImageOrientationPatientDICOM": [
      0.0378669,
      0.998611,
      0.0366385,
      0.0183385,
      0.0359641,
      -0.999185
    ],
    "ImageType": [
      "DERIVED",
      "PRIMARY",
      "M",
      "UNI",
      "DIS3D",
      "DIS2D"
    ],
    "InPlanePhaseEncodingDirectionDICOM": "ROW",
    "InstitutionAddress": "Cooper_60_St._Lucia_QLD_AU_4072",
    "InstitutionName": "St_Lucia_Campus",
    "InstitutionalDepartmentName": "Gehrmann_Labs_MRI",
    "MRAcquisitionType": "3D",
    "MagneticFieldStrength": 3,
    "Manufacturer": "Siemens",
    "ManufacturersModelName": "Prisma_fit",
    "Modality": "MR",
    "ParallelReductionFactorInPlane": 3,
    "PartialFourier": 0.75,
    "PatientPosition": "HFS",
    "PercentPhaseFOV": 93.75,
    "PhaseEncodingSteps": 181,
    "PhaseResolution": 1,
    "PixelBandwidth": 240,
    "ProcedureStepDescription": "Research_16004_CMN",
    "ProtocolName": "MP2RAGE_wip900C_VE11C",
    "PulseSequenceDetails": "%CustomerSeq%_tfl_wip900C_VE11C",
    "RawImage": true,
    "ReceiveCoilActiveElements": "HC1-7;NC1,2",
    "ReceiveCoilName": "HeadNeck_64",
    "ReconMatrixPE": 256,
    "RepetitionTime": 4,
    "SAR": 0.0516237,
    "ScanOptions": "IR_PFP",
    "ScanningSequence": "GR_IR",
    "SequenceName": "tfl3d1_16ns",
    "SequenceVariant": "SK_SP_MP",
    "SeriesDescription": "MP2RAGE_wip900C_VE11C_UNI-DEN",
    "SeriesNumber": 9,
    "ShimSetting": [
      3054,
      -4130,
      -852,
      314,
      10,
      -335,
      18,
      -2
    ],
    "SliceThickness": 1,
    "SoftwareVersions": "syngo_MR_E11",
    "StationName": "mrc_Trio",
    "TxRefAmp": 235.045,
    "dataset": "ds001748",
    "modality": "T1w",
    "subject_id": "teen08"
  },
  "cjv": 0.2660394289035552,
  "cnr": 4.975341305668671,
  "efc": 0.5918435441607336,
  "fber": 441369.90625,
  "fwhm_avg": 3.8677132578206277,
  "fwhm_x": 3.7307095552647644,
  "fwhm_y": 4.21169,
  "fwhm_z": 3.6607402181971205,
  "icvs_csf": 0.16105794788112604,
  "icvs_gm": 0.47680458684525884,
  "icvs_wm": 0.3621374652736151,
  "inu_med": 0.7894384860992432,
  "inu_range": 0.18723382353782647,
  "provenance": {
    "md5sum": "d6a30ddbeb7cd8ee3ebb9bb073cff787",
    "settings": {
      "testing": false
    },
    "software": "mriqc",
    "version": "22.0.0rc1",
    "warnings": {
      "large_rot_frame": true,
      "small_air_mask": false
    },
    "webapi_port": null,
    "webapi_url": "https://mriqc.nimh.nih.gov/api/v1"
  },
  "qi_1": 0.003078288571378969,
  "qi_2": 0.0005432561652391971,
  "rpve_csf": 24.302315920420597,
  "rpve_gm": 9.512312060323582,
  "rpve_wm": 14.702453322945415,
  "size_x": 176,
  "size_y": 240,
  "size_z": 256,
  "snr_csf": 1.7574860005335127,
  "snr_gm": 9.674974958099844,
  "snr_total": 12.674107533462676,
  "snr_wm": 26.589861641754677,
  "snrd_csf": 92.59836153373274,
  "snrd_gm": 232.75897257371105,
  "snrd_total": 232.45656114920197,
  "snrd_wm": 372.01234934016213,
  "spacing_x": 1.0000001192092896,
  "spacing_y": 1.0,
  "spacing_z": 0.9999999403953552,
  "summary_bg_k": 385.33328978341547,
  "summary_bg_mad": 0.7610607248326487,
  "summary_bg_mean": 2.6124420166015625,
  "summary_bg_median": 0.7602011561393738,
  "summary_bg_n": 2520635.0,
  "summary_bg_p05": 0.0,
  "summary_bg_p95": 10.663695335388175,
  "summary_bg_stdv": 7.999464988708496,
  "summary_csf_k": 2.997381762007958,
  "summary_csf_mad": 168.89924102130175,
  "summary_csf_mean": 240.84701538085938,
  "summary_csf_median": 248.91204833984375,
  "summary_csf_n": 6342.0,
  "summary_csf_p05": 41.457173156738286,
  "summary_csf_p95": 437.4814300537109,
  "summary_csf_stdv": 141.61843872070312,
  "summary_gm_k": -0.27049415814483524,
  "summary_gm_mad": 66.92821500461326,
  "summary_gm_mean": 623.3541259765625,
  "summary_gm_median": 625.6753540039062,
  "summary_gm_n": 70925.0,
  "summary_gm_p05": 514.381201171875,
  "summary_gm_p95": 726.3202514648438,
  "summary_gm_stdv": 64.66899871826172,
  "summary_wm_k": 2.690300850331715,
  "summary_wm_mad": 32.65688380295487,
  "summary_wm_mean": 998.0474853515625,
  "summary_wm_median": 999.9999389648438,
  "summary_wm_n": 218249.0,
  "summary_wm_p05": 934.3515502929688,
  "summary_wm_p95": 1054.8013916015625,
  "summary_wm_stdv": 37.60823059082031,
  "tpm_overlap_csf": 0.15706662833690643,
  "tpm_overlap_gm": 0.44979262351989746,
  "tpm_overlap_wm": 0.47687867283821106,
  "wm2max": 0.9090463816838521
}