{
  "aor": 0.009410533333333334,
  "aqi": 0.007437314333333333,
  "bids_meta": {
    "AcquisitionMatrixPE": 76,
    "AcquisitionNumber": 1,
    "AcquisitionTime": "08:56:54.067500",
    "BandwidthPerPixelPhaseEncode": 23.084,
    "BaseResolution": 76,
    "BodyPartExamined": "BRAIN",
    "ConsistencyInfo": "N4_VE11C_LATEST_20160120",
    "ConversionSoftware": "dcm2niix",
    "ConversionSoftwareVersion": "v1.0.20180622 (JP2:OpenJPEG) GCC6.1.0",
    "DerivedVendorReportedEchoSpacing": 0.000570001,
    "DeviceSerialNumber": "167001",
    "DwellTime": 3.3e-06,
    "EchoTime": 0.03,
    "EchoTrainLength": 76,
    "EffectiveEchoSpacing": 0.000570001,
    "FlipAngle": 90,
    "ImageOrientationPatientDICOM": [
      0.999985,
      0.00346872,
      -0.00434215,
      -0.00401426,
      0.991149,
      -0.132693
    ],
    "ImageType": [
      "ORIGINAL",
      "PRIMARY",
      "M",
      "ND",
      "MOSAIC"
    ],
    "InPlanePhaseEncodingDirectionDICOM": "COL",
    "InstitutionAddress": "Cooper_60_St._Lucia_QLD_AU_4072",
    "InstitutionName": "St_Lucia_Campus",
    "InstitutionalDepartmentName": "Gehrmann_Labs_MRI",
    "MRAcquisitionType": "2D",
    "MagneticFieldStrength": 3,
    "Manufacturer": "Siemens",
    "ManufacturersModelName": "Prisma_fit",
    "Modality": "MR",
    "PartialFourier": 1,
    "PatientPosition": "HFS",
    "PercentPhaseFOV": 100,
    "PhaseEncodingDirection": "j-",
    "PhaseEncodingSteps": 76,
    "PhaseResolution": 1,
    "PixelBandwidth": 1995,
    "ProcedureStepDescription": "Research_16004_CMN",
    "ProtocolName": "ep2d_bold_SEM",
    "PulseSequenceDetails": "%SiemensSeq%_ep2d_bold",
    "ReceiveCoilActiveElements": "HC1-7;NC1,2",
    "ReceiveCoilName": "HeadNeck_64",
    "ReconMatrixPE": 76,
    "RepetitionTime": 3,
    "SAR": 0.0743372,
    "ScanOptions": "FS",
    "ScanningSequence": "EP",
    "SequenceName": "_epfid2d1_76",
    "SequenceVariant": "SK",
    "SeriesDescription": "ep2d_bold_SEM",
    "SeriesNumber": 10,
    "ShimSetting": [
      3043,
      -4114,
      -807,
      357,
      -20,
      117,
      -102,
      20
    ],
    "SliceThickness": 2.5,
    "SliceTiming": [
      0,
      1.5225,
      0.065,
      1.5875,
      0.1325,
      1.655,
      0.1975,
      1.72,
      0.2625,
      1.7875,
      0.33,
      1.8525,
      0.395,
      1.92,
      0.4625,
      1.985,
      0.5275,
      2.0525,
      0.595,
      2.1175,
      0.66,
      2.185,
      0.7275,
      2.25,
      0.7925,
      2.3175,
      0.86,
      2.3825,
      0.925,
      2.45,
      0.9925,
      2.515,
      1.0575,
      2.5825,
      1.125,
      2.6475,
      1.19,
      2.715,
      1.2575,
      2.78,
      1.3225,
      2.8475,
      1.39,
      2.9125,
      1.455
    ],
    "SoftwareVersions": "syngo_MR_E11",
    "SpacingBetweenSlices": 2.75,
    "StationName": "mrc_Trio",
    "TaskName": "semantic",
    "TotalReadoutTime": 0.04275,
    "TxRefAmp": 238.012,
    "dataset": "ds001748",
    "modality": "bold",
    "subject_id": "teen20",
    "task_id": "semantic"
  },
  "dummy_trs": 0,
  "dvars_nstd": 37.83674698389261,
  "dvars_std": 1.2516990624832218,
  "dvars_vstd": 0.9799764232885909,
  "efc": 0.6687958313622714,
  "fber": 115.01114654541016,
  "fd_mean": 0.11922641740273868,
  "fd_num": 11,
  "fd_perc": 7.333333333333333,
  "fwhm_avg": 2.8753064242424244,
  "fwhm_x": 2.602036,
  "fwhm_y": 3.051996,
  "fwhm_z": 2.9718872727272725,
  "gcor": 0.0387444,
  "gsr_x": 0.026188110932707787,
  "gsr_y": 0.05668707937002182,
  "provenance": {
    "md5sum": "ee2fe84e80c9c39362ccf0537b01dac5",
    "settings": {
      "fd_thres": 0.2,
      "testing": false
    },
    "software": "mriqc",
    "version": "22.0.0rc1",
    "webapi_port": null,
    "webapi_url": "https://mriqc.nimh.nih.gov/api/v1"
  },
  "size_t": 150,
  "size_x": 76,
  "size_y": 76,
  "size_z": 45,
  "snr": 2.2373973942272043,
  "spacing_tr": 3.0,
  "spacing_x": 2.5,
  "spacing_y": 2.5,
  "spacing_z": 2.75,
  "summary_bg_k": 15.116096081502626,
  "summary_bg_mad": 15.95280303830031,
  "summary_bg_mean": 155.0408172607422,
  "summary_bg_median": 77.00666809082031,
  "summary_bg_n": 123412.0,
  "summary_bg_p05": 64.62667083740234,
  "summary_bg_p95": 531.2223266601562,
  "summary_bg_stdv": 182.97515869140625,
  "summary_fg_k": 1.80830798081863,
  "summary_fg_mad": 341.6459271003008,
  "summary_fg_mean": 949.0341186523438,
  "summary_fg_median": 867.6333618164062,
  "summary_fg_n": 73378.0,
  "summary_fg_p05": 490.47901306152346,
  "summary_fg_p95": 1714.1416992187487,
  "summary_fg_stdv": 387.78424072265625,
  "tsnr": 46.09279651194811
}