{
  "aor": 0.0016979999999999999,
  "aqi": 0.004254818733333334,
  "bids_meta": {
    "AcquisitionMatrixPE": 76,
    "AcquisitionNumber": 1,
    "AcquisitionTime": "08:48:52.570000",
    "BandwidthPerPixelPhaseEncode": 23.084,
    "BaseResolution": 76,
    "BodyPartExamined": "BRAIN",
    "ConsistencyInfo": "N4_VE11C_LATEST_20160120",
    "ConversionSoftware": "dcm2niix",
    "ConversionSoftwareVersion": "v1.0.20180622 (JP2:OpenJPEG) GCC6.1.0",
    "DerivedVendorReportedEchoSpacing": 0.000570001,
    "DeviceSerialNumber": "167001",
    "DwellTime": 3.3e-06,
    "EchoTime": 0.03,
    "EchoTrainLength": 76,
    "EffectiveEchoSpacing": 0.000570001,
    "FlipAngle": 90,
    "ImageOrientationPatientDICOM": [
      0.999985,
      0.00346872,
      -0.00434215,
      -0.00401426,
      0.991149,
      -0.132693
    ],
    "ImageType": [
      "ORIGINAL",
      "PRIMARY",
      "M",
      "ND",
      "MOSAIC"
    ],
    "InPlanePhaseEncodingDirectionDICOM": "COL",
    "InstitutionAddress": "Cooper_60_St._Lucia_QLD_AU_4072",
    "InstitutionName": "St_Lucia_Campus",
    "InstitutionalDepartmentName": "Gehrmann_Labs_MRI",
    "MRAcquisitionType": "2D",
    "MagneticFieldStrength": 3,
    "Manufacturer": "Siemens",
    "ManufacturersModelName": "Prisma_fit",
    "Modality": "MR",
    "PartialFourier": 1,
    "PatientPosition": "HFS",
    "PercentPhaseFOV": 100,
    "PhaseEncodingDirection": "j-",
    "PhaseEncodingSteps": 76,
    "PhaseResolution": 1,
    "PixelBandwidth": 1995,
    "ProcedureStepDescription": "Research_16004_CMN",
    "ProtocolName": "ep2d_bold_AUTO",
    "PulseSequenceDetails": "%SiemensSeq%_ep2d_bold",
    "ReceiveCoilActiveElements": "HC1-7;NC1,2",
    "ReceiveCoilName": "HeadNeck_64",
    "ReconMatrixPE": 76,
    "RepetitionTime": 3,
    "SAR": 0.0743372,
    "ScanOptions": "FS",
    "ScanningSequence": "EP",
    "SequenceName": "_epfid2d1_76",
    "SequenceVariant": "SK",
    "SeriesDescription": "ep2d_bold_AUTO",
    "SeriesNumber": 9,
    "ShimSetting": [
      3043,
      -4114,
      -807,
      357,
      -20,
      117,
      -102,
      20
    ],
    "SliceThickness": 2.5,
    "SliceTiming": [
      0,
      1.5225,
      0.065,
      1.59,
      0.1325,
      1.655,
      0.1975,
      1.7225,
      0.265,
      1.7875,
      0.33,
      1.855,
      0.3975,
      1.92,
      0.4625,
      1.9875,
      0.53,
      2.0525,
      0.595,
      2.12,
      0.6625,
      2.185,
      0.7275,
      2.2525,
      0.795,
      2.3175,
      0.86,
      2.385,
      0.9275,
      2.45,
      0.9925,
      2.5175,
      1.06,
      2.5825,
      1.125,
      2.65,
      1.1925,
      2.715,
      1.2575,
      2.78,
      1.325,
      2.8475,
      1.39,
      2.9125,
      1.4575
    ],
    "SoftwareVersions": "syngo_MR_E11",
    "SpacingBetweenSlices": 2.75,
    "StationName": "mrc_Trio",
    "TaskName": "autobio",
    "TotalReadoutTime": 0.04275,
    "TxRefAmp": 238.012,
    "dataset": "ds001748",
    "modality": "bold",
    "subject_id": "teen20",
    "task_id": "autobio"
  },
  "dummy_trs": 0,
  "dvars_nstd": 31.858860745436235,
  "dvars_std": 1.3304153518791948,
  "dvars_vstd": 0.9981413289261738,
  "efc": 0.6680729974343318,
  "fber": 115.91397857666016,
  "fd_mean": 0.06814573833113567,
  "fd_num": 8,
  "fd_perc": 5.333333333333333,
  "fwhm_avg": 2.8432758787878787,
  "fwhm_x": 2.568764,
  "fwhm_y": 3.03542,
  "fwhm_z": 2.9256436363636364,
  "gcor": 0.0175158,
  "gsr_x": 0.02281327359378338,
  "gsr_y": 0.05289686843752861,
  "provenance": {
    "md5sum": "95e20b3ec7b4049a260be3bcb0ec6fc8",
    "settings": {
      "fd_thres": 0.2,
      "testing": false
    },
    "software": "mriqc",
    "version": "22.0.0rc1",
    "webapi_port": null,
    "webapi_url": "https://mriqc.nimh.nih.gov/api/v1"
  },
  "size_t": 150,
  "size_x": 76,
  "size_y": 76,
  "size_z": 45,
  "snr": 2.240983142799439,
  "spacing_tr": 3.0,
  "spacing_x": 2.5,
  "spacing_y": 2.5,
  "spacing_z": 2.75,
  "summary_bg_k": 16.37540175253728,
  "summary_bg_mad": 14.71729741909322,
  "summary_bg_mean": 151.60671997070312,
  "summary_bg_median": 76.37333679199219,
  "summary_bg_n": 122969.0,
  "summary_bg_p05": 65.18000030517578,
  "summary_bg_p95": 513.6773315429687,
  "summary_bg_stdv": 178.14495849609375,
  "summary_fg_k": 1.8400966876073142,
  "summary_fg_mad": 341.0479182647909,
  "summary_fg_mean": 947.8585205078125,
  "summary_fg_median": 866.800048828125,
  "summary_fg_n": 73213.0,
  "summary_fg_p05": 489.52802124023435,
  "summary_fg_p95": 1708.770703125,
  "summary_fg_stdv": 386.7919006347656,
  "tsnr": 64.81360427383333
}