{
  "aor": 0.016571533333333333,
  "aqi": 0.011387584533333333,
  "bids_meta": {
    "AcquisitionMatrixPE": 76,
    "AcquisitionNumber": 1,
    "AcquisitionTime": "09:04:51.757500",
    "BandwidthPerPixelPhaseEncode": 23.084,
    "BaseResolution": 76,
    "BodyPartExamined": "BRAIN",
    "ConsistencyInfo": "N4_VE11C_LATEST_20160120",
    "ConversionSoftware": "dcm2niix",
    "ConversionSoftwareVersion": "v1.0.20180622 (JP2:OpenJPEG) GCC6.1.0",
    "DerivedVendorReportedEchoSpacing": 0.000570001,
    "DeviceSerialNumber": "167001",
    "DwellTime": 3.3e-06,
    "EchoTime": 0.03,
    "EchoTrainLength": 76,
    "EffectiveEchoSpacing": 0.000570001,
    "FlipAngle": 90,
    "ImageOrientationPatientDICOM": [
      0.999985,
      0.00346872,
      -0.00434215,
      -0.00401426,
      0.991149,
      -0.132693
    ],
    "ImageType": [
      "ORIGINAL",
      "PRIMARY",
      "M",
      "ND",
      "MOSAIC"
    ],
    "InPlanePhaseEncodingDirectionDICOM": "COL",
    "InstitutionAddress": "Cooper_60_St._Lucia_QLD_AU_4072",
    "InstitutionName": "St_Lucia_Campus",
    "InstitutionalDepartmentName": "Gehrmann_Labs_MRI",
    "MRAcquisitionType": "2D",
    "MagneticFieldStrength": 3,
    "Manufacturer": "Siemens",
    "ManufacturersModelName": "Prisma_fit",
    "Modality": "MR",
    "PartialFourier": 1,
    "PatientPosition": "HFS",
    "PercentPhaseFOV": 100,
    "PhaseEncodingDirection": "j-",
    "PhaseEncodingSteps": 76,
    "PhaseResolution": 1,
    "PixelBandwidth": 1995,
    "ProcedureStepDescription": "Research_16004_CMN",
    "ProtocolName": "ep2d_bold_EPI",
    "PulseSequenceDetails": "%SiemensSeq%_ep2d_bold",
    "ReceiveCoilActiveElements": "HC1-7;NC1,2",
    "ReceiveCoilName": "HeadNeck_64",
    "ReconMatrixPE": 76,
    "RepetitionTime": 3,
    "SAR": 0.0743372,
    "ScanOptions": "FS",
    "ScanningSequence": "EP",
    "SequenceName": "_epfid2d1_76",
    "SequenceVariant": "SK",
    "SeriesDescription": "ep2d_bold_EPI",
    "SeriesNumber": 11,
    "ShimSetting": [
      3043,
      -4114,
      -807,
      357,
      -20,
      117,
      -102,
      20
    ],
    "SliceThickness": 2.5,
    "SliceTiming": [
      0,
      1.5225,
      0.065,
      1.5875,
      0.1325,
      1.655,
      0.1975,
      1.72,
      0.265,
      1.7875,
      0.33,
      1.8525,
      0.395,
      1.92,
      0.4625,
      1.985,
      0.5275,
      2.0525,
      0.595,
      2.1175,
      0.66,
      2.185,
      0.7275,
      2.25,
      0.7925,
      2.3175,
      0.86,
      2.3825,
      0.925,
      2.45,
      0.9925,
      2.515,
      1.0575,
      2.5825,
      1.125,
      2.6475,
      1.19,
      2.715,
      1.2575,
      2.78,
      1.3225,
      2.8475,
      1.39,
      2.9125,
      1.455
    ],
    "SoftwareVersions": "syngo_MR_E11",
    "SpacingBetweenSlices": 2.75,
    "StationName": "mrc_Trio",
    "TaskName": "episodic",
    "TotalReadoutTime": 0.04275,
    "TxRefAmp": 238.012,
    "dataset": "ds001748",
    "modality": "bold",
    "subject_id": "teen20",
    "task_id": "episodic"
  },
  "dummy_trs": 0,
  "dvars_nstd": 38.17675586617449,
  "dvars_std": 1.3754598723489928,
  "dvars_vstd": 1.0767954687919465,
  "efc": 0.6725857548837046,
  "fber": 110.64542388916016,
  "fd_mean": 0.12387820224574587,
  "fd_num": 25,
  "fd_perc": 16.666666666666668,
  "fwhm_avg": 2.9074780606060604,
  "fwhm_x": 2.635864,
  "fwhm_y": 3.074072,
  "fwhm_z": 3.0124981818181813,
  "gcor": 0.0293282,
  "gsr_x": 0.020975423976778984,
  "gsr_y": 0.04616299271583557,
  "provenance": {
    "md5sum": "937b86271bb07f3f39ed076c6c9833c4",
    "settings": {
      "fd_thres": 0.2,
      "testing": false
    },
    "software": "mriqc",
    "version": "22.0.0rc1",
    "webapi_port": null,
    "webapi_url": "https://mriqc.nimh.nih.gov/api/v1"
  },
  "size_t": 150,
  "size_x": 76,
  "size_y": 76,
  "size_z": 45,
  "snr": 2.2130373218132973,
  "spacing_tr": 3.0,
  "spacing_x": 2.5,
  "spacing_y": 2.5,
  "spacing_z": 2.75,
  "summary_bg_k": 13.839643443927752,
  "summary_bg_mad": 18.16682023981532,
  "summary_bg_mean": 158.44432067871094,
  "summary_bg_median": 79.44000244140625,
  "summary_bg_n": 119657.0,
  "summary_bg_p05": 65.42666625976562,
  "summary_bg_p95": 547.4440307617185,
  "summary_bg_stdv": 185.4019317626953,
  "summary_fg_k": 1.4721461743076842,
  "summary_fg_mad": 354.06520917888196,
  "summary_fg_mean": 976.6898803710938,
  "summary_fg_median": 891.4666748046875,
  "summary_fg_n": 74701.0,
  "summary_fg_p05": 497.5400085449219,
  "summary_fg_p95": 1784.146728515625,
  "summary_fg_stdv": 402.822265625,
  "tsnr": 39.31354521447793
}