{
  "aor": 0.0020028000000000003,
  "aqi": 0.003017868,
  "bids_meta": {
    "AcquisitionMatrixPE": 76,
    "AcquisitionNumber": 1,
    "AcquisitionTime": "16:00:17.565000",
    "BandwidthPerPixelPhaseEncode": 23.084,
    "BaseResolution": 76,
    "BodyPartExamined": "BRAIN",
    "ConsistencyInfo": "N4_VE11C_LATEST_20160120",
    "ConversionSoftware": "dcm2niix",
    "ConversionSoftwareVersion": "v1.0.20180622 (JP2:OpenJPEG) GCC6.1.0",
    "DerivedVendorReportedEchoSpacing": 0.000570001,
    "DeviceSerialNumber": "167001",
    "DwellTime": 3.3e-06,
    "EchoTime": 0.03,
    "EchoTrainLength": 76,
    "EffectiveEchoSpacing": 0.000570001,
    "FlipAngle": 90,
    "ImageOrientationPatientDICOM": [
      0.998203,
      -0.056706,
      0.0193936,
      0.0552839,
      0.996198,
      0.0673343
    ],
    "ImageType": [
      "ORIGINAL",
      "PRIMARY",
      "M",
      "ND",
      "MOSAIC"
    ],
    "InPlanePhaseEncodingDirectionDICOM": "COL",
    "InstitutionAddress": "Cooper_60_St._Lucia_QLD_AU_4072",
    "InstitutionName": "St_Lucia_Campus",
    "InstitutionalDepartmentName": "Gehrmann_Labs_MRI",
    "MRAcquisitionType": "2D",
    "MagneticFieldStrength": 3,
    "Manufacturer": "Siemens",
    "ManufacturersModelName": "Prisma_fit",
    "Modality": "MR",
    "PartialFourier": 1,
    "PatientPosition": "HFS",
    "PercentPhaseFOV": 100,
    "PhaseEncodingDirection": "j-",
    "PhaseEncodingSteps": 76,
    "PhaseResolution": 1,
    "PixelBandwidth": 1995,
    "ProcedureStepDescription": "Research_16004_CMN",
    "ProtocolName": "ep2d_bold_EPI",
    "PulseSequenceDetails": "%SiemensSeq%_ep2d_bold",
    "ReceiveCoilActiveElements": "HC1-7;NC1,2",
    "ReceiveCoilName": "HeadNeck_64",
    "ReconMatrixPE": 76,
    "RepetitionTime": 3,
    "SAR": 0.0735712,
    "ScanOptions": "FS",
    "ScanningSequence": "EP",
    "SequenceName": "_epfid2d1_76",
    "SequenceVariant": "SK",
    "SeriesDescription": "ep2d_bold_EPI",
    "SeriesNumber": 11,
    "ShimSetting": [
      3044,
      -4113,
      -830,
      534,
      -12,
      -65,
      -113,
      0
    ],
    "SliceThickness": 2.5,
    "SliceTiming": [
      0,
      1.5225,
      0.0675,
      1.59,
      0.1325,
      1.655,
      0.2,
      1.7225,
      0.265,
      1.7875,
      0.3325,
      1.855,
      0.3975,
      1.92,
      0.465,
      1.9875,
      0.53,
      2.0525,
      0.5975,
      2.12,
      0.6625,
      2.185,
      0.73,
      2.2525,
      0.795,
      2.3175,
      0.8625,
      2.385,
      0.9275,
      2.45,
      0.995,
      2.5175,
      1.06,
      2.5825,
      1.1275,
      2.65,
      1.1925,
      2.715,
      1.26,
      2.7825,
      1.325,
      2.8475,
      1.39,
      2.915,
      1.4575
    ],
    "SoftwareVersions": "syngo_MR_E11",
    "SpacingBetweenSlices": 2.75,
    "StationName": "mrc_Trio",
    "TaskName": "episodic",
    "TotalReadoutTime": 0.04275,
    "TxRefAmp": 219.381,
    "dataset": "ds001748",
    "modality": "bold",
    "subject_id": "teen16",
    "task_id": "episodic"
  },
  "dummy_trs": 0,
  "dvars_nstd": 23.21434310315436,
  "dvars_std": 1.217353358389262,
  "dvars_vstd": 1.0050961469798654,
  "efc": 0.6189403391819592,
  "fber": 157.90744018554688,
  "fd_mean": 0.11480220228764663,
  "fd_num": 11,
  "fd_perc": 7.333333333333333,
  "fwhm_avg": 3.0067874942074493,
  "fwhm_x": 2.823864,
  "fwhm_y": 3.154160300804167,
  "fwhm_z": 3.0423381818181814,
  "gcor": 0.0260958,
  "gsr_x": -0.024547047913074493,
  "gsr_y": 0.07294413447380066,
  "provenance": {
    "md5sum": "a7ab23cf7e93c063cb5e48ec8a567330",
    "settings": {
      "fd_thres": 0.2,
      "testing": false
    },
    "software": "mriqc",
    "version": "22.0.0rc1",
    "webapi_port": null,
    "webapi_url": "https://mriqc.nimh.nih.gov/api/v1"
  },
  "size_t": 150,
  "size_x": 76,
  "size_y": 76,
  "size_z": 45,
  "snr": 2.4461377996324725,
  "spacing_tr": 3.0,
  "spacing_x": 2.5,
  "spacing_y": 2.499999761581421,
  "spacing_z": 2.75,
  "summary_bg_k": 22.741086639959477,
  "summary_bg_mad": 8.80664948620034,
  "summary_bg_mean": 112.35408782958984,
  "summary_bg_median": 69.52000427246094,
  "summary_bg_n": 141196.0,
  "summary_bg_p05": 61.5,
  "summary_bg_p95": 331.4800109863281,
  "summary_bg_stdv": 117.23359680175781,
  "summary_fg_k": 1.2975396580254177,
  "summary_fg_mad": 343.3311835954387,
  "summary_fg_mean": 956.0230102539062,
  "summary_fg_median": 893.626708984375,
  "summary_fg_n": 64618.0,
  "summary_fg_p05": 497.6800231933594,
  "summary_fg_p95": 1657.792321777343,
  "summary_fg_stdv": 365.31866455078125,
  "tsnr": 69.21410510223359
}