{
  "bids_meta": {
    "AcquisitionMatrixPE": 240,
    "AcquisitionNumber": 1,
    "AcquisitionTime": "10:44:32.502500",
    "BaseResolution": 256,
    "ConversionSoftware": "dcm2niix",
    "ConversionSoftwareVersion": "v1.0.20180622 (JP2:OpenJPEG) GCC6.1.0",
    "DeviceSerialNumber": "35410",
    "DwellTime": 8.1e-06,
    "EchoTime": 0.00289,
    "ImageOrientationPatientDICOM": [
      0.0104716,
      0.999945,
      -2.74595e-08,
      0.0034894,
      -3.65692e-05,
      -0.999994
    ],
    "ImageType": [
      "ORIGINAL",
      "PRIMARY",
      "M",
      "ND",
      "UNI"
    ],
    "InPlanePhaseEncodingDirectionDICOM": "ROW",
    "InstitutionAddress": "Cooper_60_St._Lucia_QLD_AU_4072",
    "InstitutionName": "St_Lucia_Campus",
    "InstitutionalDepartmentName": "Gehrmann_Labs_MRI",
    "MRAcquisitionType": "3D",
    "MagneticFieldStrength": 3,
    "Manufacturer": "Siemens",
    "ManufacturersModelName": "TrioTim",
    "Modality": "MR",
    "ParallelReductionFactorInPlane": 3,
    "PartialFourier": 0.75,
    "PatientPosition": "HFS",
    "PercentPhaseFOV": 93.75,
    "PhaseEncodingSteps": 181,
    "PhaseResolution": 1,
    "PixelBandwidth": 241,
    "ProcedureStepDescription": "Brain_-_UQ_fMRI",
    "ProtocolName": "mp2rage",
    "PulseSequenceDetails": "%CustomerSeq%_mp2rage_wip820B17",
    "ReceiveCoilName": "32Ch_Head",
    "ReconMatrixPE": 256,
    "RepetitionTime": 4,
    "SAR": 0.10554,
    "ScanOptions": "IR_PFP",
    "ScanningSequence": "GR_IR",
    "SequenceName": "tfl3d1_ns",
    "SequenceVariant": "SP_MP",
    "SeriesDescription": "mp2rage_UNI-DEN",
    "SeriesNumber": 7,
    "ShimSetting": [
      6819,
      -11271,
      -2615,
      -89,
      20,
      1,
      -123,
      4
    ],
    "SliceThickness": 1,
    "SoftwareVersions": "syngo_MR_B17",
    "StationName": "mrc_Trio",
    "TxRefAmp": 331.542,
    "dataset": "ds001748",
    "modality": "T1w",
    "subject_id": "adult20"
  },
  "cjv": 0.3807589636748577,
  "cnr": 3.4103315818750013,
  "efc": 0.5039128275093167,
  "fber": 3720.644775390625,
  "fwhm_avg": 4.09143,
  "fwhm_x": 4.0865,
  "fwhm_y": 4.48518,
  "fwhm_z": 3.70261,
  "icvs_csf": 0.291265506863625,
  "icvs_gm": 0.33699073808974694,
  "icvs_wm": 0.37174375504662804,
  "inu_med": 0.9233147501945496,
  "inu_range": 0.21393005847930902,
  "provenance": {
    "md5sum": "76bdfb1db93405b56c984dca62f59afa",
    "settings": {
      "testing": false
    },
    "software": "mriqc",
    "version": "22.0.0rc1",
    "warnings": {
      "large_rot_frame": true,
      "small_air_mask": false
    },
    "webapi_port": null,
    "webapi_url": "https://mriqc.nimh.nih.gov/api/v1"
  },
  "qi_1": 3.0117541773971615e-05,
  "qi_2": 0.0004751553488662544,
  "rpve_csf": 22.7173516571736,
  "rpve_gm": 16.673436938134177,
  "rpve_wm": 20.90421739671285,
  "size_x": 176,
  "size_y": 240,
  "size_z": 256,
  "snr_csf": 4.534538432388368,
  "snr_gm": 11.289072817535201,
  "snr_total": 13.423345139409863,
  "snr_wm": 24.44642416830602,
  "snrd_csf": 80.15261113383427,
  "snrd_gm": 138.10111030841907,
  "snrd_total": 135.2806909472664,
  "snrd_wm": 187.5883513995459,
  "spacing_x": 1.0,
  "spacing_y": 1.0,
  "spacing_z": 1.0,
  "summary_bg_k": 252.5019191600147,
  "summary_bg_mad": 3.4925625350883536,
  "summary_bg_mean": 12.159049034118652,
  "summary_bg_median": 10.774608612060547,
  "summary_bg_n": 3488232.0,
  "summary_bg_p05": 6.540007853507996,
  "summary_bg_p95": 20.75884704589842,
  "summary_bg_stdv": 7.652777194976807,
  "summary_csf_k": 0.7288031209228039,
  "summary_csf_mad": 89.03608178343485,
  "summary_csf_mean": 417.4805603027344,
  "summary_csf_median": 427.29730224609375,
  "summary_csf_n": 20152.0,
  "summary_csf_p05": 247.78572616577148,
  "summary_csf_p95": 553.4858673095704,
  "summary_csf_stdv": 94.2293701171875,
  "summary_gm_k": 0.4037307321250685,
  "summary_gm_mad": 60.180854663997316,
  "summary_gm_mean": 733.0958251953125,
  "summary_gm_median": 736.2234497070312,
  "summary_gm_n": 6215.0,
  "summary_gm_p05": 619.3012329101563,
  "summary_gm_p95": 835.7649291992187,
  "summary_gm_stdv": 65.21033477783203,
  "summary_wm_k": 0.16784168954595113,
  "summary_wm_mad": 40.27051312780875,
  "summary_wm_mean": 1001.2274780273438,
  "summary_wm_median": 1000.042236328125,
  "summary_wm_n": 171977.0,
  "summary_wm_p05": 936.3789428710937,
  "summary_wm_p95": 1070.0814697265623,
  "summary_wm_stdv": 40.907386779785156,
  "tpm_overlap_csf": 0.1289263218641281,
  "tpm_overlap_gm": 0.35852423310279846,
  "tpm_overlap_wm": 0.4839005172252655,
  "wm2max": 0.6669399419342249
}