{
  "bids_meta": {
    "AcquisitionMatrixPE": 240,
    "AcquisitionNumber": 1,
    "AcquisitionTime": "12:15:25.307500",
    "BaseResolution": 256,
    "ConversionSoftware": "dcm2niix",
    "ConversionSoftwareVersion": "v1.0.20180622 (JP2:OpenJPEG) GCC6.1.0",
    "DeviceSerialNumber": "35410",
    "DwellTime": 8.1e-06,
    "EchoTime": 0.00289,
    "ImageOrientationPatientDICOM": [
      0.0191973,
      0.999816,
      -3.03858e-08,
      0.00348898,
      -6.70216e-05,
      -0.999994
    ],
    "ImageType": [
      "ORIGINAL",
      "PRIMARY",
      "M",
      "ND",
      "UNI"
    ],
    "InPlanePhaseEncodingDirectionDICOM": "ROW",
    "InstitutionAddress": "Cooper_60_St._Lucia_QLD_AU_4072",
    "InstitutionName": "St_Lucia_Campus",
    "InstitutionalDepartmentName": "Gehrmann_Labs_MRI",
    "MRAcquisitionType": "3D",
    "MagneticFieldStrength": 3,
    "Manufacturer": "Siemens",
    "ManufacturersModelName": "TrioTim",
    "Modality": "MR",
    "ParallelReductionFactorInPlane": 3,
    "PartialFourier": 0.75,
    "PatientPosition": "HFS",
    "PercentPhaseFOV": 93.75,
    "PhaseEncodingSteps": 181,
    "PhaseResolution": 1,
    "PixelBandwidth": 241,
    "ProcedureStepDescription": "Brain_-_UQ_fMRI",
    "ProtocolName": "mp2rage",
    "PulseSequenceDetails": "%CustomerSeq%_mp2rage_wip820B17",
    "ReceiveCoilName": "32Ch_Head",
    "ReconMatrixPE": 256,
    "RepetitionTime": 4,
    "SAR": 0.125573,
    "ScanOptions": "IR_PFP",
    "ScanningSequence": "GR_IR",
    "SequenceName": "tfl3d1_ns",
    "SequenceVariant": "SP_MP",
    "SeriesDescription": "mp2rage_UNI-DEN",
    "SeriesNumber": 6,
    "ShimSetting": [
      6819,
      -11271,
      -2615,
      -89,
      20,
      1,
      -123,
      4
    ],
    "SliceThickness": 1,
    "SoftwareVersions": "syngo_MR_B17",
    "StationName": "mrc_Trio",
    "TxRefAmp": 314.469,
    "dataset": "ds001748",
    "modality": "T1w",
    "subject_id": "adult02"
  },
  "cjv": 0.3190211186732917,
  "cnr": 3.871737074313263,
  "efc": 0.481473374285042,
  "fber": 4580.95947265625,
  "fwhm_avg": 3.8089504752923755,
  "fwhm_x": 3.9870414258771274,
  "fwhm_y": 4.10272,
  "fwhm_z": 3.33709,
  "icvs_csf": 0.23004383497415903,
  "icvs_gm": 0.38061816818061617,
  "icvs_wm": 0.3893379968452248,
  "inu_med": 0.9189447164535522,
  "inu_range": 0.24004458189010625,
  "provenance": {
    "md5sum": "5288b583f9c6ed4680aa25d3631d5390",
    "settings": {
      "testing": false
    },
    "software": "mriqc",
    "version": "22.0.0rc1",
    "warnings": {
      "large_rot_frame": true,
      "small_air_mask": false
    },
    "webapi_port": null,
    "webapi_url": "https://mriqc.nimh.nih.gov/api/v1"
  },
  "qi_1": 0.0,
  "qi_2": 0.001364641555363388,
  "rpve_csf": 25.873097610908317,
  "rpve_gm": 15.05146696452653,
  "rpve_wm": 20.212663289388633,
  "size_x": 176,
  "size_y": 240,
  "size_z": 256,
  "snr_csf": 2.713349499199053,
  "snr_gm": 9.5247764190023,
  "snr_total": 14.881781312828437,
  "snr_wm": 32.407218020283956,
  "snrd_csf": 79.52354758562144,
  "snrd_gm": 160.8353494656211,
  "snrd_total": 157.42586040051464,
  "snrd_wm": 231.91868415030135,
  "spacing_x": 0.9999996423721313,
  "spacing_y": 1.0,
  "spacing_z": 1.0,
  "summary_bg_k": 26.051633553018796,
  "summary_bg_mad": 2.8248531161553574,
  "summary_bg_mean": 9.893162727355957,
  "summary_bg_median": 9.182635307312012,
  "summary_bg_n": 2713972.0,
  "summary_bg_p05": 5.681565976142884,
  "summary_bg_p95": 16.318495559692376,
  "summary_bg_stdv": 3.716240644454956,
  "summary_csf_k": -0.035997397479673676,
  "summary_csf_mad": 100.82100032427925,
  "summary_csf_mean": 322.1634521484375,
  "summary_csf_median": 342.8940124511719,
  "summary_csf_n": 8444.0,
  "summary_csf_p05": 54.128438568115236,
  "summary_csf_p95": 488.2893005371093,
  "summary_csf_stdv": 126.365478515625,
  "summary_gm_k": 0.22419764775652373,
  "summary_gm_mad": 68.81494939522861,
  "summary_gm_mean": 686.5845947265625,
  "summary_gm_median": 693.4987182617188,
  "summary_gm_n": 13959.0,
  "summary_gm_p05": 551.4748596191406,
  "summary_gm_p95": 794.4471862792968,
  "summary_gm_stdv": 72.80736541748047,
  "summary_wm_k": 0.4956874968105702,
  "summary_wm_mad": 28.96535449370031,
  "summary_wm_mean": 1000.048828125,
  "summary_wm_median": 999.999755859375,
  "summary_wm_n": 182562.0,
  "summary_wm_p05": 949.282113647461,
  "summary_wm_p95": 1050.7961730957031,
  "summary_wm_stdv": 30.85723114013672,
  "tpm_overlap_csf": 0.16445086896419525,
  "tpm_overlap_gm": 0.3949291706085205,
  "tpm_overlap_wm": 0.5131523013114929,
  "wm2max": 0.7752809509639035
}