{
  "aor": 0.0016622666666666667,
  "aqi": 0.003640029933333333,
  "bids_meta": {
    "AcquisitionMatrixPE": 76,
    "AcquisitionNumber": 1,
    "AcquisitionTime": "17:14:24.245000",
    "BandwidthPerPixelPhaseEncode": 23.084,
    "BaseResolution": 76,
    "BodyPartExamined": "BRAIN",
    "ConsistencyInfo": "N4_VE11C_LATEST_20160120",
    "ConversionSoftware": "dcm2niix",
    "ConversionSoftwareVersion": "v1.0.20180622 (JP2:OpenJPEG) GCC6.1.0",
    "DerivedVendorReportedEchoSpacing": 0.000570001,
    "DeviceSerialNumber": "167001",
    "DwellTime": 3.3e-06,
    "EchoTime": 0.03,
    "EchoTrainLength": 76,
    "EffectiveEchoSpacing": 0.000570001,
    "FlipAngle": 90,
    "ImageOrientationPatientDICOM": [
      0.998829,
      -0.0431296,
      0.0219266,
      0.0436098,
      0.998808,
      -0.0219163
    ],
    "ImageType": [
      "ORIGINAL",
      "PRIMARY",
      "M",
      "ND",
      "MOSAIC"
    ],
    "InPlanePhaseEncodingDirectionDICOM": "COL",
    "InstitutionAddress": "Cooper_60_St._Lucia_QLD_AU_4072",
    "InstitutionName": "St_Lucia_Campus",
    "InstitutionalDepartmentName": "Gehrmann_Labs_MRI",
    "MRAcquisitionType": "2D",
    "MagneticFieldStrength": 3,
    "Manufacturer": "Siemens",
    "ManufacturersModelName": "Prisma_fit",
    "Modality": "MR",
    "PartialFourier": 1,
    "PatientPosition": "HFS",
    "PercentPhaseFOV": 100,
    "PhaseEncodingDirection": "j-",
    "PhaseEncodingSteps": 76,
    "PhaseResolution": 1,
    "PixelBandwidth": 1995,
    "ProcedureStepDescription": "Research_16004_CMN",
    "ProtocolName": "ep2d_bold_AUTO",
    "PulseSequenceDetails": "%SiemensSeq%_ep2d_bold",
    "ReceiveCoilActiveElements": "HC1-7;NC1,2",
    "ReceiveCoilName": "HeadNeck_64",
    "ReconMatrixPE": 76,
    "RepetitionTime": 3,
    "SAR": 0.0749668,
    "ScanOptions": "FS",
    "ScanningSequence": "EP",
    "SequenceName": "_epfid2d1_76",
    "SequenceVariant": "SK",
    "SeriesDescription": "ep2d_bold_AUTO",
    "SeriesNumber": 10,
    "ShimSetting": [
      3063,
      -4089,
      -808,
      480,
      52,
      32,
      -117,
      33
    ],
    "SliceThickness": 2.5,
    "SliceTiming": [
      0,
      1.5225,
      0.065,
      1.59,
      0.1325,
      1.655,
      0.1975,
      1.72,
      0.265,
      1.7875,
      0.33,
      1.8525,
      0.3975,
      1.92,
      0.4625,
      1.985,
      0.53,
      2.0525,
      0.595,
      2.1175,
      0.6625,
      2.185,
      0.7275,
      2.25,
      0.795,
      2.3175,
      0.86,
      2.3825,
      0.9275,
      2.45,
      0.9925,
      2.515,
      1.06,
      2.5825,
      1.125,
      2.6475,
      1.1925,
      2.715,
      1.2575,
      2.78,
      1.325,
      2.8475,
      1.39,
      2.9125,
      1.4575
    ],
    "SoftwareVersions": "syngo_MR_E11",
    "SpacingBetweenSlices": 2.75,
    "StationName": "mrc_Trio",
    "TaskName": "autobio",
    "TotalReadoutTime": 0.04275,
    "TxRefAmp": 235.045,
    "dataset": "ds001748",
    "modality": "bold",
    "subject_id": "teen08",
    "task_id": "autobio"
  },
  "dummy_trs": 0,
  "dvars_nstd": 29.16446356798658,
  "dvars_std": 1.3132681685906038,
  "dvars_vstd": 1.00064935885906,
  "efc": 0.6378258158401527,
  "fber": 142.32179260253906,
  "fd_mean": 0.08502514285543027,
  "fd_num": 1,
  "fd_perc": 0.6666666666666666,
  "fwhm_avg": 2.9618998787878787,
  "fwhm_x": 2.7194,
  "fwhm_y": 3.140136,
  "fwhm_z": 3.026163636363636,
  "gcor": 0.0268433,
  "gsr_x": -0.050064872950315475,
  "gsr_y": 0.1435183882713318,
  "provenance": {
    "md5sum": "15dd667bcbf70804e80afd59a16838e0",
    "settings": {
      "fd_thres": 0.2,
      "testing": false
    },
    "software": "mriqc",
    "version": "22.0.0rc1",
    "webapi_port": null,
    "webapi_url": "https://mriqc.nimh.nih.gov/api/v1"
  },
  "size_t": 150,
  "size_x": 76,
  "size_y": 76,
  "size_z": 45,
  "snr": 2.4268591760915115,
  "spacing_tr": 3.0,
  "spacing_x": 2.5,
  "spacing_y": 2.5,
  "spacing_z": 2.75,
  "summary_bg_k": 31.17108264753088,
  "summary_bg_mad": 10.150879871370226,
  "summary_bg_mean": 119.10462188720703,
  "summary_bg_median": 70.17333221435547,
  "summary_bg_n": 135699.0,
  "summary_bg_p05": 59.46666717529297,
  "summary_bg_p95": 363.10133972167955,
  "summary_bg_stdv": 137.35069274902344,
  "summary_fg_k": 0.868153324361169,
  "summary_fg_mad": 337.89494529729876,
  "summary_fg_mean": 920.8160400390625,
  "summary_fg_median": 857.7933349609375,
  "summary_fg_n": 68865.0,
  "summary_fg_p05": 474.93468017578124,
  "summary_fg_p95": 1605.9494140624997,
  "summary_fg_stdv": 353.4556579589844,
  "tsnr": 67.7111070016399
}