{
  "aor": 0.0060629333333333335,
  "aqi": 0.0087304502,
  "bids_meta": {
    "AcquisitionMatrixPE": 76,
    "AcquisitionNumber": 1,
    "AcquisitionTime": "15:25:21.332500",
    "BandwidthPerPixelPhaseEncode": 23.084,
    "BaseResolution": 76,
    "ConversionSoftware": "dcm2niix",
    "ConversionSoftwareVersion": "v1.0.20180622 (JP2:OpenJPEG) GCC6.1.0",
    "DerivedVendorReportedEchoSpacing": 0.000570001,
    "DeviceSerialNumber": "35410",
    "DwellTime": 3.3e-06,
    "EchoTime": 0.03,
    "EffectiveEchoSpacing": 0.000570001,
    "FlipAngle": 90,
    "ImageOrientationPatientDICOM": [
      0.999379,
      -0.0335105,
      0.0108822,
      0.0348991,
      0.983934,
      -0.175086
    ],
    "ImageType": [
      "ORIGINAL",
      "PRIMARY",
      "M",
      "ND",
      "MOSAIC"
    ],
    "InPlanePhaseEncodingDirectionDICOM": "COL",
    "InstitutionAddress": "Cooper_60_St._Lucia_QLD_AU_4072",
    "InstitutionName": "St_Lucia_Campus",
    "InstitutionalDepartmentName": "Gehrmann_Labs_MRI",
    "MRAcquisitionType": "2D",
    "MagneticFieldStrength": 3,
    "Manufacturer": "Siemens",
    "ManufacturersModelName": "TrioTim",
    "Modality": "MR",
    "PartialFourier": 1,
    "PatientPosition": "HFS",
    "PercentPhaseFOV": 100,
    "PhaseEncodingDirection": "j-",
    "PhaseEncodingSteps": 76,
    "PhaseResolution": 1,
    "PixelBandwidth": 1994,
    "ProcedureStepDescription": "RESEARCH_3T_Research",
    "ProtocolName": "AUTO",
    "PulseSequenceDetails": "%SiemensSeq%_ep2d_pace",
    "ReceiveCoilName": "32Ch_Head",
    "ReconMatrixPE": 76,
    "RepetitionTime": 3,
    "SAR": 0.173469,
    "ScanOptions": "FS",
    "ScanningSequence": "EP",
    "SequenceName": "_epfid2d1_76",
    "SequenceVariant": "SK",
    "SeriesDescription": "AUTO",
    "SeriesNumber": 7,
    "ShimSetting": [
      6855,
      -11413,
      -2075,
      891,
      210,
      -182,
      157,
      28
    ],
    "SliceThickness": 2.5,
    "SliceTiming": [
      0,
      1.5275,
      0.065,
      1.595,
      0.1325,
      1.66,
      0.1975,
      1.7275,
      0.265,
      1.795,
      0.3325,
      1.86,
      0.3975,
      1.9275,
      0.465,
      1.9925,
      0.53,
      2.06,
      0.5975,
      2.1275,
      0.665,
      2.1925,
      0.73,
      2.26,
      0.7975,
      2.325,
      0.8625,
      2.3925,
      0.93,
      2.4575,
      0.995,
      2.525,
      1.0625,
      2.5925,
      1.13,
      2.6575,
      1.195,
      2.725,
      1.2625,
      2.79,
      1.3275,
      2.8575,
      1.395,
      2.925,
      1.4625
    ],
    "SoftwareVersions": "syngo_MR_B17",
    "SpacingBetweenSlices": 2.75,
    "StationName": "mrc_Trio",
    "TaskName": "autobio",
    "TotalReadoutTime": 0.04275,
    "TxRefAmp": 317.758,
    "dataset": "ds001748",
    "modality": "bold",
    "subject_id": "child12",
    "task_id": "autobio"
  },
  "dummy_trs": 0,
  "dvars_nstd": 33.71906774617448,
  "dvars_std": 1.129837258993288,
  "dvars_vstd": 0.9934195761073827,
  "efc": 0.602049722852313,
  "fber": 289.8731994628906,
  "fd_mean": 0.23267611831850957,
  "fd_num": 46,
  "fd_perc": 30.666666666666668,
  "fwhm_avg": 2.609306181818182,
  "fwhm_x": 2.554264,
  "fwhm_y": 2.66708,
  "fwhm_z": 2.6065745454545453,
  "gcor": 0.0231928,
  "gsr_x": -0.022075239568948746,
  "gsr_y": 0.06135709956288338,
  "provenance": {
    "md5sum": "74cd895a9abbd4054561776e8fb92824",
    "settings": {
      "fd_thres": 0.2,
      "testing": false
    },
    "software": "mriqc",
    "version": "22.0.0rc1",
    "webapi_port": null,
    "webapi_url": "https://mriqc.nimh.nih.gov/api/v1"
  },
  "size_t": 150,
  "size_x": 76,
  "size_y": 76,
  "size_z": 45,
  "snr": 3.31127063808105,
  "spacing_tr": 3.0,
  "spacing_x": 2.5,
  "spacing_y": 2.5,
  "spacing_z": 2.75,
  "summary_bg_k": 36.88309796216805,
  "summary_bg_mad": 7.2351004098973535,
  "summary_bg_mean": 65.25983428955078,
  "summary_bg_median": 39.80666732788086,
  "summary_bg_n": 145356.0,
  "summary_bg_p05": 34.086666107177734,
  "summary_bg_p95": 190.74667358398438,
  "summary_bg_stdv": 72.94538116455078,
  "summary_fg_k": 0.9259997850840249,
  "summary_fg_mad": 201.4955411947834,
  "summary_fg_mean": 724.4968872070312,
  "summary_fg_median": 691.4266967773438,
  "summary_fg_n": 63005.0,
  "summary_fg_p05": 448.09067993164064,
  "summary_fg_p95": 1109.078686523437,
  "summary_fg_stdv": 208.8084259033203,
  "tsnr": 43.20641493075527
}