{
  "aor": 0.0009638,
  "aqi": 0.0028949819333333334,
  "bids_meta": {
    "AcquisitionMatrixPE": 76,
    "AcquisitionNumber": 1,
    "AcquisitionTime": "15:38:9.030000",
    "BandwidthPerPixelPhaseEncode": 23.084,
    "BaseResolution": 76,
    "ConversionSoftware": "dcm2niix",
    "ConversionSoftwareVersion": "v1.0.20180622 (JP2:OpenJPEG) GCC6.1.0",
    "DerivedVendorReportedEchoSpacing": 0.000570001,
    "DeviceSerialNumber": "35410",
    "DwellTime": 3.3e-06,
    "EchoTime": 0.03,
    "EffectiveEchoSpacing": 0.000570001,
    "FlipAngle": 90,
    "ImageOrientationPatientDICOM": [
      0.99999,
      0.00136776,
      0.00420984,
      3.17232e-08,
      0.951061,
      -0.309003
    ],
    "ImageType": [
      "ORIGINAL",
      "PRIMARY",
      "M",
      "ND",
      "MOSAIC"
    ],
    "InPlanePhaseEncodingDirectionDICOM": "COL",
    "InstitutionAddress": "Cooper_60_St._Lucia_QLD_AU_4072",
    "InstitutionName": "St_Lucia_Campus",
    "InstitutionalDepartmentName": "Gehrmann_Labs_MRI",
    "MRAcquisitionType": "2D",
    "MagneticFieldStrength": 3,
    "Manufacturer": "Siemens",
    "ManufacturersModelName": "TrioTim",
    "Modality": "MR",
    "PartialFourier": 1,
    "PatientPosition": "HFS",
    "PercentPhaseFOV": 100,
    "PhaseEncodingDirection": "j-",
    "PhaseEncodingSteps": 76,
    "PhaseResolution": 1,
    "PixelBandwidth": 1994,
    "ProcedureStepDescription": "Brain_-_UQ_fMRI",
    "ProtocolName": "AUTO",
    "PulseSequenceDetails": "%SiemensSeq%_ep2d_pace",
    "ReceiveCoilName": "32Ch_Head",
    "ReconMatrixPE": 76,
    "RepetitionTime": 3,
    "SAR": 0.155947,
    "ScanOptions": "FS",
    "ScanningSequence": "EP",
    "SequenceName": "_epfid2d1_76",
    "SequenceVariant": "SK",
    "SeriesDescription": "AUTO",
    "SeriesNumber": 2,
    "ShimSetting": [
      6844,
      -11303,
      -2200,
      817,
      189,
      45,
      -180,
      5
    ],
    "SliceThickness": 2.5,
    "SliceTiming": [
      0,
      1.53,
      0.0675,
      1.595,
      0.1325,
      1.6625,
      0.2,
      1.7275,
      0.265,
      1.795,
      0.3325,
      1.8625,
      0.4,
      1.9275,
      0.465,
      1.995,
      0.5325,
      2.06,
      0.5975,
      2.1275,
      0.665,
      2.195,
      0.7325,
      2.26,
      0.7975,
      2.3275,
      0.865,
      2.3925,
      0.93,
      2.46,
      0.9975,
      2.525,
      1.0625,
      2.5925,
      1.13,
      2.66,
      1.1975,
      2.725,
      1.2625,
      2.7925,
      1.33,
      2.8575,
      1.395,
      2.925,
      1.4625
    ],
    "SoftwareVersions": "syngo_MR_B17",
    "SpacingBetweenSlices": 2.75,
    "StationName": "mrc_Trio",
    "TaskName": "autobio",
    "TotalReadoutTime": 0.04275,
    "TxRefAmp": 324.773,
    "dataset": "ds001748",
    "modality": "bold",
    "subject_id": "adult11",
    "task_id": "autobio"
  },
  "dummy_trs": 0,
  "dvars_nstd": 23.977151000201342,
  "dvars_std": 1.1487226442953016,
  "dvars_vstd": 1.0044595633557052,
  "efc": 0.6242160666620717,
  "fber": 210.36480712890625,
  "fd_mean": 0.04086854144161738,
  "fd_num": 0,
  "fd_perc": 0.0,
  "fwhm_avg": 2.562254909090909,
  "fwhm_x": 2.4684719999999998,
  "fwhm_y": 2.67478,
  "fwhm_z": 2.543512727272727,
  "gcor": 0.0134408,
  "gsr_x": -0.02181418612599373,
  "gsr_y": 0.09917064756155014,
  "provenance": {
    "md5sum": "9bb52498a3df45f714cf99274737b643",
    "settings": {
      "fd_thres": 0.2,
      "testing": false
    },
    "software": "mriqc",
    "version": "22.0.0rc1",
    "webapi_port": null,
    "webapi_url": "https://mriqc.nimh.nih.gov/api/v1"
  },
  "size_t": 150,
  "size_x": 76,
  "size_y": 76,
  "size_z": 45,
  "snr": 2.766327638092577,
  "spacing_tr": 3.0,
  "spacing_x": 2.5,
  "spacing_y": 2.5,
  "spacing_z": 2.75,
  "summary_bg_k": 27.65342063735605,
  "summary_bg_mad": 9.152596036575519,
  "summary_bg_mean": 78.072998046875,
  "summary_bg_median": 41.400001525878906,
  "summary_bg_n": 141806.0,
  "summary_bg_p05": 34.66666793823242,
  "summary_bg_p95": 265.9466857910156,
  "summary_bg_stdv": 95.82703399658203,
  "summary_fg_k": 1.4878845976452642,
  "summary_fg_mad": 200.35884028122396,
  "summary_fg_mean": 656.8097534179688,
  "summary_fg_median": 614.8533325195312,
  "summary_fg_n": 66875.0,
  "summary_fg_p05": 375.97133178710936,
  "summary_fg_p95": 1084.7239990234375,
  "summary_fg_stdv": 222.26171875,
  "tsnr": 63.55692488607019
}