{
  "aor": 0.0012594,
  "aqi": 0.0028873598,
  "bids_meta": {
    "AcquisitionMatrixPE": 76,
    "AcquisitionNumber": 1,
    "AcquisitionTime": "15:46:11.475000",
    "BandwidthPerPixelPhaseEncode": 23.084,
    "BaseResolution": 76,
    "ConversionSoftware": "dcm2niix",
    "ConversionSoftwareVersion": "v1.0.20180622 (JP2:OpenJPEG) GCC6.1.0",
    "DerivedVendorReportedEchoSpacing": 0.000570001,
    "DeviceSerialNumber": "35410",
    "DwellTime": 3.3e-06,
    "EchoTime": 0.03,
    "EffectiveEchoSpacing": 0.000570001,
    "FlipAngle": 90,
    "ImageOrientationPatientDICOM": [
      0.99999,
      0.00136776,
      0.00420984,
      3.17232e-08,
      0.951061,
      -0.309003
    ],
    "ImageType": [
      "ORIGINAL",
      "PRIMARY",
      "M",
      "ND",
      "MOSAIC"
    ],
    "InPlanePhaseEncodingDirectionDICOM": "COL",
    "InstitutionAddress": "Cooper_60_St._Lucia_QLD_AU_4072",
    "InstitutionName": "St_Lucia_Campus",
    "InstitutionalDepartmentName": "Gehrmann_Labs_MRI",
    "MRAcquisitionType": "2D",
    "MagneticFieldStrength": 3,
    "Manufacturer": "Siemens",
    "ManufacturersModelName": "TrioTim",
    "Modality": "MR",
    "PartialFourier": 1,
    "PatientPosition": "HFS",
    "PercentPhaseFOV": 100,
    "PhaseEncodingDirection": "j-",
    "PhaseEncodingSteps": 76,
    "PhaseResolution": 1,
    "PixelBandwidth": 1994,
    "ProcedureStepDescription": "Brain_-_UQ_fMRI",
    "ProtocolName": "SEM",
    "PulseSequenceDetails": "%SiemensSeq%_ep2d_pace",
    "ReceiveCoilName": "32Ch_Head",
    "ReconMatrixPE": 76,
    "RepetitionTime": 3,
    "SAR": 0.155947,
    "ScanOptions": "FS",
    "ScanningSequence": "EP",
    "SequenceName": "_epfid2d1_76",
    "SequenceVariant": "SK",
    "SeriesDescription": "SEM",
    "SeriesNumber": 3,
    "ShimSetting": [
      6844,
      -11303,
      -2200,
      817,
      189,
      45,
      -180,
      5
    ],
    "SliceThickness": 2.5,
    "SliceTiming": [
      0,
      1.5275,
      0.065,
      1.595,
      0.1325,
      1.6625,
      0.2,
      1.7275,
      0.265,
      1.795,
      0.3325,
      1.86,
      0.3975,
      1.9275,
      0.465,
      1.995,
      0.5325,
      2.06,
      0.5975,
      2.1275,
      0.665,
      2.1925,
      0.73,
      2.26,
      0.7975,
      2.3275,
      0.865,
      2.3925,
      0.93,
      2.46,
      0.9975,
      2.525,
      1.0625,
      2.5925,
      1.13,
      2.6575,
      1.195,
      2.725,
      1.2625,
      2.7925,
      1.33,
      2.8575,
      1.395,
      2.925,
      1.4625
    ],
    "SoftwareVersions": "syngo_MR_B17",
    "SpacingBetweenSlices": 2.75,
    "StationName": "mrc_Trio",
    "TaskName": "semantic",
    "TotalReadoutTime": 0.04275,
    "TxRefAmp": 324.773,
    "dataset": "ds001748",
    "modality": "bold",
    "subject_id": "adult11",
    "task_id": "semantic"
  },
  "dummy_trs": 0,
  "dvars_nstd": 22.975164387516777,
  "dvars_std": 1.1324429335570472,
  "dvars_vstd": 1.0131378808053693,
  "efc": 0.6255751634407153,
  "fber": 207.01136779785156,
  "fd_mean": 0.05255508147689009,
  "fd_num": 2,
  "fd_perc": 1.3333333333333333,
  "fwhm_avg": 2.548468606060606,
  "fwhm_x": 2.453912,
  "fwhm_y": 2.664912,
  "fwhm_z": 2.526581818181818,
  "gcor": 0.0144589,
  "gsr_x": -0.022576669231057167,
  "gsr_y": 0.0995362251996994,
  "provenance": {
    "md5sum": "8dbc7b30b4f86017de0076625e13aac5",
    "settings": {
      "fd_thres": 0.2,
      "testing": false
    },
    "software": "mriqc",
    "version": "22.0.0rc1",
    "webapi_port": null,
    "webapi_url": "https://mriqc.nimh.nih.gov/api/v1"
  },
  "size_t": 150,
  "size_x": 76,
  "size_y": 76,
  "size_z": 45,
  "snr": 2.758554415695015,
  "spacing_tr": 3.0,
  "spacing_x": 2.5,
  "spacing_y": 2.5,
  "spacing_z": 2.75,
  "summary_bg_k": 26.17716220738418,
  "summary_bg_mad": 9.884011019584927,
  "summary_bg_mean": 79.8453369140625,
  "summary_bg_median": 41.9466667175293,
  "summary_bg_n": 141720.0,
  "summary_bg_p05": 34.393333435058594,
  "summary_bg_p95": 276.1670196533202,
  "summary_bg_stdv": 98.31791687011719,
  "summary_fg_k": 1.6000863589838596,
  "summary_fg_mad": 200.80857984579748,
  "summary_fg_mean": 659.692138671875,
  "summary_fg_median": 617.6666870117188,
  "summary_fg_n": 67014.0,
  "summary_fg_p05": 377.2063415527344,
  "summary_fg_p95": 1088.056066894531,
  "summary_fg_stdv": 223.9078826904297,
  "tsnr": 65.63140430767089
}