{
  "aor": 0.0007897333333333333,
  "aqi": 0.0032011376,
  "bids_meta": {
    "AcquisitionMatrixPE": 76,
    "AcquisitionNumber": 1,
    "AcquisitionTime": "15:54:5.460000",
    "BandwidthPerPixelPhaseEncode": 23.084,
    "BaseResolution": 76,
    "ConversionSoftware": "dcm2niix",
    "ConversionSoftwareVersion": "v1.0.20180622 (JP2:OpenJPEG) GCC6.1.0",
    "DerivedVendorReportedEchoSpacing": 0.000570001,
    "DeviceSerialNumber": "35410",
    "DwellTime": 3.3e-06,
    "EchoTime": 0.03,
    "EffectiveEchoSpacing": 0.000570001,
    "FlipAngle": 90,
    "ImageOrientationPatientDICOM": [
      0.99999,
      0.00136776,
      0.00420984,
      3.17232e-08,
      0.951061,
      -0.309003
    ],
    "ImageType": [
      "ORIGINAL",
      "PRIMARY",
      "M",
      "ND",
      "MOSAIC"
    ],
    "InPlanePhaseEncodingDirectionDICOM": "COL",
    "InstitutionAddress": "Cooper_60_St._Lucia_QLD_AU_4072",
    "InstitutionName": "St_Lucia_Campus",
    "InstitutionalDepartmentName": "Gehrmann_Labs_MRI",
    "MRAcquisitionType": "2D",
    "MagneticFieldStrength": 3,
    "Manufacturer": "Siemens",
    "ManufacturersModelName": "TrioTim",
    "Modality": "MR",
    "PartialFourier": 1,
    "PatientPosition": "HFS",
    "PercentPhaseFOV": 100,
    "PhaseEncodingDirection": "j-",
    "PhaseEncodingSteps": 76,
    "PhaseResolution": 1,
    "PixelBandwidth": 1994,
    "ProcedureStepDescription": "Brain_-_UQ_fMRI",
    "ProtocolName": "EPI",
    "PulseSequenceDetails": "%SiemensSeq%_ep2d_pace",
    "ReceiveCoilName": "32Ch_Head",
    "ReconMatrixPE": 76,
    "RepetitionTime": 3,
    "SAR": 0.155947,
    "ScanOptions": "FS",
    "ScanningSequence": "EP",
    "SequenceName": "_epfid2d1_76",
    "SequenceVariant": "SK",
    "SeriesDescription": "EPI",
    "SeriesNumber": 4,
    "ShimSetting": [
      6844,
      -11303,
      -2200,
      817,
      189,
      45,
      -180,
      5
    ],
    "SliceThickness": 2.5,
    "SliceTiming": [
      0,
      1.5275,
      0.065,
      1.595,
      0.1325,
      1.6625,
      0.2,
      1.7275,
      0.265,
      1.795,
      0.3325,
      1.86,
      0.3975,
      1.9275,
      0.465,
      1.995,
      0.5325,
      2.06,
      0.5975,
      2.1275,
      0.665,
      2.1925,
      0.73,
      2.26,
      0.7975,
      2.3275,
      0.865,
      2.3925,
      0.93,
      2.46,
      0.9975,
      2.525,
      1.0625,
      2.5925,
      1.13,
      2.6575,
      1.195,
      2.725,
      1.2625,
      2.7925,
      1.33,
      2.8575,
      1.395,
      2.925,
      1.4625
    ],
    "SoftwareVersions": "syngo_MR_B17",
    "SpacingBetweenSlices": 2.75,
    "StationName": "mrc_Trio",
    "TaskName": "episodic",
    "TotalReadoutTime": 0.04275,
    "TxRefAmp": 324.773,
    "dataset": "ds001748",
    "modality": "bold",
    "subject_id": "adult11",
    "task_id": "episodic"
  },
  "dummy_trs": 0,
  "dvars_nstd": 24.707339177516776,
  "dvars_std": 1.1299696093288596,
  "dvars_vstd": 0.9927236165771812,
  "efc": 0.6265511428744494,
  "fber": 204.27413940429688,
  "fd_mean": 0.062120060149046426,
  "fd_num": 2,
  "fd_perc": 1.3333333333333333,
  "fwhm_avg": 2.5709560000000002,
  "fwhm_x": 2.459208,
  "fwhm_y": 2.6923,
  "fwhm_z": 2.56136,
  "gcor": 0.0210734,
  "gsr_x": -0.022542772814631462,
  "gsr_y": 0.10085149109363556,
  "provenance": {
    "md5sum": "c885a4896e11907559ac04d8695281b3",
    "settings": {
      "fd_thres": 0.2,
      "testing": false
    },
    "software": "mriqc",
    "version": "22.0.0rc1",
    "webapi_port": null,
    "webapi_url": "https://mriqc.nimh.nih.gov/api/v1"
  },
  "size_t": 150,
  "size_x": 76,
  "size_y": 76,
  "size_z": 45,
  "snr": 2.75868937264482,
  "spacing_tr": 3.0,
  "spacing_x": 2.5,
  "spacing_y": 2.5,
  "spacing_z": 2.75,
  "summary_bg_k": 24.764976161529596,
  "summary_bg_mad": 10.081699610380996,
  "summary_bg_mean": 80.71659088134766,
  "summary_bg_median": 42.19333267211914,
  "summary_bg_n": 141620.0,
  "summary_bg_p05": 34.46666717529297,
  "summary_bg_p95": 278.4613540649411,
  "summary_bg_stdv": 99.278076171875,
  "summary_fg_k": 1.6004516627324046,
  "summary_fg_mad": 200.66031057486111,
  "summary_fg_mean": 659.4031372070312,
  "summary_fg_median": 617.683349609375,
  "summary_fg_n": 67030.0,
  "summary_fg_p05": 377.2496810913086,
  "summary_fg_p95": 1087.453369140625,
  "summary_fg_stdv": 223.90296936035156,
  "tsnr": 62.71229573059827
}