{
  "bids_meta": {
    "AcquisitionMatrixPE": 240,
    "AcquisitionNumber": 1,
    "AcquisitionTime": "11:07:34.927500",
    "BaseResolution": 256,
    "BodyPartExamined": "BRAIN",
    "ConsistencyInfo": "N4_VE11C_LATEST_20160120",
    "ConversionSoftware": "dcm2niix",
    "ConversionSoftwareVersion": "v1.0.20180622 (JP2:OpenJPEG) GCC6.1.0",
    "DeviceSerialNumber": "167001",
    "DwellTime": 8.1e-06,
    "EchoTime": 0.00291,
    "ImageComments": "DENOISED_IMAGE_(lambda_=_1)",
    "ImageOrientationPatientDICOM": [
      0.0205728,
      0.999128,
      -0.0363421,
      0.0827347,
      -0.0379265,
      -0.99585
    ],
    "ImageType": [
      "DERIVED",
      "PRIMARY",
      "M",
      "UNI",
      "DIS3D",
      "DIS2D"
    ],
    "InPlanePhaseEncodingDirectionDICOM": "ROW",
    "InstitutionAddress": "Cooper_60_St._Lucia_QLD_AU_4072",
    "InstitutionName": "St_Lucia_Campus",
    "InstitutionalDepartmentName": "Gehrmann_Labs_MRI",
    "MRAcquisitionType": "3D",
    "MagneticFieldStrength": 3,
    "Manufacturer": "Siemens",
    "ManufacturersModelName": "Prisma_fit",
    "Modality": "MR",
    "ParallelReductionFactorInPlane": 3,
    "PartialFourier": 0.75,
    "PatientPosition": "HFS",
    "PercentPhaseFOV": 93.75,
    "PhaseEncodingSteps": 181,
    "PhaseResolution": 1,
    "PixelBandwidth": 240,
    "ProcedureStepDescription": "Research_16004_CMN",
    "ProtocolName": "MP2RAGE_wip900C_VE11C",
    "PulseSequenceDetails": "%CustomerSeq%_tfl_wip900C_VE11C",
    "RawImage": true,
    "ReceiveCoilActiveElements": "HC1-7;NC1,2",
    "ReceiveCoilName": "HeadNeck_64",
    "ReconMatrixPE": 256,
    "RepetitionTime": 4,
    "SAR": 0.0476705,
    "ScanOptions": "IR_PFP",
    "ScanningSequence": "GR_IR",
    "SequenceName": "tfl3d1_16ns",
    "SequenceVariant": "SK_SP_MP",
    "SeriesDescription": "MP2RAGE_wip900C_VE11C_UNI-DEN",
    "SeriesNumber": 8,
    "ShimSetting": [
      3053,
      -4139,
      -859,
      192,
      -7,
      -338,
      34,
      -48
    ],
    "SliceThickness": 1,
    "SoftwareVersions": "syngo_MR_E11",
    "StationName": "mrc_Trio",
    "TxRefAmp": 214.267,
    "dataset": "ds001748",
    "modality": "T1w",
    "subject_id": "teen13"
  },
  "cjv": 0.27727549920248695,
  "cnr": 4.8120349483633245,
  "efc": 0.5439917800943014,
  "fber": 638673.25,
  "fwhm_avg": 3.8614148720687473,
  "fwhm_x": 3.763544616206241,
  "fwhm_y": 4.26081,
  "fwhm_z": 3.55989,
  "icvs_csf": 0.199051124856396,
  "icvs_gm": 0.4667322753455482,
  "icvs_wm": 0.33421659979805585,
  "inu_med": 0.86915522813797,
  "inu_range": 0.17061103582382198,
  "provenance": {
    "md5sum": "d124ece4af6194ab2a32c8492361b9f9",
    "settings": {
      "testing": false
    },
    "software": "mriqc",
    "version": "22.0.0rc1",
    "warnings": {
      "large_rot_frame": true,
      "small_air_mask": false
    },
    "webapi_port": null,
    "webapi_url": "https://mriqc.nimh.nih.gov/api/v1"
  },
  "qi_1": 0.011323069685260896,
  "qi_2": 0.0005445847764469374,
  "rpve_csf": 24.726938351419996,
  "rpve_gm": 11.654962392825034,
  "rpve_wm": 19.312269049066842,
  "size_x": 176,
  "size_y": 240,
  "size_z": 256,
  "snr_csf": 2.5281852629392034,
  "snr_gm": 10.977148013522719,
  "snr_total": 13.24872886112353,
  "snr_wm": 26.240853306908665,
  "snrd_csf": 117.82948678969967,
  "snrd_gm": 234.63383359583,
  "snrd_total": 236.57520620440962,
  "snrd_wm": 357.2622982276992,
  "spacing_x": 1.0000014305114746,
  "spacing_y": 1.0,
  "spacing_z": 1.0,
  "summary_bg_k": 306.43450929015233,
  "summary_bg_mad": 0.8337771988846245,
  "summary_bg_mean": 2.0751564502716064,
  "summary_bg_median": 0.5623741745948792,
  "summary_bg_n": 2707333.0,
  "summary_bg_p05": 0.0,
  "summary_bg_p95": 8.061200714111308,
  "summary_bg_stdv": 7.505927085876465,
  "summary_csf_k": -0.6565230580802188,
  "summary_csf_mad": 121.13332487469857,
  "summary_csf_mean": 299.1065368652344,
  "summary_csf_median": 329.8138122558594,
  "summary_csf_n": 10241.0,
  "summary_csf_p05": 61.666259765625,
  "summary_csf_p95": 482.2537536621094,
  "summary_csf_stdv": 130.44839477539062,
  "summary_gm_k": -0.13772616614828292,
  "summary_gm_mad": 60.81401919786473,
  "summary_gm_mean": 652.5455322265625,
  "summary_gm_median": 656.7581787109375,
  "summary_gm_n": 39019.0,
  "summary_gm_p05": 547.4674377441406,
  "summary_gm_p95": 743.8305358886719,
  "summary_gm_stdv": 59.82881546020508,
  "summary_wm_k": 0.8625890784441212,
  "summary_wm_mad": 34.35983126084409,
  "summary_wm_mean": 998.2053833007812,
  "summary_wm_median": 1000.0046997070312,
  "summary_wm_n": 156158.0,
  "summary_wm_p05": 931.49375,
  "summary_wm_p95": 1057.0692810058595,
  "summary_wm_stdv": 38.10857391357422,
  "tpm_overlap_csf": 0.1619233340024948,
  "tpm_overlap_gm": 0.45003044605255127,
  "tpm_overlap_wm": 0.49745288491249084,
  "wm2max": 0.8600600844337616
}