{
  "aor": 0.010908866666666668,
  "aqi": 0.009054318466666666,
  "bids_meta": {
    "AcquisitionMatrixPE": 76,
    "AcquisitionNumber": 1,
    "AcquisitionTime": "15:41:34.397500",
    "BandwidthPerPixelPhaseEncode": 23.084,
    "BaseResolution": 76,
    "ConversionSoftware": "dcm2niix",
    "ConversionSoftwareVersion": "v1.0.20180622 (JP2:OpenJPEG) GCC6.1.0",
    "DerivedVendorReportedEchoSpacing": 0.000570001,
    "DeviceSerialNumber": "35410",
    "DwellTime": 3.3e-06,
    "EchoTime": 0.03,
    "EffectiveEchoSpacing": 0.000570001,
    "FlipAngle": 90,
    "ImageOrientationPatientDICOM": [
      0.999379,
      -0.0335105,
      0.0108822,
      0.0348991,
      0.983934,
      -0.175086
    ],
    "ImageType": [
      "ORIGINAL",
      "PRIMARY",
      "M",
      "ND",
      "MOSAIC"
    ],
    "InPlanePhaseEncodingDirectionDICOM": "COL",
    "InstitutionAddress": "Cooper_60_St._Lucia_QLD_AU_4072",
    "InstitutionName": "St_Lucia_Campus",
    "InstitutionalDepartmentName": "Gehrmann_Labs_MRI",
    "MRAcquisitionType": "2D",
    "MagneticFieldStrength": 3,
    "Manufacturer": "Siemens",
    "ManufacturersModelName": "TrioTim",
    "Modality": "MR",
    "PartialFourier": 1,
    "PatientPosition": "HFS",
    "PercentPhaseFOV": 100,
    "PhaseEncodingDirection": "j-",
    "PhaseEncodingSteps": 76,
    "PhaseResolution": 1,
    "PixelBandwidth": 1994,
    "ProcedureStepDescription": "RESEARCH_3T_Research",
    "ProtocolName": "EPI",
    "PulseSequenceDetails": "%SiemensSeq%_ep2d_pace",
    "ReceiveCoilName": "32Ch_Head",
    "ReconMatrixPE": 76,
    "RepetitionTime": 3,
    "SAR": 0.173469,
    "ScanOptions": "FS",
    "ScanningSequence": "EP",
    "SequenceName": "_epfid2d1_76",
    "SequenceVariant": "SK",
    "SeriesDescription": "EPI",
    "SeriesNumber": 9,
    "ShimSetting": [
      6855,
      -11413,
      -2075,
      891,
      210,
      -182,
      157,
      28
    ],
    "SliceThickness": 2.5,
    "SliceTiming": [
      0,
      1.53,
      0.0675,
      1.595,
      0.1325,
      1.6625,
      0.2,
      1.73,
      0.2675,
      1.795,
      0.3325,
      1.8625,
      0.4,
      1.9275,
      0.465,
      1.995,
      0.5325,
      2.0625,
      0.6,
      2.1275,
      0.665,
      2.195,
      0.7325,
      2.26,
      0.7975,
      2.3275,
      0.865,
      2.3925,
      0.9325,
      2.46,
      0.9975,
      2.5275,
      1.065,
      2.5925,
      1.13,
      2.66,
      1.1975,
      2.725,
      1.2625,
      2.7925,
      1.33,
      2.86,
      1.3975,
      2.925,
      1.4625
    ],
    "SoftwareVersions": "syngo_MR_B17",
    "SpacingBetweenSlices": 2.75,
    "StationName": "mrc_Trio",
    "TaskName": "episodic",
    "TotalReadoutTime": 0.04275,
    "TxRefAmp": 317.758,
    "dataset": "ds001748",
    "modality": "bold",
    "subject_id": "child12",
    "task_id": "episodic"
  },
  "dummy_trs": 0,
  "dvars_nstd": 40.63185035161072,
  "dvars_std": 1.2755081877181202,
  "dvars_vstd": 1.0831067819463085,
  "efc": 0.6029795361658884,
  "fber": 291.65643310546875,
  "fd_mean": 0.31287508321044893,
  "fd_num": 81,
  "fd_perc": 54.0,
  "fwhm_avg": 2.5779385454545456,
  "fwhm_x": 2.5014440000000002,
  "fwhm_y": 2.647008,
  "fwhm_z": 2.5853636363636365,
  "gcor": 0.0168971,
  "gsr_x": -0.02409115992486477,
  "gsr_y": 0.061192240566015244,
  "provenance": {
    "md5sum": "8389e4503134a95b436b7afbf83b8e65",
    "settings": {
      "fd_thres": 0.2,
      "testing": false
    },
    "software": "mriqc",
    "version": "22.0.0rc1",
    "webapi_port": null,
    "webapi_url": "https://mriqc.nimh.nih.gov/api/v1"
  },
  "size_t": 150,
  "size_x": 76,
  "size_y": 76,
  "size_z": 45,
  "snr": 3.356129991395171,
  "spacing_tr": 3.0,
  "spacing_x": 2.5,
  "spacing_y": 2.5,
  "spacing_z": 2.75,
  "summary_bg_k": 34.18619278076181,
  "summary_bg_mad": 7.156028366986103,
  "summary_bg_mean": 67.1802978515625,
  "summary_bg_median": 39.97333526611328,
  "summary_bg_n": 145951.0,
  "summary_bg_p05": 34.47999954223633,
  "summary_bg_p95": 202.24000549316406,
  "summary_bg_stdv": 77.34444427490234,
  "summary_fg_k": 0.706766452832202,
  "summary_fg_mad": 201.46595068419677,
  "summary_fg_mean": 726.7896118164062,
  "summary_fg_median": 694.1533203125,
  "summary_fg_n": 62975.0,
  "summary_fg_p05": 451.9093383789062,
  "summary_fg_p95": 1109.1260009765624,
  "summary_fg_stdv": 206.829833984375,
  "tsnr": 43.37029574555345
}