{
  "aor": 0.0028567785234899327,
  "aqi": 0.005069510671140941,
  "bids_meta": {
    "AcquisitionMatrixPE": 76,
    "AcquisitionNumber": 1,
    "AcquisitionTime": "15:33:27.652500",
    "BandwidthPerPixelPhaseEncode": 23.084,
    "BaseResolution": 76,
    "ConversionSoftware": "dcm2niix",
    "ConversionSoftwareVersion": "v1.0.20180622 (JP2:OpenJPEG) GCC6.1.0",
    "DerivedVendorReportedEchoSpacing": 0.000570001,
    "DeviceSerialNumber": "35410",
    "DwellTime": 3.3e-06,
    "EchoTime": 0.03,
    "EffectiveEchoSpacing": 0.000570001,
    "FlipAngle": 90,
    "ImageOrientationPatientDICOM": [
      0.999379,
      -0.0335105,
      0.0108822,
      0.0348991,
      0.983934,
      -0.175086
    ],
    "ImageType": [
      "ORIGINAL",
      "PRIMARY",
      "M",
      "ND",
      "MOSAIC"
    ],
    "InPlanePhaseEncodingDirectionDICOM": "COL",
    "InstitutionAddress": "Cooper_60_St._Lucia_QLD_AU_4072",
    "InstitutionName": "St_Lucia_Campus",
    "InstitutionalDepartmentName": "Gehrmann_Labs_MRI",
    "MRAcquisitionType": "2D",
    "MagneticFieldStrength": 3,
    "Manufacturer": "Siemens",
    "ManufacturersModelName": "TrioTim",
    "Modality": "MR",
    "PartialFourier": 1,
    "PatientPosition": "HFS",
    "PercentPhaseFOV": 100,
    "PhaseEncodingDirection": "j-",
    "PhaseEncodingSteps": 76,
    "PhaseResolution": 1,
    "PixelBandwidth": 1994,
    "ProcedureStepDescription": "RESEARCH_3T_Research",
    "ProtocolName": "SEM",
    "PulseSequenceDetails": "%SiemensSeq%_ep2d_pace",
    "ReceiveCoilName": "32Ch_Head",
    "ReconMatrixPE": 76,
    "RepetitionTime": 3,
    "SAR": 0.173469,
    "ScanOptions": "FS",
    "ScanningSequence": "EP",
    "SequenceName": "_epfid2d1_76",
    "SequenceVariant": "SK",
    "SeriesDescription": "SEM",
    "SeriesNumber": 8,
    "ShimSetting": [
      6855,
      -11413,
      -2075,
      891,
      210,
      -182,
      157,
      28
    ],
    "SliceThickness": 2.5,
    "SliceTiming": [
      0,
      1.5275,
      0.065,
      1.595,
      0.1325,
      1.6625,
      0.2,
      1.7275,
      0.265,
      1.795,
      0.3325,
      1.86,
      0.3975,
      1.9275,
      0.465,
      1.995,
      0.5325,
      2.06,
      0.5975,
      2.1275,
      0.665,
      2.1925,
      0.73,
      2.26,
      0.7975,
      2.325,
      0.8625,
      2.3925,
      0.93,
      2.46,
      0.9975,
      2.525,
      1.0625,
      2.5925,
      1.13,
      2.6575,
      1.195,
      2.725,
      1.2625,
      2.7925,
      1.33,
      2.8575,
      1.395,
      2.925,
      1.4625
    ],
    "SoftwareVersions": "syngo_MR_B17",
    "SpacingBetweenSlices": 2.75,
    "StationName": "mrc_Trio",
    "TaskName": "semantic",
    "TotalReadoutTime": 0.04275,
    "TxRefAmp": 317.758,
    "dataset": "ds001748",
    "modality": "bold",
    "subject_id": "child12",
    "task_id": "semantic"
  },
  "dummy_trs": 1,
  "dvars_nstd": 30.197598714999987,
  "dvars_std": 1.2002500042567568,
  "dvars_vstd": 1.0101479465540537,
  "efc": 0.6021870689801723,
  "fber": 291.9055480957031,
  "fd_mean": 0.1359383342784861,
  "fd_num": 31,
  "fd_perc": 20.80536912751678,
  "fwhm_avg": 2.5716009696969695,
  "fwhm_x": 2.510764,
  "fwhm_y": 2.659348,
  "fwhm_z": 2.544690909090909,
  "gcor": 0.0146439,
  "gsr_x": -0.022832248359918594,
  "gsr_y": 0.062461402267217636,
  "provenance": {
    "md5sum": "840fc4558dfc427bd868bb51a1763b29",
    "settings": {
      "fd_thres": 0.2,
      "testing": false
    },
    "software": "mriqc",
    "version": "22.0.0rc1",
    "webapi_port": null,
    "webapi_url": "https://mriqc.nimh.nih.gov/api/v1"
  },
  "size_t": 149,
  "size_x": 76,
  "size_y": 76,
  "size_z": 45,
  "snr": 3.3054779343137533,
  "spacing_tr": 3.0,
  "spacing_x": 2.5,
  "spacing_y": 2.5,
  "spacing_z": 2.75,
  "summary_bg_k": 36.46179349371536,
  "summary_bg_mad": 7.084653702688844,
  "summary_bg_mean": 66.39399719238281,
  "summary_bg_median": 39.899330139160156,
  "summary_bg_n": 145438.0,
  "summary_bg_p05": 34.49664306640625,
  "summary_bg_p95": 197.57046508789062,
  "summary_bg_stdv": 75.76422119140625,
  "summary_fg_k": 0.7884700000811065,
  "summary_fg_mad": 203.15631991281523,
  "summary_fg_mean": 729.7732543945312,
  "summary_fg_median": 695.5906372070312,
  "summary_fg_n": 62969.0,
  "summary_fg_p05": 451.0751647949219,
  "summary_fg_p95": 1118.8228027343748,
  "summary_fg_stdv": 210.43405151367188,
  "tsnr": 58.11677123000845
}