{
  "bids_meta": {
    "AcquisitionMatrixPE": 240,
    "AcquisitionNumber": 1,
    "AcquisitionTime": "13:27:13.350000",
    "BaseResolution": 256,
    "ConversionSoftware": "dcm2niix",
    "ConversionSoftwareVersion": "v1.0.20180622 (JP2:OpenJPEG) GCC6.1.0",
    "DeviceSerialNumber": "35410",
    "DwellTime": 8.1e-06,
    "EchoTime": 0.00289,
    "ImageOrientationPatientDICOM": [
      0.0192056,
      0.999816,
      -1.26495e-08,
      0.0296549,
      -0.000569659,
      -0.99956
    ],
    "ImageType": [
      "ORIGINAL",
      "PRIMARY",
      "M",
      "ND",
      "UNI"
    ],
    "InPlanePhaseEncodingDirectionDICOM": "ROW",
    "InstitutionAddress": "Cooper_60_St._Lucia_QLD_AU_4072",
    "InstitutionName": "St_Lucia_Campus",
    "InstitutionalDepartmentName": "Gehrmann_Labs_MRI",
    "MRAcquisitionType": "3D",
    "MagneticFieldStrength": 3,
    "Manufacturer": "Siemens",
    "ManufacturersModelName": "TrioTim",
    "Modality": "MR",
    "ParallelReductionFactorInPlane": 3,
    "PartialFourier": 0.75,
    "PatientPosition": "HFS",
    "PercentPhaseFOV": 93.75,
    "PhaseEncodingSteps": 181,
    "PhaseResolution": 1,
    "PixelBandwidth": 241,
    "ProcedureStepDescription": "Brain_-_UQ_fMRI",
    "ProtocolName": "mp2rage",
    "PulseSequenceDetails": "%CustomerSeq%_mp2rage_wip820B17",
    "ReceiveCoilName": "32Ch_Head",
    "ReconMatrixPE": 256,
    "RepetitionTime": 4,
    "SAR": 0.115305,
    "ScanOptions": "IR_PFP",
    "ScanningSequence": "GR_IR",
    "SequenceName": "tfl3d1_ns",
    "SequenceVariant": "SP_MP",
    "SeriesDescription": "mp2rage_UNI-DEN",
    "SeriesNumber": 7,
    "ShimSetting": [
      6819,
      -11271,
      -2615,
      -89,
      20,
      1,
      -123,
      4
    ],
    "SliceThickness": 1,
    "SoftwareVersions": "syngo_MR_B17",
    "StationName": "mrc_Trio",
    "TxRefAmp": 352.289,
    "dataset": "ds001748",
    "modality": "T1w",
    "subject_id": "adult08"
  },
  "cjv": 0.36731178723225044,
  "cnr": 3.422672673405948,
  "efc": 0.6272258054231761,
  "fber": 1849.2510986328125,
  "fwhm_avg": 3.795958377564011,
  "fwhm_x": 3.9052748882229715,
  "fwhm_y": 4.101510244469061,
  "fwhm_z": 3.38109,
  "icvs_csf": 0.23189390384461434,
  "icvs_gm": 0.37107450015095694,
  "icvs_wm": 0.3970315960044287,
  "inu_med": 0.900967001914978,
  "inu_range": 0.25810229778289795,
  "provenance": {
    "md5sum": "25a24c5081dad377a0cd3560cc958162",
    "settings": {
      "testing": false
    },
    "software": "mriqc",
    "version": "22.0.0rc1",
    "warnings": {
      "large_rot_frame": true,
      "small_air_mask": false
    },
    "webapi_port": null,
    "webapi_url": "https://mriqc.nimh.nih.gov/api/v1"
  },
  "qi_1": 0.0,
  "qi_2": 0.00036768818635637924,
  "rpve_csf": 18.968047232210235,
  "rpve_gm": 11.28440523195794,
  "rpve_wm": 14.754217059525985,
  "size_x": 176,
  "size_y": 240,
  "size_z": 256,
  "snr_csf": 2.3808232140989127,
  "snr_gm": 9.207353015558695,
  "snr_total": 13.577095017620897,
  "snr_wm": 29.14310882320508,
  "snrd_csf": 50.36313169925928,
  "snrd_gm": 94.11941813401165,
  "snrd_total": 92.36929273730478,
  "snrd_wm": 132.62532837864345,
  "spacing_x": 0.9999987483024597,
  "spacing_y": 0.9999999403953552,
  "spacing_z": 1.0,
  "summary_bg_k": 71.17866130116532,
  "summary_bg_mad": 4.939849282315179,
  "summary_bg_mean": 17.213314056396484,
  "summary_bg_median": 15.420722007751465,
  "summary_bg_n": 1751257.0,
  "summary_bg_p05": 9.334251213073731,
  "summary_bg_p95": 29.90839500427246,
  "summary_bg_stdv": 8.824914932250977,
  "summary_csf_k": 7.997073581062496,
  "summary_csf_mad": 106.59230364711225,
  "summary_csf_mean": 358.9515686035156,
  "summary_csf_median": 379.747314453125,
  "summary_csf_n": 10570.0,
  "summary_csf_p05": 52.23758792877197,
  "summary_csf_p95": 538.1862060546874,
  "summary_csf_stdv": 159.49497985839844,
  "summary_gm_k": 0.20997928866553828,
  "summary_gm_mad": 74.47886269225523,
  "summary_gm_mean": 708.2303466796875,
  "summary_gm_median": 709.6777954101562,
  "summary_gm_n": 20350.0,
  "summary_gm_p05": 577.3019958496094,
  "summary_gm_p95": 831.1726837158203,
  "summary_gm_stdv": 77.07539367675781,
  "summary_wm_k": 0.747583233972871,
  "summary_wm_mad": 32.16705678825939,
  "summary_wm_mean": 1001.3389892578125,
  "summary_wm_median": 1000.0194702148438,
  "summary_wm_n": 253981.0,
  "summary_wm_p05": 947.6203002929688,
  "summary_wm_p95": 1059.501708984375,
  "summary_wm_stdv": 34.314029693603516,
  "tpm_overlap_csf": 0.16009441018104553,
  "tpm_overlap_gm": 0.4098919928073883,
  "tpm_overlap_wm": 0.5150743126869202,
  "wm2max": 0.7417537033362035
}