{
  "aor": 0.0011554666666666667,
  "aqi": 0.0023459766000000003,
  "bids_meta": {
    "AcquisitionMatrixPE": 76,
    "AcquisitionNumber": 1,
    "AcquisitionTime": "14:46:14.955000",
    "BandwidthPerPixelPhaseEncode": 23.084,
    "BaseResolution": 76,
    "ConversionSoftware": "dcm2niix",
    "ConversionSoftwareVersion": "v1.0.20180622 (JP2:OpenJPEG) GCC6.1.0",
    "DerivedVendorReportedEchoSpacing": 0.000570001,
    "DeviceSerialNumber": "35410",
    "DwellTime": 3.3e-06,
    "EchoTime": 0.03,
    "EffectiveEchoSpacing": 0.000570001,
    "FlipAngle": 90,
    "ImageOrientationPatientDICOM": [
      0.999999,
      0.000334261,
      0.000965135,
      -6.98774e-08,
      0.944955,
      -0.3272
    ],
    "ImageType": [
      "ORIGINAL",
      "PRIMARY",
      "M",
      "ND",
      "MOSAIC"
    ],
    "InPlanePhaseEncodingDirectionDICOM": "COL",
    "InstitutionAddress": "Cooper_60_St._Lucia_QLD_AU_4072",
    "InstitutionName": "St_Lucia_Campus",
    "InstitutionalDepartmentName": "Gehrmann_Labs_MRI",
    "MRAcquisitionType": "2D",
    "MagneticFieldStrength": 3,
    "Manufacturer": "Siemens",
    "ManufacturersModelName": "TrioTim",
    "Modality": "MR",
    "PartialFourier": 1,
    "PatientPosition": "HFS",
    "PercentPhaseFOV": 100,
    "PhaseEncodingDirection": "j-",
    "PhaseEncodingSteps": 76,
    "PhaseResolution": 1,
    "PixelBandwidth": 1994,
    "ProcedureStepDescription": "Brain_-_UQ_fMRI",
    "ProtocolName": "SEM",
    "PulseSequenceDetails": "%SiemensSeq%_ep2d_pace",
    "ReceiveCoilName": "32Ch_Head",
    "ReconMatrixPE": 76,
    "RepetitionTime": 3,
    "SAR": 0.17548,
    "ScanOptions": "FS",
    "ScanningSequence": "EP",
    "SequenceName": "_epfid2d1_76",
    "SequenceVariant": "SK",
    "SeriesDescription": "SEM",
    "SeriesNumber": 3,
    "ShimSetting": [
      6819,
      -11358,
      -1992,
      941,
      113,
      -85,
      -76,
      30
    ],
    "SliceThickness": 2.5,
    "SliceTiming": [
      0,
      1.53,
      0.0675,
      1.595,
      0.1325,
      1.6625,
      0.2,
      1.7275,
      0.265,
      1.795,
      0.3325,
      1.8625,
      0.4,
      1.9275,
      0.465,
      1.995,
      0.5325,
      2.06,
      0.5975,
      2.1275,
      0.665,
      2.195,
      0.7325,
      2.26,
      0.7975,
      2.3275,
      0.865,
      2.3925,
      0.93,
      2.46,
      0.9975,
      2.525,
      1.0625,
      2.5925,
      1.13,
      2.66,
      1.1975,
      2.725,
      1.2625,
      2.7925,
      1.33,
      2.8575,
      1.395,
      2.925,
      1.4625
    ],
    "SoftwareVersions": "syngo_MR_B17",
    "SpacingBetweenSlices": 2.75,
    "StationName": "mrc_Trio",
    "TaskName": "semantic",
    "TotalReadoutTime": 0.04275,
    "TxRefAmp": 359.256,
    "dataset": "ds001748",
    "modality": "bold",
    "subject_id": "adult09",
    "task_id": "semantic"
  },
  "dummy_trs": 0,
  "dvars_nstd": 26.944764374026846,
  "dvars_std": 1.2061913524161074,
  "dvars_vstd": 1.021684015100671,
  "efc": 0.6294934072678471,
  "fber": 195.5580291748047,
  "fd_mean": 0.05445181852881771,
  "fd_num": 2,
  "fd_perc": 1.3333333333333333,
  "fwhm_avg": 2.976377696969697,
  "fwhm_x": 2.841876,
  "fwhm_y": 3.0505880000000003,
  "fwhm_z": 3.0366690909090908,
  "gcor": 0.0241269,
  "gsr_x": -0.007168478332459927,
  "gsr_y": 0.08837167173624039,
  "provenance": {
    "md5sum": "1d7f2d5c928b1bae1704a4664d86908b",
    "settings": {
      "fd_thres": 0.2,
      "testing": false
    },
    "software": "mriqc",
    "version": "22.0.0rc1",
    "webapi_port": null,
    "webapi_url": "https://mriqc.nimh.nih.gov/api/v1"
  },
  "size_t": 150,
  "size_x": 76,
  "size_y": 76,
  "size_z": 45,
  "snr": 2.180369255506457,
  "spacing_tr": 3.0,
  "spacing_x": 2.5,
  "spacing_y": 2.5,
  "spacing_z": 2.75,
  "summary_bg_k": 19.379361240192445,
  "summary_bg_mad": 13.541102901667857,
  "summary_bg_mean": 90.54037475585938,
  "summary_bg_median": 47.92000198364258,
  "summary_bg_n": 130044.0,
  "summary_bg_p05": 38.173336029052734,
  "summary_bg_p95": 305.8903427124022,
  "summary_bg_stdv": 108.1379623413086,
  "summary_fg_k": 3.9202406761550934,
  "summary_fg_mad": 253.74242889638353,
  "summary_fg_mean": 771.9139404296875,
  "summary_fg_median": 701.163330078125,
  "summary_fg_n": 72956.0,
  "summary_fg_p05": 397.61167907714844,
  "summary_fg_p95": 1403.2583312988281,
  "summary_fg_stdv": 321.577880859375,
  "tsnr": 68.13087607116904
}