{
  "aor": 0.001969866666666667,
  "aqi": 0.004437836866666668,
  "bids_meta": {
    "AcquisitionMatrixPE": 76,
    "AcquisitionNumber": 1,
    "AcquisitionTime": "15:30:51.247500",
    "BandwidthPerPixelPhaseEncode": 23.084,
    "BaseResolution": 76,
    "ConversionSoftware": "dcm2niix",
    "ConversionSoftwareVersion": "v1.0.20180622 (JP2:OpenJPEG) GCC6.1.0",
    "DerivedVendorReportedEchoSpacing": 0.000570001,
    "DeviceSerialNumber": "35410",
    "DwellTime": 3.3e-06,
    "EchoTime": 0.03,
    "EffectiveEchoSpacing": 0.000570001,
    "FlipAngle": 90,
    "ImageOrientationPatientDICOM": [
      0.999926,
      -0.00335523,
      -0.0117008,
      1.87859e-09,
      0.96126,
      -0.275643
    ],
    "ImageType": [
      "ORIGINAL",
      "PRIMARY",
      "M",
      "ND",
      "MOSAIC"
    ],
    "InPlanePhaseEncodingDirectionDICOM": "COL",
    "InstitutionAddress": "Cooper_60_St._Lucia_QLD_AU_4072",
    "InstitutionName": "St_Lucia_Campus",
    "InstitutionalDepartmentName": "Gehrmann_Labs_MRI",
    "MRAcquisitionType": "2D",
    "MagneticFieldStrength": 3,
    "Manufacturer": "Siemens",
    "ManufacturersModelName": "TrioTim",
    "Modality": "MR",
    "PartialFourier": 1,
    "PatientPosition": "HFS",
    "PercentPhaseFOV": 100,
    "PhaseEncodingDirection": "j-",
    "PhaseEncodingSteps": 76,
    "PhaseResolution": 1,
    "PixelBandwidth": 1994,
    "ProcedureStepDescription": "Brain_-_UQ_fMRI",
    "ProtocolName": "EPI",
    "PulseSequenceDetails": "%SiemensSeq%_ep2d_pace",
    "ReceiveCoilName": "32Ch_Head",
    "ReconMatrixPE": 76,
    "RepetitionTime": 3,
    "SAR": 0.142526,
    "ScanOptions": "FS",
    "ScanningSequence": "EP",
    "SequenceName": "_epfid2d1_76",
    "SequenceVariant": "SK",
    "SeriesDescription": "EPI",
    "SeriesNumber": 4,
    "ShimSetting": [
      6814,
      -11260,
      -2296,
      306,
      -10,
      172,
      -225,
      -39
    ],
    "SliceThickness": 2.5,
    "SliceTiming": [
      0,
      1.5275,
      0.065,
      1.595,
      0.1325,
      1.6625,
      0.2,
      1.7275,
      0.265,
      1.795,
      0.3325,
      1.86,
      0.3975,
      1.9275,
      0.465,
      1.995,
      0.5325,
      2.06,
      0.5975,
      2.1275,
      0.665,
      2.1925,
      0.73,
      2.26,
      0.7975,
      2.3275,
      0.865,
      2.3925,
      0.93,
      2.46,
      0.9975,
      2.525,
      1.0625,
      2.5925,
      1.13,
      2.6575,
      1.1975,
      2.725,
      1.2625,
      2.7925,
      1.33,
      2.8575,
      1.395,
      2.925,
      1.4625
    ],
    "SoftwareVersions": "syngo_MR_B17",
    "SpacingBetweenSlices": 2.75,
    "StationName": "mrc_Trio",
    "TaskName": "episodic",
    "TotalReadoutTime": 0.04275,
    "TxRefAmp": 312.48,
    "dataset": "ds001748",
    "modality": "bold",
    "subject_id": "adult13",
    "task_id": "episodic"
  },
  "dummy_trs": 0,
  "dvars_nstd": 26.361688216778525,
  "dvars_std": 1.1702225269798658,
  "dvars_vstd": 0.9845714860402679,
  "efc": 0.6061359237871429,
  "fber": 244.9361572265625,
  "fd_mean": 0.06957925444775252,
  "fd_num": 5,
  "fd_perc": 3.3333333333333335,
  "fwhm_avg": 2.5424783030303026,
  "fwhm_x": 2.384728,
  "fwhm_y": 2.606856,
  "fwhm_z": 2.6358509090909092,
  "gcor": 0.00943872,
  "gsr_x": -0.00439543928951025,
  "gsr_y": 0.05830410122871399,
  "provenance": {
    "md5sum": "09274d8d2f402e1d8099c1514aad54fa",
    "settings": {
      "fd_thres": 0.2,
      "testing": false
    },
    "software": "mriqc",
    "version": "22.0.0rc1",
    "webapi_port": null,
    "webapi_url": "https://mriqc.nimh.nih.gov/api/v1"
  },
  "size_t": 150,
  "size_x": 76,
  "size_y": 76,
  "size_z": 45,
  "snr": 3.4051620270722367,
  "spacing_tr": 3.0,
  "spacing_x": 2.5,
  "spacing_y": 2.5,
  "spacing_z": 2.75,
  "summary_bg_k": 33.439545181243275,
  "summary_bg_mad": 6.088558615523538,
  "summary_bg_mean": 59.82221603393555,
  "summary_bg_median": 37.12000274658203,
  "summary_bg_n": 146137.0,
  "summary_bg_p05": 32.13999938964844,
  "summary_bg_p95": 167.68934020996014,
  "summary_bg_stdv": 66.84683990478516,
  "summary_fg_k": 0.9954207167092739,
  "summary_fg_mad": 158.6533231262508,
  "summary_fg_mean": 624.530517578125,
  "summary_fg_median": 595.469970703125,
  "summary_fg_n": 60922.0,
  "summary_fg_p05": 395.79466857910154,
  "summary_fg_p95": 956.7530242919921,
  "summary_fg_stdv": 174.8712921142578,
  "tsnr": 65.06810501031578
}