{
  "aor": 0.006986333333333334,
  "aqi": 0.0052155228666666675,
  "bids_meta": {
    "AcquisitionMatrixPE": 76,
    "AcquisitionNumber": 1,
    "AcquisitionTime": "16:45:13.562500",
    "BandwidthPerPixelPhaseEncode": 23.084,
    "BaseResolution": 76,
    "ConversionSoftware": "dcm2niix",
    "ConversionSoftwareVersion": "v1.0.20180622 (JP2:OpenJPEG) GCC6.1.0",
    "DerivedVendorReportedEchoSpacing": 0.000570001,
    "DeviceSerialNumber": "35410",
    "DwellTime": 3.3e-06,
    "EchoTime": 0.03,
    "EffectiveEchoSpacing": 0.000570001,
    "FlipAngle": 90,
    "ImageOrientationPatientDICOM": [
      0.999148,
      -0.00802177,
      -0.0404789,
      -5.77815e-09,
      0.980924,
      -0.194392
    ],
    "ImageType": [
      "ORIGINAL",
      "PRIMARY",
      "M",
      "ND",
      "MOSAIC"
    ],
    "InPlanePhaseEncodingDirectionDICOM": "COL",
    "InstitutionAddress": "Cooper_60_St._Lucia_QLD_AU_4072",
    "InstitutionName": "St_Lucia_Campus",
    "InstitutionalDepartmentName": "Gehrmann_Labs_MRI",
    "MRAcquisitionType": "2D",
    "MagneticFieldStrength": 3,
    "Manufacturer": "Siemens",
    "ManufacturersModelName": "TrioTim",
    "Modality": "MR",
    "PartialFourier": 1,
    "PatientPosition": "HFS",
    "PercentPhaseFOV": 100,
    "PhaseEncodingDirection": "j-",
    "PhaseEncodingSteps": 76,
    "PhaseResolution": 1,
    "PixelBandwidth": 1994,
    "ProcedureStepDescription": "Brain_-_UQ_fMRI",
    "ProtocolName": "EPI",
    "PulseSequenceDetails": "%SiemensSeq%_ep2d_pace",
    "ReceiveCoilName": "32Ch_Head",
    "ReconMatrixPE": 76,
    "RepetitionTime": 3,
    "SAR": 0.139743,
    "ScanOptions": "FS",
    "ScanningSequence": "EP",
    "SequenceName": "_epfid2d1_76",
    "SequenceVariant": "SK",
    "SeriesDescription": "EPI",
    "SeriesNumber": 4,
    "ShimSetting": [
      6782,
      -11335,
      -2190,
      854,
      4,
      150,
      -242,
      56
    ],
    "SliceThickness": 2.5,
    "SliceTiming": [
      0,
      1.53,
      0.0675,
      1.595,
      0.1325,
      1.6625,
      0.2,
      1.7275,
      0.265,
      1.795,
      0.3325,
      1.86,
      0.4,
      1.9275,
      0.465,
      1.995,
      0.5325,
      2.06,
      0.5975,
      2.1275,
      0.665,
      2.1925,
      0.73,
      2.26,
      0.7975,
      2.3275,
      0.865,
      2.3925,
      0.93,
      2.46,
      0.9975,
      2.525,
      1.0625,
      2.5925,
      1.13,
      2.66,
      1.1975,
      2.725,
      1.2625,
      2.7925,
      1.33,
      2.8575,
      1.395,
      2.925,
      1.4625
    ],
    "SoftwareVersions": "syngo_MR_B17",
    "SpacingBetweenSlices": 2.75,
    "StationName": "mrc_Trio",
    "TaskName": "episodic",
    "TotalReadoutTime": 0.04275,
    "TxRefAmp": 312.091,
    "dataset": "ds001748",
    "modality": "bold",
    "subject_id": "adult03",
    "task_id": "episodic"
  },
  "dummy_trs": 0,
  "dvars_nstd": 26.995410816442956,
  "dvars_std": 1.2062347512080533,
  "dvars_vstd": 1.02176696852349,
  "efc": 0.6095899330931795,
  "fber": 263.78875732421875,
  "fd_mean": 0.070681658823375,
  "fd_num": 4,
  "fd_perc": 2.6666666666666665,
  "fwhm_avg": 2.5208238787878785,
  "fwhm_x": 2.4244,
  "fwhm_y": 2.6087879999999997,
  "fwhm_z": 2.5292836363636364,
  "gcor": 0.0125979,
  "gsr_x": -0.02883395366370678,
  "gsr_y": 0.09380371123552322,
  "provenance": {
    "md5sum": "7433b90da38c5ec3a292060080ad70b7",
    "settings": {
      "fd_thres": 0.2,
      "testing": false
    },
    "software": "mriqc",
    "version": "22.0.0rc1",
    "webapi_port": null,
    "webapi_url": "https://mriqc.nimh.nih.gov/api/v1"
  },
  "size_t": 150,
  "size_x": 76,
  "size_y": 76,
  "size_z": 45,
  "snr": 2.9943668408736834,
  "spacing_tr": 3.0,
  "spacing_x": 2.5,
  "spacing_y": 2.5,
  "spacing_z": 2.75,
  "summary_bg_k": 27.891838148304384,
  "summary_bg_mad": 5.8414563605463945,
  "summary_bg_mean": 66.18180084228516,
  "summary_bg_median": 38.28666687011719,
  "summary_bg_n": 144378.0,
  "summary_bg_p05": 33.90666580200195,
  "summary_bg_p95": 204.1810081481933,
  "summary_bg_stdv": 75.54391479492188,
  "summary_fg_k": 1.5183251419988695,
  "summary_fg_mad": 189.24427801691087,
  "summary_fg_mean": 670.8475952148438,
  "summary_fg_median": 632.2999877929688,
  "summary_fg_n": 65052.0,
  "summary_fg_p05": 394.33901824951175,
  "summary_fg_p95": 1070.5816467285156,
  "summary_fg_stdv": 211.1615447998047,
  "tsnr": 54.71073856134899
}