{
  "aor": 0.0010589333333333331,
  "aqi": 0.0035661377333333338,
  "bids_meta": {
    "AcquisitionMatrixPE": 76,
    "AcquisitionNumber": 1,
    "AcquisitionTime": "16:36:59.605000",
    "BandwidthPerPixelPhaseEncode": 23.084,
    "BaseResolution": 76,
    "ConversionSoftware": "dcm2niix",
    "ConversionSoftwareVersion": "v1.0.20180622 (JP2:OpenJPEG) GCC6.1.0",
    "DerivedVendorReportedEchoSpacing": 0.000570001,
    "DeviceSerialNumber": "35410",
    "DwellTime": 3.3e-06,
    "EchoTime": 0.03,
    "EffectiveEchoSpacing": 0.000570001,
    "FlipAngle": 90,
    "ImageOrientationPatientDICOM": [
      0.999148,
      -0.00802177,
      -0.0404789,
      -5.77815e-09,
      0.980924,
      -0.194392
    ],
    "ImageType": [
      "ORIGINAL",
      "PRIMARY",
      "M",
      "ND",
      "MOSAIC"
    ],
    "InPlanePhaseEncodingDirectionDICOM": "COL",
    "InstitutionAddress": "Cooper_60_St._Lucia_QLD_AU_4072",
    "InstitutionName": "St_Lucia_Campus",
    "InstitutionalDepartmentName": "Gehrmann_Labs_MRI",
    "MRAcquisitionType": "2D",
    "MagneticFieldStrength": 3,
    "Manufacturer": "Siemens",
    "ManufacturersModelName": "TrioTim",
    "Modality": "MR",
    "PartialFourier": 1,
    "PatientPosition": "HFS",
    "PercentPhaseFOV": 100,
    "PhaseEncodingDirection": "j-",
    "PhaseEncodingSteps": 76,
    "PhaseResolution": 1,
    "PixelBandwidth": 1994,
    "ProcedureStepDescription": "Brain_-_UQ_fMRI",
    "ProtocolName": "SEM",
    "PulseSequenceDetails": "%SiemensSeq%_ep2d_pace",
    "ReceiveCoilName": "32Ch_Head",
    "ReconMatrixPE": 76,
    "RepetitionTime": 3,
    "SAR": 0.139743,
    "ScanOptions": "FS",
    "ScanningSequence": "EP",
    "SequenceName": "_epfid2d1_76",
    "SequenceVariant": "SK",
    "SeriesDescription": "SEM",
    "SeriesNumber": 3,
    "ShimSetting": [
      6782,
      -11335,
      -2190,
      854,
      4,
      150,
      -242,
      56
    ],
    "SliceThickness": 2.5,
    "SliceTiming": [
      0,
      1.53,
      0.0675,
      1.595,
      0.1325,
      1.6625,
      0.2,
      1.7275,
      0.265,
      1.795,
      0.3325,
      1.8625,
      0.4,
      1.9275,
      0.465,
      1.995,
      0.5325,
      2.06,
      0.5975,
      2.1275,
      0.665,
      2.1925,
      0.73,
      2.26,
      0.7975,
      2.3275,
      0.865,
      2.3925,
      0.93,
      2.46,
      0.9975,
      2.525,
      1.0625,
      2.5925,
      1.13,
      2.66,
      1.1975,
      2.725,
      1.2625,
      2.7925,
      1.33,
      2.8575,
      1.395,
      2.925,
      1.4625
    ],
    "SoftwareVersions": "syngo_MR_B17",
    "SpacingBetweenSlices": 2.75,
    "StationName": "mrc_Trio",
    "TaskName": "semantic",
    "TotalReadoutTime": 0.04275,
    "TxRefAmp": 312.091,
    "dataset": "ds001748",
    "modality": "bold",
    "subject_id": "adult03",
    "task_id": "semantic"
  },
  "dummy_trs": 0,
  "dvars_nstd": 27.078240541812082,
  "dvars_std": 1.2070347708053693,
  "dvars_vstd": 0.9996843707382553,
  "efc": 0.6074220458334226,
  "fber": 256.27020263671875,
  "fd_mean": 0.07213848863401183,
  "fd_num": 6,
  "fd_perc": 4.0,
  "fwhm_avg": 2.538229212121212,
  "fwhm_x": 2.432756,
  "fwhm_y": 2.639768,
  "fwhm_z": 2.5421636363636364,
  "gcor": 0.0298727,
  "gsr_x": -0.02798120118677616,
  "gsr_y": 0.0903870090842247,
  "provenance": {
    "md5sum": "c02eae1778973fea5f732695dea91a24",
    "settings": {
      "fd_thres": 0.2,
      "testing": false
    },
    "software": "mriqc",
    "version": "22.0.0rc1",
    "webapi_port": null,
    "webapi_url": "https://mriqc.nimh.nih.gov/api/v1"
  },
  "size_t": 150,
  "size_x": 76,
  "size_y": 76,
  "size_z": 45,
  "snr": 2.9365374563994693,
  "spacing_tr": 3.0,
  "spacing_x": 2.5,
  "spacing_y": 2.5,
  "spacing_z": 2.75,
  "summary_bg_k": 28.692381401185177,
  "summary_bg_mad": 7.235094754218725,
  "summary_bg_mean": 65.59610748291016,
  "summary_bg_median": 38.959999084472656,
  "summary_bg_n": 144369.0,
  "summary_bg_p05": 32.66666793823242,
  "summary_bg_p95": 201.06666564941406,
  "summary_bg_stdv": 73.78759002685547,
  "summary_fg_k": 1.625528567673582,
  "summary_fg_mad": 192.97555543556967,
  "summary_fg_mean": 675.4109497070312,
  "summary_fg_median": 635.9466552734375,
  "summary_fg_n": 64719.0,
  "summary_fg_p05": 393.6400146484375,
  "summary_fg_p95": 1085.9200439453125,
  "summary_fg_stdv": 216.561767578125,
  "tsnr": 62.86359932273626
}