{
  "aor": 0.0017471333333333335,
  "aqi": 0.007483036933333332,
  "bids_meta": {
    "AcquisitionMatrixPE": 76,
    "AcquisitionNumber": 1,
    "AcquisitionTime": "16:28:39.792500",
    "BandwidthPerPixelPhaseEncode": 23.084,
    "BaseResolution": 76,
    "ConversionSoftware": "dcm2niix",
    "ConversionSoftwareVersion": "v1.0.20180622 (JP2:OpenJPEG) GCC6.1.0",
    "DerivedVendorReportedEchoSpacing": 0.000570001,
    "DeviceSerialNumber": "35410",
    "DwellTime": 3.3e-06,
    "EchoTime": 0.03,
    "EffectiveEchoSpacing": 0.000570001,
    "FlipAngle": 90,
    "ImageOrientationPatientDICOM": [
      0.999148,
      -0.00802177,
      -0.0404789,
      -5.77815e-09,
      0.980924,
      -0.194392
    ],
    "ImageType": [
      "ORIGINAL",
      "PRIMARY",
      "M",
      "ND",
      "MOSAIC"
    ],
    "InPlanePhaseEncodingDirectionDICOM": "COL",
    "InstitutionAddress": "Cooper_60_St._Lucia_QLD_AU_4072",
    "InstitutionName": "St_Lucia_Campus",
    "InstitutionalDepartmentName": "Gehrmann_Labs_MRI",
    "MRAcquisitionType": "2D",
    "MagneticFieldStrength": 3,
    "Manufacturer": "Siemens",
    "ManufacturersModelName": "TrioTim",
    "Modality": "MR",
    "PartialFourier": 1,
    "PatientPosition": "HFS",
    "PercentPhaseFOV": 100,
    "PhaseEncodingDirection": "j-",
    "PhaseEncodingSteps": 76,
    "PhaseResolution": 1,
    "PixelBandwidth": 1994,
    "ProcedureStepDescription": "Brain_-_UQ_fMRI",
    "ProtocolName": "AUTO",
    "PulseSequenceDetails": "%SiemensSeq%_ep2d_pace",
    "ReceiveCoilName": "32Ch_Head",
    "ReconMatrixPE": 76,
    "RepetitionTime": 3,
    "SAR": 0.139743,
    "ScanOptions": "FS",
    "ScanningSequence": "EP",
    "SequenceName": "_epfid2d1_76",
    "SequenceVariant": "SK",
    "SeriesDescription": "AUTO",
    "SeriesNumber": 2,
    "ShimSetting": [
      6782,
      -11335,
      -2190,
      854,
      4,
      150,
      -242,
      56
    ],
    "SliceThickness": 2.5,
    "SliceTiming": [
      0,
      1.5275,
      0.065,
      1.595,
      0.1325,
      1.66,
      0.1975,
      1.7275,
      0.265,
      1.795,
      0.3325,
      1.86,
      0.3975,
      1.9275,
      0.465,
      1.9925,
      0.53,
      2.06,
      0.5975,
      2.125,
      0.6625,
      2.1925,
      0.73,
      2.26,
      0.7975,
      2.325,
      0.8625,
      2.3925,
      0.93,
      2.4575,
      0.995,
      2.525,
      1.0625,
      2.5925,
      1.13,
      2.6575,
      1.195,
      2.725,
      1.2625,
      2.79,
      1.3275,
      2.8575,
      1.395,
      2.925,
      1.4625
    ],
    "SoftwareVersions": "syngo_MR_B17",
    "SpacingBetweenSlices": 2.75,
    "StationName": "mrc_Trio",
    "TaskName": "autobio",
    "TotalReadoutTime": 0.04275,
    "TxRefAmp": 312.091,
    "dataset": "ds001748",
    "modality": "bold",
    "subject_id": "adult03",
    "task_id": "autobio"
  },
  "dummy_trs": 0,
  "dvars_nstd": 28.54180945375836,
  "dvars_std": 1.1099585516778536,
  "dvars_vstd": 0.9472378860402683,
  "efc": 0.6056095455202771,
  "fber": 260.45989990234375,
  "fd_mean": 0.09893242253425626,
  "fd_num": 12,
  "fd_perc": 8.0,
  "fwhm_avg": 2.555064121212121,
  "fwhm_x": 2.452468,
  "fwhm_y": 2.635728,
  "fwhm_z": 2.5769963636363635,
  "gcor": 0.0309931,
  "gsr_x": -0.025202397257089615,
  "gsr_y": 0.08928780257701874,
  "provenance": {
    "md5sum": "cc02ba54ce87cc20e877dcc026495a50",
    "settings": {
      "fd_thres": 0.2,
      "testing": false
    },
    "software": "mriqc",
    "version": "22.0.0rc1",
    "webapi_port": null,
    "webapi_url": "https://mriqc.nimh.nih.gov/api/v1"
  },
  "size_t": 150,
  "size_x": 76,
  "size_y": 76,
  "size_z": 45,
  "snr": 2.934134744220626,
  "spacing_tr": 3.0,
  "spacing_x": 2.5,
  "spacing_y": 2.5,
  "spacing_z": 2.75,
  "summary_bg_k": 29.788267516871088,
  "summary_bg_mad": 6.760668152429851,
  "summary_bg_mean": 64.44536590576172,
  "summary_bg_median": 38.48666763305664,
  "summary_bg_n": 144745.0,
  "summary_bg_p05": 32.746665954589844,
  "summary_bg_p95": 194.4600067138668,
  "summary_bg_stdv": 71.48553466796875,
  "summary_fg_k": 1.757884567250274,
  "summary_fg_mad": 191.22111867944255,
  "summary_fg_mean": 671.39697265625,
  "summary_fg_median": 631.75,
  "summary_fg_n": 64428.0,
  "summary_fg_p05": 391.9203369140625,
  "summary_fg_p95": 1079.6199951171875,
  "summary_fg_stdv": 215.30882263183594,
  "tsnr": 45.687699092086405
}