{
  "bids_meta": {
    "AcquisitionMatrixPE": 240,
    "AcquisitionNumber": 1,
    "AcquisitionTime": "14:28:33.960000",
    "BaseResolution": 256,
    "BodyPartExamined": "BRAIN",
    "ConsistencyInfo": "N4_VE11C_LATEST_20160120",
    "ConversionSoftware": "dcm2niix",
    "ConversionSoftwareVersion": "v1.0.20180622 (JP2:OpenJPEG) GCC6.1.0",
    "DeviceSerialNumber": "167001",
    "DwellTime": 8.1e-06,
    "EchoTime": 0.00291,
    "ImageComments": "DENOISED_IMAGE_(lambda_=_1)",
    "ImageOrientationPatientDICOM": [
      0.0771625,
      0.991713,
      0.102718,
      -0.0302323,
      0.105305,
      -0.99398
    ],
    "ImageType": [
      "DERIVED",
      "PRIMARY",
      "M",
      "UNI",
      "DIS3D",
      "DIS2D"
    ],
    "InPlanePhaseEncodingDirectionDICOM": "ROW",
    "InstitutionAddress": "Cooper_60_St._Lucia_QLD_AU_4072",
    "InstitutionName": "St_Lucia_Campus",
    "InstitutionalDepartmentName": "Gehrmann_Labs_MRI",
    "MRAcquisitionType": "3D",
    "MagneticFieldStrength": 3,
    "Manufacturer": "Siemens",
    "ManufacturersModelName": "Prisma_fit",
    "Modality": "MR",
    "ParallelReductionFactorInPlane": 3,
    "PartialFourier": 0.75,
    "PatientPosition": "HFS",
    "PercentPhaseFOV": 93.75,
    "PhaseEncodingSteps": 181,
    "PhaseResolution": 1,
    "PixelBandwidth": 240,
    "ProcedureStepDescription": "Research_16004_CMN",
    "ProtocolName": "MP2RAGE_wip900C_VE11C",
    "PulseSequenceDetails": "%CustomerSeq%_tfl_wip900C_VE11C",
    "RawImage": true,
    "ReceiveCoilActiveElements": "HC1-7;NC1,2",
    "ReceiveCoilName": "HeadNeck_64",
    "ReconMatrixPE": 256,
    "RepetitionTime": 4,
    "SAR": 0.0459485,
    "ScanOptions": "IR_PFP",
    "ScanningSequence": "GR_IR",
    "SequenceName": "tfl3d1_16ns",
    "SequenceVariant": "SK_SP_MP",
    "SeriesDescription": "MP2RAGE_wip900C_VE11C_UNI-DEN",
    "SeriesNumber": 8,
    "ShimSetting": [
      3050,
      -4135,
      -823,
      276,
      75,
      -207,
      42,
      -23
    ],
    "SliceThickness": 1,
    "SoftwareVersions": "syngo_MR_E11",
    "StationName": "mrc_Trio",
    "TxRefAmp": 232.578,
    "dataset": "ds001748",
    "modality": "T1w",
    "subject_id": "teen15"
  },
  "cjv": 0.38098454343693894,
  "cnr": 3.3072929692151476,
  "efc": 0.6266843441064605,
  "fber": 37687.515625,
  "fwhm_avg": 4.022131267329331,
  "fwhm_x": 3.9912235684319453,
  "fwhm_y": 4.15675,
  "fwhm_z": 3.918420233556046,
  "icvs_csf": 0.1785661324087309,
  "icvs_gm": 0.42805787377404025,
  "icvs_wm": 0.3933759938172289,
  "inu_med": 0.9251508712768555,
  "inu_range": 0.22019346058368672,
  "provenance": {
    "md5sum": "078641aff3e4e0c751ea910fac019b51",
    "settings": {
      "testing": false
    },
    "software": "mriqc",
    "version": "22.0.0rc1",
    "warnings": {
      "large_rot_frame": true,
      "small_air_mask": false
    },
    "webapi_port": null,
    "webapi_url": "https://mriqc.nimh.nih.gov/api/v1"
  },
  "qi_1": 0.04609028948631386,
  "qi_2": 0.0001394056426337226,
  "rpve_csf": 20.664770093631223,
  "rpve_gm": 9.15286188641093,
  "rpve_wm": 11.706833094171387,
  "size_x": 176,
  "size_y": 240,
  "size_z": 256,
  "snr_csf": 2.2175098592290796,
  "snr_gm": 10.670464982200539,
  "snr_total": 9.179400938612684,
  "snr_wm": 14.650227974408432,
  "snrd_csf": 108.73704211251048,
  "snrd_gm": 231.48062740134466,
  "snrd_total": 227.22951765912876,
  "snrd_wm": 341.47088346353115,
  "spacing_x": 0.9999991059303284,
  "spacing_y": 1.0,
  "spacing_z": 0.9999999403953552,
  "summary_bg_k": 203.69603230446816,
  "summary_bg_mad": 0.9186023925111885,
  "summary_bg_mean": 5.866390228271484,
  "summary_bg_median": 0.9273300170898438,
  "summary_bg_n": 1936767.0,
  "summary_bg_p05": 0.0,
  "summary_bg_p95": 18.298859214782713,
  "summary_bg_stdv": 28.111953735351562,
  "summary_csf_k": 4.297175680966029,
  "summary_csf_mad": 142.10485270339296,
  "summary_csf_mean": 308.9704895019531,
  "summary_csf_median": 318.44232177734375,
  "summary_csf_n": 19187.0,
  "summary_csf_p05": 71.6346664428711,
  "summary_csf_p95": 509.5159851074219,
  "summary_csf_stdv": 143.59982299804688,
  "summary_gm_k": -0.06536269759891367,
  "summary_gm_mad": 64.13738645108963,
  "summary_gm_mean": 676.2586669921875,
  "summary_gm_median": 677.903564453125,
  "summary_gm_n": 53876.0,
  "summary_gm_p05": 569.4264221191406,
  "summary_gm_p95": 778.0631713867188,
  "summary_gm_stdv": 63.53024673461914,
  "summary_wm_k": 0.4520551506066077,
  "summary_wm_mad": 58.5824693926,
  "summary_wm_mean": 1013.3823852539062,
  "summary_wm_median": 1000.0159912109375,
  "summary_wm_n": 278834.0,
  "summary_wm_p05": 924.8688842773438,
  "summary_wm_p95": 1153.9640563964842,
  "summary_wm_stdv": 68.25929260253906,
  "tpm_overlap_csf": 0.11245543509721756,
  "tpm_overlap_gm": 0.38237208127975464,
  "tpm_overlap_wm": 0.3917366564273834,
  "wm2max": 0.805323674690441
}