{
  "aor": 0.0018806,
  "aqi": 0.005773070466666667,
  "bids_meta": {
    "AcquisitionMatrixPE": 76,
    "AcquisitionNumber": 1,
    "AcquisitionTime": "14:33:8.692500",
    "BandwidthPerPixelPhaseEncode": 23.084,
    "BaseResolution": 76,
    "BodyPartExamined": "BRAIN",
    "ConsistencyInfo": "N4_VE11C_LATEST_20160120",
    "ConversionSoftware": "dcm2niix",
    "ConversionSoftwareVersion": "v1.0.20180622 (JP2:OpenJPEG) GCC6.1.0",
    "DerivedVendorReportedEchoSpacing": 0.000570001,
    "DeviceSerialNumber": "167001",
    "DwellTime": 3.3e-06,
    "EchoTime": 0.03,
    "EchoTrainLength": 76,
    "EffectiveEchoSpacing": 0.000570001,
    "FlipAngle": 90,
    "ImageOrientationPatientDICOM": [
      0.998604,
      -0.00965011,
      -0.0519301,
      -0.00191719,
      0.975898,
      -0.218217
    ],
    "ImageType": [
      "ORIGINAL",
      "PRIMARY",
      "M",
      "ND",
      "MOSAIC"
    ],
    "InPlanePhaseEncodingDirectionDICOM": "COL",
    "InstitutionAddress": "Cooper_60_St._Lucia_QLD_AU_4072",
    "InstitutionName": "St_Lucia_Campus",
    "InstitutionalDepartmentName": "Gehrmann_Labs_MRI",
    "MRAcquisitionType": "2D",
    "MagneticFieldStrength": 3,
    "Manufacturer": "Siemens",
    "ManufacturersModelName": "Prisma_fit",
    "Modality": "MR",
    "PartialFourier": 1,
    "PatientPosition": "HFS",
    "PercentPhaseFOV": 100,
    "PhaseEncodingDirection": "j-",
    "PhaseEncodingSteps": 76,
    "PhaseResolution": 1,
    "PixelBandwidth": 1995,
    "ProcedureStepDescription": "Research_16004_CMN",
    "ProtocolName": "ep2d_bold_SEM",
    "PulseSequenceDetails": "%SiemensSeq%_ep2d_bold",
    "ReceiveCoilActiveElements": "HC1-7;NC1,2",
    "ReceiveCoilName": "HeadNeck_64",
    "ReconMatrixPE": 76,
    "RepetitionTime": 3,
    "SAR": 0.0793825,
    "ScanOptions": "FS",
    "ScanningSequence": "EP",
    "SequenceName": "_epfid2d1_76",
    "SequenceVariant": "SK",
    "SeriesDescription": "ep2d_bold_SEM",
    "SeriesNumber": 10,
    "ShimSetting": [
      3023,
      -4042,
      -837,
      435,
      -12,
      183,
      -299,
      11
    ],
    "SliceThickness": 2.5,
    "SliceTiming": [
      0,
      1.525,
      0.0675,
      1.59,
      0.1325,
      1.6575,
      0.2,
      1.7225,
      0.265,
      1.79,
      0.3325,
      1.855,
      0.3975,
      1.9225,
      0.465,
      1.9875,
      0.53,
      2.055,
      0.5975,
      2.12,
      0.6625,
      2.1875,
      0.73,
      2.2525,
      0.795,
      2.3175,
      0.8625,
      2.385,
      0.9275,
      2.45,
      0.995,
      2.5175,
      1.06,
      2.5825,
      1.1275,
      2.65,
      1.1925,
      2.715,
      1.26,
      2.7825,
      1.325,
      2.8475,
      1.3925,
      2.915,
      1.4575
    ],
    "SoftwareVersions": "syngo_MR_E11",
    "SpacingBetweenSlices": 2.75,
    "StationName": "mrc_Trio",
    "TaskName": "semantic",
    "TotalReadoutTime": 0.04275,
    "TxRefAmp": 215.093,
    "dataset": "ds001748",
    "modality": "bold",
    "subject_id": "teen18",
    "task_id": "semantic"
  },
  "dummy_trs": 0,
  "dvars_nstd": 23.343958848657717,
  "dvars_std": 1.0760860703355701,
  "dvars_vstd": 0.9228980202013423,
  "efc": 0.5967085485595963,
  "fber": 161.82281494140625,
  "fd_mean": 0.10302421919559374,
  "fd_num": 16,
  "fd_perc": 10.666666666666666,
  "fwhm_avg": 2.902499393939394,
  "fwhm_x": 2.7847560000000002,
  "fwhm_y": 3.011964,
  "fwhm_z": 2.910778181818182,
  "gcor": 0.0213587,
  "gsr_x": -0.007413793355226517,
  "gsr_y": 0.04921304062008858,
  "provenance": {
    "md5sum": "998dc8c249324848f11b95ac0c253aaf",
    "settings": {
      "fd_thres": 0.2,
      "testing": false
    },
    "software": "mriqc",
    "version": "22.0.0rc1",
    "webapi_port": null,
    "webapi_url": "https://mriqc.nimh.nih.gov/api/v1"
  },
  "size_t": 150,
  "size_x": 76,
  "size_y": 76,
  "size_z": 45,
  "snr": 2.5454434742331125,
  "spacing_tr": 3.0,
  "spacing_x": 2.5,
  "spacing_y": 2.5,
  "spacing_z": 2.75,
  "summary_bg_k": 33.09238991196496,
  "summary_bg_mad": 7.076961979753482,
  "summary_bg_mean": 101.83763122558594,
  "summary_bg_median": 67.95333862304688,
  "summary_bg_n": 150531.0,
  "summary_bg_p05": 59.853336334228516,
  "summary_bg_p95": 276.2966766357422,
  "summary_bg_stdv": 105.2493896484375,
  "summary_fg_k": 1.25189590099962,
  "summary_fg_mad": 317.60798080985165,
  "summary_fg_mean": 952.4168701171875,
  "summary_fg_median": 888.0366821289062,
  "summary_fg_n": 57278.0,
  "summary_fg_p05": 512.0150161743164,
  "summary_fg_p95": 1634.3147460937496,
  "summary_fg_stdv": 348.8700256347656,
  "tsnr": 51.61275573482271
}