{
  "aor": 0.0015079333333333335,
  "aqi": 0.003626994400000001,
  "bids_meta": {
    "AcquisitionMatrixPE": 76,
    "AcquisitionNumber": 1,
    "AcquisitionTime": "14:41:14.755000",
    "BandwidthPerPixelPhaseEncode": 23.084,
    "BaseResolution": 76,
    "BodyPartExamined": "BRAIN",
    "ConsistencyInfo": "N4_VE11C_LATEST_20160120",
    "ConversionSoftware": "dcm2niix",
    "ConversionSoftwareVersion": "v1.0.20180622 (JP2:OpenJPEG) GCC6.1.0",
    "DerivedVendorReportedEchoSpacing": 0.000570001,
    "DeviceSerialNumber": "167001",
    "DwellTime": 3.3e-06,
    "EchoTime": 0.03,
    "EchoTrainLength": 76,
    "EffectiveEchoSpacing": 0.000570001,
    "FlipAngle": 90,
    "ImageOrientationPatientDICOM": [
      0.998604,
      -0.00965011,
      -0.0519301,
      -0.00191719,
      0.975898,
      -0.218217
    ],
    "ImageType": [
      "ORIGINAL",
      "PRIMARY",
      "M",
      "ND",
      "MOSAIC"
    ],
    "InPlanePhaseEncodingDirectionDICOM": "COL",
    "InstitutionAddress": "Cooper_60_St._Lucia_QLD_AU_4072",
    "InstitutionName": "St_Lucia_Campus",
    "InstitutionalDepartmentName": "Gehrmann_Labs_MRI",
    "MRAcquisitionType": "2D",
    "MagneticFieldStrength": 3,
    "Manufacturer": "Siemens",
    "ManufacturersModelName": "Prisma_fit",
    "Modality": "MR",
    "PartialFourier": 1,
    "PatientPosition": "HFS",
    "PercentPhaseFOV": 100,
    "PhaseEncodingDirection": "j-",
    "PhaseEncodingSteps": 76,
    "PhaseResolution": 1,
    "PixelBandwidth": 1995,
    "ProcedureStepDescription": "Research_16004_CMN",
    "ProtocolName": "ep2d_bold_EPI",
    "PulseSequenceDetails": "%SiemensSeq%_ep2d_bold",
    "ReceiveCoilActiveElements": "HC1-7;NC1,2",
    "ReceiveCoilName": "HeadNeck_64",
    "ReconMatrixPE": 76,
    "RepetitionTime": 3,
    "SAR": 0.0793825,
    "ScanOptions": "FS",
    "ScanningSequence": "EP",
    "SequenceName": "_epfid2d1_76",
    "SequenceVariant": "SK",
    "SeriesDescription": "ep2d_bold_EPI",
    "SeriesNumber": 11,
    "ShimSetting": [
      3023,
      -4042,
      -837,
      435,
      -12,
      183,
      -299,
      11
    ],
    "SliceThickness": 2.5,
    "SliceTiming": [
      0,
      1.525,
      0.0675,
      1.59,
      0.1325,
      1.6575,
      0.2,
      1.7225,
      0.265,
      1.79,
      0.3325,
      1.855,
      0.3975,
      1.9225,
      0.465,
      1.9875,
      0.53,
      2.055,
      0.5975,
      2.12,
      0.6625,
      2.1875,
      0.73,
      2.2525,
      0.795,
      2.32,
      0.8625,
      2.385,
      0.9275,
      2.45,
      0.995,
      2.5175,
      1.06,
      2.5825,
      1.1275,
      2.65,
      1.1925,
      2.715,
      1.26,
      2.7825,
      1.325,
      2.8475,
      1.3925,
      2.915,
      1.4575
    ],
    "SoftwareVersions": "syngo_MR_E11",
    "SpacingBetweenSlices": 2.75,
    "StationName": "mrc_Trio",
    "TaskName": "episodic",
    "TotalReadoutTime": 0.04275,
    "TxRefAmp": 215.093,
    "dataset": "ds001748",
    "modality": "bold",
    "subject_id": "teen18",
    "task_id": "episodic"
  },
  "dummy_trs": 0,
  "dvars_nstd": 24.495970515033555,
  "dvars_std": 1.1943639836241609,
  "dvars_vstd": 0.9804583638255032,
  "efc": 0.5971297279885966,
  "fber": 163.30667114257812,
  "fd_mean": 0.10834295893185389,
  "fd_num": 17,
  "fd_perc": 11.333333333333334,
  "fwhm_avg": 2.895936484848485,
  "fwhm_x": 2.790416,
  "fwhm_y": 2.991168,
  "fwhm_z": 2.9062254545454547,
  "gcor": 0.0267684,
  "gsr_x": -0.007144589442759752,
  "gsr_y": 0.05044272914528847,
  "provenance": {
    "md5sum": "127486bc3e8f5f6584eccc21330da9b4",
    "settings": {
      "fd_thres": 0.2,
      "testing": false
    },
    "software": "mriqc",
    "version": "22.0.0rc1",
    "webapi_port": null,
    "webapi_url": "https://mriqc.nimh.nih.gov/api/v1"
  },
  "size_t": 150,
  "size_x": 76,
  "size_y": 76,
  "size_z": 45,
  "snr": 2.544889040564229,
  "spacing_tr": 3.0,
  "spacing_x": 2.5,
  "spacing_y": 2.5,
  "spacing_z": 2.75,
  "summary_bg_k": 33.62683208311868,
  "summary_bg_mad": 5.831570234303002,
  "summary_bg_mean": 102.15492248535156,
  "summary_bg_median": 67.62667083740234,
  "summary_bg_n": 150581.0,
  "summary_bg_p05": 61.61333465576172,
  "summary_bg_p95": 277.52001953125,
  "summary_bg_stdv": 106.03363800048828,
  "summary_fg_k": 1.2205092993376816,
  "summary_fg_mad": 317.9589043574203,
  "summary_fg_mean": 950.6741333007812,
  "summary_fg_median": 887.1533813476562,
  "summary_fg_n": 57129.0,
  "summary_fg_p05": 511.2760070800781,
  "summary_fg_p95": 1634.8453857421875,
  "summary_fg_stdv": 348.59893798828125,
  "tsnr": 64.06489093531854
}