{
  "aor": 0.002111621621621622,
  "aqi": 0.003413079189189189,
  "bids_meta": {
    "AcquisitionMatrixPE": 76,
    "AcquisitionNumber": 1,
    "AcquisitionTime": "14:25:7.607500",
    "BandwidthPerPixelPhaseEncode": 23.084,
    "BaseResolution": 76,
    "BodyPartExamined": "BRAIN",
    "ConsistencyInfo": "N4_VE11C_LATEST_20160120",
    "ConversionSoftware": "dcm2niix",
    "ConversionSoftwareVersion": "v1.0.20180622 (JP2:OpenJPEG) GCC6.1.0",
    "DerivedVendorReportedEchoSpacing": 0.000570001,
    "DeviceSerialNumber": "167001",
    "DwellTime": 3.3e-06,
    "EchoTime": 0.03,
    "EchoTrainLength": 76,
    "EffectiveEchoSpacing": 0.000570001,
    "FlipAngle": 90,
    "ImageOrientationPatientDICOM": [
      0.998604,
      -0.00965011,
      -0.0519301,
      -0.00191719,
      0.975898,
      -0.218217
    ],
    "ImageType": [
      "ORIGINAL",
      "PRIMARY",
      "M",
      "ND",
      "MOSAIC"
    ],
    "InPlanePhaseEncodingDirectionDICOM": "COL",
    "InstitutionAddress": "Cooper_60_St._Lucia_QLD_AU_4072",
    "InstitutionName": "St_Lucia_Campus",
    "InstitutionalDepartmentName": "Gehrmann_Labs_MRI",
    "MRAcquisitionType": "2D",
    "MagneticFieldStrength": 3,
    "Manufacturer": "Siemens",
    "ManufacturersModelName": "Prisma_fit",
    "Modality": "MR",
    "PartialFourier": 1,
    "PatientPosition": "HFS",
    "PercentPhaseFOV": 100,
    "PhaseEncodingDirection": "j-",
    "PhaseEncodingSteps": 76,
    "PhaseResolution": 1,
    "PixelBandwidth": 1995,
    "ProcedureStepDescription": "Research_16004_CMN",
    "ProtocolName": "ep2d_bold_AUTO",
    "PulseSequenceDetails": "%SiemensSeq%_ep2d_bold",
    "ReceiveCoilActiveElements": "HC1-7;NC1,2",
    "ReceiveCoilName": "HeadNeck_64",
    "ReconMatrixPE": 76,
    "RepetitionTime": 3,
    "SAR": 0.0793825,
    "ScanOptions": "FS",
    "ScanningSequence": "EP",
    "SequenceName": "_epfid2d1_76",
    "SequenceVariant": "SK",
    "SeriesDescription": "ep2d_bold_AUTO",
    "SeriesNumber": 9,
    "ShimSetting": [
      3023,
      -4042,
      -837,
      435,
      -12,
      183,
      -299,
      11
    ],
    "SliceThickness": 2.5,
    "SliceTiming": [
      0,
      1.5225,
      0.0675,
      1.59,
      0.1325,
      1.655,
      0.2,
      1.7225,
      0.265,
      1.7875,
      0.3325,
      1.855,
      0.3975,
      1.92,
      0.465,
      1.9875,
      0.53,
      2.0525,
      0.5975,
      2.12,
      0.6625,
      2.185,
      0.73,
      2.2525,
      0.795,
      2.3175,
      0.8625,
      2.385,
      0.9275,
      2.45,
      0.9925,
      2.5175,
      1.06,
      2.5825,
      1.125,
      2.65,
      1.1925,
      2.715,
      1.2575,
      2.7825,
      1.325,
      2.8475,
      1.39,
      2.915,
      1.4575
    ],
    "SoftwareVersions": "syngo_MR_E11",
    "SpacingBetweenSlices": 2.75,
    "StationName": "mrc_Trio",
    "TaskName": "autobio",
    "TotalReadoutTime": 0.04275,
    "TxRefAmp": 215.093,
    "dataset": "ds001748",
    "modality": "bold",
    "subject_id": "teen18",
    "task_id": "autobio"
  },
  "dummy_trs": 2,
  "dvars_nstd": 21.86489427632654,
  "dvars_std": 1.1359358025170074,
  "dvars_vstd": 0.9669647676190481,
  "efc": 0.5966763628618486,
  "fber": 164.49229431152344,
  "fd_mean": 0.10024111603762391,
  "fd_num": 11,
  "fd_perc": 7.4324324324324325,
  "fwhm_avg": 2.912813575757576,
  "fwhm_x": 2.817288,
  "fwhm_y": 3.0084,
  "fwhm_z": 2.9127527272727276,
  "gcor": 0.0216981,
  "gsr_x": -0.006733935326337814,
  "gsr_y": 0.04977231100201607,
  "provenance": {
    "md5sum": "46455ed5c02b35b06d82258ab58ba8e7",
    "settings": {
      "fd_thres": 0.2,
      "testing": false
    },
    "software": "mriqc",
    "version": "22.0.0rc1",
    "webapi_port": null,
    "webapi_url": "https://mriqc.nimh.nih.gov/api/v1"
  },
  "size_t": 148,
  "size_x": 76,
  "size_y": 76,
  "size_z": 45,
  "snr": 2.54265280082991,
  "spacing_tr": 3.0,
  "spacing_x": 2.5,
  "spacing_y": 2.5,
  "spacing_z": 2.75,
  "summary_bg_k": 34.3606128099345,
  "summary_bg_mad": 5.720040251740248,
  "summary_bg_mean": 101.00182342529297,
  "summary_bg_median": 67.47972869873047,
  "summary_bg_n": 150540.0,
  "summary_bg_p05": 61.2094612121582,
  "summary_bg_p95": 271.406100463867,
  "summary_bg_stdv": 103.88540649414062,
  "summary_fg_k": 1.1696083034022413,
  "summary_fg_mad": 319.72614556996336,
  "summary_fg_mean": 947.1641235351562,
  "summary_fg_median": 885.2770385742188,
  "summary_fg_n": 57420.0,
  "summary_fg_p05": 503.39055480957035,
  "summary_fg_p95": 1625.60718383789,
  "summary_fg_stdv": 348.1676025390625,
  "tsnr": 68.41607374604791
}