{
  "bids_meta": {
    "AcquisitionMatrixPE": 240,
    "AcquisitionNumber": 1,
    "AcquisitionTime": "14:03:27.975000",
    "BaseResolution": 256,
    "BodyPartExamined": "BRAIN",
    "ConsistencyInfo": "N4_VE11C_LATEST_20160120",
    "ConversionSoftware": "dcm2niix",
    "ConversionSoftwareVersion": "v1.0.20180622 (JP2:OpenJPEG) GCC6.1.0",
    "DeviceSerialNumber": "167001",
    "DwellTime": 8.1e-06,
    "EchoTime": 0.00291,
    "ImageComments": "DENOISED_IMAGE_(lambda_=_1)",
    "ImageOrientationPatientDICOM": [
      0.060754,
      0.998088,
      -0.0113417,
      -0.0226517,
      -0.00998109,
      -0.999694
    ],
    "ImageType": [
      "DERIVED",
      "PRIMARY",
      "M",
      "UNI",
      "DIS3D",
      "DIS2D"
    ],
    "InPlanePhaseEncodingDirectionDICOM": "ROW",
    "InstitutionAddress": "Cooper_60_St._Lucia_QLD_AU_4072",
    "InstitutionName": "St_Lucia_Campus",
    "InstitutionalDepartmentName": "Gehrmann_Labs_MRI",
    "MRAcquisitionType": "3D",
    "MagneticFieldStrength": 3,
    "Manufacturer": "Siemens",
    "ManufacturersModelName": "Prisma_fit",
    "Modality": "MR",
    "ParallelReductionFactorInPlane": 3,
    "PartialFourier": 0.75,
    "PatientPosition": "HFS",
    "PercentPhaseFOV": 93.75,
    "PhaseEncodingSteps": 181,
    "PhaseResolution": 1,
    "PixelBandwidth": 240,
    "ProcedureStepDescription": "Research_16004_CMN",
    "ProtocolName": "MP2RAGE_wip900C_VE11C",
    "PulseSequenceDetails": "%CustomerSeq%_tfl_wip900C_VE11C",
    "RawImage": true,
    "ReceiveCoilActiveElements": "HC1-7;NC1,2",
    "ReceiveCoilName": "HeadNeck_64",
    "ReconMatrixPE": 256,
    "RepetitionTime": 4,
    "SAR": 0.0482042,
    "ScanOptions": "IR_PFP",
    "ScanningSequence": "GR_IR",
    "SequenceName": "tfl3d1_16ns",
    "SequenceVariant": "SK_SP_MP",
    "SeriesDescription": "MP2RAGE_wip900C_VE11C_UNI-DEN",
    "SeriesNumber": 8,
    "ShimSetting": [
      3035,
      -4127,
      -866,
      364,
      9,
      -337,
      67,
      41
    ],
    "SliceThickness": 1,
    "SoftwareVersions": "syngo_MR_E11",
    "StationName": "mrc_Trio",
    "TxRefAmp": 212.154,
    "dataset": "ds001748",
    "modality": "T1w",
    "subject_id": "teen10"
  },
  "cjv": 0.27248041389147504,
  "cnr": 4.796899307427972,
  "efc": 0.5397529598838942,
  "fber": 785160.8125,
  "fwhm_avg": 3.8900787541796586,
  "fwhm_x": 3.891406262538975,
  "fwhm_y": 4.13719,
  "fwhm_z": 3.64164,
  "icvs_csf": 0.1815802508083203,
  "icvs_gm": 0.44937756182180405,
  "icvs_wm": 0.36904218736987565,
  "inu_med": 0.754143476486206,
  "inu_range": 0.1783215641975403,
  "provenance": {
    "md5sum": "d0ac4eeb65f3e5a1fc0eea99a5ffac61",
    "settings": {
      "testing": false
    },
    "software": "mriqc",
    "version": "22.0.0rc1",
    "warnings": {
      "large_rot_frame": true,
      "small_air_mask": false
    },
    "webapi_port": null,
    "webapi_url": "https://mriqc.nimh.nih.gov/api/v1"
  },
  "qi_1": 0.0050883838031412325,
  "qi_2": 0.0004137092170607254,
  "rpve_csf": 23.589147867795848,
  "rpve_gm": 10.594149627691788,
  "rpve_wm": 16.03367603531509,
  "size_x": 176,
  "size_y": 240,
  "size_z": 256,
  "snr_csf": 0.9425576448423898,
  "snr_gm": 9.70813437848819,
  "snr_total": 13.58153799865993,
  "snr_wm": 30.093921972649216,
  "snrd_csf": 86.66524686316126,
  "snrd_gm": 242.25090296271262,
  "snrd_total": 235.2859529454215,
  "snrd_wm": 376.9417090103907,
  "spacing_x": 0.9999983906745911,
  "spacing_y": 1.0,
  "spacing_z": 1.0,
  "summary_bg_k": 385.83847300081953,
  "summary_bg_mad": 0.738028459651161,
  "summary_bg_mean": 2.1996586322784424,
  "summary_bg_median": 0.49779263138771057,
  "summary_bg_n": 2608613.0,
  "summary_bg_p05": 0.0,
  "summary_bg_p95": 8.411574363708489,
  "summary_bg_stdv": 7.899122714996338,
  "summary_csf_k": 4.017105122039707,
  "summary_csf_mad": 185.96880305031587,
  "summary_csf_mean": 280.37188720703125,
  "summary_csf_median": 229.91650390625,
  "summary_csf_n": 9579.0,
  "summary_csf_p05": 48.51418113708496,
  "summary_csf_p95": 1034.1018920898437,
  "summary_csf_stdv": 243.91558837890625,
  "summary_gm_k": -0.18256396186027724,
  "summary_gm_mad": 67.56952371570635,
  "summary_gm_mean": 639.2803955078125,
  "summary_gm_median": 642.6737670898438,
  "summary_gm_n": 59795.0,
  "summary_gm_p05": 524.3170166015625,
  "summary_gm_p95": 742.383740234375,
  "summary_gm_stdv": 66.19895935058594,
  "summary_wm_k": 1.0600385668360133,
  "summary_wm_mad": 29.794476980703337,
  "summary_wm_mean": 998.349365234375,
  "summary_wm_median": 999.99853515625,
  "summary_wm_n": 205490.0,
  "summary_wm_p05": 940.8020324707031,
  "summary_wm_p95": 1050.2507934570312,
  "summary_wm_stdv": 33.22917175292969,
  "tpm_overlap_csf": 0.1733456701040268,
  "tpm_overlap_gm": 0.4346520006656647,
  "tpm_overlap_wm": 0.4989961087703705,
  "wm2max": 0.9130266184191976
}