{
  "aor": 0.0011313333333333331,
  "aqi": 0.0027381265333333332,
  "bids_meta": {
    "AcquisitionMatrixPE": 76,
    "AcquisitionNumber": 1,
    "AcquisitionTime": "14:54:18.867500",
    "BandwidthPerPixelPhaseEncode": 23.084,
    "BaseResolution": 76,
    "ConversionSoftware": "dcm2niix",
    "ConversionSoftwareVersion": "v1.0.20180622 (JP2:OpenJPEG) GCC6.1.0",
    "DerivedVendorReportedEchoSpacing": 0.000570001,
    "DeviceSerialNumber": "35410",
    "DwellTime": 3.3e-06,
    "EchoTime": 0.03,
    "EffectiveEchoSpacing": 0.000570001,
    "FlipAngle": 90,
    "ImageOrientationPatientDICOM": [
      0.999999,
      0.000334261,
      0.000965135,
      -6.98774e-08,
      0.944955,
      -0.3272
    ],
    "ImageType": [
      "ORIGINAL",
      "PRIMARY",
      "M",
      "ND",
      "MOSAIC"
    ],
    "InPlanePhaseEncodingDirectionDICOM": "COL",
    "InstitutionAddress": "Cooper_60_St._Lucia_QLD_AU_4072",
    "InstitutionName": "St_Lucia_Campus",
    "InstitutionalDepartmentName": "Gehrmann_Labs_MRI",
    "MRAcquisitionType": "2D",
    "MagneticFieldStrength": 3,
    "Manufacturer": "Siemens",
    "ManufacturersModelName": "TrioTim",
    "Modality": "MR",
    "PartialFourier": 1,
    "PatientPosition": "HFS",
    "PercentPhaseFOV": 100,
    "PhaseEncodingDirection": "j-",
    "PhaseEncodingSteps": 76,
    "PhaseResolution": 1,
    "PixelBandwidth": 1994,
    "ProcedureStepDescription": "Brain_-_UQ_fMRI",
    "ProtocolName": "EPI",
    "PulseSequenceDetails": "%SiemensSeq%_ep2d_pace",
    "ReceiveCoilName": "32Ch_Head",
    "ReconMatrixPE": 76,
    "RepetitionTime": 3,
    "SAR": 0.17548,
    "ScanOptions": "FS",
    "ScanningSequence": "EP",
    "SequenceName": "_epfid2d1_76",
    "SequenceVariant": "SK",
    "SeriesDescription": "EPI",
    "SeriesNumber": 4,
    "ShimSetting": [
      6819,
      -11358,
      -1992,
      941,
      113,
      -85,
      -76,
      30
    ],
    "SliceThickness": 2.5,
    "SliceTiming": [
      0,
      1.53,
      0.0675,
      1.5975,
      0.135,
      1.6625,
      0.2,
      1.73,
      0.2675,
      1.795,
      0.3325,
      1.8625,
      0.4,
      1.93,
      0.4675,
      1.995,
      0.5325,
      2.0625,
      0.6,
      2.1275,
      0.665,
      2.195,
      0.7325,
      2.2625,
      0.8,
      2.3275,
      0.865,
      2.395,
      0.9325,
      2.46,
      0.9975,
      2.5275,
      1.065,
      2.5925,
      1.13,
      2.66,
      1.1975,
      2.7275,
      1.265,
      2.7925,
      1.33,
      2.86,
      1.3975,
      2.925,
      1.4625
    ],
    "SoftwareVersions": "syngo_MR_B17",
    "SpacingBetweenSlices": 2.75,
    "StationName": "mrc_Trio",
    "TaskName": "episodic",
    "TotalReadoutTime": 0.04275,
    "TxRefAmp": 359.256,
    "dataset": "ds001748",
    "modality": "bold",
    "subject_id": "adult09",
    "task_id": "episodic"
  },
  "dummy_trs": 0,
  "dvars_nstd": 27.11104436550336,
  "dvars_std": 1.195195306510067,
  "dvars_vstd": 1.0081743261073823,
  "efc": 0.6299785356070503,
  "fber": 193.34329223632812,
  "fd_mean": 0.05630424327182706,
  "fd_num": 5,
  "fd_perc": 3.3333333333333335,
  "fwhm_avg": 3.013240363636364,
  "fwhm_x": 2.895852,
  "fwhm_y": 3.09236,
  "fwhm_z": 3.051509090909091,
  "gcor": 0.0324764,
  "gsr_x": -0.007593984715640545,
  "gsr_y": 0.08499202132225037,
  "provenance": {
    "md5sum": "b4cb15c2b7d4905a9ab35a05107d47ec",
    "settings": {
      "fd_thres": 0.2,
      "testing": false
    },
    "software": "mriqc",
    "version": "22.0.0rc1",
    "webapi_port": null,
    "webapi_url": "https://mriqc.nimh.nih.gov/api/v1"
  },
  "size_t": 150,
  "size_x": 76,
  "size_y": 76,
  "size_z": 45,
  "snr": 2.1652502224003785,
  "spacing_tr": 3.0,
  "spacing_x": 2.5,
  "spacing_y": 2.5,
  "spacing_z": 2.75,
  "summary_bg_k": 18.072532994758642,
  "summary_bg_mad": 14.005649032891968,
  "summary_bg_mean": 93.28893280029297,
  "summary_bg_median": 48.46666717529297,
  "summary_bg_n": 130287.0,
  "summary_bg_p05": 38.40666580200195,
  "summary_bg_p95": 321.05867919921866,
  "summary_bg_stdv": 112.40325164794922,
  "summary_fg_k": 3.9113319733457494,
  "summary_fg_mad": 256.4703663035533,
  "summary_fg_mean": 776.030517578125,
  "summary_fg_median": 703.5333251953125,
  "summary_fg_n": 72991.0,
  "summary_fg_p05": 398.2300109863281,
  "summary_fg_p95": 1409.0066528320312,
  "summary_fg_stdv": 324.9178771972656,
  "tsnr": 65.37954804673791
}