{
  "aor": 0.001477635135135135,
  "aqi": 0.0029934877702702703,
  "bids_meta": {
    "AcquisitionMatrixPE": 76,
    "AcquisitionNumber": 1,
    "AcquisitionTime": "14:38:6.347500",
    "BandwidthPerPixelPhaseEncode": 23.084,
    "BaseResolution": 76,
    "ConversionSoftware": "dcm2niix",
    "ConversionSoftwareVersion": "v1.0.20180622 (JP2:OpenJPEG) GCC6.1.0",
    "DerivedVendorReportedEchoSpacing": 0.000570001,
    "DeviceSerialNumber": "35410",
    "DwellTime": 3.3e-06,
    "EchoTime": 0.03,
    "EffectiveEchoSpacing": 0.000570001,
    "FlipAngle": 90,
    "ImageOrientationPatientDICOM": [
      0.999999,
      0.000334261,
      0.000965135,
      -6.98774e-08,
      0.944955,
      -0.3272
    ],
    "ImageType": [
      "ORIGINAL",
      "PRIMARY",
      "M",
      "ND",
      "MOSAIC"
    ],
    "InPlanePhaseEncodingDirectionDICOM": "COL",
    "InstitutionAddress": "Cooper_60_St._Lucia_QLD_AU_4072",
    "InstitutionName": "St_Lucia_Campus",
    "InstitutionalDepartmentName": "Gehrmann_Labs_MRI",
    "MRAcquisitionType": "2D",
    "MagneticFieldStrength": 3,
    "Manufacturer": "Siemens",
    "ManufacturersModelName": "TrioTim",
    "Modality": "MR",
    "PartialFourier": 1,
    "PatientPosition": "HFS",
    "PercentPhaseFOV": 100,
    "PhaseEncodingDirection": "j-",
    "PhaseEncodingSteps": 76,
    "PhaseResolution": 1,
    "PixelBandwidth": 1994,
    "ProcedureStepDescription": "Brain_-_UQ_fMRI",
    "ProtocolName": "AUTO",
    "PulseSequenceDetails": "%SiemensSeq%_ep2d_pace",
    "ReceiveCoilName": "32Ch_Head",
    "ReconMatrixPE": 76,
    "RepetitionTime": 3,
    "SAR": 0.17548,
    "ScanOptions": "FS",
    "ScanningSequence": "EP",
    "SequenceName": "_epfid2d1_76",
    "SequenceVariant": "SK",
    "SeriesDescription": "AUTO",
    "SeriesNumber": 2,
    "ShimSetting": [
      6819,
      -11358,
      -1992,
      941,
      113,
      -85,
      -76,
      30
    ],
    "SliceThickness": 2.5,
    "SliceTiming": [
      0,
      1.53,
      0.0675,
      1.595,
      0.1325,
      1.6625,
      0.2,
      1.7275,
      0.265,
      1.795,
      0.3325,
      1.8625,
      0.4,
      1.9275,
      0.465,
      1.995,
      0.5325,
      2.06,
      0.5975,
      2.1275,
      0.665,
      2.195,
      0.7325,
      2.26,
      0.7975,
      2.3275,
      0.865,
      2.3925,
      0.93,
      2.46,
      0.9975,
      2.5275,
      1.065,
      2.5925,
      1.13,
      2.66,
      1.1975,
      2.725,
      1.2625,
      2.7925,
      1.33,
      2.8575,
      1.395,
      2.925,
      1.4625
    ],
    "SoftwareVersions": "syngo_MR_B17",
    "SpacingBetweenSlices": 2.75,
    "StationName": "mrc_Trio",
    "TaskName": "autobio",
    "TotalReadoutTime": 0.04275,
    "TxRefAmp": 359.256,
    "dataset": "ds001748",
    "modality": "bold",
    "subject_id": "adult09",
    "task_id": "autobio"
  },
  "dummy_trs": 2,
  "dvars_nstd": 27.535490360204072,
  "dvars_std": 1.1524594155102033,
  "dvars_vstd": 0.987035656462585,
  "efc": 0.6289702936600607,
  "fber": 194.28189086914062,
  "fd_mean": 0.06559428939582584,
  "fd_num": 6,
  "fd_perc": 4.054054054054054,
  "fwhm_avg": 2.992998787878788,
  "fwhm_x": 2.86666,
  "fwhm_y": 3.0590599999999997,
  "fwhm_z": 3.0532763636363636,
  "gcor": 0.0128712,
  "gsr_x": -0.005650355480611324,
  "gsr_y": 0.08548517525196075,
  "provenance": {
    "md5sum": "7817fcc6ac9edc2a20379ec441d74833",
    "settings": {
      "fd_thres": 0.2,
      "testing": false
    },
    "software": "mriqc",
    "version": "22.0.0rc1",
    "webapi_port": null,
    "webapi_url": "https://mriqc.nimh.nih.gov/api/v1"
  },
  "size_t": 148,
  "size_x": 76,
  "size_y": 76,
  "size_z": 45,
  "snr": 2.19352085116211,
  "spacing_tr": 3.0,
  "spacing_x": 2.5,
  "spacing_y": 2.5,
  "spacing_z": 2.75,
  "summary_bg_k": 17.0616103861658,
  "summary_bg_mad": 14.2049325250614,
  "summary_bg_mean": 90.12662506103516,
  "summary_bg_median": 47.84459686279297,
  "summary_bg_n": 130641.0,
  "summary_bg_p05": 37.16891860961914,
  "summary_bg_p95": 306.50677490234375,
  "summary_bg_stdv": 106.67932891845703,
  "summary_fg_k": 3.7940354739019826,
  "summary_fg_mad": 250.85531806988075,
  "summary_fg_mean": 767.3395385742188,
  "summary_fg_median": 697.0,
  "summary_fg_n": 72604.0,
  "summary_fg_p05": 397.3533767700195,
  "summary_fg_p95": 1387.648681640625,
  "summary_fg_stdv": 317.7518005371094,
  "tsnr": 61.88969910796732
}