{
  "aor": 0.011640133333333334,
  "aqi": 0.009249176333333334,
  "bids_meta": {
    "AcquisitionMatrixPE": 76,
    "AcquisitionNumber": 1,
    "AcquisitionTime": "13:08:59.125000",
    "BandwidthPerPixelPhaseEncode": 23.084,
    "BaseResolution": 76,
    "ConversionSoftware": "dcm2niix",
    "ConversionSoftwareVersion": "v1.0.20180622 (JP2:OpenJPEG) GCC6.1.0",
    "DerivedVendorReportedEchoSpacing": 0.000570001,
    "DeviceSerialNumber": "35410",
    "DwellTime": 3.3e-06,
    "EchoTime": 0.03,
    "EffectiveEchoSpacing": 0.000570001,
    "FlipAngle": 90,
    "ImageOrientationPatientDICOM": [
      0.999976,
      0.000683103,
      0.00696619,
      -3.55833e-08,
      0.995227,
      -0.0975866
    ],
    "ImageType": [
      "ORIGINAL",
      "PRIMARY",
      "M",
      "ND",
      "MOSAIC"
    ],
    "InPlanePhaseEncodingDirectionDICOM": "COL",
    "InstitutionAddress": "Cooper_60_St._Lucia_QLD_AU_4072",
    "InstitutionName": "St_Lucia_Campus",
    "InstitutionalDepartmentName": "Gehrmann_Labs_MRI",
    "MRAcquisitionType": "2D",
    "MagneticFieldStrength": 3,
    "Manufacturer": "Siemens",
    "ManufacturersModelName": "TrioTim",
    "Modality": "MR",
    "PartialFourier": 1,
    "PatientPosition": "HFS",
    "PercentPhaseFOV": 100,
    "PhaseEncodingDirection": "j-",
    "PhaseEncodingSteps": 76,
    "PhaseResolution": 1,
    "PixelBandwidth": 1994,
    "ProcedureStepDescription": "Brain_-_UQ_fMRI",
    "ProtocolName": "AUTO",
    "PulseSequenceDetails": "%SiemensSeq%_ep2d_pace",
    "ReceiveCoilName": "32Ch_Head",
    "ReconMatrixPE": 76,
    "RepetitionTime": 3,
    "SAR": 0.216167,
    "ScanOptions": "FS",
    "ScanningSequence": "EP",
    "SequenceName": "_epfid2d1_76",
    "SequenceVariant": "SK",
    "SeriesDescription": "AUTO",
    "SeriesNumber": 7,
    "ShimSetting": [
      6853,
      -11340,
      -2208,
      762,
      80,
      -60,
      4,
      29
    ],
    "SliceThickness": 2.5,
    "SliceTiming": [
      0,
      1.53,
      0.0675,
      1.595,
      0.1325,
      1.6625,
      0.2,
      1.7275,
      0.265,
      1.795,
      0.3325,
      1.8625,
      0.4,
      1.9275,
      0.465,
      1.995,
      0.5325,
      2.06,
      0.5975,
      2.1275,
      0.665,
      2.1925,
      0.7325,
      2.26,
      0.7975,
      2.3275,
      0.865,
      2.3925,
      0.93,
      2.46,
      0.9975,
      2.525,
      1.0625,
      2.5925,
      1.13,
      2.66,
      1.1975,
      2.725,
      1.2625,
      2.7925,
      1.33,
      2.8575,
      1.395,
      2.925,
      1.4625
    ],
    "SoftwareVersions": "syngo_MR_B17",
    "SpacingBetweenSlices": 2.75,
    "StationName": "mrc_Trio",
    "TaskName": "autobio",
    "TotalReadoutTime": 0.04275,
    "TxRefAmp": 316.802,
    "dataset": "ds001748",
    "modality": "bold",
    "subject_id": "child10",
    "task_id": "autobio"
  },
  "dummy_trs": 0,
  "dvars_nstd": 31.471875504295298,
  "dvars_std": 1.0861906597986575,
  "dvars_vstd": 0.9885724955033561,
  "efc": 0.6161174460876071,
  "fber": 302.83929443359375,
  "fd_mean": 0.11800650918901029,
  "fd_num": 10,
  "fd_perc": 6.666666666666667,
  "fwhm_avg": 2.699281575757576,
  "fwhm_x": 2.623484,
  "fwhm_y": 2.7708079999999997,
  "fwhm_z": 2.7035527272727276,
  "gcor": 0.0482841,
  "gsr_x": -0.017265474423766136,
  "gsr_y": 0.05355048179626465,
  "provenance": {
    "md5sum": "ea601f4b98934d425d0819989bcc4fe0",
    "settings": {
      "fd_thres": 0.2,
      "testing": false
    },
    "software": "mriqc",
    "version": "22.0.0rc1",
    "webapi_port": null,
    "webapi_url": "https://mriqc.nimh.nih.gov/api/v1"
  },
  "size_t": 150,
  "size_x": 76,
  "size_y": 76,
  "size_z": 45,
  "snr": 3.14572256451139,
  "spacing_tr": 3.0,
  "spacing_x": 2.5,
  "spacing_y": 2.5,
  "spacing_z": 2.75,
  "summary_bg_k": 32.73085039773553,
  "summary_bg_mad": 7.551388581542355,
  "summary_bg_mean": 61.110008239746094,
  "summary_bg_median": 39.040000915527344,
  "summary_bg_n": 136053.0,
  "summary_bg_p05": 33.0533332824707,
  "summary_bg_p95": 167.87467041015614,
  "summary_bg_stdv": 64.78987884521484,
  "summary_fg_k": 1.1238642964608836,
  "summary_fg_mad": 213.06968390448438,
  "summary_fg_mean": 723.7509155273438,
  "summary_fg_median": 690.8400268554688,
  "summary_fg_n": 71656.0,
  "summary_fg_p05": 431.18333435058594,
  "summary_fg_p95": 1128.8133544921875,
  "summary_fg_stdv": 219.61097717285156,
  "tsnr": 41.89696219190955
}