{
  "bids_meta": {
    "AcquisitionMatrixPE": 240,
    "AcquisitionNumber": 1,
    "AcquisitionTime": "16:04:49.127500",
    "BaseResolution": 256,
    "ConversionSoftware": "dcm2niix",
    "ConversionSoftwareVersion": "v1.0.20180622 (JP2:OpenJPEG) GCC6.1.0",
    "DeviceSerialNumber": "35410",
    "DwellTime": 8.1e-06,
    "EchoTime": 0.00289,
    "ImageOrientationPatientDICOM": [
      0.0191973,
      0.999816,
      -3.6654e-08,
      -0.00348975,
      6.69695e-05,
      -0.999994
    ],
    "ImageType": [
      "ORIGINAL",
      "PRIMARY",
      "M",
      "ND",
      "UNI"
    ],
    "InPlanePhaseEncodingDirectionDICOM": "ROW",
    "InstitutionAddress": "Cooper_60_St._Lucia_QLD_AU_4072",
    "InstitutionName": "St_Lucia_Campus",
    "InstitutionalDepartmentName": "Gehrmann_Labs_MRI",
    "MRAcquisitionType": "3D",
    "MagneticFieldStrength": 3,
    "Manufacturer": "Siemens",
    "ManufacturersModelName": "TrioTim",
    "Modality": "MR",
    "ParallelReductionFactorInPlane": 3,
    "PartialFourier": 0.75,
    "PatientPosition": "HFS",
    "PercentPhaseFOV": 93.75,
    "PhaseEncodingSteps": 181,
    "PhaseResolution": 1,
    "PixelBandwidth": 241,
    "ProcedureStepDescription": "Brain_-_UQ_fMRI",
    "ProtocolName": "mp2rage",
    "PulseSequenceDetails": "%CustomerSeq%_mp2rage_wip820B17",
    "ReceiveCoilName": "32Ch_Head",
    "ReconMatrixPE": 256,
    "RepetitionTime": 4,
    "SAR": 0.122954,
    "ScanOptions": "IR_PFP",
    "ScanningSequence": "GR_IR",
    "SequenceName": "tfl3d1_ns",
    "SequenceVariant": "SP_MP",
    "SeriesDescription": "mp2rage_UNI-DEN",
    "SeriesNumber": 7,
    "ShimSetting": [
      6819,
      -11271,
      -2615,
      -89,
      20,
      1,
      -123,
      4
    ],
    "SliceThickness": 1,
    "SoftwareVersions": "syngo_MR_B17",
    "StationName": "mrc_Trio",
    "TxRefAmp": 322.408,
    "dataset": "ds001748",
    "modality": "T1w",
    "subject_id": "adult17"
  },
  "cjv": 0.29012118099129924,
  "cnr": 4.333961552670315,
  "efc": 0.49231492498268403,
  "fber": 3943.484130859375,
  "fwhm_avg": 3.768483800333508,
  "fwhm_x": 3.917481401000524,
  "fwhm_y": 4.11405,
  "fwhm_z": 3.27392,
  "icvs_csf": 0.23213075675502284,
  "icvs_gm": 0.39904423784783205,
  "icvs_wm": 0.36882500539714513,
  "inu_med": 0.9325019717216492,
  "inu_range": 0.20056638717651354,
  "provenance": {
    "md5sum": "ad11b0d4fcd3cd34cb872eb8e4187ea3",
    "settings": {
      "testing": false
    },
    "software": "mriqc",
    "version": "22.0.0rc1",
    "warnings": {
      "large_rot_frame": true,
      "small_air_mask": false
    },
    "webapi_port": null,
    "webapi_url": "https://mriqc.nimh.nih.gov/api/v1"
  },
  "qi_1": 3.871652742934726e-05,
  "qi_2": 0.0010261525927397776,
  "rpve_csf": 27.73117331209005,
  "rpve_gm": 16.085188005639793,
  "rpve_wm": 23.25553509522698,
  "size_x": 176,
  "size_y": 240,
  "size_z": 256,
  "snr_csf": 2.5723110228339796,
  "snr_gm": 10.737843891024518,
  "snr_total": 15.324425618819008,
  "snr_wm": 32.66312194259853,
  "snrd_csf": 73.7812864634975,
  "snrd_gm": 145.92387016221036,
  "snrd_total": 143.65488982972025,
  "snrd_wm": 211.25951286345295,
  "spacing_x": 0.9999996423721313,
  "spacing_y": 1.0,
  "spacing_z": 1.0,
  "summary_bg_k": 32.339679234712875,
  "summary_bg_mad": 3.1011513981347614,
  "summary_bg_mean": 10.702549934387207,
  "summary_bg_median": 9.89263916015625,
  "summary_bg_n": 2844124.0,
  "summary_bg_p05": 6.051408052444458,
  "summary_bg_p95": 17.852998733520508,
  "summary_bg_stdv": 4.142313480377197,
  "summary_csf_k": -0.5276142435241971,
  "summary_csf_mad": 120.80615517737148,
  "summary_csf_mean": 320.26666259765625,
  "summary_csf_median": 349.2508544921875,
  "summary_csf_n": 6109.0,
  "summary_csf_p05": 61.43944168090821,
  "summary_csf_p95": 501.45023193359367,
  "summary_csf_stdv": 135.76206970214844,
  "summary_gm_k": 0.22340379802469856,
  "summary_gm_mad": 61.33936387434997,
  "summary_gm_mean": 688.5997314453125,
  "summary_gm_median": 690.7447509765625,
  "summary_gm_n": 13236.0,
  "summary_gm_p05": 577.5023956298828,
  "summary_gm_p95": 789.9567108154297,
  "summary_gm_stdv": 64.32563781738281,
  "summary_wm_k": 0.7630019520891822,
  "summary_wm_mad": 28.387163156106222,
  "summary_wm_mean": 999.7322387695312,
  "summary_wm_median": 1000.017333984375,
  "summary_wm_n": 144211.0,
  "summary_wm_p05": 949.1156616210938,
  "summary_wm_p95": 1049.2384643554688,
  "summary_wm_stdv": 30.615991592407227,
  "tpm_overlap_csf": 0.16461493074893951,
  "tpm_overlap_gm": 0.41648659110069275,
  "tpm_overlap_wm": 0.5078441500663757,
  "wm2max": 0.7327605325080545
}