{
  "aor": 0.0031461999999999996,
  "aqi": 0.0062339112,
  "bids_meta": {
    "AcquisitionMatrixPE": 76,
    "AcquisitionNumber": 1,
    "AcquisitionTime": "11:13:4.435000",
    "BandwidthPerPixelPhaseEncode": 23.084,
    "BaseResolution": 76,
    "ConversionSoftware": "dcm2niix",
    "ConversionSoftwareVersion": "v1.0.20180622 (JP2:OpenJPEG) GCC6.1.0",
    "DerivedVendorReportedEchoSpacing": 0.000570001,
    "DeviceSerialNumber": "35410",
    "DwellTime": 3.3e-06,
    "EchoTime": 0.03,
    "EffectiveEchoSpacing": 0.000570001,
    "FlipAngle": 90,
    "ImageOrientationPatientDICOM": [
      0.999986,
      -0.000713225,
      -0.00520728,
      -7.2385e-08,
      0.990748,
      -0.135714
    ],
    "ImageType": [
      "ORIGINAL",
      "PRIMARY",
      "M",
      "ND",
      "MOSAIC"
    ],
    "InPlanePhaseEncodingDirectionDICOM": "COL",
    "InstitutionAddress": "Cooper_60_St._Lucia_QLD_AU_4072",
    "InstitutionName": "St_Lucia_Campus",
    "InstitutionalDepartmentName": "Gehrmann_Labs_MRI",
    "MRAcquisitionType": "2D",
    "MagneticFieldStrength": 3,
    "Manufacturer": "Siemens",
    "ManufacturersModelName": "TrioTim",
    "Modality": "MR",
    "PartialFourier": 1,
    "PatientPosition": "HFS",
    "PercentPhaseFOV": 100,
    "PhaseEncodingDirection": "j-",
    "PhaseEncodingSteps": 76,
    "PhaseResolution": 1,
    "PixelBandwidth": 1994,
    "ProcedureStepDescription": "Brain_-_UQ_fMRI",
    "ProtocolName": "AUTO",
    "PulseSequenceDetails": "%SiemensSeq%_ep2d_pace",
    "ReceiveCoilName": "32Ch_Head",
    "ReconMatrixPE": 76,
    "RepetitionTime": 3,
    "SAR": 0.200959,
    "ScanOptions": "FS",
    "ScanningSequence": "EP",
    "SequenceName": "_epfid2d1_76",
    "SequenceVariant": "SK",
    "SeriesDescription": "AUTO",
    "SeriesNumber": 7,
    "ShimSetting": [
      6780,
      -11305,
      -2115,
      1057,
      60,
      61,
      -244,
      10
    ],
    "SliceThickness": 2.5,
    "SliceTiming": [
      0,
      1.53,
      0.0675,
      1.5975,
      0.135,
      1.6625,
      0.2,
      1.73,
      0.2675,
      1.795,
      0.3325,
      1.8625,
      0.4,
      1.9275,
      0.4675,
      1.995,
      0.5325,
      2.0625,
      0.6,
      2.1275,
      0.665,
      2.195,
      0.7325,
      2.26,
      0.7975,
      2.3275,
      0.865,
      2.395,
      0.9325,
      2.46,
      0.9975,
      2.5275,
      1.065,
      2.5925,
      1.13,
      2.66,
      1.1975,
      2.7275,
      1.265,
      2.7925,
      1.33,
      2.86,
      1.3975,
      2.925,
      1.4625
    ],
    "SoftwareVersions": "syngo_MR_B17",
    "SpacingBetweenSlices": 2.75,
    "StationName": "mrc_Trio",
    "TaskName": "autobio",
    "TotalReadoutTime": 0.04275,
    "TxRefAmp": 317.24,
    "dataset": "ds001748",
    "modality": "bold",
    "subject_id": "child11",
    "task_id": "autobio"
  },
  "dummy_trs": 0,
  "dvars_nstd": 31.717515599664445,
  "dvars_std": 1.181443008993288,
  "dvars_vstd": 1.0078372917449667,
  "efc": 0.6006973090228437,
  "fber": 292.97259521484375,
  "fd_mean": 0.22752659564320848,
  "fd_num": 72,
  "fd_perc": 48.0,
  "fwhm_avg": 2.490720484848485,
  "fwhm_x": 2.405224,
  "fwhm_y": 2.581832,
  "fwhm_z": 2.4851054545454545,
  "gcor": 0.0114253,
  "gsr_x": -0.01433692779392004,
  "gsr_y": 0.05208297818899155,
  "provenance": {
    "md5sum": "c29a697db9656bae01041b35f96b7fbf",
    "settings": {
      "fd_thres": 0.2,
      "testing": false
    },
    "software": "mriqc",
    "version": "22.0.0rc1",
    "webapi_port": null,
    "webapi_url": "https://mriqc.nimh.nih.gov/api/v1"
  },
  "size_t": 150,
  "size_x": 76,
  "size_y": 76,
  "size_z": 45,
  "snr": 3.4616749606766133,
  "spacing_tr": 3.0,
  "spacing_x": 2.5,
  "spacing_y": 2.5,
  "spacing_z": 2.75,
  "summary_bg_k": 34.93053164740252,
  "summary_bg_mad": 5.39667117045181,
  "summary_bg_mean": 53.25614929199219,
  "summary_bg_median": 36.47333526611328,
  "summary_bg_n": 143901.0,
  "summary_bg_p05": 31.626667022705078,
  "summary_bg_p95": 130.86000061035156,
  "summary_bg_stdv": 50.58549880981445,
  "summary_fg_k": 1.0030596844789228,
  "summary_fg_mad": 177.44768615537635,
  "summary_fg_mean": 660.1424560546875,
  "summary_fg_median": 634.4933471679688,
  "summary_fg_n": 64465.0,
  "summary_fg_p05": 412.2200012207031,
  "summary_fg_p95": 996.7840209960937,
  "summary_fg_stdv": 183.2894287109375,
  "tsnr": 52.79293876886368
}