{
  "aor": 0.008269,
  "aqi": 0.008737289199999998,
  "bids_meta": {
    "AcquisitionMatrixPE": 76,
    "AcquisitionNumber": 1,
    "AcquisitionTime": "11:21:10.200000",
    "BandwidthPerPixelPhaseEncode": 23.084,
    "BaseResolution": 76,
    "ConversionSoftware": "dcm2niix",
    "ConversionSoftwareVersion": "v1.0.20180622 (JP2:OpenJPEG) GCC6.1.0",
    "DerivedVendorReportedEchoSpacing": 0.000570001,
    "DeviceSerialNumber": "35410",
    "DwellTime": 3.3e-06,
    "EchoTime": 0.03,
    "EffectiveEchoSpacing": 0.000570001,
    "FlipAngle": 90,
    "ImageOrientationPatientDICOM": [
      0.999986,
      -0.000713225,
      -0.00520728,
      -7.2385e-08,
      0.990748,
      -0.135714
    ],
    "ImageType": [
      "ORIGINAL",
      "PRIMARY",
      "M",
      "ND",
      "MOSAIC"
    ],
    "InPlanePhaseEncodingDirectionDICOM": "COL",
    "InstitutionAddress": "Cooper_60_St._Lucia_QLD_AU_4072",
    "InstitutionName": "St_Lucia_Campus",
    "InstitutionalDepartmentName": "Gehrmann_Labs_MRI",
    "MRAcquisitionType": "2D",
    "MagneticFieldStrength": 3,
    "Manufacturer": "Siemens",
    "ManufacturersModelName": "TrioTim",
    "Modality": "MR",
    "PartialFourier": 1,
    "PatientPosition": "HFS",
    "PercentPhaseFOV": 100,
    "PhaseEncodingDirection": "j-",
    "PhaseEncodingSteps": 76,
    "PhaseResolution": 1,
    "PixelBandwidth": 1994,
    "ProcedureStepDescription": "Brain_-_UQ_fMRI",
    "ProtocolName": "SEM",
    "PulseSequenceDetails": "%SiemensSeq%_ep2d_pace",
    "ReceiveCoilName": "32Ch_Head",
    "ReconMatrixPE": 76,
    "RepetitionTime": 3,
    "SAR": 0.200959,
    "ScanOptions": "FS",
    "ScanningSequence": "EP",
    "SequenceName": "_epfid2d1_76",
    "SequenceVariant": "SK",
    "SeriesDescription": "SEM",
    "SeriesNumber": 8,
    "ShimSetting": [
      6780,
      -11305,
      -2115,
      1057,
      60,
      61,
      -244,
      10
    ],
    "SliceThickness": 2.5,
    "SliceTiming": [
      0,
      1.53,
      0.0675,
      1.595,
      0.1325,
      1.6625,
      0.2,
      1.7275,
      0.265,
      1.795,
      0.3325,
      1.8625,
      0.4,
      1.9275,
      0.465,
      1.995,
      0.5325,
      2.06,
      0.5975,
      2.1275,
      0.665,
      2.1925,
      0.73,
      2.26,
      0.7975,
      2.3275,
      0.865,
      2.3925,
      0.93,
      2.46,
      0.9975,
      2.525,
      1.0625,
      2.5925,
      1.13,
      2.66,
      1.1975,
      2.725,
      1.2625,
      2.7925,
      1.33,
      2.8575,
      1.395,
      2.925,
      1.4625
    ],
    "SoftwareVersions": "syngo_MR_B17",
    "SpacingBetweenSlices": 2.75,
    "StationName": "mrc_Trio",
    "TaskName": "semantic",
    "TotalReadoutTime": 0.04275,
    "TxRefAmp": 317.24,
    "dataset": "ds001748",
    "modality": "bold",
    "subject_id": "child11",
    "task_id": "semantic"
  },
  "dummy_trs": 0,
  "dvars_nstd": 40.00136992463087,
  "dvars_std": 1.2188156116107378,
  "dvars_vstd": 1.0449055651006711,
  "efc": 0.6015738891895476,
  "fber": 295.3022155761719,
  "fd_mean": 0.3240439256732071,
  "fd_num": 94,
  "fd_perc": 62.666666666666664,
  "fwhm_avg": 2.496840484848485,
  "fwhm_x": 2.415628,
  "fwhm_y": 2.585788,
  "fwhm_z": 2.4891054545454545,
  "gcor": 0.030195,
  "gsr_x": -0.014561526477336884,
  "gsr_y": 0.05272262170910835,
  "provenance": {
    "md5sum": "029632ddd82c7670e0b289aad0a9fc8d",
    "settings": {
      "fd_thres": 0.2,
      "testing": false
    },
    "software": "mriqc",
    "version": "22.0.0rc1",
    "webapi_port": null,
    "webapi_url": "https://mriqc.nimh.nih.gov/api/v1"
  },
  "size_t": 150,
  "size_x": 76,
  "size_y": 76,
  "size_z": 45,
  "snr": 3.463161209608881,
  "spacing_tr": 3.0,
  "spacing_x": 2.5,
  "spacing_y": 2.5,
  "spacing_z": 2.75,
  "summary_bg_k": 33.87822206281168,
  "summary_bg_mad": 5.05073593143389,
  "summary_bg_mean": 52.65145492553711,
  "summary_bg_median": 36.22666931152344,
  "summary_bg_n": 143453.0,
  "summary_bg_p05": 32.06666564941406,
  "summary_bg_p95": 129.76267089843745,
  "summary_bg_stdv": 48.47800827026367,
  "summary_fg_k": 0.9907488231489179,
  "summary_fg_mad": 176.71136204331702,
  "summary_fg_mean": 657.01416015625,
  "summary_fg_median": 631.7633056640625,
  "summary_fg_n": 64684.0,
  "summary_fg_p05": 409.2516723632813,
  "summary_fg_p95": 992.3147186279296,
  "summary_fg_stdv": 182.42247009277344,
  "tsnr": 42.87031861161813
}