{
  "bids_meta": {
    "AcquisitionMatrixPE": 240,
    "AcquisitionNumber": 1,
    "AcquisitionTime": "15:00:4.937500",
    "BaseResolution": 256,
    "BodyPartExamined": "BRAIN",
    "ConsistencyInfo": "N4_VE11C_LATEST_20160120",
    "ConversionSoftware": "dcm2niix",
    "ConversionSoftwareVersion": "v1.0.20180622 (JP2:OpenJPEG) GCC6.1.0",
    "DeviceSerialNumber": "167001",
    "DwellTime": 8.1e-06,
    "EchoTime": 0.00291,
    "ImageComments": "DENOISED_IMAGE_(lambda_=_1)",
    "ImageOrientationPatientDICOM": [
      -0.0234292,
      0.999687,
      0.00872457,
      0.0208962,
      0.00921475,
      -0.999739
    ],
    "ImageType": [
      "DERIVED",
      "PRIMARY",
      "M",
      "UNI",
      "DIS3D",
      "DIS2D"
    ],
    "InPlanePhaseEncodingDirectionDICOM": "ROW",
    "InstitutionAddress": "Cooper_60_St._Lucia_QLD_AU_4072",
    "InstitutionName": "St_Lucia_Campus",
    "InstitutionalDepartmentName": "Gehrmann_Labs_MRI",
    "MRAcquisitionType": "3D",
    "MagneticFieldStrength": 3,
    "Manufacturer": "Siemens",
    "ManufacturersModelName": "Prisma_fit",
    "Modality": "MR",
    "ParallelReductionFactorInPlane": 3,
    "PartialFourier": 0.75,
    "PatientPosition": "HFS",
    "PercentPhaseFOV": 93.75,
    "PhaseEncodingSteps": 181,
    "PhaseResolution": 1,
    "PixelBandwidth": 240,
    "ProcedureStepDescription": "Research_16004_CMN",
    "ProtocolName": "MP2RAGE_wip900C_VE11C",
    "PulseSequenceDetails": "%CustomerSeq%_tfl_wip900C_VE11C",
    "RawImage": true,
    "ReceiveCoilActiveElements": "HC1-7;NC1,2",
    "ReceiveCoilName": "HeadNeck_64",
    "ReconMatrixPE": 256,
    "RepetitionTime": 4,
    "SAR": 0.0571033,
    "ScanOptions": "IR_PFP",
    "ScanningSequence": "GR_IR",
    "SequenceName": "tfl3d1_16ns",
    "SequenceVariant": "SK_SP_MP",
    "SeriesDescription": "MP2RAGE_wip900C_VE11C_UNI-DEN",
    "SeriesNumber": 8,
    "ShimSetting": [
      3039,
      -4125,
      -870,
      240,
      -66,
      -304,
      128,
      0
    ],
    "SliceThickness": 1,
    "SoftwareVersions": "syngo_MR_E11",
    "StationName": "mrc_Trio",
    "TxRefAmp": 231.642,
    "dataset": "ds001748",
    "modality": "T1w",
    "subject_id": "teen03"
  },
  "cjv": 0.2962054144100992,
  "cnr": 4.552311679410709,
  "efc": 0.5907584134537868,
  "fber": 221386.890625,
  "fwhm_avg": 3.8568241286455596,
  "fwhm_x": 3.851322166504551,
  "fwhm_y": 4.03769,
  "fwhm_z": 3.6814602194321284,
  "icvs_csf": 0.13377641807384852,
  "icvs_gm": 0.4824772693023128,
  "icvs_wm": 0.38374631262383874,
  "inu_med": 0.9812048673629761,
  "inu_range": 0.21330894827842706,
  "provenance": {
    "md5sum": "5da0795bec084b611e94f8b080e02c52",
    "settings": {
      "testing": false
    },
    "software": "mriqc",
    "version": "22.0.0rc1",
    "warnings": {
      "large_rot_frame": true,
      "small_air_mask": false
    },
    "webapi_port": null,
    "webapi_url": "https://mriqc.nimh.nih.gov/api/v1"
  },
  "qi_1": 0.009581263040117822,
  "qi_2": 0.0010471574831632114,
  "rpve_csf": 29.762878075438934,
  "rpve_gm": 9.319079386140421,
  "rpve_wm": 13.204907718120806,
  "size_x": 176,
  "size_y": 240,
  "size_z": 256,
  "snr_csf": 1.08090798843484,
  "snr_gm": 9.833788740040118,
  "snr_total": 11.008807581162108,
  "snr_wm": 22.111726015011364,
  "snrd_csf": 73.10586420922122,
  "snrd_gm": 216.0784076980356,
  "snrd_total": 209.17348594221815,
  "snrd_wm": 338.3361859193976,
  "spacing_x": 0.9999968409538269,
  "spacing_y": 1.0,
  "spacing_z": 0.9999999403953552,
  "summary_bg_k": 152.7161159916188,
  "summary_bg_mad": 0.9363757160825558,
  "summary_bg_mean": 2.1319313049316406,
  "summary_bg_median": 0.6315758228302002,
  "summary_bg_n": 2374240.0,
  "summary_bg_p05": 0.0,
  "summary_bg_p95": 8.739985132217388,
  "summary_bg_stdv": 6.142910480499268,
  "summary_csf_k": 8.26561724501473,
  "summary_csf_mad": 185.57059802940927,
  "summary_csf_mean": 247.35995483398438,
  "summary_csf_median": 216.07778930664062,
  "summary_csf_n": 5343.0,
  "summary_csf_p05": 41.26113090515137,
  "summary_csf_p95": 480.5192596435547,
  "summary_csf_stdv": 199.88525390625,
  "summary_gm_k": -0.19861312152730193,
  "summary_gm_mad": 67.28402505851732,
  "summary_gm_mean": 638.5834350585938,
  "summary_gm_median": 638.6593627929688,
  "summary_gm_n": 89175.0,
  "summary_gm_p05": 532.936376953125,
  "summary_gm_p95": 744.6369934082031,
  "summary_gm_stdv": 64.94503784179688,
  "summary_wm_k": 2.46560400295291,
  "summary_wm_mad": 39.751367075100816,
  "summary_wm_mean": 997.3302612304688,
  "summary_wm_median": 1000.0146484375,
  "summary_wm_n": 213528.0,
  "summary_wm_p05": 923.4690307617187,
  "summary_wm_p95": 1063.7743286132813,
  "summary_wm_stdv": 45.22542953491211,
  "tpm_overlap_csf": 0.14139090478420258,
  "tpm_overlap_gm": 0.4433593153953552,
  "tpm_overlap_wm": 0.42902904748916626,
  "wm2max": 0.796393224628033
}