{
  "bids_meta": {
    "AcquisitionMatrixPE": 240,
    "AcquisitionNumber": 1,
    "AcquisitionTime": "14:13:30.950000",
    "BaseResolution": 256,
    "BodyPartExamined": "BRAIN",
    "ConsistencyInfo": "N4_VE11C_LATEST_20160120",
    "ConversionSoftware": "dcm2niix",
    "ConversionSoftwareVersion": "v1.0.20180622 (JP2:OpenJPEG) GCC6.1.0",
    "DeviceSerialNumber": "167001",
    "DwellTime": 8.1e-06,
    "EchoTime": 0.00291,
    "ImageComments": "DENOISED_IMAGE_(lambda_=_1)",
    "ImageOrientationPatientDICOM": [
      0.0236921,
      0.995459,
      0.0921999,
      0.0631979,
      0.09055,
      -0.993885
    ],
    "ImageType": [
      "DERIVED",
      "PRIMARY",
      "M",
      "UNI",
      "DIS3D",
      "DIS2D"
    ],
    "InPlanePhaseEncodingDirectionDICOM": "ROW",
    "InstitutionAddress": "Cooper_60_St._Lucia_QLD_AU_4072",
    "InstitutionName": "St_Lucia_Campus",
    "InstitutionalDepartmentName": "Gehrmann_Labs_MRI",
    "MRAcquisitionType": "3D",
    "MagneticFieldStrength": 3,
    "Manufacturer": "Siemens",
    "ManufacturersModelName": "Prisma_fit",
    "Modality": "MR",
    "ParallelReductionFactorInPlane": 3,
    "PartialFourier": 0.75,
    "PatientPosition": "HFS",
    "PercentPhaseFOV": 93.75,
    "PhaseEncodingSteps": 181,
    "PhaseResolution": 1,
    "PixelBandwidth": 240,
    "ProcedureStepDescription": "Research_16004_CMN",
    "ProtocolName": "MP2RAGE_wip900C_VE11C",
    "PulseSequenceDetails": "%CustomerSeq%_tfl_wip900C_VE11C",
    "RawImage": true,
    "ReceiveCoilActiveElements": "HC1-7;NC1,2",
    "ReceiveCoilName": "HeadNeck_64",
    "ReconMatrixPE": 256,
    "RepetitionTime": 4,
    "SAR": 0.0472148,
    "ScanOptions": "IR_PFP",
    "ScanningSequence": "GR_IR",
    "SequenceName": "tfl3d1_16ns",
    "SequenceVariant": "SK_SP_MP",
    "SeriesDescription": "MP2RAGE_wip900C_VE11C_UNI-DEN",
    "SeriesNumber": 8,
    "ShimSetting": [
      3060,
      -4123,
      -897,
      363,
      -5,
      -341,
      -8,
      -25
    ],
    "SliceThickness": 1,
    "SoftwareVersions": "syngo_MR_E11",
    "StationName": "mrc_Trio",
    "TxRefAmp": 221.568,
    "dataset": "ds001748",
    "modality": "T1w",
    "subject_id": "teen17"
  },
  "cjv": 0.31201622042431576,
  "cnr": 4.373049459065234,
  "efc": 0.5509091930870657,
  "fber": 1288971.25,
  "fwhm_avg": 3.7599150571091737,
  "fwhm_x": 3.764054935813462,
  "fwhm_y": 3.951270235514059,
  "fwhm_z": 3.56442,
  "icvs_csf": 0.17792636046393215,
  "icvs_gm": 0.4544005875460195,
  "icvs_wm": 0.3676730519900484,
  "inu_med": 0.936613917350769,
  "inu_range": 0.15494915246963503,
  "provenance": {
    "md5sum": "5ef13ad2ee355b8d9e873bb9ccf181b7",
    "settings": {
      "testing": false
    },
    "software": "mriqc",
    "version": "22.0.0rc1",
    "warnings": {
      "large_rot_frame": true,
      "small_air_mask": false
    },
    "webapi_port": null,
    "webapi_url": "https://mriqc.nimh.nih.gov/api/v1"
  },
  "qi_1": 0.007940482955028768,
  "qi_2": 0.002489176105240494,
  "rpve_csf": 22.826828805026345,
  "rpve_gm": 10.07406397241762,
  "rpve_wm": 15.116880021549385,
  "size_x": 176,
  "size_y": 240,
  "size_z": 256,
  "snr_csf": 1.967407409354775,
  "snr_gm": 11.456911642045602,
  "snr_total": 12.014453511966058,
  "snr_wm": 22.619041484497796,
  "snrd_csf": 128.81536298388627,
  "snrd_gm": 301.68704058997525,
  "snrd_total": 292.0525052423997,
  "snrd_wm": 445.6551121533377,
  "spacing_x": 0.9999986886978149,
  "spacing_y": 0.9999999403953552,
  "spacing_z": 1.0,
  "summary_bg_k": 314.8152203479794,
  "summary_bg_mad": 0.4700814941272201,
  "summary_bg_mean": 1.2181321382522583,
  "summary_bg_median": 0.31706514954566956,
  "summary_bg_n": 2640722.0,
  "summary_bg_p05": 0.0,
  "summary_bg_p95": 4.841009926795943,
  "summary_bg_stdv": 3.3791654109954834,
  "summary_csf_k": -0.6287681864308361,
  "summary_csf_mad": 193.80793559346296,
  "summary_csf_mean": 282.27105712890625,
  "summary_csf_median": 289.05291748046875,
  "summary_csf_n": 5749.0,
  "summary_csf_p05": 54.61133499145508,
  "summary_csf_p95": 492.5709228515625,
  "summary_csf_stdv": 146.90794372558594,
  "summary_gm_k": -0.04376975114922921,
  "summary_gm_mad": 59.27929424511479,
  "summary_gm_mean": 675.9639282226562,
  "summary_gm_median": 676.9652099609375,
  "summary_gm_n": 45369.0,
  "summary_gm_p05": 577.58916015625,
  "summary_gm_p95": 771.9450073242188,
  "summary_gm_stdv": 59.0872802734375,
  "summary_wm_k": 1.0138185066814271,
  "summary_wm_mad": 41.51897025107611,
  "summary_wm_mean": 1000.7799072265625,
  "summary_wm_median": 1000.019775390625,
  "summary_wm_n": 203036.0,
  "summary_wm_p05": 931.5926971435547,
  "summary_wm_p95": 1072.3338623046875,
  "summary_wm_stdv": 44.2113037109375,
  "tpm_overlap_csf": 0.15773984789848328,
  "tpm_overlap_gm": 0.45162996649742126,
  "tpm_overlap_wm": 0.4554852545261383,
  "wm2max": 0.8160304202179799
}