{
  "aor": 0.006389733333333333,
  "aqi": 0.006747822266666668,
  "bids_meta": {
    "AcquisitionMatrixPE": 76,
    "AcquisitionNumber": 1,
    "AcquisitionTime": "11:16:15.427500",
    "BandwidthPerPixelPhaseEncode": 23.084,
    "BaseResolution": 76,
    "BodyPartExamined": "BRAIN",
    "ConsistencyInfo": "N4_VE11C_LATEST_20160120",
    "ConversionSoftware": "dcm2niix",
    "ConversionSoftwareVersion": "v1.0.20180622 (JP2:OpenJPEG) GCC6.1.0",
    "DerivedVendorReportedEchoSpacing": 0.000570001,
    "DeviceSerialNumber": "167001",
    "DwellTime": 3.3e-06,
    "EchoTime": 0.03,
    "EchoTrainLength": 76,
    "EffectiveEchoSpacing": 0.000570001,
    "FlipAngle": 90,
    "ImageOrientationPatientDICOM": [
      0.999945,
      -0.0102579,
      0.00210565,
      0.0104718,
      0.979522,
      -0.201067
    ],
    "ImageType": [
      "ORIGINAL",
      "PRIMARY",
      "M",
      "ND",
      "MOSAIC"
    ],
    "InPlanePhaseEncodingDirectionDICOM": "COL",
    "InstitutionAddress": "Cooper_60_St._Lucia_QLD_AU_4072",
    "InstitutionName": "St_Lucia_Campus",
    "InstitutionalDepartmentName": "Gehrmann_Labs_MRI",
    "MRAcquisitionType": "2D",
    "MagneticFieldStrength": 3,
    "Manufacturer": "Siemens",
    "ManufacturersModelName": "Prisma_fit",
    "Modality": "MR",
    "PartialFourier": 1,
    "PatientPosition": "HFS",
    "PercentPhaseFOV": 100,
    "PhaseEncodingDirection": "j-",
    "PhaseEncodingSteps": 76,
    "PhaseResolution": 1,
    "PixelBandwidth": 1995,
    "ProcedureStepDescription": "Research_16004_CMN",
    "ProtocolName": "ep2d_bold_SEM",
    "PulseSequenceDetails": "%SiemensSeq%_ep2d_bold",
    "ReceiveCoilActiveElements": "HC1-7;NC1,2",
    "ReceiveCoilName": "HeadNeck_64",
    "ReconMatrixPE": 76,
    "RepetitionTime": 3,
    "SAR": 0.0791224,
    "ScanOptions": "FS",
    "ScanningSequence": "EP",
    "SequenceName": "_epfid2d1_76",
    "SequenceVariant": "SK",
    "SeriesDescription": "ep2d_bold_SEM",
    "SeriesNumber": 7,
    "ShimSetting": [
      3048,
      -4143,
      -718,
      721,
      1,
      -48,
      -15,
      -6
    ],
    "SliceThickness": 2.5,
    "SliceTiming": [
      0,
      1.525,
      0.0675,
      1.59,
      0.1325,
      1.6575,
      0.2,
      1.7225,
      0.265,
      1.79,
      0.3325,
      1.855,
      0.3975,
      1.9225,
      0.465,
      1.9875,
      0.53,
      2.055,
      0.5975,
      2.12,
      0.6625,
      2.1875,
      0.73,
      2.2525,
      0.795,
      2.3175,
      0.8625,
      2.385,
      0.9275,
      2.45,
      0.995,
      2.5175,
      1.06,
      2.5825,
      1.1275,
      2.65,
      1.1925,
      2.715,
      1.26,
      2.7825,
      1.325,
      2.8475,
      1.3925,
      2.915,
      1.4575
    ],
    "SoftwareVersions": "syngo_MR_E11",
    "SpacingBetweenSlices": 2.75,
    "StationName": "mrc_Trio",
    "TaskName": "semantic",
    "TotalReadoutTime": 0.04275,
    "TxRefAmp": 215.286,
    "dataset": "ds001748",
    "modality": "bold",
    "subject_id": "teen06",
    "task_id": "semantic"
  },
  "dummy_trs": 0,
  "dvars_nstd": 29.01264737295301,
  "dvars_std": 1.2749956907382547,
  "dvars_vstd": 1.0202484865100667,
  "efc": 0.6259262103111387,
  "fber": 134.78768920898438,
  "fd_mean": 0.10845411960377593,
  "fd_num": 17,
  "fd_perc": 11.333333333333334,
  "fwhm_avg": 2.6712728484848487,
  "fwhm_x": 2.4822800000000003,
  "fwhm_y": 2.852884,
  "fwhm_z": 2.6786545454545454,
  "gcor": 0.0171956,
  "gsr_x": -0.003444963600486517,
  "gsr_y": 0.056850921362638474,
  "provenance": {
    "md5sum": "f1b6638f52df6943ceef24ca77b6f138",
    "settings": {
      "fd_thres": 0.2,
      "testing": false
    },
    "software": "mriqc",
    "version": "22.0.0rc1",
    "webapi_port": null,
    "webapi_url": "https://mriqc.nimh.nih.gov/api/v1"
  },
  "size_t": 150,
  "size_x": 76,
  "size_y": 76,
  "size_z": 45,
  "snr": 3.1148530547325235,
  "spacing_tr": 3.0,
  "spacing_x": 2.5,
  "spacing_y": 2.5,
  "spacing_z": 2.75,
  "summary_bg_k": 30.861874909819846,
  "summary_bg_mad": 5.969942067638718,
  "summary_bg_mean": 95.7945556640625,
  "summary_bg_median": 66.0,
  "summary_bg_n": 147351.0,
  "summary_bg_p05": 60.0333366394043,
  "summary_bg_p95": 245.2300033569336,
  "summary_bg_stdv": 86.18695068359375,
  "summary_fg_k": 0.023776135573158275,
  "summary_fg_mad": 262.4601371804651,
  "summary_fg_mean": 819.3018188476562,
  "summary_fg_median": 792.9166870117188,
  "summary_fg_n": 58044.0,
  "summary_fg_p05": 459.1343338012695,
  "summary_fg_p95": 1280.1087097167967,
  "summary_fg_stdv": 254.55770874023438,
  "tsnr": 47.87605986802373
}